{
  "aor": 0.0016464285714285713,
  "aqi": 0.005490653367346939,
  "bids_meta": {
    "AccelFactPE": 2,
    "AcquisitionNumber": 1,
    "AcquisitionTime": "14:50:6.345000",
    "BandwidthPerPixelPhaseEncode": 43.879,
    "BodyPartExamined": "BRAIN",
    "ConversionSoftware": "dcm2niix",
    "ConversionSoftwareVersion": "v1.0.20170724 GCC4.4.7",
    "DeviceSerialNumber": "67025",
    "EchoTime": 0.025,
    "EchoTrainLength": 43,
    "EffectiveEchoSpacing": 0.000356093,
    "FlipAngle": 90,
    "ImageType": [
      "ORIGINAL",
      "PRIMARY",
      "M",
      "ND",
      "NORM",
      "MOCO",
      "MOSAIC"
    ],
    "InstitutionAddress": "McClintock_3520A_Los_Angeles_CA_US_90089",
    "InstitutionName": "USC",
    "MagneticFieldStrength": 3,
    "Manufacturer": "Siemens",
    "ManufacturersModelName": "Prisma_fit",
    "PhaseEncodingDirection": "i",
    "PhaseEncodingLines": 64,
    "ProcedureStepDescription": "Mara_Steve",
    "ProtocolName": "training",
    "RepetitionTime": 2,
    "ScanningSequence": "EP",
    "SequenceName": "_epfid2d1_64",
    "SequenceVariant": "SK_OSP",
    "SeriesDescription": "MoCoSeries",
    "SliceTiming": [
      0
    ],
    "SoftwareVersions": "syngo_MR_D13D",
    "TaskName": "prelearning",
    "TotalReadoutTime": 0.0299118,
    "TrueEchoSpacing": 0.000712186,
    "dataset": "ds003425",
    "modality": "bold",
    "run_id": 1,
    "session_id": "01",
    "subject_id": "01",
    "task_id": "prelearning"
  },
  "dummy_trs": 0,
  "dvars_nstd": 21.199076406597936,
  "dvars_std": 1.3120400699999997,
  "dvars_vstd": 1.0362435086597939,
  "efc": 0.6031603216829025,
  "fber": 1670.001953125,
  "fd_mean": 0.05998504044784401,
  "fd_num": 0,
  "fd_perc": 0.0,
  "fwhm_avg": 1.600724526369137,
  "fwhm_x": 1.464210116364965,
  "fwhm_y": 1.7096200000000001,
  "fwhm_z": 1.6283434627424451,
  "gcor": 0.0189057,
  "gsr_x": 0.004468995612114668,
  "gsr_y": 0.035228922963142395,
  "provenance": {
    "md5sum": "37139c68d356ef869fd3238b989a9b52",
    "settings": {
      "fd_thres": 0.2,
      "testing": false
    },
    "software": "mriqc",
    "version": "23.0.1",
    "webapi_port": null,
    "webapi_url": "https://mriqc.nimh.nih.gov/api/v1"
  },
  "size_t": 98,
  "size_x": 64,
  "size_y": 64,
  "size_z": 38,
  "snr": 7.880951203802951,
  "spacing_tr": 2.0,
  "spacing_x": 2.999999761581421,
  "spacing_y": 3.0,
  "spacing_z": 2.999999761581421,
  "summary_bg_k": 15.296791303527847,
  "summary_bg_mad": 9.062028826850941,
  "summary_bg_mean": 28.43315887451172,
  "summary_bg_median": 10.653060913085938,
  "summary_bg_n": 79610.0,
  "summary_bg_p05": 3.2857141494750977,
  "summary_bg_p95": 115.54183387756353,
  "summary_bg_stdv": 45.289955139160156,
  "summary_fg_k": 2.119199861528995,
  "summary_fg_mad": 54.001528062157874,
  "summary_fg_mean": 445.3050537109375,
  "summary_fg_median": 442.5458984375,
  "summary_fg_n": 41180.0,
  "summary_fg_p05": 364.7239761352539,
  "summary_fg_p95": 536.5520446777343,
  "summary_fg_stdv": 56.1531867980957,
  "tsnr": 93.99324461817741
}