{
  "aor": 0.0016648979591836737,
  "aqi": 0.005474619897959184,
  "bids_meta": {
    "AccelFactPE": 2,
    "AcquisitionNumber": 1,
    "AcquisitionTime": "14:50:6.345000",
    "BandwidthPerPixelPhaseEncode": 43.879,
    "BodyPartExamined": "BRAIN",
    "ConversionSoftware": "dcm2niix",
    "ConversionSoftwareVersion": "v1.0.20170724 GCC4.4.7",
    "DeviceSerialNumber": "67025",
    "EchoTime": 0.025,
    "EchoTrainLength": 43,
    "EffectiveEchoSpacing": 0.000356093,
    "FlipAngle": 90,
    "ImageType": [
      "ORIGINAL",
      "PRIMARY",
      "M",
      "ND",
      "NORM",
      "MOSAIC"
    ],
    "InstitutionAddress": "McClintock_3520A_Los_Angeles_CA_US_90089",
    "InstitutionName": "USC",
    "MagneticFieldStrength": 3,
    "Manufacturer": "Siemens",
    "ManufacturersModelName": "Prisma_fit",
    "PhaseEncodingDirection": "i",
    "PhaseEncodingLines": 64,
    "ProcedureStepDescription": "Mara_Steve",
    "ProtocolName": "training",
    "RepetitionTime": 2,
    "ScanningSequence": "EP",
    "SequenceName": "_epfid2d1_64",
    "SequenceVariant": "SK_OSP",
    "SeriesDescription": "training",
    "SliceTiming": [
      0.99,
      0,
      1.0425,
      0.0525,
      1.095,
      0.105,
      1.1475,
      0.1575,
      1.2,
      0.21,
      1.25,
      0.26,
      1.3025,
      0.3125,
      1.355,
      0.365,
      1.4075,
      0.4175,
      1.46,
      0.47,
      1.5125,
      0.5225,
      1.5625,
      0.5725,
      1.615,
      0.625,
      1.6675,
      0.6775,
      1.72,
      0.73,
      1.7725,
      0.7825,
      1.825,
      0.835,
      1.875,
      0.8875,
      1.9275,
      0.9375
    ],
    "SoftwareVersions": "syngo_MR_D13D",
    "TaskName": "training",
    "TotalReadoutTime": 0.0299118,
    "TrueEchoSpacing": 0.000712186,
    "dataset": "ds003425",
    "modality": "bold",
    "run_id": 5,
    "session_id": "01",
    "subject_id": "01",
    "task_id": "training"
  },
  "dummy_trs": 0,
  "dvars_nstd": 21.03181441762886,
  "dvars_std": 1.3052726427835049,
  "dvars_vstd": 1.037122174742268,
  "efc": 0.6031218112114024,
  "fber": 1672.546630859375,
  "fd_mean": 0.08691222733943746,
  "fd_num": 0,
  "fd_perc": 0.0,
  "fwhm_avg": 1.6009745263497983,
  "fwhm_x": 1.4650334497637312,
  "fwhm_y": 1.7111,
  "fwhm_z": 1.6267901292856637,
  "gcor": 0.0185693,
  "gsr_x": 0.004547262564301491,
  "gsr_y": 0.03527497127652168,
  "provenance": {
    "md5sum": "e36881f180a2dfc81121bb1581b53cbb",
    "settings": {
      "fd_thres": 0.2,
      "testing": false
    },
    "software": "mriqc",
    "version": "23.0.1",
    "webapi_port": null,
    "webapi_url": "https://mriqc.nimh.nih.gov/api/v1"
  },
  "size_t": 98,
  "size_x": 64,
  "size_y": 64,
  "size_z": 38,
  "snr": 7.878814470757735,
  "spacing_tr": 2.0,
  "spacing_x": 2.999999761581421,
  "spacing_y": 3.0,
  "spacing_z": 2.999999761581421,
  "summary_bg_k": 15.297119021223878,
  "summary_bg_mad": 9.077156353263707,
  "summary_bg_mean": 28.43959617614746,
  "summary_bg_median": 10.663265228271484,
  "summary_bg_n": 79611.0,
  "summary_bg_p05": 3.2908161878585815,
  "summary_bg_p95": 115.57142639160156,
  "summary_bg_stdv": 45.301361083984375,
  "summary_fg_k": 2.1183781044987393,
  "summary_fg_mad": 54.03933061811373,
  "summary_fg_mean": 445.35455322265625,
  "summary_fg_median": 442.5714111328125,
  "summary_fg_n": 41187.0,
  "summary_fg_p05": 364.6969360351562,
  "summary_fg_p95": 536.6091857910156,
  "summary_fg_stdv": 56.171653747558594,
  "tsnr": 94.14759336411953
}