{
  "aor": 0.0015407142857142859,
  "aqi": 0.005572863673469387,
  "bids_meta": {
    "AccelFactPE": 2,
    "AcquisitionNumber": 1,
    "AcquisitionTime": "14:45:37.357500",
    "BandwidthPerPixelPhaseEncode": 43.879,
    "BodyPartExamined": "BRAIN",
    "ConversionSoftware": "dcm2niix",
    "ConversionSoftwareVersion": "v1.0.20170724 GCC4.4.7",
    "DeviceSerialNumber": "67025",
    "EchoTime": 0.025,
    "EchoTrainLength": 43,
    "EffectiveEchoSpacing": 0.000356093,
    "FlipAngle": 90,
    "ImageType": [
      "ORIGINAL",
      "PRIMARY",
      "M",
      "ND",
      "NORM",
      "MOCO",
      "MOSAIC"
    ],
    "InstitutionAddress": "McClintock_3520A_Los_Angeles_CA_US_90089",
    "InstitutionName": "USC",
    "MagneticFieldStrength": 3,
    "Manufacturer": "Siemens",
    "ManufacturersModelName": "Prisma_fit",
    "PhaseEncodingDirection": "i",
    "PhaseEncodingLines": 64,
    "ProcedureStepDescription": "Mara_Steve",
    "ProtocolName": "training",
    "RepetitionTime": 2,
    "ScanningSequence": "EP",
    "SequenceName": "_epfid2d1_64",
    "SequenceVariant": "SK_OSP",
    "SeriesDescription": "MoCoSeries",
    "SliceTiming": [
      0
    ],
    "SoftwareVersions": "syngo_MR_D13D",
    "TaskName": "training",
    "TotalReadoutTime": 0.0299118,
    "TrueEchoSpacing": 0.000712186,
    "dataset": "ds003425",
    "modality": "bold",
    "run_id": 4,
    "session_id": "01",
    "subject_id": "01",
    "task_id": "training"
  },
  "dummy_trs": 0,
  "dvars_nstd": 22.616097774639176,
  "dvars_std": 1.3462984587628866,
  "dvars_vstd": 1.0347517597938147,
  "efc": 0.6031080944439999,
  "fber": 1676.253173828125,
  "fd_mean": 0.061719807427041556,
  "fd_num": 1,
  "fd_perc": 1.0204081632653061,
  "fwhm_avg": 1.5966256372410346,
  "fwhm_x": 1.4639934496810794,
  "fwhm_y": 1.7063533333333334,
  "fwhm_z": 1.6195301287086907,
  "gcor": 0.0223042,
  "gsr_x": 0.0046628802083432674,
  "gsr_y": 0.035279590636491776,
  "provenance": {
    "md5sum": "682cd4134b29635c3f93e5cb8234312c",
    "settings": {
      "fd_thres": 0.2,
      "testing": false
    },
    "software": "mriqc",
    "version": "23.0.1",
    "webapi_port": null,
    "webapi_url": "https://mriqc.nimh.nih.gov/api/v1"
  },
  "size_t": 98,
  "size_x": 64,
  "size_y": 64,
  "size_z": 38,
  "snr": 7.7917566592723375,
  "spacing_tr": 2.0,
  "spacing_x": 2.999999761581421,
  "spacing_y": 3.0,
  "spacing_z": 2.999999761581421,
  "summary_bg_k": 15.323169151361299,
  "summary_bg_mad": 9.046899886518519,
  "summary_bg_mean": 28.271045684814453,
  "summary_bg_median": 10.63265323638916,
  "summary_bg_n": 79622.0,
  "summary_bg_p05": 3.2857141494750977,
  "summary_bg_p95": 114.43622322082504,
  "summary_bg_stdv": 45.01664352416992,
  "summary_fg_k": 2.5462290848586147,
  "summary_fg_mad": 53.95610165141021,
  "summary_fg_mean": 444.35760498046875,
  "summary_fg_median": 441.83160400390625,
  "summary_fg_n": 41302.0,
  "summary_fg_p05": 363.3678497314453,
  "summary_fg_p95": 536.1311004638671,
  "summary_fg_stdv": 56.70431900024414,
  "tsnr": 92.87415830325335
}