{
  "bids_meta": {
    "AccelFactPE": 2,
    "AcquisitionNumber": 1,
    "AcquisitionTime": "10:39:9.420000",
    "BodyPartExamined": "BRAIN",
    "ConversionSoftware": "dcm2niix",
    "ConversionSoftwareVersion": "v1.0.20170724 GCC4.4.7",
    "DeviceSerialNumber": "67025",
    "EchoTime": 0.00226,
    "FlipAngle": 9,
    "ImageType": [
      "ORIGINAL",
      "PRIMARY",
      "M",
      "ND",
      "NORM"
    ],
    "InstitutionAddress": "McClintock_3520A_Los_Angeles_CA_US_90089",
    "InstitutionName": "USC",
    "InversionTime": 1.06,
    "MagneticFieldStrength": 3,
    "Manufacturer": "Siemens",
    "ManufacturersModelName": "Prisma_fit",
    "PhaseEncodingDirection": "i-",
    "PhaseEncodingLines": 224,
    "ProcedureStepDescription": "Mara_Steve",
    "ProtocolName": "t1_mprage_short_32channel",
    "RepetitionTime": 2.3,
    "ScanningSequence": "GR_IR",
    "SequenceName": "_tfl3d1_16ns",
    "SequenceVariant": "SK_SP_MP",
    "SeriesDescription": "t1_mprage_short_32channel",
    "SoftwareVersions": "syngo_MR_D13D",
    "dataset": "ds003425",
    "modality": "T1w",
    "session_id": "02",
    "subject_id": "08"
  },
  "cjv": 0.3526914209229614,
  "cnr": 3.934980466733677,
  "efc": 0.5896698171875886,
  "fber": -1.0,
  "fwhm_avg": 4.395463678788427,
  "fwhm_x": 4.346831036365279,
  "fwhm_y": 4.36041,
  "fwhm_z": 4.47915,
  "icvs_csf": 0.2043597416298285,
  "icvs_gm": 0.4352333292291637,
  "icvs_wm": 0.3604069291410078,
  "inu_med": 0.3118579238653183,
  "inu_range": 0.08765997886657712,
  "provenance": {
    "md5sum": "3ff203f8a78c040065ce71736b63be10",
    "settings": {
      "testing": false
    },
    "software": "mriqc",
    "version": "23.0.1",
    "warnings": {
      "large_rot_frame": true,
      "small_air_mask": false
    },
    "webapi_port": null,
    "webapi_url": "https://mriqc.nimh.nih.gov/api/v1"
  },
  "qi_1": 0.0005991576323571549,
  "qi_2": 0.028595284458267034,
  "rpve_csf": 19.67942099303273,
  "rpve_gm": 9.689430571928348,
  "rpve_wm": 13.366859904156343,
  "size_x": 176,
  "size_y": 224,
  "size_z": 256,
  "snr_csf": 3.136490520927467,
  "snr_gm": 15.925483567851908,
  "snr_total": 17.64702782870166,
  "snr_wm": 33.87910939732561,
  "snrd_csf": 118.17915909269254,
  "snrd_gm": 269.56493332690377,
  "snrd_total": 245.07695001477927,
  "snrd_wm": 347.48675762474153,
  "spacing_x": 0.9999997615814209,
  "spacing_y": 1.0,
  "spacing_z": 1.0,
  "summary_bg_k": 60.58946758908168,
  "summary_bg_mad": 0.0,
  "summary_bg_mean": 0.509888259974277,
  "summary_bg_median": 0.0,
  "summary_bg_n": 2489434.0,
  "summary_bg_p05": 0.0,
  "summary_bg_p95": 3.7527544498443604,
  "summary_bg_stdv": 1.8853975278899577,
  "summary_csf_k": 1.5819845287559984,
  "summary_csf_mad": 70.93898642878673,
  "summary_csf_mean": 338.35255414907095,
  "summary_csf_median": 340.1042811870575,
  "summary_csf_n": 51229.0,
  "summary_csf_p05": 122.99870892763138,
  "summary_csf_p95": 516.1171922206878,
  "summary_csf_stdv": 108.433601010717,
  "summary_gm_k": -0.12873165614426219,
  "summary_gm_mad": 50.203970331726865,
  "summary_gm_mean": 775.3420782407884,
  "summary_gm_median": 775.7728908061981,
  "summary_gm_n": 44558.0,
  "summary_gm_p05": 696.0923137664795,
  "summary_gm_p95": 854.8894637614488,
  "summary_gm_stdv": 48.71212746846383,
  "summary_wm_k": 0.6146094729592426,
  "summary_wm_mad": 28.88669169215985,
  "summary_wm_mean": 1001.1967661128507,
  "summary_wm_median": 1000.0217875242233,
  "summary_wm_n": 232085.0,
  "summary_wm_p05": 955.3160092234612,
  "summary_wm_p95": 1049.8548756837845,
  "summary_wm_stdv": 29.517294016318274,
  "tpm_overlap_csf": 0.17497418254893518,
  "tpm_overlap_gm": 0.47872661633583896,
  "tpm_overlap_wm": 0.5147766345264017,
  "wm2max": 0.9000648037232685
}