{
  "bids_meta": {
    "AccelFactPE": 2,
    "AcquisitionNumber": 1,
    "AcquisitionTime": "12:11:40.955000",
    "BodyPartExamined": "BRAIN",
    "ConversionSoftware": "dcm2niix",
    "ConversionSoftwareVersion": "v1.0.20170724 GCC4.4.7",
    "DeviceSerialNumber": "67025",
    "EchoTime": 0.00226,
    "FlipAngle": 9,
    "ImageType": [
      "ORIGINAL",
      "PRIMARY",
      "M",
      "ND",
      "NORM"
    ],
    "InstitutionAddress": "McClintock_3520A_Los_Angeles_CA_US_90089",
    "InstitutionName": "USC",
    "InversionTime": 1.06,
    "MagneticFieldStrength": 3,
    "Manufacturer": "Siemens",
    "ManufacturersModelName": "Prisma_fit",
    "PhaseEncodingDirection": "i-",
    "PhaseEncodingLines": 224,
    "ProcedureStepDescription": "Mara_Steve",
    "ProtocolName": "t1_mprage_short_32channel",
    "RepetitionTime": 2.3,
    "ScanningSequence": "GR_IR",
    "SequenceName": "_tfl3d1_16ns",
    "SequenceVariant": "SK_SP_MP",
    "SeriesDescription": "t1_mprage_short_32channel",
    "SoftwareVersions": "syngo_MR_D13D",
    "dataset": "ds003425",
    "modality": "T1w",
    "session_id": "02",
    "subject_id": "10"
  },
  "cjv": 0.3641479133171654,
  "cnr": 3.7176665052166684,
  "efc": 0.5711049175321222,
  "fber": -1.0,
  "fwhm_avg": 4.536070533974361,
  "fwhm_x": 4.479301601923085,
  "fwhm_y": 4.51936,
  "fwhm_z": 4.60955,
  "icvs_csf": 0.24097474341643493,
  "icvs_gm": 0.4102417619413943,
  "icvs_wm": 0.3487834946421708,
  "inu_med": 0.31299781799316406,
  "inu_range": 0.09514457583427427,
  "provenance": {
    "md5sum": "dd663b091ab615c5907f11d4e42d2209",
    "settings": {
      "testing": false
    },
    "software": "mriqc",
    "version": "23.0.1",
    "warnings": {
      "large_rot_frame": true,
      "small_air_mask": false
    },
    "webapi_port": null,
    "webapi_url": "https://mriqc.nimh.nih.gov/api/v1"
  },
  "qi_1": 0.0007720858809310094,
  "qi_2": 0.046532795253976945,
  "rpve_csf": 17.3187050745721,
  "rpve_gm": 10.122434783318237,
  "rpve_wm": 13.850388350992361,
  "size_x": 176,
  "size_y": 224,
  "size_z": 256,
  "snr_csf": 4.366911043328069,
  "snr_gm": 15.908601012519103,
  "snr_total": 17.770603802654573,
  "snr_wm": 33.03629935211655,
  "snrd_csf": 122.82078257651543,
  "snrd_gm": 280.3949984333988,
  "snrd_total": 253.5090981772853,
  "snrd_wm": 357.31151352194155,
  "spacing_x": 0.9999996423721313,
  "spacing_y": 1.0,
  "spacing_z": 1.0,
  "summary_bg_k": 57.36940596492893,
  "summary_bg_mad": 0.0,
  "summary_bg_mean": 0.5314292662839352,
  "summary_bg_median": 0.0,
  "summary_bg_n": 2955100.0,
  "summary_bg_p05": 0.0,
  "summary_bg_p95": 3.7540424838662148,
  "summary_bg_stdv": 1.833557579478743,
  "summary_csf_k": 3.7651387884099536,
  "summary_csf_mad": 51.98613273506737,
  "summary_csf_mean": 353.8633009160625,
  "summary_csf_median": 343.7436491250992,
  "summary_csf_n": 78882.0,
  "summary_csf_p05": 261.3356321901083,
  "summary_csf_p95": 499.96609176695347,
  "summary_csf_stdv": 78.7150154561033,
  "summary_gm_k": -0.0811560343802018,
  "summary_gm_mad": 50.091765434498974,
  "summary_gm_mean": 784.1538857004057,
  "summary_gm_median": 784.7531821243465,
  "summary_gm_n": 36479.0,
  "summary_gm_p05": 703.7224012572318,
  "summary_gm_p95": 864.7663008723408,
  "summary_gm_stdv": 49.32818575316445,
  "summary_wm_k": 1.167183644714453,
  "summary_wm_mad": 28.298159321765148,
  "summary_wm_mean": 1000.9496424599836,
  "summary_wm_median": 1000.0226423889399,
  "summary_wm_n": 228826.0,
  "summary_wm_p05": 953.4589467607439,
  "summary_wm_p95": 1050.430839356035,
  "summary_wm_stdv": 30.27035342584842,
  "tpm_overlap_csf": 0.16749487004992394,
  "tpm_overlap_gm": 0.46322272124013947,
  "tpm_overlap_wm": 0.518172917892024,
  "wm2max": 0.8826571317074245
}