{
  "aor": 0.006215039999999999,
  "aqi": 0.01564988808,
  "bids_meta": {
    "AccelFactPE": 2,
    "AcquisitionNumber": 1,
    "AcquisitionTime": "11:20:28.517500",
    "BandwidthPerPixelPhaseEncode": 43.879,
    "BodyPartExamined": "BRAIN",
    "ConversionSoftware": "dcm2niix",
    "ConversionSoftwareVersion": "v1.0.20170724 GCC4.4.7",
    "DeviceSerialNumber": "67025",
    "EchoTime": 0.025,
    "EchoTrainLength": 43,
    "EffectiveEchoSpacing": 0.000356093,
    "FlipAngle": 90,
    "ImageType": [
      "ORIGINAL",
      "PRIMARY",
      "M",
      "ND",
      "NORM",
      "MOSAIC"
    ],
    "InstitutionAddress": "McClintock_3520A_Los_Angeles_CA_US_90089",
    "InstitutionName": "USC",
    "MagneticFieldStrength": 3,
    "Manufacturer": "Siemens",
    "ManufacturersModelName": "Prisma_fit",
    "PhaseEncodingDirection": "j-",
    "PhaseEncodingLines": 64,
    "ProcedureStepDescription": "Mara_Steve",
    "ProtocolName": "learning1",
    "RepetitionTime": 2,
    "ScanningSequence": "EP",
    "SequenceName": "_epfid2d1_64",
    "SequenceVariant": "SK_OSP",
    "SeriesDescription": "learning1",
    "SliceTiming": [
      0.99,
      0,
      1.04,
      0.05,
      1.0925,
      0.1025,
      1.145,
      0.155,
      1.1975,
      0.2075,
      1.25,
      0.26,
      1.3025,
      0.3125,
      1.3525,
      0.365,
      1.405,
      0.415,
      1.4575,
      0.4675,
      1.51,
      0.52,
      1.5625,
      0.5725,
      1.615,
      0.625,
      1.6675,
      0.6775,
      1.7175,
      0.7275,
      1.77,
      0.78,
      1.8225,
      0.8325,
      1.875,
      0.885,
      1.9275,
      0.9375
    ],
    "SoftwareVersions": "syngo_MR_D13D",
    "TaskName": "learning",
    "TotalReadoutTime": 0.0299118,
    "TrueEchoSpacing": 0.000712186,
    "dataset": "ds003425",
    "modality": "bold",
    "run_id": 1,
    "session_id": "01",
    "subject_id": "11",
    "task_id": "learning"
  },
  "dummy_trs": 0,
  "dvars_nstd": 20.84419275145162,
  "dvars_std": 1.093487407741935,
  "dvars_vstd": 0.9729448952419355,
  "efc": 0.5848742143709222,
  "fber": 2611.42041015625,
  "fd_mean": 0.12250981363754235,
  "fd_num": 11,
  "fd_perc": 8.8,
  "fwhm_avg": 1.5984,
  "fwhm_x": 1.45368,
  "fwhm_y": 1.7192366666666665,
  "fwhm_z": 1.6222833333333335,
  "gcor": 0.0419005,
  "gsr_x": 0.0013846664223819971,
  "gsr_y": 0.052437737584114075,
  "provenance": {
    "md5sum": "1a322d0db6092a61448a9b8621807310",
    "settings": {
      "fd_thres": 0.2,
      "testing": false
    },
    "software": "mriqc",
    "version": "23.0.1",
    "webapi_port": null,
    "webapi_url": "https://mriqc.nimh.nih.gov/api/v1"
  },
  "size_t": 125,
  "size_x": 64,
  "size_y": 64,
  "size_z": 38,
  "snr": 8.32694484862348,
  "spacing_tr": 2.0,
  "spacing_x": 3.0,
  "spacing_y": 3.0,
  "spacing_z": 3.0,
  "summary_bg_k": 13.76188186999974,
  "summary_bg_mad": 6.511589944731721,
  "summary_bg_mean": 24.19941520690918,
  "summary_bg_median": 7.872000217437744,
  "summary_bg_n": 82591.0,
  "summary_bg_p05": 2.7840001583099365,
  "summary_bg_p95": 102.9280014038086,
  "summary_bg_stdv": 39.410579681396484,
  "summary_fg_k": 1.9703556315594417,
  "summary_fg_mad": 50.432184034002994,
  "summary_fg_mean": 419.37725830078125,
  "summary_fg_median": 418.18402099609375,
  "summary_fg_n": 38633.0,
  "summary_fg_p05": 344.12962036132814,
  "summary_fg_p95": 497.0672241210938,
  "summary_fg_stdv": 50.219932556152344,
  "tsnr": 59.232211634516716
}