{
  "aor": 0.007328823529411764,
  "aqi": 0.013511587529411763,
  "bids_meta": {
    "AccelFactPE": 2,
    "AcquisitionNumber": 1,
    "AcquisitionTime": "11:16:1.482500",
    "BandwidthPerPixelPhaseEncode": 43.879,
    "BodyPartExamined": "BRAIN",
    "ConversionSoftware": "dcm2niix",
    "ConversionSoftwareVersion": "v1.0.20170724 GCC4.4.7",
    "DeviceSerialNumber": "67025",
    "EchoTime": 0.025,
    "EchoTrainLength": 43,
    "EffectiveEchoSpacing": 0.000356093,
    "FlipAngle": 90,
    "ImageType": [
      "ORIGINAL",
      "PRIMARY",
      "M",
      "ND",
      "NORM",
      "MOSAIC"
    ],
    "InstitutionAddress": "McClintock_3520A_Los_Angeles_CA_US_90089",
    "InstitutionName": "USC",
    "MagneticFieldStrength": 3,
    "Manufacturer": "Siemens",
    "ManufacturersModelName": "Prisma_fit",
    "PhaseEncodingDirection": "j-",
    "PhaseEncodingLines": 64,
    "ProcedureStepDescription": "Mara_Steve",
    "ProtocolName": "prelearning3",
    "RepetitionTime": 2,
    "ScanningSequence": "EP",
    "SequenceName": "_epfid2d1_64",
    "SequenceVariant": "SK_OSP",
    "SeriesDescription": "prelearning3",
    "SliceTiming": [
      0.99,
      0,
      1.0425,
      0.0525,
      1.095,
      0.105,
      1.1475,
      0.1575,
      1.2,
      0.21,
      1.2525,
      0.2625,
      1.3025,
      0.3125,
      1.355,
      0.365,
      1.4075,
      0.4175,
      1.46,
      0.47,
      1.5125,
      0.5225,
      1.565,
      0.575,
      1.615,
      0.625,
      1.6675,
      0.6775,
      1.72,
      0.73,
      1.7725,
      0.7825,
      1.825,
      0.835,
      1.8775,
      0.8875,
      1.9275,
      0.94
    ],
    "SoftwareVersions": "syngo_MR_D13D",
    "TaskName": "prelearning",
    "TotalReadoutTime": 0.0299118,
    "TrueEchoSpacing": 0.000712186,
    "dataset": "ds003425",
    "modality": "bold",
    "run_id": 3,
    "session_id": "01",
    "subject_id": "11",
    "task_id": "prelearning"
  },
  "dummy_trs": 0,
  "dvars_nstd": 20.760932604404772,
  "dvars_std": 1.1312641253571427,
  "dvars_vstd": 1.020623087142857,
  "efc": 0.5830886018234273,
  "fber": 2738.263916015625,
  "fd_mean": 0.15468673946808012,
  "fd_num": 17,
  "fd_perc": 20.0,
  "fwhm_avg": 1.6106733333333334,
  "fwhm_x": 1.45123,
  "fwhm_y": 1.7350366666666668,
  "fwhm_z": 1.6457533333333334,
  "gcor": 0.0281495,
  "gsr_x": 0.002748608123511076,
  "gsr_y": 0.05493665859103203,
  "provenance": {
    "md5sum": "7705d3d0cf1dc0bc1371137b1d338a07",
    "settings": {
      "fd_thres": 0.2,
      "testing": false
    },
    "software": "mriqc",
    "version": "23.0.1",
    "webapi_port": null,
    "webapi_url": "https://mriqc.nimh.nih.gov/api/v1"
  },
  "size_t": 85,
  "size_x": 64,
  "size_y": 64,
  "size_z": 38,
  "snr": 8.330489096387636,
  "spacing_tr": 2.0,
  "spacing_x": 3.0,
  "spacing_y": 3.0,
  "spacing_z": 3.0,
  "summary_bg_k": 13.696548939781376,
  "summary_bg_mad": 6.349025946060701,
  "summary_bg_mean": 24.419336318969727,
  "summary_bg_median": 7.77647066116333,
  "summary_bg_n": 83088.0,
  "summary_bg_p05": 2.835294246673584,
  "summary_bg_p95": 105.73294525146471,
  "summary_bg_stdv": 40.22225570678711,
  "summary_fg_k": 1.7134701277867617,
  "summary_fg_mad": 51.01897200311308,
  "summary_fg_mean": 421.0099792480469,
  "summary_fg_median": 419.9764709472656,
  "summary_fg_n": 38393.0,
  "summary_fg_p05": 344.9411926269531,
  "summary_fg_p95": 499.2258850097657,
  "summary_fg_stdv": 50.413726806640625,
  "tsnr": 65.62827341572847
}