{
  "aor": 0.0081528,
  "aqi": 0.016551770159999996,
  "bids_meta": {
    "AccelFactPE": 2,
    "AcquisitionNumber": 1,
    "AcquisitionTime": "11:30:12.015000",
    "BandwidthPerPixelPhaseEncode": 43.879,
    "BodyPartExamined": "BRAIN",
    "ConversionSoftware": "dcm2niix",
    "ConversionSoftwareVersion": "v1.0.20170724 GCC4.4.7",
    "DeviceSerialNumber": "67025",
    "EchoTime": 0.025,
    "EchoTrainLength": 43,
    "EffectiveEchoSpacing": 0.000356093,
    "FlipAngle": 90,
    "ImageType": [
      "ORIGINAL",
      "PRIMARY",
      "M",
      "ND",
      "NORM",
      "MOSAIC"
    ],
    "InstitutionAddress": "McClintock_3520A_Los_Angeles_CA_US_90089",
    "InstitutionName": "USC",
    "MagneticFieldStrength": 3,
    "Manufacturer": "Siemens",
    "ManufacturersModelName": "Prisma_fit",
    "PhaseEncodingDirection": "j-",
    "PhaseEncodingLines": 64,
    "ProcedureStepDescription": "Mara_Steve",
    "ProtocolName": "learning3",
    "RepetitionTime": 2,
    "ScanningSequence": "EP",
    "SequenceName": "_epfid2d1_64",
    "SequenceVariant": "SK_OSP",
    "SeriesDescription": "learning3",
    "SliceTiming": [
      0.99,
      0,
      1.0425,
      0.0525,
      1.095,
      0.105,
      1.1475,
      0.1575,
      1.2,
      0.21,
      1.2525,
      0.2625,
      1.3025,
      0.3125,
      1.355,
      0.365,
      1.4075,
      0.4175,
      1.46,
      0.47,
      1.5125,
      0.5225,
      1.565,
      0.575,
      1.615,
      0.625,
      1.6675,
      0.6775,
      1.72,
      0.73,
      1.7725,
      0.7825,
      1.825,
      0.835,
      1.8775,
      0.8875,
      1.9275,
      0.9375
    ],
    "SoftwareVersions": "syngo_MR_D13D",
    "TaskName": "learning",
    "TotalReadoutTime": 0.0299118,
    "TrueEchoSpacing": 0.000712186,
    "dataset": "ds003425",
    "modality": "bold",
    "run_id": 3,
    "session_id": "01",
    "subject_id": "11",
    "task_id": "learning"
  },
  "dummy_trs": 0,
  "dvars_nstd": 22.65953133975806,
  "dvars_std": 1.1030235231451615,
  "dvars_vstd": 0.9952931063709678,
  "efc": 0.585489709016899,
  "fber": 2684.374267578125,
  "fd_mean": 0.17248254107936029,
  "fd_num": 21,
  "fd_perc": 16.8,
  "fwhm_avg": 1.6106300000000002,
  "fwhm_x": 1.4676533333333335,
  "fwhm_y": 1.7372666666666667,
  "fwhm_z": 1.62697,
  "gcor": 0.0363497,
  "gsr_x": 0.0019326922483742237,
  "gsr_y": 0.05365259572863579,
  "provenance": {
    "md5sum": "be8d26f33918b91865f527030ee965b8",
    "settings": {
      "fd_thres": 0.2,
      "testing": false
    },
    "software": "mriqc",
    "version": "23.0.1",
    "webapi_port": null,
    "webapi_url": "https://mriqc.nimh.nih.gov/api/v1"
  },
  "size_t": 125,
  "size_x": 64,
  "size_y": 64,
  "size_z": 38,
  "snr": 8.293160678300374,
  "spacing_tr": 2.0,
  "spacing_x": 3.0,
  "spacing_y": 3.0,
  "spacing_z": 3.0,
  "summary_bg_k": 13.425394041959322,
  "summary_bg_mad": 6.511589237771893,
  "summary_bg_mean": 24.536054611206055,
  "summary_bg_median": 7.824000358581543,
  "summary_bg_n": 82571.0,
  "summary_bg_p05": 2.7840001583099365,
  "summary_bg_p95": 104.10800552368164,
  "summary_bg_stdv": 39.98937225341797,
  "summary_fg_k": 2.017437255101515,
  "summary_fg_mad": 50.46779218665082,
  "summary_fg_mean": 418.9556884765625,
  "summary_fg_median": 418.1920166015625,
  "summary_fg_n": 38653.0,
  "summary_fg_p05": 343.1200256347656,
  "summary_fg_p95": 496.63041992187505,
  "summary_fg_stdv": 50.425479888916016,
  "tsnr": 55.845731645356864
}