{
  "aor": 0.008788469387755102,
  "aqi": 0.018017025306122446,
  "bids_meta": {
    "AccelFactPE": 2,
    "AcquisitionNumber": 1,
    "AcquisitionTime": "10:44:6.822500",
    "BandwidthPerPixelPhaseEncode": 43.879,
    "BodyPartExamined": "BRAIN",
    "ConversionSoftware": "dcm2niix",
    "ConversionSoftwareVersion": "v1.0.20170724 GCC4.4.7",
    "DeviceSerialNumber": "67025",
    "EchoTime": 0.025,
    "EchoTrainLength": 43,
    "EffectiveEchoSpacing": 0.000356093,
    "FlipAngle": 90,
    "ImageType": [
      "ORIGINAL",
      "PRIMARY",
      "M",
      "ND",
      "NORM",
      "MOSAIC"
    ],
    "InstitutionAddress": "McClintock_3520A_Los_Angeles_CA_US_90089",
    "InstitutionName": "USC",
    "MagneticFieldStrength": 3,
    "Manufacturer": "Siemens",
    "ManufacturersModelName": "Prisma_fit",
    "PhaseEncodingDirection": "j-",
    "PhaseEncodingLines": 64,
    "ProcedureStepDescription": "Mara_Steve",
    "ProtocolName": "training1",
    "RepetitionTime": 2,
    "ScanningSequence": "EP",
    "SequenceName": "_epfid2d1_64",
    "SequenceVariant": "SK_OSP",
    "SeriesDescription": "training1",
    "SliceTiming": [
      0.99,
      0,
      1.0425,
      0.0525,
      1.095,
      0.105,
      1.145,
      0.155,
      1.1975,
      0.2075,
      1.25,
      0.26,
      1.3025,
      0.3125,
      1.355,
      0.365,
      1.4075,
      0.4175,
      1.4575,
      0.47,
      1.51,
      0.52,
      1.5625,
      0.5725,
      1.615,
      0.625,
      1.6675,
      0.6775,
      1.72,
      0.73,
      1.7725,
      0.7825,
      1.8225,
      0.8325,
      1.875,
      0.885,
      1.9275,
      0.9375
    ],
    "SoftwareVersions": "syngo_MR_D13D",
    "TaskName": "training",
    "TotalReadoutTime": 0.0299118,
    "TrueEchoSpacing": 0.000712186,
    "dataset": "ds003425",
    "modality": "bold",
    "run_id": 1,
    "session_id": "01",
    "subject_id": "11",
    "task_id": "training"
  },
  "dummy_trs": 0,
  "dvars_nstd": 18.541841379278345,
  "dvars_std": 1.11408281,
  "dvars_vstd": 1.015525384226804,
  "efc": 0.5894769921359713,
  "fber": 2450.790771484375,
  "fd_mean": 0.107956399940451,
  "fd_num": 6,
  "fd_perc": 6.122448979591836,
  "fwhm_avg": 1.6130922222222221,
  "fwhm_x": 1.5112866666666667,
  "fwhm_y": 1.8033366666666666,
  "fwhm_z": 1.5246533333333332,
  "gcor": 0.011677,
  "gsr_x": -0.0014551477506756783,
  "gsr_y": 0.04907233268022537,
  "provenance": {
    "md5sum": "094ee0d2216f3a18c8bfc27fe3bb6d95",
    "settings": {
      "fd_thres": 0.2,
      "testing": false
    },
    "software": "mriqc",
    "version": "23.0.1",
    "webapi_port": null,
    "webapi_url": "https://mriqc.nimh.nih.gov/api/v1"
  },
  "size_t": 98,
  "size_x": 64,
  "size_y": 64,
  "size_z": 38,
  "snr": 8.188155748865247,
  "spacing_tr": 2.0,
  "spacing_x": 3.0,
  "spacing_y": 3.0,
  "spacing_z": 3.0,
  "summary_bg_k": 13.84139032151218,
  "summary_bg_mad": 7.004539600990211,
  "summary_bg_mean": 24.702299118041992,
  "summary_bg_median": 8.23469352722168,
  "summary_bg_n": 81583.0,
  "summary_bg_p05": 2.7857141494750977,
  "summary_bg_p95": 103.55918502807606,
  "summary_bg_stdv": 39.835723876953125,
  "summary_fg_k": 1.6835989417681487,
  "summary_fg_mad": 51.66417182110288,
  "summary_fg_mean": 420.1427917480469,
  "summary_fg_median": 419.3163146972656,
  "summary_fg_n": 39314.0,
  "summary_fg_p05": 343.38061065673827,
  "summary_fg_p95": 500.4321258544922,
  "summary_fg_stdv": 51.20945358276367,
  "tsnr": 56.58123127813451
}