{
  "bids_meta": {
    "AccelFactPE": 2,
    "AcquisitionNumber": 1,
    "AcquisitionTime": "12:12:56.672500",
    "BodyPartExamined": "BRAIN",
    "ConversionSoftware": "dcm2niix",
    "ConversionSoftwareVersion": "v1.0.20170724 GCC4.4.7",
    "DeviceSerialNumber": "67025",
    "EchoTime": 0.00226,
    "FlipAngle": 9,
    "ImageType": [
      "ORIGINAL",
      "PRIMARY",
      "M",
      "ND",
      "NORM"
    ],
    "InstitutionAddress": "McClintock_3520A_Los_Angeles_CA_US_90089",
    "InstitutionName": "USC",
    "InversionTime": 1.06,
    "MagneticFieldStrength": 3,
    "Manufacturer": "Siemens",
    "ManufacturersModelName": "Prisma_fit",
    "PhaseEncodingDirection": "i-",
    "PhaseEncodingLines": 224,
    "ProcedureStepDescription": "Mara_Steve",
    "ProtocolName": "t1_mprage_short_32channel",
    "RepetitionTime": 2.3,
    "ScanningSequence": "GR_IR",
    "SequenceName": "_tfl3d1_16ns",
    "SequenceVariant": "SK_SP_MP",
    "SeriesDescription": "t1_mprage_short_32channel",
    "SoftwareVersions": "syngo_MR_D13D",
    "dataset": "ds003425",
    "modality": "T1w",
    "session_id": "02",
    "subject_id": "13"
  },
  "cjv": 0.35826013493974906,
  "cnr": 3.731503295301727,
  "efc": 0.5644992682235371,
  "fber": -1.0,
  "fwhm_avg": 4.117747146413895,
  "fwhm_x": 4.024411439241685,
  "fwhm_y": 4.12299,
  "fwhm_z": 4.20584,
  "icvs_csf": 0.1939743706040201,
  "icvs_gm": 0.44826149033536933,
  "icvs_wm": 0.3577641390606106,
  "inu_med": 0.26912952959537506,
  "inu_range": 0.06196596771478652,
  "provenance": {
    "md5sum": "da63256b4afcad72d4e28c5d5cff00c0",
    "settings": {
      "testing": false
    },
    "software": "mriqc",
    "version": "23.0.1",
    "warnings": {
      "large_rot_frame": true,
      "small_air_mask": false
    },
    "webapi_port": null,
    "webapi_url": "https://mriqc.nimh.nih.gov/api/v1"
  },
  "qi_1": 0.017969536358581274,
  "qi_2": 0.004231438985073336,
  "rpve_csf": 22.941037314560784,
  "rpve_gm": 10.63090269681717,
  "rpve_wm": 15.14699751620818,
  "size_x": 176,
  "size_y": 224,
  "size_z": 256,
  "snr_csf": 3.2825058782033643,
  "snr_gm": 14.773914491384751,
  "snr_total": 17.58953616196884,
  "snr_wm": 34.71218811631841,
  "snrd_csf": 28.0885221021012,
  "snrd_gm": 62.772030123785015,
  "snrd_total": 57.29549210869302,
  "snrd_wm": 81.02592410019284,
  "spacing_x": 0.9999996423721313,
  "spacing_y": 1.0,
  "spacing_z": 1.0,
  "summary_bg_k": 274.2899338784921,
  "summary_bg_mad": 0.0,
  "summary_bg_mean": 1.2083317931853605,
  "summary_bg_median": 0.0,
  "summary_bg_n": 2328651.0,
  "summary_bg_p05": 0.0,
  "summary_bg_p95": 3.7949923053383827,
  "summary_bg_stdv": 8.0858325411823,
  "summary_csf_k": 1.6671762147995235,
  "summary_csf_mad": 64.61732895229383,
  "summary_csf_mean": 350.02463769368256,
  "summary_csf_median": 346.67450327426195,
  "summary_csf_n": 35192.0,
  "summary_csf_p05": 131.77915162127465,
  "summary_csf_p95": 526.0651588747277,
  "summary_csf_stdv": 105.61125878496553,
  "summary_gm_k": -0.1212128473337315,
  "summary_gm_mad": 54.00245354989727,
  "summary_gm_mean": 774.7359677125195,
  "summary_gm_median": 774.7457229532301,
  "summary_gm_n": 46871.0,
  "summary_gm_p05": 690.1995541714132,
  "summary_gm_p95": 861.531719667837,
  "summary_gm_stdv": 52.43955207005553,
  "summary_wm_k": 1.095187859544831,
  "summary_wm_mad": 26.711202856850367,
  "summary_wm_mean": 1000.4931791588771,
  "summary_wm_median": 1000.0391579046845,
  "summary_wm_n": 192479.0,
  "summary_wm_p05": 955.1643519848585,
  "summary_wm_p95": 1048.2199107296765,
  "summary_wm_stdv": 28.809378330243778,
  "tpm_overlap_csf": 0.14800319229619965,
  "tpm_overlap_gm": 0.48375418248058255,
  "tpm_overlap_wm": 0.5195520363029175,
  "wm2max": 0.9166786006247024
}