{
  "aor": 0.003627142857142857,
  "aqi": 0.009378684897959183,
  "bids_meta": {
    "AccelFactPE": 2,
    "AcquisitionNumber": 1,
    "AcquisitionTime": "12:09:50.990000",
    "BandwidthPerPixelPhaseEncode": 43.879,
    "BodyPartExamined": "BRAIN",
    "ConversionSoftware": "dcm2niix",
    "ConversionSoftwareVersion": "v1.0.20170724 GCC4.4.7",
    "DeviceSerialNumber": "67025",
    "EchoTime": 0.025,
    "EchoTrainLength": 43,
    "EffectiveEchoSpacing": 0.000356093,
    "FlipAngle": 90,
    "ImageType": [
      "ORIGINAL",
      "PRIMARY",
      "M",
      "ND",
      "NORM",
      "MOSAIC"
    ],
    "InstitutionAddress": "McClintock_3520A_Los_Angeles_CA_US_90089",
    "InstitutionName": "USC",
    "MagneticFieldStrength": 3,
    "Manufacturer": "Siemens",
    "ManufacturersModelName": "Prisma_fit",
    "PhaseEncodingDirection": "j-",
    "PhaseEncodingLines": 64,
    "ProcedureStepDescription": "Mara_Steve",
    "ProtocolName": "training4",
    "RepetitionTime": 2,
    "ScanningSequence": "EP",
    "SequenceName": "_epfid2d1_64",
    "SequenceVariant": "SK_OSP",
    "SeriesDescription": "training4",
    "SliceTiming": [
      0.99,
      0,
      1.04,
      0.0525,
      1.0925,
      0.1025,
      1.145,
      0.155,
      1.1975,
      0.2075,
      1.25,
      0.26,
      1.3025,
      0.3125,
      1.355,
      0.365,
      1.405,
      0.415,
      1.4575,
      0.4675,
      1.51,
      0.52,
      1.5625,
      0.5725,
      1.615,
      0.625,
      1.6675,
      0.6775,
      1.7175,
      0.7275,
      1.77,
      0.78,
      1.8225,
      0.8325,
      1.875,
      0.885,
      1.9275,
      0.9375
    ],
    "SoftwareVersions": "syngo_MR_D13D",
    "TaskName": "training",
    "TotalReadoutTime": 0.0299118,
    "TrueEchoSpacing": 0.000712186,
    "dataset": "ds003425",
    "modality": "bold",
    "run_id": 4,
    "session_id": "01",
    "subject_id": "05",
    "task_id": "training"
  },
  "dummy_trs": 0,
  "dvars_nstd": 18.955313869896912,
  "dvars_std": 1.1315494532989687,
  "dvars_vstd": 1.0358326740206185,
  "efc": 0.5847118389017077,
  "fber": 2670.150634765625,
  "fd_mean": 0.15199588945752285,
  "fd_num": 23,
  "fd_perc": 23.46938775510204,
  "fwhm_avg": 1.5906044444444445,
  "fwhm_x": 1.5105366666666666,
  "fwhm_y": 1.6743233333333334,
  "fwhm_z": 1.5869533333333334,
  "gcor": 0.0358346,
  "gsr_x": -0.0011566169559955597,
  "gsr_y": 0.02819475531578064,
  "provenance": {
    "md5sum": "ed76fdfdfe405ad8671fbe91f625c419",
    "settings": {
      "fd_thres": 0.2,
      "testing": false
    },
    "software": "mriqc",
    "version": "23.0.1",
    "webapi_port": null,
    "webapi_url": "https://mriqc.nimh.nih.gov/api/v1"
  },
  "size_t": 98,
  "size_x": 64,
  "size_y": 64,
  "size_z": 38,
  "snr": 8.235117526906222,
  "spacing_tr": 2.0,
  "spacing_x": 3.0,
  "spacing_y": 3.0,
  "spacing_z": 3.0,
  "summary_bg_k": 26.126334120017702,
  "summary_bg_mad": 5.279879285884654,
  "summary_bg_mean": 21.194067001342773,
  "summary_bg_median": 7.244897842407227,
  "summary_bg_n": 81246.0,
  "summary_bg_p05": 3.1020407676696777,
  "summary_bg_p95": 84.20152854919434,
  "summary_bg_stdv": 38.16149139404297,
  "summary_fg_k": 4.485808443629844,
  "summary_fg_mad": 38.71407036912366,
  "summary_fg_mean": 389.320556640625,
  "summary_fg_median": 388.08673095703125,
  "summary_fg_n": 39090.0,
  "summary_fg_p05": 321.1428527832031,
  "summary_fg_p95": 462.97499694824216,
  "summary_fg_stdv": 47.12522506713867,
  "tsnr": 76.39646289101802
}