{
  "aor": 0.008098480000000002,
  "aqi": 0.01064526424,
  "bids_meta": {
    "AccelFactPE": 2,
    "AcquisitionNumber": 1,
    "AcquisitionTime": "12:30:32.740000",
    "BandwidthPerPixelPhaseEncode": 43.879,
    "BodyPartExamined": "BRAIN",
    "ConversionSoftware": "dcm2niix",
    "ConversionSoftwareVersion": "v1.0.20170724 GCC4.4.7",
    "DeviceSerialNumber": "67025",
    "EchoTime": 0.025,
    "EchoTrainLength": 43,
    "EffectiveEchoSpacing": 0.000356093,
    "FlipAngle": 90,
    "ImageType": [
      "ORIGINAL",
      "PRIMARY",
      "M",
      "ND",
      "NORM",
      "MOSAIC"
    ],
    "InstitutionAddress": "McClintock_3520A_Los_Angeles_CA_US_90089",
    "InstitutionName": "USC",
    "MagneticFieldStrength": 3,
    "Manufacturer": "Siemens",
    "ManufacturersModelName": "Prisma_fit",
    "PhaseEncodingDirection": "j-",
    "PhaseEncodingLines": 64,
    "ProcedureStepDescription": "Mara_Steve",
    "ProtocolName": "learning1",
    "RepetitionTime": 2,
    "ScanningSequence": "EP",
    "SequenceName": "_epfid2d1_64",
    "SequenceVariant": "SK_OSP",
    "SeriesDescription": "learning1",
    "SliceTiming": [
      0.99,
      0,
      1.04,
      0.05,
      1.0925,
      0.1025,
      1.145,
      0.155,
      1.1975,
      0.2075,
      1.25,
      0.26,
      1.3025,
      0.3125,
      1.3525,
      0.365,
      1.405,
      0.415,
      1.4575,
      0.4675,
      1.51,
      0.52,
      1.5625,
      0.5725,
      1.615,
      0.625,
      1.6675,
      0.6775,
      1.7175,
      0.7275,
      1.77,
      0.78,
      1.8225,
      0.8325,
      1.875,
      0.885,
      1.9275,
      0.9375
    ],
    "SoftwareVersions": "syngo_MR_D13D",
    "TaskName": "learning",
    "TotalReadoutTime": 0.0299118,
    "TrueEchoSpacing": 0.000712186,
    "dataset": "ds003425",
    "modality": "bold",
    "run_id": 1,
    "session_id": "01",
    "subject_id": "05",
    "task_id": "learning"
  },
  "dummy_trs": 0,
  "dvars_nstd": 19.75560165943547,
  "dvars_std": 1.185000092419355,
  "dvars_vstd": 1.0819884337903227,
  "efc": 0.5827202677976286,
  "fber": 2702.308349609375,
  "fd_mean": 0.14493938607960047,
  "fd_num": 24,
  "fd_perc": 19.2,
  "fwhm_avg": 1.5848622222222222,
  "fwhm_x": 1.5084733333333336,
  "fwhm_y": 1.6728066666666666,
  "fwhm_z": 1.5733066666666666,
  "gcor": 0.0372474,
  "gsr_x": 0.0003161089261993766,
  "gsr_y": 0.029600072652101517,
  "provenance": {
    "md5sum": "2a0a2220f079f1f44beb97e14ad32096",
    "settings": {
      "fd_thres": 0.2,
      "testing": false
    },
    "software": "mriqc",
    "version": "23.0.1",
    "webapi_port": null,
    "webapi_url": "https://mriqc.nimh.nih.gov/api/v1"
  },
  "size_t": 125,
  "size_x": 64,
  "size_y": 64,
  "size_z": 38,
  "snr": 8.274682115326689,
  "spacing_tr": 2.0,
  "spacing_x": 3.0,
  "spacing_y": 3.0,
  "spacing_z": 3.0,
  "summary_bg_k": 26.69791039329085,
  "summary_bg_mad": 5.1120127350190865,
  "summary_bg_mean": 20.66300392150879,
  "summary_bg_median": 7.12000036239624,
  "summary_bg_n": 81513.0,
  "summary_bg_p05": 3.1120002269744873,
  "summary_bg_p95": 81.7008026123045,
  "summary_bg_stdv": 37.1295166015625,
  "summary_fg_k": 4.564988445325298,
  "summary_fg_mad": 38.559511983551914,
  "summary_fg_mean": 386.57110595703125,
  "summary_fg_median": 385.6400146484375,
  "summary_fg_n": 38868.0,
  "summary_fg_p05": 318.2164138793945,
  "summary_fg_p95": 458.5276153564453,
  "summary_fg_stdv": 46.60421371459961,
  "tsnr": 72.79507613740861
}