{
  "aor": 0.00879952,
  "aqi": 0.020899974559999993,
  "bids_meta": {
    "AccelFactPE": 2,
    "AcquisitionNumber": 1,
    "AcquisitionTime": "12:50:4.607500",
    "BandwidthPerPixelPhaseEncode": 43.879,
    "BodyPartExamined": "BRAIN",
    "ConversionSoftware": "dcm2niix",
    "ConversionSoftwareVersion": "v1.0.20170724 GCC4.4.7",
    "DeviceSerialNumber": "67025",
    "EchoTime": 0.025,
    "EchoTrainLength": 43,
    "EffectiveEchoSpacing": 0.000356093,
    "FlipAngle": 90,
    "ImageType": [
      "ORIGINAL",
      "PRIMARY",
      "M",
      "ND",
      "NORM",
      "MOSAIC"
    ],
    "InstitutionAddress": "McClintock_3520A_Los_Angeles_CA_US_90089",
    "InstitutionName": "USC",
    "MagneticFieldStrength": 3,
    "Manufacturer": "Siemens",
    "ManufacturersModelName": "Prisma_fit",
    "PhaseEncodingDirection": "j-",
    "PhaseEncodingLines": 64,
    "ProcedureStepDescription": "Mara_Steve",
    "ProtocolName": "learning5",
    "RepetitionTime": 2,
    "ScanningSequence": "EP",
    "SequenceName": "_epfid2d1_64",
    "SequenceVariant": "SK_OSP",
    "SeriesDescription": "learning5",
    "SliceTiming": [
      0.99,
      0,
      1.0425,
      0.0525,
      1.095,
      0.105,
      1.1475,
      0.1575,
      1.2,
      0.21,
      1.25,
      0.26,
      1.3025,
      0.3125,
      1.355,
      0.365,
      1.4075,
      0.4175,
      1.46,
      0.47,
      1.5125,
      0.5225,
      1.5625,
      0.5725,
      1.615,
      0.625,
      1.6675,
      0.6775,
      1.72,
      0.73,
      1.7725,
      0.7825,
      1.825,
      0.835,
      1.875,
      0.885,
      1.9275,
      0.9375
    ],
    "SoftwareVersions": "syngo_MR_D13D",
    "TaskName": "learning",
    "TotalReadoutTime": 0.0299118,
    "TrueEchoSpacing": 0.000712186,
    "dataset": "ds003425",
    "modality": "bold",
    "run_id": 5,
    "session_id": "01",
    "subject_id": "05",
    "task_id": "learning"
  },
  "dummy_trs": 0,
  "dvars_nstd": 23.596260132096784,
  "dvars_std": 1.1008769789516129,
  "dvars_vstd": 1.0335411542741935,
  "efc": 0.583330948634668,
  "fber": 2595.799560546875,
  "fd_mean": 0.25583075339515465,
  "fd_num": 54,
  "fd_perc": 43.2,
  "fwhm_avg": 1.5802922222222222,
  "fwhm_x": 1.4938933333333333,
  "fwhm_y": 1.6697533333333334,
  "fwhm_z": 1.5772300000000001,
  "gcor": 0.0467401,
  "gsr_x": -0.0007284589228220284,
  "gsr_y": 0.030501600354909897,
  "provenance": {
    "md5sum": "5623dbd9f99dc1b48323e1d849e2f8be",
    "settings": {
      "fd_thres": 0.2,
      "testing": false
    },
    "software": "mriqc",
    "version": "23.0.1",
    "webapi_port": null,
    "webapi_url": "https://mriqc.nimh.nih.gov/api/v1"
  },
  "size_t": 125,
  "size_x": 64,
  "size_y": 64,
  "size_z": 38,
  "snr": 8.244436003635382,
  "spacing_tr": 2.0,
  "spacing_x": 3.0,
  "spacing_y": 3.0,
  "spacing_z": 3.0,
  "summary_bg_k": 25.22937903529716,
  "summary_bg_mad": 5.361089528797559,
  "summary_bg_mean": 21.183164596557617,
  "summary_bg_median": 7.28000020980835,
  "summary_bg_n": 81705.0,
  "summary_bg_p05": 3.0880000591278076,
  "summary_bg_p95": 83.87840423583987,
  "summary_bg_stdv": 37.62126541137695,
  "summary_fg_k": 4.808504420793931,
  "summary_fg_mad": 37.96648014523548,
  "summary_fg_mean": 386.4085388183594,
  "summary_fg_median": 385.6240234375,
  "summary_fg_n": 38688.0,
  "summary_fg_p05": 318.0160217285156,
  "summary_fg_p95": 458.391618347168,
  "summary_fg_stdv": 46.77324676513672,
  "tsnr": 52.419026331976056
}