{
  "aor": 0.0032728799999999997,
  "aqi": 0.0254696608,
  "bids_meta": {
    "AccelFactPE": 2,
    "AcquisitionNumber": 1,
    "AcquisitionTime": "12:54:37.750000",
    "BandwidthPerPixelPhaseEncode": 43.879,
    "BodyPartExamined": "BRAIN",
    "ConversionSoftware": "dcm2niix",
    "ConversionSoftwareVersion": "v1.0.20170724 GCC4.4.7",
    "DeviceSerialNumber": "67025",
    "EchoTime": 0.025,
    "EchoTrainLength": 43,
    "EffectiveEchoSpacing": 0.000356093,
    "FlipAngle": 90,
    "ImageType": [
      "ORIGINAL",
      "PRIMARY",
      "M",
      "ND",
      "NORM",
      "MOSAIC"
    ],
    "InstitutionAddress": "McClintock_3520A_Los_Angeles_CA_US_90089",
    "InstitutionName": "USC",
    "MagneticFieldStrength": 3,
    "Manufacturer": "Siemens",
    "ManufacturersModelName": "Prisma_fit",
    "PhaseEncodingDirection": "j-",
    "PhaseEncodingLines": 64,
    "ProcedureStepDescription": "Mara_Steve",
    "ProtocolName": "learning6",
    "RepetitionTime": 2,
    "ScanningSequence": "EP",
    "SequenceName": "_epfid2d1_64",
    "SequenceVariant": "SK_OSP",
    "SeriesDescription": "learning6",
    "SliceTiming": [
      0.99,
      0,
      1.0425,
      0.0525,
      1.0925,
      0.1025,
      1.145,
      0.155,
      1.1975,
      0.2075,
      1.25,
      0.26,
      1.3025,
      0.3125,
      1.355,
      0.365,
      1.405,
      0.415,
      1.4575,
      0.4675,
      1.51,
      0.52,
      1.5625,
      0.5725,
      1.615,
      0.625,
      1.6675,
      0.6775,
      1.7175,
      0.7275,
      1.77,
      0.78,
      1.8225,
      0.8325,
      1.875,
      0.885,
      1.9275,
      0.9375
    ],
    "SoftwareVersions": "syngo_MR_D13D",
    "TaskName": "learning",
    "TotalReadoutTime": 0.0299118,
    "TrueEchoSpacing": 0.000712186,
    "dataset": "ds003425",
    "modality": "bold",
    "run_id": 6,
    "session_id": "01",
    "subject_id": "05",
    "task_id": "learning"
  },
  "dummy_trs": 0,
  "dvars_nstd": 23.908092883145155,
  "dvars_std": 1.0039607585483863,
  "dvars_vstd": 0.9498379485483872,
  "efc": 0.5842348577258036,
  "fber": 2593.557861328125,
  "fd_mean": 0.27367484251947843,
  "fd_num": 58,
  "fd_perc": 46.4,
  "fwhm_avg": 1.591537777777778,
  "fwhm_x": 1.5315666666666665,
  "fwhm_y": 1.6893766666666667,
  "fwhm_z": 1.55367,
  "gcor": 0.0521733,
  "gsr_x": -0.001381243346258998,
  "gsr_y": 0.031185075640678406,
  "provenance": {
    "md5sum": "3d76f7dc65cb55ce7ffd5bd580bf8421",
    "settings": {
      "fd_thres": 0.2,
      "testing": false
    },
    "software": "mriqc",
    "version": "23.0.1",
    "webapi_port": null,
    "webapi_url": "https://mriqc.nimh.nih.gov/api/v1"
  },
  "size_t": 125,
  "size_x": 64,
  "size_y": 64,
  "size_z": 38,
  "snr": 8.17689574952477,
  "spacing_tr": 2.0,
  "spacing_x": 3.0,
  "spacing_y": 3.0,
  "spacing_z": 3.0,
  "summary_bg_k": 25.262453866784533,
  "summary_bg_mad": 5.562723662397145,
  "summary_bg_mean": 21.50029182434082,
  "summary_bg_median": 7.3520002365112305,
  "summary_bg_n": 81573.0,
  "summary_bg_p05": 3.0480000972747803,
  "summary_bg_p95": 84.20320587158199,
  "summary_bg_stdv": 38.139808654785156,
  "summary_fg_k": 4.657997198007855,
  "summary_fg_mad": 38.44087846863121,
  "summary_fg_mean": 388.66015625,
  "summary_fg_median": 387.49603271484375,
  "summary_fg_n": 38840.0,
  "summary_fg_p05": 320.08001708984375,
  "summary_fg_p95": 462.5600280761719,
  "summary_fg_stdv": 47.388526916503906,
  "tsnr": 48.190160857047886
}