{
  "aor": 0.007619693877551019,
  "aqi": 0.01278033081632653,
  "bids_meta": {
    "AccelFactPE": 2,
    "AcquisitionNumber": 1,
    "AcquisitionTime": "11:58:15.545000",
    "BandwidthPerPixelPhaseEncode": 43.879,
    "BodyPartExamined": "BRAIN",
    "ConversionSoftware": "dcm2niix",
    "ConversionSoftwareVersion": "v1.0.20170724 GCC4.4.7",
    "DeviceSerialNumber": "67025",
    "EchoTime": 0.025,
    "EchoTrainLength": 43,
    "EffectiveEchoSpacing": 0.000356093,
    "FlipAngle": 90,
    "ImageType": [
      "ORIGINAL",
      "PRIMARY",
      "M",
      "ND",
      "NORM",
      "MOSAIC"
    ],
    "InstitutionAddress": "McClintock_3520A_Los_Angeles_CA_US_90089",
    "InstitutionName": "USC",
    "MagneticFieldStrength": 3,
    "Manufacturer": "Siemens",
    "ManufacturersModelName": "Prisma_fit",
    "PhaseEncodingDirection": "j-",
    "PhaseEncodingLines": 64,
    "ProcedureStepDescription": "Mara_Steve",
    "ProtocolName": "training1",
    "RepetitionTime": 2,
    "ScanningSequence": "EP",
    "SequenceName": "_epfid2d1_64",
    "SequenceVariant": "SK_OSP",
    "SeriesDescription": "training1",
    "SliceTiming": [
      0.99,
      0,
      1.04,
      0.05,
      1.0925,
      0.1025,
      1.145,
      0.155,
      1.1975,
      0.2075,
      1.25,
      0.26,
      1.3025,
      0.3125,
      1.3525,
      0.3625,
      1.405,
      0.415,
      1.4575,
      0.4675,
      1.51,
      0.52,
      1.5625,
      0.5725,
      1.615,
      0.625,
      1.665,
      0.675,
      1.7175,
      0.7275,
      1.77,
      0.78,
      1.8225,
      0.8325,
      1.875,
      0.885,
      1.9275,
      0.9375
    ],
    "SoftwareVersions": "syngo_MR_D13D",
    "TaskName": "training",
    "TotalReadoutTime": 0.0299118,
    "TrueEchoSpacing": 0.000712186,
    "dataset": "ds003425",
    "modality": "bold",
    "run_id": 1,
    "session_id": "01",
    "subject_id": "05",
    "task_id": "training"
  },
  "dummy_trs": 0,
  "dvars_nstd": 19.178668484226794,
  "dvars_std": 1.158840668350515,
  "dvars_vstd": 1.0741068381443302,
  "efc": 0.5834565735195208,
  "fber": 2619.87109375,
  "fd_mean": 0.15369351689464703,
  "fd_num": 22,
  "fd_perc": 22.448979591836736,
  "fwhm_avg": 1.591191111111111,
  "fwhm_x": 1.50643,
  "fwhm_y": 1.67377,
  "fwhm_z": 1.5933733333333333,
  "gcor": 0.0530789,
  "gsr_x": -0.001097791362553835,
  "gsr_y": 0.028383836150169373,
  "provenance": {
    "md5sum": "eb0918dfa9541ac98db7a9ddbe563aaf",
    "settings": {
      "fd_thres": 0.2,
      "testing": false
    },
    "software": "mriqc",
    "version": "23.0.1",
    "webapi_port": null,
    "webapi_url": "https://mriqc.nimh.nih.gov/api/v1"
  },
  "size_t": 98,
  "size_x": 64,
  "size_y": 64,
  "size_z": 38,
  "snr": 8.323298304464757,
  "spacing_tr": 2.0,
  "spacing_x": 3.0,
  "spacing_y": 3.0,
  "spacing_z": 3.0,
  "summary_bg_k": 26.670881525376142,
  "summary_bg_mad": 5.204236351622114,
  "summary_bg_mean": 20.62900733947754,
  "summary_bg_median": 7.2040815353393555,
  "summary_bg_n": 81365.0,
  "summary_bg_p05": 3.1224489212036133,
  "summary_bg_p95": 81.4938766479493,
  "summary_bg_stdv": 37.010704040527344,
  "summary_fg_k": 4.489888366097798,
  "summary_fg_mad": 38.50227651582701,
  "summary_fg_mean": 384.5337829589844,
  "summary_fg_median": 383.7652893066406,
  "summary_fg_n": 38968.0,
  "summary_fg_p05": 317.051025390625,
  "summary_fg_p95": 455.0163177490235,
  "summary_fg_stdv": 46.10676574707031,
  "tsnr": 65.92016376997344
}