{
  "aor": 0.004808265306122449,
  "aqi": 0.013090454081632652,
  "bids_meta": {
    "AccelFactPE": 2,
    "AcquisitionNumber": 1,
    "AcquisitionTime": "12:13:44.997500",
    "BandwidthPerPixelPhaseEncode": 43.879,
    "BodyPartExamined": "BRAIN",
    "ConversionSoftware": "dcm2niix",
    "ConversionSoftwareVersion": "v1.0.20170724 GCC4.4.7",
    "DeviceSerialNumber": "67025",
    "EchoTime": 0.025,
    "EchoTrainLength": 43,
    "EffectiveEchoSpacing": 0.000356093,
    "FlipAngle": 90,
    "ImageType": [
      "ORIGINAL",
      "PRIMARY",
      "M",
      "ND",
      "NORM",
      "MOSAIC"
    ],
    "InstitutionAddress": "McClintock_3520A_Los_Angeles_CA_US_90089",
    "InstitutionName": "USC",
    "MagneticFieldStrength": 3,
    "Manufacturer": "Siemens",
    "ManufacturersModelName": "Prisma_fit",
    "PhaseEncodingDirection": "j-",
    "PhaseEncodingLines": 64,
    "ProcedureStepDescription": "Mara_Steve",
    "ProtocolName": "training5",
    "RepetitionTime": 2,
    "ScanningSequence": "EP",
    "SequenceName": "_epfid2d1_64",
    "SequenceVariant": "SK_OSP",
    "SeriesDescription": "training5",
    "SliceTiming": [
      0.99,
      0,
      1.0425,
      0.0525,
      1.095,
      0.105,
      1.1475,
      0.1575,
      1.1975,
      0.2075,
      1.25,
      0.26,
      1.3025,
      0.3125,
      1.355,
      0.365,
      1.4075,
      0.4175,
      1.46,
      0.47,
      1.51,
      0.52,
      1.5625,
      0.5725,
      1.615,
      0.625,
      1.6675,
      0.6775,
      1.72,
      0.73,
      1.7725,
      0.7825,
      1.8225,
      0.835,
      1.875,
      0.885,
      1.9275,
      0.9375
    ],
    "SoftwareVersions": "syngo_MR_D13D",
    "TaskName": "training",
    "TotalReadoutTime": 0.0299118,
    "TrueEchoSpacing": 0.000712186,
    "dataset": "ds003425",
    "modality": "bold",
    "run_id": 5,
    "session_id": "01",
    "subject_id": "05",
    "task_id": "training"
  },
  "dummy_trs": 0,
  "dvars_nstd": 21.401359725154634,
  "dvars_std": 1.1438721173195878,
  "dvars_vstd": 1.0452675784536085,
  "efc": 0.5830706406223378,
  "fber": 2682.9833984375,
  "fd_mean": 0.17481856191901923,
  "fd_num": 33,
  "fd_perc": 33.673469387755105,
  "fwhm_avg": 1.5878777777777777,
  "fwhm_x": 1.5122066666666667,
  "fwhm_y": 1.6716966666666666,
  "fwhm_z": 1.5797299999999999,
  "gcor": 0.062023,
  "gsr_x": -0.0006261788075789809,
  "gsr_y": 0.0288496483117342,
  "provenance": {
    "md5sum": "8067d6e3211865e1e6882d6dc8b0f742",
    "settings": {
      "fd_thres": 0.2,
      "testing": false
    },
    "software": "mriqc",
    "version": "23.0.1",
    "webapi_port": null,
    "webapi_url": "https://mriqc.nimh.nih.gov/api/v1"
  },
  "size_t": 98,
  "size_x": 64,
  "size_y": 64,
  "size_z": 38,
  "snr": 8.195879048309758,
  "spacing_tr": 2.0,
  "spacing_x": 3.0,
  "spacing_y": 3.0,
  "spacing_z": 3.0,
  "summary_bg_k": 26.468791095644224,
  "summary_bg_mad": 5.128593417359575,
  "summary_bg_mean": 20.711429595947266,
  "summary_bg_median": 7.142857074737549,
  "summary_bg_n": 81426.0,
  "summary_bg_p05": 3.1224489212036133,
  "summary_bg_p95": 82.13265228271484,
  "summary_bg_stdv": 37.22764205932617,
  "summary_fg_k": 4.618768381945602,
  "summary_fg_mad": 38.47200732380491,
  "summary_fg_mean": 386.69097900390625,
  "summary_fg_median": 385.6530456542969,
  "summary_fg_n": 38886.0,
  "summary_fg_p05": 317.4974365234375,
  "summary_fg_p95": 459.2270278930664,
  "summary_fg_stdv": 47.05390167236328,
  "tsnr": 66.87065435026307
}