{
  "aor": 0.012489360000000003,
  "aqi": 0.026400877920000003,
  "bids_meta": {
    "AccelFactPE": 2,
    "AcquisitionNumber": 1,
    "AcquisitionTime": "11:13:37.172500",
    "BandwidthPerPixelPhaseEncode": 43.879,
    "BodyPartExamined": "BRAIN",
    "ConversionSoftware": "dcm2niix",
    "ConversionSoftwareVersion": "v1.0.20170724 GCC4.4.7",
    "DeviceSerialNumber": "67025",
    "EchoTime": 0.025,
    "EchoTrainLength": 43,
    "EffectiveEchoSpacing": 0.000356093,
    "FlipAngle": 90,
    "ImageType": [
      "ORIGINAL",
      "PRIMARY",
      "M",
      "ND",
      "NORM",
      "MOSAIC"
    ],
    "InstitutionAddress": "McClintock_3520A_Los_Angeles_CA_US_90089",
    "InstitutionName": "USC",
    "MagneticFieldStrength": 3,
    "Manufacturer": "Siemens",
    "ManufacturersModelName": "Prisma_fit",
    "PhaseEncodingDirection": "j-",
    "PhaseEncodingLines": 64,
    "ProcedureStepDescription": "Mara_Steve",
    "ProtocolName": "regulate6",
    "RepetitionTime": 2,
    "ScanningSequence": "EP",
    "SequenceName": "_epfid2d1_64",
    "SequenceVariant": "SK_OSP",
    "SeriesDescription": "regulate6",
    "SliceTiming": [
      0.99,
      0,
      1.04,
      0.05,
      1.0925,
      0.1025,
      1.145,
      0.155,
      1.1975,
      0.2075,
      1.25,
      0.26,
      1.3025,
      0.3125,
      1.3525,
      0.3625,
      1.405,
      0.415,
      1.4575,
      0.4675,
      1.51,
      0.52,
      1.5625,
      0.5725,
      1.615,
      0.625,
      1.665,
      0.675,
      1.7175,
      0.7275,
      1.77,
      0.78,
      1.8225,
      0.8325,
      1.875,
      0.885,
      1.9275,
      0.9375
    ],
    "SoftwareVersions": "syngo_MR_D13D",
    "TaskName": "regulate",
    "TotalReadoutTime": 0.0299118,
    "TrueEchoSpacing": 0.000712186,
    "dataset": "ds003425",
    "modality": "bold",
    "run_id": 6,
    "session_id": "02",
    "subject_id": "09",
    "task_id": "regulate"
  },
  "dummy_trs": 0,
  "dvars_nstd": 34.87872400572581,
  "dvars_std": 1.2579330795967731,
  "dvars_vstd": 1.0299886975806452,
  "efc": 0.6340625940378947,
  "fber": 1342.3577880859375,
  "fd_mean": 0.31599456482391336,
  "fd_num": 69,
  "fd_perc": 55.2,
  "fwhm_avg": 1.5480233333333333,
  "fwhm_x": 1.4519,
  "fwhm_y": 1.6739833333333334,
  "fwhm_z": 1.5181866666666668,
  "gcor": 0.0749663,
  "gsr_x": 0.0013644645223394036,
  "gsr_y": 0.05908631160855293,
  "provenance": {
    "md5sum": "019b34710d6cdd8ebb84bbc5705afb68",
    "settings": {
      "fd_thres": 0.2,
      "testing": false
    },
    "software": "mriqc",
    "version": "23.0.1",
    "webapi_port": null,
    "webapi_url": "https://mriqc.nimh.nih.gov/api/v1"
  },
  "size_t": 125,
  "size_x": 64,
  "size_y": 64,
  "size_z": 38,
  "snr": 8.21835527350988,
  "spacing_tr": 2.0,
  "spacing_x": 3.0,
  "spacing_y": 3.0,
  "spacing_z": 3.0,
  "summary_bg_k": 11.630188896000933,
  "summary_bg_mad": 10.212164098033622,
  "summary_bg_mean": 36.83731460571289,
  "summary_bg_median": 10.720000267028809,
  "summary_bg_n": 76867.0,
  "summary_bg_p05": 3.200000047683716,
  "summary_bg_p95": 158.81600952148438,
  "summary_bg_stdv": 59.00232696533203,
  "summary_fg_k": 3.864991232404079,
  "summary_fg_mad": 46.138573800625686,
  "summary_fg_mean": 417.5858154296875,
  "summary_fg_median": 415.2960205078125,
  "summary_fg_n": 43598.0,
  "summary_fg_p05": 347.5404083251953,
  "summary_fg_p95": 497.5612274169922,
  "summary_fg_stdv": 50.532161712646484,
  "tsnr": 44.919137842487544
}