{
  "aor": 0.008008880000000001,
  "aqi": 0.032033933599999995,
  "bids_meta": {
    "AccelFactPE": 2,
    "AcquisitionNumber": 1,
    "AcquisitionTime": "11:18:22.967500",
    "BandwidthPerPixelPhaseEncode": 43.879,
    "BodyPartExamined": "BRAIN",
    "ConversionSoftware": "dcm2niix",
    "ConversionSoftwareVersion": "v1.0.20170724 GCC4.4.7",
    "DeviceSerialNumber": "67025",
    "EchoTime": 0.025,
    "EchoTrainLength": 43,
    "EffectiveEchoSpacing": 0.000356093,
    "FlipAngle": 90,
    "ImageType": [
      "ORIGINAL",
      "PRIMARY",
      "M",
      "ND",
      "NORM",
      "MOSAIC"
    ],
    "InstitutionAddress": "McClintock_3520A_Los_Angeles_CA_US_90089",
    "InstitutionName": "USC",
    "MagneticFieldStrength": 3,
    "Manufacturer": "Siemens",
    "ManufacturersModelName": "Prisma_fit",
    "PhaseEncodingDirection": "j-",
    "PhaseEncodingLines": 64,
    "ProcedureStepDescription": "Mara_Steve",
    "ProtocolName": "regulate7",
    "RepetitionTime": 2,
    "ScanningSequence": "EP",
    "SequenceName": "_epfid2d1_64",
    "SequenceVariant": "SK_OSP",
    "SeriesDescription": "regulate7",
    "SliceTiming": [
      0.99,
      0,
      1.0425,
      0.0525,
      1.095,
      0.105,
      1.1475,
      0.1575,
      1.1975,
      0.2075,
      1.25,
      0.26,
      1.3025,
      0.3125,
      1.355,
      0.365,
      1.4075,
      0.4175,
      1.46,
      0.47,
      1.51,
      0.52,
      1.5625,
      0.5725,
      1.615,
      0.625,
      1.6675,
      0.6775,
      1.72,
      0.73,
      1.7725,
      0.7825,
      1.8225,
      0.8325,
      1.875,
      0.885,
      1.9275,
      0.9375
    ],
    "SoftwareVersions": "syngo_MR_D13D",
    "TaskName": "regulate",
    "TotalReadoutTime": 0.0299118,
    "TrueEchoSpacing": 0.000712186,
    "dataset": "ds003425",
    "modality": "bold",
    "run_id": 7,
    "session_id": "02",
    "subject_id": "09",
    "task_id": "regulate"
  },
  "dummy_trs": 0,
  "dvars_nstd": 34.206220734354844,
  "dvars_std": 1.1921436884677419,
  "dvars_vstd": 0.9677278934677414,
  "efc": 0.6341632181731044,
  "fber": 1321.3441162109375,
  "fd_mean": 0.3230989505658392,
  "fd_num": 69,
  "fd_perc": 55.2,
  "fwhm_avg": 1.5539411111111112,
  "fwhm_x": 1.44153,
  "fwhm_y": 1.6719866666666665,
  "fwhm_z": 1.5483066666666667,
  "gcor": 0.0637937,
  "gsr_x": 0.0019404171034693718,
  "gsr_y": 0.059129491448402405,
  "provenance": {
    "md5sum": "af99caeb350f1231500afae968d839e0",
    "settings": {
      "fd_thres": 0.2,
      "testing": false
    },
    "software": "mriqc",
    "version": "23.0.1",
    "webapi_port": null,
    "webapi_url": "https://mriqc.nimh.nih.gov/api/v1"
  },
  "size_t": 125,
  "size_x": 64,
  "size_y": 64,
  "size_z": 38,
  "snr": 8.219756659884856,
  "spacing_tr": 2.0,
  "spacing_x": 3.0,
  "spacing_y": 3.0,
  "spacing_z": 3.0,
  "summary_bg_k": 11.909615121572928,
  "summary_bg_mad": 10.152860772810014,
  "summary_bg_mean": 36.81643295288086,
  "summary_bg_median": 10.75200080871582,
  "summary_bg_n": 76928.0,
  "summary_bg_p05": 3.248000144958496,
  "summary_bg_p95": 158.14640579223624,
  "summary_bg_stdv": 58.974483489990234,
  "summary_fg_k": 4.04217954348664,
  "summary_fg_mad": 45.4862252048489,
  "summary_fg_mean": 417.57086181640625,
  "summary_fg_median": 415.1200256347656,
  "summary_fg_n": 43651.0,
  "summary_fg_p05": 348.0000305175781,
  "summary_fg_p95": 497.4800262451172,
  "summary_fg_stdv": 50.50213623046875,
  "tsnr": 42.98263223445974
}