{
  "aor": 0.004209200000000001,
  "aqi": 0.01609845712,
  "bids_meta": {
    "AccelFactPE": 2,
    "AcquisitionNumber": 1,
    "AcquisitionTime": "10:58:51.892500",
    "BandwidthPerPixelPhaseEncode": 43.879,
    "BodyPartExamined": "BRAIN",
    "ConversionSoftware": "dcm2niix",
    "ConversionSoftwareVersion": "v1.0.20170724 GCC4.4.7",
    "DeviceSerialNumber": "67025",
    "EchoTime": 0.025,
    "EchoTrainLength": 43,
    "EffectiveEchoSpacing": 0.000356093,
    "FlipAngle": 90,
    "ImageType": [
      "ORIGINAL",
      "PRIMARY",
      "M",
      "ND",
      "NORM",
      "MOSAIC"
    ],
    "InstitutionAddress": "McClintock_3520A_Los_Angeles_CA_US_90089",
    "InstitutionName": "USC",
    "MagneticFieldStrength": 3,
    "Manufacturer": "Siemens",
    "ManufacturersModelName": "Prisma_fit",
    "PhaseEncodingDirection": "j-",
    "PhaseEncodingLines": 64,
    "ProcedureStepDescription": "Mara_Steve",
    "ProtocolName": "regulate3",
    "RepetitionTime": 2,
    "ScanningSequence": "EP",
    "SequenceName": "_epfid2d1_64",
    "SequenceVariant": "SK_OSP",
    "SeriesDescription": "regulate3",
    "SliceTiming": [
      0.99,
      0,
      1.0425,
      0.0525,
      1.095,
      0.105,
      1.1475,
      0.1575,
      1.2,
      0.21,
      1.25,
      0.2625,
      1.3025,
      0.3125,
      1.355,
      0.365,
      1.4075,
      0.4175,
      1.46,
      0.47,
      1.5125,
      0.5225,
      1.565,
      0.575,
      1.615,
      0.625,
      1.6675,
      0.6775,
      1.72,
      0.73,
      1.7725,
      0.7825,
      1.825,
      0.835,
      1.8775,
      0.8875,
      1.9275,
      0.9375
    ],
    "SoftwareVersions": "syngo_MR_D13D",
    "TaskName": "regulate",
    "TotalReadoutTime": 0.0299118,
    "TrueEchoSpacing": 0.000712186,
    "dataset": "ds003425",
    "modality": "bold",
    "run_id": 3,
    "session_id": "02",
    "subject_id": "09",
    "task_id": "regulate"
  },
  "dummy_trs": 0,
  "dvars_nstd": 27.8646405126613,
  "dvars_std": 1.2959770210483867,
  "dvars_vstd": 1.0111955810483872,
  "efc": 0.6329127665998551,
  "fber": 1398.11181640625,
  "fd_mean": 0.21449927544591607,
  "fd_num": 47,
  "fd_perc": 37.6,
  "fwhm_avg": 1.540718888888889,
  "fwhm_x": 1.4354033333333334,
  "fwhm_y": 1.6545933333333334,
  "fwhm_z": 1.53216,
  "gcor": 0.0314895,
  "gsr_x": 0.001689587370492518,
  "gsr_y": 0.0586840994656086,
  "provenance": {
    "md5sum": "ea52425e555eb7599e03807f1f0eeab9",
    "settings": {
      "fd_thres": 0.2,
      "testing": false
    },
    "software": "mriqc",
    "version": "23.0.1",
    "webapi_port": null,
    "webapi_url": "https://mriqc.nimh.nih.gov/api/v1"
  },
  "size_t": 125,
  "size_x": 64,
  "size_y": 64,
  "size_z": 38,
  "snr": 8.156103398072839,
  "spacing_tr": 2.0,
  "spacing_x": 3.0,
  "spacing_y": 3.0,
  "spacing_z": 3.0,
  "summary_bg_k": 11.95420648520642,
  "summary_bg_mad": 9.915644644076261,
  "summary_bg_mean": 36.55019760131836,
  "summary_bg_median": 10.51200008392334,
  "summary_bg_n": 76914.0,
  "summary_bg_p05": 3.136000156402588,
  "summary_bg_p95": 158.84800720214844,
  "summary_bg_stdv": 59.183738708496094,
  "summary_fg_k": 4.071780143814525,
  "summary_fg_mad": 46.36389603720277,
  "summary_fg_mean": 417.3192443847656,
  "summary_fg_median": 415.2160339355469,
  "summary_fg_n": 43504.0,
  "summary_fg_p05": 346.8812088012695,
  "summary_fg_p95": 497.2240295410156,
  "summary_fg_stdv": 50.908042907714844,
  "tsnr": 60.75795316323638
}