{
  "aor": 0.005421299212598425,
  "aqi": 0.02651563346456693,
  "bids_meta": {
    "AccelFactPE": 2,
    "AcquisitionNumber": 1,
    "AcquisitionTime": "10:41:8.565000",
    "BandwidthPerPixelPhaseEncode": 35.613,
    "BodyPartExamined": "BRAIN",
    "ConversionSoftware": "dcm2niix",
    "ConversionSoftwareVersion": "v1.0.20170724 GCC4.4.7",
    "DeviceSerialNumber": "67025",
    "EchoTime": 0.03,
    "EchoTrainLength": 51,
    "EffectiveEchoSpacing": 0.000359995,
    "FlipAngle": 65,
    "ImageType": [
      "ORIGINAL",
      "PRIMARY",
      "M",
      "ND",
      "NORM",
      "MOSAIC"
    ],
    "InstitutionAddress": "McClintock_3520A_Los_Angeles_CA_US_90089",
    "InstitutionName": "USC",
    "MagneticFieldStrength": 3,
    "Manufacturer": "Siemens",
    "ManufacturersModelName": "Prisma_fit",
    "PhaseEncodingDirection": "i-",
    "PhaseEncodingLines": 78,
    "ProcedureStepDescription": "Mara_Steve",
    "ProtocolName": "ring_shorter",
    "RepetitionTime": 1.2,
    "ScanningSequence": "EP",
    "SequenceName": "_epfid2d1_78",
    "SequenceVariant": "SK_OSP",
    "SeriesDescription": "ring_shorter",
    "SliceTiming": [
      0.59,
      0,
      0.65,
      0.06,
      0.7075,
      0.1175,
      0.7675,
      0.1775,
      0.8275,
      0.2375,
      0.885,
      0.295,
      0.945,
      0.355,
      1.0025,
      0.4125,
      1.0625,
      0.4725,
      1.1225,
      0.5325
    ],
    "SoftwareVersions": "syngo_MR_D13D",
    "TaskName": "ring",
    "TotalReadoutTime": 0.0363595,
    "TrueEchoSpacing": 0.000719991,
    "dataset": "ds003425",
    "modality": "bold",
    "run_id": 1,
    "session_id": "02",
    "subject_id": "09",
    "task_id": "ring"
  },
  "dummy_trs": 0,
  "dvars_nstd": 46.92060766861664,
  "dvars_std": 1.477260822806324,
  "dvars_vstd": 1.0604439223715416,
  "efc": 0.5200507798405931,
  "fber": 1905.69482421875,
  "fd_mean": 0.1821529331442845,
  "fd_num": 67,
  "fd_perc": 26.37795275590551,
  "fwhm_avg": 1.58571981599869,
  "fwhm_x": 1.647136501139384,
  "fwhm_y": 1.426554946856687,
  "fwhm_z": 1.683468,
  "gcor": 0.0207651,
  "gsr_x": -0.012718410231173038,
  "gsr_y": -0.003261065576225519,
  "provenance": {
    "md5sum": "5f3483bbeece17b77ab1be2c47f3da39",
    "settings": {
      "fd_thres": 0.2,
      "testing": false
    },
    "software": "mriqc",
    "version": "23.0.1",
    "webapi_port": null,
    "webapi_url": "https://mriqc.nimh.nih.gov/api/v1"
  },
  "size_t": 254,
  "size_x": 78,
  "size_y": 78,
  "size_z": 20,
  "snr": 7.302521395975014,
  "spacing_tr": 1.2000000476837158,
  "spacing_x": 2.461538553237915,
  "spacing_y": 2.461538553237915,
  "spacing_z": 2.5,
  "summary_bg_k": 14.80392624165961,
  "summary_bg_mad": 5.76697213344296,
  "summary_bg_mean": 25.793373107910156,
  "summary_bg_median": 7.688976287841797,
  "summary_bg_n": 77881.0,
  "summary_bg_p05": 3.224409341812134,
  "summary_bg_p95": 119.97637939453125,
  "summary_bg_stdv": 41.71077346801758,
  "summary_fg_k": 5.891985159134482,
  "summary_fg_mad": 40.18784972896812,
  "summary_fg_mean": 353.22723388671875,
  "summary_fg_median": 352.9881896972656,
  "summary_fg_n": 16781.0,
  "summary_fg_p05": 285.842529296875,
  "summary_fg_p95": 421.9488220214844,
  "summary_fg_stdv": 48.33641052246094,
  "tsnr": 41.96588458988117
}