{
  "aor": 0.008017839999999998,
  "aqi": 0.018631183840000003,
  "bids_meta": {
    "AccelFactPE": 2,
    "AcquisitionNumber": 1,
    "AcquisitionTime": "10:48:26.040000",
    "BandwidthPerPixelPhaseEncode": 43.879,
    "BodyPartExamined": "BRAIN",
    "ConversionSoftware": "dcm2niix",
    "ConversionSoftwareVersion": "v1.0.20170724 GCC4.4.7",
    "DeviceSerialNumber": "67025",
    "EchoTime": 0.025,
    "EchoTrainLength": 43,
    "EffectiveEchoSpacing": 0.000356093,
    "FlipAngle": 90,
    "ImageType": [
      "ORIGINAL",
      "PRIMARY",
      "M",
      "ND",
      "NORM",
      "MOSAIC"
    ],
    "InstitutionAddress": "McClintock_3520A_Los_Angeles_CA_US_90089",
    "InstitutionName": "USC",
    "MagneticFieldStrength": 3,
    "Manufacturer": "Siemens",
    "ManufacturersModelName": "Prisma_fit",
    "PhaseEncodingDirection": "j-",
    "PhaseEncodingLines": 64,
    "ProcedureStepDescription": "Mara_Steve",
    "ProtocolName": "regulate1",
    "RepetitionTime": 2,
    "ScanningSequence": "EP",
    "SequenceName": "_epfid2d1_64",
    "SequenceVariant": "SK_OSP",
    "SeriesDescription": "regulate1",
    "SliceTiming": [
      0.99,
      0,
      1.0425,
      0.0525,
      1.095,
      0.105,
      1.1475,
      0.1575,
      1.2,
      0.21,
      1.2525,
      0.2625,
      1.3025,
      0.3125,
      1.355,
      0.365,
      1.4075,
      0.4175,
      1.46,
      0.47,
      1.5125,
      0.5225,
      1.565,
      0.575,
      1.615,
      0.625,
      1.6675,
      0.6775,
      1.72,
      0.73,
      1.7725,
      0.7825,
      1.825,
      0.835,
      1.8775,
      0.8875,
      1.9275,
      0.94
    ],
    "SoftwareVersions": "syngo_MR_D13D",
    "TaskName": "regulate",
    "TotalReadoutTime": 0.0299118,
    "TrueEchoSpacing": 0.000712186,
    "dataset": "ds003425",
    "modality": "bold",
    "run_id": 1,
    "session_id": "02",
    "subject_id": "09",
    "task_id": "regulate"
  },
  "dummy_trs": 0,
  "dvars_nstd": 28.24403444411292,
  "dvars_std": 1.2836053038709678,
  "dvars_vstd": 1.0282383977419354,
  "efc": 0.6328415429321346,
  "fber": 1374.37451171875,
  "fd_mean": 0.2175941471997019,
  "fd_num": 44,
  "fd_perc": 35.2,
  "fwhm_avg": 1.5595377777777777,
  "fwhm_x": 1.44702,
  "fwhm_y": 1.6714200000000001,
  "fwhm_z": 1.5601733333333332,
  "gcor": 0.0373497,
  "gsr_x": 0.0011936775408685207,
  "gsr_y": 0.058972422033548355,
  "provenance": {
    "md5sum": "9e5bb0add5b9db3acdcc5d6a780ef240",
    "settings": {
      "fd_thres": 0.2,
      "testing": false
    },
    "software": "mriqc",
    "version": "23.0.1",
    "webapi_port": null,
    "webapi_url": "https://mriqc.nimh.nih.gov/api/v1"
  },
  "size_t": 125,
  "size_x": 64,
  "size_y": 64,
  "size_z": 38,
  "snr": 8.151439327889307,
  "spacing_tr": 2.0,
  "spacing_x": 3.0,
  "spacing_y": 3.0,
  "spacing_z": 3.0,
  "summary_bg_k": 12.471522539763251,
  "summary_bg_mad": 9.725871175521398,
  "summary_bg_mean": 36.299713134765625,
  "summary_bg_median": 10.464000701904297,
  "summary_bg_n": 76899.0,
  "summary_bg_p05": 3.2240002155303955,
  "summary_bg_p95": 157.12001037597656,
  "summary_bg_stdv": 59.19326400756836,
  "summary_fg_k": 3.794645408881312,
  "summary_fg_mad": 46.25716207011736,
  "summary_fg_mean": 416.0404052734375,
  "summary_fg_median": 413.6400146484375,
  "summary_fg_n": 43543.0,
  "summary_fg_p05": 346.08241577148436,
  "summary_fg_p95": 496.5360107421875,
  "summary_fg_stdv": 50.743831634521484,
  "tsnr": 54.50391861656681
}