{
  "aor": 0.012272319999999998,
  "aqi": 0.026153140800000006,
  "bids_meta": {
    "AccelFactPE": 2,
    "AcquisitionNumber": 1,
    "AcquisitionTime": "11:08:47.437500",
    "BandwidthPerPixelPhaseEncode": 43.879,
    "BodyPartExamined": "BRAIN",
    "ConversionSoftware": "dcm2niix",
    "ConversionSoftwareVersion": "v1.0.20170724 GCC4.4.7",
    "DeviceSerialNumber": "67025",
    "EchoTime": 0.025,
    "EchoTrainLength": 43,
    "EffectiveEchoSpacing": 0.000356093,
    "FlipAngle": 90,
    "ImageType": [
      "ORIGINAL",
      "PRIMARY",
      "M",
      "ND",
      "NORM",
      "MOSAIC"
    ],
    "InstitutionAddress": "McClintock_3520A_Los_Angeles_CA_US_90089",
    "InstitutionName": "USC",
    "MagneticFieldStrength": 3,
    "Manufacturer": "Siemens",
    "ManufacturersModelName": "Prisma_fit",
    "PhaseEncodingDirection": "j-",
    "PhaseEncodingLines": 64,
    "ProcedureStepDescription": "Mara_Steve",
    "ProtocolName": "regulate5",
    "RepetitionTime": 2,
    "ScanningSequence": "EP",
    "SequenceName": "_epfid2d1_64",
    "SequenceVariant": "SK_OSP",
    "SeriesDescription": "regulate5",
    "SliceTiming": [
      0.99,
      0,
      1.04,
      0.0525,
      1.0925,
      0.1025,
      1.145,
      0.155,
      1.1975,
      0.2075,
      1.25,
      0.26,
      1.3025,
      0.3125,
      1.355,
      0.365,
      1.405,
      0.415,
      1.4575,
      0.4675,
      1.51,
      0.52,
      1.5625,
      0.5725,
      1.615,
      0.625,
      1.6675,
      0.6775,
      1.7175,
      0.7275,
      1.77,
      0.78,
      1.8225,
      0.8325,
      1.875,
      0.885,
      1.9275,
      0.9375
    ],
    "SoftwareVersions": "syngo_MR_D13D",
    "TaskName": "regulate",
    "TotalReadoutTime": 0.0299118,
    "TrueEchoSpacing": 0.000712186,
    "dataset": "ds003425",
    "modality": "bold",
    "run_id": 5,
    "session_id": "02",
    "subject_id": "09",
    "task_id": "regulate"
  },
  "dummy_trs": 0,
  "dvars_nstd": 32.932088513225786,
  "dvars_std": 1.2963184516129032,
  "dvars_vstd": 1.0422546771774188,
  "efc": 0.6327843983615217,
  "fber": 1377.963134765625,
  "fd_mean": 0.3036341865555173,
  "fd_num": 68,
  "fd_perc": 54.4,
  "fwhm_avg": 1.5503666666666664,
  "fwhm_x": 1.4427199999999998,
  "fwhm_y": 1.6700466666666667,
  "fwhm_z": 1.5383333333333333,
  "gcor": 0.0626562,
  "gsr_x": 0.0020040918607264757,
  "gsr_y": 0.06043574959039688,
  "provenance": {
    "md5sum": "8e5837227f839849b025aaaef1d27ac6",
    "settings": {
      "fd_thres": 0.2,
      "testing": false
    },
    "software": "mriqc",
    "version": "23.0.1",
    "webapi_port": null,
    "webapi_url": "https://mriqc.nimh.nih.gov/api/v1"
  },
  "size_t": 125,
  "size_x": 64,
  "size_y": 64,
  "size_z": 38,
  "snr": 8.248397961306269,
  "spacing_tr": 2.0,
  "spacing_x": 3.0,
  "spacing_y": 3.0,
  "spacing_z": 3.0,
  "summary_bg_k": 11.717521338161028,
  "summary_bg_mad": 9.957156971732788,
  "summary_bg_mean": 36.66157531738281,
  "summary_bg_median": 10.612000465393066,
  "summary_bg_n": 77072.0,
  "summary_bg_p05": 3.248000144958496,
  "summary_bg_p95": 157.41480636596648,
  "summary_bg_stdv": 58.79808044433594,
  "summary_fg_k": 3.711228910169546,
  "summary_fg_mad": 45.99030452968932,
  "summary_fg_mean": 418.43109130859375,
  "summary_fg_median": 416.176025390625,
  "summary_fg_n": 43440.0,
  "summary_fg_p05": 348.1272216796875,
  "summary_fg_p95": 498.3200378417969,
  "summary_fg_stdv": 50.454795837402344,
  "tsnr": 46.54409408569336
}