{
  "aor": 0.0010319685039370077,
  "aqi": 0.025177221653543306,
  "bids_meta": {
    "AccelFactPE": 2,
    "AcquisitionNumber": 1,
    "AcquisitionTime": "10:33:28.275000",
    "BandwidthPerPixelPhaseEncode": 35.613,
    "BodyPartExamined": "BRAIN",
    "ConversionSoftware": "dcm2niix",
    "ConversionSoftwareVersion": "v1.0.20170724 GCC4.4.7",
    "DeviceSerialNumber": "67025",
    "EchoTime": 0.03,
    "EchoTrainLength": 51,
    "EffectiveEchoSpacing": 0.000359995,
    "FlipAngle": 65,
    "ImageType": [
      "ORIGINAL",
      "PRIMARY",
      "M",
      "ND",
      "NORM",
      "MOSAIC"
    ],
    "InstitutionAddress": "McClintock_3520A_Los_Angeles_CA_US_90089",
    "InstitutionName": "USC",
    "MagneticFieldStrength": 3,
    "Manufacturer": "Siemens",
    "ManufacturersModelName": "Prisma_fit",
    "PhaseEncodingDirection": "i-",
    "PhaseEncodingLines": 78,
    "ProcedureStepDescription": "Mara_Steve",
    "ProtocolName": "wedge_shorter",
    "RepetitionTime": 1.2,
    "ScanningSequence": "EP",
    "SequenceName": "_epfid2d1_78",
    "SequenceVariant": "SK_OSP",
    "SeriesDescription": "wedge_shorter",
    "SliceTiming": [
      0.59,
      0,
      0.65,
      0.06,
      0.71,
      0.12,
      0.7675,
      0.1775,
      0.8275,
      0.2375,
      0.885,
      0.295,
      0.945,
      0.355,
      1.005,
      0.415,
      1.0625,
      0.4725,
      1.1225,
      0.5325
    ],
    "SoftwareVersions": "syngo_MR_D13D",
    "TaskName": "wedge",
    "TotalReadoutTime": 0.0363595,
    "TrueEchoSpacing": 0.000719991,
    "dataset": "ds003425",
    "modality": "bold",
    "run_id": 1,
    "session_id": "02",
    "subject_id": "09",
    "task_id": "wedge"
  },
  "dummy_trs": 0,
  "dvars_nstd": 46.20243264754941,
  "dvars_std": 1.427198694901185,
  "dvars_vstd": 0.9929433867984188,
  "efc": 0.5193664387146102,
  "fber": 1942.9697265625,
  "fd_mean": 0.13918513127066512,
  "fd_num": 51,
  "fd_perc": 20.078740157480315,
  "fwhm_avg": 1.596719919929418,
  "fwhm_x": 1.660611813137389,
  "fwhm_y": 1.4320799466508647,
  "fwhm_z": 1.697468,
  "gcor": 0.0320379,
  "gsr_x": -0.01158563606441021,
  "gsr_y": -0.003626530524343252,
  "provenance": {
    "md5sum": "246f122f23eeba19543ca8a41768e43e",
    "settings": {
      "fd_thres": 0.2,
      "testing": false
    },
    "software": "mriqc",
    "version": "23.0.1",
    "webapi_port": null,
    "webapi_url": "https://mriqc.nimh.nih.gov/api/v1"
  },
  "size_t": 254,
  "size_x": 78,
  "size_y": 78,
  "size_z": 20,
  "snr": 7.339526325575507,
  "spacing_tr": 1.2000000476837158,
  "spacing_x": 2.461538553237915,
  "spacing_y": 2.461538553237915,
  "spacing_z": 2.5,
  "summary_bg_k": 14.381248535039418,
  "summary_bg_mad": 5.574350677218509,
  "summary_bg_mean": 25.453289031982422,
  "summary_bg_median": 7.641732215881348,
  "summary_bg_n": 77796.0,
  "summary_bg_p05": 3.2952756881713867,
  "summary_bg_p95": 118.97834777832031,
  "summary_bg_stdv": 41.18632125854492,
  "summary_fg_k": 6.585370954786821,
  "summary_fg_mad": 39.53998043066545,
  "summary_fg_mean": 352.9372253417969,
  "summary_fg_median": 352.4252014160156,
  "summary_fg_n": 16805.0,
  "summary_fg_p05": 286.31654663085936,
  "summary_fg_p95": 421.8779602050781,
  "summary_fg_stdv": 48.0160026550293,
  "tsnr": 44.14987506903708
}