{
  "aor": 0.007660645161290323,
  "aqi": 0.02739439838709678,
  "bids_meta": {
    "AccelFactPE": 2,
    "AcquisitionNumber": 1,
    "AcquisitionTime": "11:03:50.890000",
    "BandwidthPerPixelPhaseEncode": 43.879,
    "BodyPartExamined": "BRAIN",
    "ConversionSoftware": "dcm2niix",
    "ConversionSoftwareVersion": "v1.0.20170724 GCC4.4.7",
    "DeviceSerialNumber": "67025",
    "EchoTime": 0.025,
    "EchoTrainLength": 43,
    "EffectiveEchoSpacing": 0.000356093,
    "FlipAngle": 90,
    "ImageType": [
      "ORIGINAL",
      "PRIMARY",
      "M",
      "ND",
      "NORM",
      "MOSAIC"
    ],
    "InstitutionAddress": "McClintock_3520A_Los_Angeles_CA_US_90089",
    "InstitutionName": "USC",
    "MagneticFieldStrength": 3,
    "Manufacturer": "Siemens",
    "ManufacturersModelName": "Prisma_fit",
    "PhaseEncodingDirection": "j-",
    "PhaseEncodingLines": 64,
    "ProcedureStepDescription": "Mara_Steve",
    "ProtocolName": "regulate4",
    "RepetitionTime": 2,
    "ScanningSequence": "EP",
    "SequenceName": "_epfid2d1_64",
    "SequenceVariant": "SK_OSP",
    "SeriesDescription": "regulate4",
    "SliceTiming": [
      0.99,
      0,
      1.04,
      0.05,
      1.0925,
      0.1025,
      1.145,
      0.155,
      1.1975,
      0.2075,
      1.25,
      0.26,
      1.3025,
      0.3125,
      1.3525,
      0.3625,
      1.405,
      0.415,
      1.4575,
      0.4675,
      1.51,
      0.52,
      1.5625,
      0.5725,
      1.615,
      0.625,
      1.665,
      0.6775,
      1.7175,
      0.7275,
      1.77,
      0.78,
      1.8225,
      0.8325,
      1.875,
      0.885,
      1.9275,
      0.9375
    ],
    "SoftwareVersions": "syngo_MR_D13D",
    "TaskName": "regulate",
    "TotalReadoutTime": 0.0299118,
    "TrueEchoSpacing": 0.000712186,
    "dataset": "ds003425",
    "modality": "bold",
    "run_id": 4,
    "session_id": "02",
    "subject_id": "09",
    "task_id": "regulate"
  },
  "dummy_trs": 1,
  "dvars_nstd": 32.82623737634147,
  "dvars_std": 1.2109258528455287,
  "dvars_vstd": 0.992272671219512,
  "efc": 0.6327602257940612,
  "fber": 1444.28125,
  "fd_mean": 0.29817212550870326,
  "fd_num": 51,
  "fd_perc": 41.12903225806452,
  "fwhm_avg": 1.547592222222222,
  "fwhm_x": 1.4416066666666667,
  "fwhm_y": 1.6699599999999999,
  "fwhm_z": 1.53121,
  "gcor": 0.0445409,
  "gsr_x": 0.001889280043542385,
  "gsr_y": 0.0606396310031414,
  "provenance": {
    "md5sum": "049797bc3179431511d5123022a85aa5",
    "settings": {
      "fd_thres": 0.2,
      "testing": false
    },
    "software": "mriqc",
    "version": "23.0.1",
    "webapi_port": null,
    "webapi_url": "https://mriqc.nimh.nih.gov/api/v1"
  },
  "size_t": 124,
  "size_x": 64,
  "size_y": 64,
  "size_z": 38,
  "snr": 8.20314536449062,
  "spacing_tr": 2.0,
  "spacing_x": 3.0,
  "spacing_y": 3.0,
  "spacing_z": 3.0,
  "summary_bg_k": 11.964624870950267,
  "summary_bg_mad": 9.577131776299,
  "summary_bg_mean": 36.2193489074707,
  "summary_bg_median": 10.354838371276855,
  "summary_bg_n": 76999.0,
  "summary_bg_p05": 3.2338709831237793,
  "summary_bg_p95": 155.8475769042968,
  "summary_bg_stdv": 58.59347152709961,
  "summary_fg_k": 3.780641409640844,
  "summary_fg_mad": 46.01446558879216,
  "summary_fg_mean": 417.295654296875,
  "summary_fg_median": 414.9757995605469,
  "summary_fg_n": 43478.0,
  "summary_fg_p05": 347.36167602539064,
  "summary_fg_p95": 497.31451416015625,
  "summary_fg_stdv": 50.58681869506836,
  "tsnr": 46.151886148843914
}