{
  "aor": 0.004253599999999999,
  "aqi": 0.015432999440000001,
  "bids_meta": {
    "AccelFactPE": 2,
    "AcquisitionNumber": 1,
    "AcquisitionTime": "10:53:14.410000",
    "BandwidthPerPixelPhaseEncode": 43.879,
    "BodyPartExamined": "BRAIN",
    "ConversionSoftware": "dcm2niix",
    "ConversionSoftwareVersion": "v1.0.20170724 GCC4.4.7",
    "DeviceSerialNumber": "67025",
    "EchoTime": 0.025,
    "EchoTrainLength": 43,
    "EffectiveEchoSpacing": 0.000356093,
    "FlipAngle": 90,
    "ImageType": [
      "ORIGINAL",
      "PRIMARY",
      "M",
      "ND",
      "NORM",
      "MOSAIC"
    ],
    "InstitutionAddress": "McClintock_3520A_Los_Angeles_CA_US_90089",
    "InstitutionName": "USC",
    "MagneticFieldStrength": 3,
    "Manufacturer": "Siemens",
    "ManufacturersModelName": "Prisma_fit",
    "PhaseEncodingDirection": "j-",
    "PhaseEncodingLines": 64,
    "ProcedureStepDescription": "Mara_Steve",
    "ProtocolName": "regulate2",
    "RepetitionTime": 2,
    "ScanningSequence": "EP",
    "SequenceName": "_epfid2d1_64",
    "SequenceVariant": "SK_OSP",
    "SeriesDescription": "regulate2",
    "SliceTiming": [
      0.99,
      0,
      1.0425,
      0.0525,
      1.095,
      0.105,
      1.145,
      0.155,
      1.1975,
      0.2075,
      1.25,
      0.26,
      1.3025,
      0.3125,
      1.355,
      0.365,
      1.4075,
      0.4175,
      1.4575,
      0.4675,
      1.51,
      0.52,
      1.5625,
      0.5725,
      1.615,
      0.625,
      1.6675,
      0.6775,
      1.72,
      0.73,
      1.77,
      0.78,
      1.8225,
      0.8325,
      1.875,
      0.885,
      1.9275,
      0.9375
    ],
    "SoftwareVersions": "syngo_MR_D13D",
    "TaskName": "regulate",
    "TotalReadoutTime": 0.0299118,
    "TrueEchoSpacing": 0.000712186,
    "dataset": "ds003425",
    "modality": "bold",
    "run_id": 2,
    "session_id": "02",
    "subject_id": "09",
    "task_id": "regulate"
  },
  "dummy_trs": 0,
  "dvars_nstd": 28.41968307161291,
  "dvars_std": 1.2844156505645157,
  "dvars_vstd": 1.0169807837903229,
  "efc": 0.6326586699538959,
  "fber": 1369.4237060546875,
  "fd_mean": 0.21744471800375284,
  "fd_num": 46,
  "fd_perc": 36.8,
  "fwhm_avg": 1.542321111111111,
  "fwhm_x": 1.4290466666666666,
  "fwhm_y": 1.6598899999999999,
  "fwhm_z": 1.5380266666666669,
  "gcor": 0.0647762,
  "gsr_x": 0.0011990797938778996,
  "gsr_y": 0.0601840503513813,
  "provenance": {
    "md5sum": "4e9b72538c1f7f476e61b0fc3ec7792e",
    "settings": {
      "fd_thres": 0.2,
      "testing": false
    },
    "software": "mriqc",
    "version": "23.0.1",
    "webapi_port": null,
    "webapi_url": "https://mriqc.nimh.nih.gov/api/v1"
  },
  "size_t": 125,
  "size_x": 64,
  "size_y": 64,
  "size_z": 38,
  "snr": 8.177860464426493,
  "spacing_tr": 2.0,
  "spacing_x": 3.0,
  "spacing_y": 3.0,
  "spacing_z": 3.0,
  "summary_bg_k": 11.635970344075684,
  "summary_bg_mad": 9.903783272071712,
  "summary_bg_mean": 36.45849609375,
  "summary_bg_median": 10.544000625610352,
  "summary_bg_n": 77012.0,
  "summary_bg_p05": 3.192000150680542,
  "summary_bg_p95": 158.42760925292967,
  "summary_bg_stdv": 58.95989227294922,
  "summary_fg_k": 4.017116334901983,
  "summary_fg_mad": 46.031839833540275,
  "summary_fg_mean": 416.5782470703125,
  "summary_fg_median": 414.40802001953125,
  "summary_fg_n": 43403.0,
  "summary_fg_p05": 346.5680236816406,
  "summary_fg_p95": 496.7192321777344,
  "summary_fg_stdv": 50.673797607421875,
  "tsnr": 60.06296906177886
}