{
  "aor": 0.0012261600000000004,
  "aqi": 0.0078812596,
  "bids_meta": {
    "AccelFactPE": 2,
    "AcquisitionNumber": 1,
    "AcquisitionTime": "11:36:53.337500",
    "BandwidthPerPixelPhaseEncode": 43.879,
    "BodyPartExamined": "BRAIN",
    "ConversionSoftware": "dcm2niix",
    "ConversionSoftwareVersion": "v1.0.20170724 GCC4.4.7",
    "DeviceSerialNumber": "67025",
    "EchoTime": 0.025,
    "EchoTrainLength": 43,
    "EffectiveEchoSpacing": 0.000356093,
    "FlipAngle": 90,
    "ImageType": [
      "ORIGINAL",
      "PRIMARY",
      "M",
      "ND",
      "NORM",
      "MOSAIC"
    ],
    "InstitutionAddress": "McClintock_3520A_Los_Angeles_CA_US_90089",
    "InstitutionName": "USC",
    "MagneticFieldStrength": 3,
    "Manufacturer": "Siemens",
    "ManufacturersModelName": "Prisma_fit",
    "PhaseEncodingDirection": "j-",
    "PhaseEncodingLines": 64,
    "ProcedureStepDescription": "Mara_Steve",
    "ProtocolName": "learning3",
    "RepetitionTime": 2,
    "ScanningSequence": "EP",
    "SequenceName": "_epfid2d1_64",
    "SequenceVariant": "SK_OSP",
    "SeriesDescription": "learning3",
    "SliceTiming": [
      0.99,
      0,
      1.0425,
      0.0525,
      1.095,
      0.105,
      1.145,
      0.1575,
      1.1975,
      0.2075,
      1.25,
      0.26,
      1.3025,
      0.3125,
      1.355,
      0.365,
      1.4075,
      0.4175,
      1.46,
      0.47,
      1.51,
      0.52,
      1.5625,
      0.5725,
      1.615,
      0.625,
      1.6675,
      0.6775,
      1.72,
      0.73,
      1.7725,
      0.7825,
      1.8225,
      0.8325,
      1.875,
      0.885,
      1.9275,
      0.9375
    ],
    "SoftwareVersions": "syngo_MR_D13D",
    "TaskName": "learning",
    "TotalReadoutTime": 0.0299118,
    "TrueEchoSpacing": 0.000712186,
    "dataset": "ds003425",
    "modality": "bold",
    "run_id": 3,
    "session_id": "01",
    "subject_id": "07",
    "task_id": "learning"
  },
  "dummy_trs": 0,
  "dvars_nstd": 22.26408418556452,
  "dvars_std": 1.2396882914516125,
  "dvars_vstd": 1.002016122983871,
  "efc": 0.5767868083103719,
  "fber": 1840.4317626953125,
  "fd_mean": 0.13386119665167995,
  "fd_num": 15,
  "fd_perc": 12.0,
  "fwhm_avg": 1.5660088888888888,
  "fwhm_x": 1.47539,
  "fwhm_y": 1.67328,
  "fwhm_z": 1.5493566666666665,
  "gcor": 0.0219804,
  "gsr_x": -0.0046625626273453236,
  "gsr_y": 0.047531720250844955,
  "provenance": {
    "md5sum": "88f9cf89406bb8fee7711d11b71f5c8f",
    "settings": {
      "fd_thres": 0.2,
      "testing": false
    },
    "software": "mriqc",
    "version": "23.0.1",
    "webapi_port": null,
    "webapi_url": "https://mriqc.nimh.nih.gov/api/v1"
  },
  "size_t": 125,
  "size_x": 64,
  "size_y": 64,
  "size_z": 38,
  "snr": 8.528875968416074,
  "spacing_tr": 2.0,
  "spacing_x": 3.0,
  "spacing_y": 3.0,
  "spacing_z": 3.0,
  "summary_bg_k": 9.569178449203177,
  "summary_bg_mad": 8.19582558987708,
  "summary_bg_mean": 29.42401695251465,
  "summary_bg_median": 9.2160005569458,
  "summary_bg_n": 87318.0,
  "summary_bg_p05": 3.2240002155303955,
  "summary_bg_p95": 126.15320739746089,
  "summary_bg_stdv": 44.81045913696289,
  "summary_fg_k": 1.6024350913127057,
  "summary_fg_mad": 48.50481924811733,
  "summary_fg_mean": 410.2880859375,
  "summary_fg_median": 409.5360107421875,
  "summary_fg_n": 34148.0,
  "summary_fg_p05": 339.5308135986328,
  "summary_fg_p95": 485.1784240722656,
  "summary_fg_stdv": 48.01688003540039,
  "tsnr": 79.05910473782569
}