{
  "aor": 0.00249728,
  "aqi": 0.007591135599999999,
  "bids_meta": {
    "AccelFactPE": 2,
    "AcquisitionNumber": 1,
    "AcquisitionTime": "11:32:10.720000",
    "BandwidthPerPixelPhaseEncode": 43.879,
    "BodyPartExamined": "BRAIN",
    "ConversionSoftware": "dcm2niix",
    "ConversionSoftwareVersion": "v1.0.20170724 GCC4.4.7",
    "DeviceSerialNumber": "67025",
    "EchoTime": 0.025,
    "EchoTrainLength": 43,
    "EffectiveEchoSpacing": 0.000356093,
    "FlipAngle": 90,
    "ImageType": [
      "ORIGINAL",
      "PRIMARY",
      "M",
      "ND",
      "NORM",
      "MOSAIC"
    ],
    "InstitutionAddress": "McClintock_3520A_Los_Angeles_CA_US_90089",
    "InstitutionName": "USC",
    "MagneticFieldStrength": 3,
    "Manufacturer": "Siemens",
    "ManufacturersModelName": "Prisma_fit",
    "PhaseEncodingDirection": "j-",
    "PhaseEncodingLines": 64,
    "ProcedureStepDescription": "Mara_Steve",
    "ProtocolName": "learning2",
    "RepetitionTime": 2,
    "ScanningSequence": "EP",
    "SequenceName": "_epfid2d1_64",
    "SequenceVariant": "SK_OSP",
    "SeriesDescription": "learning2",
    "SliceTiming": [
      0.99,
      0,
      1.0425,
      0.0525,
      1.095,
      0.105,
      1.145,
      0.155,
      1.1975,
      0.2075,
      1.25,
      0.26,
      1.3025,
      0.3125,
      1.355,
      0.365,
      1.4075,
      0.4175,
      1.4575,
      0.4675,
      1.51,
      0.52,
      1.5625,
      0.5725,
      1.615,
      0.625,
      1.6675,
      0.6775,
      1.72,
      0.73,
      1.77,
      0.7825,
      1.8225,
      0.8325,
      1.875,
      0.885,
      1.9275,
      0.9375
    ],
    "SoftwareVersions": "syngo_MR_D13D",
    "TaskName": "learning",
    "TotalReadoutTime": 0.0299118,
    "TrueEchoSpacing": 0.000712186,
    "dataset": "ds003425",
    "modality": "bold",
    "run_id": 2,
    "session_id": "01",
    "subject_id": "07",
    "task_id": "learning"
  },
  "dummy_trs": 0,
  "dvars_nstd": 21.371554297903227,
  "dvars_std": 1.2447583866129028,
  "dvars_vstd": 1.0281603616129031,
  "efc": 0.5764227704796465,
  "fber": 1818.6748046875,
  "fd_mean": 0.1393172664111537,
  "fd_num": 21,
  "fd_perc": 16.8,
  "fwhm_avg": 1.5700144444444444,
  "fwhm_x": 1.4744433333333333,
  "fwhm_y": 1.6793133333333332,
  "fwhm_z": 1.5562866666666666,
  "gcor": 0.0313304,
  "gsr_x": -0.004492802545428276,
  "gsr_y": 0.04776332527399063,
  "provenance": {
    "md5sum": "1f37504ab4b8e80421232589d0d0473a",
    "settings": {
      "fd_thres": 0.2,
      "testing": false
    },
    "software": "mriqc",
    "version": "23.0.1",
    "webapi_port": null,
    "webapi_url": "https://mriqc.nimh.nih.gov/api/v1"
  },
  "size_t": 125,
  "size_x": 64,
  "size_y": 64,
  "size_z": 38,
  "snr": 8.541419510181816,
  "spacing_tr": 2.0,
  "spacing_x": 3.0,
  "spacing_y": 3.0,
  "spacing_z": 3.0,
  "summary_bg_k": 9.650857750630333,
  "summary_bg_mad": 8.195824882917252,
  "summary_bg_mean": 29.2803955078125,
  "summary_bg_median": 9.2160005569458,
  "summary_bg_n": 87341.0,
  "summary_bg_p05": 3.2160000801086426,
  "summary_bg_p95": 125.88800811767578,
  "summary_bg_stdv": 44.68996047973633,
  "summary_fg_k": 1.6065343308126865,
  "summary_fg_mad": 48.469211095469504,
  "summary_fg_mean": 409.7853698730469,
  "summary_fg_median": 409.1080322265625,
  "summary_fg_n": 34158.0,
  "summary_fg_p05": 339.43760375976564,
  "summary_fg_p95": 484.289224243164,
  "summary_fg_stdv": 47.89625930786133,
  "tsnr": 79.21997318370268
}