{
  "aor": 0.0034625599999999995,
  "aqi": 0.008109076160000001,
  "bids_meta": {
    "AccelFactPE": 2,
    "AcquisitionNumber": 1,
    "AcquisitionTime": "11:46:34.560000",
    "BandwidthPerPixelPhaseEncode": 43.879,
    "BodyPartExamined": "BRAIN",
    "ConversionSoftware": "dcm2niix",
    "ConversionSoftwareVersion": "v1.0.20170724 GCC4.4.7",
    "DeviceSerialNumber": "67025",
    "EchoTime": 0.025,
    "EchoTrainLength": 43,
    "EffectiveEchoSpacing": 0.000356093,
    "FlipAngle": 90,
    "ImageType": [
      "ORIGINAL",
      "PRIMARY",
      "M",
      "ND",
      "NORM",
      "MOSAIC"
    ],
    "InstitutionAddress": "McClintock_3520A_Los_Angeles_CA_US_90089",
    "InstitutionName": "USC",
    "MagneticFieldStrength": 3,
    "Manufacturer": "Siemens",
    "ManufacturersModelName": "Prisma_fit",
    "PhaseEncodingDirection": "j-",
    "PhaseEncodingLines": 64,
    "ProcedureStepDescription": "Mara_Steve",
    "ProtocolName": "learning5",
    "RepetitionTime": 2,
    "ScanningSequence": "EP",
    "SequenceName": "_epfid2d1_64",
    "SequenceVariant": "SK_OSP",
    "SeriesDescription": "learning5",
    "SliceTiming": [
      0.99,
      0,
      1.0425,
      0.0525,
      1.0925,
      0.1025,
      1.145,
      0.155,
      1.1975,
      0.2075,
      1.25,
      0.26,
      1.3025,
      0.3125,
      1.355,
      0.365,
      1.405,
      0.4175,
      1.4575,
      0.4675,
      1.51,
      0.52,
      1.5625,
      0.5725,
      1.615,
      0.625,
      1.6675,
      0.6775,
      1.72,
      0.73,
      1.77,
      0.78,
      1.8225,
      0.8325,
      1.875,
      0.885,
      1.9275,
      0.9375
    ],
    "SoftwareVersions": "syngo_MR_D13D",
    "TaskName": "learning",
    "TotalReadoutTime": 0.0299118,
    "TrueEchoSpacing": 0.000712186,
    "dataset": "ds003425",
    "modality": "bold",
    "run_id": 5,
    "session_id": "01",
    "subject_id": "07",
    "task_id": "learning"
  },
  "dummy_trs": 0,
  "dvars_nstd": 22.548422305403225,
  "dvars_std": 1.271064787258064,
  "dvars_vstd": 1.041229683951613,
  "efc": 0.5755125464993671,
  "fber": 1933.408203125,
  "fd_mean": 0.1496456257830985,
  "fd_num": 24,
  "fd_perc": 19.2,
  "fwhm_avg": 1.5589300000000001,
  "fwhm_x": 1.4650733333333334,
  "fwhm_y": 1.67365,
  "fwhm_z": 1.5380666666666667,
  "gcor": 0.0280015,
  "gsr_x": -0.0033836059737950563,
  "gsr_y": 0.048573970794677734,
  "provenance": {
    "md5sum": "15947e5a58c407fcc6ce844ca4dfe80f",
    "settings": {
      "fd_thres": 0.2,
      "testing": false
    },
    "software": "mriqc",
    "version": "23.0.1",
    "webapi_port": null,
    "webapi_url": "https://mriqc.nimh.nih.gov/api/v1"
  },
  "size_t": 125,
  "size_x": 64,
  "size_y": 64,
  "size_z": 38,
  "snr": 8.491851162660895,
  "spacing_tr": 2.0,
  "spacing_x": 3.0,
  "spacing_y": 3.0,
  "spacing_z": 3.0,
  "summary_bg_k": 9.538265707838281,
  "summary_bg_mad": 7.994191456277495,
  "summary_bg_mean": 29.10495376586914,
  "summary_bg_median": 9.016000747680664,
  "summary_bg_n": 87425.0,
  "summary_bg_p05": 3.1520001888275146,
  "summary_bg_p95": 124.90240631103518,
  "summary_bg_stdv": 44.603294372558594,
  "summary_fg_k": 1.8129627484771964,
  "summary_fg_mad": 48.81909399817042,
  "summary_fg_mean": 410.6019592285156,
  "summary_fg_median": 409.5520324707031,
  "summary_fg_n": 34172.0,
  "summary_fg_p05": 340.6284210205078,
  "summary_fg_p95": 485.3468231201171,
  "summary_fg_stdv": 48.22812271118164,
  "tsnr": 77.23649998102337
}