{
  "aor": 0.002622588235294118,
  "aqi": 0.006342492470588235,
  "bids_meta": {
    "AccelFactPE": 2,
    "AcquisitionNumber": 1,
    "AcquisitionTime": "11:23:17.545000",
    "BandwidthPerPixelPhaseEncode": 43.879,
    "BodyPartExamined": "BRAIN",
    "ConversionSoftware": "dcm2niix",
    "ConversionSoftwareVersion": "v1.0.20170724 GCC4.4.7",
    "DeviceSerialNumber": "67025",
    "EchoTime": 0.025,
    "EchoTrainLength": 43,
    "EffectiveEchoSpacing": 0.000356093,
    "FlipAngle": 90,
    "ImageType": [
      "ORIGINAL",
      "PRIMARY",
      "M",
      "ND",
      "NORM",
      "MOSAIC"
    ],
    "InstitutionAddress": "McClintock_3520A_Los_Angeles_CA_US_90089",
    "InstitutionName": "USC",
    "MagneticFieldStrength": 3,
    "Manufacturer": "Siemens",
    "ManufacturersModelName": "Prisma_fit",
    "PhaseEncodingDirection": "j-",
    "PhaseEncodingLines": 64,
    "ProcedureStepDescription": "Mara_Steve",
    "ProtocolName": "prelearning3",
    "RepetitionTime": 2,
    "ScanningSequence": "EP",
    "SequenceName": "_epfid2d1_64",
    "SequenceVariant": "SK_OSP",
    "SeriesDescription": "prelearning3",
    "SliceTiming": [
      0.99,
      0,
      1.0425,
      0.0525,
      1.095,
      0.105,
      1.1475,
      0.1575,
      1.1975,
      0.2075,
      1.25,
      0.26,
      1.3025,
      0.3125,
      1.355,
      0.365,
      1.4075,
      0.4175,
      1.46,
      0.47,
      1.51,
      0.5225,
      1.5625,
      0.5725,
      1.615,
      0.625,
      1.6675,
      0.6775,
      1.72,
      0.73,
      1.7725,
      0.7825,
      1.825,
      0.835,
      1.875,
      0.885,
      1.9275,
      0.9375
    ],
    "SoftwareVersions": "syngo_MR_D13D",
    "TaskName": "prelearning",
    "TotalReadoutTime": 0.0299118,
    "TrueEchoSpacing": 0.000712186,
    "dataset": "ds003425",
    "modality": "bold",
    "run_id": 3,
    "session_id": "01",
    "subject_id": "07",
    "task_id": "prelearning"
  },
  "dummy_trs": 0,
  "dvars_nstd": 22.27769803988095,
  "dvars_std": 1.2933186555952378,
  "dvars_vstd": 1.0306430502380952,
  "efc": 0.5766103537440499,
  "fber": 1829.7138671875,
  "fd_mean": 0.12754933180961553,
  "fd_num": 8,
  "fd_perc": 9.411764705882353,
  "fwhm_avg": 1.5730855555555554,
  "fwhm_x": 1.4796066666666665,
  "fwhm_y": 1.67533,
  "fwhm_z": 1.5643200000000002,
  "gcor": 0.0212145,
  "gsr_x": -0.004830234684050083,
  "gsr_y": 0.04793589934706688,
  "provenance": {
    "md5sum": "11e1c72b7f452e44eb53643066cf684f",
    "settings": {
      "fd_thres": 0.2,
      "testing": false
    },
    "software": "mriqc",
    "version": "23.0.1",
    "webapi_port": null,
    "webapi_url": "https://mriqc.nimh.nih.gov/api/v1"
  },
  "size_t": 85,
  "size_x": 64,
  "size_y": 64,
  "size_z": 38,
  "snr": 8.499768067207864,
  "spacing_tr": 2.0,
  "spacing_x": 3.0,
  "spacing_y": 3.0,
  "spacing_z": 3.0,
  "summary_bg_k": 9.62258065102579,
  "summary_bg_mad": 8.197918190969789,
  "summary_bg_mean": 29.29730796813965,
  "summary_bg_median": 9.18823528289795,
  "summary_bg_n": 87299.0,
  "summary_bg_p05": 3.188235282897949,
  "summary_bg_p95": 125.66000518798818,
  "summary_bg_stdv": 44.748077392578125,
  "summary_fg_k": 1.64986801993666,
  "summary_fg_mad": 48.960757436468185,
  "summary_fg_mean": 409.3821716308594,
  "summary_fg_median": 408.8823547363281,
  "summary_fg_n": 34207.0,
  "summary_fg_p05": 338.5682312011719,
  "summary_fg_p95": 484.0,
  "summary_fg_stdv": 48.10441589355469,
  "tsnr": 86.60969543200918
}