{
  "aor": 0.0043669387755102046,
  "aqi": 0.007505135204081633,
  "bids_meta": {
    "AccelFactPE": 2,
    "AcquisitionNumber": 1,
    "AcquisitionTime": "11:03:34.995000",
    "BandwidthPerPixelPhaseEncode": 43.879,
    "BodyPartExamined": "BRAIN",
    "ConversionSoftware": "dcm2niix",
    "ConversionSoftwareVersion": "v1.0.20170724 GCC4.4.7",
    "DeviceSerialNumber": "67025",
    "EchoTime": 0.025,
    "EchoTrainLength": 43,
    "EffectiveEchoSpacing": 0.000356093,
    "FlipAngle": 90,
    "ImageType": [
      "ORIGINAL",
      "PRIMARY",
      "M",
      "ND",
      "NORM",
      "MOSAIC"
    ],
    "InstitutionAddress": "McClintock_3520A_Los_Angeles_CA_US_90089",
    "InstitutionName": "USC",
    "MagneticFieldStrength": 3,
    "Manufacturer": "Siemens",
    "ManufacturersModelName": "Prisma_fit",
    "PhaseEncodingDirection": "j-",
    "PhaseEncodingLines": 64,
    "ProcedureStepDescription": "Mara_Steve",
    "ProtocolName": "training4",
    "RepetitionTime": 2,
    "ScanningSequence": "EP",
    "SequenceName": "_epfid2d1_64",
    "SequenceVariant": "SK_OSP",
    "SeriesDescription": "training4",
    "SliceTiming": [
      0.99,
      0,
      1.0425,
      0.0525,
      1.095,
      0.105,
      1.1475,
      0.1575,
      1.1975,
      0.2075,
      1.25,
      0.26,
      1.3025,
      0.3125,
      1.355,
      0.365,
      1.4075,
      0.4175,
      1.46,
      0.47,
      1.51,
      0.52,
      1.5625,
      0.5725,
      1.615,
      0.625,
      1.6675,
      0.6775,
      1.72,
      0.73,
      1.7725,
      0.7825,
      1.8225,
      0.8325,
      1.875,
      0.885,
      1.9275,
      0.9375
    ],
    "SoftwareVersions": "syngo_MR_D13D",
    "TaskName": "training",
    "TotalReadoutTime": 0.0299118,
    "TrueEchoSpacing": 0.000712186,
    "dataset": "ds003425",
    "modality": "bold",
    "run_id": 4,
    "session_id": "01",
    "subject_id": "07",
    "task_id": "training"
  },
  "dummy_trs": 0,
  "dvars_nstd": 23.35644761309278,
  "dvars_std": 1.318820889793814,
  "dvars_vstd": 1.0528145222680414,
  "efc": 0.5763723548892689,
  "fber": 1813.9481201171875,
  "fd_mean": 0.11721855021261779,
  "fd_num": 12,
  "fd_perc": 12.244897959183673,
  "fwhm_avg": 1.5679922222222222,
  "fwhm_x": 1.4680900000000001,
  "fwhm_y": 1.6856266666666666,
  "fwhm_z": 1.55026,
  "gcor": 0.0225424,
  "gsr_x": -0.006943546235561371,
  "gsr_y": 0.048393599689006805,
  "provenance": {
    "md5sum": "eb85f2fcddf6ef99aea81d93cdbbc9b2",
    "settings": {
      "fd_thres": 0.2,
      "testing": false
    },
    "software": "mriqc",
    "version": "23.0.1",
    "webapi_port": null,
    "webapi_url": "https://mriqc.nimh.nih.gov/api/v1"
  },
  "size_t": 98,
  "size_x": 64,
  "size_y": 64,
  "size_z": 38,
  "snr": 8.470340448526928,
  "spacing_tr": 2.0,
  "spacing_x": 3.0,
  "spacing_y": 3.0,
  "spacing_z": 3.0,
  "summary_bg_k": 10.242688618139267,
  "summary_bg_mad": 8.290469836933296,
  "summary_bg_mean": 28.96234893798828,
  "summary_bg_median": 9.255102157592773,
  "summary_bg_n": 87129.0,
  "summary_bg_p05": 3.18367338180542,
  "summary_bg_p95": 122.6897949218749,
  "summary_bg_stdv": 44.10438919067383,
  "summary_fg_k": 2.1054771953904368,
  "summary_fg_mad": 48.75190453605858,
  "summary_fg_mean": 409.9270324707031,
  "summary_fg_median": 409.2295837402344,
  "summary_fg_n": 34274.0,
  "summary_fg_p05": 339.3163146972656,
  "summary_fg_p95": 484.74845123291016,
  "summary_fg_stdv": 48.31253433227539,
  "tsnr": 80.32033904991113
}