{
  "aor": 0.00272288,
  "aqi": 0.010395462400000001,
  "bids_meta": {
    "AccelFactPE": 2,
    "AcquisitionNumber": 1,
    "AcquisitionTime": "11:41:37.930000",
    "BandwidthPerPixelPhaseEncode": 43.879,
    "BodyPartExamined": "BRAIN",
    "ConversionSoftware": "dcm2niix",
    "ConversionSoftwareVersion": "v1.0.20170724 GCC4.4.7",
    "DeviceSerialNumber": "67025",
    "EchoTime": 0.025,
    "EchoTrainLength": 43,
    "EffectiveEchoSpacing": 0.000356093,
    "FlipAngle": 90,
    "ImageType": [
      "ORIGINAL",
      "PRIMARY",
      "M",
      "ND",
      "NORM",
      "MOSAIC"
    ],
    "InstitutionAddress": "McClintock_3520A_Los_Angeles_CA_US_90089",
    "InstitutionName": "USC",
    "MagneticFieldStrength": 3,
    "Manufacturer": "Siemens",
    "ManufacturersModelName": "Prisma_fit",
    "PhaseEncodingDirection": "j-",
    "PhaseEncodingLines": 64,
    "ProcedureStepDescription": "Mara_Steve",
    "ProtocolName": "learning4",
    "RepetitionTime": 2,
    "ScanningSequence": "EP",
    "SequenceName": "_epfid2d1_64",
    "SequenceVariant": "SK_OSP",
    "SeriesDescription": "learning4",
    "SliceTiming": [
      0.99,
      0,
      1.04,
      0.05,
      1.0925,
      0.1025,
      1.145,
      0.155,
      1.1975,
      0.2075,
      1.25,
      0.26,
      1.3025,
      0.3125,
      1.3525,
      0.3625,
      1.405,
      0.415,
      1.4575,
      0.4675,
      1.51,
      0.52,
      1.5625,
      0.5725,
      1.615,
      0.625,
      1.665,
      0.6775,
      1.7175,
      0.7275,
      1.77,
      0.78,
      1.8225,
      0.8325,
      1.875,
      0.885,
      1.9275,
      0.9375
    ],
    "SoftwareVersions": "syngo_MR_D13D",
    "TaskName": "learning",
    "TotalReadoutTime": 0.0299118,
    "TrueEchoSpacing": 0.000712186,
    "dataset": "ds003425",
    "modality": "bold",
    "run_id": 4,
    "session_id": "01",
    "subject_id": "07",
    "task_id": "learning"
  },
  "dummy_trs": 0,
  "dvars_nstd": 23.698255446693555,
  "dvars_std": 1.2284290454838702,
  "dvars_vstd": 1.0087883095161285,
  "efc": 0.5765691516804557,
  "fber": 1800.9281005859375,
  "fd_mean": 0.18732148018470557,
  "fd_num": 41,
  "fd_perc": 32.8,
  "fwhm_avg": 1.5798211111111111,
  "fwhm_x": 1.4829100000000002,
  "fwhm_y": 1.6903866666666667,
  "fwhm_z": 1.5661666666666667,
  "gcor": 0.0215209,
  "gsr_x": -0.003848434193059802,
  "gsr_y": 0.04697749763727188,
  "provenance": {
    "md5sum": "1314b0c23a52500e1f5d1e2c1e306425",
    "settings": {
      "fd_thres": 0.2,
      "testing": false
    },
    "software": "mriqc",
    "version": "23.0.1",
    "webapi_port": null,
    "webapi_url": "https://mriqc.nimh.nih.gov/api/v1"
  },
  "size_t": 125,
  "size_x": 64,
  "size_y": 64,
  "size_z": 38,
  "snr": 8.577295372748257,
  "spacing_tr": 2.0,
  "spacing_x": 3.0,
  "spacing_y": 3.0,
  "spacing_z": 3.0,
  "summary_bg_k": 9.538728134010118,
  "summary_bg_mad": 8.195826296836909,
  "summary_bg_mean": 29.341766357421875,
  "summary_bg_median": 9.26400089263916,
  "summary_bg_n": 87346.0,
  "summary_bg_p05": 3.2400002479553223,
  "summary_bg_p95": 126.35000610351562,
  "summary_bg_stdv": 44.74238967895508,
  "summary_fg_k": 1.502071637989606,
  "summary_fg_mad": 48.32686897573627,
  "summary_fg_mean": 410.3746337890625,
  "summary_fg_median": 409.7240295410156,
  "summary_fg_n": 34168.0,
  "summary_fg_p05": 339.81641998291013,
  "summary_fg_p95": 484.6612335205078,
  "summary_fg_stdv": 47.76774215698242,
  "tsnr": 70.1428668149747
}