{
  "aor": 0.002672142857142857,
  "aqi": 0.006402914387755102,
  "bids_meta": {
    "AccelFactPE": 2,
    "AcquisitionNumber": 1,
    "AcquisitionTime": "10:51:52.755000",
    "BandwidthPerPixelPhaseEncode": 43.879,
    "BodyPartExamined": "BRAIN",
    "ConversionSoftware": "dcm2niix",
    "ConversionSoftwareVersion": "v1.0.20170724 GCC4.4.7",
    "DeviceSerialNumber": "67025",
    "EchoTime": 0.025,
    "EchoTrainLength": 43,
    "EffectiveEchoSpacing": 0.000356093,
    "FlipAngle": 90,
    "ImageType": [
      "ORIGINAL",
      "PRIMARY",
      "M",
      "ND",
      "NORM",
      "MOSAIC"
    ],
    "InstitutionAddress": "McClintock_3520A_Los_Angeles_CA_US_90089",
    "InstitutionName": "USC",
    "MagneticFieldStrength": 3,
    "Manufacturer": "Siemens",
    "ManufacturersModelName": "Prisma_fit",
    "PhaseEncodingDirection": "j-",
    "PhaseEncodingLines": 64,
    "ProcedureStepDescription": "Mara_Steve",
    "ProtocolName": "training3",
    "RepetitionTime": 2,
    "ScanningSequence": "EP",
    "SequenceName": "_epfid2d1_64",
    "SequenceVariant": "SK_OSP",
    "SeriesDescription": "training3",
    "SliceTiming": [
      0.99,
      0,
      1.0425,
      0.0525,
      1.095,
      0.105,
      1.1475,
      0.1575,
      1.2,
      0.21,
      1.2525,
      0.2625,
      1.3025,
      0.315,
      1.355,
      0.365,
      1.4075,
      0.4175,
      1.46,
      0.47,
      1.5125,
      0.5225,
      1.565,
      0.575,
      1.6175,
      0.6275,
      1.6675,
      0.6775,
      1.72,
      0.73,
      1.7725,
      0.7825,
      1.825,
      0.835,
      1.8775,
      0.8875,
      1.93,
      0.94
    ],
    "SoftwareVersions": "syngo_MR_D13D",
    "TaskName": "training",
    "TotalReadoutTime": 0.0299118,
    "TrueEchoSpacing": 0.000712186,
    "dataset": "ds003425",
    "modality": "bold",
    "run_id": 3,
    "session_id": "01",
    "subject_id": "07",
    "task_id": "training"
  },
  "dummy_trs": 0,
  "dvars_nstd": 23.869966723298965,
  "dvars_std": 1.4090925493814432,
  "dvars_vstd": 1.045692516185567,
  "efc": 0.5758520494329271,
  "fber": 1872.8406982421875,
  "fd_mean": 0.09979321203264048,
  "fd_num": 2,
  "fd_perc": 2.0408163265306123,
  "fwhm_avg": 1.5679244444444445,
  "fwhm_x": 1.4765566666666665,
  "fwhm_y": 1.6799366666666666,
  "fwhm_z": 1.54728,
  "gcor": 0.0173627,
  "gsr_x": -0.007049940060824156,
  "gsr_y": 0.04810602217912674,
  "provenance": {
    "md5sum": "b51011acd5e9c43a65d5e138b9597520",
    "settings": {
      "fd_thres": 0.2,
      "testing": false
    },
    "software": "mriqc",
    "version": "23.0.1",
    "webapi_port": null,
    "webapi_url": "https://mriqc.nimh.nih.gov/api/v1"
  },
  "size_t": 98,
  "size_x": 64,
  "size_y": 64,
  "size_z": 38,
  "snr": 8.456875068967964,
  "spacing_tr": 2.0,
  "spacing_x": 3.0,
  "spacing_y": 3.0,
  "spacing_z": 3.0,
  "summary_bg_k": 10.603803653313383,
  "summary_bg_mad": 8.260212309748367,
  "summary_bg_mean": 28.836475372314453,
  "summary_bg_median": 9.163265228271484,
  "summary_bg_n": 87069.0,
  "summary_bg_p05": 3.09183669090271,
  "summary_bg_p95": 122.25509643554688,
  "summary_bg_stdv": 44.264068603515625,
  "summary_fg_k": 1.946074601587811,
  "summary_fg_mad": 49.3192369706851,
  "summary_fg_mean": 410.903564453125,
  "summary_fg_median": 410.2449035644531,
  "summary_fg_n": 34342.0,
  "summary_fg_p05": 340.22499694824216,
  "summary_fg_p95": 485.8668304443359,
  "summary_fg_stdv": 48.509517669677734,
  "tsnr": 88.50292439642362
}