{
  "aor": 0.008181122448979592,
  "aqi": 0.008758813673469387,
  "bids_meta": {
    "AccelFactPE": 2,
    "AcquisitionNumber": 1,
    "AcquisitionTime": "11:07:37.430000",
    "BandwidthPerPixelPhaseEncode": 43.879,
    "BodyPartExamined": "BRAIN",
    "ConversionSoftware": "dcm2niix",
    "ConversionSoftwareVersion": "v1.0.20170724 GCC4.4.7",
    "DeviceSerialNumber": "67025",
    "EchoTime": 0.025,
    "EchoTrainLength": 43,
    "EffectiveEchoSpacing": 0.000356093,
    "FlipAngle": 90,
    "ImageType": [
      "ORIGINAL",
      "PRIMARY",
      "M",
      "ND",
      "NORM",
      "MOSAIC"
    ],
    "InstitutionAddress": "McClintock_3520A_Los_Angeles_CA_US_90089",
    "InstitutionName": "USC",
    "MagneticFieldStrength": 3,
    "Manufacturer": "Siemens",
    "ManufacturersModelName": "Prisma_fit",
    "PhaseEncodingDirection": "j-",
    "PhaseEncodingLines": 64,
    "ProcedureStepDescription": "Mara_Steve",
    "ProtocolName": "training5",
    "RepetitionTime": 2,
    "ScanningSequence": "EP",
    "SequenceName": "_epfid2d1_64",
    "SequenceVariant": "SK_OSP",
    "SeriesDescription": "training5",
    "SliceTiming": [
      0.99,
      0,
      1.0425,
      0.0525,
      1.0925,
      0.105,
      1.145,
      0.155,
      1.1975,
      0.2075,
      1.25,
      0.26,
      1.3025,
      0.3125,
      1.355,
      0.365,
      1.4075,
      0.4175,
      1.4575,
      0.4675,
      1.51,
      0.52,
      1.5625,
      0.5725,
      1.615,
      0.625,
      1.6675,
      0.6775,
      1.72,
      0.73,
      1.77,
      0.78,
      1.8225,
      0.8325,
      1.875,
      0.885,
      1.9275,
      0.9375
    ],
    "SoftwareVersions": "syngo_MR_D13D",
    "TaskName": "training",
    "TotalReadoutTime": 0.0299118,
    "TrueEchoSpacing": 0.000712186,
    "dataset": "ds003425",
    "modality": "bold",
    "run_id": 5,
    "session_id": "01",
    "subject_id": "07",
    "task_id": "training"
  },
  "dummy_trs": 0,
  "dvars_nstd": 24.513053658144326,
  "dvars_std": 1.3294926648453609,
  "dvars_vstd": 1.0786314336082476,
  "efc": 0.5764790351066903,
  "fber": 1819.1187744140625,
  "fd_mean": 0.17133546275767558,
  "fd_num": 20,
  "fd_perc": 20.408163265306122,
  "fwhm_avg": 1.5760788888888893,
  "fwhm_x": 1.4795866666666668,
  "fwhm_y": 1.69327,
  "fwhm_z": 1.5553800000000002,
  "gcor": 0.0261463,
  "gsr_x": -0.006600280292332172,
  "gsr_y": 0.04720243811607361,
  "provenance": {
    "md5sum": "fb2bae66aee9a7898fd0bb0cf10eeb9c",
    "settings": {
      "fd_thres": 0.2,
      "testing": false
    },
    "software": "mriqc",
    "version": "23.0.1",
    "webapi_port": null,
    "webapi_url": "https://mriqc.nimh.nih.gov/api/v1"
  },
  "size_t": 98,
  "size_x": 64,
  "size_y": 64,
  "size_z": 38,
  "snr": 8.473579916299782,
  "spacing_tr": 2.0,
  "spacing_x": 3.0,
  "spacing_y": 3.0,
  "spacing_z": 3.0,
  "summary_bg_k": 9.91161813791231,
  "summary_bg_mad": 8.39636994490085,
  "summary_bg_mean": 29.012025833129883,
  "summary_bg_median": 9.295918464660645,
  "summary_bg_n": 87145.0,
  "summary_bg_p05": 3.1632652282714844,
  "summary_bg_p95": 122.78367156982425,
  "summary_bg_stdv": 43.96165466308594,
  "summary_fg_k": 1.9733437417522781,
  "summary_fg_mad": 48.9712543760035,
  "summary_fg_mean": 410.2099609375,
  "summary_fg_median": 409.5306091308594,
  "summary_fg_n": 34315.0,
  "summary_fg_p05": 339.7285552978516,
  "summary_fg_p95": 484.6867218017578,
  "summary_fg_stdv": 48.32958984375,
  "tsnr": 72.8012357824482
}