{
  "aor": 0.001735058823529412,
  "aqi": 0.006795069999999999,
  "bids_meta": {
    "AccelFactPE": 2,
    "AcquisitionNumber": 1,
    "AcquisitionTime": "11:20:0.387500",
    "BandwidthPerPixelPhaseEncode": 43.879,
    "BodyPartExamined": "BRAIN",
    "ConversionSoftware": "dcm2niix",
    "ConversionSoftwareVersion": "v1.0.20170724 GCC4.4.7",
    "DeviceSerialNumber": "67025",
    "EchoTime": 0.025,
    "EchoTrainLength": 43,
    "EffectiveEchoSpacing": 0.000356093,
    "FlipAngle": 90,
    "ImageType": [
      "ORIGINAL",
      "PRIMARY",
      "M",
      "ND",
      "NORM",
      "MOSAIC"
    ],
    "InstitutionAddress": "McClintock_3520A_Los_Angeles_CA_US_90089",
    "InstitutionName": "USC",
    "MagneticFieldStrength": 3,
    "Manufacturer": "Siemens",
    "ManufacturersModelName": "Prisma_fit",
    "PhaseEncodingDirection": "j-",
    "PhaseEncodingLines": 64,
    "ProcedureStepDescription": "Mara_Steve",
    "ProtocolName": "prelearning2",
    "RepetitionTime": 2,
    "ScanningSequence": "EP",
    "SequenceName": "_epfid2d1_64",
    "SequenceVariant": "SK_OSP",
    "SeriesDescription": "prelearning2",
    "SliceTiming": [
      0.99,
      0,
      1.0425,
      0.0525,
      1.095,
      0.105,
      1.1475,
      0.1575,
      1.1975,
      0.2075,
      1.25,
      0.26,
      1.3025,
      0.3125,
      1.355,
      0.365,
      1.4075,
      0.4175,
      1.46,
      0.47,
      1.51,
      0.5225,
      1.5625,
      0.5725,
      1.615,
      0.625,
      1.6675,
      0.6775,
      1.72,
      0.73,
      1.7725,
      0.7825,
      1.825,
      0.835,
      1.875,
      0.885,
      1.9275,
      0.9375
    ],
    "SoftwareVersions": "syngo_MR_D13D",
    "TaskName": "prelearning",
    "TotalReadoutTime": 0.0299118,
    "TrueEchoSpacing": 0.000712186,
    "dataset": "ds003425",
    "modality": "bold",
    "run_id": 2,
    "session_id": "01",
    "subject_id": "07",
    "task_id": "prelearning"
  },
  "dummy_trs": 0,
  "dvars_nstd": 21.424872511785708,
  "dvars_std": 1.2598605759523804,
  "dvars_vstd": 1.0020233719047615,
  "efc": 0.5763278400969435,
  "fber": 1866.0667724609375,
  "fd_mean": 0.10090104057525455,
  "fd_num": 0,
  "fd_perc": 0.0,
  "fwhm_avg": 1.5687533333333334,
  "fwhm_x": 1.46973,
  "fwhm_y": 1.6727800000000002,
  "fwhm_z": 1.56375,
  "gcor": 0.0103701,
  "gsr_x": -0.005310649052262306,
  "gsr_y": 0.04781550168991089,
  "provenance": {
    "md5sum": "16e254f62b7e1407ecfd4e67c36292ee",
    "settings": {
      "fd_thres": 0.2,
      "testing": false
    },
    "software": "mriqc",
    "version": "23.0.1",
    "webapi_port": null,
    "webapi_url": "https://mriqc.nimh.nih.gov/api/v1"
  },
  "size_t": 85,
  "size_x": 64,
  "size_y": 64,
  "size_z": 38,
  "snr": 8.484923302068633,
  "spacing_tr": 2.0,
  "spacing_x": 3.0,
  "spacing_y": 3.0,
  "spacing_z": 3.0,
  "summary_bg_k": 9.751019073691069,
  "summary_bg_mad": 8.128148678963406,
  "summary_bg_mean": 29.09804916381836,
  "summary_bg_median": 9.117647171020508,
  "summary_bg_n": 87212.0,
  "summary_bg_p05": 3.1764707565307617,
  "summary_bg_p95": 124.83941421508779,
  "summary_bg_stdv": 44.472389221191406,
  "summary_fg_k": 1.5685141953877615,
  "summary_fg_mad": 49.03052588803482,
  "summary_fg_mean": 409.8165588378906,
  "summary_fg_median": 409.0941162109375,
  "summary_fg_n": 34280.0,
  "summary_fg_p05": 339.1994232177734,
  "summary_fg_p95": 485.02470550537106,
  "summary_fg_stdv": 48.21353530883789,
  "tsnr": 85.76022422884125
}