{
  "aor": 0.0012058400000000001,
  "aqi": 0.00640098464,
  "bids_meta": {
    "AccelFactPE": 2,
    "AcquisitionNumber": 1,
    "AcquisitionTime": "11:27:18.785000",
    "BandwidthPerPixelPhaseEncode": 43.879,
    "BodyPartExamined": "BRAIN",
    "ConversionSoftware": "dcm2niix",
    "ConversionSoftwareVersion": "v1.0.20170724 GCC4.4.7",
    "DeviceSerialNumber": "67025",
    "EchoTime": 0.025,
    "EchoTrainLength": 43,
    "EffectiveEchoSpacing": 0.000356093,
    "FlipAngle": 90,
    "ImageType": [
      "ORIGINAL",
      "PRIMARY",
      "M",
      "ND",
      "NORM",
      "MOSAIC"
    ],
    "InstitutionAddress": "McClintock_3520A_Los_Angeles_CA_US_90089",
    "InstitutionName": "USC",
    "MagneticFieldStrength": 3,
    "Manufacturer": "Siemens",
    "ManufacturersModelName": "Prisma_fit",
    "PhaseEncodingDirection": "j-",
    "PhaseEncodingLines": 64,
    "ProcedureStepDescription": "Mara_Steve",
    "ProtocolName": "learning1",
    "RepetitionTime": 2,
    "ScanningSequence": "EP",
    "SequenceName": "_epfid2d1_64",
    "SequenceVariant": "SK_OSP",
    "SeriesDescription": "learning1",
    "SliceTiming": [
      0.99,
      0,
      1.0425,
      0.0525,
      1.095,
      0.105,
      1.1475,
      0.1575,
      1.2,
      0.21,
      1.25,
      0.26,
      1.3025,
      0.3125,
      1.355,
      0.365,
      1.4075,
      0.4175,
      1.46,
      0.47,
      1.5125,
      0.5225,
      1.5625,
      0.575,
      1.615,
      0.625,
      1.6675,
      0.6775,
      1.72,
      0.73,
      1.7725,
      0.7825,
      1.825,
      0.835,
      1.8775,
      0.8875,
      1.9275,
      0.9375
    ],
    "SoftwareVersions": "syngo_MR_D13D",
    "TaskName": "learning",
    "TotalReadoutTime": 0.0299118,
    "TrueEchoSpacing": 0.000712186,
    "dataset": "ds003425",
    "modality": "bold",
    "run_id": 1,
    "session_id": "01",
    "subject_id": "07",
    "task_id": "learning"
  },
  "dummy_trs": 0,
  "dvars_nstd": 19.481591109032244,
  "dvars_std": 1.195509493145161,
  "dvars_vstd": 1.007308298709677,
  "efc": 0.5762605502945913,
  "fber": 1824.207763671875,
  "fd_mean": 0.1070651250339072,
  "fd_num": 6,
  "fd_perc": 4.8,
  "fwhm_avg": 1.5674555555555554,
  "fwhm_x": 1.4709733333333332,
  "fwhm_y": 1.6788233333333331,
  "fwhm_z": 1.55257,
  "gcor": 0.0220383,
  "gsr_x": -0.0048315091989934444,
  "gsr_y": 0.047476254403591156,
  "provenance": {
    "md5sum": "6ee1ca1c585d1bc47a32ad05ffca42fb",
    "settings": {
      "fd_thres": 0.2,
      "testing": false
    },
    "software": "mriqc",
    "version": "23.0.1",
    "webapi_port": null,
    "webapi_url": "https://mriqc.nimh.nih.gov/api/v1"
  },
  "size_t": 125,
  "size_x": 64,
  "size_y": 64,
  "size_z": 38,
  "snr": 8.498699732093476,
  "spacing_tr": 2.0,
  "spacing_x": 3.0,
  "spacing_y": 3.0,
  "spacing_z": 3.0,
  "summary_bg_k": 9.84269503785337,
  "summary_bg_mad": 8.255129268580603,
  "summary_bg_mean": 29.265716552734375,
  "summary_bg_median": 9.232000350952148,
  "summary_bg_n": 87297.0,
  "summary_bg_p05": 3.184000253677368,
  "summary_bg_p95": 125.35040893554678,
  "summary_bg_stdv": 44.78681182861328,
  "summary_fg_k": 1.6752410507549298,
  "summary_fg_mad": 48.92587321068486,
  "summary_fg_mean": 410.89337158203125,
  "summary_fg_median": 410.3440246582031,
  "summary_fg_n": 34205.0,
  "summary_fg_p05": 340.3152099609375,
  "summary_fg_p95": 486.10242919921876,
  "summary_fg_stdv": 48.282447814941406,
  "tsnr": 85.94256338081323
}