{
  "aor": 0.004325,
  "aqi": 0.008343405408163265,
  "bids_meta": {
    "AccelFactPE": 2,
    "AcquisitionNumber": 1,
    "AcquisitionTime": "10:44:17.292500",
    "BandwidthPerPixelPhaseEncode": 43.879,
    "BodyPartExamined": "BRAIN",
    "ConversionSoftware": "dcm2niix",
    "ConversionSoftwareVersion": "v1.0.20170724 GCC4.4.7",
    "DeviceSerialNumber": "67025",
    "EchoTime": 0.025,
    "EchoTrainLength": 43,
    "EffectiveEchoSpacing": 0.000356093,
    "FlipAngle": 90,
    "ImageType": [
      "ORIGINAL",
      "PRIMARY",
      "M",
      "ND",
      "NORM",
      "MOSAIC"
    ],
    "InstitutionAddress": "McClintock_3520A_Los_Angeles_CA_US_90089",
    "InstitutionName": "USC",
    "MagneticFieldStrength": 3,
    "Manufacturer": "Siemens",
    "ManufacturersModelName": "Prisma_fit",
    "PhaseEncodingDirection": "j-",
    "PhaseEncodingLines": 64,
    "ProcedureStepDescription": "Mara_Steve",
    "ProtocolName": "training1",
    "RepetitionTime": 2,
    "ScanningSequence": "EP",
    "SequenceName": "_epfid2d1_64",
    "SequenceVariant": "SK_OSP",
    "SeriesDescription": "training1",
    "SliceTiming": [
      0.99,
      0,
      1.04,
      0.05,
      1.0925,
      0.1025,
      1.145,
      0.155,
      1.1975,
      0.2075,
      1.25,
      0.26,
      1.3025,
      0.3125,
      1.3525,
      0.365,
      1.405,
      0.415,
      1.4575,
      0.4675,
      1.51,
      0.52,
      1.5625,
      0.5725,
      1.615,
      0.625,
      1.6675,
      0.6775,
      1.7175,
      0.7275,
      1.77,
      0.78,
      1.8225,
      0.8325,
      1.875,
      0.885,
      1.9275,
      0.9375
    ],
    "SoftwareVersions": "syngo_MR_D13D",
    "TaskName": "training",
    "TotalReadoutTime": 0.0299118,
    "TrueEchoSpacing": 0.000712186,
    "dataset": "ds003425",
    "modality": "bold",
    "run_id": 1,
    "session_id": "01",
    "subject_id": "07",
    "task_id": "training"
  },
  "dummy_trs": 0,
  "dvars_nstd": 23.401026873505153,
  "dvars_std": 1.3366367285567018,
  "dvars_vstd": 1.045264806082475,
  "efc": 0.5750074588906343,
  "fber": 1764.4549560546875,
  "fd_mean": 0.08036904607294613,
  "fd_num": 4,
  "fd_perc": 4.081632653061225,
  "fwhm_avg": 1.5873366666666664,
  "fwhm_x": 1.4985566666666665,
  "fwhm_y": 1.6862133333333331,
  "fwhm_z": 1.57724,
  "gcor": 0.0341065,
  "gsr_x": -0.007934795692563057,
  "gsr_y": 0.047358471900224686,
  "provenance": {
    "md5sum": "0ab9b7db4cf09d36f03bfa81c08e1cde",
    "settings": {
      "fd_thres": 0.2,
      "testing": false
    },
    "software": "mriqc",
    "version": "23.0.1",
    "webapi_port": null,
    "webapi_url": "https://mriqc.nimh.nih.gov/api/v1"
  },
  "size_t": 98,
  "size_x": 64,
  "size_y": 64,
  "size_z": 38,
  "snr": 8.293178541962005,
  "spacing_tr": 2.0,
  "spacing_x": 3.0,
  "spacing_y": 3.0,
  "spacing_z": 3.0,
  "summary_bg_k": 9.937922684637165,
  "summary_bg_mad": 8.078668560558443,
  "summary_bg_mean": 27.688562393188477,
  "summary_bg_median": 9.10204029083252,
  "summary_bg_n": 87170.0,
  "summary_bg_p05": 3.1530611515045166,
  "summary_bg_p95": 117.34795570373541,
  "summary_bg_stdv": 41.6883430480957,
  "summary_fg_k": 1.7656679067778471,
  "summary_fg_mad": 48.01815941345405,
  "summary_fg_mean": 399.5893859863281,
  "summary_fg_median": 398.9183654785156,
  "summary_fg_n": 34219.0,
  "summary_fg_p05": 328.7530548095703,
  "summary_fg_p95": 474.7142639160156,
  "summary_fg_stdv": 48.10128402709961,
  "tsnr": 76.61610386578832
}