{
  "aor": 0.011148469387755102,
  "aqi": 0.008992880816326529,
  "bids_meta": {
    "AccelFactPE": 2,
    "AcquisitionNumber": 1,
    "AcquisitionTime": "10:48:11.195000",
    "BandwidthPerPixelPhaseEncode": 43.879,
    "BodyPartExamined": "BRAIN",
    "ConversionSoftware": "dcm2niix",
    "ConversionSoftwareVersion": "v1.0.20170724 GCC4.4.7",
    "DeviceSerialNumber": "67025",
    "EchoTime": 0.025,
    "EchoTrainLength": 43,
    "EffectiveEchoSpacing": 0.000356093,
    "FlipAngle": 90,
    "ImageType": [
      "ORIGINAL",
      "PRIMARY",
      "M",
      "ND",
      "NORM",
      "MOSAIC"
    ],
    "InstitutionAddress": "McClintock_3520A_Los_Angeles_CA_US_90089",
    "InstitutionName": "USC",
    "MagneticFieldStrength": 3,
    "Manufacturer": "Siemens",
    "ManufacturersModelName": "Prisma_fit",
    "PhaseEncodingDirection": "j-",
    "PhaseEncodingLines": 64,
    "ProcedureStepDescription": "Mara_Steve",
    "ProtocolName": "training2",
    "RepetitionTime": 2,
    "ScanningSequence": "EP",
    "SequenceName": "_epfid2d1_64",
    "SequenceVariant": "SK_OSP",
    "SeriesDescription": "training2",
    "SliceTiming": [
      0.99,
      0,
      1.04,
      0.05,
      1.0925,
      0.1025,
      1.145,
      0.155,
      1.1975,
      0.2075,
      1.25,
      0.26,
      1.3025,
      0.3125,
      1.3525,
      0.365,
      1.405,
      0.415,
      1.4575,
      0.4675,
      1.51,
      0.52,
      1.5625,
      0.5725,
      1.615,
      0.625,
      1.6675,
      0.6775,
      1.7175,
      0.7275,
      1.77,
      0.78,
      1.8225,
      0.8325,
      1.875,
      0.885,
      1.9275,
      0.9375
    ],
    "SoftwareVersions": "syngo_MR_D13D",
    "TaskName": "training",
    "TotalReadoutTime": 0.0299118,
    "TrueEchoSpacing": 0.000712186,
    "dataset": "ds003425",
    "modality": "bold",
    "run_id": 2,
    "session_id": "01",
    "subject_id": "07",
    "task_id": "training"
  },
  "dummy_trs": 0,
  "dvars_nstd": 24.957597280103098,
  "dvars_std": 1.372350706082475,
  "dvars_vstd": 1.0911548658762886,
  "efc": 0.5757708875790131,
  "fber": 1834.9405517578125,
  "fd_mean": 0.13477582796435522,
  "fd_num": 8,
  "fd_perc": 8.16326530612245,
  "fwhm_avg": 1.5737733333333335,
  "fwhm_x": 1.48738,
  "fwhm_y": 1.6927766666666668,
  "fwhm_z": 1.5411633333333334,
  "gcor": 0.017748,
  "gsr_x": -0.007241331972181797,
  "gsr_y": 0.04837477207183838,
  "provenance": {
    "md5sum": "c618d9aee856cc786ba4462e9c9cdfc4",
    "settings": {
      "fd_thres": 0.2,
      "testing": false
    },
    "software": "mriqc",
    "version": "23.0.1",
    "webapi_port": null,
    "webapi_url": "https://mriqc.nimh.nih.gov/api/v1"
  },
  "size_t": 98,
  "size_x": 64,
  "size_y": 64,
  "size_z": 38,
  "snr": 8.426468593716148,
  "spacing_tr": 2.0,
  "spacing_x": 3.0,
  "spacing_y": 3.0,
  "spacing_z": 3.0,
  "summary_bg_k": 10.750417007214688,
  "summary_bg_mad": 8.124055028075794,
  "summary_bg_mean": 28.787736892700195,
  "summary_bg_median": 9.163265228271484,
  "summary_bg_n": 87122.0,
  "summary_bg_p05": 3.1938774585723877,
  "summary_bg_p95": 121.5280582427977,
  "summary_bg_stdv": 44.27758026123047,
  "summary_fg_k": 2.139300702865733,
  "summary_fg_mad": 48.81997628403654,
  "summary_fg_mean": 409.7176513671875,
  "summary_fg_median": 408.9285583496094,
  "summary_fg_n": 34270.0,
  "summary_fg_p05": 339.2550964355469,
  "summary_fg_p95": 484.2550964355469,
  "summary_fg_stdv": 48.52834701538086,
  "tsnr": 72.69767866423354
}