{
  "aor": 0.0023741176470588234,
  "aqi": 0.006422068352941176,
  "bids_meta": {
    "AccelFactPE": 2,
    "AcquisitionNumber": 1,
    "AcquisitionTime": "11:16:13.127500",
    "BandwidthPerPixelPhaseEncode": 43.879,
    "BodyPartExamined": "BRAIN",
    "ConversionSoftware": "dcm2niix",
    "ConversionSoftwareVersion": "v1.0.20170724 GCC4.4.7",
    "DeviceSerialNumber": "67025",
    "EchoTime": 0.025,
    "EchoTrainLength": 43,
    "EffectiveEchoSpacing": 0.000356093,
    "FlipAngle": 90,
    "ImageType": [
      "ORIGINAL",
      "PRIMARY",
      "M",
      "ND",
      "NORM",
      "MOSAIC"
    ],
    "InstitutionAddress": "McClintock_3520A_Los_Angeles_CA_US_90089",
    "InstitutionName": "USC",
    "MagneticFieldStrength": 3,
    "Manufacturer": "Siemens",
    "ManufacturersModelName": "Prisma_fit",
    "PhaseEncodingDirection": "j-",
    "PhaseEncodingLines": 64,
    "ProcedureStepDescription": "Mara_Steve",
    "ProtocolName": "prelearning1",
    "RepetitionTime": 2,
    "ScanningSequence": "EP",
    "SequenceName": "_epfid2d1_64",
    "SequenceVariant": "SK_OSP",
    "SeriesDescription": "prelearning1",
    "SliceTiming": [
      0.99,
      0,
      1.0425,
      0.0525,
      1.095,
      0.105,
      1.1475,
      0.1575,
      1.2,
      0.21,
      1.2525,
      0.2625,
      1.3025,
      0.3125,
      1.355,
      0.365,
      1.4075,
      0.4175,
      1.46,
      0.47,
      1.5125,
      0.5225,
      1.565,
      0.575,
      1.615,
      0.625,
      1.6675,
      0.6775,
      1.72,
      0.73,
      1.7725,
      0.7825,
      1.825,
      0.835,
      1.8775,
      0.8875,
      1.9275,
      0.9375
    ],
    "SoftwareVersions": "syngo_MR_D13D",
    "TaskName": "prelearning",
    "TotalReadoutTime": 0.0299118,
    "TrueEchoSpacing": 0.000712186,
    "dataset": "ds003425",
    "modality": "bold",
    "run_id": 1,
    "session_id": "01",
    "subject_id": "07",
    "task_id": "prelearning"
  },
  "dummy_trs": 0,
  "dvars_nstd": 22.513118767261908,
  "dvars_std": 1.2863200858333332,
  "dvars_vstd": 1.030257128928572,
  "efc": 0.5752942687328139,
  "fber": 1868.7158203125,
  "fd_mean": 0.12857810761392588,
  "fd_num": 11,
  "fd_perc": 12.941176470588236,
  "fwhm_avg": 1.5730288888888888,
  "fwhm_x": 1.47267,
  "fwhm_y": 1.6823433333333335,
  "fwhm_z": 1.5640733333333332,
  "gcor": 0.0205756,
  "gsr_x": -0.005627340637147427,
  "gsr_y": 0.047423332929611206,
  "provenance": {
    "md5sum": "6448809d4b80982d52f7c726df6af5c0",
    "settings": {
      "fd_thres": 0.2,
      "testing": false
    },
    "software": "mriqc",
    "version": "23.0.1",
    "webapi_port": null,
    "webapi_url": "https://mriqc.nimh.nih.gov/api/v1"
  },
  "size_t": 85,
  "size_x": 64,
  "size_y": 64,
  "size_z": 38,
  "snr": 8.48715012391527,
  "spacing_tr": 2.0,
  "spacing_x": 3.0,
  "spacing_y": 3.0,
  "spacing_z": 3.0,
  "summary_bg_k": 10.048482316192818,
  "summary_bg_mad": 8.075821986808513,
  "summary_bg_mean": 28.710296630859375,
  "summary_bg_median": 9.094118118286133,
  "summary_bg_n": 87229.0,
  "summary_bg_p05": 3.164705991744995,
  "summary_bg_p95": 123.06588134765614,
  "summary_bg_stdv": 43.947654724121094,
  "summary_fg_k": 1.7045884664522841,
  "summary_fg_mad": 48.9956416622515,
  "summary_fg_mean": 408.9178466796875,
  "summary_fg_median": 408.435302734375,
  "summary_fg_n": 34228.0,
  "summary_fg_p05": 338.3176574707031,
  "summary_fg_p95": 483.37235260009766,
  "summary_fg_stdv": 48.123260498046875,
  "tsnr": 86.2262141131796
}