{
  "aor": 0.0015856000000000002,
  "aqi": 0.00747996864,
  "bids_meta": {
    "AccelFactPE": 2,
    "AcquisitionNumber": 1,
    "AcquisitionTime": "15:46:45.847500",
    "BandwidthPerPixelPhaseEncode": 43.879,
    "BodyPartExamined": "BRAIN",
    "ConversionSoftware": "dcm2niix",
    "ConversionSoftwareVersion": "v1.0.20170724 GCC4.4.7",
    "DeviceSerialNumber": "67025",
    "EchoTime": 0.025,
    "EchoTrainLength": 43,
    "EffectiveEchoSpacing": 0.000356093,
    "FlipAngle": 90,
    "ImageType": [
      "ORIGINAL",
      "PRIMARY",
      "M",
      "ND",
      "NORM",
      "MOSAIC"
    ],
    "InstitutionAddress": "McClintock_3520A_Los_Angeles_CA_US_90089",
    "InstitutionName": "USC",
    "MagneticFieldStrength": 3,
    "Manufacturer": "Siemens",
    "ManufacturersModelName": "Prisma_fit",
    "PhaseEncodingDirection": "j-",
    "PhaseEncodingLines": 64,
    "ProcedureStepDescription": "Mara_Steve",
    "ProtocolName": "learning5",
    "RepetitionTime": 2,
    "ScanningSequence": "EP",
    "SequenceName": "_epfid2d1_64",
    "SequenceVariant": "SK_OSP",
    "SeriesDescription": "learning5",
    "SliceTiming": [
      0.99,
      0,
      1.0425,
      0.0525,
      1.095,
      0.105,
      1.145,
      0.155,
      1.1975,
      0.2075,
      1.25,
      0.26,
      1.3025,
      0.3125,
      1.355,
      0.365,
      1.4075,
      0.4175,
      1.4575,
      0.47,
      1.51,
      0.52,
      1.5625,
      0.5725,
      1.615,
      0.625,
      1.6675,
      0.6775,
      1.72,
      0.73,
      1.7725,
      0.7825,
      1.8225,
      0.8325,
      1.875,
      0.885,
      1.9275,
      0.9375
    ],
    "SoftwareVersions": "syngo_MR_D13D",
    "TaskName": "learning",
    "TotalReadoutTime": 0.0299118,
    "TrueEchoSpacing": 0.000712186,
    "dataset": "ds003425",
    "modality": "bold",
    "run_id": 5,
    "session_id": "01",
    "subject_id": "13",
    "task_id": "learning"
  },
  "dummy_trs": 0,
  "dvars_nstd": 21.384012406693536,
  "dvars_std": 1.3406260054838708,
  "dvars_vstd": 1.0136981647580643,
  "efc": 0.5879614705028406,
  "fber": 2497.957763671875,
  "fd_mean": 0.05333603341349079,
  "fd_num": 2,
  "fd_perc": 1.6,
  "fwhm_avg": 1.5953555555555556,
  "fwhm_x": 1.4560333333333333,
  "fwhm_y": 1.7094033333333334,
  "fwhm_z": 1.62063,
  "gcor": 0.0126428,
  "gsr_x": -0.000694678514264524,
  "gsr_y": 0.04029395058751106,
  "provenance": {
    "md5sum": "f19da79827c442291ab4ffc6ebf32a85",
    "settings": {
      "fd_thres": 0.2,
      "testing": false
    },
    "software": "mriqc",
    "version": "23.0.1",
    "webapi_port": null,
    "webapi_url": "https://mriqc.nimh.nih.gov/api/v1"
  },
  "size_t": 125,
  "size_x": 64,
  "size_y": 64,
  "size_z": 38,
  "snr": 8.324314008155639,
  "spacing_tr": 2.0,
  "spacing_x": 3.0,
  "spacing_y": 3.0,
  "spacing_z": 3.0,
  "summary_bg_k": 15.336385396655213,
  "summary_bg_mad": 6.10832167753255,
  "summary_bg_mean": 22.988218307495117,
  "summary_bg_median": 7.63200044631958,
  "summary_bg_n": 82000.0,
  "summary_bg_p05": 2.936000108718872,
  "summary_bg_p95": 95.2096076965333,
  "summary_bg_stdv": 38.30685043334961,
  "summary_fg_k": 1.8359311454057528,
  "summary_fg_mad": 47.31282842028132,
  "summary_fg_mean": 394.2625427246094,
  "summary_fg_median": 393.1920166015625,
  "summary_fg_n": 38987.0,
  "summary_fg_p05": 324.682421875,
  "summary_fg_p95": 468.89122924804684,
  "summary_fg_stdv": 47.233558654785156,
  "tsnr": 87.97725092805922
}