{
  "aor": 0.0012116326530612245,
  "aqi": 0.012311369285714286,
  "bids_meta": {
    "AccelFactPE": 2,
    "AcquisitionNumber": 1,
    "AcquisitionTime": "14:52:46.250000",
    "BandwidthPerPixelPhaseEncode": 43.879,
    "BodyPartExamined": "BRAIN",
    "ConversionSoftware": "dcm2niix",
    "ConversionSoftwareVersion": "v1.0.20170724 GCC4.4.7",
    "DeviceSerialNumber": "67025",
    "EchoTime": 0.025,
    "EchoTrainLength": 43,
    "EffectiveEchoSpacing": 0.000356093,
    "FlipAngle": 90,
    "ImageType": [
      "ORIGINAL",
      "PRIMARY",
      "M",
      "ND",
      "NORM",
      "MOSAIC"
    ],
    "InstitutionAddress": "McClintock_3520A_Los_Angeles_CA_US_90089",
    "InstitutionName": "USC",
    "MagneticFieldStrength": 3,
    "Manufacturer": "Siemens",
    "ManufacturersModelName": "Prisma_fit",
    "PhaseEncodingDirection": "j-",
    "PhaseEncodingLines": 64,
    "ProcedureStepDescription": "Mara_Steve",
    "ProtocolName": "training1",
    "RepetitionTime": 2,
    "ScanningSequence": "EP",
    "SequenceName": "_epfid2d1_64",
    "SequenceVariant": "SK_OSP",
    "SeriesDescription": "training1",
    "SliceTiming": [
      0.99,
      0,
      1.04,
      0.05,
      1.0925,
      0.1025,
      1.145,
      0.155,
      1.1975,
      0.2075,
      1.25,
      0.26,
      1.3025,
      0.3125,
      1.3525,
      0.3625,
      1.405,
      0.415,
      1.4575,
      0.4675,
      1.51,
      0.52,
      1.5625,
      0.5725,
      1.615,
      0.625,
      1.665,
      0.6775,
      1.7175,
      0.7275,
      1.77,
      0.78,
      1.8225,
      0.8325,
      1.875,
      0.885,
      1.9275,
      0.9375
    ],
    "SoftwareVersions": "syngo_MR_D13D",
    "TaskName": "training",
    "TotalReadoutTime": 0.0299118,
    "TrueEchoSpacing": 0.000712186,
    "dataset": "ds003425",
    "modality": "bold",
    "run_id": 1,
    "session_id": "01",
    "subject_id": "13",
    "task_id": "training"
  },
  "dummy_trs": 0,
  "dvars_nstd": 20.98368116752577,
  "dvars_std": 1.25228422185567,
  "dvars_vstd": 0.9738537672164947,
  "efc": 0.5838076192422536,
  "fber": 2808.852294921875,
  "fd_mean": 0.05354416068554182,
  "fd_num": 0,
  "fd_perc": 0.0,
  "fwhm_avg": 1.5818122222222222,
  "fwhm_x": 1.4475066666666667,
  "fwhm_y": 1.6933233333333335,
  "fwhm_z": 1.6046066666666665,
  "gcor": 0.0132253,
  "gsr_x": 0.001034766435623169,
  "gsr_y": 0.04148518294095993,
  "provenance": {
    "md5sum": "026f45d25366f1e730a1aca4e65531a3",
    "settings": {
      "fd_thres": 0.2,
      "testing": false
    },
    "software": "mriqc",
    "version": "23.0.1",
    "webapi_port": null,
    "webapi_url": "https://mriqc.nimh.nih.gov/api/v1"
  },
  "size_t": 98,
  "size_x": 64,
  "size_y": 64,
  "size_z": 38,
  "snr": 8.37438065297107,
  "spacing_tr": 2.0,
  "spacing_x": 3.0,
  "spacing_y": 3.0,
  "spacing_z": 3.0,
  "summary_bg_k": 16.39692695793053,
  "summary_bg_mad": 5.688351484382282,
  "summary_bg_mean": 21.997119903564453,
  "summary_bg_median": 7.142857074737549,
  "summary_bg_n": 82396.0,
  "summary_bg_p05": 2.765305995941162,
  "summary_bg_p95": 91.00255012512207,
  "summary_bg_stdv": 37.6609992980957,
  "summary_fg_k": 2.0871232558453077,
  "summary_fg_mad": 46.70196988292646,
  "summary_fg_mean": 391.8406982421875,
  "summary_fg_median": 391.1428527832031,
  "summary_fg_n": 38666.0,
  "summary_fg_p05": 323.0357131958008,
  "summary_fg_p95": 465.11988830566406,
  "summary_fg_stdv": 46.70647430419922,
  "tsnr": 73.73502603638917
}