{
  "aor": 0.0024070588235294123,
  "aqi": 0.006618538588235294,
  "bids_meta": {
    "AccelFactPE": 2,
    "AcquisitionNumber": 1,
    "AcquisitionTime": "15:20:18.757500",
    "BandwidthPerPixelPhaseEncode": 43.879,
    "BodyPartExamined": "BRAIN",
    "ConversionSoftware": "dcm2niix",
    "ConversionSoftwareVersion": "v1.0.20170724 GCC4.4.7",
    "DeviceSerialNumber": "67025",
    "EchoTime": 0.025,
    "EchoTrainLength": 43,
    "EffectiveEchoSpacing": 0.000356093,
    "FlipAngle": 90,
    "ImageType": [
      "ORIGINAL",
      "PRIMARY",
      "M",
      "ND",
      "NORM",
      "MOSAIC"
    ],
    "InstitutionAddress": "McClintock_3520A_Los_Angeles_CA_US_90089",
    "InstitutionName": "USC",
    "MagneticFieldStrength": 3,
    "Manufacturer": "Siemens",
    "ManufacturersModelName": "Prisma_fit",
    "PhaseEncodingDirection": "j-",
    "PhaseEncodingLines": 64,
    "ProcedureStepDescription": "Mara_Steve",
    "ProtocolName": "prelearning2",
    "RepetitionTime": 2,
    "ScanningSequence": "EP",
    "SequenceName": "_epfid2d1_64",
    "SequenceVariant": "SK_OSP",
    "SeriesDescription": "prelearning2",
    "SliceTiming": [
      0.99,
      0,
      1.0425,
      0.0525,
      1.0925,
      0.105,
      1.145,
      0.155,
      1.1975,
      0.2075,
      1.25,
      0.26,
      1.3025,
      0.3125,
      1.355,
      0.365,
      1.4075,
      0.4175,
      1.4575,
      0.4675,
      1.51,
      0.52,
      1.5625,
      0.5725,
      1.615,
      0.625,
      1.6675,
      0.6775,
      1.72,
      0.73,
      1.77,
      0.78,
      1.8225,
      0.8325,
      1.875,
      0.885,
      1.9275,
      0.9375
    ],
    "SoftwareVersions": "syngo_MR_D13D",
    "TaskName": "prelearning",
    "TotalReadoutTime": 0.0299118,
    "TrueEchoSpacing": 0.000712186,
    "dataset": "ds003425",
    "modality": "bold",
    "run_id": 2,
    "session_id": "01",
    "subject_id": "13",
    "task_id": "prelearning"
  },
  "dummy_trs": 0,
  "dvars_nstd": 19.826102972023815,
  "dvars_std": 1.3200172309523812,
  "dvars_vstd": 1.0276155071428577,
  "efc": 0.5861914381326595,
  "fber": 2579.896728515625,
  "fd_mean": 0.05029108075509327,
  "fd_num": 1,
  "fd_perc": 1.1764705882352942,
  "fwhm_avg": 1.5886377777777776,
  "fwhm_x": 1.4505233333333332,
  "fwhm_y": 1.6965166666666667,
  "fwhm_z": 1.6188733333333334,
  "gcor": 0.0170782,
  "gsr_x": -0.00013208389282226562,
  "gsr_y": 0.040561024099588394,
  "provenance": {
    "md5sum": "f3992b50ba70d101e72d4bbc678fa467",
    "settings": {
      "fd_thres": 0.2,
      "testing": false
    },
    "software": "mriqc",
    "version": "23.0.1",
    "webapi_port": null,
    "webapi_url": "https://mriqc.nimh.nih.gov/api/v1"
  },
  "size_t": 85,
  "size_x": 64,
  "size_y": 64,
  "size_z": 38,
  "snr": 8.33401407173683,
  "spacing_tr": 2.0,
  "spacing_x": 3.0,
  "spacing_y": 3.0,
  "spacing_z": 3.0,
  "summary_bg_k": 15.75021882712505,
  "summary_bg_mad": 5.965294513725385,
  "summary_bg_mean": 22.648622512817383,
  "summary_bg_median": 7.505882263183594,
  "summary_bg_n": 82107.0,
  "summary_bg_p05": 2.917647123336792,
  "summary_bg_p95": 93.70706329345693,
  "summary_bg_stdv": 38.206268310546875,
  "summary_fg_k": 1.8613740164698926,
  "summary_fg_mad": 47.23396563747934,
  "summary_fg_mean": 395.03680419921875,
  "summary_fg_median": 394.20001220703125,
  "summary_fg_n": 38927.0,
  "summary_fg_p05": 326.04705810546875,
  "summary_fg_p95": 470.29059448242185,
  "summary_fg_stdv": 47.299530029296875,
  "tsnr": 93.63807916641235
}