{
  "aor": 0.0035264800000000007,
  "aqi": 0.00806689208,
  "bids_meta": {
    "AccelFactPE": 2,
    "AcquisitionNumber": 1,
    "AcquisitionTime": "15:37:21.172500",
    "BandwidthPerPixelPhaseEncode": 43.879,
    "BodyPartExamined": "BRAIN",
    "ConversionSoftware": "dcm2niix",
    "ConversionSoftwareVersion": "v1.0.20170724 GCC4.4.7",
    "DeviceSerialNumber": "67025",
    "EchoTime": 0.025,
    "EchoTrainLength": 43,
    "EffectiveEchoSpacing": 0.000356093,
    "FlipAngle": 90,
    "ImageType": [
      "ORIGINAL",
      "PRIMARY",
      "M",
      "ND",
      "NORM",
      "MOSAIC"
    ],
    "InstitutionAddress": "McClintock_3520A_Los_Angeles_CA_US_90089",
    "InstitutionName": "USC",
    "MagneticFieldStrength": 3,
    "Manufacturer": "Siemens",
    "ManufacturersModelName": "Prisma_fit",
    "PhaseEncodingDirection": "j-",
    "PhaseEncodingLines": 64,
    "ProcedureStepDescription": "Mara_Steve",
    "ProtocolName": "learning3",
    "RepetitionTime": 2,
    "ScanningSequence": "EP",
    "SequenceName": "_epfid2d1_64",
    "SequenceVariant": "SK_OSP",
    "SeriesDescription": "learning3",
    "SliceTiming": [
      0.99,
      0,
      1.0425,
      0.0525,
      1.095,
      0.105,
      1.1475,
      0.1575,
      1.2,
      0.21,
      1.25,
      0.26,
      1.3025,
      0.3125,
      1.355,
      0.365,
      1.4075,
      0.4175,
      1.46,
      0.47,
      1.5125,
      0.5225,
      1.5625,
      0.575,
      1.615,
      0.625,
      1.6675,
      0.6775,
      1.72,
      0.73,
      1.7725,
      0.7825,
      1.825,
      0.835,
      1.8775,
      0.8875,
      1.9275,
      0.9375
    ],
    "SoftwareVersions": "syngo_MR_D13D",
    "TaskName": "learning",
    "TotalReadoutTime": 0.0299118,
    "TrueEchoSpacing": 0.000712186,
    "dataset": "ds003425",
    "modality": "bold",
    "run_id": 3,
    "session_id": "01",
    "subject_id": "13",
    "task_id": "learning"
  },
  "dummy_trs": 0,
  "dvars_nstd": 20.389591001370963,
  "dvars_std": 1.3089137725000008,
  "dvars_vstd": 1.0270581717741938,
  "efc": 0.5870667749384887,
  "fber": 2604.77734375,
  "fd_mean": 0.0646938947209209,
  "fd_num": 2,
  "fd_perc": 1.6,
  "fwhm_avg": 1.589158888888889,
  "fwhm_x": 1.4504066666666666,
  "fwhm_y": 1.71337,
  "fwhm_z": 1.6037,
  "gcor": 0.0144834,
  "gsr_x": -0.00035820386256091297,
  "gsr_y": 0.040298208594322205,
  "provenance": {
    "md5sum": "1287ef220af669feb476466ebaf8337e",
    "settings": {
      "fd_thres": 0.2,
      "testing": false
    },
    "software": "mriqc",
    "version": "23.0.1",
    "webapi_port": null,
    "webapi_url": "https://mriqc.nimh.nih.gov/api/v1"
  },
  "size_t": 125,
  "size_x": 64,
  "size_y": 64,
  "size_z": 38,
  "snr": 8.335928604861035,
  "spacing_tr": 2.0,
  "spacing_x": 3.0,
  "spacing_y": 3.0,
  "spacing_z": 3.0,
  "summary_bg_k": 15.48475127791297,
  "summary_bg_mad": 6.037156626824475,
  "summary_bg_mean": 22.84718132019043,
  "summary_bg_median": 7.520000457763672,
  "summary_bg_n": 82087.0,
  "summary_bg_p05": 2.880000114440918,
  "summary_bg_p95": 94.19760360717771,
  "summary_bg_stdv": 38.22142028808594,
  "summary_fg_k": 1.7767991046624765,
  "summary_fg_mad": 47.30092887244603,
  "summary_fg_mean": 394.4426574707031,
  "summary_fg_median": 393.4720153808594,
  "summary_fg_n": 38964.0,
  "summary_fg_p05": 325.1612075805664,
  "summary_fg_p95": 469.0240173339844,
  "summary_fg_stdv": 47.20133590698242,
  "tsnr": 83.66824758891016
}