{
  "aor": 0.0024664285714285712,
  "aqi": 0.0073970955102040815,
  "bids_meta": {
    "AccelFactPE": 2,
    "AcquisitionNumber": 1,
    "AcquisitionTime": "15:07:58.192500",
    "BandwidthPerPixelPhaseEncode": 43.879,
    "BodyPartExamined": "BRAIN",
    "ConversionSoftware": "dcm2niix",
    "ConversionSoftwareVersion": "v1.0.20170724 GCC4.4.7",
    "DeviceSerialNumber": "67025",
    "EchoTime": 0.025,
    "EchoTrainLength": 43,
    "EffectiveEchoSpacing": 0.000356093,
    "FlipAngle": 90,
    "ImageType": [
      "ORIGINAL",
      "PRIMARY",
      "M",
      "ND",
      "NORM",
      "MOSAIC"
    ],
    "InstitutionAddress": "McClintock_3520A_Los_Angeles_CA_US_90089",
    "InstitutionName": "USC",
    "MagneticFieldStrength": 3,
    "Manufacturer": "Siemens",
    "ManufacturersModelName": "Prisma_fit",
    "PhaseEncodingDirection": "j-",
    "PhaseEncodingLines": 64,
    "ProcedureStepDescription": "Mara_Steve",
    "ProtocolName": "training5",
    "RepetitionTime": 2,
    "ScanningSequence": "EP",
    "SequenceName": "_epfid2d1_64",
    "SequenceVariant": "SK_OSP",
    "SeriesDescription": "training5",
    "SliceTiming": [
      0.99,
      0,
      1.0425,
      0.0525,
      1.095,
      0.105,
      1.145,
      0.155,
      1.1975,
      0.2075,
      1.25,
      0.26,
      1.3025,
      0.3125,
      1.355,
      0.365,
      1.4075,
      0.4175,
      1.4575,
      0.4675,
      1.51,
      0.52,
      1.5625,
      0.5725,
      1.615,
      0.625,
      1.6675,
      0.6775,
      1.72,
      0.73,
      1.77,
      0.78,
      1.8225,
      0.8325,
      1.875,
      0.885,
      1.9275,
      0.9375
    ],
    "SoftwareVersions": "syngo_MR_D13D",
    "TaskName": "training",
    "TotalReadoutTime": 0.0299118,
    "TrueEchoSpacing": 0.000712186,
    "dataset": "ds003425",
    "modality": "bold",
    "run_id": 5,
    "session_id": "01",
    "subject_id": "13",
    "task_id": "training"
  },
  "dummy_trs": 0,
  "dvars_nstd": 20.977262349896904,
  "dvars_std": 1.3531902597938141,
  "dvars_vstd": 1.0439753228865978,
  "efc": 0.585271327727573,
  "fber": 2634.37939453125,
  "fd_mean": 0.060464469413649684,
  "fd_num": 1,
  "fd_perc": 1.0204081632653061,
  "fwhm_avg": 1.5832177777777778,
  "fwhm_x": 1.4396733333333334,
  "fwhm_y": 1.7077900000000001,
  "fwhm_z": 1.60219,
  "gcor": 0.0191766,
  "gsr_x": 0.00028148057754151523,
  "gsr_y": 0.040489085018634796,
  "provenance": {
    "md5sum": "c62f95b7cda0fd0e6e0ba5557107db49",
    "settings": {
      "fd_thres": 0.2,
      "testing": false
    },
    "software": "mriqc",
    "version": "23.0.1",
    "webapi_port": null,
    "webapi_url": "https://mriqc.nimh.nih.gov/api/v1"
  },
  "size_t": 98,
  "size_x": 64,
  "size_y": 64,
  "size_z": 38,
  "snr": 8.375151738359067,
  "spacing_tr": 2.0,
  "spacing_x": 3.0,
  "spacing_y": 3.0,
  "spacing_z": 3.0,
  "summary_bg_k": 16.392640622762514,
  "summary_bg_mad": 5.885022759984969,
  "summary_bg_mean": 22.52297019958496,
  "summary_bg_median": 7.4285712242126465,
  "summary_bg_n": 82248.0,
  "summary_bg_p05": 2.8979592323303223,
  "summary_bg_p95": 92.53724441528314,
  "summary_bg_stdv": 38.41880416870117,
  "summary_fg_k": 1.8463140900019432,
  "summary_fg_mad": 47.06506445090459,
  "summary_fg_mean": 394.67376708984375,
  "summary_fg_median": 393.8571472167969,
  "summary_fg_n": 38759.0,
  "summary_fg_p05": 325.8040802001953,
  "summary_fg_p95": 469.2571380615234,
  "summary_fg_stdv": 47.02626037597656,
  "tsnr": 87.74927610065788
}