{
  "aor": 0.0018699999999999995,
  "aqi": 0.007368415200000001,
  "bids_meta": {
    "AccelFactPE": 2,
    "AcquisitionNumber": 1,
    "AcquisitionTime": "15:42:4.802500",
    "BandwidthPerPixelPhaseEncode": 43.879,
    "BodyPartExamined": "BRAIN",
    "ConversionSoftware": "dcm2niix",
    "ConversionSoftwareVersion": "v1.0.20170724 GCC4.4.7",
    "DeviceSerialNumber": "67025",
    "EchoTime": 0.025,
    "EchoTrainLength": 43,
    "EffectiveEchoSpacing": 0.000356093,
    "FlipAngle": 90,
    "ImageType": [
      "ORIGINAL",
      "PRIMARY",
      "M",
      "ND",
      "NORM",
      "MOSAIC"
    ],
    "InstitutionAddress": "McClintock_3520A_Los_Angeles_CA_US_90089",
    "InstitutionName": "USC",
    "MagneticFieldStrength": 3,
    "Manufacturer": "Siemens",
    "ManufacturersModelName": "Prisma_fit",
    "PhaseEncodingDirection": "j-",
    "PhaseEncodingLines": 64,
    "ProcedureStepDescription": "Mara_Steve",
    "ProtocolName": "learning4",
    "RepetitionTime": 2,
    "ScanningSequence": "EP",
    "SequenceName": "_epfid2d1_64",
    "SequenceVariant": "SK_OSP",
    "SeriesDescription": "learning4",
    "SliceTiming": [
      0.99,
      0,
      1.04,
      0.05,
      1.0925,
      0.1025,
      1.145,
      0.155,
      1.1975,
      0.2075,
      1.25,
      0.26,
      1.3025,
      0.3125,
      1.3525,
      0.3625,
      1.405,
      0.415,
      1.4575,
      0.4675,
      1.51,
      0.52,
      1.5625,
      0.5725,
      1.615,
      0.625,
      1.665,
      0.675,
      1.7175,
      0.7275,
      1.77,
      0.78,
      1.8225,
      0.8325,
      1.875,
      0.885,
      1.9275,
      0.9375
    ],
    "SoftwareVersions": "syngo_MR_D13D",
    "TaskName": "learning",
    "TotalReadoutTime": 0.0299118,
    "TrueEchoSpacing": 0.000712186,
    "dataset": "ds003425",
    "modality": "bold",
    "run_id": 4,
    "session_id": "01",
    "subject_id": "13",
    "task_id": "learning"
  },
  "dummy_trs": 0,
  "dvars_nstd": 20.244638143064517,
  "dvars_std": 1.2947454427419354,
  "dvars_vstd": 1.0146048143548383,
  "efc": 0.5872004228382374,
  "fber": 2552.749755859375,
  "fd_mean": 0.05783831877115266,
  "fd_num": 2,
  "fd_perc": 1.6,
  "fwhm_avg": 1.5892355555555557,
  "fwhm_x": 1.44798,
  "fwhm_y": 1.7034566666666666,
  "fwhm_z": 1.61627,
  "gcor": 0.01363,
  "gsr_x": -0.0004220839182380587,
  "gsr_y": 0.04055202007293701,
  "provenance": {
    "md5sum": "e976f3ac272cdc43d9342a1e90b2ba61",
    "settings": {
      "fd_thres": 0.2,
      "testing": false
    },
    "software": "mriqc",
    "version": "23.0.1",
    "webapi_port": null,
    "webapi_url": "https://mriqc.nimh.nih.gov/api/v1"
  },
  "size_t": 125,
  "size_x": 64,
  "size_y": 64,
  "size_z": 38,
  "snr": 8.344338267739218,
  "spacing_tr": 2.0,
  "spacing_x": 3.0,
  "spacing_y": 3.0,
  "spacing_z": 3.0,
  "summary_bg_k": 15.499785186813778,
  "summary_bg_mad": 5.9778522411611235,
  "summary_bg_mean": 22.833126068115234,
  "summary_bg_median": 7.544000148773193,
  "summary_bg_n": 82076.0,
  "summary_bg_p05": 2.9280002117156982,
  "summary_bg_p95": 94.45600128173828,
  "summary_bg_stdv": 38.262359619140625,
  "summary_fg_k": 1.8459172895208908,
  "summary_fg_mad": 47.34839132750012,
  "summary_fg_mean": 394.813720703125,
  "summary_fg_median": 393.8080139160156,
  "summary_fg_n": 38937.0,
  "summary_fg_p05": 325.7760009765625,
  "summary_fg_p95": 469.35202636718736,
  "summary_fg_stdv": 47.19403076171875,
  "tsnr": 87.68538617668673
}