{
  "aor": 0.0022709411764705884,
  "aqi": 0.006552793058823531,
  "bids_meta": {
    "AccelFactPE": 2,
    "AcquisitionNumber": 1,
    "AcquisitionTime": "15:23:45.287500",
    "BandwidthPerPixelPhaseEncode": 43.879,
    "BodyPartExamined": "BRAIN",
    "ConversionSoftware": "dcm2niix",
    "ConversionSoftwareVersion": "v1.0.20170724 GCC4.4.7",
    "DeviceSerialNumber": "67025",
    "EchoTime": 0.025,
    "EchoTrainLength": 43,
    "EffectiveEchoSpacing": 0.000356093,
    "FlipAngle": 90,
    "ImageType": [
      "ORIGINAL",
      "PRIMARY",
      "M",
      "ND",
      "NORM",
      "MOSAIC"
    ],
    "InstitutionAddress": "McClintock_3520A_Los_Angeles_CA_US_90089",
    "InstitutionName": "USC",
    "MagneticFieldStrength": 3,
    "Manufacturer": "Siemens",
    "ManufacturersModelName": "Prisma_fit",
    "PhaseEncodingDirection": "j-",
    "PhaseEncodingLines": 64,
    "ProcedureStepDescription": "Mara_Steve",
    "ProtocolName": "prelearning3",
    "RepetitionTime": 2,
    "ScanningSequence": "EP",
    "SequenceName": "_epfid2d1_64",
    "SequenceVariant": "SK_OSP",
    "SeriesDescription": "prelearning3",
    "SliceTiming": [
      0.99,
      0,
      1.0425,
      0.0525,
      1.095,
      0.105,
      1.1475,
      0.1575,
      1.2,
      0.21,
      1.25,
      0.26,
      1.3025,
      0.3125,
      1.355,
      0.365,
      1.4075,
      0.4175,
      1.46,
      0.47,
      1.5125,
      0.5225,
      1.5625,
      0.5725,
      1.615,
      0.625,
      1.6675,
      0.6775,
      1.72,
      0.73,
      1.7725,
      0.7825,
      1.825,
      0.835,
      1.875,
      0.8875,
      1.9275,
      0.9375
    ],
    "SoftwareVersions": "syngo_MR_D13D",
    "TaskName": "prelearning",
    "TotalReadoutTime": 0.0299118,
    "TrueEchoSpacing": 0.000712186,
    "dataset": "ds003425",
    "modality": "bold",
    "run_id": 3,
    "session_id": "01",
    "subject_id": "13",
    "task_id": "prelearning"
  },
  "dummy_trs": 0,
  "dvars_nstd": 19.362296865119042,
  "dvars_std": 1.304538950357143,
  "dvars_vstd": 1.025001056904762,
  "efc": 0.5865616873297559,
  "fber": 2540.49462890625,
  "fd_mean": 0.04092173897700011,
  "fd_num": 0,
  "fd_perc": 0.0,
  "fwhm_avg": 1.5884533333333335,
  "fwhm_x": 1.4494333333333334,
  "fwhm_y": 1.6977566666666668,
  "fwhm_z": 1.61817,
  "gcor": 0.0126721,
  "gsr_x": -0.00046076299622654915,
  "gsr_y": 0.04016050323843956,
  "provenance": {
    "md5sum": "bdf185bfb4549c0e05d8d42f8ea45d18",
    "settings": {
      "fd_thres": 0.2,
      "testing": false
    },
    "software": "mriqc",
    "version": "23.0.1",
    "webapi_port": null,
    "webapi_url": "https://mriqc.nimh.nih.gov/api/v1"
  },
  "size_t": 85,
  "size_x": 64,
  "size_y": 64,
  "size_z": 38,
  "snr": 8.336607226836161,
  "spacing_tr": 2.0,
  "spacing_x": 3.0,
  "spacing_y": 3.0,
  "spacing_z": 3.0,
  "summary_bg_k": 15.491462864362163,
  "summary_bg_mad": 6.000178739508704,
  "summary_bg_mean": 22.759960174560547,
  "summary_bg_median": 7.55294132232666,
  "summary_bg_n": 82133.0,
  "summary_bg_p05": 2.917647123336792,
  "summary_bg_p95": 94.3435317993162,
  "summary_bg_stdv": 38.11569595336914,
  "summary_fg_k": 1.7033487214123513,
  "summary_fg_mad": 47.60022738548969,
  "summary_fg_mean": 395.2098388671875,
  "summary_fg_median": 394.1764831542969,
  "summary_fg_n": 38863.0,
  "summary_fg_p05": 326.3317596435547,
  "summary_fg_p95": 470.4447296142578,
  "summary_fg_stdv": 47.2819938659668,
  "tsnr": 95.31468356912956
}