{
  "aor": 0.002150918367346939,
  "aqi": 0.006627024387755102,
  "bids_meta": {
    "AccelFactPE": 2,
    "AcquisitionNumber": 1,
    "AcquisitionTime": "15:00:18.315000",
    "BandwidthPerPixelPhaseEncode": 43.879,
    "BodyPartExamined": "BRAIN",
    "ConversionSoftware": "dcm2niix",
    "ConversionSoftwareVersion": "v1.0.20170724 GCC4.4.7",
    "DeviceSerialNumber": "67025",
    "EchoTime": 0.025,
    "EchoTrainLength": 43,
    "EffectiveEchoSpacing": 0.000356093,
    "FlipAngle": 90,
    "ImageType": [
      "ORIGINAL",
      "PRIMARY",
      "M",
      "ND",
      "NORM",
      "MOSAIC"
    ],
    "InstitutionAddress": "McClintock_3520A_Los_Angeles_CA_US_90089",
    "InstitutionName": "USC",
    "MagneticFieldStrength": 3,
    "Manufacturer": "Siemens",
    "ManufacturersModelName": "Prisma_fit",
    "PhaseEncodingDirection": "j-",
    "PhaseEncodingLines": 64,
    "ProcedureStepDescription": "Mara_Steve",
    "ProtocolName": "training3",
    "RepetitionTime": 2,
    "ScanningSequence": "EP",
    "SequenceName": "_epfid2d1_64",
    "SequenceVariant": "SK_OSP",
    "SeriesDescription": "training3",
    "SliceTiming": [
      0.99,
      0,
      1.0425,
      0.0525,
      1.095,
      0.105,
      1.1475,
      0.1575,
      1.1975,
      0.2075,
      1.25,
      0.26,
      1.3025,
      0.3125,
      1.355,
      0.365,
      1.4075,
      0.4175,
      1.46,
      0.47,
      1.51,
      0.5225,
      1.5625,
      0.5725,
      1.615,
      0.625,
      1.6675,
      0.6775,
      1.72,
      0.73,
      1.7725,
      0.7825,
      1.825,
      0.835,
      1.875,
      0.885,
      1.9275,
      0.9375
    ],
    "SoftwareVersions": "syngo_MR_D13D",
    "TaskName": "training",
    "TotalReadoutTime": 0.0299118,
    "TrueEchoSpacing": 0.000712186,
    "dataset": "ds003425",
    "modality": "bold",
    "run_id": 3,
    "session_id": "01",
    "subject_id": "13",
    "task_id": "training"
  },
  "dummy_trs": 0,
  "dvars_nstd": 19.881771697422685,
  "dvars_std": 1.322654372886598,
  "dvars_vstd": 1.0359084339175255,
  "efc": 0.5840734657229312,
  "fber": 2756.178466796875,
  "fd_mean": 0.0416165689900319,
  "fd_num": 0,
  "fd_perc": 0.0,
  "fwhm_avg": 1.576988888888889,
  "fwhm_x": 1.4403166666666667,
  "fwhm_y": 1.6838333333333333,
  "fwhm_z": 1.6068166666666668,
  "gcor": 0.0255106,
  "gsr_x": 0.0008421170641668141,
  "gsr_y": 0.04101691022515297,
  "provenance": {
    "md5sum": "9d6412e72bb5c280bb73a2f2a5383f89",
    "settings": {
      "fd_thres": 0.2,
      "testing": false
    },
    "software": "mriqc",
    "version": "23.0.1",
    "webapi_port": null,
    "webapi_url": "https://mriqc.nimh.nih.gov/api/v1"
  },
  "size_t": 98,
  "size_x": 64,
  "size_y": 64,
  "size_z": 38,
  "snr": 8.387965792843302,
  "spacing_tr": 2.0,
  "spacing_x": 3.0,
  "spacing_y": 3.0,
  "spacing_z": 3.0,
  "summary_bg_k": 16.324212173740403,
  "summary_bg_mad": 5.703479364274961,
  "summary_bg_mean": 22.332605361938477,
  "summary_bg_median": 7.275509834289551,
  "summary_bg_n": 82353.0,
  "summary_bg_p05": 2.8877551555633545,
  "summary_bg_p95": 93.10203552246094,
  "summary_bg_stdv": 38.29778289794922,
  "summary_fg_k": 1.830545250651923,
  "summary_fg_mad": 47.193651960212236,
  "summary_fg_mean": 395.3250427246094,
  "summary_fg_median": 394.551025390625,
  "summary_fg_n": 38644.0,
  "summary_fg_p05": 325.73621368408203,
  "summary_fg_p95": 469.33519744873047,
  "summary_fg_stdv": 47.037139892578125,
  "tsnr": 93.71642188634723
}