{
  "aor": 0.0013899999999999997,
  "aqi": 0.007139076734693876,
  "bids_meta": {
    "AccelFactPE": 2,
    "AcquisitionNumber": 1,
    "AcquisitionTime": "15:04:13.537500",
    "BandwidthPerPixelPhaseEncode": 43.879,
    "BodyPartExamined": "BRAIN",
    "ConversionSoftware": "dcm2niix",
    "ConversionSoftwareVersion": "v1.0.20170724 GCC4.4.7",
    "DeviceSerialNumber": "67025",
    "EchoTime": 0.025,
    "EchoTrainLength": 43,
    "EffectiveEchoSpacing": 0.000356093,
    "FlipAngle": 90,
    "ImageType": [
      "ORIGINAL",
      "PRIMARY",
      "M",
      "ND",
      "NORM",
      "MOSAIC"
    ],
    "InstitutionAddress": "McClintock_3520A_Los_Angeles_CA_US_90089",
    "InstitutionName": "USC",
    "MagneticFieldStrength": 3,
    "Manufacturer": "Siemens",
    "ManufacturersModelName": "Prisma_fit",
    "PhaseEncodingDirection": "j-",
    "PhaseEncodingLines": 64,
    "ProcedureStepDescription": "Mara_Steve",
    "ProtocolName": "training4",
    "RepetitionTime": 2,
    "ScanningSequence": "EP",
    "SequenceName": "_epfid2d1_64",
    "SequenceVariant": "SK_OSP",
    "SeriesDescription": "training4",
    "SliceTiming": [
      0.99,
      0,
      1.0425,
      0.0525,
      1.095,
      0.105,
      1.1475,
      0.1575,
      1.2,
      0.21,
      1.2525,
      0.2625,
      1.3025,
      0.3125,
      1.355,
      0.365,
      1.4075,
      0.4175,
      1.46,
      0.47,
      1.5125,
      0.5225,
      1.565,
      0.575,
      1.615,
      0.625,
      1.6675,
      0.6775,
      1.72,
      0.73,
      1.7725,
      0.7825,
      1.825,
      0.835,
      1.8775,
      0.8875,
      1.9275,
      0.9375
    ],
    "SoftwareVersions": "syngo_MR_D13D",
    "TaskName": "training",
    "TotalReadoutTime": 0.0299118,
    "TrueEchoSpacing": 0.000712186,
    "dataset": "ds003425",
    "modality": "bold",
    "run_id": 4,
    "session_id": "01",
    "subject_id": "13",
    "task_id": "training"
  },
  "dummy_trs": 0,
  "dvars_nstd": 21.699147411443303,
  "dvars_std": 1.3527176039175262,
  "dvars_vstd": 1.0188161508247422,
  "efc": 0.5844412303734791,
  "fber": 2697.968505859375,
  "fd_mean": 0.048655215445920635,
  "fd_num": 0,
  "fd_perc": 0.0,
  "fwhm_avg": 1.587358888888889,
  "fwhm_x": 1.44714,
  "fwhm_y": 1.6983933333333334,
  "fwhm_z": 1.6165433333333334,
  "gcor": 0.00994181,
  "gsr_x": 0.0008612294914200902,
  "gsr_y": 0.041046369820833206,
  "provenance": {
    "md5sum": "fa285bb117247cc6ac45877a3bbb2f0d",
    "settings": {
      "fd_thres": 0.2,
      "testing": false
    },
    "software": "mriqc",
    "version": "23.0.1",
    "webapi_port": null,
    "webapi_url": "https://mriqc.nimh.nih.gov/api/v1"
  },
  "size_t": 98,
  "size_x": 64,
  "size_y": 64,
  "size_z": 38,
  "snr": 8.357633986255342,
  "spacing_tr": 2.0,
  "spacing_x": 3.0,
  "spacing_y": 3.0,
  "spacing_z": 3.0,
  "summary_bg_k": 16.203339652871435,
  "summary_bg_mad": 5.748865478312399,
  "summary_bg_mean": 22.390884399414062,
  "summary_bg_median": 7.326530456542969,
  "summary_bg_n": 82365.0,
  "summary_bg_p05": 2.8979592323303223,
  "summary_bg_p95": 92.55714416503912,
  "summary_bg_stdv": 38.19141387939453,
  "summary_fg_k": 1.8115199088148168,
  "summary_fg_mad": 47.30712749622335,
  "summary_fg_mean": 395.41046142578125,
  "summary_fg_median": 394.39794921875,
  "summary_fg_n": 38648.0,
  "summary_fg_p05": 326.2142639160156,
  "summary_fg_p95": 470.3637725830078,
  "summary_fg_stdv": 47.18953323364258,
  "tsnr": 89.66555908578448
}