{
  "aor": 0.001270204081632653,
  "aqi": 0.007666012959183673,
  "bids_meta": {
    "AccelFactPE": 2,
    "AcquisitionNumber": 1,
    "AcquisitionTime": "14:56:39.362500",
    "BandwidthPerPixelPhaseEncode": 43.879,
    "BodyPartExamined": "BRAIN",
    "ConversionSoftware": "dcm2niix",
    "ConversionSoftwareVersion": "v1.0.20170724 GCC4.4.7",
    "DeviceSerialNumber": "67025",
    "EchoTime": 0.025,
    "EchoTrainLength": 43,
    "EffectiveEchoSpacing": 0.000356093,
    "FlipAngle": 90,
    "ImageType": [
      "ORIGINAL",
      "PRIMARY",
      "M",
      "ND",
      "NORM",
      "MOSAIC"
    ],
    "InstitutionAddress": "McClintock_3520A_Los_Angeles_CA_US_90089",
    "InstitutionName": "USC",
    "MagneticFieldStrength": 3,
    "Manufacturer": "Siemens",
    "ManufacturersModelName": "Prisma_fit",
    "PhaseEncodingDirection": "j-",
    "PhaseEncodingLines": 64,
    "ProcedureStepDescription": "Mara_Steve",
    "ProtocolName": "training2",
    "RepetitionTime": 2,
    "ScanningSequence": "EP",
    "SequenceName": "_epfid2d1_64",
    "SequenceVariant": "SK_OSP",
    "SeriesDescription": "training2",
    "SliceTiming": [
      0.99,
      0,
      1.0425,
      0.0525,
      1.095,
      0.105,
      1.1475,
      0.1575,
      1.2,
      0.21,
      1.2525,
      0.2625,
      1.3025,
      0.3125,
      1.355,
      0.365,
      1.4075,
      0.4175,
      1.46,
      0.47,
      1.5125,
      0.5225,
      1.565,
      0.575,
      1.615,
      0.6275,
      1.6675,
      0.6775,
      1.72,
      0.73,
      1.7725,
      0.7825,
      1.825,
      0.835,
      1.8775,
      0.8875,
      1.93,
      0.94
    ],
    "SoftwareVersions": "syngo_MR_D13D",
    "TaskName": "training",
    "TotalReadoutTime": 0.0299118,
    "TrueEchoSpacing": 0.000712186,
    "dataset": "ds003425",
    "modality": "bold",
    "run_id": 2,
    "session_id": "01",
    "subject_id": "13",
    "task_id": "training"
  },
  "dummy_trs": 0,
  "dvars_nstd": 20.94944918494845,
  "dvars_std": 1.3229455916494843,
  "dvars_vstd": 1.010279509278351,
  "efc": 0.583808757992755,
  "fber": 2789.42333984375,
  "fd_mean": 0.04367243699464609,
  "fd_num": 1,
  "fd_perc": 1.0204081632653061,
  "fwhm_avg": 1.5821155555555555,
  "fwhm_x": 1.4493733333333332,
  "fwhm_y": 1.6857366666666669,
  "fwhm_z": 1.6112366666666667,
  "gcor": 0.0239857,
  "gsr_x": 0.0013539170613512397,
  "gsr_y": 0.04137350991368294,
  "provenance": {
    "md5sum": "c6bb92475e1d8235e6e50a4a0b4ca039",
    "settings": {
      "fd_thres": 0.2,
      "testing": false
    },
    "software": "mriqc",
    "version": "23.0.1",
    "webapi_port": null,
    "webapi_url": "https://mriqc.nimh.nih.gov/api/v1"
  },
  "size_t": 98,
  "size_x": 64,
  "size_y": 64,
  "size_z": 38,
  "snr": 8.38291533891264,
  "spacing_tr": 2.0,
  "spacing_x": 3.0,
  "spacing_y": 3.0,
  "spacing_z": 3.0,
  "summary_bg_k": 16.253892848038195,
  "summary_bg_mad": 5.627836783492335,
  "summary_bg_mean": 22.255741119384766,
  "summary_bg_median": 7.2040815353393555,
  "summary_bg_n": 82355.0,
  "summary_bg_p05": 2.86734676361084,
  "summary_bg_p95": 93.31938476562503,
  "summary_bg_stdv": 38.22209548950195,
  "summary_fg_k": 1.8868125913485594,
  "summary_fg_mad": 47.322239469519886,
  "summary_fg_mean": 394.9920654296875,
  "summary_fg_median": 393.9897766113281,
  "summary_fg_n": 38632.0,
  "summary_fg_p05": 325.87294616699216,
  "summary_fg_p95": 469.0,
  "summary_fg_stdv": 46.99852752685547,
  "tsnr": 86.7878874548478
}