{
  "bids_meta": {
    "AccelFactPE": 2,
    "AcquisitionNumber": 1,
    "AcquisitionTime": "10:28:19.577500",
    "BodyPartExamined": "BRAIN",
    "ConversionSoftware": "dcm2niix",
    "ConversionSoftwareVersion": "v1.0.20170724 GCC4.4.7",
    "DeviceSerialNumber": "67025",
    "EchoTime": 0.00226,
    "FlipAngle": 9,
    "ImageType": [
      "ORIGINAL",
      "PRIMARY",
      "M",
      "ND",
      "NORM"
    ],
    "InstitutionAddress": "McClintock_3520A_Los_Angeles_CA_US_90089",
    "InstitutionName": "USC",
    "InversionTime": 1.06,
    "MagneticFieldStrength": 3,
    "Manufacturer": "Siemens",
    "ManufacturersModelName": "Prisma_fit",
    "PhaseEncodingDirection": "i-",
    "PhaseEncodingLines": 224,
    "ProcedureStepDescription": "Mara_Steve",
    "ProtocolName": "t1_mprage_short_32channel",
    "RepetitionTime": 2.3,
    "ScanningSequence": "GR_IR",
    "SequenceName": "_tfl3d1_16ns",
    "SequenceVariant": "SK_SP_MP",
    "SeriesDescription": "t1_mprage_short_32channel",
    "SoftwareVersions": "syngo_MR_D13D",
    "dataset": "ds003425",
    "modality": "T1w",
    "session_id": "02",
    "subject_id": "03"
  },
  "cjv": 0.3465761962893397,
  "cnr": 3.8723042569228445,
  "efc": 0.5888095961285863,
  "fber": -1.0,
  "fwhm_avg": 4.450203856732635,
  "fwhm_x": 4.3905915701979055,
  "fwhm_y": 4.48324,
  "fwhm_z": 4.47678,
  "icvs_csf": 0.18756964239190482,
  "icvs_gm": 0.4495721821489388,
  "icvs_wm": 0.3628581754591564,
  "inu_med": 0.291352242231369,
  "inu_range": 0.08735727369785307,
  "provenance": {
    "md5sum": "7735ffc37034021fdf4f0bbc9a4da018",
    "settings": {
      "testing": false
    },
    "software": "mriqc",
    "version": "23.0.1",
    "warnings": {
      "large_rot_frame": true,
      "small_air_mask": false
    },
    "webapi_port": null,
    "webapi_url": "https://mriqc.nimh.nih.gov/api/v1"
  },
  "qi_1": 0.0005978750931116948,
  "qi_2": 0.016870734522730618,
  "rpve_csf": 21.991189601445853,
  "rpve_gm": 10.096194800825021,
  "rpve_wm": 14.168444130547703,
  "size_x": 176,
  "size_y": 224,
  "size_z": 256,
  "snr_csf": 2.7225891746850763,
  "snr_gm": 17.220795205675653,
  "snr_total": 17.863013740533706,
  "snr_wm": 33.645656841240395,
  "snrd_csf": 84.48409002271843,
  "snrd_gm": 187.43102372474962,
  "snrd_total": 169.88633034428258,
  "snrd_wm": 237.74387728537968,
  "spacing_x": 0.9999996423721313,
  "spacing_y": 1.0,
  "spacing_z": 1.0,
  "summary_bg_k": 58.3745438297242,
  "summary_bg_mad": 0.0,
  "summary_bg_mean": 0.7184999859903526,
  "summary_bg_median": 0.0,
  "summary_bg_n": 2467601.0,
  "summary_bg_p05": 0.0,
  "summary_bg_p95": 4.071991082280874,
  "summary_bg_stdv": 2.75570146859176,
  "summary_csf_k": 1.5877149472690881,
  "summary_csf_mad": 88.02221220731909,
  "summary_csf_mean": 354.84567357177593,
  "summary_csf_median": 355.3655863851309,
  "summary_csf_n": 29494.0,
  "summary_csf_p05": 84.50618841089309,
  "summary_csf_p95": 566.3070979008451,
  "summary_csf_stdv": 130.52265294647054,
  "summary_gm_k": -0.052638126647799766,
  "summary_gm_mad": 45.66214797719584,
  "summary_gm_mean": 787.0546035887344,
  "summary_gm_median": 788.391466781497,
  "summary_gm_n": 55873.0,
  "summary_gm_p05": 709.9347723044455,
  "summary_gm_p95": 860.9763951122759,
  "summary_gm_stdv": 45.78095274487436,
  "summary_wm_k": 0.9872698318074642,
  "summary_wm_mad": 27.684136465356136,
  "summary_wm_mean": 1001.6663335845107,
  "summary_wm_median": 1000.022517118603,
  "summary_wm_n": 230646.0,
  "summary_wm_p05": 956.1979943104088,
  "summary_wm_p95": 1052.5534517988563,
  "summary_wm_stdv": 29.72212294626399,
  "tpm_overlap_csf": 0.14674047858777334,
  "tpm_overlap_gm": 0.4761132319926551,
  "tpm_overlap_wm": 0.5063608010128883,
  "wm2max": 0.8245450540527034
}