{
  "aor": 0.003073775510204082,
  "aqi": 0.00723892918367347,
  "bids_meta": {
    "AccelFactPE": 2,
    "AcquisitionNumber": 1,
    "AcquisitionTime": "10:49:32.292500",
    "BandwidthPerPixelPhaseEncode": 43.879,
    "BodyPartExamined": "BRAIN",
    "ConversionSoftware": "dcm2niix",
    "ConversionSoftwareVersion": "v1.0.20170724 GCC4.4.7",
    "DeviceSerialNumber": "67025",
    "EchoTime": 0.025,
    "EchoTrainLength": 43,
    "EffectiveEchoSpacing": 0.000356093,
    "FlipAngle": 90,
    "ImageType": [
      "ORIGINAL",
      "PRIMARY",
      "M",
      "ND",
      "NORM",
      "MOSAIC"
    ],
    "InstitutionAddress": "McClintock_3520A_Los_Angeles_CA_US_90089",
    "InstitutionName": "USC",
    "MagneticFieldStrength": 3,
    "Manufacturer": "Siemens",
    "ManufacturersModelName": "Prisma_fit",
    "PhaseEncodingDirection": "j-",
    "PhaseEncodingLines": 64,
    "ProcedureStepDescription": "Mara_Steve",
    "ProtocolName": "training2",
    "RepetitionTime": 2,
    "ScanningSequence": "EP",
    "SequenceName": "_epfid2d1_64",
    "SequenceVariant": "SK_OSP",
    "SeriesDescription": "training2",
    "SliceTiming": [
      0.99,
      0,
      1.0425,
      0.0525,
      1.095,
      0.105,
      1.145,
      0.155,
      1.1975,
      0.2075,
      1.25,
      0.26,
      1.3025,
      0.3125,
      1.355,
      0.365,
      1.4075,
      0.4175,
      1.4575,
      0.4675,
      1.51,
      0.52,
      1.5625,
      0.5725,
      1.615,
      0.625,
      1.6675,
      0.6775,
      1.72,
      0.73,
      1.77,
      0.7825,
      1.8225,
      0.8325,
      1.875,
      0.885,
      1.9275,
      0.9375
    ],
    "SoftwareVersions": "syngo_MR_D13D",
    "TaskName": "training",
    "TotalReadoutTime": 0.0299118,
    "TrueEchoSpacing": 0.000712186,
    "dataset": "ds003425",
    "modality": "bold",
    "run_id": 2,
    "session_id": "01",
    "subject_id": "12",
    "task_id": "training"
  },
  "dummy_trs": 0,
  "dvars_nstd": 19.774716485463927,
  "dvars_std": 1.2741400824742266,
  "dvars_vstd": 1.0409336777319587,
  "efc": 0.6313415497149314,
  "fber": 1853.7291259765625,
  "fd_mean": 0.056336104837030776,
  "fd_num": 0,
  "fd_perc": 0.0,
  "fwhm_avg": 1.6141699999999999,
  "fwhm_x": 1.46397,
  "fwhm_y": 1.7898699999999999,
  "fwhm_z": 1.5886699999999998,
  "gcor": 0.0447282,
  "gsr_x": -0.0019496866734698415,
  "gsr_y": 0.05649557337164879,
  "provenance": {
    "md5sum": "3fb2e224cd870466c333c75d1dfecc78",
    "settings": {
      "fd_thres": 0.2,
      "testing": false
    },
    "software": "mriqc",
    "version": "23.0.1",
    "webapi_port": null,
    "webapi_url": "https://mriqc.nimh.nih.gov/api/v1"
  },
  "size_t": 98,
  "size_x": 64,
  "size_y": 64,
  "size_z": 38,
  "snr": 7.840303218664916,
  "spacing_tr": 2.0,
  "spacing_x": 3.0,
  "spacing_y": 3.0,
  "spacing_z": 3.0,
  "summary_bg_k": 6.6888842301362565,
  "summary_bg_mad": 7.851740464730653,
  "summary_bg_mean": 33.591426849365234,
  "summary_bg_median": 8.959183692932129,
  "summary_bg_n": 75791.0,
  "summary_bg_p05": 3.0714285373687744,
  "summary_bg_p95": 152.64285278320312,
  "summary_bg_stdv": 52.63374328613281,
  "summary_fg_k": 4.346587635861354,
  "summary_fg_mad": 45.70349375505837,
  "summary_fg_mean": 409.1578063964844,
  "summary_fg_median": 409.39794921875,
  "summary_fg_n": 44099.0,
  "summary_fg_p05": 332.93878173828125,
  "summary_fg_p95": 486.83775024414064,
  "summary_fg_stdv": 52.216514587402344,
  "tsnr": 83.13598255673423
}