{
  "aor": 0.0027472,
  "aqi": 0.0086826656,
  "bids_meta": {
    "AccelFactPE": 2,
    "AcquisitionNumber": 1,
    "AcquisitionTime": "11:40:27.992500",
    "BandwidthPerPixelPhaseEncode": 43.879,
    "BodyPartExamined": "BRAIN",
    "ConversionSoftware": "dcm2niix",
    "ConversionSoftwareVersion": "v1.0.20170724 GCC4.4.7",
    "DeviceSerialNumber": "67025",
    "EchoTime": 0.025,
    "EchoTrainLength": 43,
    "EffectiveEchoSpacing": 0.000356093,
    "FlipAngle": 90,
    "ImageType": [
      "ORIGINAL",
      "PRIMARY",
      "M",
      "ND",
      "NORM",
      "MOSAIC"
    ],
    "InstitutionAddress": "McClintock_3520A_Los_Angeles_CA_US_90089",
    "InstitutionName": "USC",
    "MagneticFieldStrength": 3,
    "Manufacturer": "Siemens",
    "ManufacturersModelName": "Prisma_fit",
    "PhaseEncodingDirection": "j-",
    "PhaseEncodingLines": 64,
    "ProcedureStepDescription": "Mara_Steve",
    "ProtocolName": "learning5",
    "RepetitionTime": 2,
    "ScanningSequence": "EP",
    "SequenceName": "_epfid2d1_64",
    "SequenceVariant": "SK_OSP",
    "SeriesDescription": "learning5",
    "SliceTiming": [
      0.99,
      0,
      1.0425,
      0.0525,
      1.095,
      0.105,
      1.1475,
      0.1575,
      1.2,
      0.21,
      1.2525,
      0.2625,
      1.3025,
      0.3125,
      1.355,
      0.365,
      1.4075,
      0.4175,
      1.46,
      0.47,
      1.5125,
      0.5225,
      1.565,
      0.575,
      1.615,
      0.625,
      1.6675,
      0.6775,
      1.72,
      0.73,
      1.7725,
      0.7825,
      1.825,
      0.835,
      1.8775,
      0.8875,
      1.9275,
      0.9375
    ],
    "SoftwareVersions": "syngo_MR_D13D",
    "TaskName": "learning",
    "TotalReadoutTime": 0.0299118,
    "TrueEchoSpacing": 0.000712186,
    "dataset": "ds003425",
    "modality": "bold",
    "run_id": 5,
    "session_id": "01",
    "subject_id": "12",
    "task_id": "learning"
  },
  "dummy_trs": 0,
  "dvars_nstd": 22.858856216612907,
  "dvars_std": 1.3297505287903224,
  "dvars_vstd": 1.0256388074193545,
  "efc": 0.6328051029160915,
  "fber": 1824.9698486328125,
  "fd_mean": 0.0730534185707498,
  "fd_num": 3,
  "fd_perc": 2.4,
  "fwhm_avg": 1.5955066666666664,
  "fwhm_x": 1.4342,
  "fwhm_y": 1.77196,
  "fwhm_z": 1.58036,
  "gcor": 0.0309492,
  "gsr_x": -0.002016390673816204,
  "gsr_y": 0.055751506239175797,
  "provenance": {
    "md5sum": "9935634a4867f2ff14d2569a6bbbf327",
    "settings": {
      "fd_thres": 0.2,
      "testing": false
    },
    "software": "mriqc",
    "version": "23.0.1",
    "webapi_port": null,
    "webapi_url": "https://mriqc.nimh.nih.gov/api/v1"
  },
  "size_t": 125,
  "size_x": 64,
  "size_y": 64,
  "size_z": 38,
  "snr": 7.922379080355996,
  "spacing_tr": 2.0,
  "spacing_x": 3.0,
  "spacing_y": 3.0,
  "spacing_z": 3.0,
  "summary_bg_k": 6.61554239016753,
  "summary_bg_mad": 8.006052121322217,
  "summary_bg_mean": 34.295047760009766,
  "summary_bg_median": 9.088000297546387,
  "summary_bg_n": 75809.0,
  "summary_bg_p05": 3.080000162124634,
  "summary_bg_p95": 156.10080566406242,
  "summary_bg_stdv": 53.65276336669922,
  "summary_fg_k": 4.721664019514839,
  "summary_fg_mad": 45.4862252048489,
  "summary_fg_mean": 410.09722900390625,
  "summary_fg_median": 410.3520202636719,
  "summary_fg_n": 44187.0,
  "summary_fg_p05": 335.4584228515625,
  "summary_fg_p95": 487.09600830078125,
  "summary_fg_stdv": 51.79597854614258,
  "tsnr": 76.3391446089372
}