{
  "aor": 0.003861836734693878,
  "aqi": 0.006816053163265306,
  "bids_meta": {
    "AccelFactPE": 2,
    "AcquisitionNumber": 1,
    "AcquisitionTime": "11:01:14.705000",
    "BandwidthPerPixelPhaseEncode": 43.879,
    "BodyPartExamined": "BRAIN",
    "ConversionSoftware": "dcm2niix",
    "ConversionSoftwareVersion": "v1.0.20170724 GCC4.4.7",
    "DeviceSerialNumber": "67025",
    "EchoTime": 0.025,
    "EchoTrainLength": 43,
    "EffectiveEchoSpacing": 0.000356093,
    "FlipAngle": 90,
    "ImageType": [
      "ORIGINAL",
      "PRIMARY",
      "M",
      "ND",
      "NORM",
      "MOSAIC"
    ],
    "InstitutionAddress": "McClintock_3520A_Los_Angeles_CA_US_90089",
    "InstitutionName": "USC",
    "MagneticFieldStrength": 3,
    "Manufacturer": "Siemens",
    "ManufacturersModelName": "Prisma_fit",
    "PhaseEncodingDirection": "j-",
    "PhaseEncodingLines": 64,
    "ProcedureStepDescription": "Mara_Steve",
    "ProtocolName": "training5",
    "RepetitionTime": 2,
    "ScanningSequence": "EP",
    "SequenceName": "_epfid2d1_64",
    "SequenceVariant": "SK_OSP",
    "SeriesDescription": "training5",
    "SliceTiming": [
      0.99,
      0,
      1.0425,
      0.0525,
      1.095,
      0.105,
      1.1475,
      0.1575,
      1.2,
      0.21,
      1.25,
      0.26,
      1.3025,
      0.3125,
      1.355,
      0.365,
      1.4075,
      0.4175,
      1.46,
      0.47,
      1.5125,
      0.5225,
      1.5625,
      0.5725,
      1.615,
      0.625,
      1.6675,
      0.6775,
      1.72,
      0.73,
      1.7725,
      0.7825,
      1.825,
      0.835,
      1.875,
      0.8875,
      1.9275,
      0.9375
    ],
    "SoftwareVersions": "syngo_MR_D13D",
    "TaskName": "training",
    "TotalReadoutTime": 0.0299118,
    "TrueEchoSpacing": 0.000712186,
    "dataset": "ds003425",
    "modality": "bold",
    "run_id": 5,
    "session_id": "01",
    "subject_id": "12",
    "task_id": "training"
  },
  "dummy_trs": 0,
  "dvars_nstd": 23.164239824123708,
  "dvars_std": 1.4145130250515467,
  "dvars_vstd": 1.0648953195876292,
  "efc": 0.6322428189753594,
  "fber": 1837.6798095703125,
  "fd_mean": 0.06907606442519365,
  "fd_num": 2,
  "fd_perc": 2.0408163265306123,
  "fwhm_avg": 1.59716,
  "fwhm_x": 1.4349800000000001,
  "fwhm_y": 1.7709366666666666,
  "fwhm_z": 1.5855633333333332,
  "gcor": 0.0460956,
  "gsr_x": -0.0012565376237034798,
  "gsr_y": 0.05605081841349602,
  "provenance": {
    "md5sum": "3d4899e1cd13e253bb91a8d5021a2e4d",
    "settings": {
      "fd_thres": 0.2,
      "testing": false
    },
    "software": "mriqc",
    "version": "23.0.1",
    "webapi_port": null,
    "webapi_url": "https://mriqc.nimh.nih.gov/api/v1"
  },
  "size_t": 98,
  "size_x": 64,
  "size_y": 64,
  "size_z": 38,
  "snr": 7.906255977285474,
  "spacing_tr": 2.0,
  "spacing_x": 3.0,
  "spacing_y": 3.0,
  "spacing_z": 3.0,
  "summary_bg_k": 6.641036304608065,
  "summary_bg_mad": 7.987898099883139,
  "summary_bg_mean": 34.010414123535156,
  "summary_bg_median": 9.061223983764648,
  "summary_bg_n": 75783.0,
  "summary_bg_p05": 3.0612244606018066,
  "summary_bg_p95": 154.30510101318353,
  "summary_bg_stdv": 53.24483871459961,
  "summary_fg_k": 4.386447735278263,
  "summary_fg_mad": 45.6277981522886,
  "summary_fg_mean": 409.9154968261719,
  "summary_fg_median": 410.2142639160156,
  "summary_fg_n": 44204.0,
  "summary_fg_p05": 334.65457916259766,
  "summary_fg_p95": 486.8265075683594,
  "summary_fg_stdv": 51.88418197631836,
  "tsnr": 85.77622201340273
}