{
  "aor": 0.0026763529411764704,
  "aqi": 0.006681412235294119,
  "bids_meta": {
    "AccelFactPE": 2,
    "AcquisitionNumber": 1,
    "AcquisitionTime": "11:13:27.032500",
    "BandwidthPerPixelPhaseEncode": 43.879,
    "BodyPartExamined": "BRAIN",
    "ConversionSoftware": "dcm2niix",
    "ConversionSoftwareVersion": "v1.0.20170724 GCC4.4.7",
    "DeviceSerialNumber": "67025",
    "EchoTime": 0.025,
    "EchoTrainLength": 43,
    "EffectiveEchoSpacing": 0.000356093,
    "FlipAngle": 90,
    "ImageType": [
      "ORIGINAL",
      "PRIMARY",
      "M",
      "ND",
      "NORM",
      "MOSAIC"
    ],
    "InstitutionAddress": "McClintock_3520A_Los_Angeles_CA_US_90089",
    "InstitutionName": "USC",
    "MagneticFieldStrength": 3,
    "Manufacturer": "Siemens",
    "ManufacturersModelName": "Prisma_fit",
    "PhaseEncodingDirection": "j-",
    "PhaseEncodingLines": 64,
    "ProcedureStepDescription": "Mara_Steve",
    "ProtocolName": "prelearning3",
    "RepetitionTime": 2,
    "ScanningSequence": "EP",
    "SequenceName": "_epfid2d1_64",
    "SequenceVariant": "SK_OSP",
    "SeriesDescription": "prelearning3",
    "SliceTiming": [
      0.99,
      0,
      1.0425,
      0.0525,
      1.095,
      0.105,
      1.1475,
      0.1575,
      1.2,
      0.21,
      1.2525,
      0.2625,
      1.3025,
      0.3125,
      1.355,
      0.365,
      1.4075,
      0.4175,
      1.46,
      0.47,
      1.5125,
      0.5225,
      1.565,
      0.575,
      1.615,
      0.625,
      1.6675,
      0.6775,
      1.72,
      0.73,
      1.7725,
      0.7825,
      1.825,
      0.835,
      1.8775,
      0.8875,
      1.9275,
      0.94
    ],
    "SoftwareVersions": "syngo_MR_D13D",
    "TaskName": "prelearning",
    "TotalReadoutTime": 0.0299118,
    "TrueEchoSpacing": 0.000712186,
    "dataset": "ds003425",
    "modality": "bold",
    "run_id": 3,
    "session_id": "01",
    "subject_id": "12",
    "task_id": "prelearning"
  },
  "dummy_trs": 0,
  "dvars_nstd": 23.316063903571425,
  "dvars_std": 1.3660286851190473,
  "dvars_vstd": 1.0306018145238096,
  "efc": 0.6334223056878203,
  "fber": 1765.9326171875,
  "fd_mean": 0.07299609671584147,
  "fd_num": 1,
  "fd_perc": 1.1764705882352942,
  "fwhm_avg": 1.595951111111111,
  "fwhm_x": 1.4390033333333332,
  "fwhm_y": 1.7693433333333333,
  "fwhm_z": 1.5795066666666668,
  "gcor": 0.0264048,
  "gsr_x": -0.0026184404268860817,
  "gsr_y": 0.05569032207131386,
  "provenance": {
    "md5sum": "f4172959547b6bbbeedd66b2598a626a",
    "settings": {
      "fd_thres": 0.2,
      "testing": false
    },
    "software": "mriqc",
    "version": "23.0.1",
    "webapi_port": null,
    "webapi_url": "https://mriqc.nimh.nih.gov/api/v1"
  },
  "size_t": 85,
  "size_x": 64,
  "size_y": 64,
  "size_z": 38,
  "snr": 7.918675286354231,
  "spacing_tr": 2.0,
  "spacing_x": 3.0,
  "spacing_y": 3.0,
  "spacing_z": 3.0,
  "summary_bg_k": 6.533289985850663,
  "summary_bg_mad": 8.023493880733962,
  "summary_bg_mean": 34.17491912841797,
  "summary_bg_median": 9.199999809265137,
  "summary_bg_n": 75700.0,
  "summary_bg_p05": 3.1764707565307617,
  "summary_bg_p95": 155.63706436157236,
  "summary_bg_stdv": 53.25654983520508,
  "summary_fg_k": 4.677251260006324,
  "summary_fg_mad": 45.74265367388517,
  "summary_fg_mean": 409.9377136230469,
  "summary_fg_median": 410.29412841796875,
  "summary_fg_n": 44370.0,
  "summary_fg_p05": 335.6694320678711,
  "summary_fg_p95": 486.6888351440429,
  "summary_fg_stdv": 51.812896728515625,
  "tsnr": 87.0711877271533
}