{
  "aor": 0.00549016,
  "aqi": 0.011040989520000002,
  "bids_meta": {
    "AccelFactPE": 2,
    "AcquisitionNumber": 1,
    "AcquisitionTime": "11:45:37.527500",
    "BandwidthPerPixelPhaseEncode": 43.879,
    "BodyPartExamined": "BRAIN",
    "ConversionSoftware": "dcm2niix",
    "ConversionSoftwareVersion": "v1.0.20170724 GCC4.4.7",
    "DeviceSerialNumber": "67025",
    "EchoTime": 0.025,
    "EchoTrainLength": 43,
    "EffectiveEchoSpacing": 0.000356093,
    "FlipAngle": 90,
    "ImageType": [
      "ORIGINAL",
      "PRIMARY",
      "M",
      "ND",
      "NORM",
      "MOSAIC"
    ],
    "InstitutionAddress": "McClintock_3520A_Los_Angeles_CA_US_90089",
    "InstitutionName": "USC",
    "MagneticFieldStrength": 3,
    "Manufacturer": "Siemens",
    "ManufacturersModelName": "Prisma_fit",
    "PhaseEncodingDirection": "j-",
    "PhaseEncodingLines": 64,
    "ProcedureStepDescription": "Mara_Steve",
    "ProtocolName": "learning6",
    "RepetitionTime": 2,
    "ScanningSequence": "EP",
    "SequenceName": "_epfid2d1_64",
    "SequenceVariant": "SK_OSP",
    "SeriesDescription": "learning6",
    "SliceTiming": [
      0.99,
      0,
      1.0425,
      0.0525,
      1.095,
      0.105,
      1.1475,
      0.1575,
      1.2,
      0.21,
      1.2525,
      0.2625,
      1.3025,
      0.3125,
      1.355,
      0.365,
      1.4075,
      0.4175,
      1.46,
      0.47,
      1.5125,
      0.5225,
      1.565,
      0.575,
      1.615,
      0.625,
      1.6675,
      0.6775,
      1.72,
      0.73,
      1.7725,
      0.7825,
      1.825,
      0.835,
      1.8775,
      0.8875,
      1.9275,
      0.94
    ],
    "SoftwareVersions": "syngo_MR_D13D",
    "TaskName": "learning",
    "TotalReadoutTime": 0.0299118,
    "TrueEchoSpacing": 0.000712186,
    "dataset": "ds003425",
    "modality": "bold",
    "run_id": 6,
    "session_id": "01",
    "subject_id": "12",
    "task_id": "learning"
  },
  "dummy_trs": 0,
  "dvars_nstd": 23.041303804112896,
  "dvars_std": 1.2938529241935484,
  "dvars_vstd": 1.0334660292741935,
  "efc": 0.6318308501008046,
  "fber": 1912.18994140625,
  "fd_mean": 0.1084121582780034,
  "fd_num": 11,
  "fd_perc": 8.8,
  "fwhm_avg": 1.5949977777777777,
  "fwhm_x": 1.4391933333333335,
  "fwhm_y": 1.7818866666666666,
  "fwhm_z": 1.5639133333333335,
  "gcor": 0.0383863,
  "gsr_x": -0.001717071165330708,
  "gsr_y": 0.05471338331699371,
  "provenance": {
    "md5sum": "fb2b106d3c860f0510ec1e7df4e3f56b",
    "settings": {
      "fd_thres": 0.2,
      "testing": false
    },
    "software": "mriqc",
    "version": "23.0.1",
    "webapi_port": null,
    "webapi_url": "https://mriqc.nimh.nih.gov/api/v1"
  },
  "size_t": 125,
  "size_x": 64,
  "size_y": 64,
  "size_z": 38,
  "snr": 7.920854222160143,
  "spacing_tr": 2.0,
  "spacing_x": 3.0,
  "spacing_y": 3.0,
  "spacing_z": 3.0,
  "summary_bg_k": 6.489823837171361,
  "summary_bg_mad": 8.077216818550376,
  "summary_bg_mean": 34.162109375,
  "summary_bg_median": 8.968000411987305,
  "summary_bg_n": 75978.0,
  "summary_bg_p05": 2.8560001850128174,
  "summary_bg_p95": 153.75321350097653,
  "summary_bg_stdv": 53.38014221191406,
  "summary_fg_k": 4.753510315787944,
  "summary_fg_mad": 45.10666130070329,
  "summary_fg_mean": 410.3232116699219,
  "summary_fg_median": 410.42401123046875,
  "summary_fg_n": 44052.0,
  "summary_fg_p05": 335.9280090332031,
  "summary_fg_p95": 487.2232299804687,
  "summary_fg_stdv": 51.81503677368164,
  "tsnr": 68.14869631547481
}