{
  "aor": 0.0018536,
  "aqi": 0.007897760240000001,
  "bids_meta": {
    "AccelFactPE": 2,
    "AcquisitionNumber": 1,
    "AcquisitionTime": "11:35:27.915000",
    "BandwidthPerPixelPhaseEncode": 43.879,
    "BodyPartExamined": "BRAIN",
    "ConversionSoftware": "dcm2niix",
    "ConversionSoftwareVersion": "v1.0.20170724 GCC4.4.7",
    "DeviceSerialNumber": "67025",
    "EchoTime": 0.025,
    "EchoTrainLength": 43,
    "EffectiveEchoSpacing": 0.000356093,
    "FlipAngle": 90,
    "ImageType": [
      "ORIGINAL",
      "PRIMARY",
      "M",
      "ND",
      "NORM",
      "MOSAIC"
    ],
    "InstitutionAddress": "McClintock_3520A_Los_Angeles_CA_US_90089",
    "InstitutionName": "USC",
    "MagneticFieldStrength": 3,
    "Manufacturer": "Siemens",
    "ManufacturersModelName": "Prisma_fit",
    "PhaseEncodingDirection": "j-",
    "PhaseEncodingLines": 64,
    "ProcedureStepDescription": "Mara_Steve",
    "ProtocolName": "learning4",
    "RepetitionTime": 2,
    "ScanningSequence": "EP",
    "SequenceName": "_epfid2d1_64",
    "SequenceVariant": "SK_OSP",
    "SeriesDescription": "learning4",
    "SliceTiming": [
      0.99,
      0,
      1.0425,
      0.0525,
      1.095,
      0.105,
      1.145,
      0.155,
      1.1975,
      0.2075,
      1.25,
      0.26,
      1.3025,
      0.3125,
      1.355,
      0.365,
      1.4075,
      0.4175,
      1.4575,
      0.4675,
      1.51,
      0.52,
      1.5625,
      0.5725,
      1.615,
      0.625,
      1.6675,
      0.6775,
      1.72,
      0.73,
      1.77,
      0.7825,
      1.8225,
      0.8325,
      1.875,
      0.885,
      1.9275,
      0.9375
    ],
    "SoftwareVersions": "syngo_MR_D13D",
    "TaskName": "learning",
    "TotalReadoutTime": 0.0299118,
    "TrueEchoSpacing": 0.000712186,
    "dataset": "ds003425",
    "modality": "bold",
    "run_id": 4,
    "session_id": "01",
    "subject_id": "12",
    "task_id": "learning"
  },
  "dummy_trs": 0,
  "dvars_nstd": 22.88676034201611,
  "dvars_std": 1.3303191421774196,
  "dvars_vstd": 1.0169258192741935,
  "efc": 0.6335572476222298,
  "fber": 1766.5672607421875,
  "fd_mean": 0.0730477690801049,
  "fd_num": 2,
  "fd_perc": 1.6,
  "fwhm_avg": 1.5995755555555558,
  "fwhm_x": 1.43579,
  "fwhm_y": 1.7745933333333335,
  "fwhm_z": 1.5883433333333334,
  "gcor": 0.0302468,
  "gsr_x": -0.0025345843750983477,
  "gsr_y": 0.056174490600824356,
  "provenance": {
    "md5sum": "35ddb5f6571f8900d35b9d9e4f939af5",
    "settings": {
      "fd_thres": 0.2,
      "testing": false
    },
    "software": "mriqc",
    "version": "23.0.1",
    "webapi_port": null,
    "webapi_url": "https://mriqc.nimh.nih.gov/api/v1"
  },
  "size_t": 125,
  "size_x": 64,
  "size_y": 64,
  "size_z": 38,
  "snr": 7.911173656141902,
  "spacing_tr": 2.0,
  "spacing_x": 3.0,
  "spacing_y": 3.0,
  "spacing_z": 3.0,
  "summary_bg_k": 6.569720207263661,
  "summary_bg_mad": 8.089078190554927,
  "summary_bg_mean": 34.39501953125,
  "summary_bg_median": 9.2160005569458,
  "summary_bg_n": 75785.0,
  "summary_bg_p05": 3.1600000858306885,
  "summary_bg_p95": 156.17120971679694,
  "summary_bg_stdv": 53.53547286987305,
  "summary_fg_k": 4.436158771793529,
  "summary_fg_mad": 45.54554196230925,
  "summary_fg_mean": 408.9051818847656,
  "summary_fg_median": 409.176025390625,
  "summary_fg_n": 44267.0,
  "summary_fg_p05": 333.6240234375,
  "summary_fg_p95": 485.90722045898434,
  "summary_fg_stdv": 51.72069549560547,
  "tsnr": 79.30448587518185
}