{
  "aor": 0.0030105102040816323,
  "aqi": 0.007003921326530611,
  "bids_meta": {
    "AccelFactPE": 2,
    "AcquisitionNumber": 1,
    "AcquisitionTime": "10:53:18.422500",
    "BandwidthPerPixelPhaseEncode": 43.879,
    "BodyPartExamined": "BRAIN",
    "ConversionSoftware": "dcm2niix",
    "ConversionSoftwareVersion": "v1.0.20170724 GCC4.4.7",
    "DeviceSerialNumber": "67025",
    "EchoTime": 0.025,
    "EchoTrainLength": 43,
    "EffectiveEchoSpacing": 0.000356093,
    "FlipAngle": 90,
    "ImageType": [
      "ORIGINAL",
      "PRIMARY",
      "M",
      "ND",
      "NORM",
      "MOSAIC"
    ],
    "InstitutionAddress": "McClintock_3520A_Los_Angeles_CA_US_90089",
    "InstitutionName": "USC",
    "MagneticFieldStrength": 3,
    "Manufacturer": "Siemens",
    "ManufacturersModelName": "Prisma_fit",
    "PhaseEncodingDirection": "j-",
    "PhaseEncodingLines": 64,
    "ProcedureStepDescription": "Mara_Steve",
    "ProtocolName": "training3",
    "RepetitionTime": 2,
    "ScanningSequence": "EP",
    "SequenceName": "_epfid2d1_64",
    "SequenceVariant": "SK_OSP",
    "SeriesDescription": "training3",
    "SliceTiming": [
      0.99,
      0,
      1.0425,
      0.0525,
      1.095,
      0.105,
      1.145,
      0.155,
      1.1975,
      0.2075,
      1.25,
      0.26,
      1.3025,
      0.3125,
      1.355,
      0.365,
      1.4075,
      0.4175,
      1.4575,
      0.4675,
      1.51,
      0.52,
      1.5625,
      0.5725,
      1.615,
      0.625,
      1.6675,
      0.6775,
      1.72,
      0.73,
      1.77,
      0.78,
      1.8225,
      0.8325,
      1.875,
      0.885,
      1.9275,
      0.9375
    ],
    "SoftwareVersions": "syngo_MR_D13D",
    "TaskName": "training",
    "TotalReadoutTime": 0.0299118,
    "TrueEchoSpacing": 0.000712186,
    "dataset": "ds003425",
    "modality": "bold",
    "run_id": 3,
    "session_id": "01",
    "subject_id": "12",
    "task_id": "training"
  },
  "dummy_trs": 0,
  "dvars_nstd": 22.638220521443305,
  "dvars_std": 1.3745647552577323,
  "dvars_vstd": 1.048003872474227,
  "efc": 0.6318105078759397,
  "fber": 1873.65283203125,
  "fd_mean": 0.05895355806739741,
  "fd_num": 2,
  "fd_perc": 2.0408163265306123,
  "fwhm_avg": 1.6013577777777777,
  "fwhm_x": 1.4466733333333333,
  "fwhm_y": 1.7755833333333333,
  "fwhm_z": 1.5818166666666666,
  "gcor": 0.0453463,
  "gsr_x": -0.0018759876256808639,
  "gsr_y": 0.05755159258842468,
  "provenance": {
    "md5sum": "2c365f73942570b97ddae61bdbf2f627",
    "settings": {
      "fd_thres": 0.2,
      "testing": false
    },
    "software": "mriqc",
    "version": "23.0.1",
    "webapi_port": null,
    "webapi_url": "https://mriqc.nimh.nih.gov/api/v1"
  },
  "size_t": 98,
  "size_x": 64,
  "size_y": 64,
  "size_z": 38,
  "snr": 7.856920404991049,
  "spacing_tr": 2.0,
  "spacing_x": 3.0,
  "spacing_y": 3.0,
  "spacing_z": 3.0,
  "summary_bg_k": 6.73795547451928,
  "summary_bg_mad": 7.8366122313580595,
  "summary_bg_mean": 33.86190414428711,
  "summary_bg_median": 8.969388008117676,
  "summary_bg_n": 75831.0,
  "summary_bg_p05": 3.09183669090271,
  "summary_bg_p95": 153.79591369628906,
  "summary_bg_stdv": 53.0797119140625,
  "summary_fg_k": 4.360348455835182,
  "summary_fg_mad": 45.73371770165144,
  "summary_fg_mean": 409.4757080078125,
  "summary_fg_median": 409.6530456542969,
  "summary_fg_n": 44146.0,
  "summary_fg_p05": 333.6938781738281,
  "summary_fg_p95": 486.77295684814453,
  "summary_fg_stdv": 52.138545989990234,
  "tsnr": 85.54185473686084
}