{
  "aor": 0.001937857142857143,
  "aqi": 0.006736526428571429,
  "bids_meta": {
    "AccelFactPE": 2,
    "AcquisitionNumber": 1,
    "AcquisitionTime": "10:45:45.702500",
    "BandwidthPerPixelPhaseEncode": 43.879,
    "BodyPartExamined": "BRAIN",
    "ConversionSoftware": "dcm2niix",
    "ConversionSoftwareVersion": "v1.0.20170724 GCC4.4.7",
    "DeviceSerialNumber": "67025",
    "EchoTime": 0.025,
    "EchoTrainLength": 43,
    "EffectiveEchoSpacing": 0.000356093,
    "FlipAngle": 90,
    "ImageType": [
      "ORIGINAL",
      "PRIMARY",
      "M",
      "ND",
      "NORM",
      "MOSAIC"
    ],
    "InstitutionAddress": "McClintock_3520A_Los_Angeles_CA_US_90089",
    "InstitutionName": "USC",
    "MagneticFieldStrength": 3,
    "Manufacturer": "Siemens",
    "ManufacturersModelName": "Prisma_fit",
    "PhaseEncodingDirection": "j-",
    "PhaseEncodingLines": 64,
    "ProcedureStepDescription": "Mara_Steve",
    "ProtocolName": "training1",
    "RepetitionTime": 2,
    "ScanningSequence": "EP",
    "SequenceName": "_epfid2d1_64",
    "SequenceVariant": "SK_OSP",
    "SeriesDescription": "training1",
    "SliceTiming": [
      0.99,
      0,
      1.04,
      0.0525,
      1.0925,
      0.1025,
      1.145,
      0.155,
      1.1975,
      0.2075,
      1.25,
      0.26,
      1.3025,
      0.3125,
      1.355,
      0.365,
      1.405,
      0.415,
      1.4575,
      0.4675,
      1.51,
      0.52,
      1.5625,
      0.5725,
      1.615,
      0.625,
      1.6675,
      0.6775,
      1.7175,
      0.7275,
      1.77,
      0.78,
      1.8225,
      0.8325,
      1.875,
      0.885,
      1.9275,
      0.9375
    ],
    "SoftwareVersions": "syngo_MR_D13D",
    "TaskName": "training",
    "TotalReadoutTime": 0.0299118,
    "TrueEchoSpacing": 0.000712186,
    "dataset": "ds003425",
    "modality": "bold",
    "run_id": 1,
    "session_id": "01",
    "subject_id": "12",
    "task_id": "training"
  },
  "dummy_trs": 0,
  "dvars_nstd": 21.106835541855663,
  "dvars_std": 1.2732260136082474,
  "dvars_vstd": 1.0340910391752574,
  "efc": 0.6299357104596349,
  "fber": 1864.0074462890625,
  "fd_mean": 0.06224870528993747,
  "fd_num": 2,
  "fd_perc": 2.0408163265306123,
  "fwhm_avg": 1.645238888888889,
  "fwhm_x": 1.49218,
  "fwhm_y": 1.8294433333333335,
  "fwhm_z": 1.6140933333333332,
  "gcor": 0.0197459,
  "gsr_x": -0.002745694015175104,
  "gsr_y": 0.05516369268298149,
  "provenance": {
    "md5sum": "c68ec1b76bb6c781ce00a1bff6d8b3ed",
    "settings": {
      "fd_thres": 0.2,
      "testing": false
    },
    "software": "mriqc",
    "version": "23.0.1",
    "webapi_port": null,
    "webapi_url": "https://mriqc.nimh.nih.gov/api/v1"
  },
  "size_t": 98,
  "size_x": 64,
  "size_y": 64,
  "size_z": 38,
  "snr": 7.71148981481681,
  "spacing_tr": 2.0,
  "spacing_x": 3.0,
  "spacing_y": 3.0,
  "spacing_z": 3.0,
  "summary_bg_k": 6.52374070488297,
  "summary_bg_mad": 7.700453535765831,
  "summary_bg_mean": 32.45463180541992,
  "summary_bg_median": 8.846938133239746,
  "summary_bg_n": 75927.0,
  "summary_bg_p05": 3.0612244606018066,
  "summary_bg_p95": 146.69795074462886,
  "summary_bg_stdv": 50.25148391723633,
  "summary_fg_k": 4.2654062679196985,
  "summary_fg_mad": 45.95306754159636,
  "summary_fg_mean": 403.44256591796875,
  "summary_fg_median": 404.3214111328125,
  "summary_fg_n": 44088.0,
  "summary_fg_p05": 325.5852020263672,
  "summary_fg_p95": 481.27193450927734,
  "summary_fg_stdv": 52.430442810058594,
  "tsnr": 85.52818526281044
}