{
  "aor": 0.0013867200000000001,
  "aqi": 0.0088829896,
  "bids_meta": {
    "AccelFactPE": 2,
    "AcquisitionNumber": 1,
    "AcquisitionTime": "11:25:32.357500",
    "BandwidthPerPixelPhaseEncode": 43.879,
    "BodyPartExamined": "BRAIN",
    "ConversionSoftware": "dcm2niix",
    "ConversionSoftwareVersion": "v1.0.20170724 GCC4.4.7",
    "DeviceSerialNumber": "67025",
    "EchoTime": 0.025,
    "EchoTrainLength": 43,
    "EffectiveEchoSpacing": 0.000356093,
    "FlipAngle": 90,
    "ImageType": [
      "ORIGINAL",
      "PRIMARY",
      "M",
      "ND",
      "NORM",
      "MOSAIC"
    ],
    "InstitutionAddress": "McClintock_3520A_Los_Angeles_CA_US_90089",
    "InstitutionName": "USC",
    "MagneticFieldStrength": 3,
    "Manufacturer": "Siemens",
    "ManufacturersModelName": "Prisma_fit",
    "PhaseEncodingDirection": "j-",
    "PhaseEncodingLines": 64,
    "ProcedureStepDescription": "Mara_Steve",
    "ProtocolName": "learning2",
    "RepetitionTime": 2,
    "ScanningSequence": "EP",
    "SequenceName": "_epfid2d1_64",
    "SequenceVariant": "SK_OSP",
    "SeriesDescription": "learning2",
    "SliceTiming": [
      0.99,
      0,
      1.0425,
      0.0525,
      1.095,
      0.105,
      1.1475,
      0.1575,
      1.1975,
      0.21,
      1.25,
      0.26,
      1.3025,
      0.3125,
      1.355,
      0.365,
      1.4075,
      0.4175,
      1.46,
      0.47,
      1.5125,
      0.5225,
      1.5625,
      0.5725,
      1.615,
      0.625,
      1.6675,
      0.6775,
      1.72,
      0.73,
      1.7725,
      0.7825,
      1.825,
      0.835,
      1.875,
      0.885,
      1.9275,
      0.9375
    ],
    "SoftwareVersions": "syngo_MR_D13D",
    "TaskName": "learning",
    "TotalReadoutTime": 0.0299118,
    "TrueEchoSpacing": 0.000712186,
    "dataset": "ds003425",
    "modality": "bold",
    "run_id": 2,
    "session_id": "01",
    "subject_id": "12",
    "task_id": "learning"
  },
  "dummy_trs": 0,
  "dvars_nstd": 23.09272483096775,
  "dvars_std": 1.3120315752419358,
  "dvars_vstd": 0.9973749742741936,
  "efc": 0.6335508809716994,
  "fber": 1769.82666015625,
  "fd_mean": 0.06937195867630537,
  "fd_num": 4,
  "fd_perc": 3.2,
  "fwhm_avg": 1.5970733333333333,
  "fwhm_x": 1.4448666666666667,
  "fwhm_y": 1.7694366666666665,
  "fwhm_z": 1.5769166666666665,
  "gcor": 0.0173197,
  "gsr_x": -0.002653867704793811,
  "gsr_y": 0.05514281615614891,
  "provenance": {
    "md5sum": "4b51ab23cc28e30c59e74285229b3562",
    "settings": {
      "fd_thres": 0.2,
      "testing": false
    },
    "software": "mriqc",
    "version": "23.0.1",
    "webapi_port": null,
    "webapi_url": "https://mriqc.nimh.nih.gov/api/v1"
  },
  "size_t": 125,
  "size_x": 64,
  "size_y": 64,
  "size_z": 38,
  "snr": 7.921995868466308,
  "spacing_tr": 2.0,
  "spacing_x": 3.0,
  "spacing_y": 3.0,
  "spacing_z": 3.0,
  "summary_bg_k": 6.613643295158262,
  "summary_bg_mad": 8.053495488460932,
  "summary_bg_mean": 34.3644905090332,
  "summary_bg_median": 9.192000389099121,
  "summary_bg_n": 75718.0,
  "summary_bg_p05": 3.1600000858306885,
  "summary_bg_p95": 156.0640106201172,
  "summary_bg_stdv": 53.58487319946289,
  "summary_fg_k": 4.586360880674618,
  "summary_fg_mad": 45.42690844738855,
  "summary_fg_mean": 409.7076721191406,
  "summary_fg_median": 409.97601318359375,
  "summary_fg_n": 44293.0,
  "summary_fg_p05": 334.7696044921875,
  "summary_fg_p95": 486.7920227050781,
  "summary_fg_stdv": 51.75102233886719,
  "tsnr": 77.8269845796749
}