{
  "aor": 0.002470918367346939,
  "aqi": 0.007780958775510205,
  "bids_meta": {
    "AccelFactPE": 2,
    "AcquisitionNumber": 1,
    "AcquisitionTime": "10:57:16.905000",
    "BandwidthPerPixelPhaseEncode": 43.879,
    "BodyPartExamined": "BRAIN",
    "ConversionSoftware": "dcm2niix",
    "ConversionSoftwareVersion": "v1.0.20170724 GCC4.4.7",
    "DeviceSerialNumber": "67025",
    "EchoTime": 0.025,
    "EchoTrainLength": 43,
    "EffectiveEchoSpacing": 0.000356093,
    "FlipAngle": 90,
    "ImageType": [
      "ORIGINAL",
      "PRIMARY",
      "M",
      "ND",
      "NORM",
      "MOSAIC"
    ],
    "InstitutionAddress": "McClintock_3520A_Los_Angeles_CA_US_90089",
    "InstitutionName": "USC",
    "MagneticFieldStrength": 3,
    "Manufacturer": "Siemens",
    "ManufacturersModelName": "Prisma_fit",
    "PhaseEncodingDirection": "j-",
    "PhaseEncodingLines": 64,
    "ProcedureStepDescription": "Mara_Steve",
    "ProtocolName": "training4",
    "RepetitionTime": 2,
    "ScanningSequence": "EP",
    "SequenceName": "_epfid2d1_64",
    "SequenceVariant": "SK_OSP",
    "SeriesDescription": "training4",
    "SliceTiming": [
      0.99,
      0,
      1.0425,
      0.0525,
      1.095,
      0.105,
      1.1475,
      0.1575,
      1.1975,
      0.2075,
      1.25,
      0.26,
      1.3025,
      0.3125,
      1.355,
      0.365,
      1.4075,
      0.4175,
      1.46,
      0.47,
      1.51,
      0.5225,
      1.5625,
      0.5725,
      1.615,
      0.625,
      1.6675,
      0.6775,
      1.72,
      0.73,
      1.7725,
      0.7825,
      1.825,
      0.835,
      1.875,
      0.885,
      1.9275,
      0.9375
    ],
    "SoftwareVersions": "syngo_MR_D13D",
    "TaskName": "training",
    "TotalReadoutTime": 0.0299118,
    "TrueEchoSpacing": 0.000712186,
    "dataset": "ds003425",
    "modality": "bold",
    "run_id": 4,
    "session_id": "01",
    "subject_id": "12",
    "task_id": "training"
  },
  "dummy_trs": 0,
  "dvars_nstd": 23.168042271649487,
  "dvars_std": 1.3557619213402063,
  "dvars_vstd": 1.038861316597938,
  "efc": 0.6319831838610528,
  "fber": 1821.812255859375,
  "fd_mean": 0.0752458055110572,
  "fd_num": 3,
  "fd_perc": 3.061224489795918,
  "fwhm_avg": 1.6004366666666667,
  "fwhm_x": 1.4451933333333333,
  "fwhm_y": 1.7728533333333332,
  "fwhm_z": 1.5832633333333332,
  "gcor": 0.0620231,
  "gsr_x": -0.0016872549895197153,
  "gsr_y": 0.056443069130182266,
  "provenance": {
    "md5sum": "4edae7d89bcfaa97b6e6fce683a4d803",
    "settings": {
      "fd_thres": 0.2,
      "testing": false
    },
    "software": "mriqc",
    "version": "23.0.1",
    "webapi_port": null,
    "webapi_url": "https://mriqc.nimh.nih.gov/api/v1"
  },
  "size_t": 98,
  "size_x": 64,
  "size_y": 64,
  "size_z": 38,
  "snr": 7.903683818687279,
  "spacing_tr": 2.0,
  "spacing_x": 3.0,
  "spacing_y": 3.0,
  "spacing_z": 3.0,
  "summary_bg_k": 6.644113913876925,
  "summary_bg_mad": 7.89712657876809,
  "summary_bg_mean": 33.83607864379883,
  "summary_bg_median": 9.051020622253418,
  "summary_bg_n": 75837.0,
  "summary_bg_p05": 3.132652997970581,
  "summary_bg_p95": 153.9755126953124,
  "summary_bg_stdv": 52.850738525390625,
  "summary_fg_k": 4.262557609573369,
  "summary_fg_mad": 45.67322456303627,
  "summary_fg_mean": 409.49249267578125,
  "summary_fg_median": 409.76019287109375,
  "summary_fg_n": 44154.0,
  "summary_fg_p05": 334.4010070800781,
  "summary_fg_p95": 486.5918273925781,
  "summary_fg_stdv": 51.8436164855957,
  "tsnr": 80.21492402278818
}