{
  "aor": 0.003297857142857143,
  "aqi": 0.007271434693877553,
  "bids_meta": {
    "AccelFactPE": 2,
    "AcquisitionNumber": 1,
    "AcquisitionTime": "11:05:9.367500",
    "BandwidthPerPixelPhaseEncode": 43.879,
    "BodyPartExamined": "BRAIN",
    "ConversionSoftware": "dcm2niix",
    "ConversionSoftwareVersion": "v1.0.20170724 GCC4.4.7",
    "DeviceSerialNumber": "67025",
    "EchoTime": 0.025,
    "EchoTrainLength": 43,
    "EffectiveEchoSpacing": 0.000356093,
    "FlipAngle": 90,
    "ImageType": [
      "ORIGINAL",
      "PRIMARY",
      "M",
      "ND",
      "NORM",
      "MOSAIC"
    ],
    "InstitutionAddress": "McClintock_3520A_Los_Angeles_CA_US_90089",
    "InstitutionName": "USC",
    "MagneticFieldStrength": 3,
    "Manufacturer": "Siemens",
    "ManufacturersModelName": "Prisma_fit",
    "PhaseEncodingDirection": "j-",
    "PhaseEncodingLines": 64,
    "ProcedureStepDescription": "Mara_Steve",
    "ProtocolName": "training6",
    "RepetitionTime": 2,
    "ScanningSequence": "EP",
    "SequenceName": "_epfid2d1_64",
    "SequenceVariant": "SK_OSP",
    "SeriesDescription": "training6",
    "SliceTiming": [
      0.99,
      0,
      1.04,
      0.0525,
      1.0925,
      0.1025,
      1.145,
      0.155,
      1.1975,
      0.2075,
      1.25,
      0.26,
      1.3025,
      0.3125,
      1.355,
      0.365,
      1.405,
      0.415,
      1.4575,
      0.4675,
      1.51,
      0.52,
      1.5625,
      0.5725,
      1.615,
      0.625,
      1.6675,
      0.6775,
      1.7175,
      0.7275,
      1.77,
      0.78,
      1.8225,
      0.8325,
      1.875,
      0.885,
      1.9275,
      0.9375
    ],
    "SoftwareVersions": "syngo_MR_D13D",
    "TaskName": "training",
    "TotalReadoutTime": 0.0299118,
    "TrueEchoSpacing": 0.000712186,
    "dataset": "ds003425",
    "modality": "bold",
    "run_id": 6,
    "session_id": "01",
    "subject_id": "12",
    "task_id": "training"
  },
  "dummy_trs": 0,
  "dvars_nstd": 24.01282233773196,
  "dvars_std": 1.3963277596907218,
  "dvars_vstd": 1.0553354901030927,
  "efc": 0.6320228330830541,
  "fber": 1857.4801025390625,
  "fd_mean": 0.08184647301751982,
  "fd_num": 3,
  "fd_perc": 3.061224489795918,
  "fwhm_avg": 1.5944655555555556,
  "fwhm_x": 1.4297166666666667,
  "fwhm_y": 1.7708833333333331,
  "fwhm_z": 1.5827966666666666,
  "gcor": 0.0436831,
  "gsr_x": -0.001111665740609169,
  "gsr_y": 0.05525670573115349,
  "provenance": {
    "md5sum": "03a826c2f59cea8baf470c4e01d33e2d",
    "settings": {
      "fd_thres": 0.2,
      "testing": false
    },
    "software": "mriqc",
    "version": "23.0.1",
    "webapi_port": null,
    "webapi_url": "https://mriqc.nimh.nih.gov/api/v1"
  },
  "size_t": 98,
  "size_x": 64,
  "size_y": 64,
  "size_z": 38,
  "snr": 7.90409091557544,
  "spacing_tr": 2.0,
  "spacing_x": 3.0,
  "spacing_y": 3.0,
  "spacing_z": 3.0,
  "summary_bg_k": 6.634468685405276,
  "summary_bg_mad": 7.806353643733386,
  "summary_bg_mean": 33.94068145751953,
  "summary_bg_median": 9.0,
  "summary_bg_n": 75819.0,
  "summary_bg_p05": 3.132652997970581,
  "summary_bg_p95": 154.78672637939445,
  "summary_bg_stdv": 53.1889762878418,
  "summary_fg_k": 4.661619561620548,
  "summary_fg_mad": 45.49169990176172,
  "summary_fg_mean": 410.2717590332031,
  "summary_fg_median": 410.6938781738281,
  "summary_fg_n": 44177.0,
  "summary_fg_p05": 335.4367370605469,
  "summary_fg_p95": 486.8489685058593,
  "summary_fg_stdv": 51.95907211303711,
  "tsnr": 83.29811745113693
}