{
  "aor": 0.00583984,
  "aqi": 0.021001444319999996,
  "bids_meta": {
    "AccelFactPE": 2,
    "AcquisitionNumber": 1,
    "AcquisitionTime": "12:04:20.065000",
    "BandwidthPerPixelPhaseEncode": 43.879,
    "BodyPartExamined": "BRAIN",
    "ConversionSoftware": "dcm2niix",
    "ConversionSoftwareVersion": "v1.0.20170724 GCC4.4.7",
    "DeviceSerialNumber": "67025",
    "EchoTime": 0.025,
    "EchoTrainLength": 43,
    "EffectiveEchoSpacing": 0.000356093,
    "FlipAngle": 90,
    "ImageType": [
      "ORIGINAL",
      "PRIMARY",
      "M",
      "ND",
      "NORM",
      "MOSAIC"
    ],
    "InstitutionAddress": "McClintock_3520A_Los_Angeles_CA_US_90089",
    "InstitutionName": "USC",
    "MagneticFieldStrength": 3,
    "Manufacturer": "Siemens",
    "ManufacturersModelName": "Prisma_fit",
    "PhaseEncodingDirection": "j-",
    "PhaseEncodingLines": 64,
    "ProcedureStepDescription": "Mara_Steve",
    "ProtocolName": "regulate2",
    "RepetitionTime": 2,
    "ScanningSequence": "EP",
    "SequenceName": "_epfid2d1_64",
    "SequenceVariant": "SK_OSP",
    "SeriesDescription": "regulate2",
    "SliceTiming": [
      0.99,
      0,
      1.0425,
      0.0525,
      1.095,
      0.105,
      1.145,
      0.1575,
      1.1975,
      0.2075,
      1.25,
      0.26,
      1.3025,
      0.3125,
      1.355,
      0.365,
      1.4075,
      0.4175,
      1.46,
      0.47,
      1.51,
      0.52,
      1.5625,
      0.5725,
      1.615,
      0.625,
      1.6675,
      0.6775,
      1.72,
      0.73,
      1.7725,
      0.7825,
      1.8225,
      0.8325,
      1.875,
      0.885,
      1.9275,
      0.9375
    ],
    "SoftwareVersions": "syngo_MR_D13D",
    "TaskName": "regulate",
    "TotalReadoutTime": 0.0299118,
    "TrueEchoSpacing": 0.000712186,
    "dataset": "ds003425",
    "modality": "bold",
    "run_id": 2,
    "session_id": "02",
    "subject_id": "11",
    "task_id": "regulate"
  },
  "dummy_trs": 0,
  "dvars_nstd": 22.30380240604839,
  "dvars_std": 1.1195711347580652,
  "dvars_vstd": 0.989719687419355,
  "efc": 0.6007453424378688,
  "fber": 2327.04736328125,
  "fd_mean": 0.16129323854447045,
  "fd_num": 26,
  "fd_perc": 20.8,
  "fwhm_avg": 1.6090244444444444,
  "fwhm_x": 1.5026,
  "fwhm_y": 1.7396900000000002,
  "fwhm_z": 1.5847833333333332,
  "gcor": 0.0155642,
  "gsr_x": -0.0028098011389374733,
  "gsr_y": 0.03910629451274872,
  "provenance": {
    "md5sum": "64c105a0b64f953674eb0c5888bae1c8",
    "settings": {
      "fd_thres": 0.2,
      "testing": false
    },
    "software": "mriqc",
    "version": "23.0.1",
    "webapi_port": null,
    "webapi_url": "https://mriqc.nimh.nih.gov/api/v1"
  },
  "size_t": 125,
  "size_x": 64,
  "size_y": 64,
  "size_z": 38,
  "snr": 8.383056005208264,
  "spacing_tr": 2.0,
  "spacing_x": 3.0,
  "spacing_y": 3.0,
  "spacing_z": 3.0,
  "summary_bg_k": 15.55321973443137,
  "summary_bg_mad": 6.215069076854704,
  "summary_bg_mean": 22.450111389160156,
  "summary_bg_median": 7.7360005378723145,
  "summary_bg_n": 79067.0,
  "summary_bg_p05": 2.9760000705718994,
  "summary_bg_p95": 90.566404724121,
  "summary_bg_stdv": 36.06392288208008,
  "summary_fg_k": 1.585935880481471,
  "summary_fg_mad": 46.87394775867536,
  "summary_fg_mean": 388.98297119140625,
  "summary_fg_median": 387.51202392578125,
  "summary_fg_n": 41249.0,
  "summary_fg_p05": 319.7120056152344,
  "summary_fg_p95": 462.2480163574219,
  "summary_fg_stdv": 46.225067138671875,
  "tsnr": 52.789195677265525
}