{
  "aor": 0.00177184,
  "aqi": 0.023017764000000003,
  "bids_meta": {
    "AccelFactPE": 2,
    "AcquisitionNumber": 1,
    "AcquisitionTime": "12:34:47.385000",
    "BandwidthPerPixelPhaseEncode": 43.879,
    "BodyPartExamined": "BRAIN",
    "ConversionSoftware": "dcm2niix",
    "ConversionSoftwareVersion": "v1.0.20170724 GCC4.4.7",
    "DeviceSerialNumber": "67025",
    "EchoTime": 0.025,
    "EchoTrainLength": 43,
    "EffectiveEchoSpacing": 0.000356093,
    "FlipAngle": 90,
    "ImageType": [
      "ORIGINAL",
      "PRIMARY",
      "M",
      "ND",
      "NORM",
      "MOSAIC"
    ],
    "InstitutionAddress": "McClintock_3520A_Los_Angeles_CA_US_90089",
    "InstitutionName": "USC",
    "MagneticFieldStrength": 3,
    "Manufacturer": "Siemens",
    "ManufacturersModelName": "Prisma_fit",
    "PhaseEncodingDirection": "j-",
    "PhaseEncodingLines": 64,
    "ProcedureStepDescription": "Mara_Steve",
    "ProtocolName": "regulate8",
    "RepetitionTime": 2,
    "ScanningSequence": "EP",
    "SequenceName": "_epfid2d1_64",
    "SequenceVariant": "SK_OSP",
    "SeriesDescription": "regulate8",
    "SliceTiming": [
      0.99,
      0,
      1.0425,
      0.0525,
      1.095,
      0.105,
      1.1475,
      0.1575,
      1.2,
      0.21,
      1.25,
      0.26,
      1.3025,
      0.3125,
      1.355,
      0.365,
      1.4075,
      0.4175,
      1.46,
      0.47,
      1.5125,
      0.5225,
      1.5625,
      0.5725,
      1.615,
      0.625,
      1.6675,
      0.6775,
      1.72,
      0.73,
      1.7725,
      0.7825,
      1.825,
      0.835,
      1.875,
      0.885,
      1.9275,
      0.9375
    ],
    "SoftwareVersions": "syngo_MR_D13D",
    "TaskName": "regulate",
    "TotalReadoutTime": 0.0299118,
    "TrueEchoSpacing": 0.000712186,
    "dataset": "ds003425",
    "modality": "bold",
    "run_id": 8,
    "session_id": "02",
    "subject_id": "11",
    "task_id": "regulate"
  },
  "dummy_trs": 0,
  "dvars_nstd": 21.976817331451613,
  "dvars_std": 1.027115860564516,
  "dvars_vstd": 0.9202939282258062,
  "efc": 0.6000854365223396,
  "fber": 2378.415283203125,
  "fd_mean": 0.15198307318291518,
  "fd_num": 20,
  "fd_perc": 16.0,
  "fwhm_avg": 1.6143744444444446,
  "fwhm_x": 1.5396466666666668,
  "fwhm_y": 1.7682,
  "fwhm_z": 1.5352766666666666,
  "gcor": 0.0157286,
  "gsr_x": -0.0011795415775850415,
  "gsr_y": 0.03740554302930832,
  "provenance": {
    "md5sum": "7bde1343c41f6021a9de48ed1cebd7ca",
    "settings": {
      "fd_thres": 0.2,
      "testing": false
    },
    "software": "mriqc",
    "version": "23.0.1",
    "webapi_port": null,
    "webapi_url": "https://mriqc.nimh.nih.gov/api/v1"
  },
  "size_t": 125,
  "size_x": 64,
  "size_y": 64,
  "size_z": 38,
  "snr": 8.436961512743897,
  "spacing_tr": 2.0,
  "spacing_x": 3.0,
  "spacing_y": 3.0,
  "spacing_z": 3.0,
  "summary_bg_k": 15.794869109965926,
  "summary_bg_mad": 6.143903672666715,
  "summary_bg_mean": 22.688201904296875,
  "summary_bg_median": 7.728000164031982,
  "summary_bg_n": 79077.0,
  "summary_bg_p05": 3.0480000972747803,
  "summary_bg_p95": 90.55360260009763,
  "summary_bg_stdv": 36.42680358886719,
  "summary_fg_k": 1.495452407588818,
  "summary_fg_mad": 46.30462452517145,
  "summary_fg_mean": 388.442138671875,
  "summary_fg_median": 387.1200256347656,
  "summary_fg_n": 41142.0,
  "summary_fg_p05": 319.1284210205078,
  "summary_fg_p95": 461.1756256103515,
  "summary_fg_stdv": 45.883262634277344,
  "tsnr": 49.811282532755286
}