{
  "aor": 0.0018253937007874019,
  "aqi": 0.040153508661417314,
  "bids_meta": {
    "AccelFactPE": 2,
    "AcquisitionNumber": 1,
    "AcquisitionTime": "11:51:52.232500",
    "BandwidthPerPixelPhaseEncode": 35.613,
    "BodyPartExamined": "BRAIN",
    "ConversionSoftware": "dcm2niix",
    "ConversionSoftwareVersion": "v1.0.20170724 GCC4.4.7",
    "DeviceSerialNumber": "67025",
    "EchoTime": 0.03,
    "EchoTrainLength": 51,
    "EffectiveEchoSpacing": 0.000359995,
    "FlipAngle": 65,
    "ImageType": [
      "ORIGINAL",
      "PRIMARY",
      "M",
      "ND",
      "NORM",
      "MOSAIC"
    ],
    "InstitutionAddress": "McClintock_3520A_Los_Angeles_CA_US_90089",
    "InstitutionName": "USC",
    "MagneticFieldStrength": 3,
    "Manufacturer": "Siemens",
    "ManufacturersModelName": "Prisma_fit",
    "PhaseEncodingDirection": "i-",
    "PhaseEncodingLines": 78,
    "ProcedureStepDescription": "Mara_Steve",
    "ProtocolName": "ring_shorter",
    "RepetitionTime": 1.2,
    "ScanningSequence": "EP",
    "SequenceName": "_epfid2d1_78",
    "SequenceVariant": "SK_OSP",
    "SeriesDescription": "ring_shorter",
    "SliceTiming": [
      0.59,
      0,
      0.6475,
      0.0575,
      0.7075,
      0.1175,
      0.765,
      0.175,
      0.825,
      0.235,
      0.8825,
      0.295,
      0.9425,
      0.3525,
      1.0025,
      0.4125,
      1.06,
      0.47,
      1.12,
      0.53
    ],
    "SoftwareVersions": "syngo_MR_D13D",
    "TaskName": "ring",
    "TotalReadoutTime": 0.0363595,
    "TrueEchoSpacing": 0.000719991,
    "dataset": "ds003425",
    "modality": "bold",
    "run_id": 1,
    "session_id": "02",
    "subject_id": "11",
    "task_id": "ring"
  },
  "dummy_trs": 0,
  "dvars_nstd": 51.4945085092885,
  "dvars_std": 1.5067421149407128,
  "dvars_vstd": 0.9781509346640315,
  "efc": 0.504003939793011,
  "fber": 1269.103759765625,
  "fd_mean": 0.1774242207253832,
  "fd_num": 67,
  "fd_perc": 26.37795275590551,
  "fwhm_avg": 1.57900302351388,
  "fwhm_x": 1.703820561527738,
  "fwhm_y": 1.4357565090139022,
  "fwhm_z": 1.597432,
  "gcor": 0.0216119,
  "gsr_x": -0.022181112319231033,
  "gsr_y": 0.04021291062235832,
  "provenance": {
    "md5sum": "47d73145be3cfb6cece8aa1ccd425e5b",
    "settings": {
      "fd_thres": 0.2,
      "testing": false
    },
    "software": "mriqc",
    "version": "23.0.1",
    "webapi_port": null,
    "webapi_url": "https://mriqc.nimh.nih.gov/api/v1"
  },
  "size_t": 254,
  "size_x": 78,
  "size_y": 78,
  "size_z": 20,
  "snr": 7.925351336941473,
  "spacing_tr": 1.2000000476837158,
  "spacing_x": 2.461538553237915,
  "spacing_y": 2.461538553237915,
  "spacing_z": 2.5,
  "summary_bg_k": 10.157869411476522,
  "summary_bg_mad": 4.774679429715874,
  "summary_bg_mean": 21.603084564208984,
  "summary_bg_median": 8.55905532836914,
  "summary_bg_n": 80249.0,
  "summary_bg_p05": 4.4803147315979,
  "summary_bg_p95": 93.95905761718747,
  "summary_bg_stdv": 31.368804931640625,
  "summary_fg_k": 3.768390106549594,
  "summary_fg_mad": 34.50258058943861,
  "summary_fg_mean": 305.35247802734375,
  "summary_fg_median": 305.6732177734375,
  "summary_fg_n": 15170.0,
  "summary_fg_p05": 249.2694869995117,
  "summary_fg_p95": 361.71455383300776,
  "summary_fg_stdv": 38.567771911621094,
  "tsnr": 32.19878703611903
}