{
  "aor": 0.0009524409448818897,
  "aqi": 0.03735585866141732,
  "bids_meta": {
    "AccelFactPE": 2,
    "AcquisitionNumber": 1,
    "AcquisitionTime": "11:45:9.982500",
    "BandwidthPerPixelPhaseEncode": 35.613,
    "BodyPartExamined": "BRAIN",
    "ConversionSoftware": "dcm2niix",
    "ConversionSoftwareVersion": "v1.0.20170724 GCC4.4.7",
    "DeviceSerialNumber": "67025",
    "EchoTime": 0.03,
    "EchoTrainLength": 51,
    "EffectiveEchoSpacing": 0.000359995,
    "FlipAngle": 65,
    "ImageType": [
      "ORIGINAL",
      "PRIMARY",
      "M",
      "ND",
      "NORM",
      "MOSAIC"
    ],
    "InstitutionAddress": "McClintock_3520A_Los_Angeles_CA_US_90089",
    "InstitutionName": "USC",
    "MagneticFieldStrength": 3,
    "Manufacturer": "Siemens",
    "ManufacturersModelName": "Prisma_fit",
    "PhaseEncodingDirection": "i-",
    "PhaseEncodingLines": 78,
    "ProcedureStepDescription": "Mara_Steve",
    "ProtocolName": "wedge_shorter",
    "RepetitionTime": 1.2,
    "ScanningSequence": "EP",
    "SequenceName": "_epfid2d1_78",
    "SequenceVariant": "SK_OSP",
    "SeriesDescription": "wedge_shorter",
    "SliceTiming": [
      0.59,
      0,
      0.65,
      0.06,
      0.7075,
      0.1175,
      0.7675,
      0.1775,
      0.8275,
      0.2375,
      0.885,
      0.295,
      0.945,
      0.355,
      1.0025,
      0.4125,
      1.0625,
      0.4725,
      1.1225,
      0.5325
    ],
    "SoftwareVersions": "syngo_MR_D13D",
    "TaskName": "wedge",
    "TotalReadoutTime": 0.0363595,
    "TrueEchoSpacing": 0.000719991,
    "dataset": "ds003425",
    "modality": "bold",
    "run_id": 1,
    "session_id": "02",
    "subject_id": "11",
    "task_id": "wedge"
  },
  "dummy_trs": 0,
  "dvars_nstd": 49.46070290375493,
  "dvars_std": 1.4212433151383403,
  "dvars_vstd": 0.9502764482213443,
  "efc": 0.5027271286486209,
  "fber": 1340.6572265625,
  "fd_mean": 0.17641373545322217,
  "fd_num": 66,
  "fd_perc": 25.984251968503937,
  "fwhm_avg": 1.58474594020577,
  "fwhm_x": 1.6896139995569734,
  "fwhm_y": 1.4479318210603365,
  "fwhm_z": 1.616692,
  "gcor": 0.0162853,
  "gsr_x": -0.02032948099076748,
  "gsr_y": 0.03423302248120308,
  "provenance": {
    "md5sum": "b621413ff88981852f2b1a2f8d3fa0e8",
    "settings": {
      "fd_thres": 0.2,
      "testing": false
    },
    "software": "mriqc",
    "version": "23.0.1",
    "webapi_port": null,
    "webapi_url": "https://mriqc.nimh.nih.gov/api/v1"
  },
  "size_t": 254,
  "size_x": 78,
  "size_y": 78,
  "size_z": 20,
  "snr": 7.795905086301156,
  "spacing_tr": 1.2000000476837158,
  "spacing_x": 2.461538553237915,
  "spacing_y": 2.461538553237915,
  "spacing_z": 2.5,
  "summary_bg_k": 11.109045336286906,
  "summary_bg_mad": 4.500339426461742,
  "summary_bg_mean": 20.615070343017578,
  "summary_bg_median": 8.346456527709961,
  "summary_bg_n": 79692.0,
  "summary_bg_p05": 4.421259880065918,
  "summary_bg_p95": 90.09153747558588,
  "summary_bg_stdv": 30.54224395751953,
  "summary_fg_k": 3.9820593819295667,
  "summary_fg_mad": 35.1067428032968,
  "summary_fg_mean": 306.2537536621094,
  "summary_fg_median": 305.905517578125,
  "summary_fg_n": 15748.0,
  "summary_fg_p05": 250.256298828125,
  "summary_fg_p95": 364.5555084228515,
  "summary_fg_stdv": 39.23801040649414,
  "tsnr": 34.12889727082802
}