{
  "bids_meta": {
    "AccelFactPE": 2,
    "AcquisitionNumber": 1,
    "AcquisitionTime": "10:41:54.647500",
    "BodyPartExamined": "BRAIN",
    "ConversionSoftware": "dcm2niix",
    "ConversionSoftwareVersion": "v1.0.20170724 GCC4.4.7",
    "DeviceSerialNumber": "67025",
    "EchoTime": 0.00226,
    "FlipAngle": 9,
    "ImageType": [
      "ORIGINAL",
      "PRIMARY",
      "M",
      "ND",
      "NORM"
    ],
    "InstitutionAddress": "McClintock_3520A_Los_Angeles_CA_US_90089",
    "InstitutionName": "USC",
    "InversionTime": 1.06,
    "MagneticFieldStrength": 3,
    "Manufacturer": "Siemens",
    "ManufacturersModelName": "Prisma_fit",
    "PhaseEncodingDirection": "i-",
    "PhaseEncodingLines": 224,
    "ProcedureStepDescription": "Mara_Steve",
    "ProtocolName": "t1_mprage_short_32channel",
    "RepetitionTime": 2.3,
    "ScanningSequence": "GR_IR",
    "SequenceName": "_tfl3d1_16ns",
    "SequenceVariant": "SK_SP_MP",
    "SeriesDescription": "t1_mprage_short_32channel",
    "SoftwareVersions": "syngo_MR_D13D",
    "dataset": "ds003425",
    "modality": "T1w",
    "session_id": "01",
    "subject_id": "02"
  },
  "cjv": 0.3979404775837377,
  "cnr": 3.456615830140081,
  "efc": 0.5881934755737078,
  "fber": -1.0,
  "fwhm_avg": 4.516797192725529,
  "fwhm_x": 4.4129015781765855,
  "fwhm_y": 4.52542,
  "fwhm_z": 4.61207,
  "icvs_csf": 0.21885815650246288,
  "icvs_gm": 0.41909508703583515,
  "icvs_wm": 0.362046756461702,
  "inu_med": 0.27007463574409485,
  "inu_range": 0.0653681606054306,
  "provenance": {
    "md5sum": "c075e10938cd585c70ffc666f8a33496",
    "settings": {
      "testing": false
    },
    "software": "mriqc",
    "version": "23.0.1",
    "warnings": {
      "large_rot_frame": true,
      "small_air_mask": false
    },
    "webapi_port": null,
    "webapi_url": "https://mriqc.nimh.nih.gov/api/v1"
  },
  "qi_1": 0.001869250995879469,
  "qi_2": 0.017280565526310458,
  "rpve_csf": 21.315708073794205,
  "rpve_gm": 11.361406829114424,
  "rpve_wm": 15.152097497348148,
  "size_x": 176,
  "size_y": 224,
  "size_z": 256,
  "snr_csf": 3.0612131746043083,
  "snr_gm": 15.4563896302913,
  "snr_total": 16.632171591368103,
  "snr_wm": 31.378911969208694,
  "snrd_csf": 90.34437741095066,
  "snrd_gm": 208.77300870616034,
  "snrd_total": 187.64373567626004,
  "snrd_wm": 263.81382091166915,
  "spacing_x": 0.9999996423721313,
  "spacing_y": 1.0,
  "spacing_z": 1.0,
  "summary_bg_k": 57.93284276449145,
  "summary_bg_mad": 0.0,
  "summary_bg_mean": 0.6562850055735082,
  "summary_bg_median": 0.0,
  "summary_bg_n": 2503796.0,
  "summary_bg_p05": 0.0,
  "summary_bg_p95": 3.6697249114513397,
  "summary_bg_stdv": 2.4834740928074033,
  "summary_csf_k": 1.2783952194549588,
  "summary_csf_mad": 70.81647019107103,
  "summary_csf_mean": 339.62334394362216,
  "summary_csf_median": 342.4751253798604,
  "summary_csf_n": 51779.0,
  "summary_csf_p05": 100.66172550991178,
  "summary_csf_p95": 522.2740782089531,
  "summary_csf_stdv": 111.87454082579438,
  "summary_gm_k": -0.2441361669440969,
  "summary_gm_mad": 53.24981820660838,
  "summary_gm_mean": 790.8489734487215,
  "summary_gm_median": 791.4113128185272,
  "summary_gm_n": 32667.0,
  "summary_gm_p05": 706.6484752893448,
  "summary_gm_p95": 874.8585149273276,
  "summary_gm_stdv": 51.20207359809235,
  "summary_wm_k": 0.8857444571028479,
  "summary_wm_mad": 29.779382029673926,
  "summary_wm_mean": 1001.0601220985429,
  "summary_wm_median": 1000.0585978105664,
  "summary_wm_n": 199028.0,
  "summary_wm_p05": 951.5518616139889,
  "summary_wm_p95": 1055.1825507357717,
  "summary_wm_stdv": 31.870323815949778,
  "tpm_overlap_csf": 0.1649849672973806,
  "tpm_overlap_gm": 0.4709977060996229,
  "tpm_overlap_wm": 0.5217727481176896,
  "wm2max": 0.889122210266912
}