{
  "aor": 0.00350128,
  "aqi": 0.0066259503200000016,
  "bids_meta": {
    "AccelFactPE": 2,
    "AcquisitionNumber": 1,
    "AcquisitionTime": "10:31:2.360000",
    "BandwidthPerPixelPhaseEncode": 43.879,
    "BodyPartExamined": "BRAIN",
    "ConversionSoftware": "dcm2niix",
    "ConversionSoftwareVersion": "v1.0.20170724 GCC4.4.7",
    "DeviceSerialNumber": "67025",
    "EchoTime": 0.025,
    "EchoTrainLength": 43,
    "EffectiveEchoSpacing": 0.000356093,
    "FlipAngle": 90,
    "ImageType": [
      "ORIGINAL",
      "PRIMARY",
      "M",
      "ND",
      "NORM",
      "MOSAIC"
    ],
    "InstitutionAddress": "McClintock_3520A_Los_Angeles_CA_US_90089",
    "InstitutionName": "USC",
    "MagneticFieldStrength": 3,
    "Manufacturer": "Siemens",
    "ManufacturersModelName": "Prisma_fit",
    "PhaseEncodingDirection": "i",
    "PhaseEncodingLines": 64,
    "ProcedureStepDescription": "Mara_Steve",
    "ProtocolName": "regulate1",
    "RepetitionTime": 2,
    "ScanningSequence": "EP",
    "SequenceName": "_epfid2d1_64",
    "SequenceVariant": "SK_OSP",
    "SeriesDescription": "regulate1",
    "SliceTiming": [
      0.99,
      0,
      1.0425,
      0.0525,
      1.095,
      0.105,
      1.1475,
      0.1575,
      1.2,
      0.21,
      1.2525,
      0.2625,
      1.3025,
      0.3125,
      1.355,
      0.365,
      1.4075,
      0.4175,
      1.46,
      0.47,
      1.5125,
      0.5225,
      1.565,
      0.575,
      1.615,
      0.625,
      1.6675,
      0.6775,
      1.72,
      0.73,
      1.7725,
      0.7825,
      1.825,
      0.835,
      1.8775,
      0.8875,
      1.9275,
      0.94
    ],
    "SoftwareVersions": "syngo_MR_D13D",
    "TaskName": "regulate",
    "TotalReadoutTime": 0.0299118,
    "TrueEchoSpacing": 0.000712186,
    "dataset": "ds003425",
    "modality": "bold",
    "run_id": 1,
    "session_id": "02",
    "subject_id": "06",
    "task_id": "regulate"
  },
  "dummy_trs": 0,
  "dvars_nstd": 20.362322068467744,
  "dvars_std": 1.2108926396774198,
  "dvars_vstd": 1.0389461530645163,
  "efc": 0.6061960752353283,
  "fber": 1458.123779296875,
  "fd_mean": 0.06737150376819845,
  "fd_num": 6,
  "fd_perc": 4.8,
  "fwhm_avg": 1.6471166666666666,
  "fwhm_x": 1.5826366666666667,
  "fwhm_y": 1.73012,
  "fwhm_z": 1.6285933333333331,
  "gcor": 0.0399105,
  "gsr_x": 0.02005193755030632,
  "gsr_y": 0.030275505036115646,
  "provenance": {
    "md5sum": "16082b15c2660881baaf2491b3c80015",
    "settings": {
      "fd_thres": 0.2,
      "testing": false
    },
    "software": "mriqc",
    "version": "23.0.1",
    "webapi_port": null,
    "webapi_url": "https://mriqc.nimh.nih.gov/api/v1"
  },
  "size_t": 125,
  "size_x": 64,
  "size_y": 64,
  "size_z": 38,
  "snr": 8.293689551491505,
  "spacing_tr": 2.0,
  "spacing_x": 3.0,
  "spacing_y": 3.0,
  "spacing_z": 3.0,
  "summary_bg_k": 14.308705722588765,
  "summary_bg_mad": 10.235886135082895,
  "summary_bg_mean": 29.731220245361328,
  "summary_bg_median": 11.360000610351562,
  "summary_bg_n": 79196.0,
  "summary_bg_p05": 3.376000165939331,
  "summary_bg_p95": 118.90400695800781,
  "summary_bg_stdv": 46.39015579223633,
  "summary_fg_k": 2.7762235451361654,
  "summary_fg_mad": 46.87987490987849,
  "summary_fg_mean": 448.5745544433594,
  "summary_fg_median": 445.9640197753906,
  "summary_fg_n": 41052.0,
  "summary_fg_p05": 366.96441955566405,
  "summary_fg_p95": 534.7832244873047,
  "summary_fg_stdv": 53.77083206176758,
  "tsnr": 82.22166576096788
}