{
  "aor": 0.0005070472440944882,
  "aqi": 0.02288607165354331,
  "bids_meta": {
    "AccelFactPE": 2,
    "AcquisitionNumber": 1,
    "AcquisitionTime": "10:14:0.600000",
    "BandwidthPerPixelPhaseEncode": 35.613,
    "BodyPartExamined": "BRAIN",
    "ConversionSoftware": "dcm2niix",
    "ConversionSoftwareVersion": "v1.0.20170724 GCC4.4.7",
    "DeviceSerialNumber": "67025",
    "EchoTime": 0.03,
    "EchoTrainLength": 51,
    "EffectiveEchoSpacing": 0.000359995,
    "FlipAngle": 65,
    "ImageType": [
      "ORIGINAL",
      "PRIMARY",
      "M",
      "ND",
      "NORM",
      "MOSAIC"
    ],
    "InstitutionAddress": "McClintock_3520A_Los_Angeles_CA_US_90089",
    "InstitutionName": "USC",
    "MagneticFieldStrength": 3,
    "Manufacturer": "Siemens",
    "ManufacturersModelName": "Prisma_fit",
    "PhaseEncodingDirection": "i-",
    "PhaseEncodingLines": 78,
    "ProcedureStepDescription": "Mara_Steve",
    "ProtocolName": "wedge_shorter",
    "RepetitionTime": 1.2,
    "ScanningSequence": "EP",
    "SequenceName": "_epfid2d1_78",
    "SequenceVariant": "SK_OSP",
    "SeriesDescription": "wedge_shorter",
    "SliceTiming": [
      0.59,
      0,
      0.65,
      0.06,
      0.7075,
      0.1175,
      0.7675,
      0.1775,
      0.825,
      0.2375,
      0.885,
      0.295,
      0.945,
      0.355,
      1.0025,
      0.4125,
      1.0625,
      0.4725,
      1.12,
      0.5325
    ],
    "SoftwareVersions": "syngo_MR_D13D",
    "TaskName": "wedge",
    "TotalReadoutTime": 0.0363595,
    "TrueEchoSpacing": 0.000719991,
    "dataset": "ds003425",
    "modality": "bold",
    "run_id": 1,
    "session_id": "02",
    "subject_id": "06",
    "task_id": "wedge"
  },
  "dummy_trs": 0,
  "dvars_nstd": 37.12211007304345,
  "dvars_std": 1.3438887642687745,
  "dvars_vstd": 0.999960571067194,
  "efc": 0.5154875891479743,
  "fber": 882.5889892578125,
  "fd_mean": 0.10731456667992939,
  "fd_num": 4,
  "fd_perc": 1.5748031496062993,
  "fwhm_avg": 1.4958195267606256,
  "fwhm_x": 1.519346505899932,
  "fwhm_y": 1.3587680743819448,
  "fwhm_z": 1.609344,
  "gcor": 0.0114317,
  "gsr_x": -0.019804229959845543,
  "gsr_y": 0.06902537494897842,
  "provenance": {
    "md5sum": "c81d26dbf505b619fa854d211cfb8382",
    "settings": {
      "fd_thres": 0.2,
      "testing": false
    },
    "software": "mriqc",
    "version": "23.0.1",
    "webapi_port": null,
    "webapi_url": "https://mriqc.nimh.nih.gov/api/v1"
  },
  "size_t": 254,
  "size_x": 78,
  "size_y": 78,
  "size_z": 20,
  "snr": 9.088965689804592,
  "spacing_tr": 1.2000000476837158,
  "spacing_x": 2.461538553237915,
  "spacing_y": 2.461538553237915,
  "spacing_z": 2.5,
  "summary_bg_k": 11.726759686263065,
  "summary_bg_mad": 8.142638174130845,
  "summary_bg_mean": 24.12144660949707,
  "summary_bg_median": 12.043307304382324,
  "summary_bg_n": 78976.0,
  "summary_bg_p05": 5.318897724151611,
  "summary_bg_p95": 90.12007904052734,
  "summary_bg_stdv": 30.49309730529785,
  "summary_fg_k": 7.97596431498166,
  "summary_fg_mad": 33.072553559467664,
  "summary_fg_mean": 362.4183349609375,
  "summary_fg_median": 362.52166748046875,
  "summary_fg_n": 16338.0,
  "summary_fg_p05": 308.0460601806641,
  "summary_fg_p95": 421.0864120483398,
  "summary_fg_stdv": 39.88468933105469,
  "tsnr": 49.7022214201279
}