{
  "bids_meta": {
    "AccelFactPE": 2,
    "AcquisitionNumber": 1,
    "AcquisitionTime": "10:05:23.757500",
    "BodyPartExamined": "BRAIN",
    "ConversionSoftware": "dcm2niix",
    "ConversionSoftwareVersion": "v1.0.20170724 GCC4.4.7",
    "DeviceSerialNumber": "67025",
    "EchoTime": 0.00226,
    "FlipAngle": 9,
    "ImageType": [
      "ORIGINAL",
      "PRIMARY",
      "M",
      "ND",
      "NORM"
    ],
    "InstitutionAddress": "McClintock_3520A_Los_Angeles_CA_US_90089",
    "InstitutionName": "USC",
    "InversionTime": 1.06,
    "MagneticFieldStrength": 3,
    "Manufacturer": "Siemens",
    "ManufacturersModelName": "Prisma_fit",
    "PhaseEncodingDirection": "i-",
    "PhaseEncodingLines": 224,
    "ProcedureStepDescription": "Mara_Steve",
    "ProtocolName": "t1_mprage_short_32channel",
    "RepetitionTime": 2.3,
    "ScanningSequence": "GR_IR",
    "SequenceName": "_tfl3d1_16ns",
    "SequenceVariant": "SK_SP_MP",
    "SeriesDescription": "t1_mprage_short_32channel",
    "SoftwareVersions": "syngo_MR_D13D",
    "dataset": "ds003425",
    "modality": "T1w",
    "session_id": "02",
    "subject_id": "06"
  },
  "cjv": 0.3648813157981115,
  "cnr": 3.6809727229081126,
  "efc": 0.5701535577578842,
  "fber": -1.0,
  "fwhm_avg": 4.54450784828017,
  "fwhm_x": 4.51248354484051,
  "fwhm_y": 4.54335,
  "fwhm_z": 4.57769,
  "icvs_csf": 0.20692295922007484,
  "icvs_gm": 0.42630985808895355,
  "icvs_wm": 0.3667671826909716,
  "inu_med": 0.2816653251647949,
  "inu_range": 0.071059188246727,
  "provenance": {
    "md5sum": "51712029fdda303dca4a1702efc06a2a",
    "settings": {
      "testing": false
    },
    "software": "mriqc",
    "version": "23.0.1",
    "warnings": {
      "large_rot_frame": true,
      "small_air_mask": false
    },
    "webapi_port": null,
    "webapi_url": "https://mriqc.nimh.nih.gov/api/v1"
  },
  "qi_1": 0.0025755392069129013,
  "qi_2": 0.024554968708905917,
  "rpve_csf": 20.364715883323132,
  "rpve_gm": 10.298610700561632,
  "rpve_wm": 13.784242674654822,
  "size_x": 176,
  "size_y": 224,
  "size_z": 256,
  "snr_csf": 2.724969117662633,
  "snr_gm": 15.851313373083563,
  "snr_total": 16.96266473071662,
  "snr_wm": 32.31171170140367,
  "snrd_csf": 95.60229841902203,
  "snrd_gm": 222.53017309569972,
  "snrd_total": 200.54960045006746,
  "snrd_wm": 283.51632983548063,
  "spacing_x": 1.0000014305114746,
  "spacing_y": 1.0,
  "spacing_z": 1.0,
  "summary_bg_k": 227.8183363816509,
  "summary_bg_mad": 0.0,
  "summary_bg_mean": 0.5813591273888787,
  "summary_bg_median": 0.0,
  "summary_bg_n": 2243711.0,
  "summary_bg_p05": 0.0,
  "summary_bg_p95": 3.701326569542289,
  "summary_bg_stdv": 2.310852599643622,
  "summary_csf_k": 0.5096191562404733,
  "summary_csf_mad": 86.12034901721097,
  "summary_csf_mean": 329.5275499401198,
  "summary_csf_median": 337.21652442682534,
  "summary_csf_n": 52386.0,
  "summary_csf_p05": 85.4139942037873,
  "summary_csf_p95": 528.5301786744967,
  "summary_csf_stdv": 123.74940458989889,
  "summary_gm_k": -0.05712266271020949,
  "summary_gm_mad": 50.26066041170195,
  "summary_gm_mean": 784.1597213270067,
  "summary_gm_median": 784.9272746825591,
  "summary_gm_n": 43450.0,
  "summary_gm_p05": 703.0049365258776,
  "summary_gm_p95": 865.3091763478703,
  "summary_gm_stdv": 49.51755249685602,
  "summary_wm_k": 1.0492977410284556,
  "summary_wm_mad": 28.230979972492733,
  "summary_wm_mean": 1001.7990714382631,
  "summary_wm_median": 1000.042812217027,
  "summary_wm_n": 230760.0,
  "summary_wm_p05": 954.8994650393724,
  "summary_wm_p95": 1055.391551150009,
  "summary_wm_stdv": 30.949788566141976,
  "tpm_overlap_csf": 0.16305947247423916,
  "tpm_overlap_gm": 0.4764169164266634,
  "tpm_overlap_wm": 0.5203919559627616,
  "wm2max": 0.8422326690361578
}