{
  "aor": 0.0016024000000000001,
  "aqi": 0.00833936064,
  "bids_meta": {
    "AccelFactPE": 2,
    "AcquisitionNumber": 1,
    "AcquisitionTime": "12:57:13.985000",
    "BandwidthPerPixelPhaseEncode": 43.879,
    "BodyPartExamined": "BRAIN",
    "ConversionSoftware": "dcm2niix",
    "ConversionSoftwareVersion": "v1.0.20170724 GCC4.4.7",
    "DeviceSerialNumber": "67025",
    "EchoTime": 0.025,
    "EchoTrainLength": 43,
    "EffectiveEchoSpacing": 0.000356093,
    "FlipAngle": 90,
    "ImageType": [
      "ORIGINAL",
      "PRIMARY",
      "M",
      "ND",
      "NORM",
      "MOSAIC"
    ],
    "InstitutionAddress": "McClintock_3520A_Los_Angeles_CA_US_90089",
    "InstitutionName": "USC",
    "MagneticFieldStrength": 3,
    "Manufacturer": "Siemens",
    "ManufacturersModelName": "Prisma_fit",
    "PhaseEncodingDirection": "i",
    "PhaseEncodingLines": 64,
    "ProcedureStepDescription": "Mara_Steve",
    "ProtocolName": "regulate6",
    "RepetitionTime": 2,
    "ScanningSequence": "EP",
    "SequenceName": "_epfid2d1_64",
    "SequenceVariant": "SK_OSP",
    "SeriesDescription": "regulate6",
    "SliceTiming": [
      0.99,
      0,
      1.0425,
      0.0525,
      1.0925,
      0.1025,
      1.145,
      0.155,
      1.1975,
      0.2075,
      1.25,
      0.26,
      1.3025,
      0.3125,
      1.355,
      0.365,
      1.405,
      0.4175,
      1.4575,
      0.4675,
      1.51,
      0.52,
      1.5625,
      0.5725,
      1.615,
      0.625,
      1.6675,
      0.6775,
      1.72,
      0.73,
      1.77,
      0.78,
      1.8225,
      0.8325,
      1.875,
      0.885,
      1.9275,
      0.9375
    ],
    "SoftwareVersions": "syngo_MR_D13D",
    "TaskName": "regulate",
    "TotalReadoutTime": 0.0299118,
    "TrueEchoSpacing": 0.000712186,
    "dataset": "ds003425",
    "modality": "bold",
    "run_id": 6,
    "session_id": "02",
    "subject_id": "13",
    "task_id": "regulate"
  },
  "dummy_trs": 0,
  "dvars_nstd": 28.470225611451614,
  "dvars_std": 1.5499774670967736,
  "dvars_vstd": 1.0151855537096777,
  "efc": 0.6021236446355873,
  "fber": 1960.70068359375,
  "fd_mean": 0.05537177934427305,
  "fd_num": 2,
  "fd_perc": 1.6,
  "fwhm_avg": 1.5633977777777777,
  "fwhm_x": 1.4657,
  "fwhm_y": 1.6196866666666667,
  "fwhm_z": 1.6048066666666667,
  "gcor": 0.0195549,
  "gsr_x": 0.0007545375265181065,
  "gsr_y": 0.03408127650618553,
  "provenance": {
    "md5sum": "d9075a7ea953647e019fc14f454dd221",
    "settings": {
      "fd_thres": 0.2,
      "testing": false
    },
    "software": "mriqc",
    "version": "23.0.1",
    "webapi_port": null,
    "webapi_url": "https://mriqc.nimh.nih.gov/api/v1"
  },
  "size_t": 125,
  "size_x": 64,
  "size_y": 64,
  "size_z": 38,
  "snr": 8.334698237918161,
  "spacing_tr": 2.0,
  "spacing_x": 3.0,
  "spacing_y": 3.0,
  "spacing_z": 3.0,
  "summary_bg_k": 15.620387872145393,
  "summary_bg_mad": 8.610953815161144,
  "summary_bg_mean": 27.35328483581543,
  "summary_bg_median": 9.53600025177002,
  "summary_bg_n": 79636.0,
  "summary_bg_p05": 2.7680001258850098,
  "summary_bg_p95": 110.50400352478027,
  "summary_bg_stdv": 44.622093200683594,
  "summary_fg_k": 1.4434298401714667,
  "summary_fg_mad": 52.29435015665421,
  "summary_fg_mean": 431.2039794921875,
  "summary_fg_median": 430.08001708984375,
  "summary_fg_n": 40753.0,
  "summary_fg_p05": 355.8336181640625,
  "summary_fg_p95": 513.9392333984375,
  "summary_fg_stdv": 51.60051727294922,
  "tsnr": 82.47073314688168
}