{
  "aor": 0.0010313095238095238,
  "aqi": 0.018990005952380953,
  "bids_meta": {
    "AccelFactPE": 2,
    "AcquisitionNumber": 1,
    "AcquisitionTime": "12:26:46.252500",
    "BandwidthPerPixelPhaseEncode": 35.613,
    "BodyPartExamined": "BRAIN",
    "ConversionSoftware": "dcm2niix",
    "ConversionSoftwareVersion": "v1.0.20170724 GCC4.4.7",
    "DeviceSerialNumber": "67025",
    "EchoTime": 0.03,
    "EchoTrainLength": 51,
    "EffectiveEchoSpacing": 0.000359995,
    "FlipAngle": 65,
    "ImageType": [
      "ORIGINAL",
      "PRIMARY",
      "M",
      "ND",
      "NORM",
      "MOSAIC"
    ],
    "InstitutionAddress": "McClintock_3520A_Los_Angeles_CA_US_90089",
    "InstitutionName": "USC",
    "MagneticFieldStrength": 3,
    "Manufacturer": "Siemens",
    "ManufacturersModelName": "Prisma_fit",
    "PhaseEncodingDirection": "i-",
    "PhaseEncodingLines": 78,
    "ProcedureStepDescription": "Mara_Steve",
    "ProtocolName": "ring_shorter",
    "RepetitionTime": 1.2,
    "ScanningSequence": "EP",
    "SequenceName": "_epfid2d1_78",
    "SequenceVariant": "SK_OSP",
    "SeriesDescription": "ring_shorter",
    "SliceTiming": [
      0.59,
      0,
      0.6475,
      0.0575,
      0.7075,
      0.1175,
      0.765,
      0.175,
      0.825,
      0.235,
      0.8825,
      0.295,
      0.9425,
      0.3525,
      1.0025,
      0.4125,
      1.06,
      0.47,
      1.12,
      0.53
    ],
    "SoftwareVersions": "syngo_MR_D13D",
    "TaskName": "ring",
    "TotalReadoutTime": 0.0363595,
    "TrueEchoSpacing": 0.000719991,
    "dataset": "ds003425",
    "modality": "bold",
    "run_id": 1,
    "session_id": "02",
    "subject_id": "13",
    "task_id": "ring"
  },
  "dummy_trs": 2,
  "dvars_nstd": 52.39522383812747,
  "dvars_std": 1.5949907269322705,
  "dvars_vstd": 1.0006819770517932,
  "efc": 0.49061400978560205,
  "fber": 2335.671875,
  "fd_mean": 0.15104131392132444,
  "fd_num": 41,
  "fd_perc": 16.26984126984127,
  "fwhm_avg": 1.552754608685287,
  "fwhm_x": 1.5793171286658523,
  "fwhm_y": 1.4122386973900087,
  "fwhm_z": 1.6667079999999999,
  "gcor": 0.0107631,
  "gsr_x": -0.0171049851924181,
  "gsr_y": -0.001634368090890348,
  "provenance": {
    "md5sum": "824f14668c767603cea9931c1521e7e5",
    "settings": {
      "fd_thres": 0.2,
      "testing": false
    },
    "software": "mriqc",
    "version": "23.0.1",
    "webapi_port": null,
    "webapi_url": "https://mriqc.nimh.nih.gov/api/v1"
  },
  "size_t": 252,
  "size_x": 78,
  "size_y": 78,
  "size_z": 20,
  "snr": 7.765468819509486,
  "spacing_tr": 1.2000000476837158,
  "spacing_x": 2.461538553237915,
  "spacing_y": 2.461538553237915,
  "spacing_z": 2.5,
  "summary_bg_k": 22.122440289964526,
  "summary_bg_mad": 4.088922740277921,
  "summary_bg_mean": 18.454736709594727,
  "summary_bg_median": 7.158730506896973,
  "summary_bg_n": 78114.0,
  "summary_bg_p05": 2.940476417541504,
  "summary_bg_p95": 76.34524536132812,
  "summary_bg_stdv": 31.74784278869629,
  "summary_fg_k": 4.201905084747373,
  "summary_fg_mad": 41.15397537507865,
  "summary_fg_mean": 354.1800231933594,
  "summary_fg_median": 354.452392578125,
  "summary_fg_n": 17153.0,
  "summary_fg_p05": 289.1278076171875,
  "summary_fg_p95": 421.7555847167969,
  "summary_fg_stdv": 45.64335632324219,
  "tsnr": 50.18940879730508
}