{
  "aor": 0.0029475999999999994,
  "aqi": 0.00801642568,
  "bids_meta": {
    "AccelFactPE": 2,
    "AcquisitionNumber": 1,
    "AcquisitionTime": "13:01:49.337500",
    "BandwidthPerPixelPhaseEncode": 43.879,
    "BodyPartExamined": "BRAIN",
    "ConversionSoftware": "dcm2niix",
    "ConversionSoftwareVersion": "v1.0.20170724 GCC4.4.7",
    "DeviceSerialNumber": "67025",
    "EchoTime": 0.025,
    "EchoTrainLength": 43,
    "EffectiveEchoSpacing": 0.000356093,
    "FlipAngle": 90,
    "ImageType": [
      "ORIGINAL",
      "PRIMARY",
      "M",
      "ND",
      "NORM",
      "MOSAIC"
    ],
    "InstitutionAddress": "McClintock_3520A_Los_Angeles_CA_US_90089",
    "InstitutionName": "USC",
    "MagneticFieldStrength": 3,
    "Manufacturer": "Siemens",
    "ManufacturersModelName": "Prisma_fit",
    "PhaseEncodingDirection": "i",
    "PhaseEncodingLines": 64,
    "ProcedureStepDescription": "Mara_Steve",
    "ProtocolName": "regulate7",
    "RepetitionTime": 2,
    "ScanningSequence": "EP",
    "SequenceName": "_epfid2d1_64",
    "SequenceVariant": "SK_OSP",
    "SeriesDescription": "regulate7",
    "SliceTiming": [
      0.99,
      0,
      1.0425,
      0.0525,
      1.095,
      0.105,
      1.1475,
      0.1575,
      1.2,
      0.21,
      1.2525,
      0.2625,
      1.3025,
      0.3125,
      1.355,
      0.365,
      1.4075,
      0.4175,
      1.46,
      0.47,
      1.5125,
      0.5225,
      1.565,
      0.575,
      1.615,
      0.625,
      1.6675,
      0.6775,
      1.72,
      0.73,
      1.7725,
      0.7825,
      1.825,
      0.835,
      1.8775,
      0.8875,
      1.9275,
      0.94
    ],
    "SoftwareVersions": "syngo_MR_D13D",
    "TaskName": "regulate",
    "TotalReadoutTime": 0.0299118,
    "TrueEchoSpacing": 0.000712186,
    "dataset": "ds003425",
    "modality": "bold",
    "run_id": 7,
    "session_id": "02",
    "subject_id": "13",
    "task_id": "regulate"
  },
  "dummy_trs": 0,
  "dvars_nstd": 28.48563369637097,
  "dvars_std": 1.5722647830645164,
  "dvars_vstd": 1.032302187096774,
  "efc": 0.602264953220527,
  "fber": 1987.648681640625,
  "fd_mean": 0.06553475964397772,
  "fd_num": 4,
  "fd_perc": 3.2,
  "fwhm_avg": 1.5763344444444443,
  "fwhm_x": 1.4720433333333334,
  "fwhm_y": 1.6336133333333331,
  "fwhm_z": 1.6233466666666667,
  "gcor": 0.0310493,
  "gsr_x": 0.00160349125508219,
  "gsr_y": 0.03470882400870323,
  "provenance": {
    "md5sum": "fc2b5e62974b3e70dbc46ccba10e867b",
    "settings": {
      "fd_thres": 0.2,
      "testing": false
    },
    "software": "mriqc",
    "version": "23.0.1",
    "webapi_port": null,
    "webapi_url": "https://mriqc.nimh.nih.gov/api/v1"
  },
  "size_t": 125,
  "size_x": 64,
  "size_y": 64,
  "size_z": 38,
  "snr": 8.346986685839804,
  "spacing_tr": 2.0,
  "spacing_x": 3.0,
  "spacing_y": 3.0,
  "spacing_z": 3.0,
  "summary_bg_k": 16.195801819933557,
  "summary_bg_mad": 8.646536163775224,
  "summary_bg_mean": 26.997005462646484,
  "summary_bg_median": 9.496000289916992,
  "summary_bg_n": 79385.0,
  "summary_bg_p05": 2.704000234603882,
  "summary_bg_p95": 108.21600341796898,
  "summary_bg_stdv": 43.826759338378906,
  "summary_fg_k": 1.4116439413932405,
  "summary_fg_mad": 52.37733027349806,
  "summary_fg_mean": 432.7431945800781,
  "summary_fg_median": 431.54400634765625,
  "summary_fg_n": 40729.0,
  "summary_fg_p05": 357.20001220703125,
  "summary_fg_p95": 515.5376098632812,
  "summary_fg_stdv": 51.6999397277832,
  "tsnr": 83.99305170006119
}