{
  "aor": 0.0017621600000000002,
  "aqi": 0.007249889679999999,
  "bids_meta": {
    "AccelFactPE": 2,
    "AcquisitionNumber": 1,
    "AcquisitionTime": "12:43:13.825000",
    "BandwidthPerPixelPhaseEncode": 43.879,
    "BodyPartExamined": "BRAIN",
    "ConversionSoftware": "dcm2niix",
    "ConversionSoftwareVersion": "v1.0.20170724 GCC4.4.7",
    "DeviceSerialNumber": "67025",
    "EchoTime": 0.025,
    "EchoTrainLength": 43,
    "EffectiveEchoSpacing": 0.000356093,
    "FlipAngle": 90,
    "ImageType": [
      "ORIGINAL",
      "PRIMARY",
      "M",
      "ND",
      "NORM",
      "MOSAIC"
    ],
    "InstitutionAddress": "McClintock_3520A_Los_Angeles_CA_US_90089",
    "InstitutionName": "USC",
    "MagneticFieldStrength": 3,
    "Manufacturer": "Siemens",
    "ManufacturersModelName": "Prisma_fit",
    "PhaseEncodingDirection": "i",
    "PhaseEncodingLines": 64,
    "ProcedureStepDescription": "Mara_Steve",
    "ProtocolName": "regulate3",
    "RepetitionTime": 2,
    "ScanningSequence": "EP",
    "SequenceName": "_epfid2d1_64",
    "SequenceVariant": "SK_OSP",
    "SeriesDescription": "regulate3",
    "SliceTiming": [
      0.99,
      0,
      1.0425,
      0.0525,
      1.095,
      0.105,
      1.145,
      0.155,
      1.1975,
      0.2075,
      1.25,
      0.26,
      1.3025,
      0.3125,
      1.355,
      0.365,
      1.4075,
      0.4175,
      1.4575,
      0.4675,
      1.51,
      0.52,
      1.5625,
      0.5725,
      1.615,
      0.625,
      1.6675,
      0.6775,
      1.72,
      0.73,
      1.77,
      0.7825,
      1.8225,
      0.8325,
      1.875,
      0.885,
      1.9275,
      0.9375
    ],
    "SoftwareVersions": "syngo_MR_D13D",
    "TaskName": "regulate",
    "TotalReadoutTime": 0.0299118,
    "TrueEchoSpacing": 0.000712186,
    "dataset": "ds003425",
    "modality": "bold",
    "run_id": 3,
    "session_id": "02",
    "subject_id": "13",
    "task_id": "regulate"
  },
  "dummy_trs": 0,
  "dvars_nstd": 27.392257121209692,
  "dvars_std": 1.5339922384677422,
  "dvars_vstd": 1.0206852498387096,
  "efc": 0.6017356930443338,
  "fber": 1942.0789794921875,
  "fd_mean": 0.04828803971657217,
  "fd_num": 1,
  "fd_perc": 0.8,
  "fwhm_avg": 1.5585355555555556,
  "fwhm_x": 1.45996,
  "fwhm_y": 1.6114600000000001,
  "fwhm_z": 1.6041866666666669,
  "gcor": 0.025916,
  "gsr_x": 0.0016287207836285233,
  "gsr_y": 0.034624673426151276,
  "provenance": {
    "md5sum": "7cf1405c8b447306dc470c1c477f4478",
    "settings": {
      "fd_thres": 0.2,
      "testing": false
    },
    "software": "mriqc",
    "version": "23.0.1",
    "webapi_port": null,
    "webapi_url": "https://mriqc.nimh.nih.gov/api/v1"
  },
  "size_t": 125,
  "size_x": 64,
  "size_y": 64,
  "size_z": 38,
  "snr": 8.314164447431317,
  "spacing_tr": 2.0,
  "spacing_x": 3.0,
  "spacing_y": 3.0,
  "spacing_z": 3.0,
  "summary_bg_k": 16.260097155364576,
  "summary_bg_mad": 8.682118512389303,
  "summary_bg_mean": 27.278743743896484,
  "summary_bg_median": 9.616000175476074,
  "summary_bg_n": 79642.0,
  "summary_bg_p05": 2.7920000553131104,
  "summary_bg_p95": 109.31800727844227,
  "summary_bg_stdv": 44.437538146972656,
  "summary_fg_k": 1.4488845863573534,
  "summary_fg_mad": 52.75693942307271,
  "summary_fg_mean": 432.30712890625,
  "summary_fg_median": 431.1360168457031,
  "summary_fg_n": 40607.0,
  "summary_fg_p05": 356.7464172363281,
  "summary_fg_p95": 515.1600341796875,
  "summary_fg_stdv": 51.85496520996094,
  "tsnr": 90.22327249404043
}