{
  "aor": 0.0008585375494071145,
  "aqi": 0.017692031225296445,
  "bids_meta": {
    "AccelFactPE": 2,
    "AcquisitionNumber": 1,
    "AcquisitionTime": "12:20:45.355000",
    "BandwidthPerPixelPhaseEncode": 35.613,
    "BodyPartExamined": "BRAIN",
    "ConversionSoftware": "dcm2niix",
    "ConversionSoftwareVersion": "v1.0.20170724 GCC4.4.7",
    "DeviceSerialNumber": "67025",
    "EchoTime": 0.03,
    "EchoTrainLength": 51,
    "EffectiveEchoSpacing": 0.000359995,
    "FlipAngle": 65,
    "ImageType": [
      "ORIGINAL",
      "PRIMARY",
      "M",
      "ND",
      "NORM",
      "MOSAIC"
    ],
    "InstitutionAddress": "McClintock_3520A_Los_Angeles_CA_US_90089",
    "InstitutionName": "USC",
    "MagneticFieldStrength": 3,
    "Manufacturer": "Siemens",
    "ManufacturersModelName": "Prisma_fit",
    "PhaseEncodingDirection": "i-",
    "PhaseEncodingLines": 78,
    "ProcedureStepDescription": "Mara_Steve",
    "ProtocolName": "wedge_shorter",
    "RepetitionTime": 1.2,
    "ScanningSequence": "EP",
    "SequenceName": "_epfid2d1_78",
    "SequenceVariant": "SK_OSP",
    "SeriesDescription": "wedge_shorter",
    "SliceTiming": [
      0.59,
      0,
      0.6475,
      0.06,
      0.7075,
      0.1175,
      0.7675,
      0.1775,
      0.825,
      0.235,
      0.885,
      0.295,
      0.9425,
      0.355,
      1.0025,
      0.4125,
      1.0625,
      0.4725,
      1.12,
      0.53
    ],
    "SoftwareVersions": "syngo_MR_D13D",
    "TaskName": "wedge",
    "TotalReadoutTime": 0.0363595,
    "TrueEchoSpacing": 0.000719991,
    "dataset": "ds003425",
    "modality": "bold",
    "run_id": 1,
    "session_id": "02",
    "subject_id": "13",
    "task_id": "wedge"
  },
  "dummy_trs": 1,
  "dvars_nstd": 51.13072254551585,
  "dvars_std": 1.5825170188095226,
  "dvars_vstd": 1.0109731553174608,
  "efc": 0.48993758858268593,
  "fber": 2256.762939453125,
  "fd_mean": 0.11154161309259478,
  "fd_num": 3,
  "fd_perc": 1.1857707509881423,
  "fwhm_avg": 1.564267129426959,
  "fwhm_x": 1.6074458776179745,
  "fwhm_y": 1.3914915106629018,
  "fwhm_z": 1.693864,
  "gcor": 0.0122525,
  "gsr_x": -0.01624983176589012,
  "gsr_y": -0.0014779813354834914,
  "provenance": {
    "md5sum": "48d01c1fdde8e87d144cc4b8a1d89c98",
    "settings": {
      "fd_thres": 0.2,
      "testing": false
    },
    "software": "mriqc",
    "version": "23.0.1",
    "webapi_port": null,
    "webapi_url": "https://mriqc.nimh.nih.gov/api/v1"
  },
  "size_t": 253,
  "size_x": 78,
  "size_y": 78,
  "size_z": 20,
  "snr": 7.721303727160482,
  "spacing_tr": 1.2000000476837158,
  "spacing_x": 2.461538553237915,
  "spacing_y": 2.461538553237915,
  "spacing_z": 2.5,
  "summary_bg_k": 21.94320358802798,
  "summary_bg_mad": 3.9731396873862024,
  "summary_bg_mean": 18.003576278686523,
  "summary_bg_median": 7.1857709884643555,
  "summary_bg_n": 78117.0,
  "summary_bg_p05": 2.9873519420623786,
  "summary_bg_p95": 73.65849914550778,
  "summary_bg_stdv": 30.69417953491211,
  "summary_fg_k": 4.263142460275914,
  "summary_fg_mad": 40.493211129502,
  "summary_fg_mean": 350.0092468261719,
  "summary_fg_median": 349.60870361328125,
  "summary_fg_n": 17137.0,
  "summary_fg_p05": 286.75336303710935,
  "summary_fg_p95": 418.25930175781247,
  "summary_fg_stdv": 45.27713394165039,
  "tsnr": 52.78948421031237
}