{
  "aor": 0.0006925590551181102,
  "aqi": 0.01740915787401575,
  "bids_meta": {
    "AccelFactPE": 2,
    "AcquisitionNumber": 1,
    "AcquisitionTime": "13:13:17.395000",
    "BandwidthPerPixelPhaseEncode": 35.613,
    "BodyPartExamined": "BRAIN",
    "ConversionSoftware": "dcm2niix",
    "ConversionSoftwareVersion": "v1.0.20170724 GCC4.4.7",
    "DeviceSerialNumber": "67025",
    "EchoTime": 0.03,
    "EchoTrainLength": 51,
    "EffectiveEchoSpacing": 0.000359995,
    "FlipAngle": 65,
    "ImageType": [
      "ORIGINAL",
      "PRIMARY",
      "M",
      "ND",
      "NORM",
      "MOSAIC"
    ],
    "InstitutionAddress": "McClintock_3520A_Los_Angeles_CA_US_90089",
    "InstitutionName": "USC",
    "MagneticFieldStrength": 3,
    "Manufacturer": "Siemens",
    "ManufacturersModelName": "Prisma_fit",
    "PhaseEncodingDirection": "i-",
    "PhaseEncodingLines": 78,
    "ProcedureStepDescription": "Mara_Steve",
    "ProtocolName": "wedge_shorter",
    "RepetitionTime": 1.2,
    "ScanningSequence": "EP",
    "SequenceName": "_epfid2d1_78",
    "SequenceVariant": "SK_OSP",
    "SeriesDescription": "wedge_shorter",
    "SliceTiming": [
      0.59,
      0,
      0.6475,
      0.0575,
      0.7075,
      0.1175,
      0.7675,
      0.1775,
      0.825,
      0.235,
      0.885,
      0.295,
      0.9425,
      0.3525,
      1.0025,
      0.4125,
      1.0625,
      0.4725,
      1.12,
      0.53
    ],
    "SoftwareVersions": "syngo_MR_D13D",
    "TaskName": "wedge",
    "TotalReadoutTime": 0.0363595,
    "TrueEchoSpacing": 0.000719991,
    "dataset": "ds003425",
    "modality": "bold",
    "run_id": 2,
    "session_id": "02",
    "subject_id": "13",
    "task_id": "wedge"
  },
  "dummy_trs": 0,
  "dvars_nstd": 52.3405775743083,
  "dvars_std": 1.6077260692094868,
  "dvars_vstd": 1.0116732552569172,
  "efc": 0.49328828388351814,
  "fber": 2211.7890625,
  "fd_mean": 0.16305503209494598,
  "fd_num": 60,
  "fd_perc": 23.62204724409449,
  "fwhm_avg": 1.552035796356755,
  "fwhm_x": 1.5918865031976064,
  "fwhm_y": 1.3858608858726589,
  "fwhm_z": 1.67836,
  "gcor": 0.00635571,
  "gsr_x": -0.017235087230801582,
  "gsr_y": 0.0002185861230827868,
  "provenance": {
    "md5sum": "617a713b39c40db9b1001c9822ee4327",
    "settings": {
      "fd_thres": 0.2,
      "testing": false
    },
    "software": "mriqc",
    "version": "23.0.1",
    "webapi_port": null,
    "webapi_url": "https://mriqc.nimh.nih.gov/api/v1"
  },
  "size_t": 254,
  "size_x": 78,
  "size_y": 78,
  "size_z": 20,
  "snr": 7.805957051396276,
  "spacing_tr": 1.2000000476837158,
  "spacing_x": 2.461538553237915,
  "spacing_y": 2.461538553237915,
  "spacing_z": 2.5,
  "summary_bg_k": 20.606587791605666,
  "summary_bg_mad": 4.097585826017804,
  "summary_bg_mean": 18.84187126159668,
  "summary_bg_median": 7.299212455749512,
  "summary_bg_n": 78063.0,
  "summary_bg_p05": 3.035433053970337,
  "summary_bg_p95": 78.416926574707,
  "summary_bg_stdv": 31.82699203491211,
  "summary_fg_k": 4.538684019141824,
  "summary_fg_mad": 40.23454301172867,
  "summary_fg_mean": 351.5986328125,
  "summary_fg_median": 351.094482421875,
  "summary_fg_n": 17159.0,
  "summary_fg_p05": 288.07440490722655,
  "summary_fg_p95": 418.6114105224609,
  "summary_fg_stdv": 44.9764518737793,
  "tsnr": 53.01230373617727
}