{
  "aor": 0.0023085599999999994,
  "aqi": 0.0076726669599999995,
  "bids_meta": {
    "AccelFactPE": 2,
    "AcquisitionNumber": 1,
    "AcquisitionTime": "13:06:27.150000",
    "BandwidthPerPixelPhaseEncode": 43.879,
    "BodyPartExamined": "BRAIN",
    "ConversionSoftware": "dcm2niix",
    "ConversionSoftwareVersion": "v1.0.20170724 GCC4.4.7",
    "DeviceSerialNumber": "67025",
    "EchoTime": 0.025,
    "EchoTrainLength": 43,
    "EffectiveEchoSpacing": 0.000356093,
    "FlipAngle": 90,
    "ImageType": [
      "ORIGINAL",
      "PRIMARY",
      "M",
      "ND",
      "NORM",
      "MOSAIC"
    ],
    "InstitutionAddress": "McClintock_3520A_Los_Angeles_CA_US_90089",
    "InstitutionName": "USC",
    "MagneticFieldStrength": 3,
    "Manufacturer": "Siemens",
    "ManufacturersModelName": "Prisma_fit",
    "PhaseEncodingDirection": "i",
    "PhaseEncodingLines": 64,
    "ProcedureStepDescription": "Mara_Steve",
    "ProtocolName": "regulate8",
    "RepetitionTime": 2,
    "ScanningSequence": "EP",
    "SequenceName": "_epfid2d1_64",
    "SequenceVariant": "SK_OSP",
    "SeriesDescription": "regulate8",
    "SliceTiming": [
      0.99,
      0,
      1.0425,
      0.0525,
      1.0925,
      0.105,
      1.145,
      0.155,
      1.1975,
      0.2075,
      1.25,
      0.26,
      1.3025,
      0.3125,
      1.355,
      0.365,
      1.4075,
      0.4175,
      1.4575,
      0.4675,
      1.51,
      0.52,
      1.5625,
      0.5725,
      1.615,
      0.625,
      1.6675,
      0.6775,
      1.72,
      0.73,
      1.77,
      0.78,
      1.8225,
      0.8325,
      1.875,
      0.885,
      1.9275,
      0.9375
    ],
    "SoftwareVersions": "syngo_MR_D13D",
    "TaskName": "regulate",
    "TotalReadoutTime": 0.0299118,
    "TrueEchoSpacing": 0.000712186,
    "dataset": "ds003425",
    "modality": "bold",
    "run_id": 8,
    "session_id": "02",
    "subject_id": "13",
    "task_id": "regulate"
  },
  "dummy_trs": 0,
  "dvars_nstd": 28.305063894274184,
  "dvars_std": 1.5616169514516127,
  "dvars_vstd": 1.0261063719354835,
  "efc": 0.6018470317865334,
  "fber": 1979.0692138671875,
  "fd_mean": 0.051087244689835505,
  "fd_num": 1,
  "fd_perc": 0.8,
  "fwhm_avg": 1.5653844444444445,
  "fwhm_x": 1.4630866666666666,
  "fwhm_y": 1.62507,
  "fwhm_z": 1.6079966666666667,
  "gcor": 0.0202292,
  "gsr_x": 0.0009038939606398344,
  "gsr_y": 0.03437908738851547,
  "provenance": {
    "md5sum": "bee3766aff82af0b57608166eca9809f",
    "settings": {
      "fd_thres": 0.2,
      "testing": false
    },
    "software": "mriqc",
    "version": "23.0.1",
    "webapi_port": null,
    "webapi_url": "https://mriqc.nimh.nih.gov/api/v1"
  },
  "size_t": 125,
  "size_x": 64,
  "size_y": 64,
  "size_z": 38,
  "snr": 8.337586422347457,
  "spacing_tr": 2.0,
  "spacing_x": 3.0,
  "spacing_y": 3.0,
  "spacing_z": 3.0,
  "summary_bg_k": 15.492503700752462,
  "summary_bg_mad": 8.646536870735053,
  "summary_bg_mean": 27.294239044189453,
  "summary_bg_median": 9.544000625610352,
  "summary_bg_n": 79636.0,
  "summary_bg_p05": 2.7360000610351562,
  "summary_bg_p95": 110.39200592041016,
  "summary_bg_stdv": 44.43130874633789,
  "summary_fg_k": 1.442099008256224,
  "summary_fg_mad": 52.49003663721564,
  "summary_fg_mean": 432.3990478515625,
  "summary_fg_median": 431.2480163574219,
  "summary_fg_n": 40718.0,
  "summary_fg_p05": 356.93480529785154,
  "summary_fg_p95": 515.3224060058594,
  "summary_fg_stdv": 51.72272872924805,
  "tsnr": 87.65494499541819
}