{
  "aor": 0.0015379200000000001,
  "aqi": 0.006721380880000002,
  "bids_meta": {
    "AccelFactPE": 2,
    "AcquisitionNumber": 1,
    "AcquisitionTime": "12:38:32.885000",
    "BandwidthPerPixelPhaseEncode": 43.879,
    "BodyPartExamined": "BRAIN",
    "ConversionSoftware": "dcm2niix",
    "ConversionSoftwareVersion": "v1.0.20170724 GCC4.4.7",
    "DeviceSerialNumber": "67025",
    "EchoTime": 0.025,
    "EchoTrainLength": 43,
    "EffectiveEchoSpacing": 0.000356093,
    "FlipAngle": 90,
    "ImageType": [
      "ORIGINAL",
      "PRIMARY",
      "M",
      "ND",
      "NORM",
      "MOSAIC"
    ],
    "InstitutionAddress": "McClintock_3520A_Los_Angeles_CA_US_90089",
    "InstitutionName": "USC",
    "MagneticFieldStrength": 3,
    "Manufacturer": "Siemens",
    "ManufacturersModelName": "Prisma_fit",
    "PhaseEncodingDirection": "i",
    "PhaseEncodingLines": 64,
    "ProcedureStepDescription": "Mara_Steve",
    "ProtocolName": "regulate2",
    "RepetitionTime": 2,
    "ScanningSequence": "EP",
    "SequenceName": "_epfid2d1_64",
    "SequenceVariant": "SK_OSP",
    "SeriesDescription": "regulate2",
    "SliceTiming": [
      0.9875,
      0,
      1.04,
      0.05,
      1.0925,
      0.1025,
      1.145,
      0.155,
      1.1975,
      0.2075,
      1.25,
      0.26,
      1.3025,
      0.3125,
      1.3525,
      0.3625,
      1.405,
      0.415,
      1.4575,
      0.4675,
      1.51,
      0.52,
      1.5625,
      0.5725,
      1.615,
      0.625,
      1.665,
      0.675,
      1.7175,
      0.7275,
      1.77,
      0.78,
      1.8225,
      0.8325,
      1.875,
      0.885,
      1.9275,
      0.9375
    ],
    "SoftwareVersions": "syngo_MR_D13D",
    "TaskName": "regulate",
    "TotalReadoutTime": 0.0299118,
    "TrueEchoSpacing": 0.000712186,
    "dataset": "ds003425",
    "modality": "bold",
    "run_id": 2,
    "session_id": "02",
    "subject_id": "13",
    "task_id": "regulate"
  },
  "dummy_trs": 0,
  "dvars_nstd": 28.64571771346775,
  "dvars_std": 1.5785073996774184,
  "dvars_vstd": 1.021319647580645,
  "efc": 0.6015554598968028,
  "fber": 1959.7618408203125,
  "fd_mean": 0.04483339848215702,
  "fd_num": 0,
  "fd_perc": 0.0,
  "fwhm_avg": 1.555201111111111,
  "fwhm_x": 1.4578066666666667,
  "fwhm_y": 1.6110033333333333,
  "fwhm_z": 1.5967933333333333,
  "gcor": 0.0187606,
  "gsr_x": 0.0009817143436521292,
  "gsr_y": 0.03435783088207245,
  "provenance": {
    "md5sum": "faca4c28d4288b7b23c88b5e24abd044",
    "settings": {
      "fd_thres": 0.2,
      "testing": false
    },
    "software": "mriqc",
    "version": "23.0.1",
    "webapi_port": null,
    "webapi_url": "https://mriqc.nimh.nih.gov/api/v1"
  },
  "size_t": 125,
  "size_x": 64,
  "size_y": 64,
  "size_z": 38,
  "snr": 8.315310479943085,
  "spacing_tr": 2.0,
  "spacing_x": 3.0,
  "spacing_y": 3.0,
  "spacing_z": 3.0,
  "summary_bg_k": 15.7974982848976,
  "summary_bg_mad": 8.587231778111873,
  "summary_bg_mean": 27.355741500854492,
  "summary_bg_median": 9.552000045776367,
  "summary_bg_n": 79739.0,
  "summary_bg_p05": 2.7920000553131104,
  "summary_bg_p95": 110.42080764770466,
  "summary_bg_stdv": 44.69588851928711,
  "summary_fg_k": 1.4972950676278112,
  "summary_fg_mad": 52.71540411922175,
  "summary_fg_mean": 431.9984130859375,
  "summary_fg_median": 430.92401123046875,
  "summary_fg_n": 40600.0,
  "summary_fg_p05": 356.7440185546875,
  "summary_fg_p95": 515.1604339599609,
  "summary_fg_stdv": 51.822322845458984,
  "tsnr": 95.69884413992986
}