{
  "aor": 0.0014313600000000002,
  "aqi": 0.006994410400000001,
  "bids_meta": {
    "AccelFactPE": 2,
    "AcquisitionNumber": 1,
    "AcquisitionTime": "12:52:32.947500",
    "BandwidthPerPixelPhaseEncode": 43.879,
    "BodyPartExamined": "BRAIN",
    "ConversionSoftware": "dcm2niix",
    "ConversionSoftwareVersion": "v1.0.20170724 GCC4.4.7",
    "DeviceSerialNumber": "67025",
    "EchoTime": 0.025,
    "EchoTrainLength": 43,
    "EffectiveEchoSpacing": 0.000356093,
    "FlipAngle": 90,
    "ImageType": [
      "ORIGINAL",
      "PRIMARY",
      "M",
      "ND",
      "NORM",
      "MOSAIC"
    ],
    "InstitutionAddress": "McClintock_3520A_Los_Angeles_CA_US_90089",
    "InstitutionName": "USC",
    "MagneticFieldStrength": 3,
    "Manufacturer": "Siemens",
    "ManufacturersModelName": "Prisma_fit",
    "PhaseEncodingDirection": "i",
    "PhaseEncodingLines": 64,
    "ProcedureStepDescription": "Mara_Steve",
    "ProtocolName": "regulate5",
    "RepetitionTime": 2,
    "ScanningSequence": "EP",
    "SequenceName": "_epfid2d1_64",
    "SequenceVariant": "SK_OSP",
    "SeriesDescription": "regulate5",
    "SliceTiming": [
      0.99,
      0,
      1.0425,
      0.0525,
      1.0925,
      0.1025,
      1.145,
      0.155,
      1.1975,
      0.2075,
      1.25,
      0.26,
      1.3025,
      0.3125,
      1.355,
      0.365,
      1.405,
      0.415,
      1.4575,
      0.4675,
      1.51,
      0.52,
      1.5625,
      0.5725,
      1.615,
      0.625,
      1.6675,
      0.6775,
      1.7175,
      0.7275,
      1.77,
      0.78,
      1.8225,
      0.8325,
      1.875,
      0.885,
      1.9275,
      0.9375
    ],
    "SoftwareVersions": "syngo_MR_D13D",
    "TaskName": "regulate",
    "TotalReadoutTime": 0.0299118,
    "TrueEchoSpacing": 0.000712186,
    "dataset": "ds003425",
    "modality": "bold",
    "run_id": 5,
    "session_id": "02",
    "subject_id": "13",
    "task_id": "regulate"
  },
  "dummy_trs": 0,
  "dvars_nstd": 28.560957662338716,
  "dvars_std": 1.5692152440322586,
  "dvars_vstd": 1.0190120851612903,
  "efc": 0.6019467242167875,
  "fber": 1957.312255859375,
  "fd_mean": 0.04892070298298806,
  "fd_num": 1,
  "fd_perc": 0.8,
  "fwhm_avg": 1.5617522222222222,
  "fwhm_x": 1.4692366666666665,
  "fwhm_y": 1.6123733333333332,
  "fwhm_z": 1.6036466666666669,
  "gcor": 0.0154048,
  "gsr_x": 0.0011943259742110968,
  "gsr_y": 0.033578451722860336,
  "provenance": {
    "md5sum": "9f1889ca951eb3e0bc2598ea301321cf",
    "settings": {
      "fd_thres": 0.2,
      "testing": false
    },
    "software": "mriqc",
    "version": "23.0.1",
    "webapi_port": null,
    "webapi_url": "https://mriqc.nimh.nih.gov/api/v1"
  },
  "size_t": 125,
  "size_x": 64,
  "size_y": 64,
  "size_z": 38,
  "snr": 8.340303399659646,
  "spacing_tr": 2.0,
  "spacing_x": 3.0,
  "spacing_y": 3.0,
  "spacing_z": 3.0,
  "summary_bg_k": 15.722291013703202,
  "summary_bg_mad": 8.563510448022429,
  "summary_bg_mean": 27.233627319335938,
  "summary_bg_median": 9.528000831604004,
  "summary_bg_n": 79611.0,
  "summary_bg_p05": 2.7840001583099365,
  "summary_bg_p95": 110.31600570678711,
  "summary_bg_stdv": 44.481388092041016,
  "summary_fg_k": 1.3798273107441261,
  "summary_fg_mad": 52.61459730333947,
  "summary_fg_mean": 431.2294006347656,
  "summary_fg_median": 430.0000305175781,
  "summary_fg_n": 40701.0,
  "summary_fg_p05": 355.9840087890625,
  "summary_fg_p95": 514.14404296875,
  "summary_fg_stdv": 51.55624771118164,
  "tsnr": 92.07149573788047
}