{
  "aor": 0.0015391200000000002,
  "aqi": 0.006973470319999999,
  "bids_meta": {
    "AccelFactPE": 2,
    "AcquisitionNumber": 1,
    "AcquisitionTime": "12:33:47.757500",
    "BandwidthPerPixelPhaseEncode": 43.879,
    "BodyPartExamined": "BRAIN",
    "ConversionSoftware": "dcm2niix",
    "ConversionSoftwareVersion": "v1.0.20170724 GCC4.4.7",
    "DeviceSerialNumber": "67025",
    "EchoTime": 0.025,
    "EchoTrainLength": 43,
    "EffectiveEchoSpacing": 0.000356093,
    "FlipAngle": 90,
    "ImageType": [
      "ORIGINAL",
      "PRIMARY",
      "M",
      "ND",
      "NORM",
      "MOSAIC"
    ],
    "InstitutionAddress": "McClintock_3520A_Los_Angeles_CA_US_90089",
    "InstitutionName": "USC",
    "MagneticFieldStrength": 3,
    "Manufacturer": "Siemens",
    "ManufacturersModelName": "Prisma_fit",
    "PhaseEncodingDirection": "i",
    "PhaseEncodingLines": 64,
    "ProcedureStepDescription": "Mara_Steve",
    "ProtocolName": "regulate1",
    "RepetitionTime": 2,
    "ScanningSequence": "EP",
    "SequenceName": "_epfid2d1_64",
    "SequenceVariant": "SK_OSP",
    "SeriesDescription": "regulate1",
    "SliceTiming": [
      0.99,
      0,
      1.0425,
      0.0525,
      1.095,
      0.105,
      1.1475,
      0.1575,
      1.2,
      0.21,
      1.25,
      0.26,
      1.3025,
      0.3125,
      1.355,
      0.365,
      1.4075,
      0.4175,
      1.46,
      0.47,
      1.5125,
      0.5225,
      1.5625,
      0.575,
      1.615,
      0.625,
      1.6675,
      0.6775,
      1.72,
      0.73,
      1.7725,
      0.7825,
      1.825,
      0.835,
      1.8775,
      0.8875,
      1.9275,
      0.9375
    ],
    "SoftwareVersions": "syngo_MR_D13D",
    "TaskName": "regulate",
    "TotalReadoutTime": 0.0299118,
    "TrueEchoSpacing": 0.000712186,
    "dataset": "ds003425",
    "modality": "bold",
    "run_id": 1,
    "session_id": "02",
    "subject_id": "13",
    "task_id": "regulate"
  },
  "dummy_trs": 0,
  "dvars_nstd": 29.27622958120969,
  "dvars_std": 1.6043806892741936,
  "dvars_vstd": 1.0202399568548386,
  "efc": 0.6017763257326773,
  "fber": 1963.724853515625,
  "fd_mean": 0.049049006781220726,
  "fd_num": 1,
  "fd_perc": 0.8,
  "fwhm_avg": 1.5606177777777779,
  "fwhm_x": 1.4585033333333335,
  "fwhm_y": 1.6096199999999998,
  "fwhm_z": 1.61373,
  "gcor": 0.0204771,
  "gsr_x": 0.0014014317421242595,
  "gsr_y": 0.03450430929660797,
  "provenance": {
    "md5sum": "54548d03319c663ddc729be0acf112e9",
    "settings": {
      "fd_thres": 0.2,
      "testing": false
    },
    "software": "mriqc",
    "version": "23.0.1",
    "webapi_port": null,
    "webapi_url": "https://mriqc.nimh.nih.gov/api/v1"
  },
  "size_t": 125,
  "size_x": 64,
  "size_y": 64,
  "size_z": 38,
  "snr": 8.300609993533273,
  "spacing_tr": 2.0,
  "spacing_x": 3.0,
  "spacing_y": 3.0,
  "spacing_z": 3.0,
  "summary_bg_k": 16.485364542465806,
  "summary_bg_mad": 8.670258200824497,
  "summary_bg_mean": 27.345989227294922,
  "summary_bg_median": 9.624000549316406,
  "summary_bg_n": 79585.0,
  "summary_bg_p05": 2.8000001907348633,
  "summary_bg_p95": 109.65760192871103,
  "summary_bg_stdv": 44.762813568115234,
  "summary_fg_k": 1.2861428489968914,
  "summary_fg_mad": 53.456705228474554,
  "summary_fg_mean": 435.6256103515625,
  "summary_fg_median": 434.75201416015625,
  "summary_fg_n": 40637.0,
  "summary_fg_p05": 358.52801513671875,
  "summary_fg_p95": 519.5776489257812,
  "summary_fg_stdv": 52.375267028808594,
  "tsnr": 93.42214123881422
}