{
  "bids_meta": {
    "AccelFactPE": 2,
    "AcquisitionNumber": 1,
    "AcquisitionTime": "10:42:28.655000",
    "BodyPartExamined": "BRAIN",
    "ConversionSoftware": "dcm2niix",
    "ConversionSoftwareVersion": "v1.0.20170724 GCC4.4.7",
    "DeviceSerialNumber": "67025",
    "EchoTime": 0.00226,
    "FlipAngle": 9,
    "ImageType": [
      "ORIGINAL",
      "PRIMARY",
      "M",
      "ND",
      "NORM"
    ],
    "InstitutionAddress": "McClintock_3520A_Los_Angeles_CA_US_90089",
    "InstitutionName": "USC",
    "InversionTime": 1.06,
    "MagneticFieldStrength": 3,
    "Manufacturer": "Siemens",
    "ManufacturersModelName": "Prisma_fit",
    "PhaseEncodingDirection": "i-",
    "PhaseEncodingLines": 224,
    "ProcedureStepDescription": "Mara_Steve",
    "ProtocolName": "t1_mprage_short_32channel",
    "RepetitionTime": 2.3,
    "ScanningSequence": "GR_IR",
    "SequenceName": "_tfl3d1_16ns",
    "SequenceVariant": "SK_SP_MP",
    "SeriesDescription": "t1_mprage_short_32channel",
    "SoftwareVersions": "syngo_MR_D13D",
    "dataset": "ds003425",
    "modality": "T1w",
    "session_id": "01",
    "subject_id": "06"
  },
  "cjv": 0.36265506682040394,
  "cnr": 3.6693605703492977,
  "efc": 0.5526051576504404,
  "fber": -1.0,
  "fwhm_avg": 4.484673863982947,
  "fwhm_x": 4.45141159194884,
  "fwhm_y": 4.43858,
  "fwhm_z": 4.56403,
  "icvs_csf": 0.20877855104188528,
  "icvs_gm": 0.4266686514079605,
  "icvs_wm": 0.36455279755015424,
  "inu_med": 0.2731426954269409,
  "inu_range": 0.07009599804878233,
  "provenance": {
    "md5sum": "b3d0bdda8cc9514b5c18bdceba771982",
    "settings": {
      "testing": false
    },
    "software": "mriqc",
    "version": "23.0.1",
    "warnings": {
      "large_rot_frame": true,
      "small_air_mask": false
    },
    "webapi_port": null,
    "webapi_url": "https://mriqc.nimh.nih.gov/api/v1"
  },
  "qi_1": 0.0006195295631763429,
  "qi_2": 0.02384453787890704,
  "rpve_csf": 20.27165901230368,
  "rpve_gm": 10.364138682520233,
  "rpve_wm": 14.063570351910567,
  "size_x": 176,
  "size_y": 224,
  "size_z": 256,
  "snr_csf": 2.789780585373594,
  "snr_gm": 16.00542633046686,
  "snr_total": 17.37770011901163,
  "snr_wm": 33.337893441194446,
  "snrd_csf": 106.94297641603715,
  "snrd_gm": 249.5118061206563,
  "snrd_total": 224.3286148102246,
  "snrd_wm": 316.53106189398034,
  "spacing_x": 0.9999996423721313,
  "spacing_y": 1.0,
  "spacing_z": 1.0,
  "summary_bg_k": 65.24714271413323,
  "summary_bg_mad": 0.0,
  "summary_bg_mean": 0.610046290771597,
  "summary_bg_median": 0.0,
  "summary_bg_n": 2965369.0,
  "summary_bg_p05": 0.0,
  "summary_bg_p95": 3.6581585202366114,
  "summary_bg_stdv": 2.0698236572125635,
  "summary_csf_k": 0.8465949681998861,
  "summary_csf_mad": 79.69925328860153,
  "summary_csf_mean": 333.0021830472142,
  "summary_csf_median": 337.87330784648657,
  "summary_csf_n": 47974.0,
  "summary_csf_p05": 78.16162033760922,
  "summary_csf_p95": 529.0761599718593,
  "summary_csf_stdv": 121.10980633332854,
  "summary_gm_k": 0.06328339578684172,
  "summary_gm_mad": 48.59785302411458,
  "summary_gm_mean": 786.3579461687126,
  "summary_gm_median": 788.3021597675979,
  "summary_gm_n": 41201.0,
  "summary_gm_p05": 703.1931383758783,
  "summary_gm_p95": 865.1234886925668,
  "summary_gm_stdv": 49.25158361245412,
  "summary_wm_k": 0.5990506594983831,
  "summary_wm_mad": 28.190431766825608,
  "summary_wm_mean": 1001.1595466918028,
  "summary_wm_median": 1000.0413351338357,
  "summary_wm_n": 226864.0,
  "summary_wm_p05": 954.448692785576,
  "summary_wm_p95": 1052.7229513376951,
  "summary_wm_stdv": 29.997070236027117,
  "tpm_overlap_csf": 0.15301571264647248,
  "tpm_overlap_gm": 0.4685050888437476,
  "tpm_overlap_wm": 0.5212104924602317,
  "wm2max": 0.8868954285734054
}