{
  "aor": 0.0023041600000000004,
  "aqi": 0.008383854320000002,
  "bids_meta": {
    "AccelFactPE": 2,
    "AcquisitionNumber": 1,
    "AcquisitionTime": "11:00:21.300000",
    "BandwidthPerPixelPhaseEncode": 43.879,
    "BodyPartExamined": "BRAIN",
    "ConversionSoftware": "dcm2niix",
    "ConversionSoftwareVersion": "v1.0.20170724 GCC4.4.7",
    "DeviceSerialNumber": "67025",
    "EchoTime": 0.025,
    "EchoTrainLength": 43,
    "EffectiveEchoSpacing": 0.000356093,
    "FlipAngle": 90,
    "ImageType": [
      "ORIGINAL",
      "PRIMARY",
      "M",
      "ND",
      "NORM",
      "MOSAIC"
    ],
    "InstitutionAddress": "McClintock_3520A_Los_Angeles_CA_US_90089",
    "InstitutionName": "USC",
    "MagneticFieldStrength": 3,
    "Manufacturer": "Siemens",
    "ManufacturersModelName": "Prisma_fit",
    "PhaseEncodingDirection": "i",
    "PhaseEncodingLines": 64,
    "ProcedureStepDescription": "Mara_Steve",
    "ProtocolName": "regulate3",
    "RepetitionTime": 2,
    "ScanningSequence": "EP",
    "SequenceName": "_epfid2d1_64",
    "SequenceVariant": "SK_OSP",
    "SeriesDescription": "regulate3",
    "SliceTiming": [
      0.9875,
      0,
      1.04,
      0.05,
      1.0925,
      0.1025,
      1.145,
      0.155,
      1.1975,
      0.2075,
      1.25,
      0.26,
      1.3025,
      0.3125,
      1.3525,
      0.3625,
      1.405,
      0.415,
      1.4575,
      0.4675,
      1.51,
      0.52,
      1.5625,
      0.5725,
      1.615,
      0.625,
      1.665,
      0.675,
      1.7175,
      0.7275,
      1.77,
      0.78,
      1.8225,
      0.8325,
      1.875,
      0.885,
      1.9275,
      0.9375
    ],
    "SoftwareVersions": "syngo_MR_D13D",
    "TaskName": "regulate",
    "TotalReadoutTime": 0.0299118,
    "TrueEchoSpacing": 0.000712186,
    "dataset": "ds003425",
    "modality": "bold",
    "run_id": 3,
    "session_id": "02",
    "subject_id": "12",
    "task_id": "regulate"
  },
  "dummy_trs": 0,
  "dvars_nstd": 20.60402352620968,
  "dvars_std": 1.2330816070161288,
  "dvars_vstd": 1.027958020725806,
  "efc": 0.6388825108189955,
  "fber": 1439.3389892578125,
  "fd_mean": 0.08247466727006567,
  "fd_num": 4,
  "fd_perc": 3.2,
  "fwhm_avg": 1.5962966666666667,
  "fwhm_x": 1.4844766666666667,
  "fwhm_y": 1.7212033333333334,
  "fwhm_z": 1.58321,
  "gcor": 0.0905514,
  "gsr_x": 0.001948526012711227,
  "gsr_y": 0.042170118540525436,
  "provenance": {
    "md5sum": "0f71607c2b75325a8d79b6703a699ce3",
    "settings": {
      "fd_thres": 0.2,
      "testing": false
    },
    "software": "mriqc",
    "version": "23.0.1",
    "webapi_port": null,
    "webapi_url": "https://mriqc.nimh.nih.gov/api/v1"
  },
  "size_t": 125,
  "size_x": 64,
  "size_y": 64,
  "size_z": 38,
  "snr": 8.045320410528168,
  "spacing_tr": 2.0,
  "spacing_x": 3.0,
  "spacing_y": 3.0,
  "spacing_z": 3.0,
  "summary_bg_k": 7.0809163844210765,
  "summary_bg_mad": 9.239576132129688,
  "summary_bg_mean": 34.893924713134766,
  "summary_bg_median": 10.42400074005127,
  "summary_bg_n": 75071.0,
  "summary_bg_p05": 3.320000171661377,
  "summary_bg_p95": 155.89200592041016,
  "summary_bg_stdv": 53.18373107910156,
  "summary_fg_k": 4.660297603495331,
  "summary_fg_mad": 45.32017448030314,
  "summary_fg_mean": 405.9610595703125,
  "summary_fg_median": 406.8800048828125,
  "summary_fg_n": 44984.0,
  "summary_fg_p05": 331.37041015625,
  "summary_fg_p95": 481.29482116699216,
  "summary_fg_stdv": 50.57293701171875,
  "tsnr": 73.7274245689623
}