{
  "aor": 0.0023709599999999996,
  "aqi": 0.00913795672,
  "bids_meta": {
    "AccelFactPE": 2,
    "AcquisitionNumber": 1,
    "AcquisitionTime": "11:24:3.635000",
    "BandwidthPerPixelPhaseEncode": 43.879,
    "BodyPartExamined": "BRAIN",
    "ConversionSoftware": "dcm2niix",
    "ConversionSoftwareVersion": "v1.0.20170724 GCC4.4.7",
    "DeviceSerialNumber": "67025",
    "EchoTime": 0.025,
    "EchoTrainLength": 43,
    "EffectiveEchoSpacing": 0.000356093,
    "FlipAngle": 90,
    "ImageType": [
      "ORIGINAL",
      "PRIMARY",
      "M",
      "ND",
      "NORM",
      "MOSAIC"
    ],
    "InstitutionAddress": "McClintock_3520A_Los_Angeles_CA_US_90089",
    "InstitutionName": "USC",
    "MagneticFieldStrength": 3,
    "Manufacturer": "Siemens",
    "ManufacturersModelName": "Prisma_fit",
    "PhaseEncodingDirection": "i",
    "PhaseEncodingLines": 64,
    "ProcedureStepDescription": "Mara_Steve",
    "ProtocolName": "regulate8",
    "RepetitionTime": 2,
    "ScanningSequence": "EP",
    "SequenceName": "_epfid2d1_64",
    "SequenceVariant": "SK_OSP",
    "SeriesDescription": "regulate8",
    "SliceTiming": [
      0.99,
      0,
      1.0425,
      0.0525,
      1.095,
      0.105,
      1.145,
      0.155,
      1.1975,
      0.2075,
      1.25,
      0.26,
      1.3025,
      0.3125,
      1.355,
      0.365,
      1.4075,
      0.4175,
      1.4575,
      0.47,
      1.51,
      0.52,
      1.5625,
      0.5725,
      1.615,
      0.625,
      1.6675,
      0.6775,
      1.72,
      0.73,
      1.7725,
      0.7825,
      1.8225,
      0.8325,
      1.875,
      0.885,
      1.9275,
      0.9375
    ],
    "SoftwareVersions": "syngo_MR_D13D",
    "TaskName": "regulate",
    "TotalReadoutTime": 0.0299118,
    "TrueEchoSpacing": 0.000712186,
    "dataset": "ds003425",
    "modality": "bold",
    "run_id": 8,
    "session_id": "02",
    "subject_id": "12",
    "task_id": "regulate"
  },
  "dummy_trs": 0,
  "dvars_nstd": 20.743669371532253,
  "dvars_std": 1.2258222596774195,
  "dvars_vstd": 1.0257615657258068,
  "efc": 0.6377915878387073,
  "fber": 1512.8350830078125,
  "fd_mean": 0.07394181103380754,
  "fd_num": 2,
  "fd_perc": 1.6,
  "fwhm_avg": 1.5737711111111112,
  "fwhm_x": 1.4689633333333332,
  "fwhm_y": 1.7053266666666669,
  "fwhm_z": 1.5470233333333334,
  "gcor": 0.0237416,
  "gsr_x": 0.0026475642807781696,
  "gsr_y": 0.04175562411546707,
  "provenance": {
    "md5sum": "9ec60a2fd0cc5823c86bf0e14db960ae",
    "settings": {
      "fd_thres": 0.2,
      "testing": false
    },
    "software": "mriqc",
    "version": "23.0.1",
    "webapi_port": null,
    "webapi_url": "https://mriqc.nimh.nih.gov/api/v1"
  },
  "size_t": 125,
  "size_x": 64,
  "size_y": 64,
  "size_z": 38,
  "snr": 8.091101382350134,
  "spacing_tr": 2.0,
  "spacing_x": 3.0,
  "spacing_y": 3.0,
  "spacing_z": 3.0,
  "summary_bg_k": 7.275531933963622,
  "summary_bg_mad": 9.055734763496757,
  "summary_bg_mean": 34.73640441894531,
  "summary_bg_median": 10.196001052856445,
  "summary_bg_n": 75242.0,
  "summary_bg_p05": 3.2320001125335693,
  "summary_bg_p95": 154.62360839843748,
  "summary_bg_stdv": 53.336734771728516,
  "summary_fg_k": 4.647455283567249,
  "summary_fg_mad": 45.01178163602414,
  "summary_fg_mean": 407.5960998535156,
  "summary_fg_median": 408.31201171875,
  "summary_fg_n": 44883.0,
  "summary_fg_p05": 333.8728088378906,
  "summary_fg_p95": 482.9752136230469,
  "summary_fg_stdv": 50.463768005371094,
  "tsnr": 74.07276232203003
}