{
  "aor": 0.0008949212598425197,
  "aqi": 0.02033782598425197,
  "bids_meta": {
    "AccelFactPE": 2,
    "AcquisitionNumber": 1,
    "AcquisitionTime": "11:29:30.770000",
    "BandwidthPerPixelPhaseEncode": 35.613,
    "BodyPartExamined": "BRAIN",
    "ConversionSoftware": "dcm2niix",
    "ConversionSoftwareVersion": "v1.0.20170724 GCC4.4.7",
    "DeviceSerialNumber": "67025",
    "EchoTime": 0.03,
    "EchoTrainLength": 51,
    "EffectiveEchoSpacing": 0.000359995,
    "FlipAngle": 65,
    "ImageType": [
      "ORIGINAL",
      "PRIMARY",
      "M",
      "ND",
      "NORM",
      "MOSAIC"
    ],
    "InstitutionAddress": "McClintock_3520A_Los_Angeles_CA_US_90089",
    "InstitutionName": "USC",
    "MagneticFieldStrength": 3,
    "Manufacturer": "Siemens",
    "ManufacturersModelName": "Prisma_fit",
    "PhaseEncodingDirection": "i-",
    "PhaseEncodingLines": 78,
    "ProcedureStepDescription": "Mara_Steve",
    "ProtocolName": "wedge_shorter",
    "RepetitionTime": 1.2,
    "ScanningSequence": "EP",
    "SequenceName": "_epfid2d1_78",
    "SequenceVariant": "SK_OSP",
    "SeriesDescription": "wedge_shorter",
    "SliceTiming": [
      0.59,
      0,
      0.65,
      0.06,
      0.71,
      0.12,
      0.7675,
      0.1775,
      0.8275,
      0.2375,
      0.885,
      0.295,
      0.945,
      0.355,
      1.005,
      0.415,
      1.0625,
      0.4725,
      1.1225,
      0.5325
    ],
    "SoftwareVersions": "syngo_MR_D13D",
    "TaskName": "wedge",
    "TotalReadoutTime": 0.0363595,
    "TrueEchoSpacing": 0.000719991,
    "dataset": "ds003425",
    "modality": "bold",
    "run_id": 2,
    "session_id": "02",
    "subject_id": "12",
    "task_id": "wedge"
  },
  "dummy_trs": 0,
  "dvars_nstd": 47.8687550239921,
  "dvars_std": 1.494476023083005,
  "dvars_vstd": 1.0160118997628456,
  "efc": 0.5396493915753999,
  "fber": 1242.0543212890625,
  "fd_mean": 0.1051251014648692,
  "fd_num": 13,
  "fd_perc": 5.118110236220472,
  "fwhm_avg": 1.5668058794009283,
  "fwhm_x": 1.6429724387945073,
  "fwhm_y": 1.3580611994082779,
  "fwhm_z": 1.6993839999999998,
  "gcor": 0.0206557,
  "gsr_x": -0.020518453791737556,
  "gsr_y": 0.014192774891853333,
  "provenance": {
    "md5sum": "595593b09d653ffcce6365fb856142dc",
    "settings": {
      "fd_thres": 0.2,
      "testing": false
    },
    "software": "mriqc",
    "version": "23.0.1",
    "webapi_port": null,
    "webapi_url": "https://mriqc.nimh.nih.gov/api/v1"
  },
  "size_t": 254,
  "size_x": 78,
  "size_y": 78,
  "size_z": 20,
  "snr": 7.227351766309971,
  "spacing_tr": 1.2000000476837158,
  "spacing_x": 2.461538553237915,
  "spacing_y": 2.461538553237915,
  "spacing_z": 2.5,
  "summary_bg_k": 11.716760315821952,
  "summary_bg_mad": 6.703813736052575,
  "summary_bg_mean": 27.671436309814453,
  "summary_bg_median": 9.057086944580078,
  "summary_bg_n": 76886.0,
  "summary_bg_p05": 3.7086613178253174,
  "summary_bg_p95": 135.094482421875,
  "summary_bg_stdv": 42.344547271728516,
  "summary_fg_k": 7.370873668277017,
  "summary_fg_mad": 34.776948871085885,
  "summary_fg_mean": 332.0245361328125,
  "summary_fg_median": 333.41339111328125,
  "summary_fg_n": 17810.0,
  "summary_fg_p05": 265.9084701538086,
  "summary_fg_p95": 394.88603057861326,
  "summary_fg_stdv": 46.1308708190918,
  "tsnr": 47.79229047114495
}