{
  "aor": 0.0013437795275590555,
  "aqi": 0.01985086338582677,
  "bids_meta": {
    "AccelFactPE": 2,
    "AcquisitionNumber": 1,
    "AcquisitionTime": "10:42:46.937500",
    "BandwidthPerPixelPhaseEncode": 35.613,
    "BodyPartExamined": "BRAIN",
    "ConversionSoftware": "dcm2niix",
    "ConversionSoftwareVersion": "v1.0.20170724 GCC4.4.7",
    "DeviceSerialNumber": "67025",
    "EchoTime": 0.03,
    "EchoTrainLength": 51,
    "EffectiveEchoSpacing": 0.000359995,
    "FlipAngle": 65,
    "ImageType": [
      "ORIGINAL",
      "PRIMARY",
      "M",
      "ND",
      "NORM",
      "MOSAIC"
    ],
    "InstitutionAddress": "McClintock_3520A_Los_Angeles_CA_US_90089",
    "InstitutionName": "USC",
    "MagneticFieldStrength": 3,
    "Manufacturer": "Siemens",
    "ManufacturersModelName": "Prisma_fit",
    "PhaseEncodingDirection": "i-",
    "PhaseEncodingLines": 78,
    "ProcedureStepDescription": "Mara_Steve",
    "ProtocolName": "ring_shorter",
    "RepetitionTime": 1.2,
    "ScanningSequence": "EP",
    "SequenceName": "_epfid2d1_78",
    "SequenceVariant": "SK_OSP",
    "SeriesDescription": "ring_shorter",
    "SliceTiming": [
      0.59,
      0,
      0.65,
      0.06,
      0.71,
      0.12,
      0.7675,
      0.1775,
      0.8275,
      0.2375,
      0.885,
      0.295,
      0.945,
      0.355,
      1.0025,
      0.415,
      1.0625,
      0.4725,
      1.1225,
      0.5325
    ],
    "SoftwareVersions": "syngo_MR_D13D",
    "TaskName": "ring",
    "TotalReadoutTime": 0.0363595,
    "TrueEchoSpacing": 0.000719991,
    "dataset": "ds003425",
    "modality": "bold",
    "run_id": 1,
    "session_id": "02",
    "subject_id": "12",
    "task_id": "ring"
  },
  "dummy_trs": 0,
  "dvars_nstd": 48.882724158774685,
  "dvars_std": 1.5338352168774705,
  "dvars_vstd": 1.0239102274308307,
  "efc": 0.5349160271396006,
  "fber": 1303.991943359375,
  "fd_mean": 0.11018993812398935,
  "fd_num": 10,
  "fd_perc": 3.937007874015748,
  "fwhm_avg": 1.586320336988963,
  "fwhm_x": 1.6707883752582826,
  "fwhm_y": 1.3902646357086064,
  "fwhm_z": 1.697908,
  "gcor": 0.0240939,
  "gsr_x": -0.02325586974620819,
  "gsr_y": 0.01664115861058235,
  "provenance": {
    "md5sum": "eea53f54ccda444046c075a1c85b56c2",
    "settings": {
      "fd_thres": 0.2,
      "testing": false
    },
    "software": "mriqc",
    "version": "23.0.1",
    "webapi_port": null,
    "webapi_url": "https://mriqc.nimh.nih.gov/api/v1"
  },
  "size_t": 254,
  "size_x": 78,
  "size_y": 78,
  "size_z": 20,
  "snr": 7.095043583019402,
  "spacing_tr": 1.2000000476837158,
  "spacing_x": 2.461538553237915,
  "spacing_y": 2.461538553237915,
  "spacing_z": 2.5,
  "summary_bg_k": 11.683787921312806,
  "summary_bg_mad": 6.6016651104155795,
  "summary_bg_mean": 27.75043296813965,
  "summary_bg_median": 8.976377487182617,
  "summary_bg_n": 77338.0,
  "summary_bg_p05": 3.6850392818450928,
  "summary_bg_p95": 137.2401580810547,
  "summary_bg_stdv": 42.96284484863281,
  "summary_fg_k": 7.330300586420492,
  "summary_fg_mad": 35.664166488965414,
  "summary_fg_mean": 336.46343994140625,
  "summary_fg_median": 338.22833251953125,
  "summary_fg_n": 17529.0,
  "summary_fg_p05": 269.6669189453125,
  "summary_fg_p95": 401.32127075195314,
  "summary_fg_stdv": 47.66971206665039,
  "tsnr": 48.44764402275905
}