{
  "aor": 0.00552032,
  "aqi": 0.011586602479999998,
  "bids_meta": {
    "AccelFactPE": 2,
    "AcquisitionNumber": 1,
    "AcquisitionTime": "11:14:45.387500",
    "BandwidthPerPixelPhaseEncode": 43.879,
    "BodyPartExamined": "BRAIN",
    "ConversionSoftware": "dcm2niix",
    "ConversionSoftwareVersion": "v1.0.20170724 GCC4.4.7",
    "DeviceSerialNumber": "67025",
    "EchoTime": 0.025,
    "EchoTrainLength": 43,
    "EffectiveEchoSpacing": 0.000356093,
    "FlipAngle": 90,
    "ImageType": [
      "ORIGINAL",
      "PRIMARY",
      "M",
      "ND",
      "NORM",
      "MOSAIC"
    ],
    "InstitutionAddress": "McClintock_3520A_Los_Angeles_CA_US_90089",
    "InstitutionName": "USC",
    "MagneticFieldStrength": 3,
    "Manufacturer": "Siemens",
    "ManufacturersModelName": "Prisma_fit",
    "PhaseEncodingDirection": "i",
    "PhaseEncodingLines": 64,
    "ProcedureStepDescription": "Mara_Steve",
    "ProtocolName": "regulate6",
    "RepetitionTime": 2,
    "ScanningSequence": "EP",
    "SequenceName": "_epfid2d1_64",
    "SequenceVariant": "SK_OSP",
    "SeriesDescription": "regulate6",
    "SliceTiming": [
      0.99,
      0,
      1.04,
      0.05,
      1.0925,
      0.1025,
      1.145,
      0.155,
      1.1975,
      0.2075,
      1.25,
      0.26,
      1.3025,
      0.3125,
      1.3525,
      0.3625,
      1.405,
      0.415,
      1.4575,
      0.4675,
      1.51,
      0.52,
      1.5625,
      0.5725,
      1.615,
      0.625,
      1.665,
      0.675,
      1.7175,
      0.7275,
      1.77,
      0.78,
      1.8225,
      0.8325,
      1.875,
      0.885,
      1.9275,
      0.9375
    ],
    "SoftwareVersions": "syngo_MR_D13D",
    "TaskName": "regulate",
    "TotalReadoutTime": 0.0299118,
    "TrueEchoSpacing": 0.000712186,
    "dataset": "ds003425",
    "modality": "bold",
    "run_id": 6,
    "session_id": "02",
    "subject_id": "12",
    "task_id": "regulate"
  },
  "dummy_trs": 0,
  "dvars_nstd": 22.734128975403213,
  "dvars_std": 1.2580291362903233,
  "dvars_vstd": 1.048744880403226,
  "efc": 0.637734029177003,
  "fber": 1486.0440673828125,
  "fd_mean": 0.12784592025673894,
  "fd_num": 14,
  "fd_perc": 11.2,
  "fwhm_avg": 1.5752377777777777,
  "fwhm_x": 1.4647666666666668,
  "fwhm_y": 1.7016366666666667,
  "fwhm_z": 1.55931,
  "gcor": 0.0553695,
  "gsr_x": 0.0025713969953358173,
  "gsr_y": 0.04157833009958267,
  "provenance": {
    "md5sum": "62af3bcd2edfd293ed114067cd9f7a81",
    "settings": {
      "fd_thres": 0.2,
      "testing": false
    },
    "software": "mriqc",
    "version": "23.0.1",
    "webapi_port": null,
    "webapi_url": "https://mriqc.nimh.nih.gov/api/v1"
  },
  "size_t": 125,
  "size_x": 64,
  "size_y": 64,
  "size_z": 38,
  "snr": 8.108511882036769,
  "spacing_tr": 2.0,
  "spacing_x": 3.0,
  "spacing_y": 3.0,
  "spacing_z": 3.0,
  "summary_bg_k": 7.13997541723543,
  "summary_bg_mad": 9.037944119409588,
  "summary_bg_mean": 34.54270553588867,
  "summary_bg_median": 10.224000930786133,
  "summary_bg_n": 75200.0,
  "summary_bg_p05": 3.2880001068115234,
  "summary_bg_p95": 154.20001220703125,
  "summary_bg_stdv": 52.98576736450195,
  "summary_fg_k": 4.641597530701903,
  "summary_fg_mad": 45.27275727067808,
  "summary_fg_mean": 407.9670715332031,
  "summary_fg_median": 408.5680236816406,
  "summary_fg_n": 44890.0,
  "summary_fg_p05": 334.2036102294922,
  "summary_fg_p95": 482.8924285888672,
  "summary_fg_stdv": 50.386985778808594,
  "tsnr": 65.98159002210014
}