{
  "aor": 0.001039724409448819,
  "aqi": 0.020829927165354332,
  "bids_meta": {
    "AccelFactPE": 2,
    "AcquisitionNumber": 1,
    "AcquisitionTime": "10:36:28.410000",
    "BandwidthPerPixelPhaseEncode": 35.613,
    "BodyPartExamined": "BRAIN",
    "ConversionSoftware": "dcm2niix",
    "ConversionSoftwareVersion": "v1.0.20170724 GCC4.4.7",
    "DeviceSerialNumber": "67025",
    "EchoTime": 0.03,
    "EchoTrainLength": 51,
    "EffectiveEchoSpacing": 0.000359995,
    "FlipAngle": 65,
    "ImageType": [
      "ORIGINAL",
      "PRIMARY",
      "M",
      "ND",
      "NORM",
      "MOSAIC"
    ],
    "InstitutionAddress": "McClintock_3520A_Los_Angeles_CA_US_90089",
    "InstitutionName": "USC",
    "MagneticFieldStrength": 3,
    "Manufacturer": "Siemens",
    "ManufacturersModelName": "Prisma_fit",
    "PhaseEncodingDirection": "i-",
    "PhaseEncodingLines": 78,
    "ProcedureStepDescription": "Mara_Steve",
    "ProtocolName": "wedge_shorter",
    "RepetitionTime": 1.2,
    "ScanningSequence": "EP",
    "SequenceName": "_epfid2d1_78",
    "SequenceVariant": "SK_OSP",
    "SeriesDescription": "wedge_shorter",
    "SliceTiming": [
      0.59,
      0,
      0.65,
      0.06,
      0.7075,
      0.1175,
      0.7675,
      0.1775,
      0.825,
      0.235,
      0.885,
      0.295,
      0.945,
      0.355,
      1.0025,
      0.4125,
      1.0625,
      0.4725,
      1.12,
      0.53
    ],
    "SoftwareVersions": "syngo_MR_D13D",
    "TaskName": "wedge",
    "TotalReadoutTime": 0.0363595,
    "TrueEchoSpacing": 0.000719991,
    "dataset": "ds003425",
    "modality": "bold",
    "run_id": 1,
    "session_id": "02",
    "subject_id": "12",
    "task_id": "wedge"
  },
  "dummy_trs": 0,
  "dvars_nstd": 48.68861505213439,
  "dvars_std": 1.4761855852964423,
  "dvars_vstd": 1.0183345611462449,
  "efc": 0.5317340710298463,
  "fber": 1198.1363525390625,
  "fd_mean": 0.1047071069254301,
  "fd_num": 7,
  "fd_perc": 2.7559055118110236,
  "fwhm_avg": 1.640782627355418,
  "fwhm_x": 1.7316405604913623,
  "fwhm_y": 1.434119321574892,
  "fwhm_z": 1.756588,
  "gcor": 0.0206072,
  "gsr_x": -0.02195325866341591,
  "gsr_y": 0.01897311396896839,
  "provenance": {
    "md5sum": "a60ec0c376119a05199dd6b4595161a2",
    "settings": {
      "fd_thres": 0.2,
      "testing": false
    },
    "software": "mriqc",
    "version": "23.0.1",
    "webapi_port": null,
    "webapi_url": "https://mriqc.nimh.nih.gov/api/v1"
  },
  "size_t": 254,
  "size_x": 78,
  "size_y": 78,
  "size_z": 20,
  "snr": 6.979704239255674,
  "spacing_tr": 1.2000000476837158,
  "spacing_x": 2.461538553237915,
  "spacing_y": 2.461538553237915,
  "spacing_z": 2.5,
  "summary_bg_k": 13.664070316099657,
  "summary_bg_mad": 6.671709983275209,
  "summary_bg_mean": 26.124225616455078,
  "summary_bg_median": 9.04724407196045,
  "summary_bg_n": 77737.0,
  "summary_bg_p05": 3.657480239868164,
  "summary_bg_p95": 124.40629730224609,
  "summary_bg_stdv": 39.58075714111328,
  "summary_fg_k": 6.277419878673832,
  "summary_fg_mad": 36.32959101373232,
  "summary_fg_mean": 324.16766357421875,
  "summary_fg_median": 325.3622131347656,
  "summary_fg_n": 17091.0,
  "summary_fg_p05": 256.24212646484375,
  "summary_fg_p95": 389.8897705078125,
  "summary_fg_stdv": 46.61410903930664,
  "tsnr": 45.60364920209395
}