{
  "aor": 0.0021087058823529414,
  "aqi": 0.0046832449411764706,
  "bids_meta": {
    "AccelFactPE": 2,
    "AcquisitionNumber": 1,
    "AcquisitionTime": "11:14:53.060000",
    "BandwidthPerPixelPhaseEncode": 43.879,
    "BodyPartExamined": "BRAIN",
    "ConversionSoftware": "dcm2niix",
    "ConversionSoftwareVersion": "v1.0.20170724 GCC4.4.7",
    "DeviceSerialNumber": "67025",
    "EchoTime": 0.025,
    "EchoTrainLength": 43,
    "EffectiveEchoSpacing": 0.000356093,
    "FlipAngle": 90,
    "ImageType": [
      "ORIGINAL",
      "PRIMARY",
      "M",
      "ND",
      "NORM",
      "MOSAIC"
    ],
    "InstitutionAddress": "McClintock_3520A_Los_Angeles_CA_US_90089",
    "InstitutionName": "USC",
    "MagneticFieldStrength": 3,
    "Manufacturer": "Siemens",
    "ManufacturersModelName": "Prisma_fit",
    "PhaseEncodingDirection": "j-",
    "PhaseEncodingLines": 64,
    "ProcedureStepDescription": "Mara_Steve",
    "ProtocolName": "prelearning",
    "RepetitionTime": 2,
    "ScanningSequence": "EP",
    "SequenceName": "_epfid2d1_64",
    "SequenceVariant": "SK_OSP",
    "SeriesDescription": "prelearning",
    "SliceTiming": [
      0.99,
      0,
      1.0425,
      0.0525,
      1.095,
      0.105,
      1.145,
      0.1575,
      1.1975,
      0.2075,
      1.25,
      0.26,
      1.3025,
      0.3125,
      1.355,
      0.365,
      1.4075,
      0.4175,
      1.46,
      0.47,
      1.51,
      0.52,
      1.5625,
      0.5725,
      1.615,
      0.625,
      1.6675,
      0.6775,
      1.72,
      0.73,
      1.7725,
      0.7825,
      1.8225,
      0.8325,
      1.875,
      0.885,
      1.9275,
      0.9375
    ],
    "SoftwareVersions": "syngo_MR_D13D",
    "TaskName": "prelearning",
    "TotalReadoutTime": 0.0299118,
    "TrueEchoSpacing": 0.000712186,
    "dataset": "ds003425",
    "modality": "bold",
    "run_id": 1,
    "session_id": "01",
    "subject_id": "02",
    "task_id": "prelearning"
  },
  "dummy_trs": 0,
  "dvars_nstd": 16.834327845238096,
  "dvars_std": 1.0945090479761903,
  "dvars_vstd": 1.0261773525000006,
  "efc": 0.5947332056432464,
  "fber": 1537.0986328125,
  "fd_mean": 0.06755858002073882,
  "fd_num": 0,
  "fd_perc": 0.0,
  "fwhm_avg": 1.6046988888888887,
  "fwhm_x": 1.4603066666666666,
  "fwhm_y": 1.72928,
  "fwhm_z": 1.62451,
  "gcor": 0.0229427,
  "gsr_x": 0.011563978157937527,
  "gsr_y": 0.045783158391714096,
  "provenance": {
    "md5sum": "694537395e376c8ad719fc30bf417b1c",
    "settings": {
      "fd_thres": 0.2,
      "testing": false
    },
    "software": "mriqc",
    "version": "23.0.1",
    "webapi_port": null,
    "webapi_url": "https://mriqc.nimh.nih.gov/api/v1"
  },
  "size_t": 85,
  "size_x": 64,
  "size_y": 64,
  "size_z": 38,
  "snr": 7.622605221769912,
  "spacing_tr": 2.0,
  "spacing_x": 3.0,
  "spacing_y": 3.0,
  "spacing_z": 3.0,
  "summary_bg_k": 12.977987677813564,
  "summary_bg_mad": 8.773517106872335,
  "summary_bg_mean": 29.63481903076172,
  "summary_bg_median": 9.65882396697998,
  "summary_bg_n": 83199.0,
  "summary_bg_p05": 3.141176462173462,
  "summary_bg_p95": 125.88588409423798,
  "summary_bg_stdv": 48.81928253173828,
  "summary_fg_k": 3.1223006785727687,
  "summary_fg_mad": 44.66995241969083,
  "summary_fg_mean": 399.6861572265625,
  "summary_fg_median": 396.6941223144531,
  "summary_fg_n": 37789.0,
  "summary_fg_p05": 325.6282470703125,
  "summary_fg_p95": 483.7552978515625,
  "summary_fg_stdv": 52.041114807128906,
  "tsnr": 88.75256872456521
}