{
  "aor": 0.002288775510204082,
  "aqi": 0.005409162755102041,
  "bids_meta": {
    "AccelFactPE": 2,
    "AcquisitionNumber": 1,
    "AcquisitionTime": "11:09:43.285000",
    "BandwidthPerPixelPhaseEncode": 43.879,
    "BodyPartExamined": "BRAIN",
    "ConversionSoftware": "dcm2niix",
    "ConversionSoftwareVersion": "v1.0.20170724 GCC4.4.7",
    "DeviceSerialNumber": "67025",
    "EchoTime": 0.025,
    "EchoTrainLength": 43,
    "EffectiveEchoSpacing": 0.000356093,
    "FlipAngle": 90,
    "ImageType": [
      "ORIGINAL",
      "PRIMARY",
      "M",
      "ND",
      "NORM",
      "MOSAIC"
    ],
    "InstitutionAddress": "McClintock_3520A_Los_Angeles_CA_US_90089",
    "InstitutionName": "USC",
    "MagneticFieldStrength": 3,
    "Manufacturer": "Siemens",
    "ManufacturersModelName": "Prisma_fit",
    "PhaseEncodingDirection": "j-",
    "PhaseEncodingLines": 64,
    "ProcedureStepDescription": "Mara_Steve",
    "ProtocolName": "training",
    "RepetitionTime": 2,
    "ScanningSequence": "EP",
    "SequenceName": "_epfid2d1_64",
    "SequenceVariant": "SK_OSP",
    "SeriesDescription": "training",
    "SliceTiming": [
      0.99,
      0,
      1.0425,
      0.0525,
      1.095,
      0.105,
      1.1475,
      0.1575,
      1.2,
      0.21,
      1.2525,
      0.2625,
      1.3025,
      0.3125,
      1.355,
      0.365,
      1.4075,
      0.4175,
      1.46,
      0.47,
      1.5125,
      0.5225,
      1.565,
      0.575,
      1.615,
      0.625,
      1.6675,
      0.6775,
      1.72,
      0.73,
      1.7725,
      0.7825,
      1.825,
      0.835,
      1.8775,
      0.8875,
      1.9275,
      0.94
    ],
    "SoftwareVersions": "syngo_MR_D13D",
    "TaskName": "training",
    "TotalReadoutTime": 0.0299118,
    "TrueEchoSpacing": 0.000712186,
    "dataset": "ds003425",
    "modality": "bold",
    "run_id": 6,
    "session_id": "01",
    "subject_id": "02",
    "task_id": "training"
  },
  "dummy_trs": 0,
  "dvars_nstd": 17.39412836680413,
  "dvars_std": 1.1287339082474224,
  "dvars_vstd": 1.0447453356701033,
  "efc": 0.5943331936489559,
  "fber": 1553.7945556640625,
  "fd_mean": 0.08243180636388946,
  "fd_num": 0,
  "fd_perc": 0.0,
  "fwhm_avg": 1.606111111111111,
  "fwhm_x": 1.4661833333333334,
  "fwhm_y": 1.73253,
  "fwhm_z": 1.61962,
  "gcor": 0.0401151,
  "gsr_x": 0.011625978164374828,
  "gsr_y": 0.04542556777596474,
  "provenance": {
    "md5sum": "179fafd9976e0a173c19465094677f17",
    "settings": {
      "fd_thres": 0.2,
      "testing": false
    },
    "software": "mriqc",
    "version": "23.0.1",
    "webapi_port": null,
    "webapi_url": "https://mriqc.nimh.nih.gov/api/v1"
  },
  "size_t": 98,
  "size_x": 64,
  "size_y": 64,
  "size_z": 38,
  "snr": 7.6109467982903585,
  "spacing_tr": 2.0,
  "spacing_x": 3.0,
  "spacing_y": 3.0,
  "spacing_z": 3.0,
  "summary_bg_k": 12.870722988371613,
  "summary_bg_mad": 8.653555567913571,
  "summary_bg_mean": 29.49226951599121,
  "summary_bg_median": 9.571428298950195,
  "summary_bg_n": 83238.0,
  "summary_bg_p05": 3.132652997970581,
  "summary_bg_p95": 124.98979187011719,
  "summary_bg_stdv": 48.48988342285156,
  "summary_fg_k": 3.1981988535588606,
  "summary_fg_mad": 44.425129403201154,
  "summary_fg_mean": 398.9294128417969,
  "summary_fg_median": 396.08673095703125,
  "summary_fg_n": 37776.0,
  "summary_fg_p05": 324.26786041259766,
  "summary_fg_p95": 482.31632232666016,
  "summary_fg_stdv": 52.0410270690918,
  "tsnr": 83.5737511375919
}