{
  "aor": 0.001597291666666667,
  "aqi": 0.004950553333333334,
  "bids_meta": {
    "AccelFactPE": 2,
    "AcquisitionNumber": 1,
    "AcquisitionTime": "11:01:38.907500",
    "BandwidthPerPixelPhaseEncode": 43.879,
    "BodyPartExamined": "BRAIN",
    "ConversionSoftware": "dcm2niix",
    "ConversionSoftwareVersion": "v1.0.20170724 GCC4.4.7",
    "DeviceSerialNumber": "67025",
    "EchoTime": 0.025,
    "EchoTrainLength": 43,
    "EffectiveEchoSpacing": 0.000356093,
    "FlipAngle": 90,
    "ImageType": [
      "ORIGINAL",
      "PRIMARY",
      "M",
      "ND",
      "NORM",
      "MOSAIC"
    ],
    "InstitutionAddress": "McClintock_3520A_Los_Angeles_CA_US_90089",
    "InstitutionName": "USC",
    "MagneticFieldStrength": 3,
    "Manufacturer": "Siemens",
    "ManufacturersModelName": "Prisma_fit",
    "PhaseEncodingDirection": "j-",
    "PhaseEncodingLines": 64,
    "ProcedureStepDescription": "Mara_Steve",
    "ProtocolName": "training",
    "RepetitionTime": 2,
    "ScanningSequence": "EP",
    "SequenceName": "_epfid2d1_64",
    "SequenceVariant": "SK_OSP",
    "SeriesDescription": "training",
    "SliceTiming": [
      0.99,
      0,
      1.04,
      0.0525,
      1.0925,
      0.1025,
      1.145,
      0.155,
      1.1975,
      0.2075,
      1.25,
      0.26,
      1.3025,
      0.3125,
      1.355,
      0.365,
      1.405,
      0.415,
      1.4575,
      0.4675,
      1.51,
      0.52,
      1.5625,
      0.5725,
      1.615,
      0.625,
      1.6675,
      0.6775,
      1.7175,
      0.7275,
      1.77,
      0.78,
      1.8225,
      0.8325,
      1.875,
      0.885,
      1.9275,
      0.9375
    ],
    "SoftwareVersions": "syngo_MR_D13D",
    "TaskName": "training",
    "TotalReadoutTime": 0.0299118,
    "TrueEchoSpacing": 0.000712186,
    "dataset": "ds003425",
    "modality": "bold",
    "run_id": 4,
    "session_id": "01",
    "subject_id": "02",
    "task_id": "training"
  },
  "dummy_trs": 2,
  "dvars_nstd": 17.354339348421046,
  "dvars_std": 1.0946104496842106,
  "dvars_vstd": 1.0157886585263165,
  "efc": 0.5941908498362878,
  "fber": 1560.745361328125,
  "fd_mean": 0.07621302412816273,
  "fd_num": 0,
  "fd_perc": 0.0,
  "fwhm_avg": 1.6069344444444444,
  "fwhm_x": 1.4618533333333332,
  "fwhm_y": 1.7375766666666665,
  "fwhm_z": 1.6213733333333333,
  "gcor": 0.0317521,
  "gsr_x": 0.011152359656989574,
  "gsr_y": 0.04654163867235184,
  "provenance": {
    "md5sum": "377970e36799ac6d78c19fed1278a852",
    "settings": {
      "fd_thres": 0.2,
      "testing": false
    },
    "software": "mriqc",
    "version": "23.0.1",
    "webapi_port": null,
    "webapi_url": "https://mriqc.nimh.nih.gov/api/v1"
  },
  "size_t": 96,
  "size_x": 64,
  "size_y": 64,
  "size_z": 38,
  "snr": 7.602727294315994,
  "spacing_tr": 2.0,
  "spacing_x": 3.0,
  "spacing_y": 3.0,
  "spacing_z": 3.0,
  "summary_bg_k": 13.267381904666902,
  "summary_bg_mad": 8.61762610202364,
  "summary_bg_mean": 29.42511749267578,
  "summary_bg_median": 9.552083969116211,
  "summary_bg_n": 83221.0,
  "summary_bg_p05": 3.1354167461395264,
  "summary_bg_p95": 125.13542175292969,
  "summary_bg_stdv": 48.71089553833008,
  "summary_fg_k": 3.188468951153787,
  "summary_fg_mad": 44.58620313055344,
  "summary_fg_mean": 399.435791015625,
  "summary_fg_median": 396.40625,
  "summary_fg_n": 37790.0,
  "summary_fg_p05": 325.3890625,
  "summary_fg_p95": 483.7708435058594,
  "summary_fg_stdv": 52.13931655883789,
  "tsnr": 87.18636500649154
}