{
  "aor": 0.0012149600000000002,
  "aqi": 0.00625131672,
  "bids_meta": {
    "AccelFactPE": 2,
    "AcquisitionNumber": 1,
    "AcquisitionTime": "11:26:29.167500",
    "BandwidthPerPixelPhaseEncode": 43.879,
    "BodyPartExamined": "BRAIN",
    "ConversionSoftware": "dcm2niix",
    "ConversionSoftwareVersion": "v1.0.20170724 GCC4.4.7",
    "DeviceSerialNumber": "67025",
    "EchoTime": 0.025,
    "EchoTrainLength": 43,
    "EffectiveEchoSpacing": 0.000356093,
    "FlipAngle": 90,
    "ImageType": [
      "ORIGINAL",
      "PRIMARY",
      "M",
      "ND",
      "NORM",
      "MOSAIC"
    ],
    "InstitutionAddress": "McClintock_3520A_Los_Angeles_CA_US_90089",
    "InstitutionName": "USC",
    "MagneticFieldStrength": 3,
    "Manufacturer": "Siemens",
    "ManufacturersModelName": "Prisma_fit",
    "PhaseEncodingDirection": "j-",
    "PhaseEncodingLines": 64,
    "ProcedureStepDescription": "Mara_Steve",
    "ProtocolName": "learning",
    "RepetitionTime": 2,
    "ScanningSequence": "EP",
    "SequenceName": "_epfid2d1_64",
    "SequenceVariant": "SK_OSP",
    "SeriesDescription": "learning",
    "SliceTiming": [
      0.99,
      0,
      1.0425,
      0.0525,
      1.0925,
      0.1025,
      1.145,
      0.155,
      1.1975,
      0.2075,
      1.25,
      0.26,
      1.3025,
      0.3125,
      1.355,
      0.365,
      1.405,
      0.415,
      1.4575,
      0.4675,
      1.51,
      0.52,
      1.5625,
      0.5725,
      1.615,
      0.625,
      1.6675,
      0.6775,
      1.7175,
      0.7275,
      1.77,
      0.78,
      1.8225,
      0.8325,
      1.875,
      0.885,
      1.9275,
      0.9375
    ],
    "SoftwareVersions": "syngo_MR_D13D",
    "TaskName": "learning",
    "TotalReadoutTime": 0.0299118,
    "TrueEchoSpacing": 0.000712186,
    "dataset": "ds003425",
    "modality": "bold",
    "run_id": 1,
    "session_id": "01",
    "subject_id": "02",
    "task_id": "learning"
  },
  "dummy_trs": 0,
  "dvars_nstd": 17.36187296516129,
  "dvars_std": 1.0807286270967735,
  "dvars_vstd": 1.0043234141935486,
  "efc": 0.5950547473757171,
  "fber": 1551.26416015625,
  "fd_mean": 0.08491435795757356,
  "fd_num": 3,
  "fd_perc": 2.4,
  "fwhm_avg": 1.6071588888888888,
  "fwhm_x": 1.4618533333333332,
  "fwhm_y": 1.7358766666666667,
  "fwhm_z": 1.6237466666666667,
  "gcor": 0.0369306,
  "gsr_x": 0.01212768629193306,
  "gsr_y": 0.04573787748813629,
  "provenance": {
    "md5sum": "b2f1a13e1a171212d0adefffb87cd40a",
    "settings": {
      "fd_thres": 0.2,
      "testing": false
    },
    "software": "mriqc",
    "version": "23.0.1",
    "webapi_port": null,
    "webapi_url": "https://mriqc.nimh.nih.gov/api/v1"
  },
  "size_t": 125,
  "size_x": 64,
  "size_y": 64,
  "size_z": 38,
  "snr": 7.626610191537188,
  "spacing_tr": 2.0,
  "spacing_x": 3.0,
  "spacing_y": 3.0,
  "spacing_z": 3.0,
  "summary_bg_k": 12.703790493133107,
  "summary_bg_mad": 8.729561526048105,
  "summary_bg_mean": 29.85695457458496,
  "summary_bg_median": 9.592000007629395,
  "summary_bg_n": 83225.0,
  "summary_bg_p05": 3.128000259399414,
  "summary_bg_p95": 126.82720794677742,
  "summary_bg_stdv": 49.236080169677734,
  "summary_fg_k": 3.161941994251851,
  "summary_fg_mad": 44.45435795035553,
  "summary_fg_mean": 399.7159118652344,
  "summary_fg_median": 396.75201416015625,
  "summary_fg_n": 37816.0,
  "summary_fg_p05": 324.74401092529297,
  "summary_fg_p95": 483.51402282714844,
  "summary_fg_stdv": 52.02137756347656,
  "tsnr": 78.97804234083742
}