{
  "aor": 0.0011373387096774194,
  "aqi": 0.005940631370967741,
  "bids_meta": {
    "AccelFactPE": 2,
    "AcquisitionNumber": 1,
    "AcquisitionTime": "11:45:44.767500",
    "BandwidthPerPixelPhaseEncode": 43.879,
    "BodyPartExamined": "BRAIN",
    "ConversionSoftware": "dcm2niix",
    "ConversionSoftwareVersion": "v1.0.20170724 GCC4.4.7",
    "DeviceSerialNumber": "67025",
    "EchoTime": 0.025,
    "EchoTrainLength": 43,
    "EffectiveEchoSpacing": 0.000356093,
    "FlipAngle": 90,
    "ImageType": [
      "ORIGINAL",
      "PRIMARY",
      "M",
      "ND",
      "NORM",
      "MOSAIC"
    ],
    "InstitutionAddress": "McClintock_3520A_Los_Angeles_CA_US_90089",
    "InstitutionName": "USC",
    "MagneticFieldStrength": 3,
    "Manufacturer": "Siemens",
    "ManufacturersModelName": "Prisma_fit",
    "PhaseEncodingDirection": "j-",
    "PhaseEncodingLines": 64,
    "ProcedureStepDescription": "Mara_Steve",
    "ProtocolName": "learning",
    "RepetitionTime": 2,
    "ScanningSequence": "EP",
    "SequenceName": "_epfid2d1_64",
    "SequenceVariant": "SK_OSP",
    "SeriesDescription": "learning",
    "SliceTiming": [
      0.99,
      0,
      1.04,
      0.0525,
      1.0925,
      0.1025,
      1.145,
      0.155,
      1.1975,
      0.2075,
      1.25,
      0.26,
      1.3025,
      0.3125,
      1.355,
      0.365,
      1.405,
      0.415,
      1.4575,
      0.4675,
      1.51,
      0.52,
      1.5625,
      0.5725,
      1.615,
      0.625,
      1.6675,
      0.6775,
      1.7175,
      0.7275,
      1.77,
      0.78,
      1.8225,
      0.8325,
      1.875,
      0.885,
      1.9275,
      0.9375
    ],
    "SoftwareVersions": "syngo_MR_D13D",
    "TaskName": "learning",
    "TotalReadoutTime": 0.0299118,
    "TrueEchoSpacing": 0.000712186,
    "dataset": "ds003425",
    "modality": "bold",
    "run_id": 5,
    "session_id": "01",
    "subject_id": "02",
    "task_id": "learning"
  },
  "dummy_trs": 1,
  "dvars_nstd": 17.546118130894314,
  "dvars_std": 1.0750226346341458,
  "dvars_vstd": 0.9988314623577238,
  "efc": 0.5954352453273255,
  "fber": 1521.0001220703125,
  "fd_mean": 0.08579588276588052,
  "fd_num": 0,
  "fd_perc": 0.0,
  "fwhm_avg": 1.5993577777777779,
  "fwhm_x": 1.4544466666666667,
  "fwhm_y": 1.7182633333333335,
  "fwhm_z": 1.6253633333333333,
  "gcor": 0.0253127,
  "gsr_x": 0.012121887877583504,
  "gsr_y": 0.045457057654857635,
  "provenance": {
    "md5sum": "8a0dc8faeee45ede5dc3c915a222706f",
    "settings": {
      "fd_thres": 0.2,
      "testing": false
    },
    "software": "mriqc",
    "version": "23.0.1",
    "webapi_port": null,
    "webapi_url": "https://mriqc.nimh.nih.gov/api/v1"
  },
  "size_t": 124,
  "size_x": 64,
  "size_y": 64,
  "size_z": 38,
  "snr": 7.638018455330031,
  "spacing_tr": 2.0,
  "spacing_x": 3.0,
  "spacing_y": 3.0,
  "spacing_z": 3.0,
  "summary_bg_k": 12.509453875335836,
  "summary_bg_mad": 8.859743229769284,
  "summary_bg_mean": 29.989486694335938,
  "summary_bg_median": 9.67741870880127,
  "summary_bg_n": 83354.0,
  "summary_bg_p05": 3.1209676265716553,
  "summary_bg_p95": 127.63991508483879,
  "summary_bg_stdv": 49.2330436706543,
  "summary_fg_k": 3.1529053715215385,
  "summary_fg_mad": 44.621539810627084,
  "summary_fg_mean": 398.43505859375,
  "summary_fg_median": 395.83868408203125,
  "summary_fg_n": 37713.0,
  "summary_fg_p05": 323.8596618652344,
  "summary_fg_p95": 481.54192504882815,
  "summary_fg_stdv": 51.824100494384766,
  "tsnr": 79.65396126941778
}