{
  "aor": 0.0015942268041237116,
  "aqi": 0.004527739793814433,
  "bids_meta": {
    "AccelFactPE": 2,
    "AcquisitionNumber": 1,
    "AcquisitionTime": "10:49:27.265000",
    "BandwidthPerPixelPhaseEncode": 43.879,
    "BodyPartExamined": "BRAIN",
    "ConversionSoftware": "dcm2niix",
    "ConversionSoftwareVersion": "v1.0.20170724 GCC4.4.7",
    "DeviceSerialNumber": "67025",
    "EchoTime": 0.025,
    "EchoTrainLength": 43,
    "EffectiveEchoSpacing": 0.000356093,
    "FlipAngle": 90,
    "ImageType": [
      "ORIGINAL",
      "PRIMARY",
      "M",
      "ND",
      "NORM",
      "MOSAIC"
    ],
    "InstitutionAddress": "McClintock_3520A_Los_Angeles_CA_US_90089",
    "InstitutionName": "USC",
    "MagneticFieldStrength": 3,
    "Manufacturer": "Siemens",
    "ManufacturersModelName": "Prisma_fit",
    "PhaseEncodingDirection": "j-",
    "PhaseEncodingLines": 64,
    "ProcedureStepDescription": "Mara_Steve",
    "ProtocolName": "training",
    "RepetitionTime": 2,
    "ScanningSequence": "EP",
    "SequenceName": "_epfid2d1_64",
    "SequenceVariant": "SK_OSP",
    "SeriesDescription": "training",
    "SliceTiming": [
      0.99,
      0,
      1.04,
      0.05,
      1.0925,
      0.1025,
      1.145,
      0.155,
      1.1975,
      0.2075,
      1.25,
      0.26,
      1.3025,
      0.3125,
      1.3525,
      0.365,
      1.405,
      0.415,
      1.4575,
      0.4675,
      1.51,
      0.52,
      1.5625,
      0.5725,
      1.615,
      0.625,
      1.6675,
      0.6775,
      1.7175,
      0.7275,
      1.77,
      0.78,
      1.8225,
      0.8325,
      1.875,
      0.885,
      1.9275,
      0.9375
    ],
    "SoftwareVersions": "syngo_MR_D13D",
    "TaskName": "training",
    "TotalReadoutTime": 0.0299118,
    "TrueEchoSpacing": 0.000712186,
    "dataset": "ds003425",
    "modality": "bold",
    "run_id": 1,
    "session_id": "01",
    "subject_id": "02",
    "task_id": "training"
  },
  "dummy_trs": 1,
  "dvars_nstd": 17.24043883895833,
  "dvars_std": 1.1025894811458337,
  "dvars_vstd": 1.0223487326041665,
  "efc": 0.5943278622261541,
  "fber": 1531.2210693359375,
  "fd_mean": 0.08444471401020794,
  "fd_num": 0,
  "fd_perc": 0.0,
  "fwhm_avg": 1.6095933333333334,
  "fwhm_x": 1.4724733333333333,
  "fwhm_y": 1.7446366666666666,
  "fwhm_z": 1.61167,
  "gcor": 0.0235767,
  "gsr_x": 0.010525847785174847,
  "gsr_y": 0.04387376829981804,
  "provenance": {
    "md5sum": "4d83a326aa0981fcf35168d13959bef8",
    "settings": {
      "fd_thres": 0.2,
      "testing": false
    },
    "software": "mriqc",
    "version": "23.0.1",
    "webapi_port": null,
    "webapi_url": "https://mriqc.nimh.nih.gov/api/v1"
  },
  "size_t": 97,
  "size_x": 64,
  "size_y": 64,
  "size_z": 38,
  "snr": 7.573639012409535,
  "spacing_tr": 2.0,
  "spacing_x": 3.0,
  "spacing_y": 3.0,
  "spacing_z": 3.0,
  "summary_bg_k": 12.912724102960881,
  "summary_bg_mad": 8.69691306072279,
  "summary_bg_mean": 28.910175323486328,
  "summary_bg_median": 9.618556022644043,
  "summary_bg_n": 83254.0,
  "summary_bg_p05": 3.123711347579956,
  "summary_bg_p95": 122.27164344787589,
  "summary_bg_stdv": 47.217002868652344,
  "summary_fg_k": 2.988419696193282,
  "summary_fg_mad": 45.104760992683964,
  "summary_fg_mean": 395.029541015625,
  "summary_fg_median": 392.67010498046875,
  "summary_fg_n": 37835.0,
  "summary_fg_p05": 319.56390075683595,
  "summary_fg_p95": 476.62884521484375,
  "summary_fg_stdv": 51.84626770019531,
  "tsnr": 89.5973798877094
}