{
  "aor": 0.006264800000000001,
  "aqi": 0.028262681600000002,
  "bids_meta": {
    "AccelFactPE": 2,
    "AcquisitionNumber": 1,
    "AcquisitionTime": "12:20:13.452500",
    "BandwidthPerPixelPhaseEncode": 43.879,
    "BodyPartExamined": "BRAIN",
    "ConversionSoftware": "dcm2niix",
    "ConversionSoftwareVersion": "v1.0.20170724 GCC4.4.7",
    "DeviceSerialNumber": "67025",
    "EchoTime": 0.025,
    "EchoTrainLength": 43,
    "EffectiveEchoSpacing": 0.000356093,
    "FlipAngle": 90,
    "ImageType": [
      "ORIGINAL",
      "PRIMARY",
      "M",
      "ND",
      "NORM",
      "MOSAIC"
    ],
    "InstitutionAddress": "McClintock_3520A_Los_Angeles_CA_US_90089",
    "InstitutionName": "USC",
    "MagneticFieldStrength": 3,
    "Manufacturer": "Siemens",
    "ManufacturersModelName": "Prisma_fit",
    "PhaseEncodingDirection": "j-",
    "PhaseEncodingLines": 64,
    "ProcedureStepDescription": "Mara_Steve",
    "ProtocolName": "regulate3",
    "RepetitionTime": 2,
    "ScanningSequence": "EP",
    "SequenceName": "_epfid2d1_64",
    "SequenceVariant": "SK_OSP",
    "SeriesDescription": "regulate3",
    "SliceTiming": [
      0.99,
      0,
      1.0425,
      0.0525,
      1.095,
      0.105,
      1.145,
      0.1575,
      1.1975,
      0.2075,
      1.25,
      0.26,
      1.3025,
      0.3125,
      1.355,
      0.365,
      1.4075,
      0.4175,
      1.46,
      0.47,
      1.51,
      0.52,
      1.5625,
      0.5725,
      1.615,
      0.625,
      1.6675,
      0.6775,
      1.72,
      0.73,
      1.7725,
      0.7825,
      1.8225,
      0.8325,
      1.875,
      0.885,
      1.9275,
      0.9375
    ],
    "SoftwareVersions": "syngo_MR_D13D",
    "TaskName": "regulate",
    "TotalReadoutTime": 0.0299118,
    "TrueEchoSpacing": 0.000712186,
    "dataset": "ds003425",
    "modality": "bold",
    "run_id": 3,
    "session_id": "02",
    "subject_id": "05",
    "task_id": "regulate"
  },
  "dummy_trs": 0,
  "dvars_nstd": 22.831805360241937,
  "dvars_std": 1.0412816468548391,
  "dvars_vstd": 0.9798549237096772,
  "efc": 0.5894118763118489,
  "fber": 2486.42529296875,
  "fd_mean": 0.24562746195219962,
  "fd_num": 53,
  "fd_perc": 42.4,
  "fwhm_avg": 1.6573566666666668,
  "fwhm_x": 1.5721833333333333,
  "fwhm_y": 1.74786,
  "fwhm_z": 1.6520266666666668,
  "gcor": 0.0634869,
  "gsr_x": -0.0043487041257321835,
  "gsr_y": 0.031515125185251236,
  "provenance": {
    "md5sum": "e148605000900d40bd6b1cbf5410d0e0",
    "settings": {
      "fd_thres": 0.2,
      "testing": false
    },
    "software": "mriqc",
    "version": "23.0.1",
    "webapi_port": null,
    "webapi_url": "https://mriqc.nimh.nih.gov/api/v1"
  },
  "size_t": 125,
  "size_x": 64,
  "size_y": 64,
  "size_z": 38,
  "snr": 8.236179847820026,
  "spacing_tr": 2.0,
  "spacing_x": 3.0,
  "spacing_y": 3.0,
  "spacing_z": 3.0,
  "summary_bg_k": 27.26185670054726,
  "summary_bg_mad": 6.084599640483278,
  "summary_bg_mean": 22.06700897216797,
  "summary_bg_median": 7.5360002517700195,
  "summary_bg_n": 80654.0,
  "summary_bg_p05": 2.880000114440918,
  "summary_bg_p95": 84.49920578002902,
  "summary_bg_stdv": 40.069984436035156,
  "summary_fg_k": 3.54719214307193,
  "summary_fg_mad": 37.46832797159819,
  "summary_fg_mean": 381.99774169921875,
  "summary_fg_median": 380.4320068359375,
  "summary_fg_n": 39732.0,
  "summary_fg_p05": 313.3048156738281,
  "summary_fg_p95": 456.1176101684569,
  "summary_fg_stdv": 46.18976593017578,
  "tsnr": 44.69261890486814
}