{
  "aor": 0.00368096,
  "aqi": 0.02036213776,
  "bids_meta": {
    "AccelFactPE": 2,
    "AcquisitionNumber": 1,
    "AcquisitionTime": "12:39:46.757500",
    "BandwidthPerPixelPhaseEncode": 43.879,
    "BodyPartExamined": "BRAIN",
    "ConversionSoftware": "dcm2niix",
    "ConversionSoftwareVersion": "v1.0.20170724 GCC4.4.7",
    "DeviceSerialNumber": "67025",
    "EchoTime": 0.025,
    "EchoTrainLength": 43,
    "EffectiveEchoSpacing": 0.000356093,
    "FlipAngle": 90,
    "ImageType": [
      "ORIGINAL",
      "PRIMARY",
      "M",
      "ND",
      "NORM",
      "MOSAIC"
    ],
    "InstitutionAddress": "McClintock_3520A_Los_Angeles_CA_US_90089",
    "InstitutionName": "USC",
    "MagneticFieldStrength": 3,
    "Manufacturer": "Siemens",
    "ManufacturersModelName": "Prisma_fit",
    "PhaseEncodingDirection": "j-",
    "PhaseEncodingLines": 64,
    "ProcedureStepDescription": "Mara_Steve",
    "ProtocolName": "regulate7",
    "RepetitionTime": 2,
    "ScanningSequence": "EP",
    "SequenceName": "_epfid2d1_64",
    "SequenceVariant": "SK_OSP",
    "SeriesDescription": "regulate7",
    "SliceTiming": [
      0.99,
      0,
      1.04,
      0.05,
      1.0925,
      0.1025,
      1.145,
      0.155,
      1.1975,
      0.2075,
      1.25,
      0.26,
      1.3025,
      0.3125,
      1.3525,
      0.3625,
      1.405,
      0.415,
      1.4575,
      0.4675,
      1.51,
      0.52,
      1.5625,
      0.5725,
      1.615,
      0.625,
      1.665,
      0.675,
      1.7175,
      0.7275,
      1.77,
      0.78,
      1.8225,
      0.8325,
      1.875,
      0.885,
      1.9275,
      0.9375
    ],
    "SoftwareVersions": "syngo_MR_D13D",
    "TaskName": "regulate",
    "TotalReadoutTime": 0.0299118,
    "TrueEchoSpacing": 0.000712186,
    "dataset": "ds003425",
    "modality": "bold",
    "run_id": 7,
    "session_id": "02",
    "subject_id": "05",
    "task_id": "regulate"
  },
  "dummy_trs": 0,
  "dvars_nstd": 19.623571379838708,
  "dvars_std": 1.0503264020161287,
  "dvars_vstd": 0.9681256278225807,
  "efc": 0.5901447140208507,
  "fber": 2489.2861328125,
  "fd_mean": 0.1710776216367717,
  "fd_num": 27,
  "fd_perc": 21.6,
  "fwhm_avg": 1.6389788888888888,
  "fwhm_x": 1.5612666666666666,
  "fwhm_y": 1.7363099999999998,
  "fwhm_z": 1.6193600000000001,
  "gcor": 0.0229213,
  "gsr_x": -0.0037453845143318176,
  "gsr_y": 0.032342858612537384,
  "provenance": {
    "md5sum": "2e079fc0f2d5c1b06b4798f7c52f4790",
    "settings": {
      "fd_thres": 0.2,
      "testing": false
    },
    "software": "mriqc",
    "version": "23.0.1",
    "webapi_port": null,
    "webapi_url": "https://mriqc.nimh.nih.gov/api/v1"
  },
  "size_t": 125,
  "size_x": 64,
  "size_y": 64,
  "size_z": 38,
  "snr": 8.21024972547489,
  "spacing_tr": 2.0,
  "spacing_x": 3.0,
  "spacing_y": 3.0,
  "spacing_z": 3.0,
  "summary_bg_k": 26.020467241591877,
  "summary_bg_mad": 5.87110484183897,
  "summary_bg_mean": 21.775474548339844,
  "summary_bg_median": 7.4720001220703125,
  "summary_bg_n": 80656.0,
  "summary_bg_p05": 2.944000244140625,
  "summary_bg_p95": 83.86200332641602,
  "summary_bg_stdv": 39.32491683959961,
  "summary_fg_k": 3.75772504350501,
  "summary_fg_mad": 37.76482126804189,
  "summary_fg_mean": 383.35833740234375,
  "summary_fg_median": 381.72003173828125,
  "summary_fg_n": 39974.0,
  "summary_fg_p05": 314.57520904541013,
  "summary_fg_p95": 457.5736206054687,
  "summary_fg_stdv": 46.49252700805664,
  "tsnr": 56.957570732338354
}