{
  "aor": 0.001990236220472441,
  "aqi": 0.07423849291338583,
  "bids_meta": {
    "AccelFactPE": 2,
    "AcquisitionNumber": 1,
    "AcquisitionTime": "12:50:17.585000",
    "BandwidthPerPixelPhaseEncode": 35.613,
    "BodyPartExamined": "BRAIN",
    "ConversionSoftware": "dcm2niix",
    "ConversionSoftwareVersion": "v1.0.20170724 GCC4.4.7",
    "DeviceSerialNumber": "67025",
    "EchoTime": 0.03,
    "EchoTrainLength": 51,
    "EffectiveEchoSpacing": 0.000359995,
    "FlipAngle": 65,
    "ImageType": [
      "ORIGINAL",
      "PRIMARY",
      "M",
      "ND",
      "NORM",
      "MOSAIC"
    ],
    "InstitutionAddress": "McClintock_3520A_Los_Angeles_CA_US_90089",
    "InstitutionName": "USC",
    "MagneticFieldStrength": 3,
    "Manufacturer": "Siemens",
    "ManufacturersModelName": "Prisma_fit",
    "PhaseEncodingDirection": "i-",
    "PhaseEncodingLines": 78,
    "ProcedureStepDescription": "Mara_Steve",
    "ProtocolName": "wedge_shorter",
    "RepetitionTime": 1.2,
    "ScanningSequence": "EP",
    "SequenceName": "_epfid2d1_78",
    "SequenceVariant": "SK_OSP",
    "SeriesDescription": "wedge_shorter",
    "SliceTiming": [
      0.5875,
      0,
      0.6475,
      0.0575,
      0.7075,
      0.1175,
      0.765,
      0.175,
      0.825,
      0.235,
      0.8825,
      0.2925,
      0.9425,
      0.3525,
      1.0025,
      0.4125,
      1.06,
      0.47,
      1.12,
      0.53
    ],
    "SoftwareVersions": "syngo_MR_D13D",
    "TaskName": "wedge",
    "TotalReadoutTime": 0.0363595,
    "TrueEchoSpacing": 0.000719991,
    "dataset": "ds003425",
    "modality": "bold",
    "run_id": 2,
    "session_id": "02",
    "subject_id": "05",
    "task_id": "wedge"
  },
  "dummy_trs": 0,
  "dvars_nstd": 44.59334599644268,
  "dvars_std": 1.1745535529644269,
  "dvars_vstd": 0.9526155245059295,
  "efc": 0.5175656574147159,
  "fber": 1283.11328125,
  "fd_mean": 0.33100538149416664,
  "fd_num": 113,
  "fd_perc": 44.488188976377955,
  "fwhm_avg": 1.580487230952391,
  "fwhm_x": 1.7139036861521124,
  "fwhm_y": 1.4977340067050602,
  "fwhm_z": 1.529824,
  "gcor": 0.0182066,
  "gsr_x": -0.015843722969293594,
  "gsr_y": 0.031484492123126984,
  "provenance": {
    "md5sum": "4b79dcf9f363f4a39f35f72ac51abe5c",
    "settings": {
      "fd_thres": 0.2,
      "testing": false
    },
    "software": "mriqc",
    "version": "23.0.1",
    "webapi_port": null,
    "webapi_url": "https://mriqc.nimh.nih.gov/api/v1"
  },
  "size_t": 254,
  "size_x": 78,
  "size_y": 78,
  "size_z": 20,
  "snr": 8.165879737492737,
  "spacing_tr": 1.2000000476837158,
  "spacing_x": 2.461538553237915,
  "spacing_y": 2.461538553237915,
  "spacing_z": 2.5,
  "summary_bg_k": 16.028410937108802,
  "summary_bg_mad": 5.054856800274904,
  "summary_bg_mean": 18.880823135375977,
  "summary_bg_median": 8.185039520263672,
  "summary_bg_n": 76805.0,
  "summary_bg_p05": 3.8543307781219482,
  "summary_bg_p95": 75.87952728271488,
  "summary_bg_stdv": 26.90664291381836,
  "summary_fg_k": 7.623659577220584,
  "summary_fg_mad": 27.77254924814174,
  "summary_fg_mean": 295.60137939453125,
  "summary_fg_median": 296.6732177734375,
  "summary_fg_n": 17505.0,
  "summary_fg_p05": 244.30550842285157,
  "summary_fg_p95": 346.5511779785156,
  "summary_fg_stdv": 36.329795837402344,
  "tsnr": 27.773602219996974
}