{
  "aor": 0.0014334399999999998,
  "aqi": 0.020327222240000005,
  "bids_meta": {
    "AccelFactPE": 2,
    "AcquisitionNumber": 1,
    "AcquisitionTime": "12:34:17.285000",
    "BandwidthPerPixelPhaseEncode": 43.879,
    "BodyPartExamined": "BRAIN",
    "ConversionSoftware": "dcm2niix",
    "ConversionSoftwareVersion": "v1.0.20170724 GCC4.4.7",
    "DeviceSerialNumber": "67025",
    "EchoTime": 0.025,
    "EchoTrainLength": 43,
    "EffectiveEchoSpacing": 0.000356093,
    "FlipAngle": 90,
    "ImageType": [
      "ORIGINAL",
      "PRIMARY",
      "M",
      "ND",
      "NORM",
      "MOSAIC"
    ],
    "InstitutionAddress": "McClintock_3520A_Los_Angeles_CA_US_90089",
    "InstitutionName": "USC",
    "MagneticFieldStrength": 3,
    "Manufacturer": "Siemens",
    "ManufacturersModelName": "Prisma_fit",
    "PhaseEncodingDirection": "j-",
    "PhaseEncodingLines": 64,
    "ProcedureStepDescription": "Mara_Steve",
    "ProtocolName": "regulate6",
    "RepetitionTime": 2,
    "ScanningSequence": "EP",
    "SequenceName": "_epfid2d1_64",
    "SequenceVariant": "SK_OSP",
    "SeriesDescription": "regulate6",
    "SliceTiming": [
      0.9875,
      0,
      1.04,
      0.05,
      1.0925,
      0.1025,
      1.145,
      0.155,
      1.1975,
      0.2075,
      1.25,
      0.26,
      1.3025,
      0.3125,
      1.3525,
      0.3625,
      1.405,
      0.415,
      1.4575,
      0.4675,
      1.51,
      0.52,
      1.5625,
      0.5725,
      1.615,
      0.625,
      1.665,
      0.675,
      1.7175,
      0.7275,
      1.77,
      0.78,
      1.8225,
      0.8325,
      1.875,
      0.885,
      1.9275,
      0.9375
    ],
    "SoftwareVersions": "syngo_MR_D13D",
    "TaskName": "regulate",
    "TotalReadoutTime": 0.0299118,
    "TrueEchoSpacing": 0.000712186,
    "dataset": "ds003425",
    "modality": "bold",
    "run_id": 6,
    "session_id": "02",
    "subject_id": "05",
    "task_id": "regulate"
  },
  "dummy_trs": 0,
  "dvars_nstd": 20.073136998629025,
  "dvars_std": 1.0401308004838712,
  "dvars_vstd": 0.9483247112096772,
  "efc": 0.5902623676521941,
  "fber": 2422.111572265625,
  "fd_mean": 0.1559345153457836,
  "fd_num": 29,
  "fd_perc": 23.2,
  "fwhm_avg": 1.6368588888888889,
  "fwhm_x": 1.5390333333333333,
  "fwhm_y": 1.72252,
  "fwhm_z": 1.6490233333333333,
  "gcor": 0.0418453,
  "gsr_x": -0.00426533492282033,
  "gsr_y": 0.0330953486263752,
  "provenance": {
    "md5sum": "92b84ab8d22c0f03b6177352c7def98d",
    "settings": {
      "fd_thres": 0.2,
      "testing": false
    },
    "software": "mriqc",
    "version": "23.0.1",
    "webapi_port": null,
    "webapi_url": "https://mriqc.nimh.nih.gov/api/v1"
  },
  "size_t": 125,
  "size_x": 64,
  "size_y": 64,
  "size_z": 38,
  "snr": 8.216559846083015,
  "spacing_tr": 2.0,
  "spacing_x": 3.0,
  "spacing_y": 3.0,
  "spacing_z": 3.0,
  "summary_bg_k": 25.683977655518923,
  "summary_bg_mad": 5.823662181660083,
  "summary_bg_mean": 22.0126895904541,
  "summary_bg_median": 7.512000560760498,
  "summary_bg_n": 80780.0,
  "summary_bg_p05": 3.0480000972747803,
  "summary_bg_p95": 85.88880081176762,
  "summary_bg_stdv": 39.932125091552734,
  "summary_fg_k": 4.007266181475217,
  "summary_fg_mad": 37.44457412135663,
  "summary_fg_mean": 382.7976379394531,
  "summary_fg_median": 381.1120300292969,
  "summary_fg_n": 39855.0,
  "summary_fg_p05": 314.7176025390625,
  "summary_fg_p95": 456.53041381835936,
  "summary_fg_stdv": 46.3828239440918,
  "tsnr": 56.41211941000074
}