{
  "aor": 0.00517232,
  "aqi": 0.015175982799999998,
  "bids_meta": {
    "AccelFactPE": 2,
    "AcquisitionNumber": 1,
    "AcquisitionTime": "12:10:49.687500",
    "BandwidthPerPixelPhaseEncode": 43.879,
    "BodyPartExamined": "BRAIN",
    "ConversionSoftware": "dcm2niix",
    "ConversionSoftwareVersion": "v1.0.20170724 GCC4.4.7",
    "DeviceSerialNumber": "67025",
    "EchoTime": 0.025,
    "EchoTrainLength": 43,
    "EffectiveEchoSpacing": 0.000356093,
    "FlipAngle": 90,
    "ImageType": [
      "ORIGINAL",
      "PRIMARY",
      "M",
      "ND",
      "NORM",
      "MOSAIC"
    ],
    "InstitutionAddress": "McClintock_3520A_Los_Angeles_CA_US_90089",
    "InstitutionName": "USC",
    "MagneticFieldStrength": 3,
    "Manufacturer": "Siemens",
    "ManufacturersModelName": "Prisma_fit",
    "PhaseEncodingDirection": "j-",
    "PhaseEncodingLines": 64,
    "ProcedureStepDescription": "Mara_Steve",
    "ProtocolName": "regulate1",
    "RepetitionTime": 2,
    "ScanningSequence": "EP",
    "SequenceName": "_epfid2d1_64",
    "SequenceVariant": "SK_OSP",
    "SeriesDescription": "regulate1",
    "SliceTiming": [
      0.99,
      0,
      1.0425,
      0.0525,
      1.095,
      0.105,
      1.145,
      0.155,
      1.1975,
      0.2075,
      1.25,
      0.26,
      1.3025,
      0.3125,
      1.355,
      0.365,
      1.4075,
      0.4175,
      1.4575,
      0.47,
      1.51,
      0.52,
      1.5625,
      0.5725,
      1.615,
      0.625,
      1.6675,
      0.6775,
      1.72,
      0.73,
      1.7725,
      0.7825,
      1.8225,
      0.8325,
      1.875,
      0.885,
      1.9275,
      0.9375
    ],
    "SoftwareVersions": "syngo_MR_D13D",
    "TaskName": "regulate",
    "TotalReadoutTime": 0.0299118,
    "TrueEchoSpacing": 0.000712186,
    "dataset": "ds003425",
    "modality": "bold",
    "run_id": 1,
    "session_id": "02",
    "subject_id": "05",
    "task_id": "regulate"
  },
  "dummy_trs": 0,
  "dvars_nstd": 20.80015860088711,
  "dvars_std": 1.1352187603225805,
  "dvars_vstd": 1.0052409591129032,
  "efc": 0.5905871185906231,
  "fber": 2463.954345703125,
  "fd_mean": 0.15911569842361825,
  "fd_num": 24,
  "fd_perc": 19.2,
  "fwhm_avg": 1.6398366666666666,
  "fwhm_x": 1.5323766666666667,
  "fwhm_y": 1.72305,
  "fwhm_z": 1.6640833333333334,
  "gcor": 0.0344481,
  "gsr_x": -0.0049254922196269035,
  "gsr_y": 0.03369308263063431,
  "provenance": {
    "md5sum": "8a55e23e0e48d879c4cfbe55acae518b",
    "settings": {
      "fd_thres": 0.2,
      "testing": false
    },
    "software": "mriqc",
    "version": "23.0.1",
    "webapi_port": null,
    "webapi_url": "https://mriqc.nimh.nih.gov/api/v1"
  },
  "size_t": 125,
  "size_x": 64,
  "size_y": 64,
  "size_z": 38,
  "snr": 8.119854595629882,
  "spacing_tr": 2.0,
  "spacing_x": 3.0,
  "spacing_y": 3.0,
  "spacing_z": 3.0,
  "summary_bg_k": 29.06614404300351,
  "summary_bg_mad": 5.90668719045305,
  "summary_bg_mean": 22.3918514251709,
  "summary_bg_median": 7.576000213623047,
  "summary_bg_n": 80587.0,
  "summary_bg_p05": 3.0400002002716064,
  "summary_bg_p95": 86.4352027893066,
  "summary_bg_stdv": 42.0371208190918,
  "summary_fg_k": 3.838640206663733,
  "summary_fg_mad": 38.856005279995614,
  "summary_fg_mean": 390.3738708496094,
  "summary_fg_median": 388.09600830078125,
  "summary_fg_n": 40035.0,
  "summary_fg_p05": 322.17681579589845,
  "summary_fg_p95": 468.4000244140625,
  "summary_fg_stdv": 47.79533386230469,
  "tsnr": 62.91217252006754
}