{
  "aor": 0.0011948,
  "aqi": 0.01989202048,
  "bids_meta": {
    "AccelFactPE": 2,
    "AcquisitionNumber": 1,
    "AcquisitionTime": "12:44:39.057500",
    "BandwidthPerPixelPhaseEncode": 43.879,
    "BodyPartExamined": "BRAIN",
    "ConversionSoftware": "dcm2niix",
    "ConversionSoftwareVersion": "v1.0.20170724 GCC4.4.7",
    "DeviceSerialNumber": "67025",
    "EchoTime": 0.025,
    "EchoTrainLength": 43,
    "EffectiveEchoSpacing": 0.000356093,
    "FlipAngle": 90,
    "ImageType": [
      "ORIGINAL",
      "PRIMARY",
      "M",
      "ND",
      "NORM",
      "MOSAIC"
    ],
    "InstitutionAddress": "McClintock_3520A_Los_Angeles_CA_US_90089",
    "InstitutionName": "USC",
    "MagneticFieldStrength": 3,
    "Manufacturer": "Siemens",
    "ManufacturersModelName": "Prisma_fit",
    "PhaseEncodingDirection": "j-",
    "PhaseEncodingLines": 64,
    "ProcedureStepDescription": "Mara_Steve",
    "ProtocolName": "regulate8",
    "RepetitionTime": 2,
    "ScanningSequence": "EP",
    "SequenceName": "_epfid2d1_64",
    "SequenceVariant": "SK_OSP",
    "SeriesDescription": "regulate8",
    "SliceTiming": [
      0.99,
      0,
      1.0425,
      0.0525,
      1.095,
      0.105,
      1.1475,
      0.1575,
      1.2,
      0.21,
      1.25,
      0.2625,
      1.3025,
      0.3125,
      1.355,
      0.365,
      1.4075,
      0.4175,
      1.46,
      0.47,
      1.5125,
      0.5225,
      1.565,
      0.575,
      1.615,
      0.625,
      1.6675,
      0.6775,
      1.72,
      0.73,
      1.7725,
      0.7825,
      1.825,
      0.835,
      1.8775,
      0.8875,
      1.9275,
      0.9375
    ],
    "SoftwareVersions": "syngo_MR_D13D",
    "TaskName": "regulate",
    "TotalReadoutTime": 0.0299118,
    "TrueEchoSpacing": 0.000712186,
    "dataset": "ds003425",
    "modality": "bold",
    "run_id": 8,
    "session_id": "02",
    "subject_id": "05",
    "task_id": "regulate"
  },
  "dummy_trs": 0,
  "dvars_nstd": 20.507480782580643,
  "dvars_std": 1.034259342096774,
  "dvars_vstd": 0.9395097699193545,
  "efc": 0.5910805081260239,
  "fber": 2245.93994140625,
  "fd_mean": 0.15372867981727123,
  "fd_num": 28,
  "fd_perc": 22.4,
  "fwhm_avg": 1.6614444444444443,
  "fwhm_x": 1.5683566666666666,
  "fwhm_y": 1.7594433333333335,
  "fwhm_z": 1.6565333333333332,
  "gcor": 0.146568,
  "gsr_x": -0.003765679197385907,
  "gsr_y": 0.03269566595554352,
  "provenance": {
    "md5sum": "a14c785100a4ed6ea54efc0aad7ee279",
    "settings": {
      "fd_thres": 0.2,
      "testing": false
    },
    "software": "mriqc",
    "version": "23.0.1",
    "webapi_port": null,
    "webapi_url": "https://mriqc.nimh.nih.gov/api/v1"
  },
  "size_t": 125,
  "size_x": 64,
  "size_y": 64,
  "size_z": 38,
  "snr": 8.148178265642223,
  "spacing_tr": 2.0,
  "spacing_x": 3.0,
  "spacing_y": 3.0,
  "spacing_z": 3.0,
  "summary_bg_k": 25.462753129011336,
  "summary_bg_mad": 6.262512090513505,
  "summary_bg_mean": 22.2734375,
  "summary_bg_median": 7.784000396728516,
  "summary_bg_n": 80820.0,
  "summary_bg_p05": 3.0160000324249268,
  "summary_bg_p95": 86.6964065551758,
  "summary_bg_stdv": 39.89745330810547,
  "summary_fg_k": 3.8726554849228076,
  "summary_fg_mad": 37.45647366919193,
  "summary_fg_mean": 380.4937744140625,
  "summary_fg_median": 378.9120178222656,
  "summary_fg_n": 39825.0,
  "summary_fg_p05": 312.6736267089844,
  "summary_fg_p95": 454.8160095214844,
  "summary_fg_stdv": 46.50208282470703,
  "tsnr": 52.84613194386475
}