{
  "aor": 0.004587679999999999,
  "aqi": 0.022356126080000004,
  "bids_meta": {
    "AccelFactPE": 2,
    "AcquisitionNumber": 1,
    "AcquisitionTime": "12:15:31.942500",
    "BandwidthPerPixelPhaseEncode": 43.879,
    "BodyPartExamined": "BRAIN",
    "ConversionSoftware": "dcm2niix",
    "ConversionSoftwareVersion": "v1.0.20170724 GCC4.4.7",
    "DeviceSerialNumber": "67025",
    "EchoTime": 0.025,
    "EchoTrainLength": 43,
    "EffectiveEchoSpacing": 0.000356093,
    "FlipAngle": 90,
    "ImageType": [
      "ORIGINAL",
      "PRIMARY",
      "M",
      "ND",
      "NORM",
      "MOSAIC"
    ],
    "InstitutionAddress": "McClintock_3520A_Los_Angeles_CA_US_90089",
    "InstitutionName": "USC",
    "MagneticFieldStrength": 3,
    "Manufacturer": "Siemens",
    "ManufacturersModelName": "Prisma_fit",
    "PhaseEncodingDirection": "j-",
    "PhaseEncodingLines": 64,
    "ProcedureStepDescription": "Mara_Steve",
    "ProtocolName": "regulate2",
    "RepetitionTime": 2,
    "ScanningSequence": "EP",
    "SequenceName": "_epfid2d1_64",
    "SequenceVariant": "SK_OSP",
    "SeriesDescription": "regulate2",
    "SliceTiming": [
      0.99,
      0,
      1.04,
      0.05,
      1.0925,
      0.1025,
      1.145,
      0.155,
      1.1975,
      0.2075,
      1.25,
      0.26,
      1.3025,
      0.3125,
      1.3525,
      0.3625,
      1.405,
      0.415,
      1.4575,
      0.4675,
      1.51,
      0.52,
      1.5625,
      0.5725,
      1.615,
      0.625,
      1.665,
      0.675,
      1.7175,
      0.7275,
      1.77,
      0.78,
      1.8225,
      0.8325,
      1.875,
      0.885,
      1.9275,
      0.9375
    ],
    "SoftwareVersions": "syngo_MR_D13D",
    "TaskName": "regulate",
    "TotalReadoutTime": 0.0299118,
    "TrueEchoSpacing": 0.000712186,
    "dataset": "ds003425",
    "modality": "bold",
    "run_id": 2,
    "session_id": "02",
    "subject_id": "05",
    "task_id": "regulate"
  },
  "dummy_trs": 0,
  "dvars_nstd": 22.74211145225807,
  "dvars_std": 1.0821022311290325,
  "dvars_vstd": 0.9844926041935489,
  "efc": 0.5902912505058191,
  "fber": 2437.820068359375,
  "fd_mean": 0.20729132545920456,
  "fd_num": 41,
  "fd_perc": 32.8,
  "fwhm_avg": 1.6309500000000001,
  "fwhm_x": 1.51734,
  "fwhm_y": 1.7226733333333335,
  "fwhm_z": 1.6528366666666667,
  "gcor": 0.0355417,
  "gsr_x": -0.004835735075175762,
  "gsr_y": 0.03374560549855232,
  "provenance": {
    "md5sum": "eb216bcd4f9961942b820faba25d4d31",
    "settings": {
      "fd_thres": 0.2,
      "testing": false
    },
    "software": "mriqc",
    "version": "23.0.1",
    "webapi_port": null,
    "webapi_url": "https://mriqc.nimh.nih.gov/api/v1"
  },
  "size_t": 125,
  "size_x": 64,
  "size_y": 64,
  "size_z": 38,
  "snr": 8.24503659977509,
  "spacing_tr": 2.0,
  "spacing_x": 3.0,
  "spacing_y": 3.0,
  "spacing_z": 3.0,
  "summary_bg_k": 28.051101167291908,
  "summary_bg_mad": 6.132043007621993,
  "summary_bg_mean": 22.286296844482422,
  "summary_bg_median": 7.560000419616699,
  "summary_bg_n": 80828.0,
  "summary_bg_p05": 2.8560001850128174,
  "summary_bg_p95": 86.75440254211416,
  "summary_bg_stdv": 41.157630920410156,
  "summary_fg_k": 3.9010275119420372,
  "summary_fg_mad": 37.65808730095648,
  "summary_fg_mean": 386.4163818359375,
  "summary_fg_median": 384.51202392578125,
  "summary_fg_n": 39897.0,
  "summary_fg_p05": 319.02081909179685,
  "summary_fg_p95": 461.4400329589844,
  "summary_fg_stdv": 46.63499069213867,
  "tsnr": 53.019251158926636
}