{
  "aor": 0.00425352,
  "aqi": 0.020838096160000003,
  "bids_meta": {
    "AccelFactPE": 2,
    "AcquisitionNumber": 1,
    "AcquisitionTime": "12:24:58.677500",
    "BandwidthPerPixelPhaseEncode": 43.879,
    "BodyPartExamined": "BRAIN",
    "ConversionSoftware": "dcm2niix",
    "ConversionSoftwareVersion": "v1.0.20170724 GCC4.4.7",
    "DeviceSerialNumber": "67025",
    "EchoTime": 0.025,
    "EchoTrainLength": 43,
    "EffectiveEchoSpacing": 0.000356093,
    "FlipAngle": 90,
    "ImageType": [
      "ORIGINAL",
      "PRIMARY",
      "M",
      "ND",
      "NORM",
      "MOSAIC"
    ],
    "InstitutionAddress": "McClintock_3520A_Los_Angeles_CA_US_90089",
    "InstitutionName": "USC",
    "MagneticFieldStrength": 3,
    "Manufacturer": "Siemens",
    "ManufacturersModelName": "Prisma_fit",
    "PhaseEncodingDirection": "j-",
    "PhaseEncodingLines": 64,
    "ProcedureStepDescription": "Mara_Steve",
    "ProtocolName": "regulate4",
    "RepetitionTime": 2,
    "ScanningSequence": "EP",
    "SequenceName": "_epfid2d1_64",
    "SequenceVariant": "SK_OSP",
    "SeriesDescription": "regulate4",
    "SliceTiming": [
      0.99,
      0,
      1.0425,
      0.0525,
      1.095,
      0.105,
      1.1475,
      0.1575,
      1.2,
      0.21,
      1.25,
      0.2625,
      1.3025,
      0.3125,
      1.355,
      0.365,
      1.4075,
      0.4175,
      1.46,
      0.47,
      1.5125,
      0.5225,
      1.565,
      0.575,
      1.615,
      0.625,
      1.6675,
      0.6775,
      1.72,
      0.73,
      1.7725,
      0.7825,
      1.825,
      0.835,
      1.8775,
      0.8875,
      1.9275,
      0.9375
    ],
    "SoftwareVersions": "syngo_MR_D13D",
    "TaskName": "regulate",
    "TotalReadoutTime": 0.0299118,
    "TrueEchoSpacing": 0.000712186,
    "dataset": "ds003425",
    "modality": "bold",
    "run_id": 4,
    "session_id": "02",
    "subject_id": "05",
    "task_id": "regulate"
  },
  "dummy_trs": 0,
  "dvars_nstd": 20.224519836935478,
  "dvars_std": 1.0689542037096773,
  "dvars_vstd": 0.9814562440322581,
  "efc": 0.5899638079752961,
  "fber": 2526.41845703125,
  "fd_mean": 0.16788248848543613,
  "fd_num": 24,
  "fd_perc": 19.2,
  "fwhm_avg": 1.6429800000000003,
  "fwhm_x": 1.5553333333333335,
  "fwhm_y": 1.7345233333333334,
  "fwhm_z": 1.6390833333333334,
  "gcor": 0.0312298,
  "gsr_x": -0.0039853681810200214,
  "gsr_y": 0.03301765397191048,
  "provenance": {
    "md5sum": "85c387ad3375f1be63fbf7bdd531afdf",
    "settings": {
      "fd_thres": 0.2,
      "testing": false
    },
    "software": "mriqc",
    "version": "23.0.1",
    "webapi_port": null,
    "webapi_url": "https://mriqc.nimh.nih.gov/api/v1"
  },
  "size_t": 125,
  "size_x": 64,
  "size_y": 64,
  "size_z": 38,
  "snr": 8.228374384456492,
  "spacing_tr": 2.0,
  "spacing_x": 3.0,
  "spacing_y": 3.0,
  "spacing_z": 3.0,
  "summary_bg_k": 26.56637681162513,
  "summary_bg_mad": 5.847383158269612,
  "summary_bg_mean": 21.887086868286133,
  "summary_bg_median": 7.424000263214111,
  "summary_bg_n": 80661.0,
  "summary_bg_p05": 2.936000108718872,
  "summary_bg_p95": 85.00000762939453,
  "summary_bg_stdv": 39.9231071472168,
  "summary_fg_k": 3.850601587368491,
  "summary_fg_mad": 37.81228372309598,
  "summary_fg_mean": 384.0557861328125,
  "summary_fg_median": 382.3960266113281,
  "summary_fg_n": 39978.0,
  "summary_fg_p05": 315.67882385253904,
  "summary_fg_p95": 458.13721618652346,
  "summary_fg_stdv": 46.47227096557617,
  "tsnr": 54.725308079971
}