{
  "bids_meta": {
    "AccelFactPE": 2,
    "AcquisitionNumber": 1,
    "AcquisitionTime": "10:37:59.730000",
    "BodyPartExamined": "BRAIN",
    "ConversionSoftware": "dcm2niix",
    "ConversionSoftwareVersion": "v1.0.20170724 GCC4.4.7",
    "DeviceSerialNumber": "67025",
    "EchoTime": 0.00226,
    "FlipAngle": 9,
    "ImageType": [
      "ORIGINAL",
      "PRIMARY",
      "M",
      "ND",
      "NORM"
    ],
    "InstitutionAddress": "McClintock_3520A_Los_Angeles_CA_US_90089",
    "InstitutionName": "USC",
    "InversionTime": 1.06,
    "MagneticFieldStrength": 3,
    "Manufacturer": "Siemens",
    "ManufacturersModelName": "Prisma_fit",
    "PhaseEncodingDirection": "i-",
    "PhaseEncodingLines": 224,
    "ProcedureStepDescription": "Mara_Steve",
    "ProtocolName": "t1_mprage_short_32channel",
    "RepetitionTime": 2.3,
    "ScanningSequence": "GR_IR",
    "SequenceName": "_tfl3d1_16ns",
    "SequenceVariant": "SK_SP_MP",
    "SeriesDescription": "t1_mprage_short_32channel",
    "SoftwareVersions": "syngo_MR_D13D",
    "dataset": "ds003425",
    "modality": "T1w",
    "session_id": "01",
    "subject_id": "12"
  },
  "cjv": 0.3671005710818725,
  "cnr": 3.6760311807598995,
  "efc": 0.5932352812378862,
  "fber": -1.0,
  "fwhm_avg": 4.235042182815637,
  "fwhm_x": 4.1362465484469135,
  "fwhm_y": 4.21302,
  "fwhm_z": 4.35586,
  "icvs_csf": 0.18308745306592605,
  "icvs_gm": 0.45798085640385816,
  "icvs_wm": 0.3589316905302158,
  "inu_med": 0.291696161031723,
  "inu_range": 0.08565812706947329,
  "provenance": {
    "md5sum": "c263a8973dd7b48a927c87a6f695dac5",
    "settings": {
      "testing": false
    },
    "software": "mriqc",
    "version": "23.0.1",
    "warnings": {
      "large_rot_frame": true,
      "small_air_mask": false
    },
    "webapi_port": null,
    "webapi_url": "https://mriqc.nimh.nih.gov/api/v1"
  },
  "qi_1": 0.0001281234914421559,
  "qi_2": 0.017475103295367885,
  "rpve_csf": 21.794615198740875,
  "rpve_gm": 9.635811880322791,
  "rpve_wm": 13.74063628608284,
  "size_x": 176,
  "size_y": 224,
  "size_z": 256,
  "snr_csf": 3.4825302326683087,
  "snr_gm": 17.974978241318496,
  "snr_total": 17.198322026271516,
  "snr_wm": 30.137457604827745,
  "snrd_csf": 95.47885931888128,
  "snrd_gm": 211.3099151165285,
  "snrd_total": 190.71459027905667,
  "snrd_wm": 265.3549964017602,
  "spacing_x": 1.0000008344650269,
  "spacing_y": 1.0,
  "spacing_z": 1.0,
  "summary_bg_k": 63.51784086154626,
  "summary_bg_mad": 0.0,
  "summary_bg_mean": 0.6434727005863373,
  "summary_bg_median": 0.0,
  "summary_bg_n": 2477170.0,
  "summary_bg_p05": 0.0,
  "summary_bg_p95": 3.8794057443737984,
  "summary_bg_stdv": 2.469014826669575,
  "summary_csf_k": 2.1260481727089457,
  "summary_csf_mad": 69.38091687821228,
  "summary_csf_mean": 363.62745477655034,
  "summary_csf_median": 359.83150881528854,
  "summary_csf_n": 34564.0,
  "summary_csf_p05": 169.0855619709939,
  "summary_csf_p95": 541.2037029795348,
  "summary_csf_stdv": 103.3232389798187,
  "summary_gm_k": 0.13058923662085675,
  "summary_gm_mad": 43.48221365697529,
  "summary_gm_mean": 794.9628882765558,
  "summary_gm_median": 796.3644112050533,
  "summary_gm_n": 49582.0,
  "summary_gm_p05": 720.7492512390018,
  "summary_gm_p95": 866.0828744396567,
  "summary_gm_stdv": 44.30360747544925,
  "summary_wm_k": 0.7168318415763419,
  "summary_wm_mad": 31.288788663220313,
  "summary_wm_mean": 1001.5431956791198,
  "summary_wm_median": 1000.0442968010902,
  "summary_wm_n": 215380.0,
  "summary_wm_p05": 950.1218868792057,
  "summary_wm_p95": 1058.4792313277721,
  "summary_wm_stdv": 33.18269206149116,
  "tpm_overlap_csf": 0.16125526814137423,
  "tpm_overlap_gm": 0.476106528031193,
  "tpm_overlap_wm": 0.5052194161915162,
  "wm2max": 0.8718811000947024
}