{
  "bids_meta": {
    "AccelFactPE": 2,
    "AcquisitionNumber": 1,
    "AcquisitionTime": "11:36:8.662500",
    "BodyPartExamined": "BRAIN",
    "ConversionSoftware": "dcm2niix",
    "ConversionSoftwareVersion": "v1.0.20170724 GCC4.4.7",
    "DeviceSerialNumber": "67025",
    "EchoTime": 0.00226,
    "FlipAngle": 9,
    "ImageType": [
      "ORIGINAL",
      "PRIMARY",
      "M",
      "ND",
      "NORM"
    ],
    "InstitutionAddress": "McClintock_3520A_Los_Angeles_CA_US_90089",
    "InstitutionName": "USC",
    "InversionTime": 1.06,
    "MagneticFieldStrength": 3,
    "Manufacturer": "Siemens",
    "ManufacturersModelName": "Prisma_fit",
    "PhaseEncodingDirection": "i-",
    "PhaseEncodingLines": 224,
    "ProcedureStepDescription": "Mara_Steve",
    "ProtocolName": "t1_mprage_short_32channel",
    "RepetitionTime": 2.3,
    "ScanningSequence": "GR_IR",
    "SequenceName": "_tfl3d1_16ns",
    "SequenceVariant": "SK_SP_MP",
    "SeriesDescription": "t1_mprage_short_32channel",
    "SoftwareVersions": "syngo_MR_D13D",
    "dataset": "ds003425",
    "modality": "T1w",
    "session_id": "02",
    "subject_id": "11"
  },
  "cjv": 0.3862966479075731,
  "cnr": 3.5960127039993544,
  "efc": 0.565571923943049,
  "fber": -1.0,
  "fwhm_avg": 4.453222255792778,
  "fwhm_x": 4.269356767378336,
  "fwhm_y": 4.55913,
  "fwhm_z": 4.53118,
  "icvs_csf": 0.18854722987768796,
  "icvs_gm": 0.4250797615768608,
  "icvs_wm": 0.38637300854545126,
  "inu_med": 0.290292888879776,
  "inu_range": 0.07530204653739925,
  "provenance": {
    "md5sum": "49f9032bbfa9922c93d1f51c6f76f536",
    "settings": {
      "testing": false
    },
    "software": "mriqc",
    "version": "23.0.1",
    "warnings": {
      "large_rot_frame": true,
      "small_air_mask": false
    },
    "webapi_port": null,
    "webapi_url": "https://mriqc.nimh.nih.gov/api/v1"
  },
  "qi_1": 0.005970806499231882,
  "qi_2": 0.03292107500809688,
  "rpve_csf": 22.88521293177133,
  "rpve_gm": 10.629186746407076,
  "rpve_wm": 13.656032281410878,
  "size_x": 176,
  "size_y": 224,
  "size_z": 256,
  "snr_csf": 3.300881422824541,
  "snr_gm": 15.226437180088716,
  "snr_total": 15.456994442660433,
  "snr_wm": 27.84366472506804,
  "snrd_csf": 86.20329184627282,
  "snrd_gm": 185.30367668046304,
  "snrd_total": 170.13598017595828,
  "snrd_wm": 238.90097200113902,
  "spacing_x": 1.0000030994415283,
  "spacing_y": 1.0,
  "spacing_z": 1.0,
  "summary_bg_k": 59.2932649604504,
  "summary_bg_mad": 0.0,
  "summary_bg_mean": 0.7856133194320738,
  "summary_bg_median": 0.0,
  "summary_bg_n": 2625624.0,
  "summary_bg_p05": 0.0,
  "summary_bg_p95": 4.000571630895138,
  "summary_bg_stdv": 2.7424047644395215,
  "summary_csf_k": 1.1137532992580281,
  "summary_csf_mad": 88.15178480163199,
  "summary_csf_mean": 365.791255195173,
  "summary_csf_median": 360.84747889079154,
  "summary_csf_n": 33304.0,
  "summary_csf_p05": 171.2928429194726,
  "summary_csf_p95": 550.1980040646158,
  "summary_csf_stdv": 109.31688090200727,
  "summary_gm_k": -0.12056992098150143,
  "summary_gm_mad": 52.715554110691016,
  "summary_gm_mean": 776.2376718483755,
  "summary_gm_median": 775.682263718918,
  "summary_gm_n": 38435.0,
  "summary_gm_p05": 694.8482645871118,
  "summary_gm_p95": 861.1699890336021,
  "summary_gm_stdv": 50.94246038301782,
  "summary_wm_k": 0.7126091508235826,
  "summary_wm_mad": 33.953416597127045,
  "summary_wm_mean": 1002.3969316283258,
  "summary_wm_median": 1000.0408523250371,
  "summary_wm_n": 228144.0,
  "summary_wm_p05": 948.2171208411455,
  "summary_wm_p95": 1065.2134299650788,
  "summary_wm_stdv": 35.91620106438309,
  "tpm_overlap_csf": 0.15661596784225867,
  "tpm_overlap_gm": 0.47125962783815534,
  "tpm_overlap_wm": 0.5219588246459954,
  "wm2max": 0.886418323593798
}