{
  "aor": 0.002540952380952381,
  "aqi": 0.009741519047619048,
  "bids_meta": {
    "AccelFactPE": 2,
    "AcquisitionNumber": 1,
    "AcquisitionTime": "11:18:1.735000",
    "BandwidthPerPixelPhaseEncode": 43.879,
    "BodyPartExamined": "BRAIN",
    "ConversionSoftware": "dcm2niix",
    "ConversionSoftwareVersion": "v1.0.20170724 GCC4.4.7",
    "DeviceSerialNumber": "67025",
    "EchoTime": 0.025,
    "EchoTrainLength": 43,
    "EffectiveEchoSpacing": 0.000356093,
    "FlipAngle": 90,
    "ImageType": [
      "ORIGINAL",
      "PRIMARY",
      "M",
      "ND",
      "NORM",
      "MOSAIC"
    ],
    "InstitutionAddress": "McClintock_3520A_Los_Angeles_CA_US_90089",
    "InstitutionName": "USC",
    "MagneticFieldStrength": 3,
    "Manufacturer": "Siemens",
    "ManufacturersModelName": "Prisma_fit",
    "PhaseEncodingDirection": "j-",
    "PhaseEncodingLines": 64,
    "ProcedureStepDescription": "JC_rountine",
    "ProtocolName": "prelearning1",
    "RepetitionTime": 2,
    "ScanningSequence": "EP",
    "SequenceName": "_epfid2d1_64",
    "SequenceVariant": "SK_OSP",
    "SeriesDescription": "prelearning1",
    "SliceTiming": [
      0.99,
      0,
      1.0425,
      0.0525,
      1.095,
      0.105,
      1.145,
      0.1575,
      1.1975,
      0.2075,
      1.25,
      0.26,
      1.3025,
      0.3125,
      1.355,
      0.365,
      1.4075,
      0.4175,
      1.46,
      0.47,
      1.51,
      0.52,
      1.5625,
      0.5725,
      1.615,
      0.625,
      1.6675,
      0.6775,
      1.72,
      0.73,
      1.7725,
      0.7825,
      1.8225,
      0.8325,
      1.875,
      0.885,
      1.9275,
      0.9375
    ],
    "SoftwareVersions": "syngo_MR_D13D",
    "TaskName": "prelearning",
    "TotalReadoutTime": 0.0299118,
    "TrueEchoSpacing": 0.000712186,
    "dataset": "ds003425",
    "modality": "bold",
    "run_id": 1,
    "session_id": "01",
    "subject_id": "08",
    "task_id": "prelearning"
  },
  "dummy_trs": 1,
  "dvars_nstd": 26.216830196385548,
  "dvars_std": 1.3676156825301202,
  "dvars_vstd": 0.9942140614457836,
  "efc": 0.6227626175288915,
  "fber": 1989.043212890625,
  "fd_mean": 0.07842800479580431,
  "fd_num": 4,
  "fd_perc": 4.761904761904762,
  "fwhm_avg": 1.6014322222222221,
  "fwhm_x": 1.4888133333333335,
  "fwhm_y": 1.6131633333333333,
  "fwhm_z": 1.70232,
  "gcor": 0.0331757,
  "gsr_x": 0.027609769254922867,
  "gsr_y": 0.02722187712788582,
  "provenance": {
    "md5sum": "2dcd6004050357bb1e4a4d77cbf969c0",
    "settings": {
      "fd_thres": 0.2,
      "testing": false
    },
    "software": "mriqc",
    "version": "23.0.1",
    "webapi_port": null,
    "webapi_url": "https://mriqc.nimh.nih.gov/api/v1"
  },
  "size_t": 84,
  "size_x": 64,
  "size_y": 64,
  "size_z": 38,
  "snr": 8.05658733327746,
  "spacing_tr": 2.0,
  "spacing_x": 3.0,
  "spacing_y": 3.0,
  "spacing_z": 3.0,
  "summary_bg_k": 14.318893070866714,
  "summary_bg_mad": 6.8482102810477725,
  "summary_bg_mean": 27.110658645629883,
  "summary_bg_median": 8.940476417541504,
  "summary_bg_n": 76290.0,
  "summary_bg_p05": 2.8214285373687744,
  "summary_bg_p95": 117.59643211364752,
  "summary_bg_stdv": 46.56640625,
  "summary_fg_k": 1.9444185773218035,
  "summary_fg_mad": 51.935214563716336,
  "summary_fg_mean": 410.3009948730469,
  "summary_fg_median": 409.27978515625,
  "summary_fg_n": 44472.0,
  "summary_fg_p05": 336.5065460205078,
  "summary_fg_p95": 490.6416763305663,
  "summary_fg_stdv": 50.80006790161133,
  "tsnr": 73.55172542622313
}