{
  "aor": 0.003097119999999999,
  "aqi": 0.01121168128,
  "bids_meta": {
    "AccelFactPE": 2,
    "AcquisitionNumber": 1,
    "AcquisitionTime": "11:49:49.000000",
    "BandwidthPerPixelPhaseEncode": 43.879,
    "BodyPartExamined": "BRAIN",
    "ConversionSoftware": "dcm2niix",
    "ConversionSoftwareVersion": "v1.0.20170724 GCC4.4.7",
    "DeviceSerialNumber": "67025",
    "EchoTime": 0.025,
    "EchoTrainLength": 43,
    "EffectiveEchoSpacing": 0.000356093,
    "FlipAngle": 90,
    "ImageType": [
      "ORIGINAL",
      "PRIMARY",
      "M",
      "ND",
      "NORM",
      "MOSAIC"
    ],
    "InstitutionAddress": "McClintock_3520A_Los_Angeles_CA_US_90089",
    "InstitutionName": "USC",
    "MagneticFieldStrength": 3,
    "Manufacturer": "Siemens",
    "ManufacturersModelName": "Prisma_fit",
    "PhaseEncodingDirection": "j-",
    "PhaseEncodingLines": 64,
    "ProcedureStepDescription": "JC_rountine",
    "ProtocolName": "learning5",
    "RepetitionTime": 2,
    "ScanningSequence": "EP",
    "SequenceName": "_epfid2d1_64",
    "SequenceVariant": "SK_OSP",
    "SeriesDescription": "learning5",
    "SliceTiming": [
      0.99,
      0,
      1.0425,
      0.0525,
      1.095,
      0.105,
      1.1475,
      0.1575,
      1.1975,
      0.2075,
      1.25,
      0.26,
      1.3025,
      0.3125,
      1.355,
      0.365,
      1.4075,
      0.4175,
      1.46,
      0.47,
      1.51,
      0.52,
      1.5625,
      0.5725,
      1.615,
      0.625,
      1.6675,
      0.6775,
      1.72,
      0.73,
      1.7725,
      0.7825,
      1.8225,
      0.835,
      1.875,
      0.885,
      1.9275,
      0.9375
    ],
    "SoftwareVersions": "syngo_MR_D13D",
    "TaskName": "learning",
    "TotalReadoutTime": 0.0299118,
    "TrueEchoSpacing": 0.000712186,
    "dataset": "ds003425",
    "modality": "bold",
    "run_id": 5,
    "session_id": "01",
    "subject_id": "08",
    "task_id": "learning"
  },
  "dummy_trs": 0,
  "dvars_nstd": 25.43510437016127,
  "dvars_std": 1.316525003306452,
  "dvars_vstd": 1.0138674166129036,
  "efc": 0.6188488355785425,
  "fber": 2031.37109375,
  "fd_mean": 0.11578801690437529,
  "fd_num": 13,
  "fd_perc": 10.4,
  "fwhm_avg": 1.5977744444444444,
  "fwhm_x": 1.4840499999999999,
  "fwhm_y": 1.6113466666666667,
  "fwhm_z": 1.6979266666666666,
  "gcor": 0.0444001,
  "gsr_x": 0.028349215164780617,
  "gsr_y": 0.028226977214217186,
  "provenance": {
    "md5sum": "b00e615e8122b956eab57a4322b0aba5",
    "settings": {
      "fd_thres": 0.2,
      "testing": false
    },
    "software": "mriqc",
    "version": "23.0.1",
    "webapi_port": null,
    "webapi_url": "https://mriqc.nimh.nih.gov/api/v1"
  },
  "size_t": 125,
  "size_x": 64,
  "size_y": 64,
  "size_z": 38,
  "snr": 8.08788724138793,
  "spacing_tr": 2.0,
  "spacing_x": 3.0,
  "spacing_y": 3.0,
  "spacing_z": 3.0,
  "summary_bg_k": 14.698116947866186,
  "summary_bg_mad": 6.493797886724895,
  "summary_bg_mean": 26.336517333984375,
  "summary_bg_median": 8.920000076293945,
  "summary_bg_n": 77102.0,
  "summary_bg_p05": 2.888000249862671,
  "summary_bg_p95": 113.60680198669426,
  "summary_bg_stdv": 44.91714096069336,
  "summary_fg_k": 2.085288565198166,
  "summary_fg_mad": 51.185384691091095,
  "summary_fg_mean": 411.67327880859375,
  "summary_fg_median": 410.572021484375,
  "summary_fg_n": 44112.0,
  "summary_fg_p05": 338.5084259033203,
  "summary_fg_p95": 492.0712219238281,
  "summary_fg_stdv": 50.763240814208984,
  "tsnr": 68.71757893380709
}