{
  "aor": 0.0019880799999999997,
  "aqi": 0.00799746216,
  "bids_meta": {
    "AccelFactPE": 2,
    "AcquisitionNumber": 1,
    "AcquisitionTime": "11:39:54.022500",
    "BandwidthPerPixelPhaseEncode": 43.879,
    "BodyPartExamined": "BRAIN",
    "ConversionSoftware": "dcm2niix",
    "ConversionSoftwareVersion": "v1.0.20170724 GCC4.4.7",
    "DeviceSerialNumber": "67025",
    "EchoTime": 0.025,
    "EchoTrainLength": 43,
    "EffectiveEchoSpacing": 0.000356093,
    "FlipAngle": 90,
    "ImageType": [
      "ORIGINAL",
      "PRIMARY",
      "M",
      "ND",
      "NORM",
      "MOSAIC"
    ],
    "InstitutionAddress": "McClintock_3520A_Los_Angeles_CA_US_90089",
    "InstitutionName": "USC",
    "MagneticFieldStrength": 3,
    "Manufacturer": "Siemens",
    "ManufacturersModelName": "Prisma_fit",
    "PhaseEncodingDirection": "j-",
    "PhaseEncodingLines": 64,
    "ProcedureStepDescription": "JC_rountine",
    "ProtocolName": "learning3",
    "RepetitionTime": 2,
    "ScanningSequence": "EP",
    "SequenceName": "_epfid2d1_64",
    "SequenceVariant": "SK_OSP",
    "SeriesDescription": "learning3",
    "SliceTiming": [
      0.99,
      0,
      1.0425,
      0.0525,
      1.095,
      0.105,
      1.1475,
      0.1575,
      1.1975,
      0.2075,
      1.25,
      0.26,
      1.3025,
      0.3125,
      1.355,
      0.365,
      1.4075,
      0.4175,
      1.46,
      0.47,
      1.51,
      0.5225,
      1.5625,
      0.5725,
      1.615,
      0.625,
      1.6675,
      0.6775,
      1.72,
      0.73,
      1.7725,
      0.7825,
      1.825,
      0.835,
      1.875,
      0.885,
      1.9275,
      0.9375
    ],
    "SoftwareVersions": "syngo_MR_D13D",
    "TaskName": "learning",
    "TotalReadoutTime": 0.0299118,
    "TrueEchoSpacing": 0.000712186,
    "dataset": "ds003425",
    "modality": "bold",
    "run_id": 3,
    "session_id": "01",
    "subject_id": "08",
    "task_id": "learning"
  },
  "dummy_trs": 0,
  "dvars_nstd": 25.244251605564504,
  "dvars_std": 1.3593597665322574,
  "dvars_vstd": 1.0255978402419357,
  "efc": 0.6194666594869085,
  "fber": 2004.8831787109375,
  "fd_mean": 0.08744041216892637,
  "fd_num": 7,
  "fd_perc": 5.6,
  "fwhm_avg": 1.5981188888888889,
  "fwhm_x": 1.4873266666666665,
  "fwhm_y": 1.6130666666666666,
  "fwhm_z": 1.6939633333333333,
  "gcor": 0.0256977,
  "gsr_x": 0.028089670464396477,
  "gsr_y": 0.0276735108345747,
  "provenance": {
    "md5sum": "40eb417bbe62a996b40e5f192cdabd92",
    "settings": {
      "fd_thres": 0.2,
      "testing": false
    },
    "software": "mriqc",
    "version": "23.0.1",
    "webapi_port": null,
    "webapi_url": "https://mriqc.nimh.nih.gov/api/v1"
  },
  "size_t": 125,
  "size_x": 64,
  "size_y": 64,
  "size_z": 38,
  "snr": 8.059987088422787,
  "spacing_tr": 2.0,
  "spacing_x": 3.0,
  "spacing_y": 3.0,
  "spacing_z": 3.0,
  "summary_bg_k": 14.315954381158718,
  "summary_bg_mad": 6.547171232906058,
  "summary_bg_mean": 26.483570098876953,
  "summary_bg_median": 8.960000038146973,
  "summary_bg_n": 76939.0,
  "summary_bg_p05": 2.944000244140625,
  "summary_bg_p95": 114.88240509033182,
  "summary_bg_stdv": 45.14286422729492,
  "summary_fg_k": 2.1922953315937024,
  "summary_fg_mad": 51.82583373903258,
  "summary_fg_mean": 411.674072265625,
  "summary_fg_median": 410.66802978515625,
  "summary_fg_n": 44248.0,
  "summary_fg_p05": 338.17882385253904,
  "summary_fg_p95": 492.4076202392578,
  "summary_fg_stdv": 50.95087432861328,
  "tsnr": 78.98835225799121
}