{
  "aor": 0.00206872,
  "aqi": 0.01127419688,
  "bids_meta": {
    "AccelFactPE": 2,
    "AcquisitionNumber": 1,
    "AcquisitionTime": "11:29:42.695000",
    "BandwidthPerPixelPhaseEncode": 43.879,
    "BodyPartExamined": "BRAIN",
    "ConversionSoftware": "dcm2niix",
    "ConversionSoftwareVersion": "v1.0.20170724 GCC4.4.7",
    "DeviceSerialNumber": "67025",
    "EchoTime": 0.025,
    "EchoTrainLength": 43,
    "EffectiveEchoSpacing": 0.000356093,
    "FlipAngle": 90,
    "ImageType": [
      "ORIGINAL",
      "PRIMARY",
      "M",
      "ND",
      "NORM",
      "MOSAIC"
    ],
    "InstitutionAddress": "McClintock_3520A_Los_Angeles_CA_US_90089",
    "InstitutionName": "USC",
    "MagneticFieldStrength": 3,
    "Manufacturer": "Siemens",
    "ManufacturersModelName": "Prisma_fit",
    "PhaseEncodingDirection": "j-",
    "PhaseEncodingLines": 64,
    "ProcedureStepDescription": "JC_rountine",
    "ProtocolName": "learning1",
    "RepetitionTime": 2,
    "ScanningSequence": "EP",
    "SequenceName": "_epfid2d1_64",
    "SequenceVariant": "SK_OSP",
    "SeriesDescription": "learning1",
    "SliceTiming": [
      0.99,
      0,
      1.0425,
      0.0525,
      1.095,
      0.105,
      1.1475,
      0.1575,
      1.1975,
      0.21,
      1.25,
      0.26,
      1.3025,
      0.3125,
      1.355,
      0.365,
      1.4075,
      0.4175,
      1.46,
      0.47,
      1.5125,
      0.5225,
      1.5625,
      0.5725,
      1.615,
      0.625,
      1.6675,
      0.6775,
      1.72,
      0.73,
      1.7725,
      0.7825,
      1.825,
      0.835,
      1.875,
      0.885,
      1.9275,
      0.9375
    ],
    "SoftwareVersions": "syngo_MR_D13D",
    "TaskName": "learning",
    "TotalReadoutTime": 0.0299118,
    "TrueEchoSpacing": 0.000712186,
    "dataset": "ds003425",
    "modality": "bold",
    "run_id": 1,
    "session_id": "01",
    "subject_id": "08",
    "task_id": "learning"
  },
  "dummy_trs": 0,
  "dvars_nstd": 25.496576094112918,
  "dvars_std": 1.317828238306452,
  "dvars_vstd": 1.0092773959677424,
  "efc": 0.6197892364471076,
  "fber": 2045.0498046875,
  "fd_mean": 0.10392003407409207,
  "fd_num": 10,
  "fd_perc": 8.0,
  "fwhm_avg": 1.5815966666666668,
  "fwhm_x": 1.4749466666666666,
  "fwhm_y": 1.6105733333333332,
  "fwhm_z": 1.65927,
  "gcor": 0.0205372,
  "gsr_x": 0.028207294642925262,
  "gsr_y": 0.029016029089689255,
  "provenance": {
    "md5sum": "bb9e8b1c5e61c9a4c0ccd5dfa179dd38",
    "settings": {
      "fd_thres": 0.2,
      "testing": false
    },
    "software": "mriqc",
    "version": "23.0.1",
    "webapi_port": null,
    "webapi_url": "https://mriqc.nimh.nih.gov/api/v1"
  },
  "size_t": 125,
  "size_x": 64,
  "size_y": 64,
  "size_z": 38,
  "snr": 8.09845402685116,
  "spacing_tr": 2.0,
  "spacing_x": 3.0,
  "spacing_y": 3.0,
  "spacing_z": 3.0,
  "summary_bg_k": 14.903417770070966,
  "summary_bg_mad": 6.5708925629955015,
  "summary_bg_mean": 26.81808090209961,
  "summary_bg_median": 8.855999946594238,
  "summary_bg_n": 76838.0,
  "summary_bg_p05": 2.808000087738037,
  "summary_bg_p95": 116.00920372009273,
  "summary_bg_stdv": 46.38688659667969,
  "summary_fg_k": 1.8742182997832275,
  "summary_fg_mad": 51.81990658782945,
  "summary_fg_mean": 411.3420715332031,
  "summary_fg_median": 410.072021484375,
  "summary_fg_n": 44361.0,
  "summary_fg_p05": 338.10400390625,
  "summary_fg_p95": 491.9840087890625,
  "summary_fg_stdv": 50.63526916503906,
  "tsnr": 70.2280851197429
}