{
  "aor": 0.0033885882352941185,
  "aqi": 0.008240652235294119,
  "bids_meta": {
    "AccelFactPE": 2,
    "AcquisitionNumber": 1,
    "AcquisitionTime": "11:22:8.637500",
    "BandwidthPerPixelPhaseEncode": 43.879,
    "BodyPartExamined": "BRAIN",
    "ConversionSoftware": "dcm2niix",
    "ConversionSoftwareVersion": "v1.0.20170724 GCC4.4.7",
    "DeviceSerialNumber": "67025",
    "EchoTime": 0.025,
    "EchoTrainLength": 43,
    "EffectiveEchoSpacing": 0.000356093,
    "FlipAngle": 90,
    "ImageType": [
      "ORIGINAL",
      "PRIMARY",
      "M",
      "ND",
      "NORM",
      "MOSAIC"
    ],
    "InstitutionAddress": "McClintock_3520A_Los_Angeles_CA_US_90089",
    "InstitutionName": "USC",
    "MagneticFieldStrength": 3,
    "Manufacturer": "Siemens",
    "ManufacturersModelName": "Prisma_fit",
    "PhaseEncodingDirection": "j-",
    "PhaseEncodingLines": 64,
    "ProcedureStepDescription": "JC_rountine",
    "ProtocolName": "prelearning2",
    "RepetitionTime": 2,
    "ScanningSequence": "EP",
    "SequenceName": "_epfid2d1_64",
    "SequenceVariant": "SK_OSP",
    "SeriesDescription": "prelearning2",
    "SliceTiming": [
      0.99,
      0,
      1.0425,
      0.0525,
      1.095,
      0.105,
      1.1475,
      0.1575,
      1.2,
      0.21,
      1.25,
      0.26,
      1.3025,
      0.3125,
      1.355,
      0.365,
      1.4075,
      0.4175,
      1.46,
      0.47,
      1.5125,
      0.5225,
      1.5625,
      0.575,
      1.615,
      0.625,
      1.6675,
      0.6775,
      1.72,
      0.73,
      1.7725,
      0.7825,
      1.825,
      0.835,
      1.8775,
      0.8875,
      1.9275,
      0.9375
    ],
    "SoftwareVersions": "syngo_MR_D13D",
    "TaskName": "prelearning",
    "TotalReadoutTime": 0.0299118,
    "TrueEchoSpacing": 0.000712186,
    "dataset": "ds003425",
    "modality": "bold",
    "run_id": 2,
    "session_id": "01",
    "subject_id": "08",
    "task_id": "prelearning"
  },
  "dummy_trs": 0,
  "dvars_nstd": 25.42205022654762,
  "dvars_std": 1.3817088163095237,
  "dvars_vstd": 1.0352113651190475,
  "efc": 0.6212206975886844,
  "fber": 2016.114990234375,
  "fd_mean": 0.0685485104831763,
  "fd_num": 1,
  "fd_perc": 1.1764705882352942,
  "fwhm_avg": 1.5974599999999999,
  "fwhm_x": 1.49556,
  "fwhm_y": 1.6067533333333335,
  "fwhm_z": 1.6900666666666666,
  "gcor": 0.0292853,
  "gsr_x": 0.028161516413092613,
  "gsr_y": 0.027745215222239494,
  "provenance": {
    "md5sum": "9bc8d9f27ad7657fc988c388ecfedbb9",
    "settings": {
      "fd_thres": 0.2,
      "testing": false
    },
    "software": "mriqc",
    "version": "23.0.1",
    "webapi_port": null,
    "webapi_url": "https://mriqc.nimh.nih.gov/api/v1"
  },
  "size_t": 85,
  "size_x": 64,
  "size_y": 64,
  "size_z": 38,
  "snr": 8.057735124910879,
  "spacing_tr": 2.0,
  "spacing_x": 3.0,
  "spacing_y": 3.0,
  "spacing_z": 3.0,
  "summary_bg_k": 14.672703740474702,
  "summary_bg_mad": 6.593219061343082,
  "summary_bg_mean": 26.906843185424805,
  "summary_bg_median": 8.89411735534668,
  "summary_bg_n": 76576.0,
  "summary_bg_p05": 2.941176414489746,
  "summary_bg_p95": 116.44411849975586,
  "summary_bg_stdv": 46.38716125488281,
  "summary_fg_k": 1.7276819331492304,
  "summary_fg_mad": 52.08296351221884,
  "summary_fg_mean": 410.6233825683594,
  "summary_fg_median": 409.5294189453125,
  "summary_fg_n": 44367.0,
  "summary_fg_p05": 336.78354797363284,
  "summary_fg_p95": 491.5494232177734,
  "summary_fg_stdv": 50.82381057739258,
  "tsnr": 78.07787569612265
}