{
  "aor": 0.0019903061224489796,
  "aqi": 0.008397034285714287,
  "bids_meta": {
    "AccelFactPE": 2,
    "AcquisitionNumber": 1,
    "AcquisitionTime": "10:59:54.587500",
    "BandwidthPerPixelPhaseEncode": 43.879,
    "BodyPartExamined": "BRAIN",
    "ConversionSoftware": "dcm2niix",
    "ConversionSoftwareVersion": "v1.0.20170724 GCC4.4.7",
    "DeviceSerialNumber": "67025",
    "EchoTime": 0.025,
    "EchoTrainLength": 43,
    "EffectiveEchoSpacing": 0.000356093,
    "FlipAngle": 90,
    "ImageType": [
      "ORIGINAL",
      "PRIMARY",
      "M",
      "ND",
      "NORM",
      "MOSAIC"
    ],
    "InstitutionAddress": "McClintock_3520A_Los_Angeles_CA_US_90089",
    "InstitutionName": "USC",
    "MagneticFieldStrength": 3,
    "Manufacturer": "Siemens",
    "ManufacturersModelName": "Prisma_fit",
    "PhaseEncodingDirection": "j-",
    "PhaseEncodingLines": 64,
    "ProcedureStepDescription": "JC_rountine",
    "ProtocolName": "training3",
    "RepetitionTime": 2,
    "ScanningSequence": "EP",
    "SequenceName": "_epfid2d1_64",
    "SequenceVariant": "SK_OSP",
    "SeriesDescription": "training3",
    "SliceTiming": [
      0.99,
      0,
      1.0425,
      0.0525,
      1.095,
      0.105,
      1.145,
      0.1575,
      1.1975,
      0.2075,
      1.25,
      0.26,
      1.3025,
      0.3125,
      1.355,
      0.365,
      1.4075,
      0.4175,
      1.46,
      0.47,
      1.51,
      0.52,
      1.5625,
      0.5725,
      1.615,
      0.625,
      1.6675,
      0.6775,
      1.72,
      0.73,
      1.7725,
      0.7825,
      1.8225,
      0.8325,
      1.875,
      0.885,
      1.9275,
      0.9375
    ],
    "SoftwareVersions": "syngo_MR_D13D",
    "TaskName": "training",
    "TotalReadoutTime": 0.0299118,
    "TrueEchoSpacing": 0.000712186,
    "dataset": "ds003425",
    "modality": "bold",
    "run_id": 3,
    "session_id": "01",
    "subject_id": "08",
    "task_id": "training"
  },
  "dummy_trs": 0,
  "dvars_nstd": 25.508292483195884,
  "dvars_std": 1.362238045876289,
  "dvars_vstd": 1.0209974959793815,
  "efc": 0.6360961436263642,
  "fber": 1647.75244140625,
  "fd_mean": 0.085862515241694,
  "fd_num": 3,
  "fd_perc": 3.061224489795918,
  "fwhm_avg": 1.6020966666666665,
  "fwhm_x": 1.49163,
  "fwhm_y": 1.60675,
  "fwhm_z": 1.70791,
  "gcor": 0.0215286,
  "gsr_x": 0.01067383773624897,
  "gsr_y": 0.03202985227108002,
  "provenance": {
    "md5sum": "d24a1bb28677712524b4992847e06ce5",
    "settings": {
      "fd_thres": 0.2,
      "testing": false
    },
    "software": "mriqc",
    "version": "23.0.1",
    "webapi_port": null,
    "webapi_url": "https://mriqc.nimh.nih.gov/api/v1"
  },
  "size_t": 98,
  "size_x": 64,
  "size_y": 64,
  "size_z": 38,
  "snr": 8.002758515214586,
  "spacing_tr": 2.0,
  "spacing_x": 3.0,
  "spacing_y": 3.0,
  "spacing_z": 3.0,
  "summary_bg_k": 11.042684812522447,
  "summary_bg_mad": 7.609682368130698,
  "summary_bg_mean": 30.716028213500977,
  "summary_bg_median": 9.765305519104004,
  "summary_bg_n": 74061.0,
  "summary_bg_p05": 3.1938774585723877,
  "summary_bg_p95": 136.948974609375,
  "summary_bg_stdv": 50.6175422668457,
  "summary_fg_k": 1.956230289167065,
  "summary_fg_mad": 52.19367907705903,
  "summary_fg_mean": 413.83795166015625,
  "summary_fg_median": 412.68365478515625,
  "summary_fg_n": 45441.0,
  "summary_fg_p05": 338.3265380859375,
  "summary_fg_p95": 495.2755126953125,
  "summary_fg_stdv": 51.567108154296875,
  "tsnr": 74.93231523036957
}