{
  "aor": 0.0029542857142857144,
  "aqi": 0.012869001734693877,
  "bids_meta": {
    "AccelFactPE": 2,
    "AcquisitionNumber": 1,
    "AcquisitionTime": "10:51:54.522500",
    "BandwidthPerPixelPhaseEncode": 43.879,
    "BodyPartExamined": "BRAIN",
    "ConversionSoftware": "dcm2niix",
    "ConversionSoftwareVersion": "v1.0.20170724 GCC4.4.7",
    "DeviceSerialNumber": "67025",
    "EchoTime": 0.025,
    "EchoTrainLength": 43,
    "EffectiveEchoSpacing": 0.000356093,
    "FlipAngle": 90,
    "ImageType": [
      "ORIGINAL",
      "PRIMARY",
      "M",
      "ND",
      "NORM",
      "MOSAIC"
    ],
    "InstitutionAddress": "McClintock_3520A_Los_Angeles_CA_US_90089",
    "InstitutionName": "USC",
    "MagneticFieldStrength": 3,
    "Manufacturer": "Siemens",
    "ManufacturersModelName": "Prisma_fit",
    "PhaseEncodingDirection": "j-",
    "PhaseEncodingLines": 64,
    "ProcedureStepDescription": "JC_rountine",
    "ProtocolName": "training1",
    "RepetitionTime": 2,
    "ScanningSequence": "EP",
    "SequenceName": "_epfid2d1_64",
    "SequenceVariant": "SK_OSP",
    "SeriesDescription": "training1",
    "SliceTiming": [
      0.99,
      0,
      1.0425,
      0.0525,
      1.095,
      0.105,
      1.1475,
      0.1575,
      1.1975,
      0.2075,
      1.25,
      0.26,
      1.3025,
      0.3125,
      1.355,
      0.365,
      1.4075,
      0.4175,
      1.46,
      0.47,
      1.51,
      0.5225,
      1.5625,
      0.5725,
      1.615,
      0.625,
      1.6675,
      0.6775,
      1.72,
      0.73,
      1.7725,
      0.7825,
      1.825,
      0.835,
      1.875,
      0.885,
      1.9275,
      0.9375
    ],
    "SoftwareVersions": "syngo_MR_D13D",
    "TaskName": "training",
    "TotalReadoutTime": 0.0299118,
    "TrueEchoSpacing": 0.000712186,
    "dataset": "ds003425",
    "modality": "bold",
    "run_id": 1,
    "session_id": "01",
    "subject_id": "08",
    "task_id": "training"
  },
  "dummy_trs": 0,
  "dvars_nstd": 25.62710231082475,
  "dvars_std": 1.3141335067010311,
  "dvars_vstd": 1.0049310093814436,
  "efc": 0.6376333015190204,
  "fber": 1564.0926513671875,
  "fd_mean": 0.12020328097124881,
  "fd_num": 11,
  "fd_perc": 11.224489795918368,
  "fwhm_avg": 1.5967544444444446,
  "fwhm_x": 1.4803733333333333,
  "fwhm_y": 1.61862,
  "fwhm_z": 1.69127,
  "gcor": 0.0177114,
  "gsr_x": 0.011297508142888546,
  "gsr_y": 0.030185429379343987,
  "provenance": {
    "md5sum": "468768f3a6fd3c4dc3611695c46bf455",
    "settings": {
      "fd_thres": 0.2,
      "testing": false
    },
    "software": "mriqc",
    "version": "23.0.1",
    "webapi_port": null,
    "webapi_url": "https://mriqc.nimh.nih.gov/api/v1"
  },
  "size_t": 98,
  "size_x": 64,
  "size_y": 64,
  "size_z": 38,
  "snr": 8.04031485251119,
  "spacing_tr": 2.0,
  "spacing_x": 3.0,
  "spacing_y": 3.0,
  "spacing_z": 3.0,
  "summary_bg_k": 11.04656849223164,
  "summary_bg_mad": 7.957640219218294,
  "summary_bg_mean": 31.10944366455078,
  "summary_bg_median": 9.897958755493164,
  "summary_bg_n": 73648.0,
  "summary_bg_p05": 3.040816307067871,
  "summary_bg_p95": 136.57806167602533,
  "summary_bg_stdv": 51.0423698425293,
  "summary_fg_k": 1.6792689711776339,
  "summary_fg_mad": 52.58699759163023,
  "summary_fg_mean": 410.5154724121094,
  "summary_fg_median": 409.40814208984375,
  "summary_fg_n": 45538.0,
  "summary_fg_p05": 335.61071014404297,
  "summary_fg_p95": 491.13416290283203,
  "summary_fg_stdv": 50.91885757446289,
  "tsnr": 62.46308830357157
}