{
  "aor": 0.0020257647058823523,
  "aqi": 0.008538356470588237,
  "bids_meta": {
    "AccelFactPE": 2,
    "AcquisitionNumber": 1,
    "AcquisitionTime": "11:25:36.817500",
    "BandwidthPerPixelPhaseEncode": 43.879,
    "BodyPartExamined": "BRAIN",
    "ConversionSoftware": "dcm2niix",
    "ConversionSoftwareVersion": "v1.0.20170724 GCC4.4.7",
    "DeviceSerialNumber": "67025",
    "EchoTime": 0.025,
    "EchoTrainLength": 43,
    "EffectiveEchoSpacing": 0.000356093,
    "FlipAngle": 90,
    "ImageType": [
      "ORIGINAL",
      "PRIMARY",
      "M",
      "ND",
      "NORM",
      "MOSAIC"
    ],
    "InstitutionAddress": "McClintock_3520A_Los_Angeles_CA_US_90089",
    "InstitutionName": "USC",
    "MagneticFieldStrength": 3,
    "Manufacturer": "Siemens",
    "ManufacturersModelName": "Prisma_fit",
    "PhaseEncodingDirection": "j-",
    "PhaseEncodingLines": 64,
    "ProcedureStepDescription": "JC_rountine",
    "ProtocolName": "prelearning3",
    "RepetitionTime": 2,
    "ScanningSequence": "EP",
    "SequenceName": "_epfid2d1_64",
    "SequenceVariant": "SK_OSP",
    "SeriesDescription": "prelearning3",
    "SliceTiming": [
      0.99,
      0,
      1.0425,
      0.0525,
      1.095,
      0.105,
      1.145,
      0.155,
      1.1975,
      0.2075,
      1.25,
      0.26,
      1.3025,
      0.3125,
      1.355,
      0.365,
      1.4075,
      0.4175,
      1.4575,
      0.4675,
      1.51,
      0.52,
      1.5625,
      0.5725,
      1.615,
      0.625,
      1.6675,
      0.6775,
      1.72,
      0.73,
      1.77,
      0.78,
      1.8225,
      0.8325,
      1.875,
      0.885,
      1.9275,
      0.9375
    ],
    "SoftwareVersions": "syngo_MR_D13D",
    "TaskName": "prelearning",
    "TotalReadoutTime": 0.0299118,
    "TrueEchoSpacing": 0.000712186,
    "dataset": "ds003425",
    "modality": "bold",
    "run_id": 3,
    "session_id": "01",
    "subject_id": "08",
    "task_id": "prelearning"
  },
  "dummy_trs": 0,
  "dvars_nstd": 25.441114629999998,
  "dvars_std": 1.3683948385714284,
  "dvars_vstd": 1.021606220238095,
  "efc": 0.6199341683290969,
  "fber": 2003.9268798828125,
  "fd_mean": 0.09609697417547577,
  "fd_num": 5,
  "fd_perc": 5.882352941176471,
  "fwhm_avg": 1.6008988888888889,
  "fwhm_x": 1.4870999999999999,
  "fwhm_y": 1.6115766666666669,
  "fwhm_z": 1.7040199999999999,
  "gcor": 0.0331661,
  "gsr_x": 0.02919025905430317,
  "gsr_y": 0.026908155530691147,
  "provenance": {
    "md5sum": "e3482dbbd3fbcfd1af8ee198b2c0b78c",
    "settings": {
      "fd_thres": 0.2,
      "testing": false
    },
    "software": "mriqc",
    "version": "23.0.1",
    "webapi_port": null,
    "webapi_url": "https://mriqc.nimh.nih.gov/api/v1"
  },
  "size_t": 85,
  "size_x": 64,
  "size_y": 64,
  "size_z": 38,
  "snr": 8.015518988071396,
  "spacing_tr": 2.0,
  "spacing_x": 3.0,
  "spacing_y": 3.0,
  "spacing_z": 3.0,
  "summary_bg_k": 15.030683601770388,
  "summary_bg_mad": 6.488565677033295,
  "summary_bg_mean": 26.610057830810547,
  "summary_bg_median": 8.905882835388184,
  "summary_bg_n": 76823.0,
  "summary_bg_p05": 2.9294118881225586,
  "summary_bg_p95": 115.00941162109362,
  "summary_bg_stdv": 45.962520599365234,
  "summary_fg_k": 2.2034103298515912,
  "summary_fg_mad": 51.664352802819,
  "summary_fg_mean": 410.0574951171875,
  "summary_fg_median": 409.0353088378906,
  "summary_fg_n": 44386.0,
  "summary_fg_p05": 336.85589599609375,
  "summary_fg_p95": 490.75001525878906,
  "summary_fg_stdv": 51.02984619140625,
  "tsnr": 77.43591641262174
}