{
  "aor": 0.002848265306122448,
  "aqi": 0.010332033775510204,
  "bids_meta": {
    "AccelFactPE": 2,
    "AcquisitionNumber": 1,
    "AcquisitionTime": "11:07:41.945000",
    "BandwidthPerPixelPhaseEncode": 43.879,
    "BodyPartExamined": "BRAIN",
    "ConversionSoftware": "dcm2niix",
    "ConversionSoftwareVersion": "v1.0.20170724 GCC4.4.7",
    "DeviceSerialNumber": "67025",
    "EchoTime": 0.025,
    "EchoTrainLength": 43,
    "EffectiveEchoSpacing": 0.000356093,
    "FlipAngle": 90,
    "ImageType": [
      "ORIGINAL",
      "PRIMARY",
      "M",
      "ND",
      "NORM",
      "MOSAIC"
    ],
    "InstitutionAddress": "McClintock_3520A_Los_Angeles_CA_US_90089",
    "InstitutionName": "USC",
    "MagneticFieldStrength": 3,
    "Manufacturer": "Siemens",
    "ManufacturersModelName": "Prisma_fit",
    "PhaseEncodingDirection": "j-",
    "PhaseEncodingLines": 64,
    "ProcedureStepDescription": "JC_rountine",
    "ProtocolName": "training5",
    "RepetitionTime": 2,
    "ScanningSequence": "EP",
    "SequenceName": "_epfid2d1_64",
    "SequenceVariant": "SK_OSP",
    "SeriesDescription": "training5",
    "SliceTiming": [
      0.99,
      0,
      1.0425,
      0.0525,
      1.095,
      0.105,
      1.145,
      0.1575,
      1.1975,
      0.2075,
      1.25,
      0.26,
      1.3025,
      0.3125,
      1.355,
      0.365,
      1.4075,
      0.4175,
      1.46,
      0.47,
      1.51,
      0.52,
      1.5625,
      0.5725,
      1.615,
      0.625,
      1.6675,
      0.6775,
      1.72,
      0.73,
      1.7725,
      0.7825,
      1.8225,
      0.8325,
      1.875,
      0.885,
      1.9275,
      0.9375
    ],
    "SoftwareVersions": "syngo_MR_D13D",
    "TaskName": "training",
    "TotalReadoutTime": 0.0299118,
    "TrueEchoSpacing": 0.000712186,
    "dataset": "ds003425",
    "modality": "bold",
    "run_id": 5,
    "session_id": "01",
    "subject_id": "08",
    "task_id": "training"
  },
  "dummy_trs": 0,
  "dvars_nstd": 25.785809565876278,
  "dvars_std": 1.3605069793814428,
  "dvars_vstd": 1.0165202424742263,
  "efc": 0.6315214205327575,
  "fber": 1762.6727294921875,
  "fd_mean": 0.11202611197170496,
  "fd_num": 14,
  "fd_perc": 14.285714285714286,
  "fwhm_avg": 1.5756677777777777,
  "fwhm_x": 1.4516266666666666,
  "fwhm_y": 1.6122933333333334,
  "fwhm_z": 1.6630833333333335,
  "gcor": 0.0269278,
  "gsr_x": 0.020618608221411705,
  "gsr_y": 0.02907690219581127,
  "provenance": {
    "md5sum": "d78a2134afff34cdfcfb346f79e19365",
    "settings": {
      "fd_thres": 0.2,
      "testing": false
    },
    "software": "mriqc",
    "version": "23.0.1",
    "webapi_port": null,
    "webapi_url": "https://mriqc.nimh.nih.gov/api/v1"
  },
  "size_t": 98,
  "size_x": 64,
  "size_y": 64,
  "size_z": 38,
  "snr": 8.097437257349236,
  "spacing_tr": 2.0,
  "spacing_x": 3.0,
  "spacing_y": 3.0,
  "spacing_z": 3.0,
  "summary_bg_k": 12.061857663163618,
  "summary_bg_mad": 7.745840710243012,
  "summary_bg_mean": 29.580062866210938,
  "summary_bg_median": 9.438775062561035,
  "summary_bg_n": 74866.0,
  "summary_bg_p05": 2.632652997970581,
  "summary_bg_p95": 130.0892791748047,
  "summary_bg_stdv": 49.77137756347656,
  "summary_fg_k": 1.6240039136278774,
  "summary_fg_mad": 51.61121204642146,
  "summary_fg_mean": 410.8224792480469,
  "summary_fg_median": 409.38262939453125,
  "summary_fg_n": 45326.0,
  "summary_fg_p05": 336.9821319580078,
  "summary_fg_p95": 491.31885528564453,
  "summary_fg_stdv": 50.55650329589844,
  "tsnr": 70.3067004326731
}