{
  "aor": 0.0013073599999999998,
  "aqi": 0.013756787280000002,
  "bids_meta": {
    "AccelFactPE": 2,
    "AcquisitionNumber": 1,
    "AcquisitionTime": "11:34:59.595000",
    "BandwidthPerPixelPhaseEncode": 43.879,
    "BodyPartExamined": "BRAIN",
    "ConversionSoftware": "dcm2niix",
    "ConversionSoftwareVersion": "v1.0.20170724 GCC4.4.7",
    "DeviceSerialNumber": "67025",
    "EchoTime": 0.025,
    "EchoTrainLength": 43,
    "EffectiveEchoSpacing": 0.000356093,
    "FlipAngle": 90,
    "ImageType": [
      "ORIGINAL",
      "PRIMARY",
      "M",
      "ND",
      "NORM",
      "MOSAIC"
    ],
    "InstitutionAddress": "McClintock_3520A_Los_Angeles_CA_US_90089",
    "InstitutionName": "USC",
    "MagneticFieldStrength": 3,
    "Manufacturer": "Siemens",
    "ManufacturersModelName": "Prisma_fit",
    "PhaseEncodingDirection": "j-",
    "PhaseEncodingLines": 64,
    "ProcedureStepDescription": "JC_rountine",
    "ProtocolName": "learning2",
    "RepetitionTime": 2,
    "ScanningSequence": "EP",
    "SequenceName": "_epfid2d1_64",
    "SequenceVariant": "SK_OSP",
    "SeriesDescription": "learning2",
    "SliceTiming": [
      0.99,
      0,
      1.04,
      0.0525,
      1.0925,
      0.1025,
      1.145,
      0.155,
      1.1975,
      0.2075,
      1.25,
      0.26,
      1.3025,
      0.3125,
      1.355,
      0.365,
      1.405,
      0.415,
      1.4575,
      0.4675,
      1.51,
      0.52,
      1.5625,
      0.5725,
      1.615,
      0.625,
      1.6675,
      0.6775,
      1.7175,
      0.7275,
      1.77,
      0.78,
      1.8225,
      0.8325,
      1.875,
      0.885,
      1.9275,
      0.9375
    ],
    "SoftwareVersions": "syngo_MR_D13D",
    "TaskName": "learning",
    "TotalReadoutTime": 0.0299118,
    "TrueEchoSpacing": 0.000712186,
    "dataset": "ds003425",
    "modality": "bold",
    "run_id": 2,
    "session_id": "01",
    "subject_id": "08",
    "task_id": "learning"
  },
  "dummy_trs": 0,
  "dvars_nstd": 24.567218257338702,
  "dvars_std": 1.24541009483871,
  "dvars_vstd": 0.9716862173387094,
  "efc": 0.6183075667606988,
  "fber": 2032.42041015625,
  "fd_mean": 0.10570848212338052,
  "fd_num": 12,
  "fd_perc": 9.6,
  "fwhm_avg": 1.6091511111111112,
  "fwhm_x": 1.4921533333333334,
  "fwhm_y": 1.6271466666666665,
  "fwhm_z": 1.7081533333333334,
  "gcor": 0.0268211,
  "gsr_x": 0.02938404679298401,
  "gsr_y": 0.02713417261838913,
  "provenance": {
    "md5sum": "e680271b781bcdf0b903259dc9b0b525",
    "settings": {
      "fd_thres": 0.2,
      "testing": false
    },
    "software": "mriqc",
    "version": "23.0.1",
    "webapi_port": null,
    "webapi_url": "https://mriqc.nimh.nih.gov/api/v1"
  },
  "size_t": 125,
  "size_x": 64,
  "size_y": 64,
  "size_z": 38,
  "snr": 8.057389485412688,
  "spacing_tr": 2.0,
  "spacing_x": 3.0,
  "spacing_y": 3.0,
  "spacing_z": 3.0,
  "summary_bg_k": 14.903933804574006,
  "summary_bg_mad": 6.547172646825715,
  "summary_bg_mean": 26.168745040893555,
  "summary_bg_median": 8.896000862121582,
  "summary_bg_n": 77111.0,
  "summary_bg_p05": 2.7760000228881836,
  "summary_bg_p95": 112.97600555419922,
  "summary_bg_stdv": 44.866390228271484,
  "summary_fg_k": 2.1929157514049242,
  "summary_fg_mad": 51.386998322855646,
  "summary_fg_mean": 410.9680480957031,
  "summary_fg_median": 409.8680114746094,
  "summary_fg_n": 44256.0,
  "summary_fg_p05": 337.864013671875,
  "summary_fg_p95": 491.27403259277344,
  "summary_fg_stdv": 50.868011474609375,
  "tsnr": 64.0116576841101
}