{
  "aor": 0.0030547959183673465,
  "aqi": 0.009758915918367346,
  "bids_meta": {
    "AccelFactPE": 2,
    "AcquisitionNumber": 1,
    "AcquisitionTime": "10:55:57.065000",
    "BandwidthPerPixelPhaseEncode": 43.879,
    "BodyPartExamined": "BRAIN",
    "ConversionSoftware": "dcm2niix",
    "ConversionSoftwareVersion": "v1.0.20170724 GCC4.4.7",
    "DeviceSerialNumber": "67025",
    "EchoTime": 0.025,
    "EchoTrainLength": 43,
    "EffectiveEchoSpacing": 0.000356093,
    "FlipAngle": 90,
    "ImageType": [
      "ORIGINAL",
      "PRIMARY",
      "M",
      "ND",
      "NORM",
      "MOSAIC"
    ],
    "InstitutionAddress": "McClintock_3520A_Los_Angeles_CA_US_90089",
    "InstitutionName": "USC",
    "MagneticFieldStrength": 3,
    "Manufacturer": "Siemens",
    "ManufacturersModelName": "Prisma_fit",
    "PhaseEncodingDirection": "j-",
    "PhaseEncodingLines": 64,
    "ProcedureStepDescription": "JC_rountine",
    "ProtocolName": "training2",
    "RepetitionTime": 2,
    "ScanningSequence": "EP",
    "SequenceName": "_epfid2d1_64",
    "SequenceVariant": "SK_OSP",
    "SeriesDescription": "training2",
    "SliceTiming": [
      0.99,
      0,
      1.0425,
      0.0525,
      1.095,
      0.105,
      1.1475,
      0.1575,
      1.1975,
      0.2075,
      1.25,
      0.26,
      1.3025,
      0.3125,
      1.355,
      0.365,
      1.4075,
      0.4175,
      1.46,
      0.47,
      1.51,
      0.5225,
      1.5625,
      0.5725,
      1.615,
      0.625,
      1.6675,
      0.6775,
      1.72,
      0.73,
      1.7725,
      0.7825,
      1.825,
      0.835,
      1.875,
      0.885,
      1.9275,
      0.9375
    ],
    "SoftwareVersions": "syngo_MR_D13D",
    "TaskName": "training",
    "TotalReadoutTime": 0.0299118,
    "TrueEchoSpacing": 0.000712186,
    "dataset": "ds003425",
    "modality": "bold",
    "run_id": 2,
    "session_id": "01",
    "subject_id": "08",
    "task_id": "training"
  },
  "dummy_trs": 0,
  "dvars_nstd": 25.740009681237115,
  "dvars_std": 1.374813006185567,
  "dvars_vstd": 1.0350649070103095,
  "efc": 0.6370708105327425,
  "fber": 1622.6602783203125,
  "fd_mean": 0.09968048820334009,
  "fd_num": 7,
  "fd_perc": 7.142857142857143,
  "fwhm_avg": 1.6062011111111112,
  "fwhm_x": 1.49936,
  "fwhm_y": 1.6231433333333334,
  "fwhm_z": 1.6961000000000002,
  "gcor": 0.0312226,
  "gsr_x": 0.011132312007248402,
  "gsr_y": 0.030444132164120674,
  "provenance": {
    "md5sum": "8d89a4e4245101db4d6f98b5039359b8",
    "settings": {
      "fd_thres": 0.2,
      "testing": false
    },
    "software": "mriqc",
    "version": "23.0.1",
    "webapi_port": null,
    "webapi_url": "https://mriqc.nimh.nih.gov/api/v1"
  },
  "size_t": 98,
  "size_x": 64,
  "size_y": 64,
  "size_z": 38,
  "snr": 8.064054271585583,
  "spacing_tr": 2.0,
  "spacing_x": 3.0,
  "spacing_y": 3.0,
  "spacing_z": 3.0,
  "summary_bg_k": 11.18100657173907,
  "summary_bg_mad": 7.776097883948028,
  "summary_bg_mean": 30.67142677307129,
  "summary_bg_median": 9.795918464660645,
  "summary_bg_n": 73737.0,
  "summary_bg_p05": 3.040816307067871,
  "summary_bg_p95": 134.116323852539,
  "summary_bg_stdv": 50.39335632324219,
  "summary_fg_k": 1.6170910215250007,
  "summary_fg_mad": 52.012109170355444,
  "summary_fg_mean": 411.74725341796875,
  "summary_fg_median": 410.61224365234375,
  "summary_fg_n": 45429.0,
  "summary_fg_p05": 336.7652893066406,
  "summary_fg_p95": 492.56121826171875,
  "summary_fg_stdv": 50.91827392578125,
  "tsnr": 70.30591206857935
}