{
  "aor": 0.009655119999999998,
  "aqi": 0.021704621599999998,
  "bids_meta": {
    "AccelFactPE": 2,
    "AcquisitionNumber": 1,
    "AcquisitionTime": "12:20:16.670000",
    "BandwidthPerPixelPhaseEncode": 43.879,
    "BodyPartExamined": "BRAIN",
    "ConversionSoftware": "dcm2niix",
    "ConversionSoftwareVersion": "v1.0.20170724 GCC4.4.7",
    "DeviceSerialNumber": "67025",
    "EchoTime": 0.025,
    "EchoTrainLength": 43,
    "EffectiveEchoSpacing": 0.000356093,
    "FlipAngle": 90,
    "ImageType": [
      "ORIGINAL",
      "PRIMARY",
      "M",
      "ND",
      "NORM",
      "MOSAIC"
    ],
    "InstitutionAddress": "McClintock_3520A_Los_Angeles_CA_US_90089",
    "InstitutionName": "USC",
    "MagneticFieldStrength": 3,
    "Manufacturer": "Siemens",
    "ManufacturersModelName": "Prisma_fit",
    "PhaseEncodingDirection": "j-",
    "PhaseEncodingLines": 64,
    "ProcedureStepDescription": "Mara_Steve",
    "ProtocolName": "regulate5",
    "RepetitionTime": 2,
    "ScanningSequence": "EP",
    "SequenceName": "_epfid2d1_64",
    "SequenceVariant": "SK_OSP",
    "SeriesDescription": "regulate5",
    "SliceTiming": [
      0.99,
      0,
      1.0425,
      0.0525,
      1.095,
      0.105,
      1.1475,
      0.1575,
      1.2,
      0.21,
      1.25,
      0.26,
      1.3025,
      0.3125,
      1.355,
      0.365,
      1.4075,
      0.4175,
      1.46,
      0.47,
      1.5125,
      0.5225,
      1.5625,
      0.575,
      1.615,
      0.625,
      1.6675,
      0.6775,
      1.72,
      0.73,
      1.7725,
      0.7825,
      1.825,
      0.835,
      1.8775,
      0.8875,
      1.9275,
      0.9375
    ],
    "SoftwareVersions": "syngo_MR_D13D",
    "TaskName": "regulate",
    "TotalReadoutTime": 0.0299118,
    "TrueEchoSpacing": 0.000712186,
    "dataset": "ds003425",
    "modality": "bold",
    "run_id": 5,
    "session_id": "02",
    "subject_id": "11",
    "task_id": "regulate"
  },
  "dummy_trs": 0,
  "dvars_nstd": 22.227463091451604,
  "dvars_std": 1.1580750445161294,
  "dvars_vstd": 1.0400684480645161,
  "efc": 0.5982712516895381,
  "fber": 2497.19677734375,
  "fd_mean": 0.17687271912635658,
  "fd_num": 26,
  "fd_perc": 20.8,
  "fwhm_avg": 1.5952477777777776,
  "fwhm_x": 1.4634733333333332,
  "fwhm_y": 1.7066299999999999,
  "fwhm_z": 1.61564,
  "gcor": 0.0176929,
  "gsr_x": 0.0007112872553989291,
  "gsr_y": 0.03845084086060524,
  "provenance": {
    "md5sum": "9dc47489669238358a64ae31148ce3ac",
    "settings": {
      "fd_thres": 0.2,
      "testing": false
    },
    "software": "mriqc",
    "version": "23.0.1",
    "webapi_port": null,
    "webapi_url": "https://mriqc.nimh.nih.gov/api/v1"
  },
  "size_t": 125,
  "size_x": 64,
  "size_y": 64,
  "size_z": 38,
  "snr": 8.476790556666113,
  "spacing_tr": 2.0,
  "spacing_x": 3.0,
  "spacing_y": 3.0,
  "spacing_z": 3.0,
  "summary_bg_k": 16.72971329298747,
  "summary_bg_mad": 5.752497130952008,
  "summary_bg_mean": 21.95981216430664,
  "summary_bg_median": 7.448000431060791,
  "summary_bg_n": 79526.0,
  "summary_bg_p05": 3.0240001678466797,
  "summary_bg_p95": 88.91000366210938,
  "summary_bg_stdv": 35.92677307128906,
  "summary_fg_k": 1.6578383638194403,
  "summary_fg_mad": 46.42325804009216,
  "summary_fg_mean": 388.43682861328125,
  "summary_fg_median": 387.072021484375,
  "summary_fg_n": 40963.0,
  "summary_fg_p05": 319.8680145263672,
  "summary_fg_p95": 460.2216278076172,
  "summary_fg_stdv": 45.662010192871094,
  "tsnr": 53.320151440333575
}