{
  "aor": 0.0019377600000000002,
  "aqi": 0.032772786400000004,
  "bids_meta": {
    "AccelFactPE": 2,
    "AcquisitionNumber": 1,
    "AcquisitionTime": "12:15:22.472500",
    "BandwidthPerPixelPhaseEncode": 43.879,
    "BodyPartExamined": "BRAIN",
    "ConversionSoftware": "dcm2niix",
    "ConversionSoftwareVersion": "v1.0.20170724 GCC4.4.7",
    "DeviceSerialNumber": "67025",
    "EchoTime": 0.025,
    "EchoTrainLength": 43,
    "EffectiveEchoSpacing": 0.000356093,
    "FlipAngle": 90,
    "ImageType": [
      "ORIGINAL",
      "PRIMARY",
      "M",
      "ND",
      "NORM",
      "MOSAIC"
    ],
    "InstitutionAddress": "McClintock_3520A_Los_Angeles_CA_US_90089",
    "InstitutionName": "USC",
    "MagneticFieldStrength": 3,
    "Manufacturer": "Siemens",
    "ManufacturersModelName": "Prisma_fit",
    "PhaseEncodingDirection": "j-",
    "PhaseEncodingLines": 64,
    "ProcedureStepDescription": "Mara_Steve",
    "ProtocolName": "regulate4",
    "RepetitionTime": 2,
    "ScanningSequence": "EP",
    "SequenceName": "_epfid2d1_64",
    "SequenceVariant": "SK_OSP",
    "SeriesDescription": "regulate4",
    "SliceTiming": [
      0.99,
      0,
      1.0425,
      0.0525,
      1.0925,
      0.1025,
      1.145,
      0.155,
      1.1975,
      0.2075,
      1.25,
      0.26,
      1.3025,
      0.3125,
      1.355,
      0.365,
      1.405,
      0.4175,
      1.4575,
      0.4675,
      1.51,
      0.52,
      1.5625,
      0.5725,
      1.615,
      0.625,
      1.6675,
      0.6775,
      1.72,
      0.73,
      1.77,
      0.78,
      1.8225,
      0.8325,
      1.875,
      0.885,
      1.9275,
      0.9375
    ],
    "SoftwareVersions": "syngo_MR_D13D",
    "TaskName": "regulate",
    "TotalReadoutTime": 0.0299118,
    "TrueEchoSpacing": 0.000712186,
    "dataset": "ds003425",
    "modality": "bold",
    "run_id": 4,
    "session_id": "02",
    "subject_id": "11",
    "task_id": "regulate"
  },
  "dummy_trs": 0,
  "dvars_nstd": 22.0532774467742,
  "dvars_std": 1.0464383281451612,
  "dvars_vstd": 0.9415394224193546,
  "efc": 0.6003810975615977,
  "fber": 2259.4365234375,
  "fd_mean": 0.19323015990933973,
  "fd_num": 40,
  "fd_perc": 32.0,
  "fwhm_avg": 1.617271111111111,
  "fwhm_x": 1.4969666666666666,
  "fwhm_y": 1.70791,
  "fwhm_z": 1.6469366666666667,
  "gcor": 0.0167484,
  "gsr_x": -0.0017178612761199474,
  "gsr_y": 0.039857085794210434,
  "provenance": {
    "md5sum": "76592561893e23df9b68640b9b6e3886",
    "settings": {
      "fd_thres": 0.2,
      "testing": false
    },
    "software": "mriqc",
    "version": "23.0.1",
    "webapi_port": null,
    "webapi_url": "https://mriqc.nimh.nih.gov/api/v1"
  },
  "size_t": 125,
  "size_x": 64,
  "size_y": 64,
  "size_z": 38,
  "snr": 8.458159611969487,
  "spacing_tr": 2.0,
  "spacing_x": 3.0,
  "spacing_y": 3.0,
  "spacing_z": 3.0,
  "summary_bg_k": 15.11086553552336,
  "summary_bg_mad": 6.5708925629955015,
  "summary_bg_mean": 23.26617431640625,
  "summary_bg_median": 8.079999923706055,
  "summary_bg_n": 78895.0,
  "summary_bg_p05": 3.1040000915527344,
  "summary_bg_p95": 91.74800567626964,
  "summary_bg_stdv": 36.779624938964844,
  "summary_fg_k": 1.5662774800624346,
  "summary_fg_mad": 46.292770222765185,
  "summary_fg_mean": 389.1376953125,
  "summary_fg_median": 387.6640319824219,
  "summary_fg_n": 41085.0,
  "summary_fg_p05": 320.1248229980469,
  "summary_fg_p95": 461.71522827148425,
  "summary_fg_stdv": 45.832584381103516,
  "tsnr": 45.286654031602666
}