{
  "aor": 0.0033796000000000004,
  "aqi": 0.0248006452,
  "bids_meta": {
    "AccelFactPE": 2,
    "AcquisitionNumber": 1,
    "AcquisitionTime": "12:29:38.647500",
    "BandwidthPerPixelPhaseEncode": 43.879,
    "BodyPartExamined": "BRAIN",
    "ConversionSoftware": "dcm2niix",
    "ConversionSoftwareVersion": "v1.0.20170724 GCC4.4.7",
    "DeviceSerialNumber": "67025",
    "EchoTime": 0.025,
    "EchoTrainLength": 43,
    "EffectiveEchoSpacing": 0.000356093,
    "FlipAngle": 90,
    "ImageType": [
      "ORIGINAL",
      "PRIMARY",
      "M",
      "ND",
      "NORM",
      "MOSAIC"
    ],
    "InstitutionAddress": "McClintock_3520A_Los_Angeles_CA_US_90089",
    "InstitutionName": "USC",
    "MagneticFieldStrength": 3,
    "Manufacturer": "Siemens",
    "ManufacturersModelName": "Prisma_fit",
    "PhaseEncodingDirection": "j-",
    "PhaseEncodingLines": 64,
    "ProcedureStepDescription": "Mara_Steve",
    "ProtocolName": "regulate7",
    "RepetitionTime": 2,
    "ScanningSequence": "EP",
    "SequenceName": "_epfid2d1_64",
    "SequenceVariant": "SK_OSP",
    "SeriesDescription": "regulate7",
    "SliceTiming": [
      0.99,
      0,
      1.0425,
      0.0525,
      1.095,
      0.105,
      1.1475,
      0.1575,
      1.2,
      0.21,
      1.25,
      0.2625,
      1.3025,
      0.3125,
      1.355,
      0.365,
      1.4075,
      0.4175,
      1.46,
      0.47,
      1.5125,
      0.5225,
      1.565,
      0.575,
      1.615,
      0.625,
      1.6675,
      0.6775,
      1.72,
      0.73,
      1.7725,
      0.7825,
      1.825,
      0.835,
      1.8775,
      0.8875,
      1.9275,
      0.9375
    ],
    "SoftwareVersions": "syngo_MR_D13D",
    "TaskName": "regulate",
    "TotalReadoutTime": 0.0299118,
    "TrueEchoSpacing": 0.000712186,
    "dataset": "ds003425",
    "modality": "bold",
    "run_id": 7,
    "session_id": "02",
    "subject_id": "11",
    "task_id": "regulate"
  },
  "dummy_trs": 0,
  "dvars_nstd": 21.690202828467733,
  "dvars_std": 1.0794607734677422,
  "dvars_vstd": 0.9678184799193549,
  "efc": 0.6005011839781033,
  "fber": 2321.87255859375,
  "fd_mean": 0.17994224216983756,
  "fd_num": 34,
  "fd_perc": 27.2,
  "fwhm_avg": 1.6099733333333333,
  "fwhm_x": 1.4982566666666666,
  "fwhm_y": 1.71497,
  "fwhm_z": 1.6166933333333333,
  "gcor": 0.0156339,
  "gsr_x": -0.0016985185211524367,
  "gsr_y": 0.03859080374240875,
  "provenance": {
    "md5sum": "e5e03844a7d1455ffc1a49b60177d879",
    "settings": {
      "fd_thres": 0.2,
      "testing": false
    },
    "software": "mriqc",
    "version": "23.0.1",
    "webapi_port": null,
    "webapi_url": "https://mriqc.nimh.nih.gov/api/v1"
  },
  "size_t": 125,
  "size_x": 64,
  "size_y": 64,
  "size_z": 38,
  "snr": 8.468097987024239,
  "spacing_tr": 2.0,
  "spacing_x": 3.0,
  "spacing_y": 3.0,
  "spacing_z": 3.0,
  "summary_bg_k": 15.63141100017108,
  "summary_bg_mad": 6.286233420602949,
  "summary_bg_mean": 22.963390350341797,
  "summary_bg_median": 7.872000217437744,
  "summary_bg_n": 78895.0,
  "summary_bg_p05": 3.0960001945495605,
  "summary_bg_p95": 91.34880142211918,
  "summary_bg_stdv": 36.618221282958984,
  "summary_fg_k": 1.6824815767776675,
  "summary_fg_mad": 46.11486519581316,
  "summary_fg_mean": 388.5525817871094,
  "summary_fg_median": 387.40802001953125,
  "summary_fg_n": 41079.0,
  "summary_fg_p05": 319.9184143066406,
  "summary_fg_p95": 460.584814453125,
  "summary_fg_stdv": 45.74856185913086,
  "tsnr": 48.31771911121905
}