{
  "aor": 0.00765024,
  "aqi": 0.017544213359999998,
  "bids_meta": {
    "AccelFactPE": 2,
    "AcquisitionNumber": 1,
    "AcquisitionTime": "11:59:15.215000",
    "BandwidthPerPixelPhaseEncode": 43.879,
    "BodyPartExamined": "BRAIN",
    "ConversionSoftware": "dcm2niix",
    "ConversionSoftwareVersion": "v1.0.20170724 GCC4.4.7",
    "DeviceSerialNumber": "67025",
    "EchoTime": 0.025,
    "EchoTrainLength": 43,
    "EffectiveEchoSpacing": 0.000356093,
    "FlipAngle": 90,
    "ImageType": [
      "ORIGINAL",
      "PRIMARY",
      "M",
      "ND",
      "NORM",
      "MOSAIC"
    ],
    "InstitutionAddress": "McClintock_3520A_Los_Angeles_CA_US_90089",
    "InstitutionName": "USC",
    "MagneticFieldStrength": 3,
    "Manufacturer": "Siemens",
    "ManufacturersModelName": "Prisma_fit",
    "PhaseEncodingDirection": "j-",
    "PhaseEncodingLines": 64,
    "ProcedureStepDescription": "Mara_Steve",
    "ProtocolName": "regulate1",
    "RepetitionTime": 2,
    "ScanningSequence": "EP",
    "SequenceName": "_epfid2d1_64",
    "SequenceVariant": "SK_OSP",
    "SeriesDescription": "regulate1",
    "SliceTiming": [
      0.99,
      0,
      1.0425,
      0.0525,
      1.095,
      0.105,
      1.145,
      0.155,
      1.1975,
      0.2075,
      1.25,
      0.26,
      1.3025,
      0.3125,
      1.355,
      0.365,
      1.4075,
      0.4175,
      1.4575,
      0.4675,
      1.51,
      0.52,
      1.5625,
      0.5725,
      1.615,
      0.625,
      1.6675,
      0.6775,
      1.72,
      0.73,
      1.77,
      0.7825,
      1.8225,
      0.8325,
      1.875,
      0.885,
      1.9275,
      0.9375
    ],
    "SoftwareVersions": "syngo_MR_D13D",
    "TaskName": "regulate",
    "TotalReadoutTime": 0.0299118,
    "TrueEchoSpacing": 0.000712186,
    "dataset": "ds003425",
    "modality": "bold",
    "run_id": 1,
    "session_id": "02",
    "subject_id": "11",
    "task_id": "regulate"
  },
  "dummy_trs": 0,
  "dvars_nstd": 22.31950277661291,
  "dvars_std": 1.0919963865322582,
  "dvars_vstd": 0.9844050740322577,
  "efc": 0.600383685630919,
  "fber": 2328.2548828125,
  "fd_mean": 0.15182573546691774,
  "fd_num": 14,
  "fd_perc": 11.2,
  "fwhm_avg": 1.5943888888888889,
  "fwhm_x": 1.4696366666666665,
  "fwhm_y": 1.69855,
  "fwhm_z": 1.61498,
  "gcor": 0.0523774,
  "gsr_x": -0.002402567071840167,
  "gsr_y": 0.0393608994781971,
  "provenance": {
    "md5sum": "d4c6ac5ea2451791b91370973d5f1602",
    "settings": {
      "fd_thres": 0.2,
      "testing": false
    },
    "software": "mriqc",
    "version": "23.0.1",
    "webapi_port": null,
    "webapi_url": "https://mriqc.nimh.nih.gov/api/v1"
  },
  "size_t": 125,
  "size_x": 64,
  "size_y": 64,
  "size_z": 38,
  "snr": 8.336218214827435,
  "spacing_tr": 2.0,
  "spacing_x": 3.0,
  "spacing_y": 3.0,
  "spacing_z": 3.0,
  "summary_bg_k": 16.307662305500173,
  "summary_bg_mad": 6.1083213240526355,
  "summary_bg_mean": 22.454795837402344,
  "summary_bg_median": 7.720000267028809,
  "summary_bg_n": 79173.0,
  "summary_bg_p05": 3.056000232696533,
  "summary_bg_p95": 90.44160461425767,
  "summary_bg_stdv": 36.50360107421875,
  "summary_fg_k": 1.5856372676766863,
  "summary_fg_mad": 47.235730209211575,
  "summary_fg_mean": 391.46807861328125,
  "summary_fg_median": 389.4520263671875,
  "summary_fg_n": 41166.0,
  "summary_fg_p05": 322.26600646972656,
  "summary_fg_p95": 465.9280090332031,
  "summary_fg_stdv": 46.71750259399414,
  "tsnr": 53.948472446296364
}