{
  "aor": 0.0020612,
  "aqi": 0.0274583504,
  "bids_meta": {
    "AccelFactPE": 2,
    "AcquisitionNumber": 1,
    "AcquisitionTime": "12:24:53.547500",
    "BandwidthPerPixelPhaseEncode": 43.879,
    "BodyPartExamined": "BRAIN",
    "ConversionSoftware": "dcm2niix",
    "ConversionSoftwareVersion": "v1.0.20170724 GCC4.4.7",
    "DeviceSerialNumber": "67025",
    "EchoTime": 0.025,
    "EchoTrainLength": 43,
    "EffectiveEchoSpacing": 0.000356093,
    "FlipAngle": 90,
    "ImageType": [
      "ORIGINAL",
      "PRIMARY",
      "M",
      "ND",
      "NORM",
      "MOSAIC"
    ],
    "InstitutionAddress": "McClintock_3520A_Los_Angeles_CA_US_90089",
    "InstitutionName": "USC",
    "MagneticFieldStrength": 3,
    "Manufacturer": "Siemens",
    "ManufacturersModelName": "Prisma_fit",
    "PhaseEncodingDirection": "j-",
    "PhaseEncodingLines": 64,
    "ProcedureStepDescription": "Mara_Steve",
    "ProtocolName": "regulate6",
    "RepetitionTime": 2,
    "ScanningSequence": "EP",
    "SequenceName": "_epfid2d1_64",
    "SequenceVariant": "SK_OSP",
    "SeriesDescription": "regulate6",
    "SliceTiming": [
      0.99,
      0,
      1.0425,
      0.0525,
      1.095,
      0.105,
      1.1475,
      0.1575,
      1.1975,
      0.21,
      1.25,
      0.26,
      1.3025,
      0.3125,
      1.355,
      0.365,
      1.4075,
      0.4175,
      1.46,
      0.47,
      1.5125,
      0.5225,
      1.5625,
      0.5725,
      1.615,
      0.625,
      1.6675,
      0.6775,
      1.72,
      0.73,
      1.7725,
      0.7825,
      1.825,
      0.835,
      1.875,
      0.885,
      1.9275,
      0.9375
    ],
    "SoftwareVersions": "syngo_MR_D13D",
    "TaskName": "regulate",
    "TotalReadoutTime": 0.0299118,
    "TrueEchoSpacing": 0.000712186,
    "dataset": "ds003425",
    "modality": "bold",
    "run_id": 6,
    "session_id": "02",
    "subject_id": "11",
    "task_id": "regulate"
  },
  "dummy_trs": 0,
  "dvars_nstd": 21.771850909274193,
  "dvars_std": 1.0369594625806453,
  "dvars_vstd": 0.9155800048387096,
  "efc": 0.5993006303813674,
  "fber": 2372.399169921875,
  "fd_mean": 0.15382881214222927,
  "fd_num": 27,
  "fd_perc": 21.6,
  "fwhm_avg": 1.5999233333333331,
  "fwhm_x": 1.47313,
  "fwhm_y": 1.7052066666666665,
  "fwhm_z": 1.6214333333333333,
  "gcor": 0.0172469,
  "gsr_x": -0.001999550499022007,
  "gsr_y": 0.03804904967546463,
  "provenance": {
    "md5sum": "96085055e5bfde83fb36b39aef3befaa",
    "settings": {
      "fd_thres": 0.2,
      "testing": false
    },
    "software": "mriqc",
    "version": "23.0.1",
    "webapi_port": null,
    "webapi_url": "https://mriqc.nimh.nih.gov/api/v1"
  },
  "size_t": 125,
  "size_x": 64,
  "size_y": 64,
  "size_z": 38,
  "snr": 8.481777393523995,
  "spacing_tr": 2.0,
  "spacing_x": 3.0,
  "spacing_y": 3.0,
  "spacing_z": 3.0,
  "summary_bg_k": 15.523674263250381,
  "summary_bg_mad": 6.132042300662165,
  "summary_bg_mean": 22.896873474121094,
  "summary_bg_median": 7.808000564575195,
  "summary_bg_n": 79142.0,
  "summary_bg_p05": 3.1520001888275146,
  "summary_bg_p95": 91.63120384216305,
  "summary_bg_stdv": 36.68213653564453,
  "summary_fg_k": 1.5488112050190006,
  "summary_fg_mad": 46.42918519129529,
  "summary_fg_mean": 388.41998291015625,
  "summary_fg_median": 386.864013671875,
  "summary_fg_n": 40824.0,
  "summary_fg_p05": 320.176025390625,
  "summary_fg_p95": 460.4640197753906,
  "summary_fg_stdv": 45.61063766479492,
  "tsnr": 47.41183972917497
}