{
  "aor": 0.004302320000000001,
  "aqi": 0.022561847919999996,
  "bids_meta": {
    "AccelFactPE": 2,
    "AcquisitionNumber": 1,
    "AcquisitionTime": "12:09:25.867500",
    "BandwidthPerPixelPhaseEncode": 43.879,
    "BodyPartExamined": "BRAIN",
    "ConversionSoftware": "dcm2niix",
    "ConversionSoftwareVersion": "v1.0.20170724 GCC4.4.7",
    "DeviceSerialNumber": "67025",
    "EchoTime": 0.025,
    "EchoTrainLength": 43,
    "EffectiveEchoSpacing": 0.000356093,
    "FlipAngle": 90,
    "ImageType": [
      "ORIGINAL",
      "PRIMARY",
      "M",
      "ND",
      "NORM",
      "MOSAIC"
    ],
    "InstitutionAddress": "McClintock_3520A_Los_Angeles_CA_US_90089",
    "InstitutionName": "USC",
    "MagneticFieldStrength": 3,
    "Manufacturer": "Siemens",
    "ManufacturersModelName": "Prisma_fit",
    "PhaseEncodingDirection": "j-",
    "PhaseEncodingLines": 64,
    "ProcedureStepDescription": "Mara_Steve",
    "ProtocolName": "regulate3",
    "RepetitionTime": 2,
    "ScanningSequence": "EP",
    "SequenceName": "_epfid2d1_64",
    "SequenceVariant": "SK_OSP",
    "SeriesDescription": "regulate3",
    "SliceTiming": [
      0.99,
      0,
      1.0425,
      0.0525,
      1.0925,
      0.1025,
      1.145,
      0.155,
      1.1975,
      0.2075,
      1.25,
      0.26,
      1.3025,
      0.3125,
      1.355,
      0.365,
      1.405,
      0.415,
      1.4575,
      0.4675,
      1.51,
      0.52,
      1.5625,
      0.5725,
      1.615,
      0.625,
      1.6675,
      0.6775,
      1.7175,
      0.7275,
      1.77,
      0.78,
      1.8225,
      0.8325,
      1.875,
      0.885,
      1.9275,
      0.9375
    ],
    "SoftwareVersions": "syngo_MR_D13D",
    "TaskName": "regulate",
    "TotalReadoutTime": 0.0299118,
    "TrueEchoSpacing": 0.000712186,
    "dataset": "ds003425",
    "modality": "bold",
    "run_id": 3,
    "session_id": "02",
    "subject_id": "11",
    "task_id": "regulate"
  },
  "dummy_trs": 0,
  "dvars_nstd": 22.545634515887095,
  "dvars_std": 1.0176655904032261,
  "dvars_vstd": 0.9378721866129032,
  "efc": 0.6003150500325198,
  "fber": 2354.896240234375,
  "fd_mean": 0.2040186132058655,
  "fd_num": 35,
  "fd_perc": 28.0,
  "fwhm_avg": 1.6055144444444445,
  "fwhm_x": 1.5212533333333333,
  "fwhm_y": 1.7519966666666666,
  "fwhm_z": 1.5432933333333334,
  "gcor": 0.0258282,
  "gsr_x": -0.0016298883128911257,
  "gsr_y": 0.038280799984931946,
  "provenance": {
    "md5sum": "81e2c927cf0c4c3c7d5b14ccf0028ba9",
    "settings": {
      "fd_thres": 0.2,
      "testing": false
    },
    "software": "mriqc",
    "version": "23.0.1",
    "webapi_port": null,
    "webapi_url": "https://mriqc.nimh.nih.gov/api/v1"
  },
  "size_t": 125,
  "size_x": 64,
  "size_y": 64,
  "size_z": 38,
  "snr": 8.389195531792529,
  "spacing_tr": 2.0,
  "spacing_x": 3.0,
  "spacing_y": 3.0,
  "spacing_z": 3.0,
  "summary_bg_k": 15.754584877220346,
  "summary_bg_mad": 6.191347039805431,
  "summary_bg_mean": 22.4883975982666,
  "summary_bg_median": 7.712000370025635,
  "summary_bg_n": 79169.0,
  "summary_bg_p05": 2.952000141143799,
  "summary_bg_p95": 89.72480316162103,
  "summary_bg_stdv": 36.15147399902344,
  "summary_fg_k": 1.5196405230098078,
  "summary_fg_mad": 46.73160563894212,
  "summary_fg_mean": 388.3612365722656,
  "summary_fg_median": 386.864013671875,
  "summary_fg_n": 41189.0,
  "summary_fg_p05": 318.747216796875,
  "summary_fg_p95": 460.8688110351562,
  "summary_fg_stdv": 46.11399459838867,
  "tsnr": 49.92191700334661
}