{
  "aor": 0.0005299212598425197,
  "aqi": 0.039792255118110235,
  "bids_meta": {
    "AccelFactPE": 2,
    "AcquisitionNumber": 1,
    "AcquisitionTime": "12:40:37.845000",
    "BandwidthPerPixelPhaseEncode": 35.613,
    "BodyPartExamined": "BRAIN",
    "ConversionSoftware": "dcm2niix",
    "ConversionSoftwareVersion": "v1.0.20170724 GCC4.4.7",
    "DeviceSerialNumber": "67025",
    "EchoTime": 0.03,
    "EchoTrainLength": 51,
    "EffectiveEchoSpacing": 0.000359995,
    "FlipAngle": 65,
    "ImageType": [
      "ORIGINAL",
      "PRIMARY",
      "M",
      "ND",
      "NORM",
      "MOSAIC"
    ],
    "InstitutionAddress": "McClintock_3520A_Los_Angeles_CA_US_90089",
    "InstitutionName": "USC",
    "MagneticFieldStrength": 3,
    "Manufacturer": "Siemens",
    "ManufacturersModelName": "Prisma_fit",
    "PhaseEncodingDirection": "i-",
    "PhaseEncodingLines": 78,
    "ProcedureStepDescription": "Mara_Steve",
    "ProtocolName": "wedge_shorter",
    "RepetitionTime": 1.2,
    "ScanningSequence": "EP",
    "SequenceName": "_epfid2d1_78",
    "SequenceVariant": "SK_OSP",
    "SeriesDescription": "wedge_shorter",
    "SliceTiming": [
      0.59,
      0,
      0.65,
      0.06,
      0.7075,
      0.1175,
      0.7675,
      0.1775,
      0.825,
      0.235,
      0.885,
      0.295,
      0.945,
      0.355,
      1.0025,
      0.4125,
      1.0625,
      0.4725,
      1.12,
      0.53
    ],
    "SoftwareVersions": "syngo_MR_D13D",
    "TaskName": "wedge",
    "TotalReadoutTime": 0.0363595,
    "TrueEchoSpacing": 0.000719991,
    "dataset": "ds003425",
    "modality": "bold",
    "run_id": 2,
    "session_id": "02",
    "subject_id": "11",
    "task_id": "wedge"
  },
  "dummy_trs": 0,
  "dvars_nstd": 47.98754430490121,
  "dvars_std": 1.3803417853359672,
  "dvars_vstd": 0.9373465547430823,
  "efc": 0.5103260109095249,
  "fber": 1296.771484375,
  "fd_mean": 0.17718305208644253,
  "fd_num": 75,
  "fd_perc": 29.52755905511811,
  "fwhm_avg": 1.5444867949224566,
  "fwhm_x": 1.6634271255325108,
  "fwhm_y": 1.4298252592348584,
  "fwhm_z": 1.540208,
  "gcor": 0.0206165,
  "gsr_x": -0.020896634086966515,
  "gsr_y": 0.03253774717450142,
  "provenance": {
    "md5sum": "53222b66845170ff7e35cb09008dca1e",
    "settings": {
      "fd_thres": 0.2,
      "testing": false
    },
    "software": "mriqc",
    "version": "23.0.1",
    "webapi_port": null,
    "webapi_url": "https://mriqc.nimh.nih.gov/api/v1"
  },
  "size_t": 254,
  "size_x": 78,
  "size_y": 78,
  "size_z": 20,
  "snr": 7.9190335117135575,
  "spacing_tr": 1.2000000476837158,
  "spacing_x": 2.461538553237915,
  "spacing_y": 2.461538553237915,
  "spacing_z": 2.5,
  "summary_bg_k": 10.584230167649098,
  "summary_bg_mad": 4.5703850062811995,
  "summary_bg_mean": 21.182334899902344,
  "summary_bg_median": 8.4606294631958,
  "summary_bg_n": 78979.0,
  "summary_bg_p05": 4.468503952026367,
  "summary_bg_p95": 91.89566802978499,
  "summary_bg_stdv": 31.11591911315918,
  "summary_fg_k": 3.9406339701905537,
  "summary_fg_mad": 34.34211767537824,
  "summary_fg_mean": 304.0025329589844,
  "summary_fg_median": 304.3385925292969,
  "summary_fg_n": 16176.0,
  "summary_fg_p05": 248.3316879272461,
  "summary_fg_p95": 360.9872055053711,
  "summary_fg_stdv": 38.430091857910156,
  "tsnr": 32.76571528671775
}