{
  "aor": 0.00181848,
  "aqi": 0.0066220683999999985,
  "bids_meta": {
    "AccelFactPE": 2,
    "AcquisitionNumber": 1,
    "AcquisitionTime": "11:26:27.730000",
    "BandwidthPerPixelPhaseEncode": 43.879,
    "BodyPartExamined": "BRAIN",
    "ConversionSoftware": "dcm2niix",
    "ConversionSoftwareVersion": "v1.0.20170724 GCC4.4.7",
    "DeviceSerialNumber": "67025",
    "EchoTime": 0.025,
    "EchoTrainLength": 43,
    "EffectiveEchoSpacing": 0.000356093,
    "FlipAngle": 90,
    "ImageType": [
      "ORIGINAL",
      "PRIMARY",
      "M",
      "ND",
      "NORM",
      "MOSAIC"
    ],
    "InstitutionAddress": "McClintock_3520A_Los_Angeles_CA_US_90089",
    "InstitutionName": "USC",
    "MagneticFieldStrength": 3,
    "Manufacturer": "Siemens",
    "ManufacturersModelName": "Prisma_fit",
    "PhaseEncodingDirection": "i",
    "PhaseEncodingLines": 64,
    "ProcedureStepDescription": "Mara_Steve",
    "ProtocolName": "regulate8",
    "RepetitionTime": 2,
    "ScanningSequence": "EP",
    "SequenceName": "_epfid2d1_64",
    "SequenceVariant": "SK_OSP",
    "SeriesDescription": "regulate8",
    "SliceTiming": [
      0.99,
      0,
      1.0425,
      0.0525,
      1.095,
      0.105,
      1.145,
      0.155,
      1.1975,
      0.2075,
      1.25,
      0.26,
      1.3025,
      0.3125,
      1.355,
      0.365,
      1.4075,
      0.4175,
      1.4575,
      0.47,
      1.51,
      0.52,
      1.5625,
      0.5725,
      1.615,
      0.625,
      1.6675,
      0.6775,
      1.72,
      0.73,
      1.7725,
      0.7825,
      1.8225,
      0.8325,
      1.875,
      0.885,
      1.9275,
      0.9375
    ],
    "SoftwareVersions": "syngo_MR_D13D",
    "TaskName": "regulate",
    "TotalReadoutTime": 0.0299118,
    "TrueEchoSpacing": 0.000712186,
    "dataset": "ds003425",
    "modality": "bold",
    "run_id": 8,
    "session_id": "02",
    "subject_id": "03",
    "task_id": "regulate"
  },
  "dummy_trs": 0,
  "dvars_nstd": 24.925597391290317,
  "dvars_std": 1.4360800033064514,
  "dvars_vstd": 1.0171732837096774,
  "efc": 0.6291041120253347,
  "fber": 1326.287841796875,
  "fd_mean": 0.05189289998095123,
  "fd_num": 1,
  "fd_perc": 0.8,
  "fwhm_avg": 1.5594444444444446,
  "fwhm_x": 1.4425333333333334,
  "fwhm_y": 1.6708866666666669,
  "fwhm_z": 1.5649133333333334,
  "gcor": 0.0409389,
  "gsr_x": 0.018114252015948296,
  "gsr_y": 0.031194817274808884,
  "provenance": {
    "md5sum": "831029a4710af90061e24588e6431608",
    "settings": {
      "fd_thres": 0.2,
      "testing": false
    },
    "software": "mriqc",
    "version": "23.0.1",
    "webapi_port": null,
    "webapi_url": "https://mriqc.nimh.nih.gov/api/v1"
  },
  "size_t": 125,
  "size_x": 64,
  "size_y": 64,
  "size_z": 38,
  "snr": 7.829337301342059,
  "spacing_tr": 2.0,
  "spacing_x": 3.0,
  "spacing_y": 3.0,
  "spacing_z": 3.0,
  "summary_bg_k": 10.291987577634501,
  "summary_bg_mad": 10.295190874226162,
  "summary_bg_mean": 33.20922088623047,
  "summary_bg_median": 11.24000072479248,
  "summary_bg_n": 75598.0,
  "summary_bg_p05": 3.312000274658203,
  "summary_bg_p95": 145.84241027832022,
  "summary_bg_stdv": 52.64741516113281,
  "summary_fg_k": 2.8377197758311237,
  "summary_fg_mad": 53.818465056296255,
  "summary_fg_mean": 419.6558532714844,
  "summary_fg_median": 419.4640197753906,
  "summary_fg_n": 44070.0,
  "summary_fg_p05": 344.5840148925781,
  "summary_fg_p95": 502.0560302734375,
  "summary_fg_stdv": 53.575321197509766,
  "tsnr": 82.91178381163627
}