{
  "aor": 0.00150896,
  "aqi": 0.007225911439999999,
  "bids_meta": {
    "AccelFactPE": 2,
    "AcquisitionNumber": 1,
    "AcquisitionTime": "11:12:7.745000",
    "BandwidthPerPixelPhaseEncode": 43.879,
    "BodyPartExamined": "BRAIN",
    "ConversionSoftware": "dcm2niix",
    "ConversionSoftwareVersion": "v1.0.20170724 GCC4.4.7",
    "DeviceSerialNumber": "67025",
    "EchoTime": 0.025,
    "EchoTrainLength": 43,
    "EffectiveEchoSpacing": 0.000356093,
    "FlipAngle": 90,
    "ImageType": [
      "ORIGINAL",
      "PRIMARY",
      "M",
      "ND",
      "NORM",
      "MOSAIC"
    ],
    "InstitutionAddress": "McClintock_3520A_Los_Angeles_CA_US_90089",
    "InstitutionName": "USC",
    "MagneticFieldStrength": 3,
    "Manufacturer": "Siemens",
    "ManufacturersModelName": "Prisma_fit",
    "PhaseEncodingDirection": "i",
    "PhaseEncodingLines": 64,
    "ProcedureStepDescription": "Mara_Steve",
    "ProtocolName": "regulate5",
    "RepetitionTime": 2,
    "ScanningSequence": "EP",
    "SequenceName": "_epfid2d1_64",
    "SequenceVariant": "SK_OSP",
    "SeriesDescription": "regulate5",
    "SliceTiming": [
      0.99,
      0,
      1.0425,
      0.0525,
      1.0925,
      0.105,
      1.145,
      0.155,
      1.1975,
      0.2075,
      1.25,
      0.26,
      1.3025,
      0.3125,
      1.355,
      0.365,
      1.4075,
      0.4175,
      1.4575,
      0.4675,
      1.51,
      0.52,
      1.5625,
      0.5725,
      1.615,
      0.625,
      1.6675,
      0.6775,
      1.72,
      0.73,
      1.77,
      0.78,
      1.8225,
      0.8325,
      1.875,
      0.885,
      1.9275,
      0.9375
    ],
    "SoftwareVersions": "syngo_MR_D13D",
    "TaskName": "regulate",
    "TotalReadoutTime": 0.0299118,
    "TrueEchoSpacing": 0.000712186,
    "dataset": "ds003425",
    "modality": "bold",
    "run_id": 5,
    "session_id": "02",
    "subject_id": "03",
    "task_id": "regulate"
  },
  "dummy_trs": 0,
  "dvars_nstd": 25.458975576612904,
  "dvars_std": 1.426011635645161,
  "dvars_vstd": 1.0073065494354845,
  "efc": 0.6298127771668761,
  "fber": 1333.77880859375,
  "fd_mean": 0.04784326776488725,
  "fd_num": 1,
  "fd_perc": 0.8,
  "fwhm_avg": 1.5624355555555554,
  "fwhm_x": 1.4375933333333333,
  "fwhm_y": 1.66608,
  "fwhm_z": 1.5836333333333332,
  "gcor": 0.0189947,
  "gsr_x": 0.01817028783261776,
  "gsr_y": 0.030792301520705223,
  "provenance": {
    "md5sum": "e37b46940a6d616e039a899a75477a8a",
    "settings": {
      "fd_thres": 0.2,
      "testing": false
    },
    "software": "mriqc",
    "version": "23.0.1",
    "webapi_port": null,
    "webapi_url": "https://mriqc.nimh.nih.gov/api/v1"
  },
  "size_t": 125,
  "size_x": 64,
  "size_y": 64,
  "size_z": 38,
  "snr": 7.816410111442438,
  "spacing_tr": 2.0,
  "spacing_x": 3.0,
  "spacing_y": 3.0,
  "spacing_z": 3.0,
  "summary_bg_k": 10.141072858010858,
  "summary_bg_mad": 10.271469544136718,
  "summary_bg_mean": 33.50821304321289,
  "summary_bg_median": 11.184000968933105,
  "summary_bg_n": 75487.0,
  "summary_bg_p05": 3.264000177383423,
  "summary_bg_p95": 148.7264083862304,
  "summary_bg_stdv": 53.52477264404297,
  "summary_fg_k": 2.8004940667862357,
  "summary_fg_mad": 53.74731661914415,
  "summary_fg_mean": 419.66729736328125,
  "summary_fg_median": 419.468017578125,
  "summary_fg_n": 44202.0,
  "summary_fg_p05": 343.9120178222656,
  "summary_fg_p95": 502.2160339355469,
  "summary_fg_stdv": 53.6644401550293,
  "tsnr": 80.27884607273154
}