{
  "aor": 0.0014163636363636364,
  "aqi": 0.022014835177865615,
  "bids_meta": {
    "AccelFactPE": 2,
    "AcquisitionNumber": 1,
    "AcquisitionTime": "10:37:33.762500",
    "BandwidthPerPixelPhaseEncode": 35.613,
    "BodyPartExamined": "BRAIN",
    "ConversionSoftware": "dcm2niix",
    "ConversionSoftwareVersion": "v1.0.20170724 GCC4.4.7",
    "DeviceSerialNumber": "67025",
    "EchoTime": 0.03,
    "EchoTrainLength": 51,
    "EffectiveEchoSpacing": 0.000359995,
    "FlipAngle": 65,
    "ImageType": [
      "ORIGINAL",
      "PRIMARY",
      "M",
      "ND",
      "NORM",
      "MOSAIC"
    ],
    "InstitutionAddress": "McClintock_3520A_Los_Angeles_CA_US_90089",
    "InstitutionName": "USC",
    "MagneticFieldStrength": 3,
    "Manufacturer": "Siemens",
    "ManufacturersModelName": "Prisma_fit",
    "PhaseEncodingDirection": "i-",
    "PhaseEncodingLines": 78,
    "ProcedureStepDescription": "Mara_Steve",
    "ProtocolName": "wedge_shorter",
    "RepetitionTime": 1.2,
    "ScanningSequence": "EP",
    "SequenceName": "_epfid2d1_78",
    "SequenceVariant": "SK_OSP",
    "SeriesDescription": "wedge_shorter",
    "SliceTiming": [
      0.59,
      0,
      0.65,
      0.06,
      0.71,
      0.12,
      0.7675,
      0.1775,
      0.8275,
      0.2375,
      0.885,
      0.295,
      0.945,
      0.355,
      1.005,
      0.415,
      1.0625,
      0.4725,
      1.1225,
      0.5325
    ],
    "SoftwareVersions": "syngo_MR_D13D",
    "TaskName": "wedge",
    "TotalReadoutTime": 0.0363595,
    "TrueEchoSpacing": 0.000719991,
    "dataset": "ds003425",
    "modality": "bold",
    "run_id": 1,
    "session_id": "02",
    "subject_id": "03",
    "task_id": "wedge"
  },
  "dummy_trs": 1,
  "dvars_nstd": 57.6155775918254,
  "dvars_std": 1.5584927784523805,
  "dvars_vstd": 1.018544057976191,
  "efc": 0.5196437256814574,
  "fber": 1291.0330810546875,
  "fd_mean": 0.15554481452175198,
  "fd_num": 45,
  "fd_perc": 17.786561264822133,
  "fwhm_avg": 2.32790125485044,
  "fwhm_x": 2.4832883449903003,
  "fwhm_y": 2.1592674195610204,
  "fwhm_z": 2.341148,
  "gcor": 0.0200732,
  "gsr_x": -0.00468615535646677,
  "gsr_y": 0.02306375280022621,
  "provenance": {
    "md5sum": "a2c8fc2561ad3bcdf0dd3f044b78f40e",
    "settings": {
      "fd_thres": 0.2,
      "testing": false
    },
    "software": "mriqc",
    "version": "23.0.1",
    "webapi_port": null,
    "webapi_url": "https://mriqc.nimh.nih.gov/api/v1"
  },
  "size_t": 253,
  "size_x": 78,
  "size_y": 78,
  "size_z": 20,
  "snr": 5.455068943475393,
  "spacing_tr": 1.2000000476837158,
  "spacing_x": 2.461538553237915,
  "spacing_y": 2.461538553237915,
  "spacing_z": 2.5,
  "summary_bg_k": 13.305922973004233,
  "summary_bg_mad": 6.240993293770121,
  "summary_bg_mean": 24.963932037353516,
  "summary_bg_median": 8.956521987915039,
  "summary_bg_n": 76815.0,
  "summary_bg_p05": 3.735177993774414,
  "summary_bg_p95": 117.25336532592782,
  "summary_bg_stdv": 40.146610260009766,
  "summary_fg_k": 3.5151039205277446,
  "summary_fg_mad": 45.52115467606125,
  "summary_fg_mean": 339.29010009765625,
  "summary_fg_median": 346.3834228515625,
  "summary_fg_n": 15603.0,
  "summary_fg_p05": 184.0426986694336,
  "summary_fg_p95": 418.80951232910155,
  "summary_fg_stdv": 63.49549865722656,
  "tsnr": 43.25889873795677
}