{
  "aor": 0.0044404,
  "aqi": 0.01018522344,
  "bids_meta": {
    "AccelFactPE": 2,
    "AcquisitionNumber": 1,
    "AcquisitionTime": "11:02:17.565000",
    "BandwidthPerPixelPhaseEncode": 43.879,
    "BodyPartExamined": "BRAIN",
    "ConversionSoftware": "dcm2niix",
    "ConversionSoftwareVersion": "v1.0.20170724 GCC4.4.7",
    "DeviceSerialNumber": "67025",
    "EchoTime": 0.025,
    "EchoTrainLength": 43,
    "EffectiveEchoSpacing": 0.000356093,
    "FlipAngle": 90,
    "ImageType": [
      "ORIGINAL",
      "PRIMARY",
      "M",
      "ND",
      "NORM",
      "MOSAIC"
    ],
    "InstitutionAddress": "McClintock_3520A_Los_Angeles_CA_US_90089",
    "InstitutionName": "USC",
    "MagneticFieldStrength": 3,
    "Manufacturer": "Siemens",
    "ManufacturersModelName": "Prisma_fit",
    "PhaseEncodingDirection": "i",
    "PhaseEncodingLines": 64,
    "ProcedureStepDescription": "Mara_Steve",
    "ProtocolName": "regulate3",
    "RepetitionTime": 2,
    "ScanningSequence": "EP",
    "SequenceName": "_epfid2d1_64",
    "SequenceVariant": "SK_OSP",
    "SeriesDescription": "regulate3",
    "SliceTiming": [
      0.99,
      0,
      1.0425,
      0.0525,
      1.095,
      0.105,
      1.145,
      0.155,
      1.1975,
      0.2075,
      1.25,
      0.26,
      1.3025,
      0.3125,
      1.355,
      0.365,
      1.4075,
      0.4175,
      1.4575,
      0.4675,
      1.51,
      0.52,
      1.5625,
      0.5725,
      1.615,
      0.625,
      1.6675,
      0.6775,
      1.72,
      0.73,
      1.77,
      0.7825,
      1.8225,
      0.8325,
      1.875,
      0.885,
      1.9275,
      0.9375
    ],
    "SoftwareVersions": "syngo_MR_D13D",
    "TaskName": "regulate",
    "TotalReadoutTime": 0.0299118,
    "TrueEchoSpacing": 0.000712186,
    "dataset": "ds003425",
    "modality": "bold",
    "run_id": 3,
    "session_id": "02",
    "subject_id": "03",
    "task_id": "regulate"
  },
  "dummy_trs": 0,
  "dvars_nstd": 26.2649442917742,
  "dvars_std": 1.3628240314516131,
  "dvars_vstd": 1.014279687016129,
  "efc": 0.6292265277042293,
  "fber": 1331.236328125,
  "fd_mean": 0.09165951371556197,
  "fd_num": 10,
  "fd_perc": 8.0,
  "fwhm_avg": 1.5608377777777778,
  "fwhm_x": 1.4418666666666666,
  "fwhm_y": 1.6690500000000001,
  "fwhm_z": 1.5715966666666665,
  "gcor": 0.110537,
  "gsr_x": 0.01785353012382984,
  "gsr_y": 0.03274834156036377,
  "provenance": {
    "md5sum": "e838caa2b7e23d9b86bbbb3e85d70412",
    "settings": {
      "fd_thres": 0.2,
      "testing": false
    },
    "software": "mriqc",
    "version": "23.0.1",
    "webapi_port": null,
    "webapi_url": "https://mriqc.nimh.nih.gov/api/v1"
  },
  "size_t": 125,
  "size_x": 64,
  "size_y": 64,
  "size_z": 38,
  "snr": 7.9044140762013155,
  "spacing_tr": 2.0,
  "spacing_x": 3.0,
  "spacing_y": 3.0,
  "spacing_z": 3.0,
  "summary_bg_k": 9.831427292822706,
  "summary_bg_mad": 10.484963635821195,
  "summary_bg_mean": 33.511844635009766,
  "summary_bg_median": 11.304000854492188,
  "summary_bg_n": 75721.0,
  "summary_bg_p05": 3.248000144958496,
  "summary_bg_p95": 147.56800842285156,
  "summary_bg_stdv": 53.02275848388672,
  "summary_fg_k": 2.3532638642079187,
  "summary_fg_mad": 53.94300309970558,
  "summary_fg_mean": 421.2643737792969,
  "summary_fg_median": 420.9120178222656,
  "summary_fg_n": 44098.0,
  "summary_fg_p05": 345.4960021972656,
  "summary_fg_p95": 503.6024353027344,
  "summary_fg_stdv": 53.2496452331543,
  "tsnr": 64.62010380008724
}