{
  "aor": 0.0013599999999999999,
  "aqi": 0.00632750984,
  "bids_meta": {
    "AccelFactPE": 2,
    "AcquisitionNumber": 1,
    "AcquisitionTime": "11:16:57.725000",
    "BandwidthPerPixelPhaseEncode": 43.879,
    "BodyPartExamined": "BRAIN",
    "ConversionSoftware": "dcm2niix",
    "ConversionSoftwareVersion": "v1.0.20170724 GCC4.4.7",
    "DeviceSerialNumber": "67025",
    "EchoTime": 0.025,
    "EchoTrainLength": 43,
    "EffectiveEchoSpacing": 0.000356093,
    "FlipAngle": 90,
    "ImageType": [
      "ORIGINAL",
      "PRIMARY",
      "M",
      "ND",
      "NORM",
      "MOSAIC"
    ],
    "InstitutionAddress": "McClintock_3520A_Los_Angeles_CA_US_90089",
    "InstitutionName": "USC",
    "MagneticFieldStrength": 3,
    "Manufacturer": "Siemens",
    "ManufacturersModelName": "Prisma_fit",
    "PhaseEncodingDirection": "i",
    "PhaseEncodingLines": 64,
    "ProcedureStepDescription": "Mara_Steve",
    "ProtocolName": "regulate6",
    "RepetitionTime": 2,
    "ScanningSequence": "EP",
    "SequenceName": "_epfid2d1_64",
    "SequenceVariant": "SK_OSP",
    "SeriesDescription": "regulate6",
    "SliceTiming": [
      0.99,
      0,
      1.0425,
      0.0525,
      1.095,
      0.105,
      1.1475,
      0.1575,
      1.1975,
      0.2075,
      1.25,
      0.26,
      1.3025,
      0.3125,
      1.355,
      0.365,
      1.4075,
      0.4175,
      1.46,
      0.47,
      1.51,
      0.52,
      1.5625,
      0.5725,
      1.615,
      0.625,
      1.6675,
      0.6775,
      1.72,
      0.73,
      1.7725,
      0.7825,
      1.8225,
      0.8325,
      1.875,
      0.885,
      1.9275,
      0.9375
    ],
    "SoftwareVersions": "syngo_MR_D13D",
    "TaskName": "regulate",
    "TotalReadoutTime": 0.0299118,
    "TrueEchoSpacing": 0.000712186,
    "dataset": "ds003425",
    "modality": "bold",
    "run_id": 6,
    "session_id": "02",
    "subject_id": "03",
    "task_id": "regulate"
  },
  "dummy_trs": 0,
  "dvars_nstd": 25.17557699459677,
  "dvars_std": 1.4405753516935489,
  "dvars_vstd": 1.0080459212903232,
  "efc": 0.6294129722181312,
  "fber": 1350.87060546875,
  "fd_mean": 0.04631969134032365,
  "fd_num": 0,
  "fd_perc": 0.0,
  "fwhm_avg": 1.553803333333333,
  "fwhm_x": 1.4297833333333332,
  "fwhm_y": 1.6530466666666666,
  "fwhm_z": 1.5785799999999999,
  "gcor": 0.0148923,
  "gsr_x": 0.017992166802287102,
  "gsr_y": 0.030675601214170456,
  "provenance": {
    "md5sum": "92bd11cc7952df8fbe62b888eae66da2",
    "settings": {
      "fd_thres": 0.2,
      "testing": false
    },
    "software": "mriqc",
    "version": "23.0.1",
    "webapi_port": null,
    "webapi_url": "https://mriqc.nimh.nih.gov/api/v1"
  },
  "size_t": 125,
  "size_x": 64,
  "size_y": 64,
  "size_z": 38,
  "snr": 7.847128390346438,
  "spacing_tr": 2.0,
  "spacing_x": 3.0,
  "spacing_y": 3.0,
  "spacing_z": 3.0,
  "summary_bg_k": 9.976011350227466,
  "summary_bg_mad": 10.224026176998,
  "summary_bg_mean": 33.40947341918945,
  "summary_bg_median": 11.184000968933105,
  "summary_bg_n": 75503.0,
  "summary_bg_p05": 3.30400013923645,
  "summary_bg_p95": 147.75201416015625,
  "summary_bg_stdv": 53.04947280883789,
  "summary_fg_k": 2.7607044913120973,
  "summary_fg_mad": 54.19207918652422,
  "summary_fg_mean": 421.9921569824219,
  "summary_fg_median": 421.72802734375,
  "summary_fg_n": 44159.0,
  "summary_fg_p05": 346.3504211425781,
  "summary_fg_p95": 504.2728332519531,
  "summary_fg_stdv": 53.742366790771484,
  "tsnr": 85.82463873538654
}