{
  "aor": 0.0018943999999999999,
  "aqi": 0.009862653919999999,
  "bids_meta": {
    "AccelFactPE": 2,
    "AcquisitionNumber": 1,
    "AcquisitionTime": "10:52:5.545000",
    "BandwidthPerPixelPhaseEncode": 43.879,
    "BodyPartExamined": "BRAIN",
    "ConversionSoftware": "dcm2niix",
    "ConversionSoftwareVersion": "v1.0.20170724 GCC4.4.7",
    "DeviceSerialNumber": "67025",
    "EchoTime": 0.025,
    "EchoTrainLength": 43,
    "EffectiveEchoSpacing": 0.000356093,
    "FlipAngle": 90,
    "ImageType": [
      "ORIGINAL",
      "PRIMARY",
      "M",
      "ND",
      "NORM",
      "MOSAIC"
    ],
    "InstitutionAddress": "McClintock_3520A_Los_Angeles_CA_US_90089",
    "InstitutionName": "USC",
    "MagneticFieldStrength": 3,
    "Manufacturer": "Siemens",
    "ManufacturersModelName": "Prisma_fit",
    "PhaseEncodingDirection": "i",
    "PhaseEncodingLines": 64,
    "ProcedureStepDescription": "Mara_Steve",
    "ProtocolName": "regulate1",
    "RepetitionTime": 2,
    "ScanningSequence": "EP",
    "SequenceName": "_epfid2d1_64",
    "SequenceVariant": "SK_OSP",
    "SeriesDescription": "regulate1",
    "SliceTiming": [
      0.99,
      0,
      1.0425,
      0.0525,
      1.0925,
      0.1025,
      1.145,
      0.155,
      1.1975,
      0.2075,
      1.25,
      0.26,
      1.3025,
      0.3125,
      1.355,
      0.365,
      1.405,
      0.4175,
      1.4575,
      0.4675,
      1.51,
      0.52,
      1.5625,
      0.5725,
      1.615,
      0.625,
      1.6675,
      0.6775,
      1.72,
      0.73,
      1.77,
      0.78,
      1.8225,
      0.8325,
      1.875,
      0.885,
      1.9275,
      0.9375
    ],
    "SoftwareVersions": "syngo_MR_D13D",
    "TaskName": "regulate",
    "TotalReadoutTime": 0.0299118,
    "TrueEchoSpacing": 0.000712186,
    "dataset": "ds003425",
    "modality": "bold",
    "run_id": 1,
    "session_id": "02",
    "subject_id": "03",
    "task_id": "regulate"
  },
  "dummy_trs": 0,
  "dvars_nstd": 25.526126631048374,
  "dvars_std": 1.3426756679838705,
  "dvars_vstd": 0.9762936546774197,
  "efc": 0.6311085717146335,
  "fber": 1298.54833984375,
  "fd_mean": 0.0790691316635336,
  "fd_num": 9,
  "fd_perc": 7.2,
  "fwhm_avg": 1.5784522222222221,
  "fwhm_x": 1.4436733333333331,
  "fwhm_y": 1.6877133333333332,
  "fwhm_z": 1.6039700000000001,
  "gcor": 0.0585137,
  "gsr_x": 0.016083000227808952,
  "gsr_y": 0.03200218826532364,
  "provenance": {
    "md5sum": "ac39d396d42ebddd6def16f29fa7d376",
    "settings": {
      "fd_thres": 0.2,
      "testing": false
    },
    "software": "mriqc",
    "version": "23.0.1",
    "webapi_port": null,
    "webapi_url": "https://mriqc.nimh.nih.gov/api/v1"
  },
  "size_t": 125,
  "size_x": 64,
  "size_y": 64,
  "size_z": 38,
  "snr": 7.782557807637079,
  "spacing_tr": 2.0,
  "spacing_x": 3.0,
  "spacing_y": 3.0,
  "spacing_z": 3.0,
  "summary_bg_k": 10.331693321526027,
  "summary_bg_mad": 10.674735690456403,
  "summary_bg_mean": 34.19361877441406,
  "summary_bg_median": 11.53600025177002,
  "summary_bg_n": 75315.0,
  "summary_bg_p05": 3.2800002098083496,
  "summary_bg_p95": 151.93120574951192,
  "summary_bg_stdv": 54.57107162475586,
  "summary_fg_k": 2.2793478949036903,
  "summary_fg_mad": 55.882244810712024,
  "summary_fg_mean": 425.2580871582031,
  "summary_fg_median": 424.52801513671875,
  "summary_fg_n": 44388.0,
  "summary_fg_p05": 347.9200134277344,
  "summary_fg_p95": 510.15723571777346,
  "summary_fg_stdv": 54.54803466796875,
  "tsnr": 69.52932208310813
}