{
  "aor": 0.012939839999999998,
  "aqi": 0.011776694959999995,
  "bids_meta": {
    "AccelFactPE": 2,
    "AcquisitionNumber": 1,
    "AcquisitionTime": "10:57:0.880000",
    "BandwidthPerPixelPhaseEncode": 43.879,
    "BodyPartExamined": "BRAIN",
    "ConversionSoftware": "dcm2niix",
    "ConversionSoftwareVersion": "v1.0.20170724 GCC4.4.7",
    "DeviceSerialNumber": "67025",
    "EchoTime": 0.025,
    "EchoTrainLength": 43,
    "EffectiveEchoSpacing": 0.000356093,
    "FlipAngle": 90,
    "ImageType": [
      "ORIGINAL",
      "PRIMARY",
      "M",
      "ND",
      "NORM",
      "MOSAIC"
    ],
    "InstitutionAddress": "McClintock_3520A_Los_Angeles_CA_US_90089",
    "InstitutionName": "USC",
    "MagneticFieldStrength": 3,
    "Manufacturer": "Siemens",
    "ManufacturersModelName": "Prisma_fit",
    "PhaseEncodingDirection": "i",
    "PhaseEncodingLines": 64,
    "ProcedureStepDescription": "Mara_Steve",
    "ProtocolName": "regulate2",
    "RepetitionTime": 2,
    "ScanningSequence": "EP",
    "SequenceName": "_epfid2d1_64",
    "SequenceVariant": "SK_OSP",
    "SeriesDescription": "regulate2",
    "SliceTiming": [
      0.99,
      0,
      1.0425,
      0.0525,
      1.095,
      0.105,
      1.1475,
      0.1575,
      1.2,
      0.21,
      1.25,
      0.26,
      1.3025,
      0.3125,
      1.355,
      0.365,
      1.4075,
      0.4175,
      1.46,
      0.47,
      1.5125,
      0.5225,
      1.5625,
      0.5725,
      1.615,
      0.625,
      1.6675,
      0.6775,
      1.72,
      0.73,
      1.7725,
      0.7825,
      1.825,
      0.835,
      1.875,
      0.885,
      1.9275,
      0.9375
    ],
    "SoftwareVersions": "syngo_MR_D13D",
    "TaskName": "regulate",
    "TotalReadoutTime": 0.0299118,
    "TrueEchoSpacing": 0.000712186,
    "dataset": "ds003425",
    "modality": "bold",
    "run_id": 2,
    "session_id": "02",
    "subject_id": "03",
    "task_id": "regulate"
  },
  "dummy_trs": 0,
  "dvars_nstd": 25.85492918516127,
  "dvars_std": 1.408981200483871,
  "dvars_vstd": 1.0834272644354839,
  "efc": 0.6295427380138982,
  "fber": 1401.8306884765625,
  "fd_mean": 0.09876446939817163,
  "fd_num": 9,
  "fd_perc": 7.2,
  "fwhm_avg": 1.5684966666666667,
  "fwhm_x": 1.4608366666666666,
  "fwhm_y": 1.7134533333333335,
  "fwhm_z": 1.5312000000000001,
  "gcor": 0.0345761,
  "gsr_x": 0.01781259849667549,
  "gsr_y": 0.03259667009115219,
  "provenance": {
    "md5sum": "173aaf619f35ecfe363e9f3f701b4b03",
    "settings": {
      "fd_thres": 0.2,
      "testing": false
    },
    "software": "mriqc",
    "version": "23.0.1",
    "webapi_port": null,
    "webapi_url": "https://mriqc.nimh.nih.gov/api/v1"
  },
  "size_t": 125,
  "size_x": 64,
  "size_y": 64,
  "size_z": 38,
  "snr": 7.7101824430364685,
  "spacing_tr": 2.0,
  "spacing_x": 3.0,
  "spacing_y": 3.0,
  "spacing_z": 3.0,
  "summary_bg_k": 10.244380940016613,
  "summary_bg_mad": 10.579850370098628,
  "summary_bg_mean": 33.66646194458008,
  "summary_bg_median": 11.176000595092773,
  "summary_bg_n": 75499.0,
  "summary_bg_p05": 3.008000135421753,
  "summary_bg_p95": 147.22080383300738,
  "summary_bg_stdv": 53.5634765625,
  "summary_fg_k": 2.453511116736868,
  "summary_fg_mad": 54.64281415053645,
  "summary_fg_mean": 421.6791076660156,
  "summary_fg_median": 420.73602294921875,
  "summary_fg_n": 44271.0,
  "summary_fg_p05": 344.7200164794922,
  "summary_fg_p95": 507.7440185546875,
  "summary_fg_stdv": 54.56826400756836,
  "tsnr": 63.613187364302576
}