{
  "aor": 0.002710511811023622,
  "aqi": 0.03337811692913385,
  "bids_meta": {
    "AccelFactPE": 2,
    "AcquisitionNumber": 1,
    "AcquisitionTime": "10:44:4.927500",
    "BandwidthPerPixelPhaseEncode": 35.613,
    "BodyPartExamined": "BRAIN",
    "ConversionSoftware": "dcm2niix",
    "ConversionSoftwareVersion": "v1.0.20170724 GCC4.4.7",
    "DeviceSerialNumber": "67025",
    "EchoTime": 0.03,
    "EchoTrainLength": 51,
    "EffectiveEchoSpacing": 0.000359995,
    "FlipAngle": 65,
    "ImageType": [
      "ORIGINAL",
      "PRIMARY",
      "M",
      "ND",
      "NORM",
      "MOSAIC"
    ],
    "InstitutionAddress": "McClintock_3520A_Los_Angeles_CA_US_90089",
    "InstitutionName": "USC",
    "MagneticFieldStrength": 3,
    "Manufacturer": "Siemens",
    "ManufacturersModelName": "Prisma_fit",
    "PhaseEncodingDirection": "i-",
    "PhaseEncodingLines": 78,
    "ProcedureStepDescription": "Mara_Steve",
    "ProtocolName": "ring_shorter",
    "RepetitionTime": 1.2,
    "ScanningSequence": "EP",
    "SequenceName": "_epfid2d1_78",
    "SequenceVariant": "SK_OSP",
    "SeriesDescription": "ring_shorter",
    "SliceTiming": [
      0.59,
      0,
      0.6475,
      0.0575,
      0.7075,
      0.1175,
      0.7675,
      0.1775,
      0.825,
      0.235,
      0.885,
      0.295,
      0.9425,
      0.3525,
      1.0025,
      0.4125,
      1.0625,
      0.4725,
      1.12,
      0.53
    ],
    "SoftwareVersions": "syngo_MR_D13D",
    "TaskName": "ring",
    "TotalReadoutTime": 0.0363595,
    "TrueEchoSpacing": 0.000719991,
    "dataset": "ds003425",
    "modality": "bold",
    "run_id": 1,
    "session_id": "02",
    "subject_id": "03",
    "task_id": "ring"
  },
  "dummy_trs": 0,
  "dvars_nstd": 54.560856393162055,
  "dvars_std": 1.3921450805138342,
  "dvars_vstd": 0.9425073377865612,
  "efc": 0.5206422337179275,
  "fber": 1282.3065185546875,
  "fd_mean": 0.18300258769672934,
  "fd_num": 87,
  "fd_perc": 34.25196850393701,
  "fwhm_avg": 2.3261657134635505,
  "fwhm_x": 2.4278433470557874,
  "fwhm_y": 2.192181793334864,
  "fwhm_z": 2.358472,
  "gcor": 0.0172328,
  "gsr_x": -0.003035085741430521,
  "gsr_y": 0.02156860940158367,
  "provenance": {
    "md5sum": "4b8a555417211a062bf83ee741ab4717",
    "settings": {
      "fd_thres": 0.2,
      "testing": false
    },
    "software": "mriqc",
    "version": "23.0.1",
    "webapi_port": null,
    "webapi_url": "https://mriqc.nimh.nih.gov/api/v1"
  },
  "size_t": 254,
  "size_x": 78,
  "size_y": 78,
  "size_z": 20,
  "snr": 5.557980259207212,
  "spacing_tr": 1.2000000476837158,
  "spacing_x": 2.461538553237915,
  "spacing_y": 2.461538553237915,
  "spacing_z": 2.5,
  "summary_bg_k": 12.43154887005218,
  "summary_bg_mad": 6.584154422420544,
  "summary_bg_mean": 25.63957405090332,
  "summary_bg_median": 9.141732215881348,
  "summary_bg_n": 76739.0,
  "summary_bg_p05": 3.692913293838501,
  "summary_bg_p95": 121.86850433349589,
  "summary_bg_stdv": 41.03704071044922,
  "summary_fg_k": 3.353197088190842,
  "summary_fg_mad": 44.84290307216391,
  "summary_fg_mean": 342.99383544921875,
  "summary_fg_median": 350.35235595703125,
  "summary_fg_n": 15584.0,
  "summary_fg_p05": 188.10078353881838,
  "summary_fg_p95": 422.8094558715819,
  "summary_fg_stdv": 63.03388977050781,
  "tsnr": 34.48558063665405
}