{
  "aor": 0.0008572834645669291,
  "aqi": 0.01898001968503937,
  "bids_meta": {
    "AccelFactPE": 2,
    "AcquisitionNumber": 1,
    "AcquisitionTime": "11:32:45.277500",
    "BandwidthPerPixelPhaseEncode": 35.613,
    "BodyPartExamined": "BRAIN",
    "ConversionSoftware": "dcm2niix",
    "ConversionSoftwareVersion": "v1.0.20170724 GCC4.4.7",
    "DeviceSerialNumber": "67025",
    "EchoTime": 0.03,
    "EchoTrainLength": 51,
    "EffectiveEchoSpacing": 0.000359995,
    "FlipAngle": 65,
    "ImageType": [
      "ORIGINAL",
      "PRIMARY",
      "M",
      "ND",
      "NORM",
      "MOSAIC"
    ],
    "InstitutionAddress": "McClintock_3520A_Los_Angeles_CA_US_90089",
    "InstitutionName": "USC",
    "MagneticFieldStrength": 3,
    "Manufacturer": "Siemens",
    "ManufacturersModelName": "Prisma_fit",
    "PhaseEncodingDirection": "i-",
    "PhaseEncodingLines": 78,
    "ProcedureStepDescription": "Mara_Steve",
    "ProtocolName": "wedge_shorter",
    "RepetitionTime": 1.2,
    "ScanningSequence": "EP",
    "SequenceName": "_epfid2d1_78",
    "SequenceVariant": "SK_OSP",
    "SeriesDescription": "wedge_shorter",
    "SliceTiming": [
      0.59,
      0,
      0.6475,
      0.0575,
      0.7075,
      0.1175,
      0.7675,
      0.1775,
      0.825,
      0.235,
      0.885,
      0.295,
      0.9425,
      0.3525,
      1.0025,
      0.4125,
      1.06,
      0.4725,
      1.12,
      0.53
    ],
    "SoftwareVersions": "syngo_MR_D13D",
    "TaskName": "wedge",
    "TotalReadoutTime": 0.0363595,
    "TrueEchoSpacing": 0.000719991,
    "dataset": "ds003425",
    "modality": "bold",
    "run_id": 2,
    "session_id": "02",
    "subject_id": "03",
    "task_id": "wedge"
  },
  "dummy_trs": 0,
  "dvars_nstd": 51.713596117944654,
  "dvars_std": 1.5090098692094864,
  "dvars_vstd": 1.0184657046640313,
  "efc": 0.5225155196720114,
  "fber": 1316.11474609375,
  "fd_mean": 0.12319316120529114,
  "fd_num": 6,
  "fd_perc": 2.3622047244094486,
  "fwhm_avg": 2.461768252395909,
  "fwhm_x": 2.5621536545523385,
  "fwhm_y": 2.2780671026353874,
  "fwhm_z": 2.545084,
  "gcor": 0.0273052,
  "gsr_x": -0.0010182298719882965,
  "gsr_y": 0.021813973784446716,
  "provenance": {
    "md5sum": "779b8f76b41b97efae2c50513cbc2ba3",
    "settings": {
      "fd_thres": 0.2,
      "testing": false
    },
    "software": "mriqc",
    "version": "23.0.1",
    "webapi_port": null,
    "webapi_url": "https://mriqc.nimh.nih.gov/api/v1"
  },
  "size_t": 254,
  "size_x": 78,
  "size_y": 78,
  "size_z": 20,
  "snr": 5.292239085061258,
  "spacing_tr": 1.2000000476837158,
  "spacing_x": 2.461538553237915,
  "spacing_y": 2.461538553237915,
  "spacing_z": 2.5,
  "summary_bg_k": 23.804052810182604,
  "summary_bg_mad": 5.644395550078137,
  "summary_bg_mean": 20.60172462463379,
  "summary_bg_median": 8.570866584777832,
  "summary_bg_n": 73336.0,
  "summary_bg_p05": 3.7795276641845703,
  "summary_bg_p95": 81.77755737304688,
  "summary_bg_stdv": 31.522829055786133,
  "summary_fg_k": 3.020569065891479,
  "summary_fg_mad": 45.42365077649828,
  "summary_fg_mean": 336.3626708984375,
  "summary_fg_median": 345.4960632324219,
  "summary_fg_n": 16898.0,
  "summary_fg_p05": 172.76476287841797,
  "summary_fg_p95": 415.45728607177733,
  "summary_fg_stdv": 65.28160095214844,
  "tsnr": 47.607683586422354
}