{
  "aor": 0.00165184,
  "aqi": 0.00707927328,
  "bids_meta": {
    "AccelFactPE": 2,
    "AcquisitionNumber": 1,
    "AcquisitionTime": "11:07:20.660000",
    "BandwidthPerPixelPhaseEncode": 43.879,
    "BodyPartExamined": "BRAIN",
    "ConversionSoftware": "dcm2niix",
    "ConversionSoftwareVersion": "v1.0.20170724 GCC4.4.7",
    "DeviceSerialNumber": "67025",
    "EchoTime": 0.025,
    "EchoTrainLength": 43,
    "EffectiveEchoSpacing": 0.000356093,
    "FlipAngle": 90,
    "ImageType": [
      "ORIGINAL",
      "PRIMARY",
      "M",
      "ND",
      "NORM",
      "MOSAIC"
    ],
    "InstitutionAddress": "McClintock_3520A_Los_Angeles_CA_US_90089",
    "InstitutionName": "USC",
    "MagneticFieldStrength": 3,
    "Manufacturer": "Siemens",
    "ManufacturersModelName": "Prisma_fit",
    "PhaseEncodingDirection": "i",
    "PhaseEncodingLines": 64,
    "ProcedureStepDescription": "Mara_Steve",
    "ProtocolName": "regulate4",
    "RepetitionTime": 2,
    "ScanningSequence": "EP",
    "SequenceName": "_epfid2d1_64",
    "SequenceVariant": "SK_OSP",
    "SeriesDescription": "regulate4",
    "SliceTiming": [
      0.99,
      0,
      1.04,
      0.05,
      1.0925,
      0.1025,
      1.145,
      0.155,
      1.1975,
      0.2075,
      1.25,
      0.26,
      1.3025,
      0.3125,
      1.3525,
      0.365,
      1.405,
      0.415,
      1.4575,
      0.4675,
      1.51,
      0.52,
      1.5625,
      0.5725,
      1.615,
      0.625,
      1.6675,
      0.6775,
      1.7175,
      0.7275,
      1.77,
      0.78,
      1.8225,
      0.8325,
      1.875,
      0.885,
      1.9275,
      0.9375
    ],
    "SoftwareVersions": "syngo_MR_D13D",
    "TaskName": "regulate",
    "TotalReadoutTime": 0.0299118,
    "TrueEchoSpacing": 0.000712186,
    "dataset": "ds003425",
    "modality": "bold",
    "run_id": 4,
    "session_id": "02",
    "subject_id": "03",
    "task_id": "regulate"
  },
  "dummy_trs": 0,
  "dvars_nstd": 24.206888845080638,
  "dvars_std": 1.401871536129033,
  "dvars_vstd": 1.0078738912096776,
  "efc": 0.6292410726538146,
  "fber": 1387.0462646484375,
  "fd_mean": 0.044177829154229714,
  "fd_num": 0,
  "fd_perc": 0.0,
  "fwhm_avg": 1.5717233333333331,
  "fwhm_x": 1.4464833333333333,
  "fwhm_y": 1.6806266666666667,
  "fwhm_z": 1.5880599999999998,
  "gcor": 0.0148538,
  "gsr_x": 0.018265962600708008,
  "gsr_y": 0.03120945580303669,
  "provenance": {
    "md5sum": "ba2f3cbbb0813eb99a52922009205320",
    "settings": {
      "fd_thres": 0.2,
      "testing": false
    },
    "software": "mriqc",
    "version": "23.0.1",
    "webapi_port": null,
    "webapi_url": "https://mriqc.nimh.nih.gov/api/v1"
  },
  "size_t": 125,
  "size_x": 64,
  "size_y": 64,
  "size_z": 38,
  "snr": 7.801212603185471,
  "spacing_tr": 2.0,
  "spacing_x": 3.0,
  "spacing_y": 3.0,
  "spacing_z": 3.0,
  "summary_bg_k": 10.313730139677684,
  "summary_bg_mad": 10.224025470038173,
  "summary_bg_mean": 33.37184143066406,
  "summary_bg_median": 11.072000503540039,
  "summary_bg_n": 75527.0,
  "summary_bg_p05": 3.200000047683716,
  "summary_bg_p95": 147.19521026611324,
  "summary_bg_stdv": 53.370399475097656,
  "summary_fg_k": 2.750573321215665,
  "summary_fg_mad": 54.180224884117955,
  "summary_fg_mean": 420.1684875488281,
  "summary_fg_median": 419.96002197265625,
  "summary_fg_n": 44183.0,
  "summary_fg_p05": 344.4720153808594,
  "summary_fg_p95": 502.72482604980473,
  "summary_fg_stdv": 53.83205032348633,
  "tsnr": 80.07244613906369
}