{
  "aor": 0.0011917599999999998,
  "aqi": 0.00928625224,
  "bids_meta": {
    "AccelFactPE": 2,
    "AcquisitionNumber": 1,
    "AcquisitionTime": "11:21:42.740000",
    "BandwidthPerPixelPhaseEncode": 43.879,
    "BodyPartExamined": "BRAIN",
    "ConversionSoftware": "dcm2niix",
    "ConversionSoftwareVersion": "v1.0.20170724 GCC4.4.7",
    "DeviceSerialNumber": "67025",
    "EchoTime": 0.025,
    "EchoTrainLength": 43,
    "EffectiveEchoSpacing": 0.000356093,
    "FlipAngle": 90,
    "ImageType": [
      "ORIGINAL",
      "PRIMARY",
      "M",
      "ND",
      "NORM",
      "MOSAIC"
    ],
    "InstitutionAddress": "McClintock_3520A_Los_Angeles_CA_US_90089",
    "InstitutionName": "USC",
    "MagneticFieldStrength": 3,
    "Manufacturer": "Siemens",
    "ManufacturersModelName": "Prisma_fit",
    "PhaseEncodingDirection": "i",
    "PhaseEncodingLines": 64,
    "ProcedureStepDescription": "Mara_Steve",
    "ProtocolName": "regulate7",
    "RepetitionTime": 2,
    "ScanningSequence": "EP",
    "SequenceName": "_epfid2d1_64",
    "SequenceVariant": "SK_OSP",
    "SeriesDescription": "regulate7",
    "SliceTiming": [
      0.99,
      0,
      1.04,
      0.0525,
      1.0925,
      0.1025,
      1.145,
      0.155,
      1.1975,
      0.2075,
      1.25,
      0.26,
      1.3025,
      0.3125,
      1.355,
      0.365,
      1.405,
      0.415,
      1.4575,
      0.4675,
      1.51,
      0.52,
      1.5625,
      0.5725,
      1.615,
      0.625,
      1.6675,
      0.6775,
      1.7175,
      0.7275,
      1.77,
      0.78,
      1.8225,
      0.8325,
      1.875,
      0.885,
      1.9275,
      0.9375
    ],
    "SoftwareVersions": "syngo_MR_D13D",
    "TaskName": "regulate",
    "TotalReadoutTime": 0.0299118,
    "TrueEchoSpacing": 0.000712186,
    "dataset": "ds003425",
    "modality": "bold",
    "run_id": 7,
    "session_id": "02",
    "subject_id": "03",
    "task_id": "regulate"
  },
  "dummy_trs": 0,
  "dvars_nstd": 25.520709729919346,
  "dvars_std": 1.3637617354838705,
  "dvars_vstd": 0.9821483364516134,
  "efc": 0.6294640607065325,
  "fber": 1330.6546630859375,
  "fd_mean": 0.07006419865461096,
  "fd_num": 5,
  "fd_perc": 4.0,
  "fwhm_avg": 1.5624455555555556,
  "fwhm_x": 1.4331466666666666,
  "fwhm_y": 1.67023,
  "fwhm_z": 1.58396,
  "gcor": 0.0256436,
  "gsr_x": 0.017597408965229988,
  "gsr_y": 0.0317489430308342,
  "provenance": {
    "md5sum": "c87aa0738b35fd1d0c4eb82252061e85",
    "settings": {
      "fd_thres": 0.2,
      "testing": false
    },
    "software": "mriqc",
    "version": "23.0.1",
    "webapi_port": null,
    "webapi_url": "https://mriqc.nimh.nih.gov/api/v1"
  },
  "size_t": 125,
  "size_x": 64,
  "size_y": 64,
  "size_z": 38,
  "snr": 7.850253028862174,
  "spacing_tr": 2.0,
  "spacing_x": 3.0,
  "spacing_y": 3.0,
  "spacing_z": 3.0,
  "summary_bg_k": 10.042896674949754,
  "summary_bg_mad": 10.36635557145432,
  "summary_bg_mean": 33.44794845581055,
  "summary_bg_median": 11.280000686645508,
  "summary_bg_n": 75608.0,
  "summary_bg_p05": 3.2720000743865967,
  "summary_bg_p95": 148.2664062499999,
  "summary_bg_stdv": 53.07638931274414,
  "summary_fg_k": 2.840905700114533,
  "summary_fg_mad": 53.98451578084202,
  "summary_fg_mean": 421.32110595703125,
  "summary_fg_median": 421.260009765625,
  "summary_fg_n": 44134.0,
  "summary_fg_p05": 346.22361907958987,
  "summary_fg_p95": 503.7680358886719,
  "summary_fg_stdv": 53.66135787963867,
  "tsnr": 71.41641826927662
}