{
  "aor": 0.00198328,
  "aqi": 0.008510834,
  "bids_meta": {
    "AccelFactPE": 2,
    "AcquisitionNumber": 1,
    "AcquisitionTime": "12:47:51.860000",
    "BandwidthPerPixelPhaseEncode": 43.879,
    "BodyPartExamined": "BRAIN",
    "ConversionSoftware": "dcm2niix",
    "ConversionSoftwareVersion": "v1.0.20170724 GCC4.4.7",
    "DeviceSerialNumber": "67025",
    "EchoTime": 0.025,
    "EchoTrainLength": 43,
    "EffectiveEchoSpacing": 0.000356093,
    "FlipAngle": 90,
    "ImageType": [
      "ORIGINAL",
      "PRIMARY",
      "M",
      "ND",
      "NORM",
      "MOSAIC"
    ],
    "InstitutionAddress": "McClintock_3520A_Los_Angeles_CA_US_90089",
    "InstitutionName": "USC",
    "MagneticFieldStrength": 3,
    "Manufacturer": "Siemens",
    "ManufacturersModelName": "Prisma_fit",
    "PhaseEncodingDirection": "i",
    "PhaseEncodingLines": 64,
    "ProcedureStepDescription": "Mara_Steve",
    "ProtocolName": "regulate4",
    "RepetitionTime": 2,
    "ScanningSequence": "EP",
    "SequenceName": "_epfid2d1_64",
    "SequenceVariant": "SK_OSP",
    "SeriesDescription": "regulate4",
    "SliceTiming": [
      0.99,
      0,
      1.0425,
      0.0525,
      1.095,
      0.105,
      1.1475,
      0.1575,
      1.1975,
      0.2075,
      1.25,
      0.26,
      1.3025,
      0.3125,
      1.355,
      0.365,
      1.4075,
      0.4175,
      1.46,
      0.47,
      1.51,
      0.52,
      1.5625,
      0.5725,
      1.615,
      0.625,
      1.6675,
      0.6775,
      1.72,
      0.73,
      1.7725,
      0.7825,
      1.8225,
      0.835,
      1.875,
      0.885,
      1.9275,
      0.9375
    ],
    "SoftwareVersions": "syngo_MR_D13D",
    "TaskName": "regulate",
    "TotalReadoutTime": 0.0299118,
    "TrueEchoSpacing": 0.000712186,
    "dataset": "ds003425",
    "modality": "bold",
    "run_id": 4,
    "session_id": "02",
    "subject_id": "13",
    "task_id": "regulate"
  },
  "dummy_trs": 0,
  "dvars_nstd": 28.64802800491934,
  "dvars_std": 1.5362183550000004,
  "dvars_vstd": 1.0073061841935487,
  "efc": 0.6017937693199024,
  "fber": 1971.610595703125,
  "fd_mean": 0.06057059925373765,
  "fd_num": 1,
  "fd_perc": 0.8,
  "fwhm_avg": 1.5593044444444446,
  "fwhm_x": 1.4666366666666668,
  "fwhm_y": 1.60925,
  "fwhm_z": 1.6020266666666665,
  "gcor": 0.0159113,
  "gsr_x": 0.0012107654474675655,
  "gsr_y": 0.03396203741431236,
  "provenance": {
    "md5sum": "8200c47b2e9d5a563e1b2d99dff7d63e",
    "settings": {
      "fd_thres": 0.2,
      "testing": false
    },
    "software": "mriqc",
    "version": "23.0.1",
    "webapi_port": null,
    "webapi_url": "https://mriqc.nimh.nih.gov/api/v1"
  },
  "size_t": 125,
  "size_x": 64,
  "size_y": 64,
  "size_z": 38,
  "snr": 8.351324008829371,
  "spacing_tr": 2.0,
  "spacing_x": 3.0,
  "spacing_y": 3.0,
  "spacing_z": 3.0,
  "summary_bg_k": 15.673578408077312,
  "summary_bg_mad": 8.682119219349133,
  "summary_bg_mean": 27.38112449645996,
  "summary_bg_median": 9.544000625610352,
  "summary_bg_n": 79720.0,
  "summary_bg_p05": 2.704000234603882,
  "summary_bg_p95": 110.96080665588383,
  "summary_bg_stdv": 44.77170181274414,
  "summary_fg_k": 1.3943579834274127,
  "summary_fg_mad": 52.38922982133336,
  "summary_fg_mean": 431.0950622558594,
  "summary_fg_median": 429.7120056152344,
  "summary_fg_n": 40648.0,
  "summary_fg_p05": 356.0268157958984,
  "summary_fg_p95": 513.7064392089844,
  "summary_fg_stdv": 51.4537239074707,
  "tsnr": 82.24552568164654
}