{
  "bids_meta": {
    "AccelFactPE": 2,
    "AcquisitionNumber": 1,
    "AcquisitionTime": "11:48:11.507500",
    "BodyPartExamined": "BRAIN",
    "ConversionSoftware": "dcm2niix",
    "ConversionSoftwareVersion": "v1.0.20170724 GCC4.4.7",
    "DeviceSerialNumber": "67025",
    "EchoTime": 0.00226,
    "FlipAngle": 9,
    "ImageType": [
      "ORIGINAL",
      "PRIMARY",
      "M",
      "ND",
      "NORM"
    ],
    "InstitutionAddress": "McClintock_3520A_Los_Angeles_CA_US_90089",
    "InstitutionName": "USC",
    "InversionTime": 1.06,
    "MagneticFieldStrength": 3,
    "Manufacturer": "Siemens",
    "ManufacturersModelName": "Prisma_fit",
    "PhaseEncodingDirection": "i-",
    "PhaseEncodingLines": 224,
    "ProcedureStepDescription": "Mara_Steve",
    "ProtocolName": "t1_mprage_short_32channel",
    "RepetitionTime": 2.3,
    "ScanningSequence": "GR_IR",
    "SequenceName": "_tfl3d1_16ns",
    "SequenceVariant": "SK_SP_MP",
    "SeriesDescription": "t1_mprage_short_32channel",
    "SoftwareVersions": "syngo_MR_D13D",
    "dataset": "ds003425",
    "modality": "T1w",
    "session_id": "02",
    "subject_id": "05"
  },
  "cjv": 0.3878751406611562,
  "cnr": 3.5049232048629455,
  "efc": 0.5456096837771124,
  "fber": -1.0,
  "fwhm_avg": 4.453826844899278,
  "fwhm_x": 4.485370534697834,
  "fwhm_y": 4.28386,
  "fwhm_z": 4.59225,
  "icvs_csf": 0.2161798430773218,
  "icvs_gm": 0.43021207184559573,
  "icvs_wm": 0.35360808507708247,
  "inu_med": 0.29965195059776306,
  "inu_range": 0.08467840105295182,
  "provenance": {
    "md5sum": "849d1b17506c1b5fb8b942272039f496",
    "settings": {
      "testing": false
    },
    "software": "mriqc",
    "version": "23.0.1",
    "warnings": {
      "large_rot_frame": true,
      "small_air_mask": false
    },
    "webapi_port": null,
    "webapi_url": "https://mriqc.nimh.nih.gov/api/v1"
  },
  "qi_1": 0.0004922550111653662,
  "qi_2": 0.07432996268108842,
  "rpve_csf": 21.37347614294611,
  "rpve_gm": 11.139676823317306,
  "rpve_wm": 15.213546882241655,
  "size_x": 176,
  "size_y": 224,
  "size_z": 256,
  "snr_csf": 3.313533776982872,
  "snr_gm": 18.666483326105652,
  "snr_total": 17.111297072229615,
  "snr_wm": 29.353874113600316,
  "snrd_csf": 58.39367892414583,
  "snrd_gm": 134.07846126772827,
  "snrd_total": 119.56335638919215,
  "snrd_wm": 166.2179289757023,
  "spacing_x": 0.9999998807907104,
  "spacing_y": 1.0,
  "spacing_z": 1.0,
  "summary_bg_k": 1669.0889770094975,
  "summary_bg_mad": 0.0,
  "summary_bg_mean": 0.5512603824747069,
  "summary_bg_median": 0.0,
  "summary_bg_n": 2886255.0,
  "summary_bg_p05": 0.0,
  "summary_bg_p95": 3.6740778014063835,
  "summary_bg_stdv": 3.941513154124193,
  "summary_csf_k": 1.6816722494573577,
  "summary_csf_mad": 73.63052514204972,
  "summary_csf_mean": 363.25131695319715,
  "summary_csf_median": 351.3153193704784,
  "summary_csf_n": 50422.0,
  "summary_csf_p05": 184.67594608291986,
  "summary_csf_p95": 550.6476866714655,
  "summary_csf_stdv": 106.02331506116421,
  "summary_gm_k": 0.08318323614253353,
  "summary_gm_mad": 42.28580359563498,
  "summary_gm_mean": 805.6840806225905,
  "summary_gm_median": 806.6595273464918,
  "summary_gm_n": 34678.0,
  "summary_gm_p05": 733.4928922727704,
  "summary_gm_p95": 875.7773286830634,
  "summary_gm_stdv": 43.21370460950482,
  "summary_wm_k": 0.6708873626157876,
  "summary_wm_mad": 32.714302229674175,
  "summary_wm_mean": 1001.3435905020618,
  "summary_wm_median": 1000.0209933519363,
  "summary_wm_n": 200293.0,
  "summary_wm_p05": 948.1220200657845,
  "summary_wm_p95": 1059.0581749379635,
  "summary_wm_stdv": 34.067683641466076,
  "tpm_overlap_csf": 0.16432238581239345,
  "tpm_overlap_gm": 0.4703258466611749,
  "tpm_overlap_wm": 0.5186400805686515,
  "wm2max": 0.8963155319709458
}