{
  "bids_meta": {
    "AccelFactPE": 2,
    "AcquisitionNumber": 1,
    "AcquisitionTime": "10:27:57.645000",
    "BodyPartExamined": "BRAIN",
    "ConversionSoftware": "dcm2niix",
    "ConversionSoftwareVersion": "v1.0.20170724 GCC4.4.7",
    "DeviceSerialNumber": "67025",
    "EchoTime": 0.00226,
    "FlipAngle": 9,
    "ImageType": [
      "ORIGINAL",
      "PRIMARY",
      "M",
      "ND",
      "NORM"
    ],
    "InstitutionAddress": "McClintock_3520A_Los_Angeles_CA_US_90089",
    "InstitutionName": "USC",
    "InversionTime": 1.06,
    "MagneticFieldStrength": 3,
    "Manufacturer": "Siemens",
    "ManufacturersModelName": "Prisma_fit",
    "PhaseEncodingDirection": "i-",
    "PhaseEncodingLines": 224,
    "ProcedureStepDescription": "Mara_Steve",
    "ProtocolName": "t1_mprage_short_32channel",
    "RepetitionTime": 2.3,
    "ScanningSequence": "GR_IR",
    "SequenceName": "_tfl3d1_16ns",
    "SequenceVariant": "SK_SP_MP",
    "SeriesDescription": "t1_mprage_short_32channel",
    "SoftwareVersions": "syngo_MR_D13D",
    "dataset": "ds003425",
    "modality": "T1w",
    "session_id": "02",
    "subject_id": "12"
  },
  "cjv": 0.3697970574313219,
  "cnr": 3.684196032547416,
  "efc": 0.605664382449579,
  "fber": -1.0,
  "fwhm_avg": 4.266961352640442,
  "fwhm_x": 4.153814057921326,
  "fwhm_y": 4.24941,
  "fwhm_z": 4.39766,
  "icvs_csf": 0.1877900368707607,
  "icvs_gm": 0.45557912260179895,
  "icvs_wm": 0.3566308405274404,
  "inu_med": 0.29420655965805054,
  "inu_range": 0.08279600739479065,
  "provenance": {
    "md5sum": "0c20a35bb4b96dbe26230355524d8c25",
    "settings": {
      "testing": false
    },
    "software": "mriqc",
    "version": "23.0.1",
    "warnings": {
      "large_rot_frame": true,
      "small_air_mask": false
    },
    "webapi_port": null,
    "webapi_url": "https://mriqc.nimh.nih.gov/api/v1"
  },
  "qi_1": 0.0006707530111018708,
  "qi_2": 0.031257639441883305,
  "rpve_csf": 21.276807291013544,
  "rpve_gm": 9.667099243185946,
  "rpve_wm": 13.817919358604046,
  "size_x": 176,
  "size_y": 224,
  "size_z": 256,
  "snr_csf": 3.4999154057750093,
  "snr_gm": 18.268219522474034,
  "snr_total": 17.44300818924323,
  "snr_wm": 30.560889639480646,
  "snrd_csf": 100.78705451560482,
  "snrd_gm": 223.06074818674716,
  "snrd_total": 201.05018824084175,
  "snrd_wm": 279.30276202017325,
  "spacing_x": 1.0000014305114746,
  "spacing_y": 1.0,
  "spacing_z": 1.0,
  "summary_bg_k": 51.9451538290085,
  "summary_bg_mad": 0.0,
  "summary_bg_mean": 0.6463890632584132,
  "summary_bg_median": 0.0,
  "summary_bg_n": 2304161.0,
  "summary_bg_p05": 0.0,
  "summary_bg_p95": 3.899333830922842,
  "summary_bg_stdv": 2.345712560212176,
  "summary_csf_k": 1.670519529703987,
  "summary_csf_mad": 69.65517753074877,
  "summary_csf_mean": 363.267961039049,
  "summary_csf_median": 360.86753794178367,
  "summary_csf_n": 37499.0,
  "summary_csf_p05": 163.5781080812216,
  "summary_csf_p95": 539.8574995212257,
  "summary_csf_stdv": 103.1061281134913,
  "summary_gm_k": 0.1061877996086098,
  "summary_gm_mad": 43.15558554058504,
  "summary_gm_mean": 797.1238770544848,
  "summary_gm_median": 798.6678784936666,
  "summary_gm_n": 50949.0,
  "summary_gm_p05": 723.1894220151007,
  "summary_gm_p95": 866.6005970723927,
  "summary_gm_stdv": 43.71854846376896,
  "summary_wm_k": 0.7199040243826791,
  "summary_wm_mad": 31.312017894037805,
  "summary_wm_mean": 1000.7831529747504,
  "summary_wm_median": 1000.0421240106225,
  "summary_wm_n": 214825.0,
  "summary_wm_p05": 949.3507842086256,
  "summary_wm_p95": 1055.138657167554,
  "summary_wm_stdv": 32.722862725242756,
  "tpm_overlap_csf": 0.1587090145564006,
  "tpm_overlap_gm": 0.4736124980117197,
  "tpm_overlap_wm": 0.5029946317578257,
  "wm2max": 0.8839826355895888
}