{
  "aor": 0.0007442125984251968,
  "aqi": 0.022873131102362203,
  "bids_meta": {
    "AccelFactPE": 2,
    "AcquisitionNumber": 1,
    "AcquisitionTime": "12:26:22.567500",
    "BandwidthPerPixelPhaseEncode": 35.613,
    "BodyPartExamined": "BRAIN",
    "ConversionSoftware": "dcm2niix",
    "ConversionSoftwareVersion": "v1.0.20170724 GCC4.4.7",
    "DeviceSerialNumber": "67025",
    "EchoTime": 0.03,
    "EchoTrainLength": 51,
    "EffectiveEchoSpacing": 0.000359995,
    "FlipAngle": 65,
    "ImageType": [
      "ORIGINAL",
      "PRIMARY",
      "M",
      "ND",
      "NORM",
      "MOSAIC"
    ],
    "InstitutionAddress": "McClintock_3520A_Los_Angeles_CA_US_90089",
    "InstitutionName": "USC",
    "MagneticFieldStrength": 3,
    "Manufacturer": "Siemens",
    "ManufacturersModelName": "Prisma_fit",
    "PhaseEncodingDirection": "i-",
    "PhaseEncodingLines": 78,
    "ProcedureStepDescription": "Mara_Steve",
    "ProtocolName": "ring_shorter",
    "RepetitionTime": 1.2,
    "ScanningSequence": "EP",
    "SequenceName": "_epfid2d1_78",
    "SequenceVariant": "SK_OSP",
    "SeriesDescription": "ring_shorter",
    "SliceTiming": [
      0.59,
      0,
      0.65,
      0.06,
      0.7075,
      0.1175,
      0.7675,
      0.1775,
      0.8275,
      0.2375,
      0.885,
      0.295,
      0.945,
      0.355,
      1.0025,
      0.4125,
      1.0625,
      0.4725,
      1.1225,
      0.5325
    ],
    "SoftwareVersions": "syngo_MR_D13D",
    "TaskName": "ring",
    "TotalReadoutTime": 0.0363595,
    "TrueEchoSpacing": 0.000719991,
    "dataset": "ds003425",
    "modality": "bold",
    "run_id": 1,
    "session_id": "02",
    "subject_id": "10",
    "task_id": "ring"
  },
  "dummy_trs": 0,
  "dvars_nstd": 55.99443799071146,
  "dvars_std": 1.4934182064426873,
  "dvars_vstd": 0.9983007073517784,
  "efc": 0.5072941448135134,
  "fber": 1453.0003662109375,
  "fd_mean": 0.18341904102776635,
  "fd_num": 95,
  "fd_perc": 37.40157480314961,
  "fwhm_avg": 2.608652685426488,
  "fwhm_x": 2.7292036483292414,
  "fwhm_y": 2.4709424079502225,
  "fwhm_z": 2.6258120000000003,
  "gcor": 0.0189002,
  "gsr_x": -0.008896264247596264,
  "gsr_y": 0.022603284567594528,
  "provenance": {
    "md5sum": "9b226ea0b6180b1cdf8bff97c93cdb94",
    "settings": {
      "fd_thres": 0.2,
      "testing": false
    },
    "software": "mriqc",
    "version": "23.0.1",
    "webapi_port": null,
    "webapi_url": "https://mriqc.nimh.nih.gov/api/v1"
  },
  "size_t": 254,
  "size_x": 78,
  "size_y": 78,
  "size_z": 20,
  "snr": 4.869882486656145,
  "spacing_tr": 1.2000000476837158,
  "spacing_x": 2.461538553237915,
  "spacing_y": 2.461538553237915,
  "spacing_z": 2.5,
  "summary_bg_k": 48.85906148876853,
  "summary_bg_mad": 4.453644022821703,
  "summary_bg_mean": 17.463958740234375,
  "summary_bg_median": 7.381889820098877,
  "summary_bg_n": 75085.0,
  "summary_bg_p05": 3.5551180839538574,
  "summary_bg_p95": 71.18031158447272,
  "summary_bg_stdv": 28.784914016723633,
  "summary_fg_k": 2.153076666735732,
  "summary_fg_mad": 41.711308569889205,
  "summary_fg_mean": 299.11328125,
  "summary_fg_median": 307.6121826171875,
  "summary_fg_n": 15312.0,
  "summary_fg_p05": 150.09664764404297,
  "summary_fg_p95": 379.16337585449213,
  "summary_fg_stdv": 63.164180755615234,
  "tsnr": 40.19690046925098
}