{
  "aor": 0.00151168,
  "aqi": 0.006562451920000001,
  "bids_meta": {
    "AccelFactPE": 2,
    "AcquisitionNumber": 1,
    "AcquisitionTime": "12:49:11.305000",
    "BandwidthPerPixelPhaseEncode": 43.879,
    "BodyPartExamined": "BRAIN",
    "ConversionSoftware": "dcm2niix",
    "ConversionSoftwareVersion": "v1.0.20170724 GCC4.4.7",
    "DeviceSerialNumber": "67025",
    "EchoTime": 0.025,
    "EchoTrainLength": 43,
    "EffectiveEchoSpacing": 0.000356093,
    "FlipAngle": 90,
    "ImageType": [
      "ORIGINAL",
      "PRIMARY",
      "M",
      "ND",
      "NORM",
      "MOSAIC"
    ],
    "InstitutionAddress": "McClintock_3520A_Los_Angeles_CA_US_90089",
    "InstitutionName": "USC",
    "MagneticFieldStrength": 3,
    "Manufacturer": "Siemens",
    "ManufacturersModelName": "Prisma_fit",
    "PhaseEncodingDirection": "j-",
    "PhaseEncodingLines": 64,
    "ProcedureStepDescription": "Mara_Steve",
    "ProtocolName": "regulate4",
    "RepetitionTime": 2,
    "ScanningSequence": "EP",
    "SequenceName": "_epfid2d1_64",
    "SequenceVariant": "SK_OSP",
    "SeriesDescription": "regulate4",
    "SliceTiming": [
      0.99,
      0,
      1.0425,
      0.0525,
      1.095,
      0.105,
      1.145,
      0.155,
      1.1975,
      0.2075,
      1.25,
      0.26,
      1.3025,
      0.3125,
      1.355,
      0.365,
      1.4075,
      0.4175,
      1.4575,
      0.47,
      1.51,
      0.52,
      1.5625,
      0.5725,
      1.615,
      0.625,
      1.6675,
      0.6775,
      1.72,
      0.73,
      1.7725,
      0.7825,
      1.8225,
      0.8325,
      1.875,
      0.885,
      1.9275,
      0.9375
    ],
    "SoftwareVersions": "syngo_MR_D13D",
    "TaskName": "regulate",
    "TotalReadoutTime": 0.0299118,
    "TrueEchoSpacing": 0.000712186,
    "dataset": "ds003425",
    "modality": "bold",
    "run_id": 4,
    "session_id": "02",
    "subject_id": "10",
    "task_id": "regulate"
  },
  "dummy_trs": 0,
  "dvars_nstd": 27.0742185042742,
  "dvars_std": 1.3946829026612897,
  "dvars_vstd": 1.017786780564516,
  "efc": 0.6384383981234711,
  "fber": 1960.512939453125,
  "fd_mean": 0.07726259124172218,
  "fd_num": 1,
  "fd_perc": 0.8,
  "fwhm_avg": 1.6339844444444445,
  "fwhm_x": 1.5107733333333335,
  "fwhm_y": 1.70415,
  "fwhm_z": 1.68703,
  "gcor": 0.00994255,
  "gsr_x": -0.008885780349373817,
  "gsr_y": 0.05489140748977661,
  "provenance": {
    "md5sum": "1b9998d41212ea35db7c2e3a80ff8232",
    "settings": {
      "fd_thres": 0.2,
      "testing": false
    },
    "software": "mriqc",
    "version": "23.0.1",
    "webapi_port": null,
    "webapi_url": "https://mriqc.nimh.nih.gov/api/v1"
  },
  "size_t": 125,
  "size_x": 64,
  "size_y": 64,
  "size_z": 38,
  "snr": 7.425945347987362,
  "spacing_tr": 2.0,
  "spacing_x": 3.0,
  "spacing_y": 3.0,
  "spacing_z": 3.0,
  "summary_bg_k": 11.599450895665651,
  "summary_bg_mad": 6.5234495493367,
  "summary_bg_mean": 27.897321701049805,
  "summary_bg_median": 8.223999977111816,
  "summary_bg_n": 72705.0,
  "summary_bg_p05": 3.2240002155303955,
  "summary_bg_p95": 122.22880249023441,
  "summary_bg_stdv": 44.82624435424805,
  "summary_fg_k": 2.2436427240363077,
  "summary_fg_mad": 49.945931408201,
  "summary_fg_mean": 395.01153564453125,
  "summary_fg_median": 391.6080322265625,
  "summary_fg_n": 46947.0,
  "summary_fg_p05": 321.6424133300781,
  "summary_fg_p95": 483.41361694335933,
  "summary_fg_stdv": 52.73454666137695,
  "tsnr": 82.82029054826126
}