{
  "aor": 0.0014109599999999997,
  "aqi": 0.006984421280000001,
  "bids_meta": {
    "AccelFactPE": 2,
    "AcquisitionNumber": 1,
    "AcquisitionTime": "12:39:30.555000",
    "BandwidthPerPixelPhaseEncode": 43.879,
    "BodyPartExamined": "BRAIN",
    "ConversionSoftware": "dcm2niix",
    "ConversionSoftwareVersion": "v1.0.20170724 GCC4.4.7",
    "DeviceSerialNumber": "67025",
    "EchoTime": 0.025,
    "EchoTrainLength": 43,
    "EffectiveEchoSpacing": 0.000356093,
    "FlipAngle": 90,
    "ImageType": [
      "ORIGINAL",
      "PRIMARY",
      "M",
      "ND",
      "NORM",
      "MOSAIC"
    ],
    "InstitutionAddress": "McClintock_3520A_Los_Angeles_CA_US_90089",
    "InstitutionName": "USC",
    "MagneticFieldStrength": 3,
    "Manufacturer": "Siemens",
    "ManufacturersModelName": "Prisma_fit",
    "PhaseEncodingDirection": "j-",
    "PhaseEncodingLines": 64,
    "ProcedureStepDescription": "Mara_Steve",
    "ProtocolName": "regulate2",
    "RepetitionTime": 2,
    "ScanningSequence": "EP",
    "SequenceName": "_epfid2d1_64",
    "SequenceVariant": "SK_OSP",
    "SeriesDescription": "regulate2",
    "SliceTiming": [
      0.99,
      0,
      1.0425,
      0.0525,
      1.095,
      0.105,
      1.145,
      0.155,
      1.1975,
      0.2075,
      1.25,
      0.26,
      1.3025,
      0.3125,
      1.355,
      0.365,
      1.4075,
      0.4175,
      1.4575,
      0.47,
      1.51,
      0.52,
      1.5625,
      0.5725,
      1.615,
      0.625,
      1.6675,
      0.6775,
      1.72,
      0.73,
      1.7725,
      0.7825,
      1.8225,
      0.8325,
      1.875,
      0.885,
      1.9275,
      0.9375
    ],
    "SoftwareVersions": "syngo_MR_D13D",
    "TaskName": "regulate",
    "TotalReadoutTime": 0.0299118,
    "TrueEchoSpacing": 0.000712186,
    "dataset": "ds003425",
    "modality": "bold",
    "run_id": 2,
    "session_id": "02",
    "subject_id": "10",
    "task_id": "regulate"
  },
  "dummy_trs": 0,
  "dvars_nstd": 25.67187873766131,
  "dvars_std": 1.3468333590322583,
  "dvars_vstd": 1.0102405612903225,
  "efc": 0.6378938683382827,
  "fber": 1976.074462890625,
  "fd_mean": 0.0707544124223152,
  "fd_num": 2,
  "fd_perc": 1.6,
  "fwhm_avg": 1.638,
  "fwhm_x": 1.5189033333333333,
  "fwhm_y": 1.7028999999999999,
  "fwhm_z": 1.6921966666666668,
  "gcor": 0.00985023,
  "gsr_x": -0.008410266600549221,
  "gsr_y": 0.05313623324036598,
  "provenance": {
    "md5sum": "afba5e73174bf5e0ea2fd9b2c5fa2eac",
    "settings": {
      "fd_thres": 0.2,
      "testing": false
    },
    "software": "mriqc",
    "version": "23.0.1",
    "webapi_port": null,
    "webapi_url": "https://mriqc.nimh.nih.gov/api/v1"
  },
  "size_t": 125,
  "size_x": 64,
  "size_y": 64,
  "size_z": 38,
  "snr": 7.436966089490825,
  "spacing_tr": 2.0,
  "spacing_x": 3.0,
  "spacing_y": 3.0,
  "spacing_z": 3.0,
  "summary_bg_k": 11.87616513412459,
  "summary_bg_mad": 6.535310214381422,
  "summary_bg_mean": 27.719520568847656,
  "summary_bg_median": 8.223999977111816,
  "summary_bg_n": 72676.0,
  "summary_bg_p05": 3.2080001831054688,
  "summary_bg_p95": 120.74200439453125,
  "summary_bg_stdv": 44.52525329589844,
  "summary_fg_k": 2.2256106665006827,
  "summary_fg_mad": 49.70870962378862,
  "summary_fg_mean": 394.8093566894531,
  "summary_fg_median": 391.51202392578125,
  "summary_fg_n": 46886.0,
  "summary_fg_p05": 321.3140106201172,
  "summary_fg_p95": 482.5640182495117,
  "summary_fg_stdv": 52.643489837646484,
  "tsnr": 79.39979161391966
}