{
  "aor": 0.0017599200000000003,
  "aqi": 0.00932378792,
  "bids_meta": {
    "AccelFactPE": 2,
    "AcquisitionNumber": 1,
    "AcquisitionTime": "11:44:48.417500",
    "BandwidthPerPixelPhaseEncode": 43.879,
    "BodyPartExamined": "BRAIN",
    "ConversionSoftware": "dcm2niix",
    "ConversionSoftwareVersion": "v1.0.20170724 GCC4.4.7",
    "DeviceSerialNumber": "67025",
    "EchoTime": 0.025,
    "EchoTrainLength": 43,
    "EffectiveEchoSpacing": 0.000356093,
    "FlipAngle": 90,
    "ImageType": [
      "ORIGINAL",
      "PRIMARY",
      "M",
      "ND",
      "NORM",
      "MOSAIC"
    ],
    "InstitutionAddress": "McClintock_3520A_Los_Angeles_CA_US_90089",
    "InstitutionName": "USC",
    "MagneticFieldStrength": 3,
    "Manufacturer": "Siemens",
    "ManufacturersModelName": "Prisma_fit",
    "PhaseEncodingDirection": "j-",
    "PhaseEncodingLines": 64,
    "ProcedureStepDescription": "JC_rountine",
    "ProtocolName": "learning4",
    "RepetitionTime": 2,
    "ScanningSequence": "EP",
    "SequenceName": "_epfid2d1_64",
    "SequenceVariant": "SK_OSP",
    "SeriesDescription": "learning4",
    "SliceTiming": [
      0.99,
      0,
      1.0425,
      0.0525,
      1.095,
      0.105,
      1.1475,
      0.1575,
      1.2,
      0.21,
      1.25,
      0.26,
      1.3025,
      0.3125,
      1.355,
      0.365,
      1.4075,
      0.4175,
      1.46,
      0.47,
      1.5125,
      0.5225,
      1.5625,
      0.575,
      1.615,
      0.625,
      1.6675,
      0.6775,
      1.72,
      0.73,
      1.7725,
      0.7825,
      1.825,
      0.835,
      1.8775,
      0.8875,
      1.9275,
      0.9375
    ],
    "SoftwareVersions": "syngo_MR_D13D",
    "TaskName": "learning",
    "TotalReadoutTime": 0.0299118,
    "TrueEchoSpacing": 0.000712186,
    "dataset": "ds003425",
    "modality": "bold",
    "run_id": 4,
    "session_id": "01",
    "subject_id": "08",
    "task_id": "learning"
  },
  "dummy_trs": 0,
  "dvars_nstd": 24.92558368580646,
  "dvars_std": 1.3187488925806452,
  "dvars_vstd": 1.0051488893548384,
  "efc": 0.6198464327791069,
  "fber": 1997.344970703125,
  "fd_mean": 0.09276736790243335,
  "fd_num": 8,
  "fd_perc": 6.4,
  "fwhm_avg": 1.6090333333333335,
  "fwhm_x": 1.4984966666666668,
  "fwhm_y": 1.62542,
  "fwhm_z": 1.7031833333333333,
  "gcor": 0.0236898,
  "gsr_x": 0.02874005027115345,
  "gsr_y": 0.027587633579969406,
  "provenance": {
    "md5sum": "2fa034250c5518d08b7427dc0c996755",
    "settings": {
      "fd_thres": 0.2,
      "testing": false
    },
    "software": "mriqc",
    "version": "23.0.1",
    "webapi_port": null,
    "webapi_url": "https://mriqc.nimh.nih.gov/api/v1"
  },
  "size_t": 125,
  "size_x": 64,
  "size_y": 64,
  "size_z": 38,
  "snr": 8.025794507091685,
  "spacing_tr": 2.0,
  "spacing_x": 3.0,
  "spacing_y": 3.0,
  "spacing_z": 3.0,
  "summary_bg_k": 14.490399161407868,
  "summary_bg_mad": 6.606475265089496,
  "summary_bg_mean": 26.59183120727539,
  "summary_bg_median": 8.960000038146973,
  "summary_bg_n": 76856.0,
  "summary_bg_p05": 2.936000108718872,
  "summary_bg_p95": 114.82200241088867,
  "summary_bg_stdv": 45.523704528808594,
  "summary_fg_k": 2.256154572842229,
  "summary_fg_mad": 51.71909977194717,
  "summary_fg_mean": 411.2415771484375,
  "summary_fg_median": 410.3880310058594,
  "summary_fg_n": 44358.0,
  "summary_fg_p05": 337.9244110107422,
  "summary_fg_p95": 491.6172271728516,
  "summary_fg_stdv": 51.133056640625,
  "tsnr": 72.36968925129622
}