{
  "aor": 0.0019343877551020407,
  "aqi": 0.009684720612244896,
  "bids_meta": {
    "AccelFactPE": 2,
    "AcquisitionNumber": 1,
    "AcquisitionTime": "11:03:36.710000",
    "BandwidthPerPixelPhaseEncode": 43.879,
    "BodyPartExamined": "BRAIN",
    "ConversionSoftware": "dcm2niix",
    "ConversionSoftwareVersion": "v1.0.20170724 GCC4.4.7",
    "DeviceSerialNumber": "67025",
    "EchoTime": 0.025,
    "EchoTrainLength": 43,
    "EffectiveEchoSpacing": 0.000356093,
    "FlipAngle": 90,
    "ImageType": [
      "ORIGINAL",
      "PRIMARY",
      "M",
      "ND",
      "NORM",
      "MOSAIC"
    ],
    "InstitutionAddress": "McClintock_3520A_Los_Angeles_CA_US_90089",
    "InstitutionName": "USC",
    "MagneticFieldStrength": 3,
    "Manufacturer": "Siemens",
    "ManufacturersModelName": "Prisma_fit",
    "PhaseEncodingDirection": "j-",
    "PhaseEncodingLines": 64,
    "ProcedureStepDescription": "JC_rountine",
    "ProtocolName": "training4",
    "RepetitionTime": 2,
    "ScanningSequence": "EP",
    "SequenceName": "_epfid2d1_64",
    "SequenceVariant": "SK_OSP",
    "SeriesDescription": "training4",
    "SliceTiming": [
      0.99,
      0,
      1.0425,
      0.0525,
      1.095,
      0.105,
      1.1475,
      0.1575,
      1.2,
      0.21,
      1.25,
      0.26,
      1.3025,
      0.3125,
      1.355,
      0.365,
      1.4075,
      0.4175,
      1.46,
      0.47,
      1.5125,
      0.5225,
      1.5625,
      0.5725,
      1.615,
      0.625,
      1.6675,
      0.6775,
      1.72,
      0.73,
      1.7725,
      0.7825,
      1.825,
      0.835,
      1.875,
      0.8875,
      1.9275,
      0.9375
    ],
    "SoftwareVersions": "syngo_MR_D13D",
    "TaskName": "training",
    "TotalReadoutTime": 0.0299118,
    "TrueEchoSpacing": 0.000712186,
    "dataset": "ds003425",
    "modality": "bold",
    "run_id": 4,
    "session_id": "01",
    "subject_id": "08",
    "task_id": "training"
  },
  "dummy_trs": 0,
  "dvars_nstd": 25.635088359896894,
  "dvars_std": 1.3464811207216492,
  "dvars_vstd": 1.0130283025773197,
  "efc": 0.6335968450828446,
  "fber": 1712.5946044921875,
  "fd_mean": 0.10279630276415709,
  "fd_num": 9,
  "fd_perc": 9.183673469387756,
  "fwhm_avg": 1.5796366666666666,
  "fwhm_x": 1.4591900000000002,
  "fwhm_y": 1.5889499999999999,
  "fwhm_z": 1.6907699999999999,
  "gcor": 0.0133314,
  "gsr_x": 0.013980093412101269,
  "gsr_y": 0.031020132824778557,
  "provenance": {
    "md5sum": "4a014ba5b30ffc186a882d2b0923ddd4",
    "settings": {
      "fd_thres": 0.2,
      "testing": false
    },
    "software": "mriqc",
    "version": "23.0.1",
    "webapi_port": null,
    "webapi_url": "https://mriqc.nimh.nih.gov/api/v1"
  },
  "size_t": 98,
  "size_x": 64,
  "size_y": 64,
  "size_z": 38,
  "snr": 8.081040563097691,
  "spacing_tr": 2.0,
  "spacing_x": 3.0,
  "spacing_y": 3.0,
  "spacing_z": 3.0,
  "summary_bg_k": 11.55591702771682,
  "summary_bg_mad": 7.35249603815815,
  "summary_bg_mean": 30.662002563476562,
  "summary_bg_median": 9.64285659790039,
  "summary_bg_n": 74763.0,
  "summary_bg_p05": 3.18367338180542,
  "summary_bg_p95": 136.68979644775368,
  "summary_bg_stdv": 51.7912712097168,
  "summary_fg_k": 1.7566345376106156,
  "summary_fg_mad": 51.99695195162988,
  "summary_fg_mean": 413.7987060546875,
  "summary_fg_median": 412.5203857421875,
  "summary_fg_n": 45416.0,
  "summary_fg_p05": 339.24234771728516,
  "summary_fg_p95": 494.83416748046875,
  "summary_fg_stdv": 51.047367095947266,
  "tsnr": 70.88757016696036
}