{
  "aor": 0.0013925510204081633,
  "aqi": 0.0094698243877551,
  "bids_meta": {
    "AccelFactPE": 2,
    "AcquisitionNumber": 1,
    "AcquisitionTime": "11:11:31.347500",
    "BandwidthPerPixelPhaseEncode": 43.879,
    "BodyPartExamined": "BRAIN",
    "ConversionSoftware": "dcm2niix",
    "ConversionSoftwareVersion": "v1.0.20170724 GCC4.4.7",
    "DeviceSerialNumber": "67025",
    "EchoTime": 0.025,
    "EchoTrainLength": 43,
    "EffectiveEchoSpacing": 0.000356093,
    "FlipAngle": 90,
    "ImageType": [
      "ORIGINAL",
      "PRIMARY",
      "M",
      "ND",
      "NORM",
      "MOSAIC"
    ],
    "InstitutionAddress": "McClintock_3520A_Los_Angeles_CA_US_90089",
    "InstitutionName": "USC",
    "MagneticFieldStrength": 3,
    "Manufacturer": "Siemens",
    "ManufacturersModelName": "Prisma_fit",
    "PhaseEncodingDirection": "j-",
    "PhaseEncodingLines": 64,
    "ProcedureStepDescription": "JC_rountine",
    "ProtocolName": "training6",
    "RepetitionTime": 2,
    "ScanningSequence": "EP",
    "SequenceName": "_epfid2d1_64",
    "SequenceVariant": "SK_OSP",
    "SeriesDescription": "training6",
    "SliceTiming": [
      0.99,
      0,
      1.04,
      0.05,
      1.0925,
      0.1025,
      1.145,
      0.155,
      1.1975,
      0.2075,
      1.25,
      0.26,
      1.3025,
      0.3125,
      1.3525,
      0.3625,
      1.405,
      0.415,
      1.4575,
      0.4675,
      1.51,
      0.52,
      1.5625,
      0.5725,
      1.615,
      0.625,
      1.665,
      0.675,
      1.7175,
      0.7275,
      1.77,
      0.78,
      1.8225,
      0.8325,
      1.875,
      0.885,
      1.9275,
      0.9375
    ],
    "SoftwareVersions": "syngo_MR_D13D",
    "TaskName": "training",
    "TotalReadoutTime": 0.0299118,
    "TrueEchoSpacing": 0.000712186,
    "dataset": "ds003425",
    "modality": "bold",
    "run_id": 6,
    "session_id": "01",
    "subject_id": "08",
    "task_id": "training"
  },
  "dummy_trs": 0,
  "dvars_nstd": 26.153970246597936,
  "dvars_std": 1.3530543576288656,
  "dvars_vstd": 1.0028423789690721,
  "efc": 0.6301764009065101,
  "fber": 1795.82177734375,
  "fd_mean": 0.09198814183576315,
  "fd_num": 3,
  "fd_perc": 3.061224489795918,
  "fwhm_avg": 1.5690433333333333,
  "fwhm_x": 1.44594,
  "fwhm_y": 1.6056,
  "fwhm_z": 1.6555900000000001,
  "gcor": 0.0951869,
  "gsr_x": 0.021589653566479683,
  "gsr_y": 0.02954206056892872,
  "provenance": {
    "md5sum": "1b9fd1baa5069b3b8d1b66f4ad64cb64",
    "settings": {
      "fd_thres": 0.2,
      "testing": false
    },
    "software": "mriqc",
    "version": "23.0.1",
    "webapi_port": null,
    "webapi_url": "https://mriqc.nimh.nih.gov/api/v1"
  },
  "size_t": 98,
  "size_x": 64,
  "size_y": 64,
  "size_z": 38,
  "snr": 8.062183238306611,
  "spacing_tr": 2.0,
  "spacing_x": 3.0,
  "spacing_y": 3.0,
  "spacing_z": 3.0,
  "summary_bg_k": 12.501101715663776,
  "summary_bg_mad": 7.004538187070554,
  "summary_bg_mean": 29.412124633789062,
  "summary_bg_median": 9.306121826171875,
  "summary_bg_n": 75226.0,
  "summary_bg_p05": 3.0714285373687744,
  "summary_bg_p95": 129.51785278320312,
  "summary_bg_stdv": 49.97355651855469,
  "summary_fg_k": 1.6891774342084043,
  "summary_fg_mad": 50.96825187716872,
  "summary_fg_mean": 409.1124572753906,
  "summary_fg_median": 407.56121826171875,
  "summary_fg_n": 45143.0,
  "summary_fg_p05": 335.3275573730469,
  "summary_fg_p95": 489.83570861816406,
  "summary_fg_stdv": 50.55165481567383,
  "tsnr": 73.52462680195458
}