{
  "aor": 0.00162792,
  "aqi": 0.009051570719999999,
  "bids_meta": {
    "AccelFactPE": 2,
    "AcquisitionNumber": 1,
    "AcquisitionTime": "11:55:8.817500",
    "BandwidthPerPixelPhaseEncode": 43.879,
    "BodyPartExamined": "BRAIN",
    "ConversionSoftware": "dcm2niix",
    "ConversionSoftwareVersion": "v1.0.20170724 GCC4.4.7",
    "DeviceSerialNumber": "67025",
    "EchoTime": 0.025,
    "EchoTrainLength": 43,
    "EffectiveEchoSpacing": 0.000356093,
    "FlipAngle": 90,
    "ImageType": [
      "ORIGINAL",
      "PRIMARY",
      "M",
      "ND",
      "NORM",
      "MOSAIC"
    ],
    "InstitutionAddress": "McClintock_3520A_Los_Angeles_CA_US_90089",
    "InstitutionName": "USC",
    "MagneticFieldStrength": 3,
    "Manufacturer": "Siemens",
    "ManufacturersModelName": "Prisma_fit",
    "PhaseEncodingDirection": "j-",
    "PhaseEncodingLines": 64,
    "ProcedureStepDescription": "JC_rountine",
    "ProtocolName": "learning6",
    "RepetitionTime": 2,
    "ScanningSequence": "EP",
    "SequenceName": "_epfid2d1_64",
    "SequenceVariant": "SK_OSP",
    "SeriesDescription": "learning6",
    "SliceTiming": [
      0.99,
      0,
      1.04,
      0.05,
      1.0925,
      0.1025,
      1.145,
      0.155,
      1.1975,
      0.2075,
      1.25,
      0.26,
      1.3025,
      0.3125,
      1.3525,
      0.3625,
      1.405,
      0.415,
      1.4575,
      0.4675,
      1.51,
      0.52,
      1.5625,
      0.5725,
      1.615,
      0.625,
      1.665,
      0.6775,
      1.7175,
      0.7275,
      1.77,
      0.78,
      1.8225,
      0.8325,
      1.875,
      0.885,
      1.9275,
      0.9375
    ],
    "SoftwareVersions": "syngo_MR_D13D",
    "TaskName": "learning",
    "TotalReadoutTime": 0.0299118,
    "TrueEchoSpacing": 0.000712186,
    "dataset": "ds003425",
    "modality": "bold",
    "run_id": 6,
    "session_id": "01",
    "subject_id": "08",
    "task_id": "learning"
  },
  "dummy_trs": 0,
  "dvars_nstd": 24.85728689919356,
  "dvars_std": 1.3428436920161293,
  "dvars_vstd": 1.0232807034677418,
  "efc": 0.619421885887651,
  "fber": 2025.03955078125,
  "fd_mean": 0.10367137484219358,
  "fd_num": 11,
  "fd_perc": 8.8,
  "fwhm_avg": 1.596658888888889,
  "fwhm_x": 1.4946333333333335,
  "fwhm_y": 1.6047066666666667,
  "fwhm_z": 1.6906366666666666,
  "gcor": 0.0554112,
  "gsr_x": 0.028640922158956528,
  "gsr_y": 0.027786551043391228,
  "provenance": {
    "md5sum": "747453579cef55dd8e1ddf1239c265b7",
    "settings": {
      "fd_thres": 0.2,
      "testing": false
    },
    "software": "mriqc",
    "version": "23.0.1",
    "webapi_port": null,
    "webapi_url": "https://mriqc.nimh.nih.gov/api/v1"
  },
  "size_t": 125,
  "size_x": 64,
  "size_y": 64,
  "size_z": 38,
  "snr": 8.117600971890468,
  "spacing_tr": 2.0,
  "spacing_x": 3.0,
  "spacing_y": 3.0,
  "spacing_z": 3.0,
  "summary_bg_k": 14.45835981025986,
  "summary_bg_mad": 6.487867907682449,
  "summary_bg_mean": 26.5623779296875,
  "summary_bg_median": 8.928000450134277,
  "summary_bg_n": 77021.0,
  "summary_bg_p05": 2.9280002117156982,
  "summary_bg_p95": 115.02400207519531,
  "summary_bg_stdv": 45.21989440917969,
  "summary_fg_k": 1.8363525432072434,
  "summary_fg_mad": 51.3099001117859,
  "summary_fg_mean": 411.9110412597656,
  "summary_fg_median": 410.8160095214844,
  "summary_fg_n": 44107.0,
  "summary_fg_p05": 338.7464172363281,
  "summary_fg_p95": 492.50162963867183,
  "summary_fg_stdv": 50.60748291015625,
  "tsnr": 73.86216997727752
}