{
  "bids_meta": {
    "AccelFactPE": 2,
    "AcquisitionNumber": 1,
    "AcquisitionTime": "14:42:42.737500",
    "BodyPartExamined": "BRAIN",
    "ConversionSoftware": "dcm2niix",
    "ConversionSoftwareVersion": "v1.0.20170724 GCC4.4.7",
    "DeviceSerialNumber": "67025",
    "EchoTime": 0.00226,
    "FlipAngle": 9,
    "ImageType": [
      "ORIGINAL",
      "PRIMARY",
      "M",
      "ND",
      "NORM"
    ],
    "InstitutionAddress": "McClintock_3520A_Los_Angeles_CA_US_90089",
    "InstitutionName": "USC",
    "InversionTime": 1.06,
    "MagneticFieldStrength": 3,
    "Manufacturer": "Siemens",
    "ManufacturersModelName": "Prisma_fit",
    "PhaseEncodingDirection": "i-",
    "PhaseEncodingLines": 224,
    "ProcedureStepDescription": "Mara_Steve",
    "ProtocolName": "t1_mprage_short_32channel",
    "RepetitionTime": 2.3,
    "ScanningSequence": "GR_IR",
    "SequenceName": "_tfl3d1_16ns",
    "SequenceVariant": "SK_SP_MP",
    "SeriesDescription": "t1_mprage_short_32channel",
    "SoftwareVersions": "syngo_MR_D13D",
    "dataset": "ds003425",
    "modality": "T1w",
    "session_id": "01",
    "subject_id": "13"
  },
  "cjv": 0.35467253710392127,
  "cnr": 3.845000502397054,
  "efc": 0.5604195680661395,
  "fber": -1.0,
  "fwhm_avg": 4.097463811658394,
  "fwhm_x": 4.012481434975184,
  "fwhm_y": 4.09533,
  "fwhm_z": 4.18458,
  "icvs_csf": 0.1875669559841923,
  "icvs_gm": 0.45332922516035973,
  "icvs_wm": 0.359103818855448,
  "inu_med": 0.28599828481674194,
  "inu_range": 0.07423387169837953,
  "provenance": {
    "md5sum": "459e3f5cdec8de5c2e56800993d05a1f",
    "settings": {
      "testing": false
    },
    "software": "mriqc",
    "version": "23.0.1",
    "warnings": {
      "large_rot_frame": true,
      "small_air_mask": false
    },
    "webapi_port": null,
    "webapi_url": "https://mriqc.nimh.nih.gov/api/v1"
  },
  "qi_1": 0.00239797864701455,
  "qi_2": 0.010756990810741187,
  "rpve_csf": 23.684480525006855,
  "rpve_gm": 10.64380213073505,
  "rpve_wm": 15.211254897016447,
  "size_x": 176,
  "size_y": 224,
  "size_z": 256,
  "snr_csf": 3.692183095813394,
  "snr_gm": 15.224166927371558,
  "snr_total": 17.524665029172706,
  "snr_wm": 33.657645064333174,
  "snrd_csf": 30.31991061845931,
  "snrd_gm": 67.08219865456027,
  "snrd_total": 61.426754682727584,
  "snrd_wm": 86.87815477516315,
  "spacing_x": 0.9999996423721313,
  "spacing_y": 1.0,
  "spacing_z": 1.0,
  "summary_bg_k": 322.6090152299687,
  "summary_bg_mad": 0.0,
  "summary_bg_mean": 0.9779099121414554,
  "summary_bg_median": 0.0,
  "summary_bg_n": 2628441.0,
  "summary_bg_p05": 0.0,
  "summary_bg_p95": 3.678551159799099,
  "summary_bg_stdv": 7.541169291059614,
  "summary_csf_k": 2.5431560105083877,
  "summary_csf_mad": 61.02593926834485,
  "summary_csf_mean": 358.39739123489375,
  "summary_csf_median": 349.00759424082935,
  "summary_csf_n": 31306.0,
  "summary_csf_p05": 208.1817414611578,
  "summary_csf_p95": 527.2000484308228,
  "summary_csf_stdv": 94.52457015454904,
  "summary_gm_k": -0.1113447440086226,
  "summary_gm_mad": 52.23089228810463,
  "summary_gm_mean": 772.2584195816154,
  "summary_gm_median": 772.1723544448614,
  "summary_gm_n": 48598.0,
  "summary_gm_p05": 690.3346970491111,
  "summary_gm_p95": 855.8088637813926,
  "summary_gm_stdv": 50.71964946264206,
  "summary_wm_k": 0.5801933063190892,
  "summary_wm_mad": 28.587648446845563,
  "summary_wm_mean": 1001.0987343369774,
  "summary_wm_median": 1000.0404081568122,
  "summary_wm_n": 192936.0,
  "summary_wm_p05": 954.2808486744761,
  "summary_wm_p95": 1050.5901688747108,
  "summary_wm_stdv": 29.71205545142331,
  "tpm_overlap_csf": 0.15819428196685956,
  "tpm_overlap_gm": 0.4874874497331228,
  "tpm_overlap_wm": 0.52274163118774,
  "wm2max": 0.9146501525094741
}