{
  "aor": 0.002562799999999999,
  "aqi": 0.0095479072,
  "bids_meta": {
    "AccelFactPE": 2,
    "AcquisitionNumber": 1,
    "AcquisitionTime": "11:18:38.255000",
    "BandwidthPerPixelPhaseEncode": 43.879,
    "BodyPartExamined": "BRAIN",
    "ConversionSoftware": "dcm2niix",
    "ConversionSoftwareVersion": "v1.0.20170724 GCC4.4.7",
    "DeviceSerialNumber": "67025",
    "EchoTime": 0.025,
    "EchoTrainLength": 43,
    "EffectiveEchoSpacing": 0.000356093,
    "FlipAngle": 90,
    "ImageType": [
      "ORIGINAL",
      "PRIMARY",
      "M",
      "ND",
      "NORM",
      "MOSAIC"
    ],
    "InstitutionAddress": "McClintock_3520A_Los_Angeles_CA_US_90089",
    "InstitutionName": "USC",
    "MagneticFieldStrength": 3,
    "Manufacturer": "Siemens",
    "ManufacturersModelName": "Prisma_fit",
    "PhaseEncodingDirection": "j-",
    "PhaseEncodingLines": 64,
    "ProcedureStepDescription": "Mara_Steve",
    "ProtocolName": "regulate4",
    "RepetitionTime": 2,
    "ScanningSequence": "EP",
    "SequenceName": "_epfid2d1_64",
    "SequenceVariant": "SK_OSP",
    "SeriesDescription": "regulate4",
    "SliceTiming": [
      0.99,
      0,
      1.0425,
      0.0525,
      1.095,
      0.105,
      1.145,
      0.155,
      1.1975,
      0.2075,
      1.25,
      0.26,
      1.3025,
      0.3125,
      1.355,
      0.365,
      1.4075,
      0.4175,
      1.4575,
      0.47,
      1.51,
      0.52,
      1.5625,
      0.5725,
      1.615,
      0.625,
      1.6675,
      0.6775,
      1.72,
      0.73,
      1.7725,
      0.7825,
      1.8225,
      0.8325,
      1.875,
      0.885,
      1.9275,
      0.9375
    ],
    "SoftwareVersions": "syngo_MR_D13D",
    "TaskName": "regulate",
    "TotalReadoutTime": 0.0299118,
    "TrueEchoSpacing": 0.000712186,
    "dataset": "ds003425",
    "modality": "bold",
    "run_id": 4,
    "session_id": "02",
    "subject_id": "08",
    "task_id": "regulate"
  },
  "dummy_trs": 0,
  "dvars_nstd": 26.546681680645154,
  "dvars_std": 1.3904391355645156,
  "dvars_vstd": 1.0216464261290323,
  "efc": 0.6283424949854808,
  "fber": 2583.72705078125,
  "fd_mean": 0.11801057666961816,
  "fd_num": 14,
  "fd_perc": 11.2,
  "fwhm_avg": 1.5863866666666666,
  "fwhm_x": 1.4838233333333333,
  "fwhm_y": 1.6305066666666665,
  "fwhm_z": 1.64483,
  "gcor": 0.0699975,
  "gsr_x": 0.01919969730079174,
  "gsr_y": 0.02444346249103546,
  "provenance": {
    "md5sum": "340bb94cc9fddef474c3298bcc3d775b",
    "settings": {
      "fd_thres": 0.2,
      "testing": false
    },
    "software": "mriqc",
    "version": "23.0.1",
    "webapi_port": null,
    "webapi_url": "https://mriqc.nimh.nih.gov/api/v1"
  },
  "size_t": 125,
  "size_x": 64,
  "size_y": 64,
  "size_z": 38,
  "snr": 8.140598282511501,
  "spacing_tr": 2.0,
  "spacing_x": 3.0,
  "spacing_y": 3.0,
  "spacing_z": 3.0,
  "summary_bg_k": 11.66125144951413,
  "summary_bg_mad": 6.013435296735032,
  "summary_bg_mean": 27.84295082092285,
  "summary_bg_median": 7.768000602722168,
  "summary_bg_n": 74105.0,
  "summary_bg_p05": 3.0960001945495605,
  "summary_bg_p95": 122.00000305175793,
  "summary_bg_stdv": 47.44089126586914,
  "summary_fg_k": 1.3881589330064887,
  "summary_fg_mad": 52.85177384232282,
  "summary_fg_mean": 416.031982421875,
  "summary_fg_median": 414.76800537109375,
  "summary_fg_n": 45602.0,
  "summary_fg_p05": 341.6000061035156,
  "summary_fg_p95": 497.5196197509765,
  "summary_fg_stdv": 50.94999694824219,
  "tsnr": 71.91893390263431
}