{
  "aor": 0.001324566929133858,
  "aqi": 0.0351329783464567,
  "bids_meta": {
    "AccelFactPE": 2,
    "AcquisitionNumber": 1,
    "AcquisitionTime": "11:45:17.927500",
    "BandwidthPerPixelPhaseEncode": 35.613,
    "BodyPartExamined": "BRAIN",
    "ConversionSoftware": "dcm2niix",
    "ConversionSoftwareVersion": "v1.0.20170724 GCC4.4.7",
    "DeviceSerialNumber": "67025",
    "EchoTime": 0.03,
    "EchoTrainLength": 51,
    "EffectiveEchoSpacing": 0.000359995,
    "FlipAngle": 65,
    "ImageType": [
      "ORIGINAL",
      "PRIMARY",
      "M",
      "ND",
      "NORM",
      "MOSAIC"
    ],
    "InstitutionAddress": "McClintock_3520A_Los_Angeles_CA_US_90089",
    "InstitutionName": "USC",
    "MagneticFieldStrength": 3,
    "Manufacturer": "Siemens",
    "ManufacturersModelName": "Prisma_fit",
    "PhaseEncodingDirection": "i-",
    "PhaseEncodingLines": 78,
    "ProcedureStepDescription": "Mara_Steve",
    "ProtocolName": "wedge_shorter",
    "RepetitionTime": 1.2,
    "ScanningSequence": "EP",
    "SequenceName": "_epfid2d1_78",
    "SequenceVariant": "SK_OSP",
    "SeriesDescription": "wedge_shorter",
    "SliceTiming": [
      0.59,
      0,
      0.6475,
      0.0575,
      0.7075,
      0.1175,
      0.7675,
      0.1775,
      0.825,
      0.235,
      0.885,
      0.295,
      0.9425,
      0.3525,
      1.0025,
      0.4125,
      1.0625,
      0.4725,
      1.12,
      0.53
    ],
    "SoftwareVersions": "syngo_MR_D13D",
    "TaskName": "wedge",
    "TotalReadoutTime": 0.0363595,
    "TrueEchoSpacing": 0.000719991,
    "dataset": "ds003425",
    "modality": "bold",
    "run_id": 2,
    "session_id": "02",
    "subject_id": "08",
    "task_id": "wedge"
  },
  "dummy_trs": 0,
  "dvars_nstd": 54.991345054664,
  "dvars_std": 1.505100999407115,
  "dvars_vstd": 0.9959105901581022,
  "efc": 0.5065309630948873,
  "fber": 2250.03076171875,
  "fd_mean": 0.17728008713478088,
  "fd_num": 76,
  "fd_perc": 29.921259842519685,
  "fwhm_avg": 1.6157196637338362,
  "fwhm_x": 1.5572780669868713,
  "fwhm_y": 1.5233927557491975,
  "fwhm_z": 1.7664881684654397,
  "gcor": 0.030416,
  "gsr_x": 0.013928496278822422,
  "gsr_y": -0.014664197340607643,
  "provenance": {
    "md5sum": "d4f554d9612c3747849f76989c1cc3f0",
    "settings": {
      "fd_thres": 0.2,
      "testing": false
    },
    "software": "mriqc",
    "version": "23.0.1",
    "webapi_port": null,
    "webapi_url": "https://mriqc.nimh.nih.gov/api/v1"
  },
  "size_t": 254,
  "size_x": 78,
  "size_y": 78,
  "size_z": 20,
  "snr": 7.672466049592607,
  "spacing_tr": 1.2000000476837158,
  "spacing_x": 2.461538553237915,
  "spacing_y": 2.461538553237915,
  "spacing_z": 2.499999761581421,
  "summary_bg_k": 26.220183862986715,
  "summary_bg_mad": 4.360251448142056,
  "summary_bg_mean": 16.19983673095703,
  "summary_bg_median": 6.905511856079102,
  "summary_bg_n": 76098.0,
  "summary_bg_p05": 3.2440943717956543,
  "summary_bg_p95": 60.40216369628904,
  "summary_bg_stdv": 23.950687408447266,
  "summary_fg_k": 3.083200854934428,
  "summary_fg_mad": 40.88245755546036,
  "summary_fg_mean": 337.3572082519531,
  "summary_fg_median": 337.24603271484375,
  "summary_fg_n": 19220.0,
  "summary_fg_p05": 273.0413360595703,
  "summary_fg_p95": 404.3872116088867,
  "summary_fg_stdv": 43.954219818115234,
  "tsnr": 37.881204404402524
}