{
  "aor": 0.0012473599999999999,
  "aqi": 0.011945775119999997,
  "bids_meta": {
    "AccelFactPE": 2,
    "AcquisitionNumber": 1,
    "AcquisitionTime": "11:38:11.082500",
    "BandwidthPerPixelPhaseEncode": 43.879,
    "BodyPartExamined": "BRAIN",
    "ConversionSoftware": "dcm2niix",
    "ConversionSoftwareVersion": "v1.0.20170724 GCC4.4.7",
    "DeviceSerialNumber": "67025",
    "EchoTime": 0.025,
    "EchoTrainLength": 43,
    "EffectiveEchoSpacing": 0.000356093,
    "FlipAngle": 90,
    "ImageType": [
      "ORIGINAL",
      "PRIMARY",
      "M",
      "ND",
      "NORM",
      "MOSAIC"
    ],
    "InstitutionAddress": "McClintock_3520A_Los_Angeles_CA_US_90089",
    "InstitutionName": "USC",
    "MagneticFieldStrength": 3,
    "Manufacturer": "Siemens",
    "ManufacturersModelName": "Prisma_fit",
    "PhaseEncodingDirection": "j-",
    "PhaseEncodingLines": 64,
    "ProcedureStepDescription": "Mara_Steve",
    "ProtocolName": "regulate8",
    "RepetitionTime": 2,
    "ScanningSequence": "EP",
    "SequenceName": "_epfid2d1_64",
    "SequenceVariant": "SK_OSP",
    "SeriesDescription": "regulate8",
    "SliceTiming": [
      0.99,
      0,
      1.0425,
      0.0525,
      1.0925,
      0.1025,
      1.145,
      0.155,
      1.1975,
      0.2075,
      1.25,
      0.26,
      1.3025,
      0.3125,
      1.355,
      0.365,
      1.405,
      0.4175,
      1.4575,
      0.4675,
      1.51,
      0.52,
      1.5625,
      0.5725,
      1.615,
      0.625,
      1.6675,
      0.6775,
      1.72,
      0.73,
      1.77,
      0.78,
      1.8225,
      0.8325,
      1.875,
      0.885,
      1.9275,
      0.9375
    ],
    "SoftwareVersions": "syngo_MR_D13D",
    "TaskName": "regulate",
    "TotalReadoutTime": 0.0299118,
    "TrueEchoSpacing": 0.000712186,
    "dataset": "ds003425",
    "modality": "bold",
    "run_id": 8,
    "session_id": "02",
    "subject_id": "08",
    "task_id": "regulate"
  },
  "dummy_trs": 0,
  "dvars_nstd": 24.99799912991936,
  "dvars_std": 1.2977160608870968,
  "dvars_vstd": 0.9775134424999996,
  "efc": 0.6281264429585438,
  "fber": 2575.761474609375,
  "fd_mean": 0.10186139126870392,
  "fd_num": 8,
  "fd_perc": 6.4,
  "fwhm_avg": 1.588081111111111,
  "fwhm_x": 1.4838166666666668,
  "fwhm_y": 1.6417866666666667,
  "fwhm_z": 1.6386399999999999,
  "gcor": 0.032654,
  "gsr_x": 0.020182553678750992,
  "gsr_y": 0.02457638643682003,
  "provenance": {
    "md5sum": "8a2febf00d206c563b8e9ccf7081ae98",
    "settings": {
      "fd_thres": 0.2,
      "testing": false
    },
    "software": "mriqc",
    "version": "23.0.1",
    "webapi_port": null,
    "webapi_url": "https://mriqc.nimh.nih.gov/api/v1"
  },
  "size_t": 125,
  "size_x": 64,
  "size_y": 64,
  "size_z": 38,
  "snr": 8.118194179469917,
  "spacing_tr": 2.0,
  "spacing_x": 3.0,
  "spacing_y": 3.0,
  "spacing_z": 3.0,
  "summary_bg_k": 11.387745728169635,
  "summary_bg_mad": 6.060878310393834,
  "summary_bg_mean": 28.16778564453125,
  "summary_bg_median": 7.816000461578369,
  "summary_bg_n": 74259.0,
  "summary_bg_p05": 3.1120002269744873,
  "summary_bg_p95": 123.71360549926744,
  "summary_bg_stdv": 47.73137283325195,
  "summary_fg_k": 1.3298406658689093,
  "summary_fg_mad": 53.11274947697676,
  "summary_fg_mean": 418.1094665527344,
  "summary_fg_median": 416.5600280761719,
  "summary_fg_n": 45549.0,
  "summary_fg_p05": 343.1360168457031,
  "summary_fg_p95": 500.14882812499997,
  "summary_fg_stdv": 51.311344146728516,
  "tsnr": 68.76698595704511
}