{
  "aor": 0.0019140800000000003,
  "aqi": 0.009315147600000002,
  "bids_meta": {
    "AccelFactPE": 2,
    "AcquisitionNumber": 1,
    "AcquisitionTime": "11:02:32.120000",
    "BandwidthPerPixelPhaseEncode": 43.879,
    "BodyPartExamined": "BRAIN",
    "ConversionSoftware": "dcm2niix",
    "ConversionSoftwareVersion": "v1.0.20170724 GCC4.4.7",
    "DeviceSerialNumber": "67025",
    "EchoTime": 0.025,
    "EchoTrainLength": 43,
    "EffectiveEchoSpacing": 0.000356093,
    "FlipAngle": 90,
    "ImageType": [
      "ORIGINAL",
      "PRIMARY",
      "M",
      "ND",
      "NORM",
      "MOSAIC"
    ],
    "InstitutionAddress": "McClintock_3520A_Los_Angeles_CA_US_90089",
    "InstitutionName": "USC",
    "MagneticFieldStrength": 3,
    "Manufacturer": "Siemens",
    "ManufacturersModelName": "Prisma_fit",
    "PhaseEncodingDirection": "j-",
    "PhaseEncodingLines": 64,
    "ProcedureStepDescription": "Mara_Steve",
    "ProtocolName": "regulate1",
    "RepetitionTime": 2,
    "ScanningSequence": "EP",
    "SequenceName": "_epfid2d1_64",
    "SequenceVariant": "SK_OSP",
    "SeriesDescription": "regulate1",
    "SliceTiming": [
      0.99,
      0,
      1.0425,
      0.0525,
      1.0925,
      0.1025,
      1.145,
      0.155,
      1.1975,
      0.2075,
      1.25,
      0.26,
      1.3025,
      0.3125,
      1.355,
      0.365,
      1.405,
      0.415,
      1.4575,
      0.4675,
      1.51,
      0.52,
      1.5625,
      0.5725,
      1.615,
      0.625,
      1.6675,
      0.6775,
      1.7175,
      0.7275,
      1.77,
      0.78,
      1.8225,
      0.8325,
      1.875,
      0.885,
      1.9275,
      0.9375
    ],
    "SoftwareVersions": "syngo_MR_D13D",
    "TaskName": "regulate",
    "TotalReadoutTime": 0.0299118,
    "TrueEchoSpacing": 0.000712186,
    "dataset": "ds003425",
    "modality": "bold",
    "run_id": 1,
    "session_id": "02",
    "subject_id": "08",
    "task_id": "regulate"
  },
  "dummy_trs": 0,
  "dvars_nstd": 27.59378560887096,
  "dvars_std": 1.4305290654032257,
  "dvars_vstd": 1.0215877986290323,
  "efc": 0.6274242997516919,
  "fber": 2519.185546875,
  "fd_mean": 0.10847203531852001,
  "fd_num": 8,
  "fd_perc": 6.4,
  "fwhm_avg": 1.5958022222222221,
  "fwhm_x": 1.4813333333333334,
  "fwhm_y": 1.6481899999999998,
  "fwhm_z": 1.6578833333333334,
  "gcor": 0.0544233,
  "gsr_x": 0.01804150640964508,
  "gsr_y": 0.025486377999186516,
  "provenance": {
    "md5sum": "d5fb13e9126b39bed6a7b2b193637d40",
    "settings": {
      "fd_thres": 0.2,
      "testing": false
    },
    "software": "mriqc",
    "version": "23.0.1",
    "webapi_port": null,
    "webapi_url": "https://mriqc.nimh.nih.gov/api/v1"
  },
  "size_t": 125,
  "size_x": 64,
  "size_y": 64,
  "size_z": 38,
  "snr": 8.03826104493086,
  "spacing_tr": 2.0,
  "spacing_x": 3.0,
  "spacing_y": 3.0,
  "spacing_z": 3.0,
  "summary_bg_k": 12.45356428187183,
  "summary_bg_mad": 6.1083213240526355,
  "summary_bg_mean": 27.096601486206055,
  "summary_bg_median": 7.872000217437744,
  "summary_bg_n": 73926.0,
  "summary_bg_p05": 3.0880000591278076,
  "summary_bg_p95": 117.90200614929199,
  "summary_bg_stdv": 46.319828033447266,
  "summary_fg_k": 1.4979236764772805,
  "summary_fg_mad": 53.48041383328708,
  "summary_fg_mean": 419.7066345214844,
  "summary_fg_median": 417.31201171875,
  "summary_fg_n": 45575.0,
  "summary_fg_p05": 344.6880187988281,
  "summary_fg_p95": 503.61602783203125,
  "summary_fg_stdv": 51.915138244628906,
  "tsnr": 74.61509948223829
}