{
  "aor": 0.002563439999999999,
  "aqi": 0.0077921196,
  "bids_meta": {
    "AccelFactPE": 2,
    "AcquisitionNumber": 1,
    "AcquisitionTime": "11:13:22.962500",
    "BandwidthPerPixelPhaseEncode": 43.879,
    "BodyPartExamined": "BRAIN",
    "ConversionSoftware": "dcm2niix",
    "ConversionSoftwareVersion": "v1.0.20170724 GCC4.4.7",
    "DeviceSerialNumber": "67025",
    "EchoTime": 0.025,
    "EchoTrainLength": 43,
    "EffectiveEchoSpacing": 0.000356093,
    "FlipAngle": 90,
    "ImageType": [
      "ORIGINAL",
      "PRIMARY",
      "M",
      "ND",
      "NORM",
      "MOSAIC"
    ],
    "InstitutionAddress": "McClintock_3520A_Los_Angeles_CA_US_90089",
    "InstitutionName": "USC",
    "MagneticFieldStrength": 3,
    "Manufacturer": "Siemens",
    "ManufacturersModelName": "Prisma_fit",
    "PhaseEncodingDirection": "j-",
    "PhaseEncodingLines": 64,
    "ProcedureStepDescription": "Mara_Steve",
    "ProtocolName": "regulate3",
    "RepetitionTime": 2,
    "ScanningSequence": "EP",
    "SequenceName": "_epfid2d1_64",
    "SequenceVariant": "SK_OSP",
    "SeriesDescription": "regulate3",
    "SliceTiming": [
      0.99,
      0,
      1.0425,
      0.0525,
      1.095,
      0.105,
      1.1475,
      0.1575,
      1.1975,
      0.2075,
      1.25,
      0.26,
      1.3025,
      0.3125,
      1.355,
      0.365,
      1.4075,
      0.4175,
      1.46,
      0.47,
      1.51,
      0.5225,
      1.5625,
      0.5725,
      1.615,
      0.625,
      1.6675,
      0.6775,
      1.72,
      0.73,
      1.7725,
      0.7825,
      1.825,
      0.835,
      1.875,
      0.885,
      1.9275,
      0.9375
    ],
    "SoftwareVersions": "syngo_MR_D13D",
    "TaskName": "regulate",
    "TotalReadoutTime": 0.0299118,
    "TrueEchoSpacing": 0.000712186,
    "dataset": "ds003425",
    "modality": "bold",
    "run_id": 3,
    "session_id": "02",
    "subject_id": "08",
    "task_id": "regulate"
  },
  "dummy_trs": 0,
  "dvars_nstd": 26.144977770322587,
  "dvars_std": 1.4046254410483867,
  "dvars_vstd": 1.0270712430645164,
  "efc": 0.6276296889330254,
  "fber": 2582.32373046875,
  "fd_mean": 0.10085167765940198,
  "fd_num": 7,
  "fd_perc": 5.6,
  "fwhm_avg": 1.5847711111111111,
  "fwhm_x": 1.4803466666666667,
  "fwhm_y": 1.6274,
  "fwhm_z": 1.6465666666666667,
  "gcor": 0.0483885,
  "gsr_x": 0.01915114000439644,
  "gsr_y": 0.02455030009150505,
  "provenance": {
    "md5sum": "1e1ea5cd50bb629941b5ba3f17ff3a77",
    "settings": {
      "fd_thres": 0.2,
      "testing": false
    },
    "software": "mriqc",
    "version": "23.0.1",
    "webapi_port": null,
    "webapi_url": "https://mriqc.nimh.nih.gov/api/v1"
  },
  "size_t": 125,
  "size_x": 64,
  "size_y": 64,
  "size_z": 38,
  "snr": 8.126596504070278,
  "spacing_tr": 2.0,
  "spacing_x": 3.0,
  "spacing_y": 3.0,
  "spacing_z": 3.0,
  "summary_bg_k": 11.82214229208628,
  "summary_bg_mad": 5.871105195318885,
  "summary_bg_mean": 27.452804565429688,
  "summary_bg_median": 7.712000370025635,
  "summary_bg_n": 74153.0,
  "summary_bg_p05": 3.120000123977661,
  "summary_bg_p95": 120.35840454101553,
  "summary_bg_stdv": 46.91999816894531,
  "summary_fg_k": 1.3789959286650681,
  "summary_fg_mad": 53.03565126590701,
  "summary_fg_mean": 415.73199462890625,
  "summary_fg_median": 414.5000305175781,
  "summary_fg_n": 45568.0,
  "summary_fg_p05": 341.3068145751953,
  "summary_fg_p95": 496.85601806640625,
  "summary_fg_stdv": 51.00480651855469,
  "tsnr": 79.73451898433268
}