{
  "aor": 0.0031152,
  "aqi": 0.00755215184,
  "bids_meta": {
    "AccelFactPE": 2,
    "AcquisitionNumber": 1,
    "AcquisitionTime": "11:07:49.882500",
    "BandwidthPerPixelPhaseEncode": 43.879,
    "BodyPartExamined": "BRAIN",
    "ConversionSoftware": "dcm2niix",
    "ConversionSoftwareVersion": "v1.0.20170724 GCC4.4.7",
    "DeviceSerialNumber": "67025",
    "EchoTime": 0.025,
    "EchoTrainLength": 43,
    "EffectiveEchoSpacing": 0.000356093,
    "FlipAngle": 90,
    "ImageType": [
      "ORIGINAL",
      "PRIMARY",
      "M",
      "ND",
      "NORM",
      "MOSAIC"
    ],
    "InstitutionAddress": "McClintock_3520A_Los_Angeles_CA_US_90089",
    "InstitutionName": "USC",
    "MagneticFieldStrength": 3,
    "Manufacturer": "Siemens",
    "ManufacturersModelName": "Prisma_fit",
    "PhaseEncodingDirection": "j-",
    "PhaseEncodingLines": 64,
    "ProcedureStepDescription": "Mara_Steve",
    "ProtocolName": "regulate2",
    "RepetitionTime": 2,
    "ScanningSequence": "EP",
    "SequenceName": "_epfid2d1_64",
    "SequenceVariant": "SK_OSP",
    "SeriesDescription": "regulate2",
    "SliceTiming": [
      0.99,
      0,
      1.0425,
      0.0525,
      1.095,
      0.105,
      1.145,
      0.155,
      1.1975,
      0.2075,
      1.25,
      0.26,
      1.3025,
      0.3125,
      1.355,
      0.365,
      1.4075,
      0.4175,
      1.4575,
      0.4675,
      1.51,
      0.52,
      1.5625,
      0.5725,
      1.615,
      0.625,
      1.6675,
      0.6775,
      1.72,
      0.73,
      1.77,
      0.7825,
      1.8225,
      0.8325,
      1.875,
      0.885,
      1.9275,
      0.9375
    ],
    "SoftwareVersions": "syngo_MR_D13D",
    "TaskName": "regulate",
    "TotalReadoutTime": 0.0299118,
    "TrueEchoSpacing": 0.000712186,
    "dataset": "ds003425",
    "modality": "bold",
    "run_id": 2,
    "session_id": "02",
    "subject_id": "08",
    "task_id": "regulate"
  },
  "dummy_trs": 0,
  "dvars_nstd": 26.24212377258065,
  "dvars_std": 1.420456617903225,
  "dvars_vstd": 1.0385848690322577,
  "efc": 0.6275249756482881,
  "fber": 2601.808837890625,
  "fd_mean": 0.09444723174183105,
  "fd_num": 10,
  "fd_perc": 8.0,
  "fwhm_avg": 1.5860311111111114,
  "fwhm_x": 1.4850566666666667,
  "fwhm_y": 1.6281333333333334,
  "fwhm_z": 1.6449033333333334,
  "gcor": 0.0300298,
  "gsr_x": 0.01892397738993168,
  "gsr_y": 0.024680742993950844,
  "provenance": {
    "md5sum": "c1111043ecf276bf55d2b0cecef25da2",
    "settings": {
      "fd_thres": 0.2,
      "testing": false
    },
    "software": "mriqc",
    "version": "23.0.1",
    "webapi_port": null,
    "webapi_url": "https://mriqc.nimh.nih.gov/api/v1"
  },
  "size_t": 125,
  "size_x": 64,
  "size_y": 64,
  "size_z": 38,
  "snr": 8.130476643224533,
  "spacing_tr": 2.0,
  "spacing_x": 3.0,
  "spacing_y": 3.0,
  "spacing_z": 3.0,
  "summary_bg_k": 11.820522039669344,
  "summary_bg_mad": 5.88296621384352,
  "summary_bg_mean": 27.29255485534668,
  "summary_bg_median": 7.704000473022461,
  "summary_bg_n": 74089.0,
  "summary_bg_p05": 3.1040000915527344,
  "summary_bg_p95": 119.65280456542962,
  "summary_bg_stdv": 46.5264892578125,
  "summary_fg_k": 1.3231115469207149,
  "summary_fg_mad": 53.11274947697676,
  "summary_fg_mean": 415.3305969238281,
  "summary_fg_median": 414.04803466796875,
  "summary_fg_n": 45587.0,
  "summary_fg_p05": 340.51442260742186,
  "summary_fg_p95": 496.6616333007812,
  "summary_fg_stdv": 50.92487335205078,
  "tsnr": 81.28238724195398
}