{
  "bids_meta": {
    "AccelFactPE": 2,
    "AcquisitionNumber": 1,
    "AcquisitionTime": "14:28:58.735000",
    "BodyPartExamined": "BRAIN",
    "ConversionSoftware": "dcm2niix",
    "ConversionSoftwareVersion": "v1.0.20170724 GCC4.4.7",
    "DeviceSerialNumber": "67025",
    "EchoTime": 0.00226,
    "FlipAngle": 9,
    "ImageType": [
      "ORIGINAL",
      "PRIMARY",
      "M",
      "ND",
      "NORM"
    ],
    "InstitutionAddress": "McClintock_3520A_Los_Angeles_CA_US_90089",
    "InstitutionName": "USC",
    "InversionTime": 1.06,
    "MagneticFieldStrength": 3,
    "Manufacturer": "Siemens",
    "ManufacturersModelName": "Prisma_fit",
    "PhaseEncodingDirection": "i-",
    "PhaseEncodingLines": 224,
    "ProcedureStepDescription": "Mara_Steve",
    "ProtocolName": "t1_mprage_short_32channel",
    "RepetitionTime": 2.3,
    "ScanningSequence": "GR_IR",
    "SequenceName": "_tfl3d1_16ns",
    "SequenceVariant": "SK_SP_MP",
    "SeriesDescription": "t1_mprage_short_32channel",
    "SoftwareVersions": "syngo_MR_D13D",
    "dataset": "ds003425",
    "modality": "T1w",
    "session_id": "01",
    "subject_id": "01"
  },
  "cjv": 0.35993471680947886,
  "cnr": 3.689828763636455,
  "efc": 0.591889639615576,
  "fber": -1.0,
  "fwhm_avg": 4.444619657272579,
  "fwhm_x": 4.3125089718177385,
  "fwhm_y": 4.49299,
  "fwhm_z": 4.52836,
  "icvs_csf": 0.20873848673449402,
  "icvs_gm": 0.4330118675917172,
  "icvs_wm": 0.35824964567378875,
  "inu_med": 0.28121012449264526,
  "inu_range": 0.07316656410694122,
  "provenance": {
    "md5sum": "81292350f3c45fe1c00cd613cb482852",
    "settings": {
      "testing": false
    },
    "software": "mriqc",
    "version": "23.0.1",
    "warnings": {
      "large_rot_frame": true,
      "small_air_mask": false
    },
    "webapi_port": null,
    "webapi_url": "https://mriqc.nimh.nih.gov/api/v1"
  },
  "qi_1": 0.0007389435174354388,
  "qi_2": 0.02170857520513478,
  "rpve_csf": 20.720751960903993,
  "rpve_gm": 10.39334467149847,
  "rpve_wm": 14.32296629831012,
  "size_x": 176,
  "size_y": 224,
  "size_z": 256,
  "snr_csf": 2.693203161676461,
  "snr_gm": 16.296959962972313,
  "snr_total": 17.044344716171235,
  "snr_wm": 32.142871023864934,
  "snrd_csf": 88.88492349605653,
  "snrd_gm": 211.47411616694453,
  "snrd_total": 189.60837984474935,
  "snrd_wm": 268.4660998712469,
  "spacing_x": 1.000000238418579,
  "spacing_y": 1.0,
  "spacing_z": 1.0,
  "summary_bg_k": 42.84642607061274,
  "summary_bg_mad": 0.0,
  "summary_bg_mean": 0.7358210065591089,
  "summary_bg_median": 0.0,
  "summary_bg_n": 1854730.0,
  "summary_bg_p05": 0.0,
  "summary_bg_p95": 4.035733222961426,
  "summary_bg_stdv": 2.4403973875966467,
  "summary_csf_k": 0.7613597504803673,
  "summary_csf_mad": 78.43846434194084,
  "summary_csf_mean": 323.54819871955993,
  "summary_csf_median": 331.09827983379364,
  "summary_csf_n": 46065.0,
  "summary_csf_p05": 68.17026035785676,
  "summary_csf_p95": 517.3263486295933,
  "summary_csf_stdv": 122.93713697857923,
  "summary_gm_k": -0.0260379495887606,
  "summary_gm_mad": 48.08524055606465,
  "summary_gm_mean": 785.1899376677402,
  "summary_gm_median": 787.7456979006529,
  "summary_gm_n": 42957.0,
  "summary_gm_p05": 703.0751741051674,
  "summary_gm_p95": 861.6080236583948,
  "summary_gm_stdv": 48.336409406071866,
  "summary_wm_k": 1.0229213697651884,
  "summary_wm_mad": 28.327597968543593,
  "summary_wm_mean": 1000.4307959303324,
  "summary_wm_median": 1000.0420809835196,
  "summary_wm_n": 209447.0,
  "summary_wm_p05": 951.6763406395912,
  "summary_wm_p95": 1053.0110795348883,
  "summary_wm_stdv": 31.112332588428156,
  "tpm_overlap_csf": 0.15609722995364547,
  "tpm_overlap_gm": 0.4655240579793825,
  "tpm_overlap_wm": 0.5056040182798632,
  "wm2max": 0.8493810584310422
}