{
  "aor": 0.0021463199999999997,
  "aqi": 0.00800821552,
  "bids_meta": {
    "AccelFactPE": 2,
    "AcquisitionNumber": 1,
    "AcquisitionTime": "11:23:42.210000",
    "BandwidthPerPixelPhaseEncode": 43.879,
    "BodyPartExamined": "BRAIN",
    "ConversionSoftware": "dcm2niix",
    "ConversionSoftwareVersion": "v1.0.20170724 GCC4.4.7",
    "DeviceSerialNumber": "67025",
    "EchoTime": 0.025,
    "EchoTrainLength": 43,
    "EffectiveEchoSpacing": 0.000356093,
    "FlipAngle": 90,
    "ImageType": [
      "ORIGINAL",
      "PRIMARY",
      "M",
      "ND",
      "NORM",
      "MOSAIC"
    ],
    "InstitutionAddress": "McClintock_3520A_Los_Angeles_CA_US_90089",
    "InstitutionName": "USC",
    "MagneticFieldStrength": 3,
    "Manufacturer": "Siemens",
    "ManufacturersModelName": "Prisma_fit",
    "PhaseEncodingDirection": "j-",
    "PhaseEncodingLines": 64,
    "ProcedureStepDescription": "Mara_Steve",
    "ProtocolName": "regulate7",
    "RepetitionTime": 2,
    "ScanningSequence": "EP",
    "SequenceName": "_epfid2d1_64",
    "SequenceVariant": "SK_OSP",
    "SeriesDescription": "regulate7",
    "SliceTiming": [
      0.99,
      0,
      1.0425,
      0.0525,
      1.095,
      0.105,
      1.145,
      0.1575,
      1.1975,
      0.2075,
      1.25,
      0.26,
      1.3025,
      0.3125,
      1.355,
      0.365,
      1.4075,
      0.4175,
      1.46,
      0.47,
      1.51,
      0.52,
      1.5625,
      0.5725,
      1.615,
      0.625,
      1.6675,
      0.6775,
      1.72,
      0.73,
      1.7725,
      0.7825,
      1.8225,
      0.8325,
      1.875,
      0.885,
      1.9275,
      0.9375
    ],
    "SoftwareVersions": "syngo_MR_D13D",
    "TaskName": "regulate",
    "TotalReadoutTime": 0.0299118,
    "TrueEchoSpacing": 0.000712186,
    "dataset": "ds003425",
    "modality": "bold",
    "run_id": 7,
    "session_id": "02",
    "subject_id": "02",
    "task_id": "regulate"
  },
  "dummy_trs": 0,
  "dvars_nstd": 18.80963151685484,
  "dvars_std": 1.0761449276612907,
  "dvars_vstd": 0.992384363548387,
  "efc": 0.6009287847913581,
  "fber": 1296.4410400390625,
  "fd_mean": 0.1007085042733127,
  "fd_num": 3,
  "fd_perc": 2.4,
  "fwhm_avg": 1.645608888888889,
  "fwhm_x": 1.4979933333333333,
  "fwhm_y": 1.7807866666666667,
  "fwhm_z": 1.6580466666666667,
  "gcor": 0.0192598,
  "gsr_x": 0.01060501765459776,
  "gsr_y": 0.040166404098272324,
  "provenance": {
    "md5sum": "0b04abd436a177c45705bae04140c800",
    "settings": {
      "fd_thres": 0.2,
      "testing": false
    },
    "software": "mriqc",
    "version": "23.0.1",
    "webapi_port": null,
    "webapi_url": "https://mriqc.nimh.nih.gov/api/v1"
  },
  "size_t": 125,
  "size_x": 64,
  "size_y": 64,
  "size_z": 38,
  "snr": 7.378273702022482,
  "spacing_tr": 2.0,
  "spacing_x": 3.0,
  "spacing_y": 3.0,
  "spacing_z": 3.0,
  "summary_bg_k": 12.493144639776727,
  "summary_bg_mad": 9.46493336321829,
  "summary_bg_mean": 29.768898010253906,
  "summary_bg_median": 10.056000709533691,
  "summary_bg_n": 82931.0,
  "summary_bg_p05": 3.1120002269744873,
  "summary_bg_p95": 126.34000778198242,
  "summary_bg_stdv": 47.97922134399414,
  "summary_fg_k": 3.300689524603232,
  "summary_fg_mad": 42.799732610672,
  "summary_fg_mean": 381.3392028808594,
  "summary_fg_median": 378.676025390625,
  "summary_fg_n": 38238.0,
  "summary_fg_p05": 306.75641174316405,
  "summary_fg_p95": 465.04361114501955,
  "summary_fg_stdv": 51.32244873046875,
  "tsnr": 69.8070070585236
}