{
  "aor": 0.004966800000000002,
  "aqi": 0.011950908480000001,
  "bids_meta": {
    "AccelFactPE": 2,
    "AcquisitionNumber": 1,
    "AcquisitionTime": "10:57:22.210000",
    "BandwidthPerPixelPhaseEncode": 43.879,
    "BodyPartExamined": "BRAIN",
    "ConversionSoftware": "dcm2niix",
    "ConversionSoftwareVersion": "v1.0.20170724 GCC4.4.7",
    "DeviceSerialNumber": "67025",
    "EchoTime": 0.025,
    "EchoTrainLength": 43,
    "EffectiveEchoSpacing": 0.000356093,
    "FlipAngle": 90,
    "ImageType": [
      "ORIGINAL",
      "PRIMARY",
      "M",
      "ND",
      "NORM",
      "MOSAIC"
    ],
    "InstitutionAddress": "McClintock_3520A_Los_Angeles_CA_US_90089",
    "InstitutionName": "USC",
    "MagneticFieldStrength": 3,
    "Manufacturer": "Siemens",
    "ManufacturersModelName": "Prisma_fit",
    "PhaseEncodingDirection": "j-",
    "PhaseEncodingLines": 64,
    "ProcedureStepDescription": "Mara_Steve",
    "ProtocolName": "regulate2",
    "RepetitionTime": 2,
    "ScanningSequence": "EP",
    "SequenceName": "_epfid2d1_64",
    "SequenceVariant": "SK_OSP",
    "SeriesDescription": "regulate2",
    "SliceTiming": [
      0.99,
      0,
      1.0425,
      0.0525,
      1.095,
      0.105,
      1.1475,
      0.1575,
      1.2,
      0.21,
      1.2525,
      0.2625,
      1.3025,
      0.3125,
      1.355,
      0.365,
      1.4075,
      0.4175,
      1.46,
      0.47,
      1.5125,
      0.5225,
      1.565,
      0.575,
      1.615,
      0.625,
      1.6675,
      0.6775,
      1.72,
      0.73,
      1.7725,
      0.7825,
      1.825,
      0.835,
      1.8775,
      0.8875,
      1.9275,
      0.94
    ],
    "SoftwareVersions": "syngo_MR_D13D",
    "TaskName": "regulate",
    "TotalReadoutTime": 0.0299118,
    "TrueEchoSpacing": 0.000712186,
    "dataset": "ds003425",
    "modality": "bold",
    "run_id": 2,
    "session_id": "02",
    "subject_id": "02",
    "task_id": "regulate"
  },
  "dummy_trs": 0,
  "dvars_nstd": 20.90988813637096,
  "dvars_std": 1.0624988297580646,
  "dvars_vstd": 1.0064469161290326,
  "efc": 0.5994787413120549,
  "fber": 1371.35546875,
  "fd_mean": 0.2221848307914137,
  "fd_num": 42,
  "fd_perc": 33.6,
  "fwhm_avg": 1.6485055555555557,
  "fwhm_x": 1.5204000000000002,
  "fwhm_y": 1.77365,
  "fwhm_z": 1.6514666666666666,
  "gcor": 0.0248995,
  "gsr_x": 0.009296794421970844,
  "gsr_y": 0.04201377183198929,
  "provenance": {
    "md5sum": "096054a0b3a75ae2ec2f1969207e63d5",
    "settings": {
      "fd_thres": 0.2,
      "testing": false
    },
    "software": "mriqc",
    "version": "23.0.1",
    "webapi_port": null,
    "webapi_url": "https://mriqc.nimh.nih.gov/api/v1"
  },
  "size_t": 125,
  "size_x": 64,
  "size_y": 64,
  "size_z": 38,
  "snr": 7.506509460575629,
  "spacing_tr": 2.0,
  "spacing_x": 3.0,
  "spacing_y": 3.0,
  "spacing_z": 3.0,
  "summary_bg_k": 12.67397147500328,
  "summary_bg_mad": 9.1921334719508,
  "summary_bg_mean": 29.352298736572266,
  "summary_bg_median": 9.736000061035156,
  "summary_bg_n": 83171.0,
  "summary_bg_p05": 3.0320000648498535,
  "summary_bg_p95": 123.73200607299805,
  "summary_bg_stdv": 47.583831787109375,
  "summary_fg_k": 3.1856479067814183,
  "summary_fg_mad": 42.90058467198331,
  "summary_fg_mean": 381.7867736816406,
  "summary_fg_median": 379.1360168457031,
  "summary_fg_n": 38121.0,
  "summary_fg_p05": 308.06402587890625,
  "summary_fg_p95": 463.2080078125,
  "summary_fg_stdv": 50.5069694519043,
  "tsnr": 57.034629150875844
}