{
  "aor": 0.0014807199999999998,
  "aqi": 0.005327549040000001,
  "bids_meta": {
    "AccelFactPE": 2,
    "AcquisitionNumber": 1,
    "AcquisitionTime": "11:16:58.047500",
    "BandwidthPerPixelPhaseEncode": 43.879,
    "BodyPartExamined": "BRAIN",
    "ConversionSoftware": "dcm2niix",
    "ConversionSoftwareVersion": "v1.0.20170724 GCC4.4.7",
    "DeviceSerialNumber": "67025",
    "EchoTime": 0.025,
    "EchoTrainLength": 43,
    "EffectiveEchoSpacing": 0.000356093,
    "FlipAngle": 90,
    "ImageType": [
      "ORIGINAL",
      "PRIMARY",
      "M",
      "ND",
      "NORM",
      "MOSAIC"
    ],
    "InstitutionAddress": "McClintock_3520A_Los_Angeles_CA_US_90089",
    "InstitutionName": "USC",
    "MagneticFieldStrength": 3,
    "Manufacturer": "Siemens",
    "ManufacturersModelName": "Prisma_fit",
    "PhaseEncodingDirection": "j-",
    "PhaseEncodingLines": 64,
    "ProcedureStepDescription": "Mara_Steve",
    "ProtocolName": "regulate6",
    "RepetitionTime": 2,
    "ScanningSequence": "EP",
    "SequenceName": "_epfid2d1_64",
    "SequenceVariant": "SK_OSP",
    "SeriesDescription": "regulate6",
    "SliceTiming": [
      0.99,
      0,
      1.0425,
      0.0525,
      1.095,
      0.105,
      1.145,
      0.1575,
      1.1975,
      0.2075,
      1.25,
      0.26,
      1.3025,
      0.3125,
      1.355,
      0.365,
      1.4075,
      0.4175,
      1.46,
      0.47,
      1.51,
      0.52,
      1.5625,
      0.5725,
      1.615,
      0.625,
      1.6675,
      0.6775,
      1.72,
      0.73,
      1.7725,
      0.7825,
      1.8225,
      0.8325,
      1.875,
      0.885,
      1.9275,
      0.9375
    ],
    "SoftwareVersions": "syngo_MR_D13D",
    "TaskName": "regulate",
    "TotalReadoutTime": 0.0299118,
    "TrueEchoSpacing": 0.000712186,
    "dataset": "ds003425",
    "modality": "bold",
    "run_id": 6,
    "session_id": "02",
    "subject_id": "02",
    "task_id": "regulate"
  },
  "dummy_trs": 0,
  "dvars_nstd": 18.484697095887103,
  "dvars_std": 1.100853433064516,
  "dvars_vstd": 1.0182221454838714,
  "efc": 0.600736957093268,
  "fber": 1300.9703369140625,
  "fd_mean": 0.11038991334256457,
  "fd_num": 1,
  "fd_perc": 0.8,
  "fwhm_avg": 1.6376722222222222,
  "fwhm_x": 1.4902633333333333,
  "fwhm_y": 1.7705466666666665,
  "fwhm_z": 1.6522066666666666,
  "gcor": 0.0194406,
  "gsr_x": 0.010361786000430584,
  "gsr_y": 0.040785353630781174,
  "provenance": {
    "md5sum": "6021aa4a8fea9fbd65dd06861d6f23c4",
    "settings": {
      "fd_thres": 0.2,
      "testing": false
    },
    "software": "mriqc",
    "version": "23.0.1",
    "webapi_port": null,
    "webapi_url": "https://mriqc.nimh.nih.gov/api/v1"
  },
  "size_t": 125,
  "size_x": 64,
  "size_y": 64,
  "size_z": 38,
  "snr": 7.38836512729516,
  "spacing_tr": 2.0,
  "spacing_x": 3.0,
  "spacing_y": 3.0,
  "spacing_z": 3.0,
  "summary_bg_k": 12.364762666325127,
  "summary_bg_mad": 9.381907647465493,
  "summary_bg_mean": 29.798791885375977,
  "summary_bg_median": 10.016000747680664,
  "summary_bg_n": 82970.0,
  "summary_bg_p05": 3.128000259399414,
  "summary_bg_p95": 126.85040740966811,
  "summary_bg_stdv": 47.972862243652344,
  "summary_fg_k": 3.2196559545787737,
  "summary_fg_mad": 42.758242552250074,
  "summary_fg_mean": 381.9114685058594,
  "summary_fg_median": 378.9040222167969,
  "summary_fg_n": 38162.0,
  "summary_fg_p05": 307.4268112182617,
  "summary_fg_p95": 465.4952316284179,
  "summary_fg_stdv": 51.283206939697266,
  "tsnr": 81.34010192006826
}