{
  "aor": 0.00190224,
  "aqi": 0.00814929912,
  "bids_meta": {
    "AccelFactPE": 2,
    "AcquisitionNumber": 1,
    "AcquisitionTime": "10:52:34.127500",
    "BandwidthPerPixelPhaseEncode": 43.879,
    "BodyPartExamined": "BRAIN",
    "ConversionSoftware": "dcm2niix",
    "ConversionSoftwareVersion": "v1.0.20170724 GCC4.4.7",
    "DeviceSerialNumber": "67025",
    "EchoTime": 0.025,
    "EchoTrainLength": 43,
    "EffectiveEchoSpacing": 0.000356093,
    "FlipAngle": 90,
    "ImageType": [
      "ORIGINAL",
      "PRIMARY",
      "M",
      "ND",
      "NORM",
      "MOSAIC"
    ],
    "InstitutionAddress": "McClintock_3520A_Los_Angeles_CA_US_90089",
    "InstitutionName": "USC",
    "MagneticFieldStrength": 3,
    "Manufacturer": "Siemens",
    "ManufacturersModelName": "Prisma_fit",
    "PhaseEncodingDirection": "j-",
    "PhaseEncodingLines": 64,
    "ProcedureStepDescription": "Mara_Steve",
    "ProtocolName": "regulate1",
    "RepetitionTime": 2,
    "ScanningSequence": "EP",
    "SequenceName": "_epfid2d1_64",
    "SequenceVariant": "SK_OSP",
    "SeriesDescription": "regulate1",
    "SliceTiming": [
      0.99,
      0,
      1.0425,
      0.0525,
      1.095,
      0.105,
      1.1475,
      0.1575,
      1.2,
      0.21,
      1.2525,
      0.2625,
      1.3025,
      0.3125,
      1.355,
      0.365,
      1.4075,
      0.4175,
      1.46,
      0.47,
      1.5125,
      0.5225,
      1.565,
      0.575,
      1.615,
      0.6275,
      1.6675,
      0.6775,
      1.72,
      0.73,
      1.7725,
      0.7825,
      1.825,
      0.835,
      1.8775,
      0.8875,
      1.93,
      0.94
    ],
    "SoftwareVersions": "syngo_MR_D13D",
    "TaskName": "regulate",
    "TotalReadoutTime": 0.0299118,
    "TrueEchoSpacing": 0.000712186,
    "dataset": "ds003425",
    "modality": "bold",
    "run_id": 1,
    "session_id": "02",
    "subject_id": "02",
    "task_id": "regulate"
  },
  "dummy_trs": 0,
  "dvars_nstd": 18.530661267822577,
  "dvars_std": 1.0631006128225806,
  "dvars_vstd": 0.991087275564516,
  "efc": 0.5982724422014258,
  "fber": 1401.0430908203125,
  "fd_mean": 0.11608976305044201,
  "fd_num": 8,
  "fd_perc": 6.4,
  "fwhm_avg": 1.6431555555555555,
  "fwhm_x": 1.51138,
  "fwhm_y": 1.7670433333333333,
  "fwhm_z": 1.6510433333333332,
  "gcor": 0.0209664,
  "gsr_x": 0.009770536795258522,
  "gsr_y": 0.040602248162031174,
  "provenance": {
    "md5sum": "bf8f57359754aa3321a300163271fb4e",
    "settings": {
      "fd_thres": 0.2,
      "testing": false
    },
    "software": "mriqc",
    "version": "23.0.1",
    "webapi_port": null,
    "webapi_url": "https://mriqc.nimh.nih.gov/api/v1"
  },
  "size_t": 125,
  "size_x": 64,
  "size_y": 64,
  "size_z": 38,
  "snr": 7.554735666546838,
  "spacing_tr": 2.0,
  "spacing_x": 3.0,
  "spacing_y": 3.0,
  "spacing_z": 3.0,
  "summary_bg_k": 12.904846474250935,
  "summary_bg_mad": 8.883752292508975,
  "summary_bg_mean": 28.69794464111328,
  "summary_bg_median": 9.552000045776367,
  "summary_bg_n": 83166.0,
  "summary_bg_p05": 3.0400002002716064,
  "summary_bg_p95": 121.38600540161133,
  "summary_bg_stdv": 46.52396774291992,
  "summary_fg_k": 3.010026013426372,
  "summary_fg_mad": 42.971755731849925,
  "summary_fg_mean": 379.2900085449219,
  "summary_fg_median": 377.176025390625,
  "summary_fg_n": 38025.0,
  "summary_fg_p05": 305.72320556640625,
  "summary_fg_p95": 458.838427734375,
  "summary_fg_stdv": 49.92511749267578,
  "tsnr": 69.080860594986
}