{
  "aor": 0.0008893307086614172,
  "aqi": 0.024991521653543305,
  "bids_meta": {
    "AccelFactPE": 2,
    "AcquisitionNumber": 1,
    "AcquisitionTime": "10:39:25.485000",
    "BandwidthPerPixelPhaseEncode": 35.613,
    "BodyPartExamined": "BRAIN",
    "ConversionSoftware": "dcm2niix",
    "ConversionSoftwareVersion": "v1.0.20170724 GCC4.4.7",
    "DeviceSerialNumber": "67025",
    "EchoTime": 0.03,
    "EchoTrainLength": 51,
    "EffectiveEchoSpacing": 0.000359995,
    "FlipAngle": 65,
    "ImageType": [
      "ORIGINAL",
      "PRIMARY",
      "M",
      "ND",
      "NORM",
      "MOSAIC"
    ],
    "InstitutionAddress": "McClintock_3520A_Los_Angeles_CA_US_90089",
    "InstitutionName": "USC",
    "MagneticFieldStrength": 3,
    "Manufacturer": "Siemens",
    "ManufacturersModelName": "Prisma_fit",
    "PhaseEncodingDirection": "j-",
    "PhaseEncodingLines": 78,
    "ProcedureStepDescription": "Mara_Steve",
    "ProtocolName": "wedge_shorter",
    "RepetitionTime": 1.2,
    "ScanningSequence": "EP",
    "SequenceName": "_epfid2d1_78",
    "SequenceVariant": "SK_OSP",
    "SeriesDescription": "wedge_shorter",
    "SliceTiming": [
      0.59,
      0,
      0.65,
      0.06,
      0.71,
      0.12,
      0.7675,
      0.1775,
      0.8275,
      0.2375,
      0.885,
      0.295,
      0.945,
      0.355,
      1.005,
      0.415,
      1.0625,
      0.4725,
      1.1225,
      0.5325
    ],
    "SoftwareVersions": "syngo_MR_D13D",
    "TaskName": "wedge",
    "TotalReadoutTime": 0.0363595,
    "TrueEchoSpacing": 0.000719991,
    "dataset": "ds003425",
    "modality": "bold",
    "run_id": 1,
    "session_id": "02",
    "subject_id": "02",
    "task_id": "wedge"
  },
  "dummy_trs": 0,
  "dvars_nstd": 51.39605904375491,
  "dvars_std": 1.426017618537548,
  "dvars_vstd": 1.0040036086956525,
  "efc": 0.5189802453339677,
  "fber": 1618.9881591796875,
  "fd_mean": 0.13806909905178488,
  "fd_num": 38,
  "fd_perc": 14.960629921259843,
  "fwhm_avg": 1.6573596273336253,
  "fwhm_x": 1.5610277543471844,
  "fwhm_y": 1.606487127653691,
  "fwhm_z": 1.8045639999999998,
  "gcor": 0.0103734,
  "gsr_x": -0.005631768610328436,
  "gsr_y": 0.010864225216209888,
  "provenance": {
    "md5sum": "8fd3ddd7adb9f3d34b81fc4e3ffaad2a",
    "settings": {
      "fd_thres": 0.2,
      "testing": false
    },
    "software": "mriqc",
    "version": "23.0.1",
    "webapi_port": null,
    "webapi_url": "https://mriqc.nimh.nih.gov/api/v1"
  },
  "size_t": 254,
  "size_x": 78,
  "size_y": 78,
  "size_z": 20,
  "snr": 6.616228227429353,
  "spacing_tr": 1.2000000476837158,
  "spacing_x": 2.461538553237915,
  "spacing_y": 2.461538553237915,
  "spacing_z": 2.5,
  "summary_bg_k": 29.732811193487656,
  "summary_bg_mad": 4.512014161071537,
  "summary_bg_mean": 16.71000099182129,
  "summary_bg_median": 7.547244071960449,
  "summary_bg_n": 75611.0,
  "summary_bg_p05": 3.8149607181549072,
  "summary_bg_p95": 58.95078659057617,
  "summary_bg_stdv": 24.232196807861328,
  "summary_fg_k": 4.314367247125446,
  "summary_fg_mad": 38.535984360455515,
  "summary_fg_mean": 315.1848449707031,
  "summary_fg_median": 312.4173278808594,
  "summary_fg_n": 19947.0,
  "summary_fg_p05": 253.52991943359376,
  "summary_fg_p95": 388.96102600097663,
  "summary_fg_stdv": 47.21866989135742,
  "tsnr": 39.20300218008924
}