{
  "aor": 0.00192568,
  "aqi": 0.006259293200000002,
  "bids_meta": {
    "AccelFactPE": 2,
    "AcquisitionNumber": 1,
    "AcquisitionTime": "13:03:47.727500",
    "BandwidthPerPixelPhaseEncode": 43.879,
    "BodyPartExamined": "BRAIN",
    "ConversionSoftware": "dcm2niix",
    "ConversionSoftwareVersion": "v1.0.20170724 GCC4.4.7",
    "DeviceSerialNumber": "67025",
    "EchoTime": 0.025,
    "EchoTrainLength": 43,
    "EffectiveEchoSpacing": 0.000356093,
    "FlipAngle": 90,
    "ImageType": [
      "ORIGINAL",
      "PRIMARY",
      "M",
      "ND",
      "NORM",
      "MOSAIC"
    ],
    "InstitutionAddress": "McClintock_3520A_Los_Angeles_CA_US_90089",
    "InstitutionName": "USC",
    "MagneticFieldStrength": 3,
    "Manufacturer": "Siemens",
    "ManufacturersModelName": "Prisma_fit",
    "PhaseEncodingDirection": "j-",
    "PhaseEncodingLines": 64,
    "ProcedureStepDescription": "Mara_Steve",
    "ProtocolName": "regulate7",
    "RepetitionTime": 2,
    "ScanningSequence": "EP",
    "SequenceName": "_epfid2d1_64",
    "SequenceVariant": "SK_OSP",
    "SeriesDescription": "regulate7",
    "SliceTiming": [
      0.99,
      0,
      1.0425,
      0.0525,
      1.095,
      0.105,
      1.1475,
      0.1575,
      1.2,
      0.21,
      1.25,
      0.26,
      1.3025,
      0.3125,
      1.355,
      0.365,
      1.4075,
      0.4175,
      1.46,
      0.47,
      1.5125,
      0.5225,
      1.5625,
      0.575,
      1.615,
      0.625,
      1.6675,
      0.6775,
      1.72,
      0.73,
      1.7725,
      0.7825,
      1.825,
      0.835,
      1.8775,
      0.8875,
      1.9275,
      0.9375
    ],
    "SoftwareVersions": "syngo_MR_D13D",
    "TaskName": "regulate",
    "TotalReadoutTime": 0.0299118,
    "TrueEchoSpacing": 0.000712186,
    "dataset": "ds003425",
    "modality": "bold",
    "run_id": 7,
    "session_id": "02",
    "subject_id": "10",
    "task_id": "regulate"
  },
  "dummy_trs": 0,
  "dvars_nstd": 26.37865266540323,
  "dvars_std": 1.3817718773387089,
  "dvars_vstd": 1.0308465168548386,
  "efc": 0.6388669824030682,
  "fber": 1942.120361328125,
  "fd_mean": 0.07392674291873745,
  "fd_num": 2,
  "fd_perc": 1.6,
  "fwhm_avg": 1.6334566666666668,
  "fwhm_x": 1.5293333333333334,
  "fwhm_y": 1.6930533333333333,
  "fwhm_z": 1.6779833333333334,
  "gcor": 0.0128342,
  "gsr_x": -0.009672506712377071,
  "gsr_y": 0.054469216614961624,
  "provenance": {
    "md5sum": "6d93cc7eab184404ca5bed97f01d12b7",
    "settings": {
      "fd_thres": 0.2,
      "testing": false
    },
    "software": "mriqc",
    "version": "23.0.1",
    "webapi_port": null,
    "webapi_url": "https://mriqc.nimh.nih.gov/api/v1"
  },
  "size_t": 125,
  "size_x": 64,
  "size_y": 64,
  "size_z": 38,
  "snr": 7.406665259517729,
  "spacing_tr": 2.0,
  "spacing_x": 3.0,
  "spacing_y": 3.0,
  "spacing_z": 3.0,
  "summary_bg_k": 11.548143685476317,
  "summary_bg_mad": 6.523450256296528,
  "summary_bg_mean": 27.9935359954834,
  "summary_bg_median": 8.256000518798828,
  "summary_bg_n": 72588.0,
  "summary_bg_p05": 3.2400002479553223,
  "summary_bg_p95": 121.9812076568603,
  "summary_bg_stdv": 44.80227279663086,
  "summary_fg_k": 2.3732018095217553,
  "summary_fg_mad": 49.93403186036571,
  "summary_fg_mean": 395.2572937011719,
  "summary_fg_median": 391.96002197265625,
  "summary_fg_n": 47001.0,
  "summary_fg_p05": 321.8480224609375,
  "summary_fg_p95": 483.8480224609375,
  "summary_fg_stdv": 52.919342041015625,
  "tsnr": 84.56341289239936
}