{
  "aor": 0.0016662399999999998,
  "aqi": 0.006560768239999999,
  "bids_meta": {
    "AccelFactPE": 2,
    "AcquisitionNumber": 1,
    "AcquisitionTime": "12:59:7.205000",
    "BandwidthPerPixelPhaseEncode": 43.879,
    "BodyPartExamined": "BRAIN",
    "ConversionSoftware": "dcm2niix",
    "ConversionSoftwareVersion": "v1.0.20170724 GCC4.4.7",
    "DeviceSerialNumber": "67025",
    "EchoTime": 0.025,
    "EchoTrainLength": 43,
    "EffectiveEchoSpacing": 0.000356093,
    "FlipAngle": 90,
    "ImageType": [
      "ORIGINAL",
      "PRIMARY",
      "M",
      "ND",
      "NORM",
      "MOSAIC"
    ],
    "InstitutionAddress": "McClintock_3520A_Los_Angeles_CA_US_90089",
    "InstitutionName": "USC",
    "MagneticFieldStrength": 3,
    "Manufacturer": "Siemens",
    "ManufacturersModelName": "Prisma_fit",
    "PhaseEncodingDirection": "j-",
    "PhaseEncodingLines": 64,
    "ProcedureStepDescription": "Mara_Steve",
    "ProtocolName": "regulate6",
    "RepetitionTime": 2,
    "ScanningSequence": "EP",
    "SequenceName": "_epfid2d1_64",
    "SequenceVariant": "SK_OSP",
    "SeriesDescription": "regulate6",
    "SliceTiming": [
      0.99,
      0,
      1.0425,
      0.0525,
      1.095,
      0.105,
      1.1475,
      0.1575,
      1.2,
      0.21,
      1.2525,
      0.2625,
      1.3025,
      0.3125,
      1.355,
      0.365,
      1.4075,
      0.4175,
      1.46,
      0.47,
      1.5125,
      0.5225,
      1.565,
      0.575,
      1.615,
      0.625,
      1.6675,
      0.6775,
      1.72,
      0.73,
      1.7725,
      0.7825,
      1.825,
      0.835,
      1.8775,
      0.8875,
      1.9275,
      0.94
    ],
    "SoftwareVersions": "syngo_MR_D13D",
    "TaskName": "regulate",
    "TotalReadoutTime": 0.0299118,
    "TrueEchoSpacing": 0.000712186,
    "dataset": "ds003425",
    "modality": "bold",
    "run_id": 6,
    "session_id": "02",
    "subject_id": "10",
    "task_id": "regulate"
  },
  "dummy_trs": 0,
  "dvars_nstd": 27.543927915725813,
  "dvars_std": 1.4021168296774185,
  "dvars_vstd": 1.0274402032258065,
  "efc": 0.6386439943503502,
  "fber": 1952.309814453125,
  "fd_mean": 0.07568334644146635,
  "fd_num": 2,
  "fd_perc": 1.6,
  "fwhm_avg": 1.6329011111111111,
  "fwhm_x": 1.5208866666666667,
  "fwhm_y": 1.6918833333333334,
  "fwhm_z": 1.6859333333333335,
  "gcor": 0.013423,
  "gsr_x": -0.00922152865678072,
  "gsr_y": 0.054995160549879074,
  "provenance": {
    "md5sum": "7ef93fe8c9cb07d98f368367187746ac",
    "settings": {
      "fd_thres": 0.2,
      "testing": false
    },
    "software": "mriqc",
    "version": "23.0.1",
    "webapi_port": null,
    "webapi_url": "https://mriqc.nimh.nih.gov/api/v1"
  },
  "size_t": 125,
  "size_x": 64,
  "size_y": 64,
  "size_z": 38,
  "snr": 7.4279142476295235,
  "spacing_tr": 2.0,
  "spacing_x": 3.0,
  "spacing_y": 3.0,
  "spacing_z": 3.0,
  "summary_bg_k": 11.607222253716124,
  "summary_bg_mad": 6.5115895912518065,
  "summary_bg_mean": 27.931562423706055,
  "summary_bg_median": 8.24000072479248,
  "summary_bg_n": 72683.0,
  "summary_bg_p05": 3.2240002155303955,
  "summary_bg_p95": 122.1896087646483,
  "summary_bg_stdv": 44.731258392333984,
  "summary_fg_k": 2.3293661008161957,
  "summary_fg_mad": 49.60193041127418,
  "summary_fg_mean": 394.46502685546875,
  "summary_fg_median": 391.072021484375,
  "summary_fg_n": 46901.0,
  "summary_fg_p05": 321.3600158691406,
  "summary_fg_p95": 482.3440246582031,
  "summary_fg_stdv": 52.648406982421875,
  "tsnr": 84.06867289566435
}