{
  "aor": 0.0013518548387096774,
  "aqi": 0.0068383161290322585,
  "bids_meta": {
    "AccelFactPE": 2,
    "AcquisitionNumber": 1,
    "AcquisitionTime": "12:34:35.580000",
    "BandwidthPerPixelPhaseEncode": 43.879,
    "BodyPartExamined": "BRAIN",
    "ConversionSoftware": "dcm2niix",
    "ConversionSoftwareVersion": "v1.0.20170724 GCC4.4.7",
    "DeviceSerialNumber": "67025",
    "EchoTime": 0.025,
    "EchoTrainLength": 43,
    "EffectiveEchoSpacing": 0.000356093,
    "FlipAngle": 90,
    "ImageType": [
      "ORIGINAL",
      "PRIMARY",
      "M",
      "ND",
      "NORM",
      "MOSAIC"
    ],
    "InstitutionAddress": "McClintock_3520A_Los_Angeles_CA_US_90089",
    "InstitutionName": "USC",
    "MagneticFieldStrength": 3,
    "Manufacturer": "Siemens",
    "ManufacturersModelName": "Prisma_fit",
    "PhaseEncodingDirection": "j-",
    "PhaseEncodingLines": 64,
    "ProcedureStepDescription": "Mara_Steve",
    "ProtocolName": "regulate1",
    "RepetitionTime": 2,
    "ScanningSequence": "EP",
    "SequenceName": "_epfid2d1_64",
    "SequenceVariant": "SK_OSP",
    "SeriesDescription": "regulate1",
    "SliceTiming": [
      0.99,
      0,
      1.0425,
      0.0525,
      1.0925,
      0.1025,
      1.145,
      0.155,
      1.1975,
      0.2075,
      1.25,
      0.26,
      1.3025,
      0.3125,
      1.355,
      0.365,
      1.405,
      0.415,
      1.4575,
      0.4675,
      1.51,
      0.52,
      1.5625,
      0.5725,
      1.615,
      0.625,
      1.6675,
      0.6775,
      1.7175,
      0.7275,
      1.77,
      0.78,
      1.8225,
      0.8325,
      1.875,
      0.885,
      1.9275,
      0.9375
    ],
    "SoftwareVersions": "syngo_MR_D13D",
    "TaskName": "regulate",
    "TotalReadoutTime": 0.0299118,
    "TrueEchoSpacing": 0.000712186,
    "dataset": "ds003425",
    "modality": "bold",
    "run_id": 1,
    "session_id": "02",
    "subject_id": "10",
    "task_id": "regulate"
  },
  "dummy_trs": 1,
  "dvars_nstd": 26.71143161162601,
  "dvars_std": 1.3632708134959353,
  "dvars_vstd": 1.007994286585366,
  "efc": 0.6379598123445878,
  "fber": 1973.12451171875,
  "fd_mean": 0.07916014520651724,
  "fd_num": 1,
  "fd_perc": 0.8064516129032258,
  "fwhm_avg": 1.6281633333333334,
  "fwhm_x": 1.50832,
  "fwhm_y": 1.7015433333333334,
  "fwhm_z": 1.6746266666666667,
  "gcor": 0.0117182,
  "gsr_x": -0.007981807924807072,
  "gsr_y": 0.05345321446657181,
  "provenance": {
    "md5sum": "cee8b0c22b3adf3a2dacc9e00fad9c0c",
    "settings": {
      "fd_thres": 0.2,
      "testing": false
    },
    "software": "mriqc",
    "version": "23.0.1",
    "webapi_port": null,
    "webapi_url": "https://mriqc.nimh.nih.gov/api/v1"
  },
  "size_t": 124,
  "size_x": 64,
  "size_y": 64,
  "size_z": 38,
  "snr": 7.4274985748436295,
  "spacing_tr": 2.0,
  "spacing_x": 3.0,
  "spacing_y": 3.0,
  "spacing_z": 3.0,
  "summary_bg_k": 11.885155765690019,
  "summary_bg_mad": 6.623883443909382,
  "summary_bg_mean": 27.906583786010742,
  "summary_bg_median": 8.266128540039062,
  "summary_bg_n": 72753.0,
  "summary_bg_p05": 3.1693546772003174,
  "summary_bg_p95": 121.66128540039062,
  "summary_bg_stdv": 44.952842712402344,
  "summary_fg_k": 2.270818933644734,
  "summary_fg_mad": 49.90629641236937,
  "summary_fg_mean": 395.6910400390625,
  "summary_fg_median": 392.44757080078125,
  "summary_fg_n": 46866.0,
  "summary_fg_p05": 321.95764923095703,
  "summary_fg_p95": 484.03023529052734,
  "summary_fg_stdv": 52.8365478515625,
  "tsnr": 81.3623775136657
}