{
  "aor": 0.0011105905511811023,
  "aqi": 0.023193791338582678,
  "bids_meta": {
    "AccelFactPE": 2,
    "AcquisitionNumber": 1,
    "AcquisitionTime": "12:20:13.575000",
    "BandwidthPerPixelPhaseEncode": 35.613,
    "BodyPartExamined": "BRAIN",
    "ConversionSoftware": "dcm2niix",
    "ConversionSoftwareVersion": "v1.0.20170724 GCC4.4.7",
    "DeviceSerialNumber": "67025",
    "EchoTime": 0.03,
    "EchoTrainLength": 51,
    "EffectiveEchoSpacing": 0.000359995,
    "FlipAngle": 65,
    "ImageType": [
      "ORIGINAL",
      "PRIMARY",
      "M",
      "ND",
      "NORM",
      "MOSAIC"
    ],
    "InstitutionAddress": "McClintock_3520A_Los_Angeles_CA_US_90089",
    "InstitutionName": "USC",
    "MagneticFieldStrength": 3,
    "Manufacturer": "Siemens",
    "ManufacturersModelName": "Prisma_fit",
    "PhaseEncodingDirection": "i-",
    "PhaseEncodingLines": 78,
    "ProcedureStepDescription": "Mara_Steve",
    "ProtocolName": "wedge_shorter",
    "RepetitionTime": 1.2,
    "ScanningSequence": "EP",
    "SequenceName": "_epfid2d1_78",
    "SequenceVariant": "SK_OSP",
    "SeriesDescription": "wedge_shorter",
    "SliceTiming": [
      0.59,
      0,
      0.6475,
      0.0575,
      0.7075,
      0.1175,
      0.7675,
      0.1775,
      0.825,
      0.235,
      0.885,
      0.295,
      0.9425,
      0.3525,
      1.0025,
      0.4125,
      1.0625,
      0.4725,
      1.12,
      0.53
    ],
    "SoftwareVersions": "syngo_MR_D13D",
    "TaskName": "wedge",
    "TotalReadoutTime": 0.0363595,
    "TrueEchoSpacing": 0.000719991,
    "dataset": "ds003425",
    "modality": "bold",
    "run_id": 1,
    "session_id": "02",
    "subject_id": "10",
    "task_id": "wedge"
  },
  "dummy_trs": 0,
  "dvars_nstd": 59.79571561814229,
  "dvars_std": 1.5663348411462454,
  "dvars_vstd": 1.0058766354940716,
  "efc": 0.50326807433734,
  "fber": 1445.3282470703125,
  "fd_mean": 0.19822834101190254,
  "fd_num": 117,
  "fd_perc": 46.06299212598425,
  "fwhm_avg": 2.568780415252442,
  "fwhm_x": 2.708728649091994,
  "fwhm_y": 2.4383245966653306,
  "fwhm_z": 2.559288,
  "gcor": 0.00717873,
  "gsr_x": -0.00929237063974142,
  "gsr_y": 0.022897036746144295,
  "provenance": {
    "md5sum": "8a55ec5beb837438ba9e76adde3a976d",
    "settings": {
      "fd_thres": 0.2,
      "testing": false
    },
    "software": "mriqc",
    "version": "23.0.1",
    "webapi_port": null,
    "webapi_url": "https://mriqc.nimh.nih.gov/api/v1"
  },
  "size_t": 254,
  "size_x": 78,
  "size_y": 78,
  "size_z": 20,
  "snr": 5.074867944680768,
  "spacing_tr": 1.2000000476837158,
  "spacing_x": 2.461538553237915,
  "spacing_y": 2.461538553237915,
  "spacing_z": 2.5,
  "summary_bg_k": 55.20424499232248,
  "summary_bg_mad": 4.482828738466706,
  "summary_bg_mean": 17.013811111450195,
  "summary_bg_median": 7.362204551696777,
  "summary_bg_n": 75471.0,
  "summary_bg_p05": 3.5157480239868164,
  "summary_bg_p95": 67.99015808105469,
  "summary_bg_stdv": 27.937007904052734,
  "summary_fg_k": 2.6712866149863874,
  "summary_fg_mad": 40.60229785889705,
  "summary_fg_mean": 298.9741516113281,
  "summary_fg_median": 305.24407958984375,
  "summary_fg_n": 15018.0,
  "summary_fg_p05": 157.5470443725586,
  "summary_fg_p95": 376.65373077392576,
  "summary_fg_stdv": 60.14617919921875,
  "tsnr": 39.999280871183146
}