{
  "aor": 0.0015173599999999997,
  "aqi": 0.00698278392,
  "bids_meta": {
    "AccelFactPE": 2,
    "AcquisitionNumber": 1,
    "AcquisitionTime": "12:54:25.790000",
    "BandwidthPerPixelPhaseEncode": 43.879,
    "BodyPartExamined": "BRAIN",
    "ConversionSoftware": "dcm2niix",
    "ConversionSoftwareVersion": "v1.0.20170724 GCC4.4.7",
    "DeviceSerialNumber": "67025",
    "EchoTime": 0.025,
    "EchoTrainLength": 43,
    "EffectiveEchoSpacing": 0.000356093,
    "FlipAngle": 90,
    "ImageType": [
      "ORIGINAL",
      "PRIMARY",
      "M",
      "ND",
      "NORM",
      "MOSAIC"
    ],
    "InstitutionAddress": "McClintock_3520A_Los_Angeles_CA_US_90089",
    "InstitutionName": "USC",
    "MagneticFieldStrength": 3,
    "Manufacturer": "Siemens",
    "ManufacturersModelName": "Prisma_fit",
    "PhaseEncodingDirection": "j-",
    "PhaseEncodingLines": 64,
    "ProcedureStepDescription": "Mara_Steve",
    "ProtocolName": "regulate5",
    "RepetitionTime": 2,
    "ScanningSequence": "EP",
    "SequenceName": "_epfid2d1_64",
    "SequenceVariant": "SK_OSP",
    "SeriesDescription": "regulate5",
    "SliceTiming": [
      0.99,
      0,
      1.0425,
      0.0525,
      1.0925,
      0.1025,
      1.145,
      0.155,
      1.1975,
      0.2075,
      1.25,
      0.26,
      1.3025,
      0.3125,
      1.355,
      0.365,
      1.405,
      0.4175,
      1.4575,
      0.4675,
      1.51,
      0.52,
      1.5625,
      0.5725,
      1.615,
      0.625,
      1.6675,
      0.6775,
      1.72,
      0.73,
      1.77,
      0.78,
      1.8225,
      0.8325,
      1.875,
      0.885,
      1.9275,
      0.9375
    ],
    "SoftwareVersions": "syngo_MR_D13D",
    "TaskName": "regulate",
    "TotalReadoutTime": 0.0299118,
    "TrueEchoSpacing": 0.000712186,
    "dataset": "ds003425",
    "modality": "bold",
    "run_id": 5,
    "session_id": "02",
    "subject_id": "10",
    "task_id": "regulate"
  },
  "dummy_trs": 0,
  "dvars_nstd": 26.600188701129028,
  "dvars_std": 1.371138514516129,
  "dvars_vstd": 1.0156430647580648,
  "efc": 0.6385282558903045,
  "fber": 1956.17578125,
  "fd_mean": 0.07772863190927416,
  "fd_num": 2,
  "fd_perc": 1.6,
  "fwhm_avg": 1.638733109344907,
  "fwhm_x": 1.5257533333333333,
  "fwhm_y": 1.69939,
  "fwhm_z": 1.6910559947013877,
  "gcor": 0.0128012,
  "gsr_x": -0.008934151381254196,
  "gsr_y": 0.05430810526013374,
  "provenance": {
    "md5sum": "70c162ad88a75c45599275982d8b9f95",
    "settings": {
      "fd_thres": 0.2,
      "testing": false
    },
    "software": "mriqc",
    "version": "23.0.1",
    "webapi_port": null,
    "webapi_url": "https://mriqc.nimh.nih.gov/api/v1"
  },
  "size_t": 125,
  "size_x": 64,
  "size_y": 64,
  "size_z": 38,
  "snr": 7.432740279129532,
  "spacing_tr": 2.0,
  "spacing_x": 3.0,
  "spacing_y": 3.0,
  "spacing_z": 3.0000011920928955,
  "summary_bg_k": 11.628884052071195,
  "summary_bg_mad": 6.594615307004602,
  "summary_bg_mean": 27.903141021728516,
  "summary_bg_median": 8.256000518798828,
  "summary_bg_n": 72659.0,
  "summary_bg_p05": 3.200000047683716,
  "summary_bg_p95": 121.40400848388637,
  "summary_bg_stdv": 44.567970275878906,
  "summary_fg_k": 2.215247809097993,
  "summary_fg_mad": 49.68495577354706,
  "summary_fg_mean": 394.3694763183594,
  "summary_fg_median": 391.1440124511719,
  "summary_fg_n": 46963.0,
  "summary_fg_p05": 320.7440185546875,
  "summary_fg_p95": 482.5272155761719,
  "summary_fg_stdv": 52.62390899658203,
  "tsnr": 80.29606556124054
}