{
  "aor": 0.00219232,
  "aqi": 0.0064990164800000005,
  "bids_meta": {
    "AccelFactPE": 2,
    "AcquisitionNumber": 1,
    "AcquisitionTime": "12:44:28.995000",
    "BandwidthPerPixelPhaseEncode": 43.879,
    "BodyPartExamined": "BRAIN",
    "ConversionSoftware": "dcm2niix",
    "ConversionSoftwareVersion": "v1.0.20170724 GCC4.4.7",
    "DeviceSerialNumber": "67025",
    "EchoTime": 0.025,
    "EchoTrainLength": 43,
    "EffectiveEchoSpacing": 0.000356093,
    "FlipAngle": 90,
    "ImageType": [
      "ORIGINAL",
      "PRIMARY",
      "M",
      "ND",
      "NORM",
      "MOSAIC"
    ],
    "InstitutionAddress": "McClintock_3520A_Los_Angeles_CA_US_90089",
    "InstitutionName": "USC",
    "MagneticFieldStrength": 3,
    "Manufacturer": "Siemens",
    "ManufacturersModelName": "Prisma_fit",
    "PhaseEncodingDirection": "j-",
    "PhaseEncodingLines": 64,
    "ProcedureStepDescription": "Mara_Steve",
    "ProtocolName": "regulate3",
    "RepetitionTime": 2,
    "ScanningSequence": "EP",
    "SequenceName": "_epfid2d1_64",
    "SequenceVariant": "SK_OSP",
    "SeriesDescription": "regulate3",
    "SliceTiming": [
      0.99,
      0,
      1.0425,
      0.0525,
      1.0925,
      0.1025,
      1.145,
      0.155,
      1.1975,
      0.2075,
      1.25,
      0.26,
      1.3025,
      0.3125,
      1.355,
      0.365,
      1.405,
      0.4175,
      1.4575,
      0.4675,
      1.51,
      0.52,
      1.5625,
      0.5725,
      1.615,
      0.625,
      1.6675,
      0.6775,
      1.72,
      0.73,
      1.77,
      0.78,
      1.8225,
      0.8325,
      1.875,
      0.885,
      1.9275,
      0.9375
    ],
    "SoftwareVersions": "syngo_MR_D13D",
    "TaskName": "regulate",
    "TotalReadoutTime": 0.0299118,
    "TrueEchoSpacing": 0.000712186,
    "dataset": "ds003425",
    "modality": "bold",
    "run_id": 3,
    "session_id": "02",
    "subject_id": "10",
    "task_id": "regulate"
  },
  "dummy_trs": 0,
  "dvars_nstd": 26.748558259838703,
  "dvars_std": 1.398282603145161,
  "dvars_vstd": 1.0310487807258064,
  "efc": 0.6380812963185267,
  "fber": 1983.380615234375,
  "fd_mean": 0.0687704963753359,
  "fd_num": 1,
  "fd_perc": 0.8,
  "fwhm_avg": 1.6372055555555558,
  "fwhm_x": 1.52038,
  "fwhm_y": 1.70425,
  "fwhm_z": 1.6869866666666666,
  "gcor": 0.0122242,
  "gsr_x": -0.00841230433434248,
  "gsr_y": 0.05410390347242355,
  "provenance": {
    "md5sum": "444300ae6c03e40eb52e2795f8473627",
    "settings": {
      "fd_thres": 0.2,
      "testing": false
    },
    "software": "mriqc",
    "version": "23.0.1",
    "webapi_port": null,
    "webapi_url": "https://mriqc.nimh.nih.gov/api/v1"
  },
  "size_t": 125,
  "size_x": 64,
  "size_y": 64,
  "size_z": 38,
  "snr": 7.439930265738877,
  "spacing_tr": 2.0,
  "spacing_x": 3.0,
  "spacing_y": 3.0,
  "spacing_z": 3.0,
  "summary_bg_k": 11.689790646757885,
  "summary_bg_mad": 6.499728219247256,
  "summary_bg_mean": 27.74127960205078,
  "summary_bg_median": 8.208000183105469,
  "summary_bg_n": 72723.0,
  "summary_bg_p05": 3.2160000801086426,
  "summary_bg_p95": 120.85520324707026,
  "summary_bg_stdv": 44.487606048583984,
  "summary_fg_k": 2.2494725387240635,
  "summary_fg_mad": 49.80358928846777,
  "summary_fg_mean": 394.6874694824219,
  "summary_fg_median": 391.3600158691406,
  "summary_fg_n": 46917.0,
  "summary_fg_p05": 321.416015625,
  "summary_fg_p95": 482.5712219238281,
  "summary_fg_stdv": 52.60208511352539,
  "tsnr": 83.4355335580185
}