{
  "aor": 0.0008315415019762846,
  "aqi": 0.022363229644268776,
  "bids_meta": {
    "AccelFactPE": 2,
    "AcquisitionNumber": 1,
    "AcquisitionTime": "13:14:45.505000",
    "BandwidthPerPixelPhaseEncode": 35.613,
    "BodyPartExamined": "BRAIN",
    "ConversionSoftware": "dcm2niix",
    "ConversionSoftwareVersion": "v1.0.20170724 GCC4.4.7",
    "DeviceSerialNumber": "67025",
    "EchoTime": 0.03,
    "EchoTrainLength": 51,
    "EffectiveEchoSpacing": 0.000359995,
    "FlipAngle": 65,
    "ImageType": [
      "ORIGINAL",
      "PRIMARY",
      "M",
      "ND",
      "NORM",
      "MOSAIC"
    ],
    "InstitutionAddress": "McClintock_3520A_Los_Angeles_CA_US_90089",
    "InstitutionName": "USC",
    "MagneticFieldStrength": 3,
    "Manufacturer": "Siemens",
    "ManufacturersModelName": "Prisma_fit",
    "PhaseEncodingDirection": "i-",
    "PhaseEncodingLines": 78,
    "ProcedureStepDescription": "Mara_Steve",
    "ProtocolName": "wedge_shorter",
    "RepetitionTime": 1.2,
    "ScanningSequence": "EP",
    "SequenceName": "_epfid2d1_78",
    "SequenceVariant": "SK_OSP",
    "SeriesDescription": "wedge_shorter",
    "SliceTiming": [
      0.59,
      0,
      0.65,
      0.06,
      0.7075,
      0.1175,
      0.7675,
      0.1775,
      0.825,
      0.235,
      0.885,
      0.295,
      0.945,
      0.355,
      1.0025,
      0.4125,
      1.0625,
      0.4725,
      1.12,
      0.53
    ],
    "SoftwareVersions": "syngo_MR_D13D",
    "TaskName": "wedge",
    "TotalReadoutTime": 0.0363595,
    "TrueEchoSpacing": 0.000719991,
    "dataset": "ds003425",
    "modality": "bold",
    "run_id": 2,
    "session_id": "02",
    "subject_id": "10",
    "task_id": "wedge"
  },
  "dummy_trs": 1,
  "dvars_nstd": 59.89011016746027,
  "dvars_std": 1.5644977038888892,
  "dvars_vstd": 0.9987148565079369,
  "efc": 0.5060549308888145,
  "fber": 1374.445068359375,
  "fd_mean": 0.18929295589253312,
  "fd_num": 101,
  "fd_perc": 39.92094861660079,
  "fwhm_avg": 2.7354516195616463,
  "fwhm_x": 2.869770205592729,
  "fwhm_y": 2.6013486530922107,
  "fwhm_z": 2.735236,
  "gcor": 0.00563654,
  "gsr_x": -0.009370115585625172,
  "gsr_y": 0.027633152902126312,
  "provenance": {
    "md5sum": "0b1569bf274082692f64415decc36da0",
    "settings": {
      "fd_thres": 0.2,
      "testing": false
    },
    "software": "mriqc",
    "version": "23.0.1",
    "webapi_port": null,
    "webapi_url": "https://mriqc.nimh.nih.gov/api/v1"
  },
  "size_t": 253,
  "size_x": 78,
  "size_y": 78,
  "size_z": 20,
  "snr": 4.584870960319941,
  "spacing_tr": 1.2000000476837158,
  "spacing_x": 2.461538553237915,
  "spacing_y": 2.461538553237915,
  "spacing_z": 2.5,
  "summary_bg_k": 54.71789928491981,
  "summary_bg_mad": 4.547427899766491,
  "summary_bg_mean": 17.723628997802734,
  "summary_bg_median": 7.450592994689941,
  "summary_bg_n": 75343.0,
  "summary_bg_p05": 3.5652174949645996,
  "summary_bg_p95": 73.19367980957031,
  "summary_bg_stdv": 29.215431213378906,
  "summary_fg_k": 2.0917309743127426,
  "summary_fg_mad": 42.14869613233713,
  "summary_fg_mean": 293.8511657714844,
  "summary_fg_median": 303.51580810546875,
  "summary_fg_n": 15030.0,
  "summary_fg_p05": 135.06206207275392,
  "summary_fg_p95": 376.3217575073242,
  "summary_fg_stdv": 66.19721984863281,
  "tsnr": 40.97812097752467
}