{
  "aor": 0.0033816799999999998,
  "aqi": 0.006781568640000001,
  "bids_meta": {
    "AccelFactPE": 2,
    "AcquisitionNumber": 1,
    "AcquisitionTime": "13:08:32.127500",
    "BandwidthPerPixelPhaseEncode": 43.879,
    "BodyPartExamined": "BRAIN",
    "ConversionSoftware": "dcm2niix",
    "ConversionSoftwareVersion": "v1.0.20170724 GCC4.4.7",
    "DeviceSerialNumber": "67025",
    "EchoTime": 0.025,
    "EchoTrainLength": 43,
    "EffectiveEchoSpacing": 0.000356093,
    "FlipAngle": 90,
    "ImageType": [
      "ORIGINAL",
      "PRIMARY",
      "M",
      "ND",
      "NORM",
      "MOSAIC"
    ],
    "InstitutionAddress": "McClintock_3520A_Los_Angeles_CA_US_90089",
    "InstitutionName": "USC",
    "MagneticFieldStrength": 3,
    "Manufacturer": "Siemens",
    "ManufacturersModelName": "Prisma_fit",
    "PhaseEncodingDirection": "j-",
    "PhaseEncodingLines": 64,
    "ProcedureStepDescription": "Mara_Steve",
    "ProtocolName": "regulate8",
    "RepetitionTime": 2,
    "ScanningSequence": "EP",
    "SequenceName": "_epfid2d1_64",
    "SequenceVariant": "SK_OSP",
    "SeriesDescription": "regulate8",
    "SliceTiming": [
      0.99,
      0,
      1.0425,
      0.0525,
      1.0925,
      0.105,
      1.145,
      0.155,
      1.1975,
      0.2075,
      1.25,
      0.26,
      1.3025,
      0.3125,
      1.355,
      0.365,
      1.4075,
      0.4175,
      1.4575,
      0.4675,
      1.51,
      0.52,
      1.5625,
      0.5725,
      1.615,
      0.625,
      1.6675,
      0.6775,
      1.72,
      0.73,
      1.77,
      0.78,
      1.8225,
      0.8325,
      1.875,
      0.885,
      1.9275,
      0.9375
    ],
    "SoftwareVersions": "syngo_MR_D13D",
    "TaskName": "regulate",
    "TotalReadoutTime": 0.0299118,
    "TrueEchoSpacing": 0.000712186,
    "dataset": "ds003425",
    "modality": "bold",
    "run_id": 8,
    "session_id": "02",
    "subject_id": "10",
    "task_id": "regulate"
  },
  "dummy_trs": 0,
  "dvars_nstd": 26.62542661572581,
  "dvars_std": 1.3752424574193547,
  "dvars_vstd": 1.0420324468548388,
  "efc": 0.6387684287233154,
  "fber": 1937.4296875,
  "fd_mean": 0.08959269183514866,
  "fd_num": 4,
  "fd_perc": 3.2,
  "fwhm_avg": 1.632468888888889,
  "fwhm_x": 1.5194133333333333,
  "fwhm_y": 1.6942266666666665,
  "fwhm_z": 1.6837666666666669,
  "gcor": 0.0132721,
  "gsr_x": -0.009508691728115082,
  "gsr_y": 0.05483461543917656,
  "provenance": {
    "md5sum": "4ac55dcc0af8a3829cb1762d4ad1ea13",
    "settings": {
      "fd_thres": 0.2,
      "testing": false
    },
    "software": "mriqc",
    "version": "23.0.1",
    "webapi_port": null,
    "webapi_url": "https://mriqc.nimh.nih.gov/api/v1"
  },
  "size_t": 125,
  "size_x": 64,
  "size_y": 64,
  "size_z": 38,
  "snr": 7.431305086042019,
  "spacing_tr": 2.0,
  "spacing_x": 3.0,
  "spacing_y": 3.0,
  "spacing_z": 3.0,
  "summary_bg_k": 11.585231922583807,
  "summary_bg_mad": 6.559032958390523,
  "summary_bg_mean": 27.978469848632812,
  "summary_bg_median": 8.280000686645508,
  "summary_bg_n": 72665.0,
  "summary_bg_p05": 3.2320001125335693,
  "summary_bg_p95": 121.42880706787113,
  "summary_bg_stdv": 44.74759292602539,
  "summary_fg_k": 2.3181346053850893,
  "summary_fg_mad": 49.862860800499085,
  "summary_fg_mean": 394.73590087890625,
  "summary_fg_median": 391.40802001953125,
  "summary_fg_n": 46917.0,
  "summary_fg_p05": 321.56642456054686,
  "summary_fg_p95": 483.07521972656247,
  "summary_fg_stdv": 52.66959762573242,
  "tsnr": 80.79442254663445
}