{
  "aor": 0.0017631199999999997,
  "aqi": 0.0059080088000000005,
  "bids_meta": {
    "AccelFactPE": 2,
    "AcquisitionNumber": 1,
    "AcquisitionTime": "14:52:48.520000",
    "BandwidthPerPixelPhaseEncode": 43.879,
    "BodyPartExamined": "BRAIN",
    "ConversionSoftware": "dcm2niix",
    "ConversionSoftwareVersion": "v1.0.20170724 GCC4.4.7",
    "DeviceSerialNumber": "67025",
    "EchoTime": 0.025,
    "EchoTrainLength": 43,
    "EffectiveEchoSpacing": 0.000356093,
    "FlipAngle": 90,
    "ImageType": [
      "ORIGINAL",
      "PRIMARY",
      "M",
      "ND",
      "NORM",
      "MOSAIC"
    ],
    "InstitutionAddress": "McClintock_3520A_Los_Angeles_CA_US_90089",
    "InstitutionName": "USC",
    "MagneticFieldStrength": 3,
    "Manufacturer": "Siemens",
    "ManufacturersModelName": "Prisma_fit",
    "PhaseEncodingDirection": "i",
    "PhaseEncodingLines": 64,
    "ProcedureStepDescription": "Mara_Steve",
    "ProtocolName": "learning7",
    "RepetitionTime": 2,
    "ScanningSequence": "EP",
    "SequenceName": "_epfid2d1_64",
    "SequenceVariant": "SK_OSP",
    "SeriesDescription": "learning7",
    "SliceTiming": [
      0.99,
      0,
      1.0425,
      0.0525,
      1.095,
      0.105,
      1.1475,
      0.1575,
      1.2,
      0.21,
      1.25,
      0.26,
      1.3025,
      0.3125,
      1.355,
      0.365,
      1.4075,
      0.4175,
      1.46,
      0.47,
      1.5125,
      0.5225,
      1.5625,
      0.5725,
      1.615,
      0.625,
      1.6675,
      0.6775,
      1.72,
      0.73,
      1.7725,
      0.7825,
      1.825,
      0.835,
      1.875,
      0.8875,
      1.9275,
      0.9375
    ],
    "SoftwareVersions": "syngo_MR_D13D",
    "TaskName": "regulate",
    "TotalReadoutTime": 0.0299118,
    "TrueEchoSpacing": 0.000712186,
    "dataset": "ds003425",
    "modality": "bold",
    "run_id": 5,
    "session_id": "02",
    "subject_id": "01",
    "task_id": "regulate"
  },
  "dummy_trs": 0,
  "dvars_nstd": 22.721804910887098,
  "dvars_std": 1.3130905370967747,
  "dvars_vstd": 1.0269679324193548,
  "efc": 0.6096771319951663,
  "fber": 1662.284423828125,
  "fd_mean": 0.0700417594667976,
  "fd_num": 0,
  "fd_perc": 0.0,
  "fwhm_avg": 1.5627699999999998,
  "fwhm_x": 1.4462466666666665,
  "fwhm_y": 1.6593799999999999,
  "fwhm_z": 1.5826833333333334,
  "gcor": 0.0365342,
  "gsr_x": 0.002432153094559908,
  "gsr_y": 0.03596549853682518,
  "provenance": {
    "md5sum": "ed1750cf6ac27bd5f787d611b8ce07e6",
    "settings": {
      "fd_thres": 0.2,
      "testing": false
    },
    "software": "mriqc",
    "version": "23.0.1",
    "webapi_port": null,
    "webapi_url": "https://mriqc.nimh.nih.gov/api/v1"
  },
  "size_t": 125,
  "size_x": 64,
  "size_y": 64,
  "size_z": 38,
  "snr": 8.024365380910027,
  "spacing_tr": 2.0,
  "spacing_x": 3.0,
  "spacing_y": 3.0,
  "spacing_z": 3.0,
  "summary_bg_k": 14.466001987671632,
  "summary_bg_mad": 8.788867325631115,
  "summary_bg_mean": 27.98464012145996,
  "summary_bg_median": 10.224000930786133,
  "summary_bg_n": 77935.0,
  "summary_bg_p05": 3.2320001125335693,
  "summary_bg_p95": 112.73040542602541,
  "summary_bg_stdv": 44.297367095947266,
  "summary_fg_k": 2.218851443462782,
  "summary_fg_mad": 49.96964001301353,
  "summary_fg_mean": 429.0474853515625,
  "summary_fg_median": 426.7120056152344,
  "summary_fg_n": 41939.0,
  "summary_fg_p05": 352.0000305175781,
  "summary_fg_p95": 515.1768249511719,
  "summary_fg_stdv": 53.17640686035156,
  "tsnr": 91.45922659570351
}