{
  "aor": 0.0014677599999999998,
  "aqi": 0.006018134960000001,
  "bids_meta": {
    "AccelFactPE": 2,
    "AcquisitionNumber": 1,
    "AcquisitionTime": "14:33:10.252500",
    "BandwidthPerPixelPhaseEncode": 43.879,
    "BodyPartExamined": "BRAIN",
    "ConversionSoftware": "dcm2niix",
    "ConversionSoftwareVersion": "v1.0.20170724 GCC4.4.7",
    "DeviceSerialNumber": "67025",
    "EchoTime": 0.025,
    "EchoTrainLength": 43,
    "EffectiveEchoSpacing": 0.000356093,
    "FlipAngle": 90,
    "ImageType": [
      "ORIGINAL",
      "PRIMARY",
      "M",
      "ND",
      "NORM",
      "MOSAIC"
    ],
    "InstitutionAddress": "McClintock_3520A_Los_Angeles_CA_US_90089",
    "InstitutionName": "USC",
    "MagneticFieldStrength": 3,
    "Manufacturer": "Siemens",
    "ManufacturersModelName": "Prisma_fit",
    "PhaseEncodingDirection": "i",
    "PhaseEncodingLines": 64,
    "ProcedureStepDescription": "Mara_Steve",
    "ProtocolName": "learning3",
    "RepetitionTime": 2,
    "ScanningSequence": "EP",
    "SequenceName": "_epfid2d1_64",
    "SequenceVariant": "SK_OSP",
    "SeriesDescription": "learning3",
    "SliceTiming": [
      0.99,
      0,
      1.0425,
      0.0525,
      1.0925,
      0.1025,
      1.145,
      0.155,
      1.1975,
      0.2075,
      1.25,
      0.26,
      1.3025,
      0.3125,
      1.355,
      0.365,
      1.405,
      0.415,
      1.4575,
      0.4675,
      1.51,
      0.52,
      1.5625,
      0.5725,
      1.615,
      0.625,
      1.6675,
      0.6775,
      1.7175,
      0.73,
      1.77,
      0.78,
      1.8225,
      0.8325,
      1.875,
      0.885,
      1.9275,
      0.9375
    ],
    "SoftwareVersions": "syngo_MR_D13D",
    "TaskName": "regulate",
    "TotalReadoutTime": 0.0299118,
    "TrueEchoSpacing": 0.000712186,
    "dataset": "ds003425",
    "modality": "bold",
    "run_id": 1,
    "session_id": "02",
    "subject_id": "01",
    "task_id": "regulate"
  },
  "dummy_trs": 0,
  "dvars_nstd": 21.61452452629032,
  "dvars_std": 1.2798680470161286,
  "dvars_vstd": 1.0156041642741938,
  "efc": 0.6094086456837811,
  "fber": 1693.2396240234375,
  "fd_mean": 0.0689186485788841,
  "fd_num": 0,
  "fd_perc": 0.0,
  "fwhm_avg": 1.5698066666666668,
  "fwhm_x": 1.4522233333333334,
  "fwhm_y": 1.6631833333333335,
  "fwhm_z": 1.5940133333333335,
  "gcor": 0.0336182,
  "gsr_x": 0.0019526066025719047,
  "gsr_y": 0.03578627482056618,
  "provenance": {
    "md5sum": "17183e1f3651aba73d131827e7972bb1",
    "settings": {
      "fd_thres": 0.2,
      "testing": false
    },
    "software": "mriqc",
    "version": "23.0.1",
    "webapi_port": null,
    "webapi_url": "https://mriqc.nimh.nih.gov/api/v1"
  },
  "size_t": 125,
  "size_x": 64,
  "size_y": 64,
  "size_z": 38,
  "snr": 7.9628691285074344,
  "spacing_tr": 2.0,
  "spacing_x": 3.0,
  "spacing_y": 3.0,
  "spacing_z": 3.0,
  "summary_bg_k": 14.6084613867359,
  "summary_bg_mad": 8.753283209617464,
  "summary_bg_mean": 27.840286254882812,
  "summary_bg_median": 10.168000221252441,
  "summary_bg_n": 77939.0,
  "summary_bg_p05": 3.2400002479553223,
  "summary_bg_p95": 111.64160690307604,
  "summary_bg_stdv": 44.17300033569336,
  "summary_fg_k": 2.4147965805879723,
  "summary_fg_mad": 50.37286727654264,
  "summary_fg_mean": 429.6775207519531,
  "summary_fg_median": 427.2080078125,
  "summary_fg_n": 42057.0,
  "summary_fg_p05": 352.38080444335935,
  "summary_fg_p95": 516.3200073242188,
  "summary_fg_stdv": 53.64937210083008,
  "tsnr": 89.72972565889359
}