{
  "aor": 0.0020614606741573035,
  "aqi": 0.018515585393258427,
  "bids_meta": {
    "AccelFactPE": 2,
    "AcquisitionNumber": 1,
    "AcquisitionTime": "14:05:19.790000",
    "BandwidthPerPixelPhaseEncode": 35.613,
    "BodyPartExamined": "BRAIN",
    "ConversionSoftware": "dcm2niix",
    "ConversionSoftwareVersion": "v1.0.20170724 GCC4.4.7",
    "DeviceSerialNumber": "67025",
    "EchoTime": 0.03,
    "EchoTrainLength": 51,
    "EffectiveEchoSpacing": 0.000359995,
    "FlipAngle": 65,
    "ImageType": [
      "ORIGINAL",
      "PRIMARY",
      "M",
      "ND",
      "NORM",
      "MOSAIC"
    ],
    "InstitutionAddress": "McClintock_3520A_Los_Angeles_CA_US_90089",
    "InstitutionName": "USC",
    "MagneticFieldStrength": 3,
    "Manufacturer": "Siemens",
    "ManufacturersModelName": "Prisma_fit",
    "PhaseEncodingDirection": "i-",
    "PhaseEncodingLines": 78,
    "ProcedureStepDescription": "Mara_Steve",
    "ProtocolName": "ring_shorter",
    "RepetitionTime": 1.2,
    "ScanningSequence": "EP",
    "SequenceName": "_epfid2d1_78",
    "SequenceVariant": "SK_OSP",
    "SeriesDescription": "ring_shorter",
    "SliceTiming": [
      0.59,
      0,
      0.65,
      0.06,
      0.7075,
      0.1175,
      0.7675,
      0.1775,
      0.8275,
      0.2375,
      0.885,
      0.295,
      0.945,
      0.355,
      1.0025,
      0.4125,
      1.0625,
      0.4725,
      1.1225,
      0.5325
    ],
    "SoftwareVersions": "syngo_MR_D13D",
    "TaskName": "ring",
    "TotalReadoutTime": 0.0363595,
    "TrueEchoSpacing": 0.000719991,
    "dataset": "ds003425",
    "modality": "bold",
    "run_id": 1,
    "session_id": "02",
    "subject_id": "01",
    "task_id": "ring"
  },
  "dummy_trs": 0,
  "dvars_nstd": 49.09528147068181,
  "dvars_std": 1.5335034417045454,
  "dvars_vstd": 1.0280491750000011,
  "efc": 0.532120324183493,
  "fber": 1242.3504638671875,
  "fd_mean": 0.10440703314586543,
  "fd_num": 2,
  "fd_perc": 2.247191011235955,
  "fwhm_avg": 1.530591172420473,
  "fwhm_x": 1.539858067635817,
  "fwhm_y": 1.352227449625602,
  "fwhm_z": 1.699688,
  "gcor": 0.0266543,
  "gsr_x": -0.03223669156432152,
  "gsr_y": 0.039074331521987915,
  "provenance": {
    "md5sum": "91e7c5e643ab3a2bd0310e7564361c40",
    "settings": {
      "fd_thres": 0.2,
      "testing": false
    },
    "software": "mriqc",
    "version": "23.0.1",
    "webapi_port": null,
    "webapi_url": "https://mriqc.nimh.nih.gov/api/v1"
  },
  "size_t": 89,
  "size_x": 78,
  "size_y": 78,
  "size_z": 20,
  "snr": 7.526718714829337,
  "spacing_tr": 1.2000000476837158,
  "spacing_x": 2.461538553237915,
  "spacing_y": 2.461538553237915,
  "spacing_z": 2.5,
  "summary_bg_k": 9.924499367268393,
  "summary_bg_mad": 6.746673175662532,
  "summary_bg_mean": 25.480920791625977,
  "summary_bg_median": 9.550561904907227,
  "summary_bg_n": 76137.0,
  "summary_bg_p05": 4.123595714569092,
  "summary_bg_p95": 123.89888000488281,
  "summary_bg_stdv": 38.57958984375,
  "summary_fg_k": 5.937783119598437,
  "summary_fg_mad": 40.030259899651256,
  "summary_fg_mean": 348.87554931640625,
  "summary_fg_median": 348.8089904785156,
  "summary_fg_n": 18243.0,
  "summary_fg_p05": 286.473046875,
  "summary_fg_p95": 417.05281066894526,
  "summary_fg_stdv": 46.34149932861328,
  "tsnr": 53.28690978081431
}