{
  "aor": 0.0019618400000000003,
  "aqi": 0.005726486,
  "bids_meta": {
    "AccelFactPE": 2,
    "AcquisitionNumber": 1,
    "AcquisitionTime": "14:37:57.877500",
    "BandwidthPerPixelPhaseEncode": 43.879,
    "BodyPartExamined": "BRAIN",
    "ConversionSoftware": "dcm2niix",
    "ConversionSoftwareVersion": "v1.0.20170724 GCC4.4.7",
    "DeviceSerialNumber": "67025",
    "EchoTime": 0.025,
    "EchoTrainLength": 43,
    "EffectiveEchoSpacing": 0.000356093,
    "FlipAngle": 90,
    "ImageType": [
      "ORIGINAL",
      "PRIMARY",
      "M",
      "ND",
      "NORM",
      "MOSAIC"
    ],
    "InstitutionAddress": "McClintock_3520A_Los_Angeles_CA_US_90089",
    "InstitutionName": "USC",
    "MagneticFieldStrength": 3,
    "Manufacturer": "Siemens",
    "ManufacturersModelName": "Prisma_fit",
    "PhaseEncodingDirection": "i",
    "PhaseEncodingLines": 64,
    "ProcedureStepDescription": "Mara_Steve",
    "ProtocolName": "learning4",
    "RepetitionTime": 2,
    "ScanningSequence": "EP",
    "SequenceName": "_epfid2d1_64",
    "SequenceVariant": "SK_OSP",
    "SeriesDescription": "learning4",
    "SliceTiming": [
      0.99,
      0,
      1.0425,
      0.0525,
      1.095,
      0.105,
      1.1475,
      0.1575,
      1.2,
      0.21,
      1.2525,
      0.2625,
      1.3025,
      0.3125,
      1.355,
      0.365,
      1.4075,
      0.4175,
      1.46,
      0.47,
      1.5125,
      0.5225,
      1.565,
      0.575,
      1.615,
      0.6275,
      1.6675,
      0.6775,
      1.72,
      0.73,
      1.7725,
      0.7825,
      1.825,
      0.835,
      1.8775,
      0.8875,
      1.93,
      0.94
    ],
    "SoftwareVersions": "syngo_MR_D13D",
    "TaskName": "regulate",
    "TotalReadoutTime": 0.0299118,
    "TrueEchoSpacing": 0.000712186,
    "dataset": "ds003425",
    "modality": "bold",
    "run_id": 2,
    "session_id": "02",
    "subject_id": "01",
    "task_id": "regulate"
  },
  "dummy_trs": 0,
  "dvars_nstd": 21.246463560564507,
  "dvars_std": 1.2958984662903232,
  "dvars_vstd": 1.028700301370967,
  "efc": 0.6096068917937879,
  "fber": 1664.9405517578125,
  "fd_mean": 0.0713055450991298,
  "fd_num": 0,
  "fd_perc": 0.0,
  "fwhm_avg": 1.5667722222222222,
  "fwhm_x": 1.4482433333333333,
  "fwhm_y": 1.6628999999999998,
  "fwhm_z": 1.5891733333333333,
  "gcor": 0.0476034,
  "gsr_x": 0.0016820007003843784,
  "gsr_y": 0.03571943938732147,
  "provenance": {
    "md5sum": "9d3cf4d63b9f69396089abe24e182417",
    "settings": {
      "fd_thres": 0.2,
      "testing": false
    },
    "software": "mriqc",
    "version": "23.0.1",
    "webapi_port": null,
    "webapi_url": "https://mriqc.nimh.nih.gov/api/v1"
  },
  "size_t": 125,
  "size_x": 64,
  "size_y": 64,
  "size_z": 38,
  "snr": 7.960238910704189,
  "spacing_tr": 2.0,
  "spacing_x": 3.0,
  "spacing_y": 3.0,
  "spacing_z": 3.0,
  "summary_bg_k": 14.29687850401788,
  "summary_bg_mad": 8.860032022859274,
  "summary_bg_mean": 27.902793884277344,
  "summary_bg_median": 10.26400089263916,
  "summary_bg_n": 77942.0,
  "summary_bg_p05": 3.2320001125335693,
  "summary_bg_p95": 112.0452041625975,
  "summary_bg_stdv": 44.08004379272461,
  "summary_fg_k": 2.4334355144135307,
  "summary_fg_mad": 50.59235285277466,
  "summary_fg_mean": 429.9903564453125,
  "summary_fg_median": 427.6000061035156,
  "summary_fg_n": 42062.0,
  "summary_fg_p05": 352.6400146484375,
  "summary_fg_p95": 516.7356231689453,
  "summary_fg_stdv": 53.71634292602539,
  "tsnr": 90.27751028211787
}