{
  "aor": 0.0009012992125984251,
  "aqi": 0.019953333070866143,
  "bids_meta": {
    "AccelFactPE": 2,
    "AcquisitionNumber": 1,
    "AcquisitionTime": "13:58:44.012500",
    "BandwidthPerPixelPhaseEncode": 35.613,
    "BodyPartExamined": "BRAIN",
    "ConversionSoftware": "dcm2niix",
    "ConversionSoftwareVersion": "v1.0.20170724 GCC4.4.7",
    "DeviceSerialNumber": "67025",
    "EchoTime": 0.03,
    "EchoTrainLength": 51,
    "EffectiveEchoSpacing": 0.000359995,
    "FlipAngle": 65,
    "ImageType": [
      "ORIGINAL",
      "PRIMARY",
      "M",
      "ND",
      "NORM",
      "MOSAIC"
    ],
    "InstitutionAddress": "McClintock_3520A_Los_Angeles_CA_US_90089",
    "InstitutionName": "USC",
    "MagneticFieldStrength": 3,
    "Manufacturer": "Siemens",
    "ManufacturersModelName": "Prisma_fit",
    "PhaseEncodingDirection": "i-",
    "PhaseEncodingLines": 78,
    "ProcedureStepDescription": "Mara_Steve",
    "ProtocolName": "wedge_shorter",
    "RepetitionTime": 1.2,
    "ScanningSequence": "EP",
    "SequenceName": "_epfid2d1_78",
    "SequenceVariant": "SK_OSP",
    "SeriesDescription": "wedge_shorter",
    "SliceTiming": [
      0.59,
      0,
      0.6475,
      0.0575,
      0.7075,
      0.1175,
      0.7675,
      0.1775,
      0.825,
      0.235,
      0.885,
      0.295,
      0.9425,
      0.3525,
      1.0025,
      0.4125,
      1.06,
      0.4725,
      1.12,
      0.53
    ],
    "SoftwareVersions": "syngo_MR_D13D",
    "TaskName": "wedge",
    "TotalReadoutTime": 0.0363595,
    "TrueEchoSpacing": 0.000719991,
    "dataset": "ds003425",
    "modality": "bold",
    "run_id": 1,
    "session_id": "02",
    "subject_id": "01",
    "task_id": "wedge"
  },
  "dummy_trs": 0,
  "dvars_nstd": 48.59913090944664,
  "dvars_std": 1.4753867624901187,
  "dvars_vstd": 1.0089945026877474,
  "efc": 0.5321326971953786,
  "fber": 1152.4765625,
  "fd_mean": 0.10920771318829692,
  "fd_num": 5,
  "fd_perc": 1.968503937007874,
  "fwhm_avg": 1.556482150824437,
  "fwhm_x": 1.57213869143327,
  "fwhm_y": 1.3813677610400408,
  "fwhm_z": 1.7159400000000002,
  "gcor": 0.0232787,
  "gsr_x": -0.03040197305381298,
  "gsr_y": 0.03817213699221611,
  "provenance": {
    "md5sum": "b6ceae35eb217cbfb63beb69247ce193",
    "settings": {
      "fd_thres": 0.2,
      "testing": false
    },
    "software": "mriqc",
    "version": "23.0.1",
    "webapi_port": null,
    "webapi_url": "https://mriqc.nimh.nih.gov/api/v1"
  },
  "size_t": 254,
  "size_x": 78,
  "size_y": 78,
  "size_z": 20,
  "snr": 7.244442636338923,
  "spacing_tr": 1.2000000476837158,
  "spacing_x": 2.461538553237915,
  "spacing_y": 2.461538553237915,
  "spacing_z": 2.5,
  "summary_bg_k": 11.232625096350404,
  "summary_bg_mad": 6.814717352207173,
  "summary_bg_mean": 24.478174209594727,
  "summary_bg_median": 9.620079040527344,
  "summary_bg_n": 76214.0,
  "summary_bg_p05": 4.090551376342773,
  "summary_bg_p95": 114.68011474609358,
  "summary_bg_stdv": 36.223114013671875,
  "summary_fg_k": 5.04040724781858,
  "summary_fg_mad": 40.374668105439355,
  "summary_fg_mean": 338.228759765625,
  "summary_fg_median": 337.9094543457031,
  "summary_fg_n": 18203.0,
  "summary_fg_p05": 274.21612854003905,
  "summary_fg_p95": 408.4299255371093,
  "summary_fg_stdv": 46.64267349243164,
  "tsnr": 48.46520627976861
}