{
  "aor": 0.0007609448818897638,
  "aqi": 0.019417039370078736,
  "bids_meta": {
    "AccelFactPE": 2,
    "AcquisitionNumber": 1,
    "AcquisitionTime": "14:09:37.915000",
    "BandwidthPerPixelPhaseEncode": 35.613,
    "BodyPartExamined": "BRAIN",
    "ConversionSoftware": "dcm2niix",
    "ConversionSoftwareVersion": "v1.0.20170724 GCC4.4.7",
    "DeviceSerialNumber": "67025",
    "EchoTime": 0.03,
    "EchoTrainLength": 51,
    "EffectiveEchoSpacing": 0.000359995,
    "FlipAngle": 65,
    "ImageType": [
      "ORIGINAL",
      "PRIMARY",
      "M",
      "ND",
      "NORM",
      "MOSAIC"
    ],
    "InstitutionAddress": "McClintock_3520A_Los_Angeles_CA_US_90089",
    "InstitutionName": "USC",
    "MagneticFieldStrength": 3,
    "Manufacturer": "Siemens",
    "ManufacturersModelName": "Prisma_fit",
    "PhaseEncodingDirection": "i-",
    "PhaseEncodingLines": 78,
    "ProcedureStepDescription": "Mara_Steve",
    "ProtocolName": "ring_shorter",
    "RepetitionTime": 1.2,
    "ScanningSequence": "EP",
    "SequenceName": "_epfid2d1_78",
    "SequenceVariant": "SK_OSP",
    "SeriesDescription": "ring_shorter",
    "SliceTiming": [
      0.59,
      0,
      0.65,
      0.06,
      0.7075,
      0.1175,
      0.7675,
      0.1775,
      0.8275,
      0.2375,
      0.885,
      0.295,
      0.945,
      0.355,
      1.0025,
      0.4125,
      1.0625,
      0.4725,
      1.1225,
      0.5325
    ],
    "SoftwareVersions": "syngo_MR_D13D",
    "TaskName": "ring",
    "TotalReadoutTime": 0.0363595,
    "TrueEchoSpacing": 0.000719991,
    "dataset": "ds003425",
    "modality": "bold",
    "run_id": 2,
    "session_id": "02",
    "subject_id": "01",
    "task_id": "ring"
  },
  "dummy_trs": 0,
  "dvars_nstd": 48.565978687193635,
  "dvars_std": 1.517291985494071,
  "dvars_vstd": 1.012353760869565,
  "efc": 0.5326542764307116,
  "fber": 1238.9503173828125,
  "fd_mean": 0.10370650719470496,
  "fd_num": 0,
  "fd_perc": 0.0,
  "fwhm_avg": 1.5352672764868014,
  "fwhm_x": 1.5417065050669572,
  "fwhm_y": 1.3584593243934466,
  "fwhm_z": 1.7056360000000002,
  "gcor": 0.0294563,
  "gsr_x": -0.03222198411822319,
  "gsr_y": 0.03859928622841835,
  "provenance": {
    "md5sum": "490cc5ba3afad3b3eed63910c647f602",
    "settings": {
      "fd_thres": 0.2,
      "testing": false
    },
    "software": "mriqc",
    "version": "23.0.1",
    "webapi_port": null,
    "webapi_url": "https://mriqc.nimh.nih.gov/api/v1"
  },
  "size_t": 254,
  "size_x": 78,
  "size_y": 78,
  "size_z": 20,
  "snr": 7.5450153083373435,
  "spacing_tr": 1.2000000476837158,
  "spacing_x": 2.461538553237915,
  "spacing_y": 2.461538553237915,
  "spacing_z": 2.5,
  "summary_bg_k": 9.704663136840633,
  "summary_bg_mad": 6.788450966734705,
  "summary_bg_mean": 25.64103889465332,
  "summary_bg_median": 9.586614608764648,
  "summary_bg_n": 76084.0,
  "summary_bg_p05": 4.1338582038879395,
  "summary_bg_p95": 125.17873687744127,
  "summary_bg_stdv": 38.74623489379883,
  "summary_fg_k": 5.828597700184991,
  "summary_fg_mad": 40.14115644620757,
  "summary_fg_mean": 350.18072509765625,
  "summary_fg_median": 349.8858337402344,
  "summary_fg_n": 18261.0,
  "summary_fg_p05": 287.5196838378906,
  "summary_fg_p95": 419.21258544921875,
  "summary_fg_stdv": 46.37184143066406,
  "tsnr": 50.851791847962886
}