{
  "bids_meta": {
    "AccelFactPE": 2,
    "AcquisitionNumber": 1,
    "AcquisitionTime": "10:23:50.940000",
    "BodyPartExamined": "BRAIN",
    "ConversionSoftware": "dcm2niix",
    "ConversionSoftwareVersion": "v1.0.20170724 GCC4.4.7",
    "DeviceSerialNumber": "67025",
    "EchoTime": 0.00226,
    "FlipAngle": 9,
    "ImageType": [
      "ORIGINAL",
      "PRIMARY",
      "M",
      "ND",
      "NORM"
    ],
    "InstitutionAddress": "McClintock_3520A_Los_Angeles_CA_US_90089",
    "InstitutionName": "USC",
    "InversionTime": 1.06,
    "MagneticFieldStrength": 3,
    "Manufacturer": "Siemens",
    "ManufacturersModelName": "Prisma_fit",
    "PhaseEncodingDirection": "i-",
    "PhaseEncodingLines": 224,
    "ProcedureStepDescription": "Mara_Steve",
    "ProtocolName": "t1_mprage_short_32channel",
    "RepetitionTime": 2.3,
    "ScanningSequence": "GR_IR",
    "SequenceName": "_tfl3d1_16ns",
    "SequenceVariant": "SK_SP_MP",
    "SeriesDescription": "t1_mprage_short_32channel",
    "SoftwareVersions": "syngo_MR_D13D",
    "dataset": "ds003425",
    "modality": "T1w",
    "session_id": "02",
    "subject_id": "09"
  },
  "cjv": 0.4084615411150062,
  "cnr": 3.337182422254447,
  "efc": 0.6117274791894524,
  "fber": -1.0,
  "fwhm_avg": 4.352053841348671,
  "fwhm_x": 4.261541524046012,
  "fwhm_y": 4.42193,
  "fwhm_z": 4.37269,
  "icvs_csf": 0.19642357677599945,
  "icvs_gm": 0.4152741619503474,
  "icvs_wm": 0.3883022612736532,
  "inu_med": 0.28051841259002686,
  "inu_range": 0.08242768049240112,
  "provenance": {
    "md5sum": "c2b41da5bfd37a26e70e5c75f2902153",
    "settings": {
      "testing": false
    },
    "software": "mriqc",
    "version": "23.0.1",
    "warnings": {
      "large_rot_frame": true,
      "small_air_mask": false
    },
    "webapi_port": null,
    "webapi_url": "https://mriqc.nimh.nih.gov/api/v1"
  },
  "qi_1": 0.003674459252930815,
  "qi_2": 0.02431215680546226,
  "rpve_csf": 21.473356745608054,
  "rpve_gm": 10.575981201493825,
  "rpve_wm": 13.165861984111631,
  "size_x": 176,
  "size_y": 224,
  "size_z": 256,
  "snr_csf": 3.893963447626565,
  "snr_gm": 16.49166934219585,
  "snr_total": 16.34139058897284,
  "snr_wm": 28.6385389770961,
  "snrd_csf": 90.86202621919625,
  "snrd_gm": 207.47523873995817,
  "snrd_total": 185.8602409375372,
  "snrd_wm": 259.2434578534572,
  "spacing_x": 0.9999996423721313,
  "spacing_y": 1.0,
  "spacing_z": 1.0,
  "summary_bg_k": 48.45323581855914,
  "summary_bg_mad": 0.0,
  "summary_bg_mean": 0.8533786637855842,
  "summary_bg_median": 0.0,
  "summary_bg_n": 2686331.0,
  "summary_bg_p05": 0.0,
  "summary_bg_p95": 5.099637001752853,
  "summary_bg_stdv": 2.5271087451788055,
  "summary_csf_k": 2.596211652549197,
  "summary_csf_mad": 60.73241070459712,
  "summary_csf_mean": 363.99310449738084,
  "summary_csf_median": 350.4891821965575,
  "summary_csf_n": 46325.0,
  "summary_csf_p05": 254.1836460351944,
  "summary_csf_p95": 537.2079565487802,
  "summary_csf_stdv": 90.00736754527638,
  "summary_gm_k": -0.0550897109305124,
  "summary_gm_mad": 49.02149253760783,
  "summary_gm_mean": 799.7044260235398,
  "summary_gm_median": 800.3104242533445,
  "summary_gm_n": 33924.0,
  "summary_gm_p05": 719.8054481718689,
  "summary_gm_p95": 878.630039587058,
  "summary_gm_stdv": 48.52744812686093,
  "summary_wm_k": 0.7927221615626712,
  "summary_wm_mad": 32.5440252219492,
  "summary_wm_mean": 1002.6179425759826,
  "summary_wm_median": 1000.0000144578516,
  "summary_wm_n": 242789.0,
  "summary_wm_p05": 950.195407435298,
  "summary_wm_p95": 1063.8286232352257,
  "summary_wm_stdv": 34.91791099588161,
  "tpm_overlap_csf": 0.14476925963340137,
  "tpm_overlap_gm": 0.4395907436957171,
  "tpm_overlap_wm": 0.5009559338536478,
  "wm2max": 0.8661657384290379
}