{
  "bids_meta": {
    "AccelFactPE": 2,
    "AcquisitionNumber": 1,
    "AcquisitionTime": "10:36:24.600000",
    "BodyPartExamined": "BRAIN",
    "ConversionSoftware": "dcm2niix",
    "ConversionSoftwareVersion": "v1.0.20170724 GCC4.4.7",
    "DeviceSerialNumber": "67025",
    "EchoTime": 0.00226,
    "FlipAngle": 9,
    "ImageType": [
      "ORIGINAL",
      "PRIMARY",
      "M",
      "ND",
      "NORM"
    ],
    "InstitutionAddress": "McClintock_3520A_Los_Angeles_CA_US_90089",
    "InstitutionName": "USC",
    "InversionTime": 1.06,
    "MagneticFieldStrength": 3,
    "Manufacturer": "Siemens",
    "ManufacturersModelName": "Prisma_fit",
    "PhaseEncodingDirection": "i-",
    "PhaseEncodingLines": 224,
    "ProcedureStepDescription": "Mara_Steve",
    "ProtocolName": "t1_mprage_short_32channel",
    "RepetitionTime": 2.3,
    "ScanningSequence": "GR_IR",
    "SequenceName": "_tfl3d1_16ns",
    "SequenceVariant": "SK_SP_MP",
    "SeriesDescription": "t1_mprage_short_32channel",
    "SoftwareVersions": "syngo_MR_D13D",
    "dataset": "ds003425",
    "modality": "T1w",
    "session_id": "02",
    "subject_id": "07"
  },
  "cjv": 0.34249009437322775,
  "cnr": 3.992934012090739,
  "efc": 0.562914160868346,
  "fber": -1.0,
  "fwhm_avg": 4.274967007122915,
  "fwhm_x": 4.283931021368747,
  "fwhm_y": 4.27095,
  "fwhm_z": 4.27002,
  "icvs_csf": 0.18547601633565666,
  "icvs_gm": 0.4696593458333821,
  "icvs_wm": 0.3448646378309612,
  "inu_med": 0.29709941148757935,
  "inu_range": 0.07373739182949063,
  "provenance": {
    "md5sum": "fc11ab0dfff58fa004e68af043eed8da",
    "settings": {
      "testing": false
    },
    "software": "mriqc",
    "version": "23.0.1",
    "warnings": {
      "large_rot_frame": true,
      "small_air_mask": false
    },
    "webapi_port": null,
    "webapi_url": "https://mriqc.nimh.nih.gov/api/v1"
  },
  "qi_1": 0.004476134596099554,
  "qi_2": 0.008836584619447002,
  "rpve_csf": 27.388751440477556,
  "rpve_gm": 11.946381230911705,
  "rpve_wm": 17.82545021808272,
  "size_x": 176,
  "size_y": 224,
  "size_z": 256,
  "snr_csf": 2.7895510212574415,
  "snr_gm": 16.287062489639673,
  "snr_total": 17.380741681860165,
  "snr_wm": 33.065611534683384,
  "snrd_csf": 56.788344472976995,
  "snrd_gm": 127.18602397708726,
  "snrd_total": 116.06872902735101,
  "snrd_wm": 164.23181863198877,
  "spacing_x": 0.9999997615814209,
  "spacing_y": 1.0,
  "spacing_z": 1.0,
  "summary_bg_k": 63.059896115011284,
  "summary_bg_mad": 0.0,
  "summary_bg_mean": 1.2120993397801776,
  "summary_bg_median": 0.0,
  "summary_bg_n": 2127456.0,
  "summary_bg_p05": 0.0,
  "summary_bg_p95": 7.975446090102196,
  "summary_bg_stdv": 3.9891846704382403,
  "summary_csf_k": 1.6024631757364842,
  "summary_csf_mad": 77.5561990052764,
  "summary_csf_mean": 341.77954511078724,
  "summary_csf_median": 345.789355058223,
  "summary_csf_n": 24527.0,
  "summary_csf_p05": 72.80058880448341,
  "summary_csf_p95": 534.8119079813362,
  "summary_csf_stdv": 123.95625790466751,
  "summary_gm_k": -0.10378744634159665,
  "summary_gm_mad": 48.692671409736704,
  "summary_gm_mean": 773.5930955314816,
  "summary_gm_median": 774.4471794627607,
  "summary_gm_n": 52624.0,
  "summary_gm_p05": 694.6031068079174,
  "summary_gm_p95": 850.0089304318651,
  "summary_gm_stdv": 47.54938599963187,
  "summary_wm_k": 0.6485460226780719,
  "summary_wm_mad": 28.56459577924527,
  "summary_wm_mean": 1000.9661818456321,
  "summary_wm_median": 1000.0223667696118,
  "summary_wm_n": 161991.0,
  "summary_wm_p05": 953.4466577209532,
  "summary_wm_p95": 1051.7731546014547,
  "summary_wm_stdv": 30.24348359792573,
  "tpm_overlap_csf": 0.1459243329540083,
  "tpm_overlap_gm": 0.49123432652325727,
  "tpm_overlap_wm": 0.5171497370554706,
  "wm2max": 0.8414369170616782
}