{
  "bids_meta": {
    "AccelFactPE": 2,
    "AcquisitionNumber": 1,
    "AcquisitionTime": "10:29:45.667500",
    "BodyPartExamined": "BRAIN",
    "ConversionSoftware": "dcm2niix",
    "ConversionSoftwareVersion": "v1.0.20170724 GCC4.4.7",
    "DeviceSerialNumber": "67025",
    "EchoTime": 0.00226,
    "FlipAngle": 9,
    "ImageType": [
      "ORIGINAL",
      "PRIMARY",
      "M",
      "ND",
      "NORM"
    ],
    "InstitutionAddress": "McClintock_3520A_Los_Angeles_CA_US_90089",
    "InstitutionName": "USC",
    "InversionTime": 1.06,
    "MagneticFieldStrength": 3,
    "Manufacturer": "Siemens",
    "ManufacturersModelName": "Prisma_fit",
    "PhaseEncodingDirection": "i-",
    "PhaseEncodingLines": 224,
    "ProcedureStepDescription": "Mara_Steve",
    "ProtocolName": "t1_mprage_short_32channel",
    "RepetitionTime": 2.3,
    "ScanningSequence": "GR_IR",
    "SequenceName": "_tfl3d1_16ns",
    "SequenceVariant": "SK_SP_MP",
    "SeriesDescription": "t1_mprage_short_32channel",
    "SoftwareVersions": "syngo_MR_D13D",
    "dataset": "ds003425",
    "modality": "T1w",
    "session_id": "02",
    "subject_id": "02"
  },
  "cjv": 0.39821676703401365,
  "cnr": 3.43196994728058,
  "efc": 0.5883223447176528,
  "fber": -1.0,
  "fwhm_avg": 4.5237605280651545,
  "fwhm_x": 4.429731584195466,
  "fwhm_y": 4.51016,
  "fwhm_z": 4.63139,
  "icvs_csf": 0.21896240369446054,
  "icvs_gm": 0.4174962833445959,
  "icvs_wm": 0.3635413129609436,
  "inu_med": 0.273112952709198,
  "inu_range": 0.06782346665859224,
  "provenance": {
    "md5sum": "ee8fbb1aa5705efcfe4d84946029f666",
    "settings": {
      "testing": false
    },
    "software": "mriqc",
    "version": "23.0.1",
    "warnings": {
      "large_rot_frame": true,
      "small_air_mask": false
    },
    "webapi_port": null,
    "webapi_url": "https://mriqc.nimh.nih.gov/api/v1"
  },
  "qi_1": 0.0009720842091908488,
  "qi_2": 0.009604076449033484,
  "rpve_csf": 21.34547766792988,
  "rpve_gm": 11.377187621598114,
  "rpve_wm": 15.086243419724404,
  "size_x": 176,
  "size_y": 224,
  "size_z": 256,
  "snr_csf": 3.110327334509621,
  "snr_gm": 15.109356899932497,
  "snr_total": 16.84821354421075,
  "snr_wm": 32.32495639819014,
  "snrd_csf": 90.86868681376696,
  "snrd_gm": 208.56036554230715,
  "snrd_total": 187.68613756933473,
  "snrd_wm": 263.6293603519301,
  "spacing_x": 0.9999996423721313,
  "spacing_y": 1.0,
  "spacing_z": 1.0,
  "summary_bg_k": 53.74536575844783,
  "summary_bg_mad": 0.0,
  "summary_bg_mean": 0.6405015966387431,
  "summary_bg_median": 0.0,
  "summary_bg_n": 2467955.0,
  "summary_bg_p05": 0.0,
  "summary_bg_p95": 3.675972633063793,
  "summary_bg_stdv": 2.48511419792162,
  "summary_csf_k": 1.4192572382468844,
  "summary_csf_mad": 69.2724342736064,
  "summary_csf_mean": 341.1725355592197,
  "summary_csf_median": 344.6901496350765,
  "summary_csf_n": 52248.0,
  "summary_csf_p05": 104.32023388147354,
  "summary_csf_p95": 521.3690027147532,
  "summary_csf_stdv": 110.82012082726442,
  "summary_gm_k": -0.258334953949082,
  "summary_gm_mad": 54.84426266299604,
  "summary_gm_mean": 791.261539722144,
  "summary_gm_median": 791.1273523084819,
  "summary_gm_n": 32620.0,
  "summary_gm_p05": 706.9466116501019,
  "summary_gm_p95": 877.5127091854811,
  "summary_gm_stdv": 52.35929173156933,
  "summary_wm_k": 0.8027787723651909,
  "summary_wm_mad": 28.340026940920545,
  "summary_wm_mean": 1000.9645592477766,
  "summary_wm_median": 1000.0193339884281,
  "summary_wm_n": 198340.0,
  "summary_wm_p05": 952.5992870219052,
  "summary_wm_p95": 1054.307645611465,
  "summary_wm_stdv": 30.93637005087608,
  "tpm_overlap_csf": 0.16357603530278808,
  "tpm_overlap_gm": 0.46855458172826053,
  "tpm_overlap_wm": 0.5198974460689038,
  "wm2max": 0.8927578285576109
}