{
  "aor": 0.03996927835051547,
  "aqi": 0.01411141206185567,
  "bids_meta": {
    "AccelFactPE": 2,
    "AcquisitionNumber": 1,
    "AcquisitionTime": "10:59:12.990000",
    "BandwidthPerPixelPhaseEncode": 43.879,
    "BodyPartExamined": "BRAIN",
    "ConversionSoftware": "dcm2niix",
    "ConversionSoftwareVersion": "v1.0.20170724 GCC4.4.7",
    "DeviceSerialNumber": "67025",
    "EchoTime": 0.025,
    "EchoTrainLength": 43,
    "EffectiveEchoSpacing": 0.000356093,
    "FlipAngle": 90,
    "ImageType": [
      "ORIGINAL",
      "PRIMARY",
      "M",
      "ND",
      "NORM",
      "MOSAIC"
    ],
    "InstitutionAddress": "McClintock_3520A_Los_Angeles_CA_US_90089",
    "InstitutionName": "USC",
    "MagneticFieldStrength": 3,
    "Manufacturer": "Siemens",
    "ManufacturersModelName": "Prisma_fit",
    "PhaseEncodingDirection": "j-",
    "PhaseEncodingLines": 64,
    "ProcedureStepDescription": "Mara_Steve",
    "ProtocolName": "training3",
    "RepetitionTime": 2,
    "ScanningSequence": "EP",
    "SequenceName": "_epfid2d1_64",
    "SequenceVariant": "SK_OSP",
    "SeriesDescription": "training3",
    "SliceTiming": [
      0.99,
      0,
      1.0425,
      0.0525,
      1.095,
      0.105,
      1.1475,
      0.1575,
      1.1975,
      0.2075,
      1.25,
      0.26,
      1.3025,
      0.3125,
      1.355,
      0.365,
      1.4075,
      0.4175,
      1.46,
      0.47,
      1.51,
      0.5225,
      1.5625,
      0.5725,
      1.615,
      0.625,
      1.6675,
      0.6775,
      1.72,
      0.73,
      1.7725,
      0.7825,
      1.825,
      0.835,
      1.875,
      0.885,
      1.9275,
      0.9375
    ],
    "SoftwareVersions": "syngo_MR_D13D",
    "TaskName": "training",
    "TotalReadoutTime": 0.0299118,
    "TrueEchoSpacing": 0.000712186,
    "dataset": "ds003425",
    "modality": "bold",
    "run_id": 3,
    "session_id": "01",
    "subject_id": "04",
    "task_id": "training"
  },
  "dummy_trs": 1,
  "dvars_nstd": 21.681370883854168,
  "dvars_std": 1.3609144903125003,
  "dvars_vstd": 1.2818373435416663,
  "efc": 0.6061389306647154,
  "fber": 2026.2559814453125,
  "fd_mean": 0.12730323066538296,
  "fd_num": 12,
  "fd_perc": 12.371134020618557,
  "fwhm_avg": 1.7448811557206436,
  "fwhm_x": 1.62023,
  "fwhm_y": 1.93046,
  "fwhm_z": 1.6839534671619307,
  "gcor": 0.0415564,
  "gsr_x": 0.010449190624058247,
  "gsr_y": 0.04702121391892433,
  "provenance": {
    "md5sum": "f1ccd822af516763a3e096df5bb2eb21",
    "settings": {
      "fd_thres": 0.2,
      "testing": false
    },
    "software": "mriqc",
    "version": "23.0.1",
    "webapi_port": null,
    "webapi_url": "https://mriqc.nimh.nih.gov/api/v1"
  },
  "size_t": 97,
  "size_x": 64,
  "size_y": 64,
  "size_z": 38,
  "snr": 7.528544213925852,
  "spacing_tr": 2.0,
  "spacing_x": 3.0,
  "spacing_y": 3.0,
  "spacing_z": 2.999999761581421,
  "summary_bg_k": 4.838563490079597,
  "summary_bg_mad": 6.954473766367237,
  "summary_bg_mean": 38.01948165893555,
  "summary_bg_median": 8.402061462402344,
  "summary_bg_n": 83072.0,
  "summary_bg_p05": 3.2680411338806152,
  "summary_bg_p95": 190.63350219726559,
  "summary_bg_stdv": 62.06285095214844,
  "summary_fg_k": 3.701952742929044,
  "summary_fg_mad": 49.1245911349914,
  "summary_fg_mean": 402.41998291015625,
  "summary_fg_median": 403.64947509765625,
  "summary_fg_n": 36493.0,
  "summary_fg_p05": 320.3072021484375,
  "summary_fg_p95": 481.1999877929688,
  "summary_fg_stdv": 53.61513900756836,
  "tsnr": 54.1951377899386
}