{
  "aor": 0.004217448979591836,
  "aqi": 0.005624642040816326,
  "bids_meta": {
    "AccelFactPE": 2,
    "AcquisitionNumber": 1,
    "AcquisitionTime": "11:02:55.070000",
    "BandwidthPerPixelPhaseEncode": 43.879,
    "BodyPartExamined": "BRAIN",
    "ConversionSoftware": "dcm2niix",
    "ConversionSoftwareVersion": "v1.0.20170724 GCC4.4.7",
    "DeviceSerialNumber": "67025",
    "EchoTime": 0.025,
    "EchoTrainLength": 43,
    "EffectiveEchoSpacing": 0.000356093,
    "FlipAngle": 90,
    "ImageType": [
      "ORIGINAL",
      "PRIMARY",
      "M",
      "ND",
      "NORM",
      "MOSAIC"
    ],
    "InstitutionAddress": "McClintock_3520A_Los_Angeles_CA_US_90089",
    "InstitutionName": "USC",
    "MagneticFieldStrength": 3,
    "Manufacturer": "Siemens",
    "ManufacturersModelName": "Prisma_fit",
    "PhaseEncodingDirection": "j-",
    "PhaseEncodingLines": 64,
    "ProcedureStepDescription": "Mara_Steve",
    "ProtocolName": "training4",
    "RepetitionTime": 2,
    "ScanningSequence": "EP",
    "SequenceName": "_epfid2d1_64",
    "SequenceVariant": "SK_OSP",
    "SeriesDescription": "training4",
    "SliceTiming": [
      0.99,
      0,
      1.0425,
      0.0525,
      1.095,
      0.105,
      1.145,
      0.155,
      1.1975,
      0.2075,
      1.25,
      0.26,
      1.3025,
      0.3125,
      1.355,
      0.365,
      1.4075,
      0.4175,
      1.4575,
      0.4675,
      1.51,
      0.52,
      1.5625,
      0.5725,
      1.615,
      0.625,
      1.6675,
      0.6775,
      1.72,
      0.73,
      1.77,
      0.7825,
      1.8225,
      0.8325,
      1.875,
      0.885,
      1.9275,
      0.9375
    ],
    "SoftwareVersions": "syngo_MR_D13D",
    "TaskName": "training",
    "TotalReadoutTime": 0.0299118,
    "TrueEchoSpacing": 0.000712186,
    "dataset": "ds003425",
    "modality": "bold",
    "run_id": 4,
    "session_id": "01",
    "subject_id": "04",
    "task_id": "training"
  },
  "dummy_trs": 0,
  "dvars_nstd": 19.71641368443299,
  "dvars_std": 1.2100962576288665,
  "dvars_vstd": 1.060247519793814,
  "efc": 0.6044231442275073,
  "fber": 2166.0068359375,
  "fd_mean": 0.06865979629488737,
  "fd_num": 5,
  "fd_perc": 5.1020408163265305,
  "fwhm_avg": 1.7026044878934965,
  "fwhm_x": 1.5907200000000001,
  "fwhm_y": 1.8769466666666668,
  "fwhm_z": 1.640146797013823,
  "gcor": 0.024418,
  "gsr_x": 0.011457771994173527,
  "gsr_y": 0.04790361225605011,
  "provenance": {
    "md5sum": "932727e08b18ec2453813c57b65a53fe",
    "settings": {
      "fd_thres": 0.2,
      "testing": false
    },
    "software": "mriqc",
    "version": "23.0.1",
    "webapi_port": null,
    "webapi_url": "https://mriqc.nimh.nih.gov/api/v1"
  },
  "size_t": 98,
  "size_x": 64,
  "size_y": 64,
  "size_z": 38,
  "snr": 7.5801890758445625,
  "spacing_tr": 2.0,
  "spacing_x": 3.0,
  "spacing_y": 3.0,
  "spacing_z": 2.999999761581421,
  "summary_bg_k": 4.8194839793663515,
  "summary_bg_mad": 6.762481150910342,
  "summary_bg_mean": 37.72450256347656,
  "summary_bg_median": 8.153060913085938,
  "summary_bg_n": 83357.0,
  "summary_bg_p05": 3.142857074737549,
  "summary_bg_p95": 190.79591369628906,
  "summary_bg_stdv": 62.086761474609375,
  "summary_fg_k": 3.464083749069575,
  "summary_fg_mad": 49.062016706640776,
  "summary_fg_mean": 403.44036865234375,
  "summary_fg_median": 404.3265075683594,
  "summary_fg_n": 36213.0,
  "summary_fg_p05": 321.8836669921875,
  "summary_fg_p95": 482.5122436523438,
  "summary_fg_stdv": 53.33916091918945,
  "tsnr": 77.86056970665231
}