{
  "aor": 0.001628360655737705,
  "aqi": 0.0045584637704918045,
  "bids_meta": {
    "AccelFactPE": 2,
    "AcquisitionNumber": 1,
    "AcquisitionTime": "11:31:24.052500",
    "BandwidthPerPixelPhaseEncode": 43.879,
    "BodyPartExamined": "BRAIN",
    "ConversionSoftware": "dcm2niix",
    "ConversionSoftwareVersion": "v1.0.20170724 GCC4.4.7",
    "DeviceSerialNumber": "67025",
    "EchoTime": 0.025,
    "EchoTrainLength": 43,
    "EffectiveEchoSpacing": 0.000356093,
    "FlipAngle": 90,
    "ImageType": [
      "ORIGINAL",
      "PRIMARY",
      "M",
      "ND",
      "NORM",
      "MOSAIC"
    ],
    "InstitutionAddress": "McClintock_3520A_Los_Angeles_CA_US_90089",
    "InstitutionName": "USC",
    "MagneticFieldStrength": 3,
    "Manufacturer": "Siemens",
    "ManufacturersModelName": "Prisma_fit",
    "PhaseEncodingDirection": "j-",
    "PhaseEncodingLines": 64,
    "ProcedureStepDescription": "Mara_Steve",
    "ProtocolName": "learning2",
    "RepetitionTime": 2,
    "ScanningSequence": "EP",
    "SequenceName": "_epfid2d1_64",
    "SequenceVariant": "SK_OSP",
    "SeriesDescription": "learning2",
    "SliceTiming": [
      0.99,
      0,
      1.04,
      0.05,
      1.0925,
      0.1025,
      1.145,
      0.155,
      1.1975,
      0.2075,
      1.25,
      0.26,
      1.3025,
      0.3125,
      1.3525,
      0.3625,
      1.405,
      0.415,
      1.4575,
      0.4675,
      1.51,
      0.52,
      1.5625,
      0.5725,
      1.615,
      0.625,
      1.665,
      0.6775,
      1.7175,
      0.7275,
      1.77,
      0.78,
      1.8225,
      0.8325,
      1.875,
      0.885,
      1.9275,
      0.9375
    ],
    "SoftwareVersions": "syngo_MR_D13D",
    "TaskName": "learning",
    "TotalReadoutTime": 0.0299118,
    "TrueEchoSpacing": 0.000712186,
    "dataset": "ds003425",
    "modality": "bold",
    "run_id": 2,
    "session_id": "01",
    "subject_id": "04",
    "task_id": "learning"
  },
  "dummy_trs": 3,
  "dvars_nstd": 19.36261425347107,
  "dvars_std": 1.1916330457024789,
  "dvars_vstd": 1.0286240319834712,
  "efc": 0.6049851693613074,
  "fber": 2182.58251953125,
  "fd_mean": 0.05306178163647171,
  "fd_num": 1,
  "fd_perc": 0.819672131147541,
  "fwhm_avg": 1.6961989321266315,
  "fwhm_x": 1.5857599999999998,
  "fwhm_y": 1.8706666666666667,
  "fwhm_z": 1.6321701297132278,
  "gcor": 0.0204394,
  "gsr_x": 0.012829365208745003,
  "gsr_y": 0.04693293571472168,
  "provenance": {
    "md5sum": "f63edf5e026601df8e142bf27d97278b",
    "settings": {
      "fd_thres": 0.2,
      "testing": false
    },
    "software": "mriqc",
    "version": "23.0.1",
    "webapi_port": null,
    "webapi_url": "https://mriqc.nimh.nih.gov/api/v1"
  },
  "size_t": 122,
  "size_x": 64,
  "size_y": 64,
  "size_z": 38,
  "snr": 7.587108510002821,
  "spacing_tr": 2.0,
  "spacing_x": 3.0,
  "spacing_y": 3.0,
  "spacing_z": 2.999999761581421,
  "summary_bg_k": 4.5856147314112095,
  "summary_bg_mad": 6.671709983275209,
  "summary_bg_mean": 38.451690673828125,
  "summary_bg_median": 8.147540092468262,
  "summary_bg_n": 83555.0,
  "summary_bg_p05": 3.196721076965332,
  "summary_bg_p95": 193.7426177978516,
  "summary_bg_stdv": 63.15052032470703,
  "summary_fg_k": 3.5126534543502625,
  "summary_fg_mad": 48.9501700060748,
  "summary_fg_mean": 402.4923400878906,
  "summary_fg_median": 403.458984375,
  "summary_fg_n": 36147.0,
  "summary_fg_p05": 320.3868774414063,
  "summary_fg_p95": 479.8171875,
  "summary_fg_stdv": 53.17617416381836,
  "tsnr": 83.98492565820925
}