{
  "aor": 0.003281530612244897,
  "aqi": 0.005614003469387755,
  "bids_meta": {
    "AccelFactPE": 2,
    "AcquisitionNumber": 1,
    "AcquisitionTime": "11:10:33.955000",
    "BandwidthPerPixelPhaseEncode": 43.879,
    "BodyPartExamined": "BRAIN",
    "ConversionSoftware": "dcm2niix",
    "ConversionSoftwareVersion": "v1.0.20170724 GCC4.4.7",
    "DeviceSerialNumber": "67025",
    "EchoTime": 0.025,
    "EchoTrainLength": 43,
    "EffectiveEchoSpacing": 0.000356093,
    "FlipAngle": 90,
    "ImageType": [
      "ORIGINAL",
      "PRIMARY",
      "M",
      "ND",
      "NORM",
      "MOSAIC"
    ],
    "InstitutionAddress": "McClintock_3520A_Los_Angeles_CA_US_90089",
    "InstitutionName": "USC",
    "MagneticFieldStrength": 3,
    "Manufacturer": "Siemens",
    "ManufacturersModelName": "Prisma_fit",
    "PhaseEncodingDirection": "j-",
    "PhaseEncodingLines": 64,
    "ProcedureStepDescription": "Mara_Steve",
    "ProtocolName": "training6",
    "RepetitionTime": 2,
    "ScanningSequence": "EP",
    "SequenceName": "_epfid2d1_64",
    "SequenceVariant": "SK_OSP",
    "SeriesDescription": "training6",
    "SliceTiming": [
      0.99,
      0,
      1.04,
      0.05,
      1.0925,
      0.1025,
      1.145,
      0.155,
      1.1975,
      0.2075,
      1.25,
      0.26,
      1.3025,
      0.3125,
      1.3525,
      0.3625,
      1.405,
      0.415,
      1.4575,
      0.4675,
      1.51,
      0.52,
      1.5625,
      0.5725,
      1.615,
      0.625,
      1.665,
      0.675,
      1.7175,
      0.7275,
      1.77,
      0.78,
      1.8225,
      0.8325,
      1.875,
      0.885,
      1.9275,
      0.9375
    ],
    "SoftwareVersions": "syngo_MR_D13D",
    "TaskName": "training",
    "TotalReadoutTime": 0.0299118,
    "TrueEchoSpacing": 0.000712186,
    "dataset": "ds003425",
    "modality": "bold",
    "run_id": 6,
    "session_id": "01",
    "subject_id": "04",
    "task_id": "training"
  },
  "dummy_trs": 0,
  "dvars_nstd": 18.870402827938147,
  "dvars_std": 1.166302605154639,
  "dvars_vstd": 1.028846842371134,
  "efc": 0.6032624986597049,
  "fber": 2275.20849609375,
  "fd_mean": 0.05756220239680655,
  "fd_num": 3,
  "fd_perc": 3.061224489795918,
  "fwhm_avg": 1.691157820810922,
  "fwhm_x": 1.5863833333333333,
  "fwhm_y": 1.8626433333333334,
  "fwhm_z": 1.6244467957660988,
  "gcor": 0.0393853,
  "gsr_x": 0.013433528132736683,
  "gsr_y": 0.047802336513996124,
  "provenance": {
    "md5sum": "5ce75460ed620806a4d1ba16ec74bbeb",
    "settings": {
      "fd_thres": 0.2,
      "testing": false
    },
    "software": "mriqc",
    "version": "23.0.1",
    "webapi_port": null,
    "webapi_url": "https://mriqc.nimh.nih.gov/api/v1"
  },
  "size_t": 98,
  "size_x": 64,
  "size_y": 64,
  "size_z": 38,
  "snr": 7.629301627770325,
  "spacing_tr": 2.0,
  "spacing_x": 3.0,
  "spacing_y": 3.0,
  "spacing_z": 2.999999761581421,
  "summary_bg_k": 4.814300467220255,
  "summary_bg_mad": 6.52042411475013,
  "summary_bg_mean": 37.64385986328125,
  "summary_bg_median": 7.9795918464660645,
  "summary_bg_n": 83587.0,
  "summary_bg_p05": 3.142857074737549,
  "summary_bg_p95": 190.30612182617188,
  "summary_bg_stdv": 62.103759765625,
  "summary_fg_k": 3.707375957028149,
  "summary_fg_mad": 48.411523173454285,
  "summary_fg_mean": 403.2187805175781,
  "summary_fg_median": 404.0203857421875,
  "summary_fg_n": 36003.0,
  "summary_fg_p05": 322.4530548095703,
  "summary_fg_p95": 480.7438537597656,
  "summary_fg_stdv": 52.95566940307617,
  "tsnr": 76.60145603120327
}