{
  "aor": 0.0038407407407407405,
  "aqi": 0.00463037086419753,
  "bids_meta": {
    "AccelFactPE": 2,
    "AcquisitionNumber": 1,
    "AcquisitionTime": "11:18:44.795000",
    "BandwidthPerPixelPhaseEncode": 43.879,
    "BodyPartExamined": "BRAIN",
    "ConversionSoftware": "dcm2niix",
    "ConversionSoftwareVersion": "v1.0.20170724 GCC4.4.7",
    "DeviceSerialNumber": "67025",
    "EchoTime": 0.025,
    "EchoTrainLength": 43,
    "EffectiveEchoSpacing": 0.000356093,
    "FlipAngle": 90,
    "ImageType": [
      "ORIGINAL",
      "PRIMARY",
      "M",
      "ND",
      "NORM",
      "MOSAIC"
    ],
    "InstitutionAddress": "McClintock_3520A_Los_Angeles_CA_US_90089",
    "InstitutionName": "USC",
    "MagneticFieldStrength": 3,
    "Manufacturer": "Siemens",
    "ManufacturersModelName": "Prisma_fit",
    "PhaseEncodingDirection": "j-",
    "PhaseEncodingLines": 64,
    "ProcedureStepDescription": "Mara_Steve",
    "ProtocolName": "prelearning2",
    "RepetitionTime": 2,
    "ScanningSequence": "EP",
    "SequenceName": "_epfid2d1_64",
    "SequenceVariant": "SK_OSP",
    "SeriesDescription": "prelearning2",
    "SliceTiming": [
      0.99,
      0,
      1.0425,
      0.0525,
      1.095,
      0.105,
      1.145,
      0.155,
      1.1975,
      0.2075,
      1.25,
      0.26,
      1.3025,
      0.3125,
      1.355,
      0.365,
      1.4075,
      0.4175,
      1.4575,
      0.4675,
      1.51,
      0.52,
      1.5625,
      0.5725,
      1.615,
      0.625,
      1.6675,
      0.6775,
      1.72,
      0.73,
      1.77,
      0.78,
      1.8225,
      0.8325,
      1.875,
      0.885,
      1.9275,
      0.9375
    ],
    "SoftwareVersions": "syngo_MR_D13D",
    "TaskName": "prelearning",
    "TotalReadoutTime": 0.0299118,
    "TrueEchoSpacing": 0.000712186,
    "dataset": "ds003425",
    "modality": "bold",
    "run_id": 2,
    "session_id": "01",
    "subject_id": "04",
    "task_id": "prelearning"
  },
  "dummy_trs": 4,
  "dvars_nstd": 18.768636465000004,
  "dvars_std": 1.19290558925,
  "dvars_vstd": 1.0385802451250001,
  "efc": 0.6039392270258223,
  "fber": 2229.119873046875,
  "fd_mean": 0.040429364973058046,
  "fd_num": 0,
  "fd_perc": 0.0,
  "fwhm_avg": 1.7013344878934966,
  "fwhm_x": 1.5971733333333333,
  "fwhm_y": 1.8666833333333335,
  "fwhm_z": 1.640146797013823,
  "gcor": 0.0256499,
  "gsr_x": 0.013619622215628624,
  "gsr_y": 0.04781590774655342,
  "provenance": {
    "md5sum": "639d86755b3b569fb499ae1d34030c50",
    "settings": {
      "fd_thres": 0.2,
      "testing": false
    },
    "software": "mriqc",
    "version": "23.0.1",
    "webapi_port": null,
    "webapi_url": "https://mriqc.nimh.nih.gov/api/v1"
  },
  "size_t": 81,
  "size_x": 64,
  "size_y": 64,
  "size_z": 38,
  "snr": 7.583952019254745,
  "spacing_tr": 2.0,
  "spacing_x": 3.0,
  "spacing_y": 3.0,
  "spacing_z": 2.999999761581421,
  "summary_bg_k": 4.77174485017288,
  "summary_bg_mad": 6.534431816794364,
  "summary_bg_mean": 37.845680236816406,
  "summary_bg_median": 8.037036895751953,
  "summary_bg_n": 83499.0,
  "summary_bg_p05": 3.185185194015503,
  "summary_bg_p95": 191.66790618896474,
  "summary_bg_stdv": 62.48609161376953,
  "summary_fg_k": 3.5122223513232633,
  "summary_fg_mad": 48.9990803148579,
  "summary_fg_mean": 403.24591064453125,
  "summary_fg_median": 404.13580322265625,
  "summary_fg_n": 36113.0,
  "summary_fg_p05": 321.8345642089844,
  "summary_fg_p95": 480.8938293457031,
  "summary_fg_stdv": 53.28754806518555,
  "tsnr": 85.19977890467271
}