{
  "aor": 0.001674183673469388,
  "aqi": 0.00452721806122449,
  "bids_meta": {
    "AccelFactPE": 2,
    "AcquisitionNumber": 1,
    "AcquisitionTime": "10:55:27.850000",
    "BandwidthPerPixelPhaseEncode": 43.879,
    "BodyPartExamined": "BRAIN",
    "ConversionSoftware": "dcm2niix",
    "ConversionSoftwareVersion": "v1.0.20170724 GCC4.4.7",
    "DeviceSerialNumber": "67025",
    "EchoTime": 0.025,
    "EchoTrainLength": 43,
    "EffectiveEchoSpacing": 0.000356093,
    "FlipAngle": 90,
    "ImageType": [
      "ORIGINAL",
      "PRIMARY",
      "M",
      "ND",
      "NORM",
      "MOSAIC"
    ],
    "InstitutionAddress": "McClintock_3520A_Los_Angeles_CA_US_90089",
    "InstitutionName": "USC",
    "MagneticFieldStrength": 3,
    "Manufacturer": "Siemens",
    "ManufacturersModelName": "Prisma_fit",
    "PhaseEncodingDirection": "j-",
    "PhaseEncodingLines": 64,
    "ProcedureStepDescription": "Mara_Steve",
    "ProtocolName": "training2",
    "RepetitionTime": 2,
    "ScanningSequence": "EP",
    "SequenceName": "_epfid2d1_64",
    "SequenceVariant": "SK_OSP",
    "SeriesDescription": "training2",
    "SliceTiming": [
      0.99,
      0,
      1.0425,
      0.0525,
      1.095,
      0.105,
      1.1475,
      0.1575,
      1.2,
      0.21,
      1.25,
      0.26,
      1.3025,
      0.3125,
      1.355,
      0.365,
      1.4075,
      0.4175,
      1.46,
      0.47,
      1.5125,
      0.5225,
      1.5625,
      0.5725,
      1.615,
      0.625,
      1.6675,
      0.6775,
      1.72,
      0.73,
      1.7725,
      0.7825,
      1.825,
      0.835,
      1.875,
      0.885,
      1.9275,
      0.9375
    ],
    "SoftwareVersions": "syngo_MR_D13D",
    "TaskName": "training",
    "TotalReadoutTime": 0.0299118,
    "TrueEchoSpacing": 0.000712186,
    "dataset": "ds003425",
    "modality": "bold",
    "run_id": 2,
    "session_id": "01",
    "subject_id": "04",
    "task_id": "training"
  },
  "dummy_trs": 0,
  "dvars_nstd": 18.700706708144335,
  "dvars_std": 1.20749348185567,
  "dvars_vstd": 1.0342420749484533,
  "efc": 0.6062207136552664,
  "fber": 2067.189697265625,
  "fd_mean": 0.04064146549998855,
  "fd_num": 0,
  "fd_perc": 0.0,
  "fwhm_avg": 1.7186855992621,
  "fwhm_x": 1.6090600000000002,
  "fwhm_y": 1.89713,
  "fwhm_z": 1.6498667977862993,
  "gcor": 0.0205908,
  "gsr_x": 0.008036479353904724,
  "gsr_y": 0.04632817581295967,
  "provenance": {
    "md5sum": "de27ebb2b1e49d5e9e0c4b17ac3975ae",
    "settings": {
      "fd_thres": 0.2,
      "testing": false
    },
    "software": "mriqc",
    "version": "23.0.1",
    "webapi_port": null,
    "webapi_url": "https://mriqc.nimh.nih.gov/api/v1"
  },
  "size_t": 98,
  "size_x": 64,
  "size_y": 64,
  "size_z": 38,
  "snr": 7.54714405011636,
  "spacing_tr": 2.0,
  "spacing_x": 3.0,
  "spacing_y": 3.0,
  "spacing_z": 2.999999761581421,
  "summary_bg_k": 4.936309725291071,
  "summary_bg_mad": 6.913767372915335,
  "summary_bg_mean": 38.018226623535156,
  "summary_bg_median": 8.36734676361084,
  "summary_bg_n": 83017.0,
  "summary_bg_p05": 3.27551007270813,
  "summary_bg_p95": 190.7877471923828,
  "summary_bg_stdv": 62.20880126953125,
  "summary_fg_k": 3.396047395012679,
  "summary_fg_mad": 49.51587360525618,
  "summary_fg_mean": 403.5868835449219,
  "summary_fg_median": 404.1938781738281,
  "summary_fg_n": 36481.0,
  "summary_fg_p05": 322.1428527832031,
  "summary_fg_p95": 482.9897766113281,
  "summary_fg_stdv": 53.555137634277344,
  "tsnr": 86.67674417886883
}