{
  "aor": 0.0018783673469387754,
  "aqi": 0.006337757346938777,
  "bids_meta": {
    "AccelFactPE": 2,
    "AcquisitionNumber": 1,
    "AcquisitionTime": "12:26:24.005000",
    "BandwidthPerPixelPhaseEncode": 43.879,
    "BodyPartExamined": "BRAIN",
    "ConversionSoftware": "dcm2niix",
    "ConversionSoftwareVersion": "v1.0.20170724 GCC4.4.7",
    "DeviceSerialNumber": "67025",
    "EchoTime": 0.025,
    "EchoTrainLength": 43,
    "EffectiveEchoSpacing": 0.000356093,
    "FlipAngle": 90,
    "ImageType": [
      "ORIGINAL",
      "PRIMARY",
      "M",
      "ND",
      "NORM",
      "MOSAIC"
    ],
    "InstitutionAddress": "McClintock_3520A_Los_Angeles_CA_US_90089",
    "InstitutionName": "USC",
    "MagneticFieldStrength": 3,
    "Manufacturer": "Siemens",
    "ManufacturersModelName": "Prisma_fit",
    "PhaseEncodingDirection": "j-",
    "PhaseEncodingLines": 64,
    "ProcedureStepDescription": "Mara_Steve",
    "ProtocolName": "training4",
    "RepetitionTime": 2,
    "ScanningSequence": "EP",
    "SequenceName": "_epfid2d1_64",
    "SequenceVariant": "SK_OSP",
    "SeriesDescription": "training4",
    "SliceTiming": [
      0.99,
      0,
      1.0425,
      0.0525,
      1.095,
      0.105,
      1.1475,
      0.1575,
      1.2,
      0.21,
      1.2525,
      0.2625,
      1.3025,
      0.315,
      1.355,
      0.365,
      1.4075,
      0.4175,
      1.46,
      0.47,
      1.5125,
      0.5225,
      1.565,
      0.575,
      1.6175,
      0.6275,
      1.6675,
      0.6775,
      1.72,
      0.73,
      1.7725,
      0.7825,
      1.825,
      0.835,
      1.8775,
      0.8875,
      1.93,
      0.94
    ],
    "SoftwareVersions": "syngo_MR_D13D",
    "TaskName": "training",
    "TotalReadoutTime": 0.0299118,
    "TrueEchoSpacing": 0.000712186,
    "dataset": "ds003425",
    "modality": "bold",
    "run_id": 4,
    "session_id": "01",
    "subject_id": "10",
    "task_id": "training"
  },
  "dummy_trs": 0,
  "dvars_nstd": 23.452424855773202,
  "dvars_std": 1.290237460824742,
  "dvars_vstd": 1.0342461157731961,
  "efc": 0.6295229134028975,
  "fber": 2283.259521484375,
  "fd_mean": 0.10589742004689838,
  "fd_num": 3,
  "fd_perc": 3.061224489795918,
  "fwhm_avg": 1.6545133333333333,
  "fwhm_x": 1.5322233333333333,
  "fwhm_y": 1.74688,
  "fwhm_z": 1.6844366666666666,
  "gcor": 0.0135921,
  "gsr_x": -0.0031407219357788563,
  "gsr_y": 0.052080217748880386,
  "provenance": {
    "md5sum": "24e38c5aa24f562a288605d7f46af814",
    "settings": {
      "fd_thres": 0.2,
      "testing": false
    },
    "software": "mriqc",
    "version": "23.0.1",
    "webapi_port": null,
    "webapi_url": "https://mriqc.nimh.nih.gov/api/v1"
  },
  "size_t": 98,
  "size_x": 64,
  "size_y": 64,
  "size_z": 38,
  "snr": 7.350463254417958,
  "spacing_tr": 2.0,
  "spacing_x": 3.0,
  "spacing_y": 3.0,
  "spacing_z": 3.0,
  "summary_bg_k": 11.696317817200029,
  "summary_bg_mad": 6.1119522697324165,
  "summary_bg_mean": 25.48305320739746,
  "summary_bg_median": 7.438775539398193,
  "summary_bg_n": 73894.0,
  "summary_bg_p05": 2.7448978424072266,
  "summary_bg_p95": 113.56173095703099,
  "summary_bg_stdv": 41.551902770996094,
  "summary_fg_k": 2.2562814033903296,
  "summary_fg_mad": 48.07869779749825,
  "summary_fg_mean": 375.64349365234375,
  "summary_fg_median": 373.33673095703125,
  "summary_fg_n": 45980.0,
  "summary_fg_p05": 302.9897766113281,
  "summary_fg_p95": 458.80714111328115,
  "summary_fg_stdv": 50.79035949707031,
  "tsnr": 81.67313377233222
}