{
  "aor": 0.0023784705882352935,
  "aqi": 0.006014305764705882,
  "bids_meta": {
    "AccelFactPE": 2,
    "AcquisitionNumber": 1,
    "AcquisitionTime": "12:42:28.977500",
    "BandwidthPerPixelPhaseEncode": 43.879,
    "BodyPartExamined": "BRAIN",
    "ConversionSoftware": "dcm2niix",
    "ConversionSoftwareVersion": "v1.0.20170724 GCC4.4.7",
    "DeviceSerialNumber": "67025",
    "EchoTime": 0.025,
    "EchoTrainLength": 43,
    "EffectiveEchoSpacing": 0.000356093,
    "FlipAngle": 90,
    "ImageType": [
      "ORIGINAL",
      "PRIMARY",
      "M",
      "ND",
      "NORM",
      "MOSAIC"
    ],
    "InstitutionAddress": "McClintock_3520A_Los_Angeles_CA_US_90089",
    "InstitutionName": "USC",
    "MagneticFieldStrength": 3,
    "Manufacturer": "Siemens",
    "ManufacturersModelName": "Prisma_fit",
    "PhaseEncodingDirection": "j-",
    "PhaseEncodingLines": 64,
    "ProcedureStepDescription": "Mara_Steve",
    "ProtocolName": "prelearning2",
    "RepetitionTime": 2,
    "ScanningSequence": "EP",
    "SequenceName": "_epfid2d1_64",
    "SequenceVariant": "SK_OSP",
    "SeriesDescription": "prelearning2",
    "SliceTiming": [
      0.99,
      0,
      1.0425,
      0.0525,
      1.095,
      0.105,
      1.1475,
      0.1575,
      1.2,
      0.21,
      1.25,
      0.26,
      1.3025,
      0.3125,
      1.355,
      0.365,
      1.4075,
      0.4175,
      1.46,
      0.47,
      1.5125,
      0.5225,
      1.5625,
      0.575,
      1.615,
      0.625,
      1.6675,
      0.6775,
      1.72,
      0.73,
      1.7725,
      0.7825,
      1.825,
      0.835,
      1.8775,
      0.8875,
      1.9275,
      0.9375
    ],
    "SoftwareVersions": "syngo_MR_D13D",
    "TaskName": "prelearning",
    "TotalReadoutTime": 0.0299118,
    "TrueEchoSpacing": 0.000712186,
    "dataset": "ds003425",
    "modality": "bold",
    "run_id": 2,
    "session_id": "01",
    "subject_id": "10",
    "task_id": "prelearning"
  },
  "dummy_trs": 0,
  "dvars_nstd": 25.052767549166656,
  "dvars_std": 1.3357310014285713,
  "dvars_vstd": 1.0333061848809524,
  "efc": 0.6305247550371487,
  "fber": 2214.458740234375,
  "fd_mean": 0.09550650646712394,
  "fd_num": 3,
  "fd_perc": 3.5294117647058822,
  "fwhm_avg": 1.6518044444444444,
  "fwhm_x": 1.5300900000000002,
  "fwhm_y": 1.7397966666666667,
  "fwhm_z": 1.6855266666666668,
  "gcor": 0.0161365,
  "gsr_x": -0.0030594863928854465,
  "gsr_y": 0.05255734920501709,
  "provenance": {
    "md5sum": "61853c5fa758b93d55f9bc6882feb779",
    "settings": {
      "fd_thres": 0.2,
      "testing": false
    },
    "software": "mriqc",
    "version": "23.0.1",
    "webapi_port": null,
    "webapi_url": "https://mriqc.nimh.nih.gov/api/v1"
  },
  "size_t": 85,
  "size_x": 64,
  "size_y": 64,
  "size_z": 38,
  "snr": 7.33497785387577,
  "spacing_tr": 2.0,
  "spacing_x": 3.0,
  "spacing_y": 3.0,
  "spacing_z": 3.0,
  "summary_bg_k": 11.064119108069189,
  "summary_bg_mad": 6.157159876413129,
  "summary_bg_mean": 25.905881881713867,
  "summary_bg_median": 7.5176472663879395,
  "summary_bg_n": 73830.0,
  "summary_bg_p05": 2.811764717102051,
  "summary_bg_p95": 115.6182411193848,
  "summary_bg_stdv": 41.94110107421875,
  "summary_fg_k": 2.351762888054525,
  "summary_fg_mad": 48.14095550784565,
  "summary_fg_mean": 376.0767822265625,
  "summary_fg_median": 373.62353515625,
  "summary_fg_n": 46006.0,
  "summary_fg_p05": 303.53235626220703,
  "summary_fg_p95": 459.64412689208984,
  "summary_fg_stdv": 50.93668746948242,
  "tsnr": 84.31268604053184
}