{
  "aor": 0.0023829411764705885,
  "aqi": 0.00576005,
  "bids_meta": {
    "AccelFactPE": 2,
    "AcquisitionNumber": 1,
    "AcquisitionTime": "12:45:50.392500",
    "BandwidthPerPixelPhaseEncode": 43.879,
    "BodyPartExamined": "BRAIN",
    "ConversionSoftware": "dcm2niix",
    "ConversionSoftwareVersion": "v1.0.20170724 GCC4.4.7",
    "DeviceSerialNumber": "67025",
    "EchoTime": 0.025,
    "EchoTrainLength": 43,
    "EffectiveEchoSpacing": 0.000356093,
    "FlipAngle": 90,
    "ImageType": [
      "ORIGINAL",
      "PRIMARY",
      "M",
      "ND",
      "NORM",
      "MOSAIC"
    ],
    "InstitutionAddress": "McClintock_3520A_Los_Angeles_CA_US_90089",
    "InstitutionName": "USC",
    "MagneticFieldStrength": 3,
    "Manufacturer": "Siemens",
    "ManufacturersModelName": "Prisma_fit",
    "PhaseEncodingDirection": "j-",
    "PhaseEncodingLines": 64,
    "ProcedureStepDescription": "Mara_Steve",
    "ProtocolName": "prelearning3",
    "RepetitionTime": 2,
    "ScanningSequence": "EP",
    "SequenceName": "_epfid2d1_64",
    "SequenceVariant": "SK_OSP",
    "SeriesDescription": "prelearning3",
    "SliceTiming": [
      0.99,
      0,
      1.0425,
      0.0525,
      1.095,
      0.105,
      1.1475,
      0.1575,
      1.2,
      0.21,
      1.2525,
      0.2625,
      1.3025,
      0.315,
      1.355,
      0.365,
      1.4075,
      0.4175,
      1.46,
      0.47,
      1.5125,
      0.5225,
      1.565,
      0.575,
      1.6175,
      0.6275,
      1.6675,
      0.6775,
      1.72,
      0.73,
      1.7725,
      0.7825,
      1.825,
      0.835,
      1.8775,
      0.8875,
      1.93,
      0.94
    ],
    "SoftwareVersions": "syngo_MR_D13D",
    "TaskName": "prelearning",
    "TotalReadoutTime": 0.0299118,
    "TrueEchoSpacing": 0.000712186,
    "dataset": "ds003425",
    "modality": "bold",
    "run_id": 3,
    "session_id": "01",
    "subject_id": "10",
    "task_id": "prelearning"
  },
  "dummy_trs": 0,
  "dvars_nstd": 24.126223882380955,
  "dvars_std": 1.312031908928571,
  "dvars_vstd": 1.03351518702381,
  "efc": 0.6307290572293672,
  "fber": 2195.09619140625,
  "fd_mean": 0.09221831660765045,
  "fd_num": 0,
  "fd_perc": 0.0,
  "fwhm_avg": 1.6527055555555554,
  "fwhm_x": 1.5360633333333331,
  "fwhm_y": 1.7386866666666665,
  "fwhm_z": 1.6833666666666665,
  "gcor": 0.016204,
  "gsr_x": -0.003199450671672821,
  "gsr_y": 0.05251987278461456,
  "provenance": {
    "md5sum": "2f061e72e7c090a3f841835fab900b39",
    "settings": {
      "fd_thres": 0.2,
      "testing": false
    },
    "software": "mriqc",
    "version": "23.0.1",
    "webapi_port": null,
    "webapi_url": "https://mriqc.nimh.nih.gov/api/v1"
  },
  "size_t": 85,
  "size_x": 64,
  "size_y": 64,
  "size_z": 38,
  "snr": 7.337552691751073,
  "spacing_tr": 2.0,
  "spacing_x": 3.0,
  "spacing_y": 3.0,
  "spacing_z": 3.0,
  "summary_bg_k": 11.014977339479133,
  "summary_bg_mad": 6.209486922047937,
  "summary_bg_mean": 25.893220901489258,
  "summary_bg_median": 7.564705848693848,
  "summary_bg_n": 73783.0,
  "summary_bg_p05": 2.811764717102051,
  "summary_bg_p95": 115.82353210449219,
  "summary_bg_stdv": 41.811702728271484,
  "summary_fg_k": 2.2896862999714953,
  "summary_fg_mad": 48.1671299885404,
  "summary_fg_mean": 376.2305603027344,
  "summary_fg_median": 373.6588439941406,
  "summary_fg_n": 46070.0,
  "summary_fg_p05": 303.6406021118164,
  "summary_fg_p95": 460.01177978515625,
  "summary_fg_stdv": 50.92362594604492,
  "tsnr": 85.75600479729474
}