{
  "aor": 0.00188288,
  "aqi": 0.005829549199999999,
  "bids_meta": {
    "AccelFactPE": 2,
    "AcquisitionNumber": 1,
    "AcquisitionTime": "13:08:36.342500",
    "BandwidthPerPixelPhaseEncode": 43.879,
    "BodyPartExamined": "BRAIN",
    "ConversionSoftware": "dcm2niix",
    "ConversionSoftwareVersion": "v1.0.20170724 GCC4.4.7",
    "DeviceSerialNumber": "67025",
    "EchoTime": 0.025,
    "EchoTrainLength": 43,
    "EffectiveEchoSpacing": 0.000356093,
    "FlipAngle": 90,
    "ImageType": [
      "ORIGINAL",
      "PRIMARY",
      "M",
      "ND",
      "NORM",
      "MOSAIC"
    ],
    "InstitutionAddress": "McClintock_3520A_Los_Angeles_CA_US_90089",
    "InstitutionName": "USC",
    "MagneticFieldStrength": 3,
    "Manufacturer": "Siemens",
    "ManufacturersModelName": "Prisma_fit",
    "PhaseEncodingDirection": "j-",
    "PhaseEncodingLines": 64,
    "ProcedureStepDescription": "Mara_Steve",
    "ProtocolName": "learning5",
    "RepetitionTime": 2,
    "ScanningSequence": "EP",
    "SequenceName": "_epfid2d1_64",
    "SequenceVariant": "SK_OSP",
    "SeriesDescription": "learning5",
    "SliceTiming": [
      0.99,
      0,
      1.04,
      0.05,
      1.0925,
      0.1025,
      1.145,
      0.155,
      1.1975,
      0.2075,
      1.25,
      0.26,
      1.3025,
      0.3125,
      1.3525,
      0.365,
      1.405,
      0.415,
      1.4575,
      0.4675,
      1.51,
      0.52,
      1.5625,
      0.5725,
      1.615,
      0.625,
      1.6675,
      0.6775,
      1.7175,
      0.7275,
      1.77,
      0.78,
      1.8225,
      0.8325,
      1.875,
      0.885,
      1.9275,
      0.9375
    ],
    "SoftwareVersions": "syngo_MR_D13D",
    "TaskName": "learning",
    "TotalReadoutTime": 0.0299118,
    "TrueEchoSpacing": 0.000712186,
    "dataset": "ds003425",
    "modality": "bold",
    "run_id": 5,
    "session_id": "01",
    "subject_id": "10",
    "task_id": "learning"
  },
  "dummy_trs": 0,
  "dvars_nstd": 22.09574537927418,
  "dvars_std": 1.2584065054032263,
  "dvars_vstd": 1.019970010645161,
  "efc": 0.6314815642652104,
  "fber": 2161.043212890625,
  "fd_mean": 0.090135577776085,
  "fd_num": 0,
  "fd_perc": 0.0,
  "fwhm_avg": 1.6514822222222223,
  "fwhm_x": 1.5257833333333333,
  "fwhm_y": 1.7345533333333334,
  "fwhm_z": 1.69411,
  "gcor": 0.0152165,
  "gsr_x": -0.0037822050508111715,
  "gsr_y": 0.05251803249120712,
  "provenance": {
    "md5sum": "51069e57fef6dbff60dc92b57cc401d8",
    "settings": {
      "fd_thres": 0.2,
      "testing": false
    },
    "software": "mriqc",
    "version": "23.0.1",
    "webapi_port": null,
    "webapi_url": "https://mriqc.nimh.nih.gov/api/v1"
  },
  "size_t": 125,
  "size_x": 64,
  "size_y": 64,
  "size_z": 38,
  "snr": 7.341850072877929,
  "spacing_tr": 2.0,
  "spacing_x": 3.0,
  "spacing_y": 3.0,
  "spacing_z": 3.0,
  "summary_bg_k": 10.799325167725375,
  "summary_bg_mad": 6.2980947926074995,
  "summary_bg_mean": 26.101198196411133,
  "summary_bg_median": 7.584000587463379,
  "summary_bg_n": 73786.0,
  "summary_bg_p05": 2.7760000228881836,
  "summary_bg_p95": 115.64600372314453,
  "summary_bg_stdv": 41.985530853271484,
  "summary_fg_k": 2.2024655748093993,
  "summary_fg_mad": 48.27352461490808,
  "summary_fg_mean": 376.5227966308594,
  "summary_fg_median": 373.8960266113281,
  "summary_fg_n": 46101.0,
  "summary_fg_p05": 303.656005859375,
  "summary_fg_p95": 460.83203125,
  "summary_fg_stdv": 50.926124572753906,
  "tsnr": 82.98146418202668
}