{
  "aor": 0.0024642352941176473,
  "aqi": 0.005683916470588234,
  "bids_meta": {
    "AccelFactPE": 2,
    "AcquisitionNumber": 1,
    "AcquisitionTime": "12:39:6.685000",
    "BandwidthPerPixelPhaseEncode": 43.879,
    "BodyPartExamined": "BRAIN",
    "ConversionSoftware": "dcm2niix",
    "ConversionSoftwareVersion": "v1.0.20170724 GCC4.4.7",
    "DeviceSerialNumber": "67025",
    "EchoTime": 0.025,
    "EchoTrainLength": 43,
    "EffectiveEchoSpacing": 0.000356093,
    "FlipAngle": 90,
    "ImageType": [
      "ORIGINAL",
      "PRIMARY",
      "M",
      "ND",
      "NORM",
      "MOSAIC"
    ],
    "InstitutionAddress": "McClintock_3520A_Los_Angeles_CA_US_90089",
    "InstitutionName": "USC",
    "MagneticFieldStrength": 3,
    "Manufacturer": "Siemens",
    "ManufacturersModelName": "Prisma_fit",
    "PhaseEncodingDirection": "j-",
    "PhaseEncodingLines": 64,
    "ProcedureStepDescription": "Mara_Steve",
    "ProtocolName": "prelearning1",
    "RepetitionTime": 2,
    "ScanningSequence": "EP",
    "SequenceName": "_epfid2d1_64",
    "SequenceVariant": "SK_OSP",
    "SeriesDescription": "prelearning1",
    "SliceTiming": [
      0.99,
      0,
      1.0425,
      0.0525,
      1.095,
      0.105,
      1.1475,
      0.1575,
      1.1975,
      0.2075,
      1.25,
      0.26,
      1.3025,
      0.3125,
      1.355,
      0.365,
      1.4075,
      0.4175,
      1.46,
      0.47,
      1.51,
      0.5225,
      1.5625,
      0.5725,
      1.615,
      0.625,
      1.6675,
      0.6775,
      1.72,
      0.73,
      1.7725,
      0.7825,
      1.825,
      0.835,
      1.875,
      0.885,
      1.9275,
      0.9375
    ],
    "SoftwareVersions": "syngo_MR_D13D",
    "TaskName": "prelearning",
    "TotalReadoutTime": 0.0299118,
    "TrueEchoSpacing": 0.000712186,
    "dataset": "ds003425",
    "modality": "bold",
    "run_id": 1,
    "session_id": "01",
    "subject_id": "10",
    "task_id": "prelearning"
  },
  "dummy_trs": 0,
  "dvars_nstd": 25.437461262142865,
  "dvars_std": 1.3485489444047614,
  "dvars_vstd": 1.034884119642857,
  "efc": 0.6303473170044847,
  "fber": 2201.88232421875,
  "fd_mean": 0.09030235319188888,
  "fd_num": 3,
  "fd_perc": 3.5294117647058822,
  "fwhm_avg": 1.655268888888889,
  "fwhm_x": 1.5350000000000001,
  "fwhm_y": 1.7417566666666666,
  "fwhm_z": 1.68905,
  "gcor": 0.0190826,
  "gsr_x": -0.0027894729282706976,
  "gsr_y": 0.05240712687373161,
  "provenance": {
    "md5sum": "db3c926606b4adeab2060a25fcd23e3f",
    "settings": {
      "fd_thres": 0.2,
      "testing": false
    },
    "software": "mriqc",
    "version": "23.0.1",
    "webapi_port": null,
    "webapi_url": "https://mriqc.nimh.nih.gov/api/v1"
  },
  "size_t": 85,
  "size_x": 64,
  "size_y": 64,
  "size_z": 38,
  "snr": 7.32679113385656,
  "spacing_tr": 2.0,
  "spacing_x": 3.0,
  "spacing_y": 3.0,
  "spacing_z": 3.0,
  "summary_bg_k": 10.998135636412886,
  "summary_bg_mad": 6.122275297149895,
  "summary_bg_mean": 25.766284942626953,
  "summary_bg_median": 7.5176472663879395,
  "summary_bg_n": 73833.0,
  "summary_bg_p05": 2.8235294818878174,
  "summary_bg_p95": 115.016470336914,
  "summary_bg_stdv": 41.685489654541016,
  "summary_fg_k": 2.3377615400685006,
  "summary_fg_mad": 48.21072395941229,
  "summary_fg_mean": 375.5529479980469,
  "summary_fg_median": 373.1176452636719,
  "summary_fg_n": 46013.0,
  "summary_fg_p05": 302.95294189453125,
  "summary_fg_p95": 459.25177001953125,
  "summary_fg_stdv": 50.924556732177734,
  "tsnr": 87.00115825608373
}