{
  "bids_meta": {
    "AccelFactPE": 2,
    "AcquisitionNumber": 1,
    "AcquisitionTime": "10:45:40.782500",
    "BodyPartExamined": "BRAIN",
    "ConversionSoftware": "dcm2niix",
    "ConversionSoftwareVersion": "v1.0.20170724 GCC4.4.7",
    "DeviceSerialNumber": "67025",
    "EchoTime": 0.00226,
    "FlipAngle": 9,
    "ImageType": [
      "ORIGINAL",
      "PRIMARY",
      "M",
      "ND",
      "NORM"
    ],
    "InstitutionAddress": "McClintock_3520A_Los_Angeles_CA_US_90089",
    "InstitutionName": "USC",
    "InversionTime": 1.06,
    "MagneticFieldStrength": 3,
    "Manufacturer": "Siemens",
    "ManufacturersModelName": "Prisma_fit",
    "PhaseEncodingDirection": "i-",
    "PhaseEncodingLines": 224,
    "ProcedureStepDescription": "JC_rountine",
    "ProtocolName": "t1_mprage_short_32channel",
    "RepetitionTime": 2.3,
    "ScanningSequence": "GR_IR",
    "SequenceName": "_tfl3d1_16ns",
    "SequenceVariant": "SK_SP_MP",
    "SeriesDescription": "t1_mprage_short_32channel",
    "SoftwareVersions": "syngo_MR_D13D",
    "dataset": "ds003425",
    "modality": "T1w",
    "session_id": "01",
    "subject_id": "08"
  },
  "cjv": 0.358123000968718,
  "cnr": 3.847270682324571,
  "efc": 0.5662253461431143,
  "fber": -1.0,
  "fwhm_avg": 4.326013503356795,
  "fwhm_x": 4.278780510070385,
  "fwhm_y": 4.35104,
  "fwhm_z": 4.34822,
  "icvs_csf": 0.1973544680450576,
  "icvs_gm": 0.4374679089357029,
  "icvs_wm": 0.36517762301923945,
  "inu_med": 0.2862297594547272,
  "inu_range": 0.0754194140434265,
  "provenance": {
    "md5sum": "14767a50fdde942c21603065356f3f1c",
    "settings": {
      "testing": false
    },
    "software": "mriqc",
    "version": "23.0.1",
    "warnings": {
      "large_rot_frame": true,
      "small_air_mask": false
    },
    "webapi_port": null,
    "webapi_url": "https://mriqc.nimh.nih.gov/api/v1"
  },
  "qi_1": 0.005364203631874759,
  "qi_2": 0.03545852385073205,
  "rpve_csf": 20.35725109171638,
  "rpve_gm": 9.78031843736784,
  "rpve_wm": 13.455184555544198,
  "size_x": 176,
  "size_y": 224,
  "size_z": 256,
  "snr_csf": 3.221706189642152,
  "snr_gm": 16.06620044461059,
  "snr_total": 17.734887839623322,
  "snr_wm": 33.91675688461722,
  "snrd_csf": 92.7253094951133,
  "snrd_gm": 212.98788512775113,
  "snrd_total": 192.80113978896614,
  "snrd_wm": 272.69022474403397,
  "spacing_x": 0.9999998807907104,
  "spacing_y": 1.0,
  "spacing_z": 1.0,
  "summary_bg_k": 39.70327929425267,
  "summary_bg_mad": 0.0,
  "summary_bg_mean": 0.8442621619813385,
  "summary_bg_median": 0.0,
  "summary_bg_n": 3059527.0,
  "summary_bg_p05": 0.0,
  "summary_bg_p95": 4.320372082293034,
  "summary_bg_stdv": 2.402546315245711,
  "summary_csf_k": 2.2028063883784457,
  "summary_csf_mad": 65.26931464570734,
  "summary_csf_mean": 341.9254196365341,
  "summary_csf_median": 340.046516507864,
  "summary_csf_n": 44327.0,
  "summary_csf_p05": 130.2204457111657,
  "summary_csf_p95": 518.7924952171742,
  "summary_csf_stdv": 105.5473903611804,
  "summary_gm_k": -0.14662392904111154,
  "summary_gm_mad": 50.192004418037655,
  "summary_gm_mean": 780.4519913515096,
  "summary_gm_median": 781.0789609700441,
  "summary_gm_n": 44164.0,
  "summary_gm_p05": 700.1218348741531,
  "summary_gm_p95": 859.5989540964365,
  "summary_gm_stdv": 48.615733425929676,
  "summary_wm_k": 0.7754095302218875,
  "summary_wm_mad": 28.216578399930857,
  "summary_wm_mean": 1000.8444127417533,
  "summary_wm_median": 1000.0221246480942,
  "summary_wm_n": 232184.0,
  "summary_wm_p05": 954.6914514154196,
  "summary_wm_p95": 1049.296522140503,
  "summary_wm_stdv": 29.484539884979135,
  "tpm_overlap_csf": 0.17627284294739398,
  "tpm_overlap_gm": 0.4725359905167082,
  "tpm_overlap_wm": 0.5128912144638932,
  "wm2max": 0.9060906572449512
}