{
  "bids_meta": {
    "AccelFactPE": 2,
    "AcquisitionNumber": 1,
    "AcquisitionTime": "11:50:49.635000",
    "BodyPartExamined": "BRAIN",
    "ConversionSoftware": "dcm2niix",
    "ConversionSoftwareVersion": "v1.0.20170724 GCC4.4.7",
    "DeviceSerialNumber": "67025",
    "EchoTime": 0.00226,
    "FlipAngle": 9,
    "ImageType": [
      "ORIGINAL",
      "PRIMARY",
      "M",
      "ND",
      "NORM"
    ],
    "InstitutionAddress": "McClintock_3520A_Los_Angeles_CA_US_90089",
    "InstitutionName": "USC",
    "InversionTime": 1.06,
    "MagneticFieldStrength": 3,
    "Manufacturer": "Siemens",
    "ManufacturersModelName": "Prisma_fit",
    "PhaseEncodingDirection": "i-",
    "PhaseEncodingLines": 224,
    "ProcedureStepDescription": "Mara_Steve",
    "ProtocolName": "t1_mprage_short_32channel",
    "RepetitionTime": 2.3,
    "ScanningSequence": "GR_IR",
    "SequenceName": "_tfl3d1_16ns",
    "SequenceVariant": "SK_SP_MP",
    "SeriesDescription": "t1_mprage_short_32channel",
    "SoftwareVersions": "syngo_MR_D13D",
    "dataset": "ds003425",
    "modality": "T1w",
    "session_id": "01",
    "subject_id": "05"
  },
  "cjv": 0.3814582626766173,
  "cnr": 3.549029123192975,
  "efc": 0.5362740872687327,
  "fber": -1.0,
  "fwhm_avg": 4.4720305374230875,
  "fwhm_x": 4.508231612269263,
  "fwhm_y": 4.35326,
  "fwhm_z": 4.5546,
  "icvs_csf": 0.2263117930627195,
  "icvs_gm": 0.4270684609698553,
  "icvs_wm": 0.3466197459674252,
  "inu_med": 0.29748181998729706,
  "inu_range": 0.08464864045381543,
  "provenance": {
    "md5sum": "45473985f7989fec0727e716089db87f",
    "settings": {
      "testing": false
    },
    "software": "mriqc",
    "version": "23.0.1",
    "warnings": {
      "large_rot_frame": true,
      "small_air_mask": false
    },
    "webapi_port": null,
    "webapi_url": "https://mriqc.nimh.nih.gov/api/v1"
  },
  "qi_1": 0.0029359680042333495,
  "qi_2": 0.10026196544686708,
  "rpve_csf": 20.525226801504633,
  "rpve_gm": 11.1900768024602,
  "rpve_wm": 15.622892613167473,
  "size_x": 176,
  "size_y": 224,
  "size_z": 256,
  "snr_csf": 3.3815875335873047,
  "snr_gm": 18.377985790961088,
  "snr_total": 17.536528922228097,
  "snr_wm": 30.850013442135893,
  "snrd_csf": 150.45815297810546,
  "snrd_gm": 346.5908532765926,
  "snrd_total": 308.96275186471905,
  "snrd_wm": 429.8392493394591,
  "spacing_x": 0.9999996423721313,
  "spacing_y": 1.0,
  "spacing_z": 1.0,
  "summary_bg_k": 49.62248283728078,
  "summary_bg_mad": 0.0,
  "summary_bg_mean": 0.4211169637631504,
  "summary_bg_median": 0.0,
  "summary_bg_n": 3083851.0,
  "summary_bg_p05": 0.0,
  "summary_bg_p95": 3.5269934553653,
  "summary_bg_stdv": 1.5242087894322547,
  "summary_csf_k": 1.9314847355047355,
  "summary_csf_mad": 66.2623591915467,
  "summary_csf_mean": 363.0754153226916,
  "summary_csf_median": 350.0486909458414,
  "summary_csf_n": 53730.0,
  "summary_csf_p05": 181.9160474087112,
  "summary_csf_p95": 544.5753628072328,
  "summary_csf_stdv": 103.51511826173743,
  "summary_gm_k": 0.07501840653039604,
  "summary_gm_mad": 42.66712066073934,
  "summary_gm_mean": 804.6062464916763,
  "summary_gm_median": 806.3615834824741,
  "summary_gm_n": 36925.0,
  "summary_gm_p05": 729.8279893007129,
  "summary_gm_p95": 874.6208077419548,
  "summary_gm_stdv": 43.87589987658245,
  "summary_wm_k": 0.6015780092479481,
  "summary_wm_mad": 31.214367220225096,
  "summary_wm_mean": 1001.4434490104608,
  "summary_wm_median": 1000.043291574344,
  "summary_wm_n": 197525.0,
  "summary_wm_p05": 951.3145230989903,
  "summary_wm_p95": 1056.6915668267757,
  "summary_wm_stdv": 32.41621797060613,
  "tpm_overlap_csf": 0.1641212866354339,
  "tpm_overlap_gm": 0.46771612966325277,
  "tpm_overlap_wm": 0.5167631904143637,
  "wm2max": 0.9010918307662312
}