{
  "aor": 0.006016640000000001,
  "aqi": 0.00883446096,
  "bids_meta": {
    "AccelFactPE": 2,
    "AcquisitionNumber": 1,
    "AcquisitionTime": "11:28:20.342500",
    "BandwidthPerPixelPhaseEncode": 43.879,
    "BodyPartExamined": "BRAIN",
    "ConversionSoftware": "dcm2niix",
    "ConversionSoftwareVersion": "v1.0.20170724 GCC4.4.7",
    "DeviceSerialNumber": "67025",
    "EchoTime": 0.025,
    "EchoTrainLength": 43,
    "EffectiveEchoSpacing": 0.000356093,
    "FlipAngle": 90,
    "ImageType": [
      "ORIGINAL",
      "PRIMARY",
      "M",
      "ND",
      "NORM",
      "MOSAIC"
    ],
    "InstitutionAddress": "McClintock_3520A_Los_Angeles_CA_US_90089",
    "InstitutionName": "USC",
    "MagneticFieldStrength": 3,
    "Manufacturer": "Siemens",
    "ManufacturersModelName": "Prisma_fit",
    "PhaseEncodingDirection": "i",
    "PhaseEncodingLines": 64,
    "ProcedureStepDescription": "Mara_Steve",
    "ProtocolName": "learning2",
    "RepetitionTime": 2,
    "ScanningSequence": "EP",
    "SequenceName": "_epfid2d1_64",
    "SequenceVariant": "SK_OSP",
    "SeriesDescription": "learning2",
    "SliceTiming": [
      0.99,
      0,
      1.04,
      0.05,
      1.0925,
      0.1025,
      1.145,
      0.155,
      1.1975,
      0.2075,
      1.25,
      0.26,
      1.3025,
      0.3125,
      1.3525,
      0.3625,
      1.405,
      0.415,
      1.4575,
      0.4675,
      1.51,
      0.52,
      1.5625,
      0.5725,
      1.615,
      0.625,
      1.665,
      0.6775,
      1.7175,
      0.7275,
      1.77,
      0.78,
      1.8225,
      0.8325,
      1.875,
      0.885,
      1.9275,
      0.9375
    ],
    "SoftwareVersions": "syngo_MR_D13D",
    "TaskName": "learning",
    "TotalReadoutTime": 0.0299118,
    "TrueEchoSpacing": 0.000712186,
    "dataset": "ds003425",
    "modality": "bold",
    "run_id": 2,
    "session_id": "01",
    "subject_id": "06",
    "task_id": "learning"
  },
  "dummy_trs": 0,
  "dvars_nstd": 19.61881902120967,
  "dvars_std": 1.1641894040322582,
  "dvars_vstd": 1.0375059796774189,
  "efc": 0.609056098880842,
  "fber": 1423.230712890625,
  "fd_mean": 0.11089880291025708,
  "fd_num": 18,
  "fd_perc": 14.4,
  "fwhm_avg": 1.6380022222222221,
  "fwhm_x": 1.5761399999999999,
  "fwhm_y": 1.7089266666666667,
  "fwhm_z": 1.62894,
  "gcor": 0.0364468,
  "gsr_x": 0.022946467623114586,
  "gsr_y": 0.029207179322838783,
  "provenance": {
    "md5sum": "31e6495b7b5becdbdf32db081087de50",
    "settings": {
      "fd_thres": 0.2,
      "testing": false
    },
    "software": "mriqc",
    "version": "23.0.1",
    "webapi_port": null,
    "webapi_url": "https://mriqc.nimh.nih.gov/api/v1"
  },
  "size_t": 125,
  "size_x": 64,
  "size_y": 64,
  "size_z": 38,
  "snr": 8.39924701887111,
  "spacing_tr": 2.0,
  "spacing_x": 3.0,
  "spacing_y": 3.0,
  "spacing_z": 3.0,
  "summary_bg_k": 15.423012328232318,
  "summary_bg_mad": 10.496825007825747,
  "summary_bg_mean": 30.973560333251953,
  "summary_bg_median": 11.592000961303711,
  "summary_bg_n": 78907.0,
  "summary_bg_p05": 3.5840001106262207,
  "summary_bg_p95": 123.15760498046873,
  "summary_bg_stdv": 49.271297454833984,
  "summary_fg_k": 2.812856726794239,
  "summary_fg_mad": 47.437343840976126,
  "summary_fg_mean": 447.9050598144531,
  "summary_fg_median": 446.7440185546875,
  "summary_fg_n": 41250.0,
  "summary_fg_p05": 366.11121368408203,
  "summary_fg_p95": 530.4568267822265,
  "summary_fg_stdv": 53.18793487548828,
  "tsnr": 75.57262835279107
}