{
  "aor": 0.00247,
  "aqi": 0.0054675351020408176,
  "bids_meta": {
    "AccelFactPE": 2,
    "AcquisitionNumber": 1,
    "AcquisitionTime": "11:07:52.732500",
    "BandwidthPerPixelPhaseEncode": 43.879,
    "BodyPartExamined": "BRAIN",
    "ConversionSoftware": "dcm2niix",
    "ConversionSoftwareVersion": "v1.0.20170724 GCC4.4.7",
    "DeviceSerialNumber": "67025",
    "EchoTime": 0.025,
    "EchoTrainLength": 43,
    "EffectiveEchoSpacing": 0.000356093,
    "FlipAngle": 90,
    "ImageType": [
      "ORIGINAL",
      "PRIMARY",
      "M",
      "ND",
      "NORM",
      "MOSAIC"
    ],
    "InstitutionAddress": "McClintock_3520A_Los_Angeles_CA_US_90089",
    "InstitutionName": "USC",
    "MagneticFieldStrength": 3,
    "Manufacturer": "Siemens",
    "ManufacturersModelName": "Prisma_fit",
    "PhaseEncodingDirection": "i",
    "PhaseEncodingLines": 64,
    "ProcedureStepDescription": "Mara_Steve",
    "ProtocolName": "training6",
    "RepetitionTime": 2,
    "ScanningSequence": "EP",
    "SequenceName": "_epfid2d1_64",
    "SequenceVariant": "SK_OSP",
    "SeriesDescription": "training6",
    "SliceTiming": [
      0.99,
      0,
      1.0425,
      0.0525,
      1.095,
      0.105,
      1.145,
      0.155,
      1.1975,
      0.2075,
      1.25,
      0.26,
      1.3025,
      0.3125,
      1.355,
      0.365,
      1.4075,
      0.4175,
      1.4575,
      0.4675,
      1.51,
      0.52,
      1.5625,
      0.5725,
      1.615,
      0.625,
      1.6675,
      0.6775,
      1.72,
      0.73,
      1.77,
      0.7825,
      1.8225,
      0.8325,
      1.875,
      0.885,
      1.9275,
      0.9375
    ],
    "SoftwareVersions": "syngo_MR_D13D",
    "TaskName": "training",
    "TotalReadoutTime": 0.0299118,
    "TrueEchoSpacing": 0.000712186,
    "dataset": "ds003425",
    "modality": "bold",
    "run_id": 6,
    "session_id": "01",
    "subject_id": "06",
    "task_id": "training"
  },
  "dummy_trs": 0,
  "dvars_nstd": 18.5942204856701,
  "dvars_std": 1.215567264329897,
  "dvars_vstd": 1.050540951958763,
  "efc": 0.6081762070730075,
  "fber": 1455.9932861328125,
  "fd_mean": 0.05568113641698009,
  "fd_num": 1,
  "fd_perc": 1.0204081632653061,
  "fwhm_avg": 1.6206922222222222,
  "fwhm_x": 1.5575833333333333,
  "fwhm_y": 1.6938666666666666,
  "fwhm_z": 1.6106266666666667,
  "gcor": 0.0347604,
  "gsr_x": 0.02282716892659664,
  "gsr_y": 0.02912622131407261,
  "provenance": {
    "md5sum": "c98681b0a2d9d3458ccba574e2ab905c",
    "settings": {
      "fd_thres": 0.2,
      "testing": false
    },
    "software": "mriqc",
    "version": "23.0.1",
    "webapi_port": null,
    "webapi_url": "https://mriqc.nimh.nih.gov/api/v1"
  },
  "size_t": 98,
  "size_x": 64,
  "size_y": 64,
  "size_z": 38,
  "snr": 8.414897746080833,
  "spacing_tr": 2.0,
  "spacing_x": 3.0,
  "spacing_y": 3.0,
  "spacing_z": 3.0,
  "summary_bg_k": 15.398869143943735,
  "summary_bg_mad": 10.287443301464338,
  "summary_bg_mean": 30.784236907958984,
  "summary_bg_median": 11.438775062561035,
  "summary_bg_n": 79021.0,
  "summary_bg_p05": 3.59183669090271,
  "summary_bg_p95": 123.34693908691406,
  "summary_bg_stdv": 49.09538650512695,
  "summary_fg_k": 2.7807721260021676,
  "summary_fg_mad": 47.57945973356421,
  "summary_fg_mean": 448.3673400878906,
  "summary_fg_median": 447.2652893066406,
  "summary_fg_n": 41138.0,
  "summary_fg_p05": 367.1413238525391,
  "summary_fg_p95": 530.8280670166016,
  "summary_fg_stdv": 53.15095520019531,
  "tsnr": 92.3655459638685
}