{
  "aor": 0.0027947058823529413,
  "aqi": 0.005519169529411765,
  "bids_meta": {
    "AccelFactPE": 2,
    "AcquisitionNumber": 1,
    "AcquisitionTime": "11:16:6.732500",
    "BandwidthPerPixelPhaseEncode": 43.879,
    "BodyPartExamined": "BRAIN",
    "ConversionSoftware": "dcm2niix",
    "ConversionSoftwareVersion": "v1.0.20170724 GCC4.4.7",
    "DeviceSerialNumber": "67025",
    "EchoTime": 0.025,
    "EchoTrainLength": 43,
    "EffectiveEchoSpacing": 0.000356093,
    "FlipAngle": 90,
    "ImageType": [
      "ORIGINAL",
      "PRIMARY",
      "M",
      "ND",
      "NORM",
      "MOSAIC"
    ],
    "InstitutionAddress": "McClintock_3520A_Los_Angeles_CA_US_90089",
    "InstitutionName": "USC",
    "MagneticFieldStrength": 3,
    "Manufacturer": "Siemens",
    "ManufacturersModelName": "Prisma_fit",
    "PhaseEncodingDirection": "i",
    "PhaseEncodingLines": 64,
    "ProcedureStepDescription": "Mara_Steve",
    "ProtocolName": "prelearning2",
    "RepetitionTime": 2,
    "ScanningSequence": "EP",
    "SequenceName": "_epfid2d1_64",
    "SequenceVariant": "SK_OSP",
    "SeriesDescription": "prelearning2",
    "SliceTiming": [
      0.99,
      0,
      1.0425,
      0.0525,
      1.095,
      0.105,
      1.1475,
      0.1575,
      1.2,
      0.21,
      1.25,
      0.26,
      1.3025,
      0.3125,
      1.355,
      0.365,
      1.4075,
      0.4175,
      1.46,
      0.47,
      1.5125,
      0.5225,
      1.5625,
      0.5725,
      1.615,
      0.625,
      1.6675,
      0.6775,
      1.72,
      0.73,
      1.7725,
      0.7825,
      1.825,
      0.835,
      1.875,
      0.885,
      1.9275,
      0.9375
    ],
    "SoftwareVersions": "syngo_MR_D13D",
    "TaskName": "prelearning",
    "TotalReadoutTime": 0.0299118,
    "TrueEchoSpacing": 0.000712186,
    "dataset": "ds003425",
    "modality": "bold",
    "run_id": 2,
    "session_id": "01",
    "subject_id": "06",
    "task_id": "prelearning"
  },
  "dummy_trs": 0,
  "dvars_nstd": 17.98982181988095,
  "dvars_std": 1.1761914096428572,
  "dvars_vstd": 1.0368124413095243,
  "efc": 0.6084386890635675,
  "fber": 1434.515869140625,
  "fd_mean": 0.058263255606816146,
  "fd_num": 1,
  "fd_perc": 1.1764705882352942,
  "fwhm_avg": 1.614241111111111,
  "fwhm_x": 1.5534066666666666,
  "fwhm_y": 1.6834066666666667,
  "fwhm_z": 1.60591,
  "gcor": 0.0282429,
  "gsr_x": 0.022955866530537605,
  "gsr_y": 0.02925153262913227,
  "provenance": {
    "md5sum": "00609e9420980f9a58e28550d17ecc43",
    "settings": {
      "fd_thres": 0.2,
      "testing": false
    },
    "software": "mriqc",
    "version": "23.0.1",
    "webapi_port": null,
    "webapi_url": "https://mriqc.nimh.nih.gov/api/v1"
  },
  "size_t": 85,
  "size_x": 64,
  "size_y": 64,
  "size_z": 38,
  "snr": 8.42517499690218,
  "spacing_tr": 2.0,
  "spacing_x": 3.0,
  "spacing_y": 3.0,
  "spacing_z": 3.0,
  "summary_bg_k": 15.582468157174223,
  "summary_bg_mad": 10.378215529539213,
  "summary_bg_mean": 30.87971305847168,
  "summary_bg_median": 11.541176795959473,
  "summary_bg_n": 79007.0,
  "summary_bg_p05": 3.6000001430511475,
  "summary_bg_p95": 123.54117584228516,
  "summary_bg_stdv": 49.221683502197266,
  "summary_fg_k": 3.009328515577465,
  "summary_fg_mad": 47.07700924416892,
  "summary_fg_mean": 449.012451171875,
  "summary_fg_median": 447.76470947265625,
  "summary_fg_n": 41171.0,
  "summary_fg_p05": 368.12353515625,
  "summary_fg_p95": 531.3470764160156,
  "summary_fg_stdv": 53.1453971862793,
  "tsnr": 93.29007897991687
}