{
  "aor": 0.004302244897959184,
  "aqi": 0.008847290510204081,
  "bids_meta": {
    "AccelFactPE": 2,
    "AcquisitionNumber": 1,
    "AcquisitionTime": "10:56:37.870000",
    "BandwidthPerPixelPhaseEncode": 43.879,
    "BodyPartExamined": "BRAIN",
    "ConversionSoftware": "dcm2niix",
    "ConversionSoftwareVersion": "v1.0.20170724 GCC4.4.7",
    "DeviceSerialNumber": "67025",
    "EchoTime": 0.025,
    "EchoTrainLength": 43,
    "EffectiveEchoSpacing": 0.000356093,
    "FlipAngle": 90,
    "ImageType": [
      "ORIGINAL",
      "PRIMARY",
      "M",
      "ND",
      "NORM",
      "MOSAIC"
    ],
    "InstitutionAddress": "McClintock_3520A_Los_Angeles_CA_US_90089",
    "InstitutionName": "USC",
    "MagneticFieldStrength": 3,
    "Manufacturer": "Siemens",
    "ManufacturersModelName": "Prisma_fit",
    "PhaseEncodingDirection": "i",
    "PhaseEncodingLines": 64,
    "ProcedureStepDescription": "Mara_Steve",
    "ProtocolName": "training3",
    "RepetitionTime": 2,
    "ScanningSequence": "EP",
    "SequenceName": "_epfid2d1_64",
    "SequenceVariant": "SK_OSP",
    "SeriesDescription": "training3",
    "SliceTiming": [
      0.99,
      0,
      1.0425,
      0.0525,
      1.095,
      0.105,
      1.1475,
      0.1575,
      1.2,
      0.21,
      1.25,
      0.26,
      1.3025,
      0.3125,
      1.355,
      0.365,
      1.4075,
      0.4175,
      1.46,
      0.47,
      1.5125,
      0.5225,
      1.5625,
      0.5725,
      1.615,
      0.625,
      1.6675,
      0.6775,
      1.72,
      0.73,
      1.7725,
      0.7825,
      1.825,
      0.835,
      1.875,
      0.885,
      1.9275,
      0.9375
    ],
    "SoftwareVersions": "syngo_MR_D13D",
    "TaskName": "training",
    "TotalReadoutTime": 0.0299118,
    "TrueEchoSpacing": 0.000712186,
    "dataset": "ds003425",
    "modality": "bold",
    "run_id": 3,
    "session_id": "01",
    "subject_id": "06",
    "task_id": "training"
  },
  "dummy_trs": 0,
  "dvars_nstd": 19.648919252783514,
  "dvars_std": 1.1951572490721647,
  "dvars_vstd": 1.0333583929896908,
  "efc": 0.6069070696392588,
  "fber": 1491.6851806640625,
  "fd_mean": 0.07761762724725756,
  "fd_num": 7,
  "fd_perc": 7.142857142857143,
  "fwhm_avg": 1.6227411111111112,
  "fwhm_x": 1.5602366666666667,
  "fwhm_y": 1.7044866666666667,
  "fwhm_z": 1.6035000000000001,
  "gcor": 0.0344589,
  "gsr_x": 0.022089345380663872,
  "gsr_y": 0.029905973002314568,
  "provenance": {
    "md5sum": "b309e1bc47cbb15a7e84640ba0d01260",
    "settings": {
      "fd_thres": 0.2,
      "testing": false
    },
    "software": "mriqc",
    "version": "23.0.1",
    "webapi_port": null,
    "webapi_url": "https://mriqc.nimh.nih.gov/api/v1"
  },
  "size_t": 98,
  "size_x": 64,
  "size_y": 64,
  "size_z": 38,
  "snr": 8.388579264353663,
  "spacing_tr": 2.0,
  "spacing_x": 3.0,
  "spacing_y": 3.0,
  "spacing_z": 3.0,
  "summary_bg_k": 15.974040583750064,
  "summary_bg_mad": 10.105900259234243,
  "summary_bg_mean": 30.346132278442383,
  "summary_bg_median": 11.27550983428955,
  "summary_bg_n": 79045.0,
  "summary_bg_p05": 3.5612244606018066,
  "summary_bg_p95": 121.4938766479493,
  "summary_bg_stdv": 48.7708625793457,
  "summary_fg_k": 2.9229278080264454,
  "summary_fg_mad": 47.76098439483876,
  "summary_fg_mean": 448.5243835449219,
  "summary_fg_median": 447.3673400878906,
  "summary_fg_n": 41054.0,
  "summary_fg_p05": 367.78876342773435,
  "summary_fg_p95": 531.6163208007812,
  "summary_fg_stdv": 53.32987594604492,
  "tsnr": 78.2134885203559
}