{
  "aor": 0.00813456,
  "aqi": 0.010034610559999999,
  "bids_meta": {
    "AccelFactPE": 2,
    "AcquisitionNumber": 1,
    "AcquisitionTime": "11:01:4.297500",
    "BandwidthPerPixelPhaseEncode": 43.879,
    "BodyPartExamined": "BRAIN",
    "ConversionSoftware": "dcm2niix",
    "ConversionSoftwareVersion": "v1.0.20170724 GCC4.4.7",
    "DeviceSerialNumber": "67025",
    "EchoTime": 0.025,
    "EchoTrainLength": 43,
    "EffectiveEchoSpacing": 0.000356093,
    "FlipAngle": 90,
    "ImageType": [
      "ORIGINAL",
      "PRIMARY",
      "M",
      "ND",
      "NORM",
      "MOSAIC"
    ],
    "InstitutionAddress": "McClintock_3520A_Los_Angeles_CA_US_90089",
    "InstitutionName": "USC",
    "MagneticFieldStrength": 3,
    "Manufacturer": "Siemens",
    "ManufacturersModelName": "Prisma_fit",
    "PhaseEncodingDirection": "i",
    "PhaseEncodingLines": 64,
    "ProcedureStepDescription": "Mara_Steve",
    "ProtocolName": "regulate7",
    "RepetitionTime": 2,
    "ScanningSequence": "EP",
    "SequenceName": "_epfid2d1_64",
    "SequenceVariant": "SK_OSP",
    "SeriesDescription": "regulate7",
    "SliceTiming": [
      0.99,
      0,
      1.0425,
      0.0525,
      1.0925,
      0.1025,
      1.145,
      0.155,
      1.1975,
      0.2075,
      1.25,
      0.26,
      1.3025,
      0.3125,
      1.355,
      0.365,
      1.405,
      0.415,
      1.4575,
      0.4675,
      1.51,
      0.52,
      1.5625,
      0.5725,
      1.615,
      0.625,
      1.6675,
      0.6775,
      1.7175,
      0.7275,
      1.77,
      0.78,
      1.8225,
      0.8325,
      1.875,
      0.885,
      1.9275,
      0.9375
    ],
    "SoftwareVersions": "syngo_MR_D13D",
    "TaskName": "regulate",
    "TotalReadoutTime": 0.0299118,
    "TrueEchoSpacing": 0.000712186,
    "dataset": "ds003425",
    "modality": "bold",
    "run_id": 7,
    "session_id": "02",
    "subject_id": "06",
    "task_id": "regulate"
  },
  "dummy_trs": 0,
  "dvars_nstd": 21.612571370080662,
  "dvars_std": 1.1999685487903227,
  "dvars_vstd": 1.0648549097580644,
  "efc": 0.6087416484583116,
  "fber": 1429.503173828125,
  "fd_mean": 0.13956710432950542,
  "fd_num": 22,
  "fd_perc": 17.6,
  "fwhm_avg": 1.64036,
  "fwhm_x": 1.5635733333333333,
  "fwhm_y": 1.7386333333333335,
  "fwhm_z": 1.6188733333333334,
  "gcor": 0.0459041,
  "gsr_x": 0.02231609635055065,
  "gsr_y": 0.030978871509432793,
  "provenance": {
    "md5sum": "424236e058a6091121b8e04cffeeab95",
    "settings": {
      "fd_thres": 0.2,
      "testing": false
    },
    "software": "mriqc",
    "version": "23.0.1",
    "webapi_port": null,
    "webapi_url": "https://mriqc.nimh.nih.gov/api/v1"
  },
  "size_t": 125,
  "size_x": 64,
  "size_y": 64,
  "size_z": 38,
  "snr": 8.329382040461184,
  "spacing_tr": 2.0,
  "spacing_x": 3.0,
  "spacing_y": 3.0,
  "spacing_z": 3.0,
  "summary_bg_k": 13.361180890460027,
  "summary_bg_mad": 10.49682359390609,
  "summary_bg_mean": 30.798490524291992,
  "summary_bg_median": 11.472000122070312,
  "summary_bg_n": 79093.0,
  "summary_bg_p05": 3.3600001335144043,
  "summary_bg_p95": 124.27840423583952,
  "summary_bg_stdv": 48.009559631347656,
  "summary_fg_k": 3.1225982363726503,
  "summary_fg_mad": 46.3817227362412,
  "summary_fg_mean": 446.314697265625,
  "summary_fg_median": 444.11602783203125,
  "summary_fg_n": 41194.0,
  "summary_fg_p05": 366.130419921875,
  "summary_fg_p95": 530.9124481201171,
  "summary_fg_stdv": 53.31855773925781,
  "tsnr": 68.62274227873422
}