{
  "aor": 0.0028612000000000004,
  "aqi": 0.007365200399999999,
  "bids_meta": {
    "AccelFactPE": 2,
    "AcquisitionNumber": 1,
    "AcquisitionTime": "10:51:17.890000",
    "BandwidthPerPixelPhaseEncode": 43.879,
    "BodyPartExamined": "BRAIN",
    "ConversionSoftware": "dcm2niix",
    "ConversionSoftwareVersion": "v1.0.20170724 GCC4.4.7",
    "DeviceSerialNumber": "67025",
    "EchoTime": 0.025,
    "EchoTrainLength": 43,
    "EffectiveEchoSpacing": 0.000356093,
    "FlipAngle": 90,
    "ImageType": [
      "ORIGINAL",
      "PRIMARY",
      "M",
      "ND",
      "NORM",
      "MOSAIC"
    ],
    "InstitutionAddress": "McClintock_3520A_Los_Angeles_CA_US_90089",
    "InstitutionName": "USC",
    "MagneticFieldStrength": 3,
    "Manufacturer": "Siemens",
    "ManufacturersModelName": "Prisma_fit",
    "PhaseEncodingDirection": "i",
    "PhaseEncodingLines": 64,
    "ProcedureStepDescription": "Mara_Steve",
    "ProtocolName": "regulate5",
    "RepetitionTime": 2,
    "ScanningSequence": "EP",
    "SequenceName": "_epfid2d1_64",
    "SequenceVariant": "SK_OSP",
    "SeriesDescription": "regulate5",
    "SliceTiming": [
      0.99,
      0,
      1.0425,
      0.0525,
      1.095,
      0.105,
      1.1475,
      0.1575,
      1.1975,
      0.2075,
      1.25,
      0.26,
      1.3025,
      0.3125,
      1.355,
      0.365,
      1.4075,
      0.4175,
      1.46,
      0.47,
      1.51,
      0.5225,
      1.5625,
      0.5725,
      1.615,
      0.625,
      1.6675,
      0.6775,
      1.72,
      0.73,
      1.7725,
      0.7825,
      1.825,
      0.835,
      1.875,
      0.885,
      1.9275,
      0.9375
    ],
    "SoftwareVersions": "syngo_MR_D13D",
    "TaskName": "regulate",
    "TotalReadoutTime": 0.0299118,
    "TrueEchoSpacing": 0.000712186,
    "dataset": "ds003425",
    "modality": "bold",
    "run_id": 5,
    "session_id": "02",
    "subject_id": "06",
    "task_id": "regulate"
  },
  "dummy_trs": 0,
  "dvars_nstd": 20.352230925564506,
  "dvars_std": 1.1797481622580648,
  "dvars_vstd": 1.0320842537903225,
  "efc": 0.6071021583046937,
  "fber": 1503.4923095703125,
  "fd_mean": 0.09662451309279066,
  "fd_num": 10,
  "fd_perc": 8.0,
  "fwhm_avg": 1.6362422222222224,
  "fwhm_x": 1.564,
  "fwhm_y": 1.7237600000000002,
  "fwhm_z": 1.6209666666666667,
  "gcor": 0.0414446,
  "gsr_x": 0.022851303219795227,
  "gsr_y": 0.0302761010825634,
  "provenance": {
    "md5sum": "575db0f150fb671556b5cebbda0450d9",
    "settings": {
      "fd_thres": 0.2,
      "testing": false
    },
    "software": "mriqc",
    "version": "23.0.1",
    "webapi_port": null,
    "webapi_url": "https://mriqc.nimh.nih.gov/api/v1"
  },
  "size_t": 125,
  "size_x": 64,
  "size_y": 64,
  "size_z": 38,
  "snr": 8.344589061981209,
  "spacing_tr": 2.0,
  "spacing_x": 3.0,
  "spacing_y": 3.0,
  "spacing_z": 3.0,
  "summary_bg_k": 13.589127321645336,
  "summary_bg_mad": 10.212164804993451,
  "summary_bg_mean": 30.406551361083984,
  "summary_bg_median": 11.200000762939453,
  "summary_bg_n": 79214.0,
  "summary_bg_p05": 3.312000274658203,
  "summary_bg_p95": 122.37760696411048,
  "summary_bg_stdv": 47.95011901855469,
  "summary_fg_k": 3.0207396970269054,
  "summary_fg_mad": 46.54184630958383,
  "summary_fg_mean": 447.1034851074219,
  "summary_fg_median": 444.6640319824219,
  "summary_fg_n": 41053.0,
  "summary_fg_p05": 366.7328125,
  "summary_fg_p95": 531.9520263671875,
  "summary_fg_stdv": 53.28705978393555,
  "tsnr": 79.23703261138871
}