{
  "aor": 0.006267600000000001,
  "aqi": 0.010160317599999998,
  "bids_meta": {
    "AccelFactPE": 2,
    "AcquisitionNumber": 1,
    "AcquisitionTime": "10:40:41.540000",
    "BandwidthPerPixelPhaseEncode": 43.879,
    "BodyPartExamined": "BRAIN",
    "ConversionSoftware": "dcm2niix",
    "ConversionSoftwareVersion": "v1.0.20170724 GCC4.4.7",
    "DeviceSerialNumber": "67025",
    "EchoTime": 0.025,
    "EchoTrainLength": 43,
    "EffectiveEchoSpacing": 0.000356093,
    "FlipAngle": 90,
    "ImageType": [
      "ORIGINAL",
      "PRIMARY",
      "M",
      "ND",
      "NORM",
      "MOSAIC"
    ],
    "InstitutionAddress": "McClintock_3520A_Los_Angeles_CA_US_90089",
    "InstitutionName": "USC",
    "MagneticFieldStrength": 3,
    "Manufacturer": "Siemens",
    "ManufacturersModelName": "Prisma_fit",
    "PhaseEncodingDirection": "i",
    "PhaseEncodingLines": 64,
    "ProcedureStepDescription": "Mara_Steve",
    "ProtocolName": "regulate3",
    "RepetitionTime": 2,
    "ScanningSequence": "EP",
    "SequenceName": "_epfid2d1_64",
    "SequenceVariant": "SK_OSP",
    "SeriesDescription": "regulate3",
    "SliceTiming": [
      0.99,
      0,
      1.0425,
      0.0525,
      1.0925,
      0.1025,
      1.145,
      0.155,
      1.1975,
      0.2075,
      1.25,
      0.26,
      1.3025,
      0.3125,
      1.355,
      0.365,
      1.405,
      0.4175,
      1.4575,
      0.4675,
      1.51,
      0.52,
      1.5625,
      0.5725,
      1.615,
      0.625,
      1.6675,
      0.6775,
      1.72,
      0.73,
      1.77,
      0.78,
      1.8225,
      0.8325,
      1.875,
      0.885,
      1.9275,
      0.9375
    ],
    "SoftwareVersions": "syngo_MR_D13D",
    "TaskName": "regulate",
    "TotalReadoutTime": 0.0299118,
    "TrueEchoSpacing": 0.000712186,
    "dataset": "ds003425",
    "modality": "bold",
    "run_id": 3,
    "session_id": "02",
    "subject_id": "06",
    "task_id": "regulate"
  },
  "dummy_trs": 0,
  "dvars_nstd": 20.316076586854845,
  "dvars_std": 1.1520192146774202,
  "dvars_vstd": 1.0103511421774194,
  "efc": 0.6068062384585033,
  "fber": 1512.93798828125,
  "fd_mean": 0.07755200728355685,
  "fd_num": 7,
  "fd_perc": 5.6,
  "fwhm_avg": 1.630041111111111,
  "fwhm_x": 1.5540833333333335,
  "fwhm_y": 1.7242,
  "fwhm_z": 1.61184,
  "gcor": 0.0384211,
  "gsr_x": 0.02181989513337612,
  "gsr_y": 0.03159439191222191,
  "provenance": {
    "md5sum": "e0cfa61cbd885395b93064a68b8fd9e1",
    "settings": {
      "fd_thres": 0.2,
      "testing": false
    },
    "software": "mriqc",
    "version": "23.0.1",
    "webapi_port": null,
    "webapi_url": "https://mriqc.nimh.nih.gov/api/v1"
  },
  "size_t": 125,
  "size_x": 64,
  "size_y": 64,
  "size_z": 38,
  "snr": 8.363548263213536,
  "spacing_tr": 2.0,
  "spacing_x": 3.0,
  "spacing_y": 3.0,
  "spacing_z": 3.0,
  "summary_bg_k": 13.853622681646627,
  "summary_bg_mad": 10.28333020918144,
  "summary_bg_mean": 30.385601043701172,
  "summary_bg_median": 11.224000930786133,
  "summary_bg_n": 79244.0,
  "summary_bg_p05": 3.2800002098083496,
  "summary_bg_p95": 121.10280456542962,
  "summary_bg_stdv": 47.83920669555664,
  "summary_fg_k": 2.9308051106898683,
  "summary_fg_mad": 47.31278317485229,
  "summary_fg_mean": 450.1188659667969,
  "summary_fg_median": 447.6800231933594,
  "summary_fg_n": 41023.0,
  "summary_fg_p05": 369.87200927734375,
  "summary_fg_p95": 535.9096435546876,
  "summary_fg_stdv": 53.52687072753906,
  "tsnr": 70.0318892870564
}