{
  "aor": 0.0009026771653543309,
  "aqi": 0.024641449606299215,
  "bids_meta": {
    "AccelFactPE": 2,
    "AcquisitionNumber": 1,
    "AcquisitionTime": "11:13:47.730000",
    "BandwidthPerPixelPhaseEncode": 35.613,
    "BodyPartExamined": "BRAIN",
    "ConversionSoftware": "dcm2niix",
    "ConversionSoftwareVersion": "v1.0.20170724 GCC4.4.7",
    "DeviceSerialNumber": "67025",
    "EchoTime": 0.03,
    "EchoTrainLength": 51,
    "EffectiveEchoSpacing": 0.000359995,
    "FlipAngle": 65,
    "ImageType": [
      "ORIGINAL",
      "PRIMARY",
      "M",
      "ND",
      "NORM",
      "MOSAIC"
    ],
    "InstitutionAddress": "McClintock_3520A_Los_Angeles_CA_US_90089",
    "InstitutionName": "USC",
    "MagneticFieldStrength": 3,
    "Manufacturer": "Siemens",
    "ManufacturersModelName": "Prisma_fit",
    "PhaseEncodingDirection": "i-",
    "PhaseEncodingLines": 78,
    "ProcedureStepDescription": "Mara_Steve",
    "ProtocolName": "wedge_shorter",
    "RepetitionTime": 1.2,
    "ScanningSequence": "EP",
    "SequenceName": "_epfid2d1_78",
    "SequenceVariant": "SK_OSP",
    "SeriesDescription": "wedge_shorter",
    "SliceTiming": [
      0.59,
      0,
      0.6475,
      0.0575,
      0.7075,
      0.1175,
      0.7675,
      0.1775,
      0.825,
      0.235,
      0.885,
      0.295,
      0.9425,
      0.3525,
      1.0025,
      0.4125,
      1.0625,
      0.4725,
      1.12,
      0.53
    ],
    "SoftwareVersions": "syngo_MR_D13D",
    "TaskName": "wedge",
    "TotalReadoutTime": 0.0363595,
    "TrueEchoSpacing": 0.000719991,
    "dataset": "ds003425",
    "modality": "bold",
    "run_id": 2,
    "session_id": "02",
    "subject_id": "06",
    "task_id": "wedge"
  },
  "dummy_trs": 0,
  "dvars_nstd": 33.83010833347825,
  "dvars_std": 1.2660899440711466,
  "dvars_vstd": 1.003438534071147,
  "efc": 0.5227434341373248,
  "fber": 916.3279418945312,
  "fd_mean": 0.09525637192124303,
  "fd_num": 11,
  "fd_perc": 4.330708661417323,
  "fwhm_avg": 1.4822348600536017,
  "fwhm_x": 1.5206911933498386,
  "fwhm_y": 1.3606733868109662,
  "fwhm_z": 1.56534,
  "gcor": 0.0280827,
  "gsr_x": -0.02093222364783287,
  "gsr_y": 0.07377012819051743,
  "provenance": {
    "md5sum": "79a1dfc29cbac2acef73224b28a25c1b",
    "settings": {
      "fd_thres": 0.2,
      "testing": false
    },
    "software": "mriqc",
    "version": "23.0.1",
    "webapi_port": null,
    "webapi_url": "https://mriqc.nimh.nih.gov/api/v1"
  },
  "size_t": 254,
  "size_x": 78,
  "size_y": 78,
  "size_z": 20,
  "snr": 9.1072248987299,
  "spacing_tr": 1.2000000476837158,
  "spacing_x": 2.461538553237915,
  "spacing_y": 2.461538553237915,
  "spacing_z": 2.5,
  "summary_bg_k": 10.473740452922046,
  "summary_bg_mad": 8.177660964040573,
  "summary_bg_mean": 25.56422233581543,
  "summary_bg_median": 11.93307113647461,
  "summary_bg_n": 78533.0,
  "summary_bg_p05": 5.19291353225708,
  "summary_bg_p95": 97.71732482910139,
  "summary_bg_stdv": 33.10150909423828,
  "summary_fg_k": 8.323407993735904,
  "summary_fg_mad": 32.69312539160914,
  "summary_fg_mean": 364.7863464355469,
  "summary_fg_median": 365.28741455078125,
  "summary_fg_n": 16655.0,
  "summary_fg_p05": 308.6106231689453,
  "summary_fg_p95": 423.5984191894531,
  "summary_fg_stdv": 40.10842514038086,
  "tsnr": 48.627485752571374
}