{
  "aor": 0.0007354330708661418,
  "aqi": 0.01923268385826772,
  "bids_meta": {
    "AccelFactPE": 2,
    "AcquisitionNumber": 1,
    "AcquisitionTime": "10:20:6.562500",
    "BandwidthPerPixelPhaseEncode": 35.613,
    "BodyPartExamined": "BRAIN",
    "ConversionSoftware": "dcm2niix",
    "ConversionSoftwareVersion": "v1.0.20170724 GCC4.4.7",
    "DeviceSerialNumber": "67025",
    "EchoTime": 0.03,
    "EchoTrainLength": 51,
    "EffectiveEchoSpacing": 0.000359995,
    "FlipAngle": 65,
    "ImageType": [
      "ORIGINAL",
      "PRIMARY",
      "M",
      "ND",
      "NORM",
      "MOSAIC"
    ],
    "InstitutionAddress": "McClintock_3520A_Los_Angeles_CA_US_90089",
    "InstitutionName": "USC",
    "MagneticFieldStrength": 3,
    "Manufacturer": "Siemens",
    "ManufacturersModelName": "Prisma_fit",
    "PhaseEncodingDirection": "i-",
    "PhaseEncodingLines": 78,
    "ProcedureStepDescription": "Mara_Steve",
    "ProtocolName": "ring_shorter",
    "RepetitionTime": 1.2,
    "ScanningSequence": "EP",
    "SequenceName": "_epfid2d1_78",
    "SequenceVariant": "SK_OSP",
    "SeriesDescription": "ring_shorter",
    "SliceTiming": [
      0.59,
      0,
      0.65,
      0.06,
      0.7075,
      0.1175,
      0.7675,
      0.1775,
      0.8275,
      0.2375,
      0.885,
      0.295,
      0.945,
      0.355,
      1.0025,
      0.4125,
      1.0625,
      0.4725,
      1.1225,
      0.5325
    ],
    "SoftwareVersions": "syngo_MR_D13D",
    "TaskName": "ring",
    "TotalReadoutTime": 0.0363595,
    "TrueEchoSpacing": 0.000719991,
    "dataset": "ds003425",
    "modality": "bold",
    "run_id": 1,
    "session_id": "02",
    "subject_id": "06",
    "task_id": "ring"
  },
  "dummy_trs": 0,
  "dvars_nstd": 34.68911976916997,
  "dvars_std": 1.3062305408300396,
  "dvars_vstd": 1.0138139093280636,
  "efc": 0.5171621298628327,
  "fber": 903.322265625,
  "fd_mean": 0.10488223886646884,
  "fd_num": 7,
  "fd_perc": 2.7559055118110236,
  "fwhm_avg": 1.4764914855654332,
  "fwhm_x": 1.499302131646643,
  "fwhm_y": 1.3408443250496564,
  "fwhm_z": 1.589328,
  "gcor": 0.0211474,
  "gsr_x": -0.019803451374173164,
  "gsr_y": 0.07025681436061859,
  "provenance": {
    "md5sum": "d1b86d12e4f6652ed427015b00c0efb9",
    "settings": {
      "fd_thres": 0.2,
      "testing": false
    },
    "software": "mriqc",
    "version": "23.0.1",
    "webapi_port": null,
    "webapi_url": "https://mriqc.nimh.nih.gov/api/v1"
  },
  "size_t": 254,
  "size_x": 78,
  "size_y": 78,
  "size_z": 20,
  "snr": 9.225408754259272,
  "spacing_tr": 1.2000000476837158,
  "spacing_x": 2.461538553237915,
  "spacing_y": 2.461538553237915,
  "spacing_z": 2.5,
  "summary_bg_k": 11.635028380259785,
  "summary_bg_mad": 8.177659550120916,
  "summary_bg_mean": 24.639707565307617,
  "summary_bg_median": 12.00787353515625,
  "summary_bg_n": 78875.0,
  "summary_bg_p05": 5.322834491729736,
  "summary_bg_p95": 94.06653366088871,
  "summary_bg_stdv": 31.828676223754883,
  "summary_fg_k": 7.546623434620848,
  "summary_fg_mad": 32.96161176748232,
  "summary_fg_mean": 365.14849853515625,
  "summary_fg_median": 365.1456604003906,
  "summary_fg_n": 16383.0,
  "summary_fg_p05": 309.2720611572266,
  "summary_fg_p95": 425.0228332519531,
  "summary_fg_stdv": 39.5792236328125,
  "tsnr": 52.56684141140431
}