{
  "aor": 0.00564472,
  "aqi": 0.010648535120000002,
  "bids_meta": {
    "AccelFactPE": 2,
    "AcquisitionNumber": 1,
    "AcquisitionTime": "10:56:15.150000",
    "BandwidthPerPixelPhaseEncode": 43.879,
    "BodyPartExamined": "BRAIN",
    "ConversionSoftware": "dcm2niix",
    "ConversionSoftwareVersion": "v1.0.20170724 GCC4.4.7",
    "DeviceSerialNumber": "67025",
    "EchoTime": 0.025,
    "EchoTrainLength": 43,
    "EffectiveEchoSpacing": 0.000356093,
    "FlipAngle": 90,
    "ImageType": [
      "ORIGINAL",
      "PRIMARY",
      "M",
      "ND",
      "NORM",
      "MOSAIC"
    ],
    "InstitutionAddress": "McClintock_3520A_Los_Angeles_CA_US_90089",
    "InstitutionName": "USC",
    "MagneticFieldStrength": 3,
    "Manufacturer": "Siemens",
    "ManufacturersModelName": "Prisma_fit",
    "PhaseEncodingDirection": "i",
    "PhaseEncodingLines": 64,
    "ProcedureStepDescription": "Mara_Steve",
    "ProtocolName": "regulate6",
    "RepetitionTime": 2,
    "ScanningSequence": "EP",
    "SequenceName": "_epfid2d1_64",
    "SequenceVariant": "SK_OSP",
    "SeriesDescription": "regulate6",
    "SliceTiming": [
      0.99,
      0,
      1.0425,
      0.0525,
      1.095,
      0.105,
      1.1475,
      0.1575,
      1.2,
      0.21,
      1.25,
      0.2625,
      1.3025,
      0.3125,
      1.355,
      0.365,
      1.4075,
      0.4175,
      1.46,
      0.47,
      1.5125,
      0.5225,
      1.565,
      0.575,
      1.615,
      0.625,
      1.6675,
      0.6775,
      1.72,
      0.73,
      1.7725,
      0.7825,
      1.825,
      0.835,
      1.8775,
      0.8875,
      1.9275,
      0.9375
    ],
    "SoftwareVersions": "syngo_MR_D13D",
    "TaskName": "regulate",
    "TotalReadoutTime": 0.0299118,
    "TrueEchoSpacing": 0.000712186,
    "dataset": "ds003425",
    "modality": "bold",
    "run_id": 6,
    "session_id": "02",
    "subject_id": "06",
    "task_id": "regulate"
  },
  "dummy_trs": 0,
  "dvars_nstd": 20.788691997741935,
  "dvars_std": 1.1930807777419352,
  "dvars_vstd": 1.057450330806452,
  "efc": 0.6073476107991199,
  "fber": 1513.56103515625,
  "fd_mean": 0.14722021701869864,
  "fd_num": 24,
  "fd_perc": 19.2,
  "fwhm_avg": 1.6310322222222222,
  "fwhm_x": 1.5591966666666668,
  "fwhm_y": 1.72577,
  "fwhm_z": 1.60813,
  "gcor": 0.0411594,
  "gsr_x": 0.022719241678714752,
  "gsr_y": 0.032379623502492905,
  "provenance": {
    "md5sum": "cd613ca903e627741721889351b08796",
    "settings": {
      "fd_thres": 0.2,
      "testing": false
    },
    "software": "mriqc",
    "version": "23.0.1",
    "webapi_port": null,
    "webapi_url": "https://mriqc.nimh.nih.gov/api/v1"
  },
  "size_t": 125,
  "size_x": 64,
  "size_y": 64,
  "size_z": 38,
  "snr": 8.32784557109767,
  "spacing_tr": 2.0,
  "spacing_x": 3.0,
  "spacing_y": 3.0,
  "spacing_z": 3.0,
  "summary_bg_k": 13.404294328807435,
  "summary_bg_mad": 10.49682359390609,
  "summary_bg_mean": 30.603313446044922,
  "summary_bg_median": 11.232000350952148,
  "summary_bg_n": 79280.0,
  "summary_bg_p05": 3.080000162124634,
  "summary_bg_p95": 123.44880561828617,
  "summary_bg_stdv": 48.024940490722656,
  "summary_fg_k": 3.108896439980856,
  "summary_fg_mad": 46.16230502815273,
  "summary_fg_mean": 446.4927062988281,
  "summary_fg_median": 444.28802490234375,
  "summary_fg_n": 40998.0,
  "summary_fg_p05": 366.38160400390626,
  "summary_fg_p95": 531.31201171875,
  "summary_fg_stdv": 53.34904479980469,
  "tsnr": 67.7904155922588
}