{
  "aor": 0.010078959999999998,
  "aqi": 0.01268205904,
  "bids_meta": {
    "AccelFactPE": 2,
    "AcquisitionNumber": 1,
    "AcquisitionTime": "10:35:52.002500",
    "BandwidthPerPixelPhaseEncode": 43.879,
    "BodyPartExamined": "BRAIN",
    "ConversionSoftware": "dcm2niix",
    "ConversionSoftwareVersion": "v1.0.20170724 GCC4.4.7",
    "DeviceSerialNumber": "67025",
    "EchoTime": 0.025,
    "EchoTrainLength": 43,
    "EffectiveEchoSpacing": 0.000356093,
    "FlipAngle": 90,
    "ImageType": [
      "ORIGINAL",
      "PRIMARY",
      "M",
      "ND",
      "NORM",
      "MOSAIC"
    ],
    "InstitutionAddress": "McClintock_3520A_Los_Angeles_CA_US_90089",
    "InstitutionName": "USC",
    "MagneticFieldStrength": 3,
    "Manufacturer": "Siemens",
    "ManufacturersModelName": "Prisma_fit",
    "PhaseEncodingDirection": "i",
    "PhaseEncodingLines": 64,
    "ProcedureStepDescription": "Mara_Steve",
    "ProtocolName": "regulate2",
    "RepetitionTime": 2,
    "ScanningSequence": "EP",
    "SequenceName": "_epfid2d1_64",
    "SequenceVariant": "SK_OSP",
    "SeriesDescription": "regulate2",
    "SliceTiming": [
      0.99,
      0,
      1.0425,
      0.0525,
      1.095,
      0.105,
      1.1475,
      0.1575,
      1.2,
      0.21,
      1.2525,
      0.2625,
      1.3025,
      0.3125,
      1.355,
      0.365,
      1.4075,
      0.4175,
      1.46,
      0.47,
      1.5125,
      0.5225,
      1.565,
      0.575,
      1.615,
      0.625,
      1.6675,
      0.6775,
      1.72,
      0.73,
      1.7725,
      0.7825,
      1.825,
      0.835,
      1.8775,
      0.8875,
      1.9275,
      0.94
    ],
    "SoftwareVersions": "syngo_MR_D13D",
    "TaskName": "regulate",
    "TotalReadoutTime": 0.0299118,
    "TrueEchoSpacing": 0.000712186,
    "dataset": "ds003425",
    "modality": "bold",
    "run_id": 2,
    "session_id": "02",
    "subject_id": "06",
    "task_id": "regulate"
  },
  "dummy_trs": 0,
  "dvars_nstd": 20.680291160645158,
  "dvars_std": 1.2279478679838711,
  "dvars_vstd": 1.0886793068548386,
  "efc": 0.6072347192153276,
  "fber": 1446.0777587890625,
  "fd_mean": 0.0852408501493015,
  "fd_num": 9,
  "fd_perc": 7.2,
  "fwhm_avg": 1.649188888888889,
  "fwhm_x": 1.57653,
  "fwhm_y": 1.7346866666666667,
  "fwhm_z": 1.63635,
  "gcor": 0.0321132,
  "gsr_x": 0.019998181611299515,
  "gsr_y": 0.030819162726402283,
  "provenance": {
    "md5sum": "f176b9bc9846b0e91c5dec93ede35f31",
    "settings": {
      "fd_thres": 0.2,
      "testing": false
    },
    "software": "mriqc",
    "version": "23.0.1",
    "webapi_port": null,
    "webapi_url": "https://mriqc.nimh.nih.gov/api/v1"
  },
  "size_t": 125,
  "size_x": 64,
  "size_y": 64,
  "size_z": 38,
  "snr": 8.387978378134804,
  "spacing_tr": 2.0,
  "spacing_x": 3.0,
  "spacing_y": 3.0,
  "spacing_z": 3.0,
  "summary_bg_k": 13.989515189429778,
  "summary_bg_mad": 10.449380933727202,
  "summary_bg_mean": 30.29364776611328,
  "summary_bg_median": 11.472000122070312,
  "summary_bg_n": 79173.0,
  "summary_bg_p05": 3.3520002365112305,
  "summary_bg_p95": 121.0336029052733,
  "summary_bg_stdv": 47.30160903930664,
  "summary_fg_k": 2.7599580382981816,
  "summary_fg_mad": 47.03407133201799,
  "summary_fg_mean": 450.52337646484375,
  "summary_fg_median": 448.09600830078125,
  "summary_fg_n": 41102.0,
  "summary_fg_p05": 370.0804168701172,
  "summary_fg_p95": 536.0640258789062,
  "summary_fg_stdv": 53.42056655883789,
  "tsnr": 66.47074832394719
}