{
  "aor": 0.0031347999999999997,
  "aqi": 0.00929321344,
  "bids_meta": {
    "AccelFactPE": 2,
    "AcquisitionNumber": 1,
    "AcquisitionTime": "10:46:17.197500",
    "BandwidthPerPixelPhaseEncode": 43.879,
    "BodyPartExamined": "BRAIN",
    "ConversionSoftware": "dcm2niix",
    "ConversionSoftwareVersion": "v1.0.20170724 GCC4.4.7",
    "DeviceSerialNumber": "67025",
    "EchoTime": 0.025,
    "EchoTrainLength": 43,
    "EffectiveEchoSpacing": 0.000356093,
    "FlipAngle": 90,
    "ImageType": [
      "ORIGINAL",
      "PRIMARY",
      "M",
      "ND",
      "NORM",
      "MOSAIC"
    ],
    "InstitutionAddress": "McClintock_3520A_Los_Angeles_CA_US_90089",
    "InstitutionName": "USC",
    "MagneticFieldStrength": 3,
    "Manufacturer": "Siemens",
    "ManufacturersModelName": "Prisma_fit",
    "PhaseEncodingDirection": "i",
    "PhaseEncodingLines": 64,
    "ProcedureStepDescription": "Mara_Steve",
    "ProtocolName": "regulate4",
    "RepetitionTime": 2,
    "ScanningSequence": "EP",
    "SequenceName": "_epfid2d1_64",
    "SequenceVariant": "SK_OSP",
    "SeriesDescription": "regulate4",
    "SliceTiming": [
      0.99,
      0,
      1.0425,
      0.0525,
      1.0925,
      0.1025,
      1.145,
      0.155,
      1.1975,
      0.2075,
      1.25,
      0.26,
      1.3025,
      0.3125,
      1.355,
      0.365,
      1.405,
      0.4175,
      1.4575,
      0.4675,
      1.51,
      0.52,
      1.5625,
      0.5725,
      1.615,
      0.625,
      1.6675,
      0.6775,
      1.72,
      0.73,
      1.77,
      0.78,
      1.8225,
      0.8325,
      1.875,
      0.885,
      1.9275,
      0.9375
    ],
    "SoftwareVersions": "syngo_MR_D13D",
    "TaskName": "regulate",
    "TotalReadoutTime": 0.0299118,
    "TrueEchoSpacing": 0.000712186,
    "dataset": "ds003425",
    "modality": "bold",
    "run_id": 4,
    "session_id": "02",
    "subject_id": "06",
    "task_id": "regulate"
  },
  "dummy_trs": 0,
  "dvars_nstd": 20.262169138306454,
  "dvars_std": 1.168562988467742,
  "dvars_vstd": 1.0204013828225802,
  "efc": 0.6073074439632543,
  "fber": 1470.70361328125,
  "fd_mean": 0.08904603323992907,
  "fd_num": 12,
  "fd_perc": 9.6,
  "fwhm_avg": 1.6424022222222223,
  "fwhm_x": 1.5692700000000002,
  "fwhm_y": 1.7326066666666666,
  "fwhm_z": 1.62533,
  "gcor": 0.0390813,
  "gsr_x": 0.021885303780436516,
  "gsr_y": 0.03136015310883522,
  "provenance": {
    "md5sum": "a7ee9c3fbc67a96099d5fed89582a10d",
    "settings": {
      "fd_thres": 0.2,
      "testing": false
    },
    "software": "mriqc",
    "version": "23.0.1",
    "webapi_port": null,
    "webapi_url": "https://mriqc.nimh.nih.gov/api/v1"
  },
  "size_t": 125,
  "size_x": 64,
  "size_y": 64,
  "size_z": 38,
  "snr": 8.361593449649135,
  "spacing_tr": 2.0,
  "spacing_x": 3.0,
  "spacing_y": 3.0,
  "spacing_z": 3.0,
  "summary_bg_k": 13.846138509752485,
  "summary_bg_mad": 10.271468837176888,
  "summary_bg_mean": 30.275484085083008,
  "summary_bg_median": 11.304000854492188,
  "summary_bg_n": 79186.0,
  "summary_bg_p05": 3.3360002040863037,
  "summary_bg_p95": 121.36400413513184,
  "summary_bg_stdv": 47.48814392089844,
  "summary_fg_k": 2.9670335780791923,
  "summary_fg_mad": 46.69604273172333,
  "summary_fg_mean": 447.2997741699219,
  "summary_fg_median": 444.75201416015625,
  "summary_fg_n": 41113.0,
  "summary_fg_p05": 366.8528198242187,
  "summary_fg_p95": 532.0560302734375,
  "summary_fg_stdv": 53.18921661376953,
  "tsnr": 72.27660645497963
}