{
  "aor": 0.0021689599999999997,
  "aqi": 0.009161100880000002,
  "bids_meta": {
    "AccelFactPE": 2,
    "AcquisitionNumber": 1,
    "AcquisitionTime": "11:05:57.182500",
    "BandwidthPerPixelPhaseEncode": 43.879,
    "BodyPartExamined": "BRAIN",
    "ConversionSoftware": "dcm2niix",
    "ConversionSoftwareVersion": "v1.0.20170724 GCC4.4.7",
    "DeviceSerialNumber": "67025",
    "EchoTime": 0.025,
    "EchoTrainLength": 43,
    "EffectiveEchoSpacing": 0.000356093,
    "FlipAngle": 90,
    "ImageType": [
      "ORIGINAL",
      "PRIMARY",
      "M",
      "ND",
      "NORM",
      "MOSAIC"
    ],
    "InstitutionAddress": "McClintock_3520A_Los_Angeles_CA_US_90089",
    "InstitutionName": "USC",
    "MagneticFieldStrength": 3,
    "Manufacturer": "Siemens",
    "ManufacturersModelName": "Prisma_fit",
    "PhaseEncodingDirection": "i",
    "PhaseEncodingLines": 64,
    "ProcedureStepDescription": "Mara_Steve",
    "ProtocolName": "regulate8",
    "RepetitionTime": 2,
    "ScanningSequence": "EP",
    "SequenceName": "_epfid2d1_64",
    "SequenceVariant": "SK_OSP",
    "SeriesDescription": "regulate8",
    "SliceTiming": [
      0.99,
      0,
      1.04,
      0.05,
      1.0925,
      0.1025,
      1.145,
      0.155,
      1.1975,
      0.2075,
      1.25,
      0.26,
      1.3025,
      0.3125,
      1.3525,
      0.3625,
      1.405,
      0.415,
      1.4575,
      0.4675,
      1.51,
      0.52,
      1.5625,
      0.5725,
      1.615,
      0.625,
      1.665,
      0.675,
      1.7175,
      0.7275,
      1.77,
      0.78,
      1.8225,
      0.8325,
      1.875,
      0.885,
      1.9275,
      0.9375
    ],
    "SoftwareVersions": "syngo_MR_D13D",
    "TaskName": "regulate",
    "TotalReadoutTime": 0.0299118,
    "TrueEchoSpacing": 0.000712186,
    "dataset": "ds003425",
    "modality": "bold",
    "run_id": 8,
    "session_id": "02",
    "subject_id": "06",
    "task_id": "regulate"
  },
  "dummy_trs": 0,
  "dvars_nstd": 20.447452598790328,
  "dvars_std": 1.1549449718548386,
  "dvars_vstd": 1.0132312216129034,
  "efc": 0.6082404429535606,
  "fber": 1440.57373046875,
  "fd_mean": 0.1083600709488372,
  "fd_num": 25,
  "fd_perc": 20.0,
  "fwhm_avg": 1.628997777777778,
  "fwhm_x": 1.5597933333333334,
  "fwhm_y": 1.72351,
  "fwhm_z": 1.60369,
  "gcor": 0.0661076,
  "gsr_x": 0.02235700748860836,
  "gsr_y": 0.03120814450085163,
  "provenance": {
    "md5sum": "d531be94d658e38d52b74fd4ab030199",
    "settings": {
      "fd_thres": 0.2,
      "testing": false
    },
    "software": "mriqc",
    "version": "23.0.1",
    "webapi_port": null,
    "webapi_url": "https://mriqc.nimh.nih.gov/api/v1"
  },
  "size_t": 125,
  "size_x": 64,
  "size_y": 64,
  "size_z": 38,
  "snr": 8.287826357954414,
  "spacing_tr": 2.0,
  "spacing_x": 3.0,
  "spacing_y": 3.0,
  "spacing_z": 3.0,
  "summary_bg_k": 13.284232882788725,
  "summary_bg_mad": 10.401938273548314,
  "summary_bg_mean": 30.835420608520508,
  "summary_bg_median": 11.384000778198242,
  "summary_bg_n": 79235.0,
  "summary_bg_p05": 3.3520002365112305,
  "summary_bg_p95": 124.4768074035645,
  "summary_bg_stdv": 48.2635498046875,
  "summary_fg_k": 3.5102856689364046,
  "summary_fg_mad": 45.824276427858074,
  "summary_fg_mean": 445.51019287109375,
  "summary_fg_median": 443.32000732421875,
  "summary_fg_n": 41090.0,
  "summary_fg_p05": 364.8704238891602,
  "summary_fg_p95": 530.1368469238281,
  "summary_fg_stdv": 53.48985290527344,
  "tsnr": 72.80239893333055
}