{
  "aor": 0.0015866399999999998,
  "aqi": 0.00596131064,
  "bids_meta": {
    "AccelFactPE": 2,
    "AcquisitionNumber": 1,
    "AcquisitionTime": "14:47:53.477500",
    "BandwidthPerPixelPhaseEncode": 43.879,
    "BodyPartExamined": "BRAIN",
    "ConversionSoftware": "dcm2niix",
    "ConversionSoftwareVersion": "v1.0.20170724 GCC4.4.7",
    "DeviceSerialNumber": "67025",
    "EchoTime": 0.025,
    "EchoTrainLength": 43,
    "EffectiveEchoSpacing": 0.000356093,
    "FlipAngle": 90,
    "ImageType": [
      "ORIGINAL",
      "PRIMARY",
      "M",
      "ND",
      "NORM",
      "MOSAIC"
    ],
    "InstitutionAddress": "McClintock_3520A_Los_Angeles_CA_US_90089",
    "InstitutionName": "USC",
    "MagneticFieldStrength": 3,
    "Manufacturer": "Siemens",
    "ManufacturersModelName": "Prisma_fit",
    "PhaseEncodingDirection": "i",
    "PhaseEncodingLines": 64,
    "ProcedureStepDescription": "Mara_Steve",
    "ProtocolName": "learning6",
    "RepetitionTime": 2,
    "ScanningSequence": "EP",
    "SequenceName": "_epfid2d1_64",
    "SequenceVariant": "SK_OSP",
    "SeriesDescription": "learning6",
    "SliceTiming": [
      0.99,
      0,
      1.0425,
      0.0525,
      1.0925,
      0.1025,
      1.145,
      0.155,
      1.1975,
      0.2075,
      1.25,
      0.26,
      1.3025,
      0.3125,
      1.355,
      0.365,
      1.405,
      0.4175,
      1.4575,
      0.4675,
      1.51,
      0.52,
      1.5625,
      0.5725,
      1.615,
      0.625,
      1.6675,
      0.6775,
      1.72,
      0.73,
      1.77,
      0.78,
      1.8225,
      0.8325,
      1.875,
      0.885,
      1.9275,
      0.9375
    ],
    "SoftwareVersions": "syngo_MR_D13D",
    "TaskName": "regulate",
    "TotalReadoutTime": 0.0299118,
    "TrueEchoSpacing": 0.000712186,
    "dataset": "ds003425",
    "modality": "bold",
    "run_id": 4,
    "session_id": "02",
    "subject_id": "01",
    "task_id": "regulate"
  },
  "dummy_trs": 0,
  "dvars_nstd": 21.718495676290317,
  "dvars_std": 1.2932050350806457,
  "dvars_vstd": 1.0210796787096774,
  "efc": 0.6097198351389668,
  "fber": 1663.67578125,
  "fd_mean": 0.06593145714079586,
  "fd_num": 0,
  "fd_perc": 0.0,
  "fwhm_avg": 1.5631111111111113,
  "fwhm_x": 1.4509566666666667,
  "fwhm_y": 1.6592733333333334,
  "fwhm_z": 1.5791033333333333,
  "gcor": 0.0297949,
  "gsr_x": 0.0023722797632217407,
  "gsr_y": 0.035787515342235565,
  "provenance": {
    "md5sum": "cc723cb66b5b2d34605a71fbb96e0cf4",
    "settings": {
      "fd_thres": 0.2,
      "testing": false
    },
    "software": "mriqc",
    "version": "23.0.1",
    "webapi_port": null,
    "webapi_url": "https://mriqc.nimh.nih.gov/api/v1"
  },
  "size_t": 125,
  "size_x": 64,
  "size_y": 64,
  "size_z": 38,
  "snr": 7.967281502425061,
  "spacing_tr": 2.0,
  "spacing_x": 3.0,
  "spacing_y": 3.0,
  "spacing_z": 3.0,
  "summary_bg_k": 14.407002765388675,
  "summary_bg_mad": 8.836309985810002,
  "summary_bg_mean": 27.977012634277344,
  "summary_bg_median": 10.256000518798828,
  "summary_bg_n": 77957.0,
  "summary_bg_p05": 3.2400002479553223,
  "summary_bg_p95": 112.64000701904297,
  "summary_bg_stdv": 44.22710037231445,
  "summary_fg_k": 2.453054048959541,
  "summary_fg_mad": 50.277987611863495,
  "summary_fg_mean": 429.58245849609375,
  "summary_fg_median": 427.1920166015625,
  "summary_fg_n": 42026.0,
  "summary_fg_p05": 352.3680114746094,
  "summary_fg_p95": 515.7400207519531,
  "summary_fg_stdv": 53.617652893066406,
  "tsnr": 90.86815523682162
}