{
  "aor": 0.00166896,
  "aqi": 0.00548736888,
  "bids_meta": {
    "AccelFactPE": 2,
    "AcquisitionNumber": 1,
    "AcquisitionTime": "14:42:47.167500",
    "BandwidthPerPixelPhaseEncode": 43.879,
    "BodyPartExamined": "BRAIN",
    "ConversionSoftware": "dcm2niix",
    "ConversionSoftwareVersion": "v1.0.20170724 GCC4.4.7",
    "DeviceSerialNumber": "67025",
    "EchoTime": 0.025,
    "EchoTrainLength": 43,
    "EffectiveEchoSpacing": 0.000356093,
    "FlipAngle": 90,
    "ImageType": [
      "ORIGINAL",
      "PRIMARY",
      "M",
      "ND",
      "NORM",
      "MOSAIC"
    ],
    "InstitutionAddress": "McClintock_3520A_Los_Angeles_CA_US_90089",
    "InstitutionName": "USC",
    "MagneticFieldStrength": 3,
    "Manufacturer": "Siemens",
    "ManufacturersModelName": "Prisma_fit",
    "PhaseEncodingDirection": "i",
    "PhaseEncodingLines": 64,
    "ProcedureStepDescription": "Mara_Steve",
    "ProtocolName": "learning5",
    "RepetitionTime": 2,
    "ScanningSequence": "EP",
    "SequenceName": "_epfid2d1_64",
    "SequenceVariant": "SK_OSP",
    "SeriesDescription": "learning5",
    "SliceTiming": [
      0.99,
      0,
      1.04,
      0.0525,
      1.0925,
      0.1025,
      1.145,
      0.155,
      1.1975,
      0.2075,
      1.25,
      0.26,
      1.3025,
      0.3125,
      1.355,
      0.365,
      1.405,
      0.415,
      1.4575,
      0.4675,
      1.51,
      0.52,
      1.5625,
      0.5725,
      1.615,
      0.625,
      1.6675,
      0.6775,
      1.7175,
      0.7275,
      1.77,
      0.78,
      1.8225,
      0.8325,
      1.875,
      0.885,
      1.9275,
      0.9375
    ],
    "SoftwareVersions": "syngo_MR_D13D",
    "TaskName": "regulate",
    "TotalReadoutTime": 0.0299118,
    "TrueEchoSpacing": 0.000712186,
    "dataset": "ds003425",
    "modality": "bold",
    "run_id": 3,
    "session_id": "02",
    "subject_id": "01",
    "task_id": "regulate"
  },
  "dummy_trs": 0,
  "dvars_nstd": 21.436497695967734,
  "dvars_std": 1.295738603225806,
  "dvars_vstd": 1.0261884175000002,
  "efc": 0.6096059083274459,
  "fber": 1672.5584716796875,
  "fd_mean": 0.06096528679290308,
  "fd_num": 0,
  "fd_perc": 0.0,
  "fwhm_avg": 1.560151111111111,
  "fwhm_x": 1.4501033333333335,
  "fwhm_y": 1.65059,
  "fwhm_z": 1.57976,
  "gcor": 0.0356987,
  "gsr_x": 0.0022676715161651373,
  "gsr_y": 0.035936638712882996,
  "provenance": {
    "md5sum": "709c333b2e141f78cf99292f0c37dcd4",
    "settings": {
      "fd_thres": 0.2,
      "testing": false
    },
    "software": "mriqc",
    "version": "23.0.1",
    "webapi_port": null,
    "webapi_url": "https://mriqc.nimh.nih.gov/api/v1"
  },
  "size_t": 125,
  "size_x": 64,
  "size_y": 64,
  "size_z": 38,
  "snr": 8.044369263078382,
  "spacing_tr": 2.0,
  "spacing_x": 3.0,
  "spacing_y": 3.0,
  "spacing_z": 3.0,
  "summary_bg_k": 14.444396600359042,
  "summary_bg_mad": 8.788866618671287,
  "summary_bg_mean": 27.957683563232422,
  "summary_bg_median": 10.2160005569458,
  "summary_bg_n": 77941.0,
  "summary_bg_p05": 3.2320001125335693,
  "summary_bg_p95": 112.02400207519531,
  "summary_bg_stdv": 44.2987174987793,
  "summary_fg_k": 2.1724485571087753,
  "summary_fg_mad": 50.491500791463345,
  "summary_fg_mean": 429.9050598144531,
  "summary_fg_median": 427.51202392578125,
  "summary_fg_n": 41965.0,
  "summary_fg_p05": 353.0016296386719,
  "summary_fg_p95": 515.5904296874997,
  "summary_fg_stdv": 53.14362335205078,
  "tsnr": 93.42830462148413
}