{
  "aor": 0.01632704081632653,
  "aqi": 0.01021514193877551,
  "bids_meta": {
    "AccelFactPE": 2,
    "AcquisitionNumber": 1,
    "AcquisitionTime": "10:56:6.745000",
    "BandwidthPerPixelPhaseEncode": 43.879,
    "BodyPartExamined": "BRAIN",
    "ConversionSoftware": "dcm2niix",
    "ConversionSoftwareVersion": "v1.0.20170724 GCC4.4.7",
    "DeviceSerialNumber": "67025",
    "EchoTime": 0.025,
    "EchoTrainLength": 43,
    "EffectiveEchoSpacing": 0.000356093,
    "FlipAngle": 90,
    "ImageType": [
      "ORIGINAL",
      "PRIMARY",
      "M",
      "ND",
      "NORM",
      "MOSAIC"
    ],
    "InstitutionAddress": "McClintock_3520A_Los_Angeles_CA_US_90089",
    "InstitutionName": "USC",
    "MagneticFieldStrength": 3,
    "Manufacturer": "Siemens",
    "ManufacturersModelName": "Prisma_fit",
    "PhaseEncodingDirection": "j-",
    "PhaseEncodingLines": 64,
    "ProcedureStepDescription": "Mara_Steve",
    "ProtocolName": "training4",
    "RepetitionTime": 2,
    "ScanningSequence": "EP",
    "SequenceName": "_epfid2d1_64",
    "SequenceVariant": "SK_OSP",
    "SeriesDescription": "training4",
    "SliceTiming": [
      0.99,
      0,
      1.0425,
      0.0525,
      1.0925,
      0.1025,
      1.145,
      0.155,
      1.1975,
      0.2075,
      1.25,
      0.26,
      1.3025,
      0.3125,
      1.355,
      0.365,
      1.405,
      0.4175,
      1.4575,
      0.4675,
      1.51,
      0.52,
      1.5625,
      0.5725,
      1.615,
      0.625,
      1.6675,
      0.6775,
      1.72,
      0.73,
      1.77,
      0.78,
      1.8225,
      0.8325,
      1.875,
      0.885,
      1.9275,
      0.9375
    ],
    "SoftwareVersions": "syngo_MR_D13D",
    "TaskName": "training",
    "TotalReadoutTime": 0.0299118,
    "TrueEchoSpacing": 0.000712186,
    "dataset": "ds003425",
    "modality": "bold",
    "run_id": 4,
    "session_id": "01",
    "subject_id": "11",
    "task_id": "training"
  },
  "dummy_trs": 0,
  "dvars_nstd": 19.12956125639175,
  "dvars_std": 1.2532921235051546,
  "dvars_vstd": 1.1595883900000001,
  "efc": 0.5830976083046652,
  "fber": 2809.137939453125,
  "fd_mean": 0.12383949115091981,
  "fd_num": 13,
  "fd_perc": 13.26530612244898,
  "fwhm_avg": 1.6137833333333333,
  "fwhm_x": 1.47665,
  "fwhm_y": 1.7646,
  "fwhm_z": 1.6001,
  "gcor": 0.018702,
  "gsr_x": 0.0029566572047770023,
  "gsr_y": 0.05256924405694008,
  "provenance": {
    "md5sum": "43bd25a09bb37a88946c78909490dbe9",
    "settings": {
      "fd_thres": 0.2,
      "testing": false
    },
    "software": "mriqc",
    "version": "23.0.1",
    "webapi_port": null,
    "webapi_url": "https://mriqc.nimh.nih.gov/api/v1"
  },
  "size_t": 98,
  "size_x": 64,
  "size_y": 64,
  "size_z": 38,
  "snr": 8.187908720861993,
  "spacing_tr": 2.0,
  "spacing_x": 3.0,
  "spacing_y": 3.0,
  "spacing_z": 3.0,
  "summary_bg_k": 14.024621200505944,
  "summary_bg_mad": 6.38426612611773,
  "summary_bg_mean": 24.206750869750977,
  "summary_bg_median": 7.755101680755615,
  "summary_bg_n": 82829.0,
  "summary_bg_p05": 2.7857141494750977,
  "summary_bg_p95": 103.59387207031232,
  "summary_bg_stdv": 39.90617370605469,
  "summary_fg_k": 1.7185434843284497,
  "summary_fg_mad": 51.46748994110276,
  "summary_fg_mean": 419.8028869628906,
  "summary_fg_median": 418.3163146972656,
  "summary_fg_n": 38539.0,
  "summary_fg_p05": 342.86632080078124,
  "summary_fg_p95": 499.28672485351564,
  "summary_fg_stdv": 51.0888557434082,
  "tsnr": 69.3380595962517
}