{
  "aor": 0.002645918367346939,
  "aqi": 0.017611442040816324,
  "bids_meta": {
    "AccelFactPE": 2,
    "AcquisitionNumber": 1,
    "AcquisitionTime": "10:47:54.182500",
    "BandwidthPerPixelPhaseEncode": 43.879,
    "BodyPartExamined": "BRAIN",
    "ConversionSoftware": "dcm2niix",
    "ConversionSoftwareVersion": "v1.0.20170724 GCC4.4.7",
    "DeviceSerialNumber": "67025",
    "EchoTime": 0.025,
    "EchoTrainLength": 43,
    "EffectiveEchoSpacing": 0.000356093,
    "FlipAngle": 90,
    "ImageType": [
      "ORIGINAL",
      "PRIMARY",
      "M",
      "ND",
      "NORM",
      "MOSAIC"
    ],
    "InstitutionAddress": "McClintock_3520A_Los_Angeles_CA_US_90089",
    "InstitutionName": "USC",
    "MagneticFieldStrength": 3,
    "Manufacturer": "Siemens",
    "ManufacturersModelName": "Prisma_fit",
    "PhaseEncodingDirection": "j-",
    "PhaseEncodingLines": 64,
    "ProcedureStepDescription": "Mara_Steve",
    "ProtocolName": "training2",
    "RepetitionTime": 2,
    "ScanningSequence": "EP",
    "SequenceName": "_epfid2d1_64",
    "SequenceVariant": "SK_OSP",
    "SeriesDescription": "training2",
    "SliceTiming": [
      0.99,
      0,
      1.0425,
      0.0525,
      1.095,
      0.105,
      1.1475,
      0.1575,
      1.1975,
      0.2075,
      1.25,
      0.26,
      1.3025,
      0.3125,
      1.355,
      0.365,
      1.4075,
      0.4175,
      1.46,
      0.47,
      1.51,
      0.52,
      1.5625,
      0.5725,
      1.615,
      0.625,
      1.6675,
      0.6775,
      1.72,
      0.73,
      1.7725,
      0.7825,
      1.8225,
      0.8325,
      1.875,
      0.885,
      1.9275,
      0.9375
    ],
    "SoftwareVersions": "syngo_MR_D13D",
    "TaskName": "training",
    "TotalReadoutTime": 0.0299118,
    "TrueEchoSpacing": 0.000712186,
    "dataset": "ds003425",
    "modality": "bold",
    "run_id": 2,
    "session_id": "01",
    "subject_id": "11",
    "task_id": "training"
  },
  "dummy_trs": 0,
  "dvars_nstd": 18.111696784432986,
  "dvars_std": 1.0662728626804125,
  "dvars_vstd": 0.9724971814432992,
  "efc": 0.5870618058453919,
  "fber": 2575.0576171875,
  "fd_mean": 0.09747723588456332,
  "fd_num": 6,
  "fd_perc": 6.122448979591836,
  "fwhm_avg": 1.6158488888888891,
  "fwhm_x": 1.49111,
  "fwhm_y": 1.7739900000000002,
  "fwhm_z": 1.5824466666666668,
  "gcor": 0.0130134,
  "gsr_x": 0.0011100581614300609,
  "gsr_y": 0.050133105367422104,
  "provenance": {
    "md5sum": "0f03ae3ebce676b419b228d65a9ee72a",
    "settings": {
      "fd_thres": 0.2,
      "testing": false
    },
    "software": "mriqc",
    "version": "23.0.1",
    "webapi_port": null,
    "webapi_url": "https://mriqc.nimh.nih.gov/api/v1"
  },
  "size_t": 98,
  "size_x": 64,
  "size_y": 64,
  "size_z": 38,
  "snr": 8.242064995575483,
  "spacing_tr": 2.0,
  "spacing_x": 3.0,
  "spacing_y": 3.0,
  "spacing_z": 3.0,
  "summary_bg_k": 14.15993772771185,
  "summary_bg_mad": 6.732223623725412,
  "summary_bg_mean": 24.612882614135742,
  "summary_bg_median": 8.061223983764648,
  "summary_bg_n": 82050.0,
  "summary_bg_p05": 2.7959182262420654,
  "summary_bg_p95": 103.95458908081058,
  "summary_bg_stdv": 40.20883560180664,
  "summary_fg_k": 1.741471922420101,
  "summary_fg_mad": 51.08926077711358,
  "summary_fg_mean": 420.3616027832031,
  "summary_fg_median": 419.3214111328125,
  "summary_fg_n": 38972.0,
  "summary_fg_p05": 344.2765182495117,
  "summary_fg_p95": 499.62702331542965,
  "summary_fg_stdv": 50.875118255615234,
  "tsnr": 59.446589466533624
}