{
  "aor": 0.0017241176470588241,
  "aqi": 0.013965777411764704,
  "bids_meta": {
    "AccelFactPE": 2,
    "AcquisitionNumber": 1,
    "AcquisitionTime": "11:12:20.022500",
    "BandwidthPerPixelPhaseEncode": 43.879,
    "BodyPartExamined": "BRAIN",
    "ConversionSoftware": "dcm2niix",
    "ConversionSoftwareVersion": "v1.0.20170724 GCC4.4.7",
    "DeviceSerialNumber": "67025",
    "EchoTime": 0.025,
    "EchoTrainLength": 43,
    "EffectiveEchoSpacing": 0.000356093,
    "FlipAngle": 90,
    "ImageType": [
      "ORIGINAL",
      "PRIMARY",
      "M",
      "ND",
      "NORM",
      "MOSAIC"
    ],
    "InstitutionAddress": "McClintock_3520A_Los_Angeles_CA_US_90089",
    "InstitutionName": "USC",
    "MagneticFieldStrength": 3,
    "Manufacturer": "Siemens",
    "ManufacturersModelName": "Prisma_fit",
    "PhaseEncodingDirection": "j-",
    "PhaseEncodingLines": 64,
    "ProcedureStepDescription": "Mara_Steve",
    "ProtocolName": "prelearning2",
    "RepetitionTime": 2,
    "ScanningSequence": "EP",
    "SequenceName": "_epfid2d1_64",
    "SequenceVariant": "SK_OSP",
    "SeriesDescription": "prelearning2",
    "SliceTiming": [
      0.99,
      0,
      1.0425,
      0.0525,
      1.095,
      0.105,
      1.1475,
      0.1575,
      1.1975,
      0.2075,
      1.25,
      0.26,
      1.3025,
      0.3125,
      1.355,
      0.365,
      1.4075,
      0.4175,
      1.46,
      0.47,
      1.51,
      0.52,
      1.5625,
      0.5725,
      1.615,
      0.625,
      1.6675,
      0.6775,
      1.72,
      0.73,
      1.7725,
      0.7825,
      1.8225,
      0.8325,
      1.875,
      0.885,
      1.9275,
      0.9375
    ],
    "SoftwareVersions": "syngo_MR_D13D",
    "TaskName": "prelearning",
    "TotalReadoutTime": 0.0299118,
    "TrueEchoSpacing": 0.000712186,
    "dataset": "ds003425",
    "modality": "bold",
    "run_id": 2,
    "session_id": "01",
    "subject_id": "11",
    "task_id": "prelearning"
  },
  "dummy_trs": 0,
  "dvars_nstd": 18.65198205761905,
  "dvars_std": 1.0643967904761906,
  "dvars_vstd": 0.961515704404762,
  "efc": 0.5850093115894909,
  "fber": 2693.45849609375,
  "fd_mean": 0.09087429260370965,
  "fd_num": 5,
  "fd_perc": 5.882352941176471,
  "fwhm_avg": 1.6050866666666668,
  "fwhm_x": 1.4555866666666668,
  "fwhm_y": 1.75228,
  "fwhm_z": 1.6073933333333335,
  "gcor": 0.0126499,
  "gsr_x": 0.0019360145088285208,
  "gsr_y": 0.05257294327020645,
  "provenance": {
    "md5sum": "ab36efecf972b10d5e14addf24387d17",
    "settings": {
      "fd_thres": 0.2,
      "testing": false
    },
    "software": "mriqc",
    "version": "23.0.1",
    "webapi_port": null,
    "webapi_url": "https://mriqc.nimh.nih.gov/api/v1"
  },
  "size_t": 85,
  "size_x": 64,
  "size_y": 64,
  "size_z": 38,
  "snr": 8.24739419880126,
  "spacing_tr": 2.0,
  "spacing_x": 3.0,
  "spacing_y": 3.0,
  "spacing_z": 3.0,
  "summary_bg_k": 13.788965235403715,
  "summary_bg_mad": 6.436237924438658,
  "summary_bg_mean": 24.549814224243164,
  "summary_bg_median": 7.870588302612305,
  "summary_bg_n": 82535.0,
  "summary_bg_p05": 2.8235294818878174,
  "summary_bg_p95": 104.86235504150395,
  "summary_bg_stdv": 40.328792572021484,
  "summary_fg_k": 1.8504168349814538,
  "summary_fg_mad": 51.50735116407955,
  "summary_fg_mean": 422.08526611328125,
  "summary_fg_median": 421.0705871582031,
  "summary_fg_n": 38684.0,
  "summary_fg_p05": 345.7076644897461,
  "summary_fg_p95": 501.8906051635742,
  "summary_fg_stdv": 51.054325103759766,
  "tsnr": 68.84428526903503
}