{
  "aor": 0.0023191200000000005,
  "aqi": 0.015369076239999998,
  "bids_meta": {
    "AccelFactPE": 2,
    "AcquisitionNumber": 1,
    "AcquisitionTime": "11:35:11.902500",
    "BandwidthPerPixelPhaseEncode": 43.879,
    "BodyPartExamined": "BRAIN",
    "ConversionSoftware": "dcm2niix",
    "ConversionSoftwareVersion": "v1.0.20170724 GCC4.4.7",
    "DeviceSerialNumber": "67025",
    "EchoTime": 0.025,
    "EchoTrainLength": 43,
    "EffectiveEchoSpacing": 0.000356093,
    "FlipAngle": 90,
    "ImageType": [
      "ORIGINAL",
      "PRIMARY",
      "M",
      "ND",
      "NORM",
      "MOSAIC"
    ],
    "InstitutionAddress": "McClintock_3520A_Los_Angeles_CA_US_90089",
    "InstitutionName": "USC",
    "MagneticFieldStrength": 3,
    "Manufacturer": "Siemens",
    "ManufacturersModelName": "Prisma_fit",
    "PhaseEncodingDirection": "j-",
    "PhaseEncodingLines": 64,
    "ProcedureStepDescription": "Mara_Steve",
    "ProtocolName": "learning4",
    "RepetitionTime": 2,
    "ScanningSequence": "EP",
    "SequenceName": "_epfid2d1_64",
    "SequenceVariant": "SK_OSP",
    "SeriesDescription": "learning4",
    "SliceTiming": [
      0.99,
      0,
      1.0425,
      0.0525,
      1.095,
      0.105,
      1.145,
      0.155,
      1.1975,
      0.2075,
      1.25,
      0.26,
      1.3025,
      0.3125,
      1.355,
      0.365,
      1.4075,
      0.4175,
      1.4575,
      0.47,
      1.51,
      0.52,
      1.5625,
      0.5725,
      1.615,
      0.625,
      1.6675,
      0.6775,
      1.72,
      0.73,
      1.7725,
      0.7825,
      1.8225,
      0.8325,
      1.875,
      0.885,
      1.9275,
      0.9375
    ],
    "SoftwareVersions": "syngo_MR_D13D",
    "TaskName": "learning",
    "TotalReadoutTime": 0.0299118,
    "TrueEchoSpacing": 0.000712186,
    "dataset": "ds003425",
    "modality": "bold",
    "run_id": 4,
    "session_id": "01",
    "subject_id": "11",
    "task_id": "learning"
  },
  "dummy_trs": 0,
  "dvars_nstd": 20.85847496967742,
  "dvars_std": 1.124090261532258,
  "dvars_vstd": 0.978064425322581,
  "efc": 0.5851783642775541,
  "fber": 2712.222412109375,
  "fd_mean": 0.1247454640535812,
  "fd_num": 16,
  "fd_perc": 12.8,
  "fwhm_avg": 1.6046322222222222,
  "fwhm_x": 1.47212,
  "fwhm_y": 1.7540533333333332,
  "fwhm_z": 1.5877233333333332,
  "gcor": 0.039015,
  "gsr_x": 0.0017604536842554808,
  "gsr_y": 0.05246339365839958,
  "provenance": {
    "md5sum": "427e058df8509317afc0c683ee61872e",
    "settings": {
      "fd_thres": 0.2,
      "testing": false
    },
    "software": "mriqc",
    "version": "23.0.1",
    "webapi_port": null,
    "webapi_url": "https://mriqc.nimh.nih.gov/api/v1"
  },
  "size_t": 125,
  "size_x": 64,
  "size_y": 64,
  "size_z": 38,
  "snr": 8.293950439550327,
  "spacing_tr": 2.0,
  "spacing_x": 3.0,
  "spacing_y": 3.0,
  "spacing_z": 3.0,
  "summary_bg_k": 13.409061386016813,
  "summary_bg_mad": 6.559032251430694,
  "summary_bg_mean": 24.71441650390625,
  "summary_bg_median": 7.904000282287598,
  "summary_bg_n": 82635.0,
  "summary_bg_p05": 2.81600022315979,
  "summary_bg_p95": 104.62400817871094,
  "summary_bg_stdv": 40.092533111572266,
  "summary_fg_k": 1.918496672840572,
  "summary_fg_mad": 50.396621126784204,
  "summary_fg_mean": 420.0729675292969,
  "summary_fg_median": 418.97601318359375,
  "summary_fg_n": 38545.0,
  "summary_fg_p05": 344.6192260742188,
  "summary_fg_p95": 498.89442749023436,
  "summary_fg_stdv": 50.515201568603516,
  "tsnr": 60.282342315651476
}