{
  "aor": 0.009078705882352942,
  "aqi": 0.011136309176470589,
  "bids_meta": {
    "AccelFactPE": 2,
    "AcquisitionNumber": 1,
    "AcquisitionTime": "11:08:55.012500",
    "BandwidthPerPixelPhaseEncode": 43.879,
    "BodyPartExamined": "BRAIN",
    "ConversionSoftware": "dcm2niix",
    "ConversionSoftwareVersion": "v1.0.20170724 GCC4.4.7",
    "DeviceSerialNumber": "67025",
    "EchoTime": 0.025,
    "EchoTrainLength": 43,
    "EffectiveEchoSpacing": 0.000356093,
    "FlipAngle": 90,
    "ImageType": [
      "ORIGINAL",
      "PRIMARY",
      "M",
      "ND",
      "NORM",
      "MOSAIC"
    ],
    "InstitutionAddress": "McClintock_3520A_Los_Angeles_CA_US_90089",
    "InstitutionName": "USC",
    "MagneticFieldStrength": 3,
    "Manufacturer": "Siemens",
    "ManufacturersModelName": "Prisma_fit",
    "PhaseEncodingDirection": "j-",
    "PhaseEncodingLines": 64,
    "ProcedureStepDescription": "Mara_Steve",
    "ProtocolName": "prelearning1",
    "RepetitionTime": 2,
    "ScanningSequence": "EP",
    "SequenceName": "_epfid2d1_64",
    "SequenceVariant": "SK_OSP",
    "SeriesDescription": "prelearning1",
    "SliceTiming": [
      0.99,
      0,
      1.0425,
      0.0525,
      1.095,
      0.105,
      1.1475,
      0.1575,
      1.2,
      0.21,
      1.25,
      0.26,
      1.3025,
      0.3125,
      1.355,
      0.365,
      1.4075,
      0.4175,
      1.46,
      0.47,
      1.5125,
      0.5225,
      1.5625,
      0.575,
      1.615,
      0.625,
      1.6675,
      0.6775,
      1.72,
      0.73,
      1.7725,
      0.7825,
      1.825,
      0.835,
      1.8775,
      0.8875,
      1.9275,
      0.9375
    ],
    "SoftwareVersions": "syngo_MR_D13D",
    "TaskName": "prelearning",
    "TotalReadoutTime": 0.0299118,
    "TrueEchoSpacing": 0.000712186,
    "dataset": "ds003425",
    "modality": "bold",
    "run_id": 1,
    "session_id": "01",
    "subject_id": "11",
    "task_id": "prelearning"
  },
  "dummy_trs": 0,
  "dvars_nstd": 17.811692851071435,
  "dvars_std": 1.1517788882142854,
  "dvars_vstd": 1.039193150119048,
  "efc": 0.5867289801306806,
  "fber": 2673.086181640625,
  "fd_mean": 0.0770257653726748,
  "fd_num": 1,
  "fd_perc": 1.1764705882352942,
  "fwhm_avg": 1.6014044444444444,
  "fwhm_x": 1.4786133333333333,
  "fwhm_y": 1.7520933333333335,
  "fwhm_z": 1.5735066666666666,
  "gcor": 0.0165729,
  "gsr_x": 0.0005923748831264675,
  "gsr_y": 0.05093004181981087,
  "provenance": {
    "md5sum": "d533aca440a174fee6d74b48e234f45a",
    "settings": {
      "fd_thres": 0.2,
      "testing": false
    },
    "software": "mriqc",
    "version": "23.0.1",
    "webapi_port": null,
    "webapi_url": "https://mriqc.nimh.nih.gov/api/v1"
  },
  "size_t": 85,
  "size_x": 64,
  "size_y": 64,
  "size_z": 38,
  "snr": 8.204515894693346,
  "spacing_tr": 2.0,
  "spacing_x": 3.0,
  "spacing_y": 3.0,
  "spacing_z": 3.0,
  "summary_bg_k": 13.482426266332062,
  "summary_bg_mad": 6.523450256296528,
  "summary_bg_mean": 24.593538284301758,
  "summary_bg_median": 7.917647361755371,
  "summary_bg_n": 82151.0,
  "summary_bg_p05": 2.8705883026123047,
  "summary_bg_p95": 104.57646942138672,
  "summary_bg_stdv": 40.002262115478516,
  "summary_fg_k": 1.7529593948558775,
  "summary_fg_mad": 51.59456172853785,
  "summary_fg_mean": 421.0653381347656,
  "summary_fg_median": 420.11767578125,
  "summary_fg_n": 38950.0,
  "summary_fg_p05": 344.5700149536133,
  "summary_fg_p95": 500.9829498291015,
  "summary_fg_stdv": 51.20500564575195,
  "tsnr": 72.39218229742255
}