{
  "aor": 0.009457599999999998,
  "aqi": 0.022397805919999996,
  "bids_meta": {
    "AccelFactPE": 2,
    "AcquisitionNumber": 1,
    "AcquisitionTime": "11:25:14.537500",
    "BandwidthPerPixelPhaseEncode": 43.879,
    "BodyPartExamined": "BRAIN",
    "ConversionSoftware": "dcm2niix",
    "ConversionSoftwareVersion": "v1.0.20170724 GCC4.4.7",
    "DeviceSerialNumber": "67025",
    "EchoTime": 0.025,
    "EchoTrainLength": 43,
    "EffectiveEchoSpacing": 0.000356093,
    "FlipAngle": 90,
    "ImageType": [
      "ORIGINAL",
      "PRIMARY",
      "M",
      "ND",
      "NORM",
      "MOSAIC"
    ],
    "InstitutionAddress": "McClintock_3520A_Los_Angeles_CA_US_90089",
    "InstitutionName": "USC",
    "MagneticFieldStrength": 3,
    "Manufacturer": "Siemens",
    "ManufacturersModelName": "Prisma_fit",
    "PhaseEncodingDirection": "j-",
    "PhaseEncodingLines": 64,
    "ProcedureStepDescription": "Mara_Steve",
    "ProtocolName": "learning2",
    "RepetitionTime": 2,
    "ScanningSequence": "EP",
    "SequenceName": "_epfid2d1_64",
    "SequenceVariant": "SK_OSP",
    "SeriesDescription": "learning2",
    "SliceTiming": [
      0.99,
      0,
      1.0425,
      0.0525,
      1.095,
      0.105,
      1.1475,
      0.1575,
      1.2,
      0.21,
      1.2525,
      0.2625,
      1.3025,
      0.3125,
      1.355,
      0.365,
      1.4075,
      0.4175,
      1.46,
      0.47,
      1.5125,
      0.5225,
      1.565,
      0.575,
      1.615,
      0.6275,
      1.6675,
      0.6775,
      1.72,
      0.73,
      1.7725,
      0.7825,
      1.825,
      0.835,
      1.8775,
      0.8875,
      1.93,
      0.94
    ],
    "SoftwareVersions": "syngo_MR_D13D",
    "TaskName": "learning",
    "TotalReadoutTime": 0.0299118,
    "TrueEchoSpacing": 0.000712186,
    "dataset": "ds003425",
    "modality": "bold",
    "run_id": 2,
    "session_id": "01",
    "subject_id": "11",
    "task_id": "learning"
  },
  "dummy_trs": 0,
  "dvars_nstd": 21.437037983225824,
  "dvars_std": 1.1023045224193542,
  "dvars_vstd": 0.9963362153225807,
  "efc": 0.5843456270927526,
  "fber": 2654.3857421875,
  "fd_mean": 0.14876883670369395,
  "fd_num": 16,
  "fd_perc": 12.8,
  "fwhm_avg": 1.604502222222222,
  "fwhm_x": 1.4411399999999999,
  "fwhm_y": 1.7270033333333332,
  "fwhm_z": 1.6453633333333333,
  "gcor": 0.0491301,
  "gsr_x": 0.002585548907518387,
  "gsr_y": 0.053394123911857605,
  "provenance": {
    "md5sum": "448eeb706d34f4ea66c281d77e3f4994",
    "settings": {
      "fd_thres": 0.2,
      "testing": false
    },
    "software": "mriqc",
    "version": "23.0.1",
    "webapi_port": null,
    "webapi_url": "https://mriqc.nimh.nih.gov/api/v1"
  },
  "size_t": 125,
  "size_x": 64,
  "size_y": 64,
  "size_z": 38,
  "snr": 8.365322831099716,
  "spacing_tr": 2.0,
  "spacing_x": 3.0,
  "spacing_y": 3.0,
  "spacing_z": 3.0,
  "summary_bg_k": 14.04683883332131,
  "summary_bg_mad": 6.369259489835659,
  "summary_bg_mean": 24.464868545532227,
  "summary_bg_median": 7.848000526428223,
  "summary_bg_n": 82840.0,
  "summary_bg_p05": 2.9120001792907715,
  "summary_bg_p95": 103.85600280761719,
  "summary_bg_stdv": 40.1743278503418,
  "summary_fg_k": 2.1556735157597187,
  "summary_fg_mad": 50.26613330945723,
  "summary_fg_mean": 420.22833251953125,
  "summary_fg_median": 419.0680236816406,
  "summary_fg_n": 38496.0,
  "summary_fg_p05": 346.2260208129883,
  "summary_fg_p95": 497.7240295410156,
  "summary_fg_stdv": 50.09520721435547,
  "tsnr": 52.14898834051564
}