{
  "aor": 0.002690612244897959,
  "aqi": 0.009231434693877551,
  "bids_meta": {
    "AccelFactPE": 2,
    "AcquisitionNumber": 1,
    "AcquisitionTime": "11:04:1.927500",
    "BandwidthPerPixelPhaseEncode": 43.879,
    "BodyPartExamined": "BRAIN",
    "ConversionSoftware": "dcm2niix",
    "ConversionSoftwareVersion": "v1.0.20170724 GCC4.4.7",
    "DeviceSerialNumber": "67025",
    "EchoTime": 0.025,
    "EchoTrainLength": 43,
    "EffectiveEchoSpacing": 0.000356093,
    "FlipAngle": 90,
    "ImageType": [
      "ORIGINAL",
      "PRIMARY",
      "M",
      "ND",
      "NORM",
      "MOSAIC"
    ],
    "InstitutionAddress": "McClintock_3520A_Los_Angeles_CA_US_90089",
    "InstitutionName": "USC",
    "MagneticFieldStrength": 3,
    "Manufacturer": "Siemens",
    "ManufacturersModelName": "Prisma_fit",
    "PhaseEncodingDirection": "j-",
    "PhaseEncodingLines": 64,
    "ProcedureStepDescription": "Mara_Steve",
    "ProtocolName": "training6",
    "RepetitionTime": 2,
    "ScanningSequence": "EP",
    "SequenceName": "_epfid2d1_64",
    "SequenceVariant": "SK_OSP",
    "SeriesDescription": "training6",
    "SliceTiming": [
      0.9875,
      0,
      1.04,
      0.05,
      1.0925,
      0.1025,
      1.145,
      0.155,
      1.1975,
      0.2075,
      1.25,
      0.26,
      1.3025,
      0.3125,
      1.3525,
      0.3625,
      1.405,
      0.415,
      1.4575,
      0.4675,
      1.51,
      0.52,
      1.5625,
      0.5725,
      1.615,
      0.625,
      1.665,
      0.675,
      1.7175,
      0.7275,
      1.77,
      0.78,
      1.8225,
      0.8325,
      1.875,
      0.885,
      1.9275,
      0.9375
    ],
    "SoftwareVersions": "syngo_MR_D13D",
    "TaskName": "training",
    "TotalReadoutTime": 0.0299118,
    "TrueEchoSpacing": 0.000712186,
    "dataset": "ds003425",
    "modality": "bold",
    "run_id": 6,
    "session_id": "01",
    "subject_id": "11",
    "task_id": "training"
  },
  "dummy_trs": 0,
  "dvars_nstd": 19.15493676103093,
  "dvars_std": 1.1828979967010311,
  "dvars_vstd": 1.0200680660824748,
  "efc": 0.5822518272504845,
  "fber": 2824.28125,
  "fd_mean": 0.07832689833812138,
  "fd_num": 4,
  "fd_perc": 4.081632653061225,
  "fwhm_avg": 1.5971022222222222,
  "fwhm_x": 1.4398866666666665,
  "fwhm_y": 1.7190233333333333,
  "fwhm_z": 1.6323966666666667,
  "gcor": 0.0230254,
  "gsr_x": 0.002886656206101179,
  "gsr_y": 0.05472048372030258,
  "provenance": {
    "md5sum": "ae7702224d3206fec5ece448934e4888",
    "settings": {
      "fd_thres": 0.2,
      "testing": false
    },
    "software": "mriqc",
    "version": "23.0.1",
    "webapi_port": null,
    "webapi_url": "https://mriqc.nimh.nih.gov/api/v1"
  },
  "size_t": 98,
  "size_x": 64,
  "size_y": 64,
  "size_z": 38,
  "snr": 8.324697845119433,
  "spacing_tr": 2.0,
  "spacing_x": 3.0,
  "spacing_y": 3.0,
  "spacing_z": 3.0,
  "summary_bg_k": 14.048325591636736,
  "summary_bg_mad": 6.172466263662534,
  "summary_bg_mean": 24.104602813720703,
  "summary_bg_median": 7.663265228271484,
  "summary_bg_n": 83117.0,
  "summary_bg_p05": 2.86734676361084,
  "summary_bg_p95": 104.03469085693354,
  "summary_bg_stdv": 39.96419143676758,
  "summary_fg_k": 1.8120002876930554,
  "summary_fg_mad": 51.043856989080425,
  "summary_fg_mean": 421.09375,
  "summary_fg_median": 419.89794921875,
  "summary_fg_n": 38362.0,
  "summary_fg_p05": 346.1045715332031,
  "summary_fg_p95": 499.3352005004882,
  "summary_fg_stdv": 50.43936538696289,
  "tsnr": 76.24067950993776
}