{
  "aor": 0.0026512799999999998,
  "aqi": 0.014250168719999998,
  "bids_meta": {
    "AccelFactPE": 2,
    "AcquisitionNumber": 1,
    "AcquisitionTime": "11:39:54.827500",
    "BandwidthPerPixelPhaseEncode": 43.879,
    "BodyPartExamined": "BRAIN",
    "ConversionSoftware": "dcm2niix",
    "ConversionSoftwareVersion": "v1.0.20170724 GCC4.4.7",
    "DeviceSerialNumber": "67025",
    "EchoTime": 0.025,
    "EchoTrainLength": 43,
    "EffectiveEchoSpacing": 0.000356093,
    "FlipAngle": 90,
    "ImageType": [
      "ORIGINAL",
      "PRIMARY",
      "M",
      "ND",
      "NORM",
      "MOSAIC"
    ],
    "InstitutionAddress": "McClintock_3520A_Los_Angeles_CA_US_90089",
    "InstitutionName": "USC",
    "MagneticFieldStrength": 3,
    "Manufacturer": "Siemens",
    "ManufacturersModelName": "Prisma_fit",
    "PhaseEncodingDirection": "j-",
    "PhaseEncodingLines": 64,
    "ProcedureStepDescription": "Mara_Steve",
    "ProtocolName": "learning5",
    "RepetitionTime": 2,
    "ScanningSequence": "EP",
    "SequenceName": "_epfid2d1_64",
    "SequenceVariant": "SK_OSP",
    "SeriesDescription": "learning5",
    "SliceTiming": [
      0.99,
      0,
      1.0425,
      0.0525,
      1.0925,
      0.1025,
      1.145,
      0.155,
      1.1975,
      0.2075,
      1.25,
      0.26,
      1.3025,
      0.3125,
      1.355,
      0.365,
      1.405,
      0.415,
      1.4575,
      0.4675,
      1.51,
      0.52,
      1.5625,
      0.5725,
      1.615,
      0.625,
      1.6675,
      0.6775,
      1.7175,
      0.7275,
      1.77,
      0.78,
      1.8225,
      0.8325,
      1.875,
      0.885,
      1.9275,
      0.9375
    ],
    "SoftwareVersions": "syngo_MR_D13D",
    "TaskName": "learning",
    "TotalReadoutTime": 0.0299118,
    "TrueEchoSpacing": 0.000712186,
    "dataset": "ds003425",
    "modality": "bold",
    "run_id": 5,
    "session_id": "01",
    "subject_id": "11",
    "task_id": "learning"
  },
  "dummy_trs": 0,
  "dvars_nstd": 20.944532047822577,
  "dvars_std": 1.1084978270967742,
  "dvars_vstd": 0.9719879088709681,
  "efc": 0.5841482091649285,
  "fber": 2726.9453125,
  "fd_mean": 0.11256088214896975,
  "fd_num": 10,
  "fd_perc": 8.0,
  "fwhm_avg": 1.6070344444444444,
  "fwhm_x": 1.4657933333333333,
  "fwhm_y": 1.7440966666666666,
  "fwhm_z": 1.6112133333333334,
  "gcor": 0.0153342,
  "gsr_x": 0.0027082362212240696,
  "gsr_y": 0.0531398169696331,
  "provenance": {
    "md5sum": "5faf46eb474e05523d09082b163b25ee",
    "settings": {
      "fd_thres": 0.2,
      "testing": false
    },
    "software": "mriqc",
    "version": "23.0.1",
    "webapi_port": null,
    "webapi_url": "https://mriqc.nimh.nih.gov/api/v1"
  },
  "size_t": 125,
  "size_x": 64,
  "size_y": 64,
  "size_z": 38,
  "snr": 8.314282211865772,
  "spacing_tr": 2.0,
  "spacing_x": 3.0,
  "spacing_y": 3.0,
  "spacing_z": 3.0,
  "summary_bg_k": 13.467189171396452,
  "summary_bg_mad": 6.416702856974375,
  "summary_bg_mean": 24.551137924194336,
  "summary_bg_median": 7.848000526428223,
  "summary_bg_n": 82856.0,
  "summary_bg_p05": 2.888000249862671,
  "summary_bg_p95": 104.60400581359863,
  "summary_bg_stdv": 40.00734329223633,
  "summary_fg_k": 1.969917243198127,
  "summary_fg_mad": 50.432184034002994,
  "summary_fg_mean": 419.8031005859375,
  "summary_fg_median": 418.968017578125,
  "summary_fg_n": 38489.0,
  "summary_fg_p05": 344.6512084960938,
  "summary_fg_p95": 498.2336242675781,
  "summary_fg_stdv": 50.390708923339844,
  "tsnr": 65.91502500791103
}