{
  "aor": 0.005313298969072165,
  "aqi": 0.018762920309278352,
  "bids_meta": {
    "AccelFactPE": 2,
    "AcquisitionNumber": 1,
    "AcquisitionTime": "10:59:55.870000",
    "BandwidthPerPixelPhaseEncode": 43.879,
    "BodyPartExamined": "BRAIN",
    "ConversionSoftware": "dcm2niix",
    "ConversionSoftwareVersion": "v1.0.20170724 GCC4.4.7",
    "DeviceSerialNumber": "67025",
    "EchoTime": 0.025,
    "EchoTrainLength": 43,
    "EffectiveEchoSpacing": 0.000356093,
    "FlipAngle": 90,
    "ImageType": [
      "ORIGINAL",
      "PRIMARY",
      "M",
      "ND",
      "NORM",
      "MOSAIC"
    ],
    "InstitutionAddress": "McClintock_3520A_Los_Angeles_CA_US_90089",
    "InstitutionName": "USC",
    "MagneticFieldStrength": 3,
    "Manufacturer": "Siemens",
    "ManufacturersModelName": "Prisma_fit",
    "PhaseEncodingDirection": "j-",
    "PhaseEncodingLines": 64,
    "ProcedureStepDescription": "Mara_Steve",
    "ProtocolName": "training5",
    "RepetitionTime": 2,
    "ScanningSequence": "EP",
    "SequenceName": "_epfid2d1_64",
    "SequenceVariant": "SK_OSP",
    "SeriesDescription": "training5",
    "SliceTiming": [
      0.99,
      0,
      1.0425,
      0.0525,
      1.095,
      0.105,
      1.1475,
      0.1575,
      1.2,
      0.21,
      1.25,
      0.26,
      1.3025,
      0.3125,
      1.355,
      0.365,
      1.4075,
      0.4175,
      1.46,
      0.47,
      1.5125,
      0.5225,
      1.5625,
      0.5725,
      1.615,
      0.625,
      1.6675,
      0.6775,
      1.72,
      0.73,
      1.7725,
      0.7825,
      1.825,
      0.835,
      1.875,
      0.8875,
      1.9275,
      0.9375
    ],
    "SoftwareVersions": "syngo_MR_D13D",
    "TaskName": "training",
    "TotalReadoutTime": 0.0299118,
    "TrueEchoSpacing": 0.000712186,
    "dataset": "ds003425",
    "modality": "bold",
    "run_id": 5,
    "session_id": "01",
    "subject_id": "11",
    "task_id": "training"
  },
  "dummy_trs": 1,
  "dvars_nstd": 19.836174875208332,
  "dvars_std": 1.0212667238541668,
  "dvars_vstd": 0.9581610758333327,
  "efc": 0.5843785990959052,
  "fber": 2723.16357421875,
  "fd_mean": 0.15414369655781882,
  "fd_num": 16,
  "fd_perc": 16.49484536082474,
  "fwhm_avg": 1.6232355555555555,
  "fwhm_x": 1.4990666666666668,
  "fwhm_y": 1.80323,
  "fwhm_z": 1.56741,
  "gcor": 0.0184782,
  "gsr_x": 0.0018737611826509237,
  "gsr_y": 0.052654851227998734,
  "provenance": {
    "md5sum": "ce362ab6ecf3d3af08c0796e28e6daad",
    "settings": {
      "fd_thres": 0.2,
      "testing": false
    },
    "software": "mriqc",
    "version": "23.0.1",
    "webapi_port": null,
    "webapi_url": "https://mriqc.nimh.nih.gov/api/v1"
  },
  "size_t": 97,
  "size_x": 64,
  "size_y": 64,
  "size_z": 38,
  "snr": 8.242896089609149,
  "spacing_tr": 2.0,
  "spacing_x": 3.0,
  "spacing_y": 3.0,
  "spacing_z": 3.0,
  "summary_bg_k": 13.708646534761566,
  "summary_bg_mad": 6.648782922553218,
  "summary_bg_mean": 24.386295318603516,
  "summary_bg_median": 7.886597633361816,
  "summary_bg_n": 82613.0,
  "summary_bg_p05": 2.701030731201172,
  "summary_bg_p95": 103.69484252929682,
  "summary_bg_stdv": 39.758426666259766,
  "summary_fg_k": 1.4578257801682684,
  "summary_fg_mad": 51.49368704451203,
  "summary_fg_mean": 419.6083679199219,
  "summary_fg_median": 418.1546325683594,
  "summary_fg_n": 38648.0,
  "summary_fg_p05": 343.0035995483398,
  "summary_fg_p95": 498.94482574462893,
  "summary_fg_stdv": 50.72843551635742,
  "tsnr": 57.91408056207001
}