{
  "aor": 0.012195439999999998,
  "aqi": 0.018183875280000004,
  "bids_meta": {
    "AccelFactPE": 2,
    "AcquisitionNumber": 1,
    "AcquisitionTime": "11:44:40.120000",
    "BandwidthPerPixelPhaseEncode": 43.879,
    "BodyPartExamined": "BRAIN",
    "ConversionSoftware": "dcm2niix",
    "ConversionSoftwareVersion": "v1.0.20170724 GCC4.4.7",
    "DeviceSerialNumber": "67025",
    "EchoTime": 0.025,
    "EchoTrainLength": 43,
    "EffectiveEchoSpacing": 0.000356093,
    "FlipAngle": 90,
    "ImageType": [
      "ORIGINAL",
      "PRIMARY",
      "M",
      "ND",
      "NORM",
      "MOSAIC"
    ],
    "InstitutionAddress": "McClintock_3520A_Los_Angeles_CA_US_90089",
    "InstitutionName": "USC",
    "MagneticFieldStrength": 3,
    "Manufacturer": "Siemens",
    "ManufacturersModelName": "Prisma_fit",
    "PhaseEncodingDirection": "j-",
    "PhaseEncodingLines": 64,
    "ProcedureStepDescription": "Mara_Steve",
    "ProtocolName": "learning6",
    "RepetitionTime": 2,
    "ScanningSequence": "EP",
    "SequenceName": "_epfid2d1_64",
    "SequenceVariant": "SK_OSP",
    "SeriesDescription": "learning6",
    "SliceTiming": [
      0.9875,
      0,
      1.04,
      0.05,
      1.0925,
      0.1025,
      1.145,
      0.155,
      1.1975,
      0.2075,
      1.25,
      0.26,
      1.3025,
      0.3125,
      1.3525,
      0.3625,
      1.405,
      0.415,
      1.4575,
      0.4675,
      1.51,
      0.52,
      1.5625,
      0.5725,
      1.615,
      0.625,
      1.665,
      0.675,
      1.7175,
      0.7275,
      1.77,
      0.78,
      1.8225,
      0.8325,
      1.875,
      0.885,
      1.9275,
      0.9375
    ],
    "SoftwareVersions": "syngo_MR_D13D",
    "TaskName": "learning",
    "TotalReadoutTime": 0.0299118,
    "TrueEchoSpacing": 0.000712186,
    "dataset": "ds003425",
    "modality": "bold",
    "run_id": 6,
    "session_id": "01",
    "subject_id": "11",
    "task_id": "learning"
  },
  "dummy_trs": 0,
  "dvars_nstd": 24.977099850080638,
  "dvars_std": 1.1648020389516134,
  "dvars_vstd": 1.0255379908064517,
  "efc": 0.5843335666897156,
  "fber": 2742.04638671875,
  "fd_mean": 0.18787531741102262,
  "fd_num": 30,
  "fd_perc": 24.0,
  "fwhm_avg": 1.5994144444444445,
  "fwhm_x": 1.4807933333333334,
  "fwhm_y": 1.7716399999999999,
  "fwhm_z": 1.5458100000000001,
  "gcor": 0.0349569,
  "gsr_x": 0.002145675476640463,
  "gsr_y": 0.05379358306527138,
  "provenance": {
    "md5sum": "f1480ccd8dd9255c1ef4ea166e96d7a9",
    "settings": {
      "fd_thres": 0.2,
      "testing": false
    },
    "software": "mriqc",
    "version": "23.0.1",
    "webapi_port": null,
    "webapi_url": "https://mriqc.nimh.nih.gov/api/v1"
  },
  "size_t": 125,
  "size_x": 64,
  "size_y": 64,
  "size_z": 38,
  "snr": 8.287042190932675,
  "spacing_tr": 2.0,
  "spacing_x": 3.0,
  "spacing_y": 3.0,
  "spacing_z": 3.0,
  "summary_bg_k": 13.368316247890444,
  "summary_bg_mad": 6.452285559068369,
  "summary_bg_mean": 24.724916458129883,
  "summary_bg_median": 7.848000526428223,
  "summary_bg_n": 82839.0,
  "summary_bg_p05": 2.81600022315979,
  "summary_bg_p95": 104.33760604858385,
  "summary_bg_stdv": 40.18452453613281,
  "summary_fg_k": 1.8312212755742916,
  "summary_fg_mad": 50.32545006691758,
  "summary_fg_mean": 420.20220947265625,
  "summary_fg_median": 418.94403076171875,
  "summary_fg_n": 38471.0,
  "summary_fg_p05": 344.4320068359375,
  "summary_fg_p95": 499.54002380371094,
  "summary_fg_stdv": 50.55345153808594,
  "tsnr": 53.14809674397111
}