{
  "aor": 0.010718367346938776,
  "aqi": 0.017975041224489795,
  "bids_meta": {
    "AccelFactPE": 2,
    "AcquisitionNumber": 1,
    "AcquisitionTime": "10:52:16.050000",
    "BandwidthPerPixelPhaseEncode": 43.879,
    "BodyPartExamined": "BRAIN",
    "ConversionSoftware": "dcm2niix",
    "ConversionSoftwareVersion": "v1.0.20170724 GCC4.4.7",
    "DeviceSerialNumber": "67025",
    "EchoTime": 0.025,
    "EchoTrainLength": 43,
    "EffectiveEchoSpacing": 0.000356093,
    "FlipAngle": 90,
    "ImageType": [
      "ORIGINAL",
      "PRIMARY",
      "M",
      "ND",
      "NORM",
      "MOSAIC"
    ],
    "InstitutionAddress": "McClintock_3520A_Los_Angeles_CA_US_90089",
    "InstitutionName": "USC",
    "MagneticFieldStrength": 3,
    "Manufacturer": "Siemens",
    "ManufacturersModelName": "Prisma_fit",
    "PhaseEncodingDirection": "j-",
    "PhaseEncodingLines": 64,
    "ProcedureStepDescription": "Mara_Steve",
    "ProtocolName": "training3",
    "RepetitionTime": 2,
    "ScanningSequence": "EP",
    "SequenceName": "_epfid2d1_64",
    "SequenceVariant": "SK_OSP",
    "SeriesDescription": "training3",
    "SliceTiming": [
      0.99,
      0,
      1.0425,
      0.0525,
      1.095,
      0.105,
      1.1475,
      0.1575,
      1.2,
      0.21,
      1.2525,
      0.2625,
      1.3025,
      0.315,
      1.355,
      0.365,
      1.4075,
      0.4175,
      1.46,
      0.47,
      1.5125,
      0.5225,
      1.565,
      0.575,
      1.6175,
      0.6275,
      1.6675,
      0.6775,
      1.72,
      0.73,
      1.7725,
      0.7825,
      1.825,
      0.835,
      1.8775,
      0.8875,
      1.93,
      0.94
    ],
    "SoftwareVersions": "syngo_MR_D13D",
    "TaskName": "training",
    "TotalReadoutTime": 0.0299118,
    "TrueEchoSpacing": 0.000712186,
    "dataset": "ds003425",
    "modality": "bold",
    "run_id": 3,
    "session_id": "01",
    "subject_id": "11",
    "task_id": "training"
  },
  "dummy_trs": 0,
  "dvars_nstd": 19.53219090268041,
  "dvars_std": 1.1519563384536082,
  "dvars_vstd": 1.0335049106185572,
  "efc": 0.583977914203591,
  "fber": 2737.11865234375,
  "fd_mean": 0.12636367580358468,
  "fd_num": 14,
  "fd_perc": 14.285714285714286,
  "fwhm_avg": 1.6207799999999999,
  "fwhm_x": 1.5117833333333335,
  "fwhm_y": 1.8050166666666667,
  "fwhm_z": 1.54554,
  "gcor": 0.0221571,
  "gsr_x": 0.0023363344371318817,
  "gsr_y": 0.05165510252118111,
  "provenance": {
    "md5sum": "48e7403d9c85f1d1d069906378eef652",
    "settings": {
      "fd_thres": 0.2,
      "testing": false
    },
    "software": "mriqc",
    "version": "23.0.1",
    "webapi_port": null,
    "webapi_url": "https://mriqc.nimh.nih.gov/api/v1"
  },
  "size_t": 98,
  "size_x": 64,
  "size_y": 64,
  "size_z": 38,
  "snr": 8.186063969979205,
  "spacing_tr": 2.0,
  "spacing_x": 3.0,
  "spacing_y": 3.0,
  "spacing_z": 3.0,
  "summary_bg_k": 13.827167717126034,
  "summary_bg_mad": 6.656581042942786,
  "summary_bg_mean": 24.49061393737793,
  "summary_bg_median": 7.969387531280518,
  "summary_bg_n": 82617.0,
  "summary_bg_p05": 2.77551007270813,
  "summary_bg_p95": 103.77550506591797,
  "summary_bg_stdv": 39.969207763671875,
  "summary_fg_k": 1.6533634183733437,
  "summary_fg_mad": 51.31618922642128,
  "summary_fg_mean": 419.639404296875,
  "summary_fg_median": 418.2244873046875,
  "summary_fg_n": 38651.0,
  "summary_fg_p05": 342.87754821777344,
  "summary_fg_p95": 499.7958984375,
  "summary_fg_stdv": 51.08915328979492,
  "tsnr": 58.393950441270135
}