{
  "aor": 0.0031396800000000006,
  "aqi": 0.0077936418400000014,
  "bids_meta": {
    "AccelFactPE": 2,
    "AcquisitionNumber": 1,
    "AcquisitionTime": "15:32:40.295000",
    "BandwidthPerPixelPhaseEncode": 43.879,
    "BodyPartExamined": "BRAIN",
    "ConversionSoftware": "dcm2niix",
    "ConversionSoftwareVersion": "v1.0.20170724 GCC4.4.7",
    "DeviceSerialNumber": "67025",
    "EchoTime": 0.025,
    "EchoTrainLength": 43,
    "EffectiveEchoSpacing": 0.000356093,
    "FlipAngle": 90,
    "ImageType": [
      "ORIGINAL",
      "PRIMARY",
      "M",
      "ND",
      "NORM",
      "MOSAIC"
    ],
    "InstitutionAddress": "McClintock_3520A_Los_Angeles_CA_US_90089",
    "InstitutionName": "USC",
    "MagneticFieldStrength": 3,
    "Manufacturer": "Siemens",
    "ManufacturersModelName": "Prisma_fit",
    "PhaseEncodingDirection": "j-",
    "PhaseEncodingLines": 64,
    "ProcedureStepDescription": "Mara_Steve",
    "ProtocolName": "learning2",
    "RepetitionTime": 2,
    "ScanningSequence": "EP",
    "SequenceName": "_epfid2d1_64",
    "SequenceVariant": "SK_OSP",
    "SeriesDescription": "learning2",
    "SliceTiming": [
      0.99,
      0,
      1.04,
      0.0525,
      1.0925,
      0.1025,
      1.145,
      0.155,
      1.1975,
      0.2075,
      1.25,
      0.26,
      1.3025,
      0.3125,
      1.355,
      0.365,
      1.405,
      0.415,
      1.4575,
      0.4675,
      1.51,
      0.52,
      1.5625,
      0.5725,
      1.615,
      0.625,
      1.6675,
      0.6775,
      1.7175,
      0.7275,
      1.77,
      0.78,
      1.8225,
      0.8325,
      1.875,
      0.885,
      1.9275,
      0.9375
    ],
    "SoftwareVersions": "syngo_MR_D13D",
    "TaskName": "learning",
    "TotalReadoutTime": 0.0299118,
    "TrueEchoSpacing": 0.000712186,
    "dataset": "ds003425",
    "modality": "bold",
    "run_id": 2,
    "session_id": "01",
    "subject_id": "13",
    "task_id": "learning"
  },
  "dummy_trs": 0,
  "dvars_nstd": 20.698417277983868,
  "dvars_std": 1.3169053058064513,
  "dvars_vstd": 1.0179161701612902,
  "efc": 0.586434975455788,
  "fber": 2610.7412109375,
  "fd_mean": 0.0624678200863703,
  "fd_num": 1,
  "fd_perc": 0.8,
  "fwhm_avg": 1.579781111111111,
  "fwhm_x": 1.4505133333333333,
  "fwhm_y": 1.6965000000000001,
  "fwhm_z": 1.5923299999999998,
  "gcor": 0.0123635,
  "gsr_x": 0.00017054051568266004,
  "gsr_y": 0.03999501094222069,
  "provenance": {
    "md5sum": "2bf2f2401299c3bf33f81e0b89095ceb",
    "settings": {
      "fd_thres": 0.2,
      "testing": false
    },
    "software": "mriqc",
    "version": "23.0.1",
    "webapi_port": null,
    "webapi_url": "https://mriqc.nimh.nih.gov/api/v1"
  },
  "size_t": 125,
  "size_x": 64,
  "size_y": 64,
  "size_z": 38,
  "snr": 8.3519361615087,
  "spacing_tr": 2.0,
  "spacing_x": 3.0,
  "spacing_y": 3.0,
  "spacing_z": 3.0,
  "summary_bg_k": 15.577771406841162,
  "summary_bg_mad": 6.037156273344562,
  "summary_bg_mean": 22.89657974243164,
  "summary_bg_median": 7.504000186920166,
  "summary_bg_n": 82179.0,
  "summary_bg_p05": 2.872000217437744,
  "summary_bg_p95": 94.37920684814425,
  "summary_bg_stdv": 38.413543701171875,
  "summary_fg_k": 1.7579510063212709,
  "summary_fg_mad": 47.19419490536062,
  "summary_fg_mean": 394.6163330078125,
  "summary_fg_median": 393.5840148925781,
  "summary_fg_n": 38764.0,
  "summary_fg_p05": 325.6972137451172,
  "summary_fg_p95": 469.4788116455078,
  "summary_fg_stdv": 47.12427520751953,
  "tsnr": 84.95644680282567
}