{
  "aor": 0.002385102040816327,
  "aqi": 0.008324821836734693,
  "bids_meta": {
    "AccelFactPE": 2,
    "AcquisitionNumber": 1,
    "AcquisitionTime": "15:12:31.492500",
    "BandwidthPerPixelPhaseEncode": 43.879,
    "BodyPartExamined": "BRAIN",
    "ConversionSoftware": "dcm2niix",
    "ConversionSoftwareVersion": "v1.0.20170724 GCC4.4.7",
    "DeviceSerialNumber": "67025",
    "EchoTime": 0.025,
    "EchoTrainLength": 43,
    "EffectiveEchoSpacing": 0.000356093,
    "FlipAngle": 90,
    "ImageType": [
      "ORIGINAL",
      "PRIMARY",
      "M",
      "ND",
      "NORM",
      "MOSAIC"
    ],
    "InstitutionAddress": "McClintock_3520A_Los_Angeles_CA_US_90089",
    "InstitutionName": "USC",
    "MagneticFieldStrength": 3,
    "Manufacturer": "Siemens",
    "ManufacturersModelName": "Prisma_fit",
    "PhaseEncodingDirection": "j-",
    "PhaseEncodingLines": 64,
    "ProcedureStepDescription": "Mara_Steve",
    "ProtocolName": "training6",
    "RepetitionTime": 2,
    "ScanningSequence": "EP",
    "SequenceName": "_epfid2d1_64",
    "SequenceVariant": "SK_OSP",
    "SeriesDescription": "training6",
    "SliceTiming": [
      0.99,
      0,
      1.0425,
      0.0525,
      1.095,
      0.105,
      1.1475,
      0.1575,
      1.1975,
      0.2075,
      1.25,
      0.26,
      1.3025,
      0.3125,
      1.355,
      0.365,
      1.4075,
      0.4175,
      1.46,
      0.47,
      1.51,
      0.52,
      1.5625,
      0.5725,
      1.615,
      0.625,
      1.6675,
      0.6775,
      1.72,
      0.73,
      1.7725,
      0.7825,
      1.8225,
      0.8325,
      1.875,
      0.885,
      1.9275,
      0.9375
    ],
    "SoftwareVersions": "syngo_MR_D13D",
    "TaskName": "training",
    "TotalReadoutTime": 0.0299118,
    "TrueEchoSpacing": 0.000712186,
    "dataset": "ds003425",
    "modality": "bold",
    "run_id": 6,
    "session_id": "01",
    "subject_id": "13",
    "task_id": "training"
  },
  "dummy_trs": 0,
  "dvars_nstd": 20.527394323917534,
  "dvars_std": 1.3161795381443304,
  "dvars_vstd": 1.0198435297938142,
  "efc": 0.5856354690810712,
  "fber": 2577.8759765625,
  "fd_mean": 0.06503887059911789,
  "fd_num": 0,
  "fd_perc": 0.0,
  "fwhm_avg": 1.5904844444444446,
  "fwhm_x": 1.4447566666666667,
  "fwhm_y": 1.7045466666666667,
  "fwhm_z": 1.6221500000000002,
  "gcor": 0.0135427,
  "gsr_x": 0.0004597501829266548,
  "gsr_y": 0.04123666137456894,
  "provenance": {
    "md5sum": "85194ff9ad05d50353dceaba6016876e",
    "settings": {
      "fd_thres": 0.2,
      "testing": false
    },
    "software": "mriqc",
    "version": "23.0.1",
    "webapi_port": null,
    "webapi_url": "https://mriqc.nimh.nih.gov/api/v1"
  },
  "size_t": 98,
  "size_x": 64,
  "size_y": 64,
  "size_z": 38,
  "snr": 8.348632160449995,
  "spacing_tr": 2.0,
  "spacing_x": 3.0,
  "spacing_y": 3.0,
  "spacing_z": 3.0,
  "summary_bg_k": 15.732351374823835,
  "summary_bg_mad": 6.293495311962512,
  "summary_bg_mean": 22.656597137451172,
  "summary_bg_median": 7.540816307067871,
  "summary_bg_n": 82251.0,
  "summary_bg_p05": 2.7448978424072266,
  "summary_bg_p95": 93.06632614135742,
  "summary_bg_stdv": 38.187530517578125,
  "summary_fg_k": 1.7984760343449206,
  "summary_fg_mad": 47.33735144281642,
  "summary_fg_mean": 395.04486083984375,
  "summary_fg_median": 394.1224365234375,
  "summary_fg_n": 38787.0,
  "summary_fg_p05": 325.8459136962891,
  "summary_fg_p95": 469.53774414062497,
  "summary_fg_stdv": 47.20741653442383,
  "tsnr": 82.95668660942465
}