{
  "aor": 0.0017524705882352941,
  "aqi": 0.009197103529411763,
  "bids_meta": {
    "AccelFactPE": 2,
    "AcquisitionNumber": 1,
    "AcquisitionTime": "15:17:0.895000",
    "BandwidthPerPixelPhaseEncode": 43.879,
    "BodyPartExamined": "BRAIN",
    "ConversionSoftware": "dcm2niix",
    "ConversionSoftwareVersion": "v1.0.20170724 GCC4.4.7",
    "DeviceSerialNumber": "67025",
    "EchoTime": 0.025,
    "EchoTrainLength": 43,
    "EffectiveEchoSpacing": 0.000356093,
    "FlipAngle": 90,
    "ImageType": [
      "ORIGINAL",
      "PRIMARY",
      "M",
      "ND",
      "NORM",
      "MOSAIC"
    ],
    "InstitutionAddress": "McClintock_3520A_Los_Angeles_CA_US_90089",
    "InstitutionName": "USC",
    "MagneticFieldStrength": 3,
    "Manufacturer": "Siemens",
    "ManufacturersModelName": "Prisma_fit",
    "PhaseEncodingDirection": "j-",
    "PhaseEncodingLines": 64,
    "ProcedureStepDescription": "Mara_Steve",
    "ProtocolName": "prelearning1",
    "RepetitionTime": 2,
    "ScanningSequence": "EP",
    "SequenceName": "_epfid2d1_64",
    "SequenceVariant": "SK_OSP",
    "SeriesDescription": "prelearning1",
    "SliceTiming": [
      0.99,
      0,
      1.0425,
      0.0525,
      1.0925,
      0.1025,
      1.145,
      0.155,
      1.1975,
      0.2075,
      1.25,
      0.26,
      1.3025,
      0.3125,
      1.355,
      0.365,
      1.405,
      0.4175,
      1.4575,
      0.4675,
      1.51,
      0.52,
      1.5625,
      0.5725,
      1.615,
      0.625,
      1.6675,
      0.6775,
      1.72,
      0.73,
      1.77,
      0.78,
      1.8225,
      0.8325,
      1.875,
      0.885,
      1.9275,
      0.9375
    ],
    "SoftwareVersions": "syngo_MR_D13D",
    "TaskName": "prelearning",
    "TotalReadoutTime": 0.0299118,
    "TrueEchoSpacing": 0.000712186,
    "dataset": "ds003425",
    "modality": "bold",
    "run_id": 1,
    "session_id": "01",
    "subject_id": "13",
    "task_id": "prelearning"
  },
  "dummy_trs": 0,
  "dvars_nstd": 21.14548535583333,
  "dvars_std": 1.304322236190477,
  "dvars_vstd": 0.9946033469047619,
  "efc": 0.5861066012203093,
  "fber": 2594.76513671875,
  "fd_mean": 0.04672357081719582,
  "fd_num": 0,
  "fd_perc": 0.0,
  "fwhm_avg": 1.5919077777777775,
  "fwhm_x": 1.4528066666666666,
  "fwhm_y": 1.7053333333333331,
  "fwhm_z": 1.6175833333333334,
  "gcor": 0.0143008,
  "gsr_x": -0.0005216370336711407,
  "gsr_y": 0.040766049176454544,
  "provenance": {
    "md5sum": "5e5fa076bbbb6e134df7b4232e419b50",
    "settings": {
      "fd_thres": 0.2,
      "testing": false
    },
    "software": "mriqc",
    "version": "23.0.1",
    "webapi_port": null,
    "webapi_url": "https://mriqc.nimh.nih.gov/api/v1"
  },
  "size_t": 85,
  "size_x": 64,
  "size_y": 64,
  "size_z": 38,
  "snr": 8.330064101145528,
  "spacing_tr": 2.0,
  "spacing_x": 3.0,
  "spacing_y": 3.0,
  "spacing_z": 3.0,
  "summary_bg_k": 15.819709548683498,
  "summary_bg_mad": 5.930408874022408,
  "summary_bg_mean": 22.531091690063477,
  "summary_bg_median": 7.470588207244873,
  "summary_bg_n": 82113.0,
  "summary_bg_p05": 2.9058823585510254,
  "summary_bg_p95": 92.828237915039,
  "summary_bg_stdv": 37.950618743896484,
  "summary_fg_k": 1.9550294231264074,
  "summary_fg_mad": 47.042125018385605,
  "summary_fg_mean": 394.9121398925781,
  "summary_fg_median": 394.14117431640625,
  "summary_fg_n": 38941.0,
  "summary_fg_p05": 326.188232421875,
  "summary_fg_p95": 469.9647216796875,
  "summary_fg_stdv": 47.31489562988281,
  "tsnr": 84.13089608924929
}