{
  "aor": 0.00149792,
  "aqi": 0.007536498719999999,
  "bids_meta": {
    "AccelFactPE": 2,
    "AcquisitionNumber": 1,
    "AcquisitionTime": "15:51:24.432500",
    "BandwidthPerPixelPhaseEncode": 43.879,
    "BodyPartExamined": "BRAIN",
    "ConversionSoftware": "dcm2niix",
    "ConversionSoftwareVersion": "v1.0.20170724 GCC4.4.7",
    "DeviceSerialNumber": "67025",
    "EchoTime": 0.025,
    "EchoTrainLength": 43,
    "EffectiveEchoSpacing": 0.000356093,
    "FlipAngle": 90,
    "ImageType": [
      "ORIGINAL",
      "PRIMARY",
      "M",
      "ND",
      "NORM",
      "MOSAIC"
    ],
    "InstitutionAddress": "McClintock_3520A_Los_Angeles_CA_US_90089",
    "InstitutionName": "USC",
    "MagneticFieldStrength": 3,
    "Manufacturer": "Siemens",
    "ManufacturersModelName": "Prisma_fit",
    "PhaseEncodingDirection": "j-",
    "PhaseEncodingLines": 64,
    "ProcedureStepDescription": "Mara_Steve",
    "ProtocolName": "learning6",
    "RepetitionTime": 2,
    "ScanningSequence": "EP",
    "SequenceName": "_epfid2d1_64",
    "SequenceVariant": "SK_OSP",
    "SeriesDescription": "learning6",
    "SliceTiming": [
      0.99,
      0,
      1.04,
      0.05,
      1.0925,
      0.1025,
      1.145,
      0.155,
      1.1975,
      0.2075,
      1.25,
      0.26,
      1.3025,
      0.3125,
      1.3525,
      0.3625,
      1.405,
      0.415,
      1.4575,
      0.4675,
      1.51,
      0.52,
      1.5625,
      0.5725,
      1.615,
      0.625,
      1.665,
      0.6775,
      1.7175,
      0.7275,
      1.77,
      0.78,
      1.8225,
      0.8325,
      1.875,
      0.885,
      1.9275,
      0.9375
    ],
    "SoftwareVersions": "syngo_MR_D13D",
    "TaskName": "learning",
    "TotalReadoutTime": 0.0299118,
    "TrueEchoSpacing": 0.000712186,
    "dataset": "ds003425",
    "modality": "bold",
    "run_id": 6,
    "session_id": "01",
    "subject_id": "13",
    "task_id": "learning"
  },
  "dummy_trs": 0,
  "dvars_nstd": 21.014846478629014,
  "dvars_std": 1.3143623693548376,
  "dvars_vstd": 1.0019366467741935,
  "efc": 0.5881465174593092,
  "fber": 2503.572998046875,
  "fd_mean": 0.05905392886398495,
  "fd_num": 3,
  "fd_perc": 2.4,
  "fwhm_avg": 1.5913522222222223,
  "fwhm_x": 1.45257,
  "fwhm_y": 1.7074033333333334,
  "fwhm_z": 1.6140833333333333,
  "gcor": 0.00938118,
  "gsr_x": -0.0007242847932502627,
  "gsr_y": 0.04059327021241188,
  "provenance": {
    "md5sum": "92748f4aeb5ea1d5011e4cef2fc044a9",
    "settings": {
      "fd_thres": 0.2,
      "testing": false
    },
    "software": "mriqc",
    "version": "23.0.1",
    "webapi_port": null,
    "webapi_url": "https://mriqc.nimh.nih.gov/api/v1"
  },
  "size_t": 125,
  "size_x": 64,
  "size_y": 64,
  "size_z": 38,
  "snr": 8.343129905526059,
  "spacing_tr": 2.0,
  "spacing_x": 3.0,
  "spacing_y": 3.0,
  "spacing_z": 3.0,
  "summary_bg_k": 15.281198624970003,
  "summary_bg_mad": 6.191347039805431,
  "summary_bg_mean": 23.14785385131836,
  "summary_bg_median": 7.648000240325928,
  "summary_bg_n": 81996.0,
  "summary_bg_p05": 2.9120001792907715,
  "summary_bg_p95": 95.552001953125,
  "summary_bg_stdv": 38.65776824951172,
  "summary_fg_k": 1.803946320140617,
  "summary_fg_mad": 47.378027083515775,
  "summary_fg_mean": 395.37701416015625,
  "summary_fg_median": 394.23602294921875,
  "summary_fg_n": 38976.0,
  "summary_fg_p05": 326.072021484375,
  "summary_fg_p95": 470.15401458740234,
  "summary_fg_stdv": 47.252166748046875,
  "tsnr": 85.82585673127323
}