{
  "aor": 0.0014048,
  "aqi": 0.008030879920000001,
  "bids_meta": {
    "AccelFactPE": 2,
    "AcquisitionNumber": 1,
    "AcquisitionTime": "15:27:43.257500",
    "BandwidthPerPixelPhaseEncode": 43.879,
    "BodyPartExamined": "BRAIN",
    "ConversionSoftware": "dcm2niix",
    "ConversionSoftwareVersion": "v1.0.20170724 GCC4.4.7",
    "DeviceSerialNumber": "67025",
    "EchoTime": 0.025,
    "EchoTrainLength": 43,
    "EffectiveEchoSpacing": 0.000356093,
    "FlipAngle": 90,
    "ImageType": [
      "ORIGINAL",
      "PRIMARY",
      "M",
      "ND",
      "NORM",
      "MOSAIC"
    ],
    "InstitutionAddress": "McClintock_3520A_Los_Angeles_CA_US_90089",
    "InstitutionName": "USC",
    "MagneticFieldStrength": 3,
    "Manufacturer": "Siemens",
    "ManufacturersModelName": "Prisma_fit",
    "PhaseEncodingDirection": "j-",
    "PhaseEncodingLines": 64,
    "ProcedureStepDescription": "Mara_Steve",
    "ProtocolName": "learning1",
    "RepetitionTime": 2,
    "ScanningSequence": "EP",
    "SequenceName": "_epfid2d1_64",
    "SequenceVariant": "SK_OSP",
    "SeriesDescription": "learning1",
    "SliceTiming": [
      0.99,
      0,
      1.0425,
      0.0525,
      1.0925,
      0.1025,
      1.145,
      0.155,
      1.1975,
      0.2075,
      1.25,
      0.26,
      1.3025,
      0.3125,
      1.355,
      0.365,
      1.405,
      0.415,
      1.4575,
      0.4675,
      1.51,
      0.52,
      1.5625,
      0.5725,
      1.615,
      0.625,
      1.6675,
      0.6775,
      1.7175,
      0.7275,
      1.77,
      0.78,
      1.8225,
      0.8325,
      1.875,
      0.885,
      1.9275,
      0.9375
    ],
    "SoftwareVersions": "syngo_MR_D13D",
    "TaskName": "learning",
    "TotalReadoutTime": 0.0299118,
    "TrueEchoSpacing": 0.000712186,
    "dataset": "ds003425",
    "modality": "bold",
    "run_id": 1,
    "session_id": "01",
    "subject_id": "13",
    "task_id": "learning"
  },
  "dummy_trs": 0,
  "dvars_nstd": 21.837303422741943,
  "dvars_std": 1.332555401048387,
  "dvars_vstd": 1.0028480636290327,
  "efc": 0.5868718415572131,
  "fber": 2534.755126953125,
  "fd_mean": 0.06045527290948985,
  "fd_num": 0,
  "fd_perc": 0.0,
  "fwhm_avg": 1.5919488888888889,
  "fwhm_x": 1.45249,
  "fwhm_y": 1.7058733333333331,
  "fwhm_z": 1.6174833333333334,
  "gcor": 0.016125,
  "gsr_x": 0.00016922476061154157,
  "gsr_y": 0.04020760953426361,
  "provenance": {
    "md5sum": "fd4241ca942d2f0039b7400b528b8206",
    "settings": {
      "fd_thres": 0.2,
      "testing": false
    },
    "software": "mriqc",
    "version": "23.0.1",
    "webapi_port": null,
    "webapi_url": "https://mriqc.nimh.nih.gov/api/v1"
  },
  "size_t": 125,
  "size_x": 64,
  "size_y": 64,
  "size_z": 38,
  "snr": 8.324388284554166,
  "spacing_tr": 2.0,
  "spacing_x": 3.0,
  "spacing_y": 3.0,
  "spacing_z": 3.0,
  "summary_bg_k": 15.898354001969793,
  "summary_bg_mad": 6.132043007621993,
  "summary_bg_mean": 22.698068618774414,
  "summary_bg_median": 7.568000316619873,
  "summary_bg_n": 82059.0,
  "summary_bg_p05": 2.8560001850128174,
  "summary_bg_p95": 93.71200561523438,
  "summary_bg_stdv": 38.17362976074219,
  "summary_fg_k": 1.782357542903834,
  "summary_fg_mad": 47.65673892635008,
  "summary_fg_mean": 394.5393371582031,
  "summary_fg_median": 393.5680236816406,
  "summary_fg_n": 38929.0,
  "summary_fg_p05": 325.1376159667969,
  "summary_fg_p95": 469.3760070800781,
  "summary_fg_stdv": 47.27830505371094,
  "tsnr": 84.71657421346754
}