{
  "aor": 0.0013836800000000002,
  "aqi": 0.0097520692,
  "bids_meta": {
    "AccelFactPE": 2,
    "AcquisitionNumber": 1,
    "AcquisitionTime": "10:55:21.867500",
    "BandwidthPerPixelPhaseEncode": 43.879,
    "BodyPartExamined": "BRAIN",
    "ConversionSoftware": "dcm2niix",
    "ConversionSoftwareVersion": "v1.0.20170724 GCC4.4.7",
    "DeviceSerialNumber": "67025",
    "EchoTime": 0.025,
    "EchoTrainLength": 43,
    "EffectiveEchoSpacing": 0.000356093,
    "FlipAngle": 90,
    "ImageType": [
      "ORIGINAL",
      "PRIMARY",
      "M",
      "ND",
      "NORM",
      "MOSAIC"
    ],
    "InstitutionAddress": "McClintock_3520A_Los_Angeles_CA_US_90089",
    "InstitutionName": "USC",
    "MagneticFieldStrength": 3,
    "Manufacturer": "Siemens",
    "ManufacturersModelName": "Prisma_fit",
    "PhaseEncodingDirection": "i",
    "PhaseEncodingLines": 64,
    "ProcedureStepDescription": "Mara_Steve",
    "ProtocolName": "regulate2",
    "RepetitionTime": 2,
    "ScanningSequence": "EP",
    "SequenceName": "_epfid2d1_64",
    "SequenceVariant": "SK_OSP",
    "SeriesDescription": "regulate2",
    "SliceTiming": [
      0.99,
      0,
      1.04,
      0.05,
      1.0925,
      0.1025,
      1.145,
      0.155,
      1.1975,
      0.2075,
      1.25,
      0.26,
      1.3025,
      0.3125,
      1.3525,
      0.3625,
      1.405,
      0.415,
      1.4575,
      0.4675,
      1.51,
      0.52,
      1.5625,
      0.5725,
      1.615,
      0.625,
      1.665,
      0.675,
      1.7175,
      0.7275,
      1.77,
      0.78,
      1.8225,
      0.8325,
      1.875,
      0.885,
      1.9275,
      0.9375
    ],
    "SoftwareVersions": "syngo_MR_D13D",
    "TaskName": "regulate",
    "TotalReadoutTime": 0.0299118,
    "TrueEchoSpacing": 0.000712186,
    "dataset": "ds003425",
    "modality": "bold",
    "run_id": 2,
    "session_id": "02",
    "subject_id": "12",
    "task_id": "regulate"
  },
  "dummy_trs": 0,
  "dvars_nstd": 20.950186283709687,
  "dvars_std": 1.1966522766935481,
  "dvars_vstd": 0.9865469961290321,
  "efc": 0.6388129952770271,
  "fber": 1454.3072509765625,
  "fd_mean": 0.0759490468018046,
  "fd_num": 4,
  "fd_perc": 3.2,
  "fwhm_avg": 1.60185,
  "fwhm_x": 1.4854566666666666,
  "fwhm_y": 1.7258833333333332,
  "fwhm_z": 1.5942100000000001,
  "gcor": 0.0315076,
  "gsr_x": 0.0019393889233469963,
  "gsr_y": 0.042638055980205536,
  "provenance": {
    "md5sum": "46c8b7019be22691df6ad96784765a8b",
    "settings": {
      "fd_thres": 0.2,
      "testing": false
    },
    "software": "mriqc",
    "version": "23.0.1",
    "webapi_port": null,
    "webapi_url": "https://mriqc.nimh.nih.gov/api/v1"
  },
  "size_t": 125,
  "size_x": 64,
  "size_y": 64,
  "size_z": 38,
  "snr": 8.06973953215849,
  "spacing_tr": 2.0,
  "spacing_x": 3.0,
  "spacing_y": 3.0,
  "spacing_z": 3.0,
  "summary_bg_k": 7.18239726758126,
  "summary_bg_mad": 9.27516024814334,
  "summary_bg_mean": 35.020572662353516,
  "summary_bg_median": 10.42400074005127,
  "summary_bg_n": 75071.0,
  "summary_bg_p05": 3.312000274658203,
  "summary_bg_p95": 156.10000610351562,
  "summary_bg_stdv": 53.529300689697266,
  "summary_fg_k": 4.405313053966025,
  "summary_fg_mad": 45.56929581255081,
  "summary_fg_mean": 408.5072021484375,
  "summary_fg_median": 409.4480285644531,
  "summary_fg_n": 45035.0,
  "summary_fg_p05": 333.1872192382813,
  "summary_fg_p95": 484.42082214355463,
  "summary_fg_stdv": 50.738128662109375,
  "tsnr": 72.06648127315566
}