{
  "aor": 0.0013891199999999998,
  "aqi": 0.00770454216,
  "bids_meta": {
    "AccelFactPE": 2,
    "AcquisitionNumber": 1,
    "AcquisitionTime": "10:50:9.552500",
    "BandwidthPerPixelPhaseEncode": 43.879,
    "BodyPartExamined": "BRAIN",
    "ConversionSoftware": "dcm2niix",
    "ConversionSoftwareVersion": "v1.0.20170724 GCC4.4.7",
    "DeviceSerialNumber": "67025",
    "EchoTime": 0.025,
    "EchoTrainLength": 43,
    "EffectiveEchoSpacing": 0.000356093,
    "FlipAngle": 90,
    "ImageType": [
      "ORIGINAL",
      "PRIMARY",
      "M",
      "ND",
      "NORM",
      "MOSAIC"
    ],
    "InstitutionAddress": "McClintock_3520A_Los_Angeles_CA_US_90089",
    "InstitutionName": "USC",
    "MagneticFieldStrength": 3,
    "Manufacturer": "Siemens",
    "ManufacturersModelName": "Prisma_fit",
    "PhaseEncodingDirection": "i",
    "PhaseEncodingLines": 64,
    "ProcedureStepDescription": "Mara_Steve",
    "ProtocolName": "regulate1",
    "RepetitionTime": 2,
    "ScanningSequence": "EP",
    "SequenceName": "_epfid2d1_64",
    "SequenceVariant": "SK_OSP",
    "SeriesDescription": "regulate1",
    "SliceTiming": [
      0.99,
      0,
      1.0425,
      0.0525,
      1.095,
      0.105,
      1.145,
      0.155,
      1.1975,
      0.2075,
      1.25,
      0.26,
      1.3025,
      0.3125,
      1.355,
      0.365,
      1.4075,
      0.4175,
      1.4575,
      0.4675,
      1.51,
      0.52,
      1.5625,
      0.5725,
      1.615,
      0.625,
      1.6675,
      0.6775,
      1.72,
      0.73,
      1.77,
      0.7825,
      1.8225,
      0.8325,
      1.875,
      0.885,
      1.9275,
      0.9375
    ],
    "SoftwareVersions": "syngo_MR_D13D",
    "TaskName": "regulate",
    "TotalReadoutTime": 0.0299118,
    "TrueEchoSpacing": 0.000712186,
    "dataset": "ds003425",
    "modality": "bold",
    "run_id": 1,
    "session_id": "02",
    "subject_id": "12",
    "task_id": "regulate"
  },
  "dummy_trs": 0,
  "dvars_nstd": 20.460832042096776,
  "dvars_std": 1.2484912234677414,
  "dvars_vstd": 1.0012387898387096,
  "efc": 0.6395641565168232,
  "fber": 1466.5328369140625,
  "fd_mean": 0.05166817068695637,
  "fd_num": 1,
  "fd_perc": 0.8,
  "fwhm_avg": 1.5973533333333334,
  "fwhm_x": 1.4793133333333335,
  "fwhm_y": 1.7166266666666665,
  "fwhm_z": 1.59612,
  "gcor": 0.0218348,
  "gsr_x": 0.001089157653041184,
  "gsr_y": 0.0437476709485054,
  "provenance": {
    "md5sum": "d101bb2bce987dad538f492474f8906d",
    "settings": {
      "fd_thres": 0.2,
      "testing": false
    },
    "software": "mriqc",
    "version": "23.0.1",
    "webapi_port": null,
    "webapi_url": "https://mriqc.nimh.nih.gov/api/v1"
  },
  "size_t": 125,
  "size_x": 64,
  "size_y": 64,
  "size_z": 38,
  "snr": 8.127004922858955,
  "spacing_tr": 2.0,
  "spacing_x": 3.0,
  "spacing_y": 3.0,
  "spacing_z": 3.0,
  "summary_bg_k": 7.432376062269379,
  "summary_bg_mad": 9.393767605550385,
  "summary_bg_mean": 35.76237487792969,
  "summary_bg_median": 10.576000213623047,
  "summary_bg_n": 74891.0,
  "summary_bg_p05": 3.3360002040863037,
  "summary_bg_p95": 159.2360076904297,
  "summary_bg_stdv": 54.89408493041992,
  "summary_fg_k": 3.9661468842437984,
  "summary_fg_mad": 47.36024562990638,
  "summary_fg_mean": 414.8698425292969,
  "summary_fg_median": 415.3360290527344,
  "summary_fg_n": 45056.0,
  "summary_fg_p05": 340.82200622558594,
  "summary_fg_p95": 492.96202087402344,
  "summary_fg_stdv": 51.1051025390625,
  "tsnr": 81.32337745279074
}