{
  "aor": 0.008498079999999998,
  "aqi": 0.009898016639999998,
  "bids_meta": {
    "AccelFactPE": 2,
    "AcquisitionNumber": 1,
    "AcquisitionTime": "11:05:11.030000",
    "BandwidthPerPixelPhaseEncode": 43.879,
    "BodyPartExamined": "BRAIN",
    "ConversionSoftware": "dcm2niix",
    "ConversionSoftwareVersion": "v1.0.20170724 GCC4.4.7",
    "DeviceSerialNumber": "67025",
    "EchoTime": 0.025,
    "EchoTrainLength": 43,
    "EffectiveEchoSpacing": 0.000356093,
    "FlipAngle": 90,
    "ImageType": [
      "ORIGINAL",
      "PRIMARY",
      "M",
      "ND",
      "NORM",
      "MOSAIC"
    ],
    "InstitutionAddress": "McClintock_3520A_Los_Angeles_CA_US_90089",
    "InstitutionName": "USC",
    "MagneticFieldStrength": 3,
    "Manufacturer": "Siemens",
    "ManufacturersModelName": "Prisma_fit",
    "PhaseEncodingDirection": "i",
    "PhaseEncodingLines": 64,
    "ProcedureStepDescription": "Mara_Steve",
    "ProtocolName": "regulate4",
    "RepetitionTime": 2,
    "ScanningSequence": "EP",
    "SequenceName": "_epfid2d1_64",
    "SequenceVariant": "SK_OSP",
    "SeriesDescription": "regulate4",
    "SliceTiming": [
      0.99,
      0,
      1.0425,
      0.0525,
      1.095,
      0.105,
      1.1475,
      0.1575,
      1.1975,
      0.21,
      1.25,
      0.26,
      1.3025,
      0.3125,
      1.355,
      0.365,
      1.4075,
      0.4175,
      1.46,
      0.47,
      1.5125,
      0.5225,
      1.5625,
      0.5725,
      1.615,
      0.625,
      1.6675,
      0.6775,
      1.72,
      0.73,
      1.7725,
      0.7825,
      1.825,
      0.835,
      1.875,
      0.885,
      1.9275,
      0.9375
    ],
    "SoftwareVersions": "syngo_MR_D13D",
    "TaskName": "regulate",
    "TotalReadoutTime": 0.0299118,
    "TrueEchoSpacing": 0.000712186,
    "dataset": "ds003425",
    "modality": "bold",
    "run_id": 4,
    "session_id": "02",
    "subject_id": "12",
    "task_id": "regulate"
  },
  "dummy_trs": 0,
  "dvars_nstd": 20.454726127258052,
  "dvars_std": 1.2546244808870972,
  "dvars_vstd": 1.0630095270161295,
  "efc": 0.6385044974139356,
  "fber": 1457.3465576171875,
  "fd_mean": 0.08219439909213537,
  "fd_num": 2,
  "fd_perc": 1.6,
  "fwhm_avg": 1.5939544444444442,
  "fwhm_x": 1.4831166666666666,
  "fwhm_y": 1.7313666666666665,
  "fwhm_z": 1.56738,
  "gcor": 0.0466565,
  "gsr_x": 0.0016220285324379802,
  "gsr_y": 0.042170047760009766,
  "provenance": {
    "md5sum": "297345e72ac9f49d0d66934e84dfd4ae",
    "settings": {
      "fd_thres": 0.2,
      "testing": false
    },
    "software": "mriqc",
    "version": "23.0.1",
    "webapi_port": null,
    "webapi_url": "https://mriqc.nimh.nih.gov/api/v1"
  },
  "size_t": 125,
  "size_x": 64,
  "size_y": 64,
  "size_z": 38,
  "snr": 8.045725327573034,
  "spacing_tr": 2.0,
  "spacing_x": 3.0,
  "spacing_y": 3.0,
  "spacing_z": 3.0,
  "summary_bg_k": 7.015966941773403,
  "summary_bg_mad": 9.571679702100699,
  "summary_bg_mean": 34.71934127807617,
  "summary_bg_median": 10.472000122070312,
  "summary_bg_n": 75158.0,
  "summary_bg_p05": 3.120000123977661,
  "summary_bg_p95": 154.90081100463848,
  "summary_bg_stdv": 52.85789489746094,
  "summary_fg_k": 4.204167240029115,
  "summary_fg_mad": 45.53368765990299,
  "summary_fg_mean": 406.4298400878906,
  "summary_fg_median": 407.0880126953125,
  "summary_fg_n": 44989.0,
  "summary_fg_p05": 331.76640625,
  "summary_fg_p95": 482.2768310546875,
  "summary_fg_stdv": 50.59624481201172,
  "tsnr": 70.90939407760743
}