{
  "aor": 0.0018136800000000002,
  "aqi": 0.0070922776,
  "bids_meta": {
    "AccelFactPE": 2,
    "AcquisitionNumber": 1,
    "AcquisitionTime": "11:09:49.295000",
    "BandwidthPerPixelPhaseEncode": 43.879,
    "BodyPartExamined": "BRAIN",
    "ConversionSoftware": "dcm2niix",
    "ConversionSoftwareVersion": "v1.0.20170724 GCC4.4.7",
    "DeviceSerialNumber": "67025",
    "EchoTime": 0.025,
    "EchoTrainLength": 43,
    "EffectiveEchoSpacing": 0.000356093,
    "FlipAngle": 90,
    "ImageType": [
      "ORIGINAL",
      "PRIMARY",
      "M",
      "ND",
      "NORM",
      "MOSAIC"
    ],
    "InstitutionAddress": "McClintock_3520A_Los_Angeles_CA_US_90089",
    "InstitutionName": "USC",
    "MagneticFieldStrength": 3,
    "Manufacturer": "Siemens",
    "ManufacturersModelName": "Prisma_fit",
    "PhaseEncodingDirection": "i",
    "PhaseEncodingLines": 64,
    "ProcedureStepDescription": "Mara_Steve",
    "ProtocolName": "regulate5",
    "RepetitionTime": 2,
    "ScanningSequence": "EP",
    "SequenceName": "_epfid2d1_64",
    "SequenceVariant": "SK_OSP",
    "SeriesDescription": "regulate5",
    "SliceTiming": [
      0.99,
      0,
      1.0425,
      0.0525,
      1.0925,
      0.1025,
      1.145,
      0.155,
      1.1975,
      0.2075,
      1.25,
      0.26,
      1.3025,
      0.3125,
      1.355,
      0.365,
      1.405,
      0.415,
      1.4575,
      0.4675,
      1.51,
      0.52,
      1.5625,
      0.5725,
      1.615,
      0.625,
      1.6675,
      0.6775,
      1.7175,
      0.73,
      1.77,
      0.78,
      1.8225,
      0.8325,
      1.875,
      0.885,
      1.9275,
      0.9375
    ],
    "SoftwareVersions": "syngo_MR_D13D",
    "TaskName": "regulate",
    "TotalReadoutTime": 0.0299118,
    "TrueEchoSpacing": 0.000712186,
    "dataset": "ds003425",
    "modality": "bold",
    "run_id": 5,
    "session_id": "02",
    "subject_id": "12",
    "task_id": "regulate"
  },
  "dummy_trs": 0,
  "dvars_nstd": 20.98192033491937,
  "dvars_std": 1.2446018528225806,
  "dvars_vstd": 1.0215957175806454,
  "efc": 0.637795211135757,
  "fber": 1475.8062744140625,
  "fd_mean": 0.0791953210750429,
  "fd_num": 2,
  "fd_perc": 1.6,
  "fwhm_avg": 1.5776777777777777,
  "fwhm_x": 1.46887,
  "fwhm_y": 1.70608,
  "fwhm_z": 1.5580833333333333,
  "gcor": 0.0376228,
  "gsr_x": 0.0020666581112891436,
  "gsr_y": 0.04152822494506836,
  "provenance": {
    "md5sum": "e94217eca3a96cb9f6f10a2f18fd5f91",
    "settings": {
      "fd_thres": 0.2,
      "testing": false
    },
    "software": "mriqc",
    "version": "23.0.1",
    "webapi_port": null,
    "webapi_url": "https://mriqc.nimh.nih.gov/api/v1"
  },
  "size_t": 125,
  "size_x": 64,
  "size_y": 64,
  "size_z": 38,
  "snr": 8.057230117896097,
  "spacing_tr": 2.0,
  "spacing_x": 3.0,
  "spacing_y": 3.0,
  "spacing_z": 3.0,
  "summary_bg_k": 7.177786083893668,
  "summary_bg_mad": 9.061665449499031,
  "summary_bg_mean": 34.47856903076172,
  "summary_bg_median": 10.24000072479248,
  "summary_bg_n": 75243.0,
  "summary_bg_p05": 3.30400013923645,
  "summary_bg_p95": 154.71120605468747,
  "summary_bg_stdv": 52.89569854736328,
  "summary_fg_k": 4.4706135957164514,
  "summary_fg_mad": 45.521833357496725,
  "summary_fg_mean": 405.9168701171875,
  "summary_fg_median": 406.968017578125,
  "summary_fg_n": 44919.0,
  "summary_fg_p05": 331.8880310058594,
  "summary_fg_p95": 481.2008117675781,
  "summary_fg_stdv": 50.50910568237305,
  "tsnr": 81.36820536805317
}