{
  "aor": 0.009673119999999999,
  "aqi": 0.01085657424,
  "bids_meta": {
    "AccelFactPE": 2,
    "AcquisitionNumber": 1,
    "AcquisitionTime": "11:19:25.120000",
    "BandwidthPerPixelPhaseEncode": 43.879,
    "BodyPartExamined": "BRAIN",
    "ConversionSoftware": "dcm2niix",
    "ConversionSoftwareVersion": "v1.0.20170724 GCC4.4.7",
    "DeviceSerialNumber": "67025",
    "EchoTime": 0.025,
    "EchoTrainLength": 43,
    "EffectiveEchoSpacing": 0.000356093,
    "FlipAngle": 90,
    "ImageType": [
      "ORIGINAL",
      "PRIMARY",
      "M",
      "ND",
      "NORM",
      "MOSAIC"
    ],
    "InstitutionAddress": "McClintock_3520A_Los_Angeles_CA_US_90089",
    "InstitutionName": "USC",
    "MagneticFieldStrength": 3,
    "Manufacturer": "Siemens",
    "ManufacturersModelName": "Prisma_fit",
    "PhaseEncodingDirection": "i",
    "PhaseEncodingLines": 64,
    "ProcedureStepDescription": "Mara_Steve",
    "ProtocolName": "regulate7",
    "RepetitionTime": 2,
    "ScanningSequence": "EP",
    "SequenceName": "_epfid2d1_64",
    "SequenceVariant": "SK_OSP",
    "SeriesDescription": "regulate7",
    "SliceTiming": [
      0.99,
      0,
      1.0425,
      0.0525,
      1.0925,
      0.1025,
      1.145,
      0.155,
      1.1975,
      0.2075,
      1.25,
      0.26,
      1.3025,
      0.3125,
      1.355,
      0.365,
      1.405,
      0.415,
      1.4575,
      0.4675,
      1.51,
      0.52,
      1.5625,
      0.5725,
      1.615,
      0.625,
      1.6675,
      0.6775,
      1.7175,
      0.73,
      1.77,
      0.78,
      1.8225,
      0.8325,
      1.875,
      0.885,
      1.9275,
      0.9375
    ],
    "SoftwareVersions": "syngo_MR_D13D",
    "TaskName": "regulate",
    "TotalReadoutTime": 0.0299118,
    "TrueEchoSpacing": 0.000712186,
    "dataset": "ds003425",
    "modality": "bold",
    "run_id": 7,
    "session_id": "02",
    "subject_id": "12",
    "task_id": "regulate"
  },
  "dummy_trs": 0,
  "dvars_nstd": 21.775775340322575,
  "dvars_std": 1.2902696005645162,
  "dvars_vstd": 1.1017147438709671,
  "efc": 0.6378642608252476,
  "fber": 1491.2156982421875,
  "fd_mean": 0.10768439447518037,
  "fd_num": 9,
  "fd_perc": 7.2,
  "fwhm_avg": 1.5813366666666668,
  "fwhm_x": 1.4717866666666666,
  "fwhm_y": 1.7113433333333334,
  "fwhm_z": 1.56088,
  "gcor": 0.0662168,
  "gsr_x": 0.002523824106901884,
  "gsr_y": 0.04196687415242195,
  "provenance": {
    "md5sum": "e0fd4e49d7a1df2548a1e5dbf7ddea48",
    "settings": {
      "fd_thres": 0.2,
      "testing": false
    },
    "software": "mriqc",
    "version": "23.0.1",
    "webapi_port": null,
    "webapi_url": "https://mriqc.nimh.nih.gov/api/v1"
  },
  "size_t": 125,
  "size_x": 64,
  "size_y": 64,
  "size_z": 38,
  "snr": 8.112363250805501,
  "spacing_tr": 2.0,
  "spacing_x": 3.0,
  "spacing_y": 3.0,
  "spacing_z": 3.0,
  "summary_bg_k": 7.106551279355189,
  "summary_bg_mad": 9.002361417315594,
  "summary_bg_mean": 34.575862884521484,
  "summary_bg_median": 10.2160005569458,
  "summary_bg_n": 75189.0,
  "summary_bg_p05": 3.320000171661377,
  "summary_bg_p95": 153.89601135253906,
  "summary_bg_stdv": 52.896690368652344,
  "summary_fg_k": 4.5247323619604245,
  "summary_fg_mad": 45.106706546132315,
  "summary_fg_mean": 407.2690734863281,
  "summary_fg_median": 408.0160217285156,
  "summary_fg_n": 44924.0,
  "summary_fg_p05": 333.6996124267578,
  "summary_fg_p95": 482.1816223144531,
  "summary_fg_stdv": 50.295021057128906,
  "tsnr": 66.29521651240066
}