{
  "aor": 0.0029193877551020406,
  "aqi": 0.010414540612244899,
  "bids_meta": {
    "AccelFactPE": 2,
    "AcquisitionNumber": 1,
    "AcquisitionTime": "10:54:46.240000",
    "BandwidthPerPixelPhaseEncode": 43.879,
    "BodyPartExamined": "BRAIN",
    "ConversionSoftware": "dcm2niix",
    "ConversionSoftwareVersion": "v1.0.20170724 GCC4.4.7",
    "DeviceSerialNumber": "67025",
    "EchoTime": 0.025,
    "EchoTrainLength": 43,
    "EffectiveEchoSpacing": 0.000356093,
    "FlipAngle": 90,
    "ImageType": [
      "ORIGINAL",
      "PRIMARY",
      "M",
      "ND",
      "NORM",
      "MOSAIC"
    ],
    "InstitutionAddress": "McClintock_3520A_Los_Angeles_CA_US_90089",
    "InstitutionName": "USC",
    "MagneticFieldStrength": 3,
    "Manufacturer": "Siemens",
    "ManufacturersModelName": "Prisma_fit",
    "PhaseEncodingDirection": "j-",
    "PhaseEncodingLines": 64,
    "ProcedureStepDescription": "Mara_Steve",
    "ProtocolName": "training4",
    "RepetitionTime": 2,
    "ScanningSequence": "EP",
    "SequenceName": "_epfid2d1_64",
    "SequenceVariant": "SK_OSP",
    "SeriesDescription": "training4",
    "SliceTiming": [
      0.99,
      0,
      1.04,
      0.05,
      1.0925,
      0.1025,
      1.145,
      0.155,
      1.1975,
      0.2075,
      1.25,
      0.26,
      1.3025,
      0.3125,
      1.3525,
      0.3625,
      1.405,
      0.415,
      1.4575,
      0.4675,
      1.51,
      0.52,
      1.5625,
      0.5725,
      1.615,
      0.625,
      1.665,
      0.6775,
      1.7175,
      0.7275,
      1.77,
      0.78,
      1.8225,
      0.8325,
      1.875,
      0.885,
      1.9275,
      0.9375
    ],
    "SoftwareVersions": "syngo_MR_D13D",
    "TaskName": "training",
    "TotalReadoutTime": 0.0299118,
    "TrueEchoSpacing": 0.000712186,
    "dataset": "ds003425",
    "modality": "bold",
    "run_id": 4,
    "session_id": "01",
    "subject_id": "09",
    "task_id": "training"
  },
  "dummy_trs": 0,
  "dvars_nstd": 27.142740387422677,
  "dvars_std": 1.4597743408247426,
  "dvars_vstd": 1.0356946036082475,
  "efc": 0.6227759202052027,
  "fber": 1584.99853515625,
  "fd_mean": 0.13385134522718262,
  "fd_num": 15,
  "fd_perc": 15.306122448979592,
  "fwhm_avg": 1.5573666666666668,
  "fwhm_x": 1.4413833333333335,
  "fwhm_y": 1.6742,
  "fwhm_z": 1.5565166666666668,
  "gcor": 0.0477788,
  "gsr_x": 0.011485393159091473,
  "gsr_y": 0.0613519623875618,
  "provenance": {
    "md5sum": "6d46bbcbd5258ec8b519d2bc032d7bba",
    "settings": {
      "fd_thres": 0.2,
      "testing": false
    },
    "software": "mriqc",
    "version": "23.0.1",
    "webapi_port": null,
    "webapi_url": "https://mriqc.nimh.nih.gov/api/v1"
  },
  "size_t": 98,
  "size_x": 64,
  "size_y": 64,
  "size_z": 38,
  "snr": 7.965475423744503,
  "spacing_tr": 2.0,
  "spacing_x": 3.0,
  "spacing_y": 3.0,
  "spacing_z": 3.0,
  "summary_bg_k": 13.840590614170452,
  "summary_bg_mad": 9.440242437723896,
  "summary_bg_mean": 36.724910736083984,
  "summary_bg_median": 10.530611991882324,
  "summary_bg_n": 78173.0,
  "summary_bg_p05": 3.4387755393981934,
  "summary_bg_p95": 156.97550659179603,
  "summary_bg_stdv": 61.55897521972656,
  "summary_fg_k": 3.976889231313132,
  "summary_fg_mad": 49.80334043860809,
  "summary_fg_mean": 442.0521240234375,
  "summary_fg_median": 439.596923828125,
  "summary_fg_n": 42548.0,
  "summary_fg_p05": 366.2586639404297,
  "summary_fg_p95": 529.5336761474609,
  "summary_fg_stdv": 55.1871337890625,
  "tsnr": 72.67818305897526
}