{
  "aor": 0.00640896,
  "aqi": 0.01872686928,
  "bids_meta": {
    "AccelFactPE": 2,
    "AcquisitionNumber": 1,
    "AcquisitionTime": "11:42:34.212500",
    "BandwidthPerPixelPhaseEncode": 43.879,
    "BodyPartExamined": "BRAIN",
    "ConversionSoftware": "dcm2niix",
    "ConversionSoftwareVersion": "v1.0.20170724 GCC4.4.7",
    "DeviceSerialNumber": "67025",
    "EchoTime": 0.025,
    "EchoTrainLength": 43,
    "EffectiveEchoSpacing": 0.000356093,
    "FlipAngle": 90,
    "ImageType": [
      "ORIGINAL",
      "PRIMARY",
      "M",
      "ND",
      "NORM",
      "MOSAIC"
    ],
    "InstitutionAddress": "McClintock_3520A_Los_Angeles_CA_US_90089",
    "InstitutionName": "USC",
    "MagneticFieldStrength": 3,
    "Manufacturer": "Siemens",
    "ManufacturersModelName": "Prisma_fit",
    "PhaseEncodingDirection": "j-",
    "PhaseEncodingLines": 64,
    "ProcedureStepDescription": "Mara_Steve",
    "ProtocolName": "learning6",
    "RepetitionTime": 2,
    "ScanningSequence": "EP",
    "SequenceName": "_epfid2d1_64",
    "SequenceVariant": "SK_OSP",
    "SeriesDescription": "learning6",
    "SliceTiming": [
      0.99,
      0,
      1.0425,
      0.0525,
      1.095,
      0.105,
      1.145,
      0.155,
      1.1975,
      0.2075,
      1.25,
      0.26,
      1.3025,
      0.3125,
      1.355,
      0.365,
      1.4075,
      0.4175,
      1.4575,
      0.4675,
      1.51,
      0.52,
      1.5625,
      0.5725,
      1.615,
      0.625,
      1.6675,
      0.6775,
      1.72,
      0.73,
      1.77,
      0.78,
      1.8225,
      0.8325,
      1.875,
      0.885,
      1.9275,
      0.9375
    ],
    "SoftwareVersions": "syngo_MR_D13D",
    "TaskName": "learning",
    "TotalReadoutTime": 0.0299118,
    "TrueEchoSpacing": 0.000712186,
    "dataset": "ds003425",
    "modality": "bold",
    "run_id": 6,
    "session_id": "01",
    "subject_id": "09",
    "task_id": "learning"
  },
  "dummy_trs": 0,
  "dvars_nstd": 32.59488665677419,
  "dvars_std": 1.3244638423387098,
  "dvars_vstd": 1.0082952557258062,
  "efc": 0.6216986622309306,
  "fber": 1671.7625732421875,
  "fd_mean": 0.2532567633155262,
  "fd_num": 62,
  "fd_perc": 49.6,
  "fwhm_avg": 1.5612899999999998,
  "fwhm_x": 1.4443766666666666,
  "fwhm_y": 1.68394,
  "fwhm_z": 1.5555533333333333,
  "gcor": 0.0350348,
  "gsr_x": 0.013807353563606739,
  "gsr_y": 0.05809297040104866,
  "provenance": {
    "md5sum": "3030bcf7a33e5eefb5d01e21c11f2228",
    "settings": {
      "fd_thres": 0.2,
      "testing": false
    },
    "software": "mriqc",
    "version": "23.0.1",
    "webapi_port": null,
    "webapi_url": "https://mriqc.nimh.nih.gov/api/v1"
  },
  "size_t": 125,
  "size_x": 64,
  "size_y": 64,
  "size_z": 38,
  "snr": 8.090463949701503,
  "spacing_tr": 2.0,
  "spacing_x": 3.0,
  "spacing_y": 3.0,
  "spacing_z": 3.0,
  "summary_bg_k": 13.782582774462472,
  "summary_bg_mad": 9.156551476816635,
  "summary_bg_mean": 36.150020599365234,
  "summary_bg_median": 10.35200023651123,
  "summary_bg_n": 78380.0,
  "summary_bg_p05": 3.3440001010894775,
  "summary_bg_p95": 153.6808082580567,
  "summary_bg_stdv": 60.70281219482422,
  "summary_fg_k": 3.808622263687691,
  "summary_fg_mad": 49.55451320164912,
  "summary_fg_mean": 443.1300048828125,
  "summary_fg_median": 440.83203125,
  "summary_fg_n": 42407.0,
  "summary_fg_p05": 367.72722778320315,
  "summary_fg_p95": 529.0936096191406,
  "summary_fg_stdv": 54.487213134765625,
  "tsnr": 54.72213093889877
}