{
  "aor": 0.004955058823529411,
  "aqi": 0.013774395882352939,
  "bids_meta": {
    "AccelFactPE": 2,
    "AcquisitionNumber": 1,
    "AcquisitionTime": "11:11:20.902500",
    "BandwidthPerPixelPhaseEncode": 43.879,
    "BodyPartExamined": "BRAIN",
    "ConversionSoftware": "dcm2niix",
    "ConversionSoftwareVersion": "v1.0.20170724 GCC4.4.7",
    "DeviceSerialNumber": "67025",
    "EchoTime": 0.025,
    "EchoTrainLength": 43,
    "EffectiveEchoSpacing": 0.000356093,
    "FlipAngle": 90,
    "ImageType": [
      "ORIGINAL",
      "PRIMARY",
      "M",
      "ND",
      "NORM",
      "MOSAIC"
    ],
    "InstitutionAddress": "McClintock_3520A_Los_Angeles_CA_US_90089",
    "InstitutionName": "USC",
    "MagneticFieldStrength": 3,
    "Manufacturer": "Siemens",
    "ManufacturersModelName": "Prisma_fit",
    "PhaseEncodingDirection": "j-",
    "PhaseEncodingLines": 64,
    "ProcedureStepDescription": "Mara_Steve",
    "ProtocolName": "prelearning2",
    "RepetitionTime": 2,
    "ScanningSequence": "EP",
    "SequenceName": "_epfid2d1_64",
    "SequenceVariant": "SK_OSP",
    "SeriesDescription": "prelearning2",
    "SliceTiming": [
      0.99,
      0,
      1.0425,
      0.0525,
      1.095,
      0.105,
      1.1475,
      0.1575,
      1.2,
      0.21,
      1.25,
      0.26,
      1.3025,
      0.3125,
      1.355,
      0.365,
      1.4075,
      0.4175,
      1.46,
      0.47,
      1.5125,
      0.5225,
      1.5625,
      0.5725,
      1.615,
      0.625,
      1.6675,
      0.6775,
      1.72,
      0.73,
      1.7725,
      0.7825,
      1.825,
      0.835,
      1.875,
      0.8875,
      1.9275,
      0.9375
    ],
    "SoftwareVersions": "syngo_MR_D13D",
    "TaskName": "prelearning",
    "TotalReadoutTime": 0.0299118,
    "TrueEchoSpacing": 0.000712186,
    "dataset": "ds003425",
    "modality": "bold",
    "run_id": 2,
    "session_id": "01",
    "subject_id": "09",
    "task_id": "prelearning"
  },
  "dummy_trs": 0,
  "dvars_nstd": 31.943833782857133,
  "dvars_std": 1.4123185241666667,
  "dvars_vstd": 1.0330788089285718,
  "efc": 0.6210325449490304,
  "fber": 1686.927001953125,
  "fd_mean": 0.22201447586611875,
  "fd_num": 31,
  "fd_perc": 36.470588235294116,
  "fwhm_avg": 1.5522422222222223,
  "fwhm_x": 1.43333,
  "fwhm_y": 1.6685999999999999,
  "fwhm_z": 1.5547966666666666,
  "gcor": 0.0830535,
  "gsr_x": 0.013639193959534168,
  "gsr_y": 0.06015951558947563,
  "provenance": {
    "md5sum": "21c49f95c5210aa9d2c43be482c50e50",
    "settings": {
      "fd_thres": 0.2,
      "testing": false
    },
    "software": "mriqc",
    "version": "23.0.1",
    "webapi_port": null,
    "webapi_url": "https://mriqc.nimh.nih.gov/api/v1"
  },
  "size_t": 85,
  "size_x": 64,
  "size_y": 64,
  "size_z": 38,
  "snr": 8.147133152964363,
  "spacing_tr": 2.0,
  "spacing_x": 3.0,
  "spacing_y": 3.0,
  "spacing_z": 3.0,
  "summary_bg_k": 13.790980586516419,
  "summary_bg_mad": 9.070037267789525,
  "summary_bg_mean": 36.163551330566406,
  "summary_bg_median": 10.247058868408203,
  "summary_bg_n": 78493.0,
  "summary_bg_p05": 3.4000000953674316,
  "summary_bg_p95": 154.77882690429666,
  "summary_bg_stdv": 60.70198059082031,
  "summary_fg_k": 3.6479210130459787,
  "summary_fg_mad": 49.17877253625667,
  "summary_fg_mean": 441.58441162109375,
  "summary_fg_median": 439.32354736328125,
  "summary_fg_n": 42354.0,
  "summary_fg_p05": 367.0076568603516,
  "summary_fg_p95": 526.5335418701171,
  "summary_fg_stdv": 53.92306137084961,
  "tsnr": 61.449427055194974
}