{
  "aor": 0.00566984,
  "aqi": 0.013839080800000004,
  "bids_meta": {
    "AccelFactPE": 2,
    "AcquisitionNumber": 1,
    "AcquisitionTime": "11:33:8.352500",
    "BandwidthPerPixelPhaseEncode": 43.879,
    "BodyPartExamined": "BRAIN",
    "ConversionSoftware": "dcm2niix",
    "ConversionSoftwareVersion": "v1.0.20170724 GCC4.4.7",
    "DeviceSerialNumber": "67025",
    "EchoTime": 0.025,
    "EchoTrainLength": 43,
    "EffectiveEchoSpacing": 0.000356093,
    "FlipAngle": 90,
    "ImageType": [
      "ORIGINAL",
      "PRIMARY",
      "M",
      "ND",
      "NORM",
      "MOSAIC"
    ],
    "InstitutionAddress": "McClintock_3520A_Los_Angeles_CA_US_90089",
    "InstitutionName": "USC",
    "MagneticFieldStrength": 3,
    "Manufacturer": "Siemens",
    "ManufacturersModelName": "Prisma_fit",
    "PhaseEncodingDirection": "j-",
    "PhaseEncodingLines": 64,
    "ProcedureStepDescription": "Mara_Steve",
    "ProtocolName": "learning4",
    "RepetitionTime": 2,
    "ScanningSequence": "EP",
    "SequenceName": "_epfid2d1_64",
    "SequenceVariant": "SK_OSP",
    "SeriesDescription": "learning4",
    "SliceTiming": [
      0.99,
      0,
      1.0425,
      0.0525,
      1.095,
      0.105,
      1.1475,
      0.1575,
      1.2,
      0.21,
      1.2525,
      0.2625,
      1.3025,
      0.3125,
      1.355,
      0.365,
      1.4075,
      0.4175,
      1.46,
      0.47,
      1.5125,
      0.5225,
      1.565,
      0.575,
      1.615,
      0.625,
      1.6675,
      0.6775,
      1.72,
      0.73,
      1.7725,
      0.7825,
      1.825,
      0.835,
      1.8775,
      0.8875,
      1.9275,
      0.9375
    ],
    "SoftwareVersions": "syngo_MR_D13D",
    "TaskName": "learning",
    "TotalReadoutTime": 0.0299118,
    "TrueEchoSpacing": 0.000712186,
    "dataset": "ds003425",
    "modality": "bold",
    "run_id": 4,
    "session_id": "01",
    "subject_id": "09",
    "task_id": "learning"
  },
  "dummy_trs": 0,
  "dvars_nstd": 32.52180787016127,
  "dvars_std": 1.4504784702419353,
  "dvars_vstd": 1.0436636620967745,
  "efc": 0.6227642738932572,
  "fber": 1655.4537353515625,
  "fd_mean": 0.22240313607077747,
  "fd_num": 50,
  "fd_perc": 40.0,
  "fwhm_avg": 1.5692255555555557,
  "fwhm_x": 1.44838,
  "fwhm_y": 1.6918199999999999,
  "fwhm_z": 1.5674766666666666,
  "gcor": 0.0357697,
  "gsr_x": 0.012028065510094166,
  "gsr_y": 0.05781230330467224,
  "provenance": {
    "md5sum": "dfd90b18eee7ee383dd8ec635327c259",
    "settings": {
      "fd_thres": 0.2,
      "testing": false
    },
    "software": "mriqc",
    "version": "23.0.1",
    "webapi_port": null,
    "webapi_url": "https://mriqc.nimh.nih.gov/api/v1"
  },
  "size_t": 125,
  "size_x": 64,
  "size_y": 64,
  "size_z": 38,
  "snr": 8.032500305893056,
  "spacing_tr": 2.0,
  "spacing_x": 3.0,
  "spacing_y": 3.0,
  "spacing_z": 3.0,
  "summary_bg_k": 13.860541045693967,
  "summary_bg_mad": 9.393767605550385,
  "summary_bg_mean": 36.417728424072266,
  "summary_bg_median": 10.416000366210938,
  "summary_bg_n": 78059.0,
  "summary_bg_p05": 3.30400013923645,
  "summary_bg_p95": 153.80801391601562,
  "summary_bg_stdv": 60.94703674316406,
  "summary_fg_k": 4.116435866027521,
  "summary_fg_mad": 49.15124069269098,
  "summary_fg_mean": 443.0323791503906,
  "summary_fg_median": 440.5040283203125,
  "summary_fg_n": 42579.0,
  "summary_fg_p05": 367.8080139160156,
  "summary_fg_p95": 529.1127990722656,
  "summary_fg_stdv": 54.839569091796875,
  "tsnr": 62.626807431224734
}