{
  "aor": 0.011629519999999999,
  "aqi": 0.020755892880000005,
  "bids_meta": {
    "AccelFactPE": 2,
    "AcquisitionNumber": 1,
    "AcquisitionTime": "11:18:50.480000",
    "BandwidthPerPixelPhaseEncode": 43.879,
    "BodyPartExamined": "BRAIN",
    "ConversionSoftware": "dcm2niix",
    "ConversionSoftwareVersion": "v1.0.20170724 GCC4.4.7",
    "DeviceSerialNumber": "67025",
    "EchoTime": 0.025,
    "EchoTrainLength": 43,
    "EffectiveEchoSpacing": 0.000356093,
    "FlipAngle": 90,
    "ImageType": [
      "ORIGINAL",
      "PRIMARY",
      "M",
      "ND",
      "NORM",
      "MOSAIC"
    ],
    "InstitutionAddress": "McClintock_3520A_Los_Angeles_CA_US_90089",
    "InstitutionName": "USC",
    "MagneticFieldStrength": 3,
    "Manufacturer": "Siemens",
    "ManufacturersModelName": "Prisma_fit",
    "PhaseEncodingDirection": "j-",
    "PhaseEncodingLines": 64,
    "ProcedureStepDescription": "Mara_Steve",
    "ProtocolName": "learning1",
    "RepetitionTime": 2,
    "ScanningSequence": "EP",
    "SequenceName": "_epfid2d1_64",
    "SequenceVariant": "SK_OSP",
    "SeriesDescription": "learning1",
    "SliceTiming": [
      0.99,
      0,
      1.0425,
      0.0525,
      1.0925,
      0.1025,
      1.145,
      0.155,
      1.1975,
      0.2075,
      1.25,
      0.26,
      1.3025,
      0.3125,
      1.355,
      0.365,
      1.405,
      0.415,
      1.4575,
      0.4675,
      1.51,
      0.52,
      1.5625,
      0.5725,
      1.615,
      0.625,
      1.6675,
      0.6775,
      1.7175,
      0.7275,
      1.77,
      0.78,
      1.8225,
      0.8325,
      1.875,
      0.885,
      1.9275,
      0.9375
    ],
    "SoftwareVersions": "syngo_MR_D13D",
    "TaskName": "learning",
    "TotalReadoutTime": 0.0299118,
    "TrueEchoSpacing": 0.000712186,
    "dataset": "ds003425",
    "modality": "bold",
    "run_id": 1,
    "session_id": "01",
    "subject_id": "09",
    "task_id": "learning"
  },
  "dummy_trs": 0,
  "dvars_nstd": 34.193661689758066,
  "dvars_std": 1.4201984197580644,
  "dvars_vstd": 1.0706979439516127,
  "efc": 0.6214829207723122,
  "fber": 1675.05615234375,
  "fd_mean": 0.31047161421943803,
  "fd_num": 68,
  "fd_perc": 54.4,
  "fwhm_avg": 1.5672955555555557,
  "fwhm_x": 1.4429166666666668,
  "fwhm_y": 1.6935433333333334,
  "fwhm_z": 1.5654266666666665,
  "gcor": 0.0319585,
  "gsr_x": 0.012776621617376804,
  "gsr_y": 0.06114746630191803,
  "provenance": {
    "md5sum": "7d01a3e946086be129651de0777bfa83",
    "settings": {
      "fd_thres": 0.2,
      "testing": false
    },
    "software": "mriqc",
    "version": "23.0.1",
    "webapi_port": null,
    "webapi_url": "https://mriqc.nimh.nih.gov/api/v1"
  },
  "size_t": 125,
  "size_x": 64,
  "size_y": 64,
  "size_z": 38,
  "snr": 8.110116701391691,
  "spacing_tr": 2.0,
  "spacing_x": 3.0,
  "spacing_y": 3.0,
  "spacing_z": 3.0,
  "summary_bg_k": 14.244651694476836,
  "summary_bg_mad": 9.19213417891063,
  "summary_bg_mean": 36.2288818359375,
  "summary_bg_median": 10.336000442504883,
  "summary_bg_n": 78348.0,
  "summary_bg_p05": 3.384000062942505,
  "summary_bg_p95": 152.41840896606436,
  "summary_bg_stdv": 60.68260955810547,
  "summary_fg_k": 4.00897989999371,
  "summary_fg_mad": 48.89031030346607,
  "summary_fg_mean": 441.2032470703125,
  "summary_fg_median": 438.97601318359375,
  "summary_fg_n": 42369.0,
  "summary_fg_p05": 366.2720031738281,
  "summary_fg_p95": 525.4128173828125,
  "summary_fg_stdv": 54.12632751464844,
  "tsnr": 52.583747523254715
}