{
  "aor": 0.0020960204081632654,
  "aqi": 0.008218054693877552,
  "bids_meta": {
    "AccelFactPE": 2,
    "AcquisitionNumber": 1,
    "AcquisitionTime": "10:47:8.142500",
    "BandwidthPerPixelPhaseEncode": 43.879,
    "BodyPartExamined": "BRAIN",
    "ConversionSoftware": "dcm2niix",
    "ConversionSoftwareVersion": "v1.0.20170724 GCC4.4.7",
    "DeviceSerialNumber": "67025",
    "EchoTime": 0.025,
    "EchoTrainLength": 43,
    "EffectiveEchoSpacing": 0.000356093,
    "FlipAngle": 90,
    "ImageType": [
      "ORIGINAL",
      "PRIMARY",
      "M",
      "ND",
      "NORM",
      "MOSAIC"
    ],
    "InstitutionAddress": "McClintock_3520A_Los_Angeles_CA_US_90089",
    "InstitutionName": "USC",
    "MagneticFieldStrength": 3,
    "Manufacturer": "Siemens",
    "ManufacturersModelName": "Prisma_fit",
    "PhaseEncodingDirection": "j-",
    "PhaseEncodingLines": 64,
    "ProcedureStepDescription": "Mara_Steve",
    "ProtocolName": "training2",
    "RepetitionTime": 2,
    "ScanningSequence": "EP",
    "SequenceName": "_epfid2d1_64",
    "SequenceVariant": "SK_OSP",
    "SeriesDescription": "training2",
    "SliceTiming": [
      0.99,
      0,
      1.0425,
      0.0525,
      1.095,
      0.105,
      1.1475,
      0.1575,
      1.2,
      0.21,
      1.25,
      0.2625,
      1.3025,
      0.3125,
      1.355,
      0.365,
      1.4075,
      0.4175,
      1.46,
      0.47,
      1.5125,
      0.5225,
      1.565,
      0.575,
      1.615,
      0.625,
      1.6675,
      0.6775,
      1.72,
      0.73,
      1.7725,
      0.7825,
      1.825,
      0.835,
      1.8775,
      0.8875,
      1.9275,
      0.9375
    ],
    "SoftwareVersions": "syngo_MR_D13D",
    "TaskName": "training",
    "TotalReadoutTime": 0.0299118,
    "TrueEchoSpacing": 0.000712186,
    "dataset": "ds003425",
    "modality": "bold",
    "run_id": 2,
    "session_id": "01",
    "subject_id": "09",
    "task_id": "training"
  },
  "dummy_trs": 0,
  "dvars_nstd": 27.077029690309292,
  "dvars_std": 1.4811009727835052,
  "dvars_vstd": 1.0340460144329902,
  "efc": 0.62225085270131,
  "fber": 1631.2371826171875,
  "fd_mean": 0.136093514033736,
  "fd_num": 10,
  "fd_perc": 10.204081632653061,
  "fwhm_avg": 1.5509688888888888,
  "fwhm_x": 1.4395566666666666,
  "fwhm_y": 1.67248,
  "fwhm_z": 1.54087,
  "gcor": 0.0400289,
  "gsr_x": 0.011902882717549801,
  "gsr_y": 0.05968337878584862,
  "provenance": {
    "md5sum": "13abbd4d7112a82cb6e8719e80553f41",
    "settings": {
      "fd_thres": 0.2,
      "testing": false
    },
    "software": "mriqc",
    "version": "23.0.1",
    "webapi_port": null,
    "webapi_url": "https://mriqc.nimh.nih.gov/api/v1"
  },
  "size_t": 98,
  "size_x": 64,
  "size_y": 64,
  "size_z": 38,
  "snr": 7.95220245744926,
  "spacing_tr": 2.0,
  "spacing_x": 3.0,
  "spacing_y": 3.0,
  "spacing_z": 3.0,
  "summary_bg_k": 14.345487595586444,
  "summary_bg_mad": 9.334342683236255,
  "summary_bg_mean": 36.67892837524414,
  "summary_bg_median": 10.418367385864258,
  "summary_bg_n": 78093.0,
  "summary_bg_p05": 3.36734676361084,
  "summary_bg_p95": 156.6326446533203,
  "summary_bg_stdv": 62.24709701538086,
  "summary_fg_k": 4.014366116713414,
  "summary_fg_mad": 49.87896817323432,
  "summary_fg_mean": 443.8988952636719,
  "summary_fg_median": 441.4183654785156,
  "summary_fg_n": 42606.0,
  "summary_fg_p05": 367.7372360229492,
  "summary_fg_p95": 532.1096954345703,
  "summary_fg_stdv": 55.50829315185547,
  "tsnr": 81.63904268236365
}