{
  "aor": 0.001524435483870968,
  "aqi": 0.007246080967741935,
  "bids_meta": {
    "AccelFactPE": 2,
    "AcquisitionNumber": 1,
    "AcquisitionTime": "11:11:44.605000",
    "BandwidthPerPixelPhaseEncode": 43.879,
    "BodyPartExamined": "BRAIN",
    "ConversionSoftware": "dcm2niix",
    "ConversionSoftwareVersion": "v1.0.20170724 GCC4.4.7",
    "DeviceSerialNumber": "67025",
    "EchoTime": 0.025,
    "EchoTrainLength": 43,
    "EffectiveEchoSpacing": 0.000356093,
    "FlipAngle": 90,
    "ImageType": [
      "ORIGINAL",
      "PRIMARY",
      "M",
      "ND",
      "NORM",
      "MOSAIC"
    ],
    "InstitutionAddress": "McClintock_3520A_Los_Angeles_CA_US_90089",
    "InstitutionName": "USC",
    "MagneticFieldStrength": 3,
    "Manufacturer": "Siemens",
    "ManufacturersModelName": "Prisma_fit",
    "PhaseEncodingDirection": "j-",
    "PhaseEncodingLines": 64,
    "ProcedureStepDescription": "Mara_Steve",
    "ProtocolName": "regulate5",
    "RepetitionTime": 2,
    "ScanningSequence": "EP",
    "SequenceName": "_epfid2d1_64",
    "SequenceVariant": "SK_OSP",
    "SeriesDescription": "regulate5",
    "SliceTiming": [
      0.99,
      0,
      1.0425,
      0.0525,
      1.0925,
      0.105,
      1.145,
      0.155,
      1.1975,
      0.2075,
      1.25,
      0.26,
      1.3025,
      0.3125,
      1.355,
      0.365,
      1.4075,
      0.4175,
      1.4575,
      0.4675,
      1.51,
      0.52,
      1.5625,
      0.5725,
      1.615,
      0.625,
      1.6675,
      0.6775,
      1.72,
      0.73,
      1.77,
      0.78,
      1.8225,
      0.8325,
      1.875,
      0.885,
      1.9275,
      0.9375
    ],
    "SoftwareVersions": "syngo_MR_D13D",
    "TaskName": "regulate",
    "TotalReadoutTime": 0.0299118,
    "TrueEchoSpacing": 0.000712186,
    "dataset": "ds003425",
    "modality": "bold",
    "run_id": 5,
    "session_id": "02",
    "subject_id": "02",
    "task_id": "regulate"
  },
  "dummy_trs": 1,
  "dvars_nstd": 18.478509460569107,
  "dvars_std": 1.0639953598373983,
  "dvars_vstd": 0.9903122705691059,
  "efc": 0.6003862219388538,
  "fber": 1328.8045654296875,
  "fd_mean": 0.12150180908768272,
  "fd_num": 10,
  "fd_perc": 8.064516129032258,
  "fwhm_avg": 1.6396255555555557,
  "fwhm_x": 1.4860766666666667,
  "fwhm_y": 1.77534,
  "fwhm_z": 1.6574600000000002,
  "gcor": 0.0192554,
  "gsr_x": 0.009987940080463886,
  "gsr_y": 0.04000095650553703,
  "provenance": {
    "md5sum": "d27633a7883277bf24ad3de571a11566",
    "settings": {
      "fd_thres": 0.2,
      "testing": false
    },
    "software": "mriqc",
    "version": "23.0.1",
    "webapi_port": null,
    "webapi_url": "https://mriqc.nimh.nih.gov/api/v1"
  },
  "size_t": 124,
  "size_x": 64,
  "size_y": 64,
  "size_z": 38,
  "snr": 7.386888453939917,
  "spacing_tr": 2.0,
  "spacing_x": 3.0,
  "spacing_y": 3.0,
  "spacing_z": 3.0,
  "summary_bg_k": 12.585841901606567,
  "summary_bg_mad": 9.559196912406794,
  "summary_bg_mean": 29.573078155517578,
  "summary_bg_median": 9.947580337524414,
  "summary_bg_n": 82938.0,
  "summary_bg_p05": 2.8858869671821625,
  "summary_bg_p95": 125.39072151184068,
  "summary_bg_stdv": 47.70351028442383,
  "summary_fg_k": 3.276587510918799,
  "summary_fg_mad": 42.85199108120344,
  "summary_fg_mean": 381.9508972167969,
  "summary_fg_median": 379.0564270019531,
  "summary_fg_n": 38191.0,
  "summary_fg_p05": 307.8104705810547,
  "summary_fg_p95": 465.758056640625,
  "summary_fg_stdv": 51.314090728759766,
  "tsnr": 70.6425727843307
}