{
  "aor": 0.00138592,
  "aqi": 0.00849584208,
  "bids_meta": {
    "AccelFactPE": 2,
    "AcquisitionNumber": 1,
    "AcquisitionTime": "11:28:50.342500",
    "BandwidthPerPixelPhaseEncode": 43.879,
    "BodyPartExamined": "BRAIN",
    "ConversionSoftware": "dcm2niix",
    "ConversionSoftwareVersion": "v1.0.20170724 GCC4.4.7",
    "DeviceSerialNumber": "67025",
    "EchoTime": 0.025,
    "EchoTrainLength": 43,
    "EffectiveEchoSpacing": 0.000356093,
    "FlipAngle": 90,
    "ImageType": [
      "ORIGINAL",
      "PRIMARY",
      "M",
      "ND",
      "NORM",
      "MOSAIC"
    ],
    "InstitutionAddress": "McClintock_3520A_Los_Angeles_CA_US_90089",
    "InstitutionName": "USC",
    "MagneticFieldStrength": 3,
    "Manufacturer": "Siemens",
    "ManufacturersModelName": "Prisma_fit",
    "PhaseEncodingDirection": "j-",
    "PhaseEncodingLines": 64,
    "ProcedureStepDescription": "Mara_Steve",
    "ProtocolName": "regulate8",
    "RepetitionTime": 2,
    "ScanningSequence": "EP",
    "SequenceName": "_epfid2d1_64",
    "SequenceVariant": "SK_OSP",
    "SeriesDescription": "regulate8",
    "SliceTiming": [
      0.99,
      0,
      1.04,
      0.0525,
      1.0925,
      0.1025,
      1.145,
      0.155,
      1.1975,
      0.2075,
      1.25,
      0.26,
      1.3025,
      0.3125,
      1.355,
      0.365,
      1.405,
      0.415,
      1.4575,
      0.4675,
      1.51,
      0.52,
      1.5625,
      0.5725,
      1.615,
      0.625,
      1.6675,
      0.6775,
      1.7175,
      0.7275,
      1.77,
      0.78,
      1.8225,
      0.8325,
      1.875,
      0.885,
      1.9275,
      0.9375
    ],
    "SoftwareVersions": "syngo_MR_D13D",
    "TaskName": "regulate",
    "TotalReadoutTime": 0.0299118,
    "TrueEchoSpacing": 0.000712186,
    "dataset": "ds003425",
    "modality": "bold",
    "run_id": 8,
    "session_id": "02",
    "subject_id": "02",
    "task_id": "regulate"
  },
  "dummy_trs": 0,
  "dvars_nstd": 19.04823420080646,
  "dvars_std": 1.0769080479838704,
  "dvars_vstd": 0.9939386016129035,
  "efc": 0.6014023497157583,
  "fber": 1294.2392578125,
  "fd_mean": 0.12990063021647696,
  "fd_num": 11,
  "fd_perc": 8.8,
  "fwhm_avg": 1.6410433333333334,
  "fwhm_x": 1.4930833333333335,
  "fwhm_y": 1.7797733333333332,
  "fwhm_z": 1.6502733333333335,
  "gcor": 0.0204958,
  "gsr_x": 0.010221132077276707,
  "gsr_y": 0.04005173593759537,
  "provenance": {
    "md5sum": "82e79d92a785bd81bcef16194af2c884",
    "settings": {
      "fd_thres": 0.2,
      "testing": false
    },
    "software": "mriqc",
    "version": "23.0.1",
    "webapi_port": null,
    "webapi_url": "https://mriqc.nimh.nih.gov/api/v1"
  },
  "size_t": 125,
  "size_x": 64,
  "size_y": 64,
  "size_z": 38,
  "snr": 7.409576475305717,
  "spacing_tr": 2.0,
  "spacing_x": 3.0,
  "spacing_y": 3.0,
  "spacing_z": 3.0,
  "summary_bg_k": 12.384742955924356,
  "summary_bg_mad": 9.963087304255149,
  "summary_bg_mean": 29.999832153320312,
  "summary_bg_median": 10.160000801086426,
  "summary_bg_n": 82972.0,
  "summary_bg_p05": 2.824000120162964,
  "summary_bg_p95": 126.5592090606689,
  "summary_bg_stdv": 48.21512985229492,
  "summary_fg_k": 3.34060603966035,
  "summary_fg_mad": 42.710780097195986,
  "summary_fg_mean": 381.6382751464844,
  "summary_fg_median": 378.72802734375,
  "summary_fg_n": 38232.0,
  "summary_fg_p05": 307.7084075927734,
  "summary_fg_p95": 464.97961120605464,
  "summary_fg_stdv": 51.112648010253906,
  "tsnr": 66.79153466771822
}