{
  "aor": 0.0022066141732283466,
  "aqi": 0.025804919685039368,
  "bids_meta": {
    "AccelFactPE": 2,
    "AcquisitionNumber": 1,
    "AcquisitionTime": "10:45:40.112500",
    "BandwidthPerPixelPhaseEncode": 35.613,
    "BodyPartExamined": "BRAIN",
    "ConversionSoftware": "dcm2niix",
    "ConversionSoftwareVersion": "v1.0.20170724 GCC4.4.7",
    "DeviceSerialNumber": "67025",
    "EchoTime": 0.03,
    "EchoTrainLength": 51,
    "EffectiveEchoSpacing": 0.000359995,
    "FlipAngle": 65,
    "ImageType": [
      "ORIGINAL",
      "PRIMARY",
      "M",
      "ND",
      "NORM",
      "MOSAIC"
    ],
    "InstitutionAddress": "McClintock_3520A_Los_Angeles_CA_US_90089",
    "InstitutionName": "USC",
    "MagneticFieldStrength": 3,
    "Manufacturer": "Siemens",
    "ManufacturersModelName": "Prisma_fit",
    "PhaseEncodingDirection": "j-",
    "PhaseEncodingLines": 78,
    "ProcedureStepDescription": "Mara_Steve",
    "ProtocolName": "ring_shorter",
    "RepetitionTime": 1.2,
    "ScanningSequence": "EP",
    "SequenceName": "_epfid2d1_78",
    "SequenceVariant": "SK_OSP",
    "SeriesDescription": "ring_shorter",
    "SliceTiming": [
      0.59,
      0,
      0.65,
      0.06,
      0.7075,
      0.1175,
      0.7675,
      0.1775,
      0.825,
      0.235,
      0.885,
      0.295,
      0.945,
      0.355,
      1.0025,
      0.4125,
      1.0625,
      0.4725,
      1.12,
      0.53
    ],
    "SoftwareVersions": "syngo_MR_D13D",
    "TaskName": "ring",
    "TotalReadoutTime": 0.0363595,
    "TrueEchoSpacing": 0.000719991,
    "dataset": "ds003425",
    "modality": "bold",
    "run_id": 1,
    "session_id": "02",
    "subject_id": "02",
    "task_id": "ring"
  },
  "dummy_trs": 0,
  "dvars_nstd": 49.45153164762844,
  "dvars_std": 1.4058659350988143,
  "dvars_vstd": 1.0199008068379447,
  "efc": 0.5189290198693011,
  "fber": 1610.4068603515625,
  "fd_mean": 0.13105892490364837,
  "fd_num": 26,
  "fd_perc": 10.236220472440944,
  "fwhm_avg": 1.656354294184321,
  "fwhm_x": 1.5495918172732064,
  "fwhm_y": 1.603103065279757,
  "fwhm_z": 1.816368,
  "gcor": 0.0103122,
  "gsr_x": -0.005539185833185911,
  "gsr_y": 0.010716142132878304,
  "provenance": {
    "md5sum": "87c0ebf5023c752a27aea6e5e9ccc2ab",
    "settings": {
      "fd_thres": 0.2,
      "testing": false
    },
    "software": "mriqc",
    "version": "23.0.1",
    "webapi_port": null,
    "webapi_url": "https://mriqc.nimh.nih.gov/api/v1"
  },
  "size_t": 254,
  "size_x": 78,
  "size_y": 78,
  "size_z": 20,
  "snr": 6.630491902733783,
  "spacing_tr": 1.2000000476837158,
  "spacing_x": 2.461538553237915,
  "spacing_y": 2.461538553237915,
  "spacing_z": 2.5,
  "summary_bg_k": 29.997768060633902,
  "summary_bg_mad": 4.523688188721504,
  "summary_bg_mean": 16.69066619873047,
  "summary_bg_median": 7.507874011993408,
  "summary_bg_n": 75631.0,
  "summary_bg_p05": 3.8307087421417236,
  "summary_bg_p95": 58.277557373046875,
  "summary_bg_stdv": 24.142704010009766,
  "summary_fg_k": 4.553164356570689,
  "summary_fg_mad": 37.952273080519575,
  "summary_fg_mean": 314.2218322753906,
  "summary_fg_median": 311.1771545410156,
  "summary_fg_n": 19849.0,
  "summary_fg_p05": 254.05826416015626,
  "summary_fg_p95": 387.535430908203,
  "summary_fg_stdv": 46.930049896240234,
  "tsnr": 39.277865070383996
}