{
  "aor": 0.0060752,
  "aqi": 0.008266671599999999,
  "bids_meta": {
    "AccelFactPE": 2,
    "AcquisitionNumber": 1,
    "AcquisitionTime": "11:06:55.240000",
    "BandwidthPerPixelPhaseEncode": 43.879,
    "BodyPartExamined": "BRAIN",
    "ConversionSoftware": "dcm2niix",
    "ConversionSoftwareVersion": "v1.0.20170724 GCC4.4.7",
    "DeviceSerialNumber": "67025",
    "EchoTime": 0.025,
    "EchoTrainLength": 43,
    "EffectiveEchoSpacing": 0.000356093,
    "FlipAngle": 90,
    "ImageType": [
      "ORIGINAL",
      "PRIMARY",
      "M",
      "ND",
      "NORM",
      "MOSAIC"
    ],
    "InstitutionAddress": "McClintock_3520A_Los_Angeles_CA_US_90089",
    "InstitutionName": "USC",
    "MagneticFieldStrength": 3,
    "Manufacturer": "Siemens",
    "ManufacturersModelName": "Prisma_fit",
    "PhaseEncodingDirection": "j-",
    "PhaseEncodingLines": 64,
    "ProcedureStepDescription": "Mara_Steve",
    "ProtocolName": "regulate4",
    "RepetitionTime": 2,
    "ScanningSequence": "EP",
    "SequenceName": "_epfid2d1_64",
    "SequenceVariant": "SK_OSP",
    "SeriesDescription": "regulate4",
    "SliceTiming": [
      0.99,
      0,
      1.0425,
      0.0525,
      1.095,
      0.105,
      1.1475,
      0.1575,
      1.1975,
      0.21,
      1.25,
      0.26,
      1.3025,
      0.3125,
      1.355,
      0.365,
      1.4075,
      0.4175,
      1.46,
      0.47,
      1.5125,
      0.5225,
      1.5625,
      0.5725,
      1.615,
      0.625,
      1.6675,
      0.6775,
      1.72,
      0.73,
      1.7725,
      0.7825,
      1.825,
      0.835,
      1.875,
      0.885,
      1.9275,
      0.9375
    ],
    "SoftwareVersions": "syngo_MR_D13D",
    "TaskName": "regulate",
    "TotalReadoutTime": 0.0299118,
    "TrueEchoSpacing": 0.000712186,
    "dataset": "ds003425",
    "modality": "bold",
    "run_id": 4,
    "session_id": "02",
    "subject_id": "02",
    "task_id": "regulate"
  },
  "dummy_trs": 0,
  "dvars_nstd": 18.17134504943548,
  "dvars_std": 1.1221767691129034,
  "dvars_vstd": 1.0543983050806451,
  "efc": 0.5998152420852023,
  "fber": 1351.696044921875,
  "fd_mean": 0.10116459434695285,
  "fd_num": 7,
  "fd_perc": 5.6,
  "fwhm_avg": 1.643661111111111,
  "fwhm_x": 1.5102433333333334,
  "fwhm_y": 1.76577,
  "fwhm_z": 1.6549699999999998,
  "gcor": 0.023132,
  "gsr_x": 0.010290564969182014,
  "gsr_y": 0.04116208478808403,
  "provenance": {
    "md5sum": "cc3299b1c14111fa62ad995b3b2de7eb",
    "settings": {
      "fd_thres": 0.2,
      "testing": false
    },
    "software": "mriqc",
    "version": "23.0.1",
    "webapi_port": null,
    "webapi_url": "https://mriqc.nimh.nih.gov/api/v1"
  },
  "size_t": 125,
  "size_x": 64,
  "size_y": 64,
  "size_z": 38,
  "snr": 7.440631842896249,
  "spacing_tr": 2.0,
  "spacing_x": 3.0,
  "spacing_y": 3.0,
  "spacing_z": 3.0,
  "summary_bg_k": 12.70777869566238,
  "summary_bg_mad": 9.844478886408359,
  "summary_bg_mean": 29.381240844726562,
  "summary_bg_median": 9.904000282287598,
  "summary_bg_n": 83006.0,
  "summary_bg_p05": 2.56000018119812,
  "summary_bg_p95": 123.82000541687012,
  "summary_bg_stdv": 47.442665100097656,
  "summary_fg_k": 3.1446940117353277,
  "summary_fg_mad": 43.14966075880196,
  "summary_fg_mean": 381.6051940917969,
  "summary_fg_median": 379.0880126953125,
  "summary_fg_n": 38227.0,
  "summary_fg_p05": 307.03441162109374,
  "summary_fg_p95": 464.7448181152343,
  "summary_fg_stdv": 50.947696685791016,
  "tsnr": 67.57996403798461
}