{
  "aor": 0.008524239999999999,
  "aqi": 0.01372275368,
  "bids_meta": {
    "AccelFactPE": 2,
    "AcquisitionNumber": 1,
    "AcquisitionTime": "11:02:9.817500",
    "BandwidthPerPixelPhaseEncode": 43.879,
    "BodyPartExamined": "BRAIN",
    "ConversionSoftware": "dcm2niix",
    "ConversionSoftwareVersion": "v1.0.20170724 GCC4.4.7",
    "DeviceSerialNumber": "67025",
    "EchoTime": 0.025,
    "EchoTrainLength": 43,
    "EffectiveEchoSpacing": 0.000356093,
    "FlipAngle": 90,
    "ImageType": [
      "ORIGINAL",
      "PRIMARY",
      "M",
      "ND",
      "NORM",
      "MOSAIC"
    ],
    "InstitutionAddress": "McClintock_3520A_Los_Angeles_CA_US_90089",
    "InstitutionName": "USC",
    "MagneticFieldStrength": 3,
    "Manufacturer": "Siemens",
    "ManufacturersModelName": "Prisma_fit",
    "PhaseEncodingDirection": "j-",
    "PhaseEncodingLines": 64,
    "ProcedureStepDescription": "Mara_Steve",
    "ProtocolName": "regulate3",
    "RepetitionTime": 2,
    "ScanningSequence": "EP",
    "SequenceName": "_epfid2d1_64",
    "SequenceVariant": "SK_OSP",
    "SeriesDescription": "regulate3",
    "SliceTiming": [
      0.99,
      0,
      1.0425,
      0.0525,
      1.095,
      0.105,
      1.1475,
      0.1575,
      1.1975,
      0.21,
      1.25,
      0.26,
      1.3025,
      0.3125,
      1.355,
      0.365,
      1.4075,
      0.4175,
      1.46,
      0.47,
      1.5125,
      0.5225,
      1.5625,
      0.5725,
      1.615,
      0.625,
      1.6675,
      0.6775,
      1.72,
      0.73,
      1.7725,
      0.7825,
      1.825,
      0.835,
      1.875,
      0.885,
      1.9275,
      0.9375
    ],
    "SoftwareVersions": "syngo_MR_D13D",
    "TaskName": "regulate",
    "TotalReadoutTime": 0.0299118,
    "TrueEchoSpacing": 0.000712186,
    "dataset": "ds003425",
    "modality": "bold",
    "run_id": 3,
    "session_id": "02",
    "subject_id": "02",
    "task_id": "regulate"
  },
  "dummy_trs": 0,
  "dvars_nstd": 18.968850766209673,
  "dvars_std": 1.0814536542741933,
  "dvars_vstd": 1.035581605806452,
  "efc": 0.5996395121782903,
  "fber": 1359.8736572265625,
  "fd_mean": 0.16216325829789238,
  "fd_num": 28,
  "fd_perc": 22.4,
  "fwhm_avg": 1.654942222222222,
  "fwhm_x": 1.5339666666666665,
  "fwhm_y": 1.7807766666666665,
  "fwhm_z": 1.6500833333333331,
  "gcor": 0.0153589,
  "gsr_x": 0.010051815770566463,
  "gsr_y": 0.041583988815546036,
  "provenance": {
    "md5sum": "da72ec042f583c907ad5aa1e025e1328",
    "settings": {
      "fd_thres": 0.2,
      "testing": false
    },
    "software": "mriqc",
    "version": "23.0.1",
    "webapi_port": null,
    "webapi_url": "https://mriqc.nimh.nih.gov/api/v1"
  },
  "size_t": 125,
  "size_x": 64,
  "size_y": 64,
  "size_z": 38,
  "snr": 7.512597776277525,
  "spacing_tr": 2.0,
  "spacing_x": 3.0,
  "spacing_y": 3.0,
  "spacing_z": 3.0,
  "summary_bg_k": 12.617115820228237,
  "summary_bg_mad": 9.281091641105442,
  "summary_bg_mean": 29.402605056762695,
  "summary_bg_median": 9.772000312805176,
  "summary_bg_n": 83118.0,
  "summary_bg_p05": 2.9840002059936523,
  "summary_bg_p95": 122.8492065429687,
  "summary_bg_stdv": 47.48637390136719,
  "summary_fg_k": 3.006696410671143,
  "summary_fg_mad": 43.1022435491769,
  "summary_fg_mean": 382.0411682128906,
  "summary_fg_median": 379.3280029296875,
  "summary_fg_n": 38100.0,
  "summary_fg_p05": 308.3228042602539,
  "summary_fg_p95": 464.1440124511719,
  "summary_fg_stdv": 50.49159240722656,
  "tsnr": 54.55729597620666
}