{
  "aor": 0.0009868000000000001,
  "aqi": 0.006426306800000002,
  "bids_meta": {
    "AccelFactPE": 2,
    "AcquisitionNumber": 1,
    "AcquisitionTime": "12:34:48.977500",
    "BandwidthPerPixelPhaseEncode": 43.879,
    "BodyPartExamined": "BRAIN",
    "ConversionSoftware": "dcm2niix",
    "ConversionSoftwareVersion": "v1.0.20170724 GCC4.4.7",
    "DeviceSerialNumber": "67025",
    "EchoTime": 0.025,
    "EchoTrainLength": 43,
    "EffectiveEchoSpacing": 0.000356093,
    "FlipAngle": 90,
    "ImageType": [
      "ORIGINAL",
      "PRIMARY",
      "M",
      "ND",
      "NORM",
      "MOSAIC"
    ],
    "InstitutionAddress": "McClintock_3520A_Los_Angeles_CA_US_90089",
    "InstitutionName": "USC",
    "MagneticFieldStrength": 3,
    "Manufacturer": "Siemens",
    "ManufacturersModelName": "Prisma_fit",
    "PhaseEncodingDirection": "i",
    "PhaseEncodingLines": 64,
    "ProcedureStepDescription": "Mara_Steve",
    "ProtocolName": "learning2",
    "RepetitionTime": 2,
    "ScanningSequence": "EP",
    "SequenceName": "_epfid2d1_64",
    "SequenceVariant": "SK_OSP",
    "SeriesDescription": "learning2",
    "SliceTiming": [
      0.99,
      0,
      1.0425,
      0.0525,
      1.095,
      0.105,
      1.1475,
      0.1575,
      1.2,
      0.21,
      1.2525,
      0.2625,
      1.3025,
      0.3125,
      1.355,
      0.365,
      1.4075,
      0.4175,
      1.46,
      0.47,
      1.5125,
      0.5225,
      1.565,
      0.575,
      1.615,
      0.625,
      1.6675,
      0.6775,
      1.72,
      0.73,
      1.7725,
      0.7825,
      1.825,
      0.835,
      1.8775,
      0.8875,
      1.9275,
      0.94
    ],
    "SoftwareVersions": "syngo_MR_D13D",
    "TaskName": "learning",
    "TotalReadoutTime": 0.0299118,
    "TrueEchoSpacing": 0.000712186,
    "dataset": "ds003425",
    "modality": "bold",
    "run_id": 2,
    "session_id": "01",
    "subject_id": "03",
    "task_id": "learning"
  },
  "dummy_trs": 0,
  "dvars_nstd": 21.202568438870955,
  "dvars_std": 1.2915170032258065,
  "dvars_vstd": 0.9943426968548388,
  "efc": 0.6237624922304587,
  "fber": 1307.3548583984375,
  "fd_mean": 0.07243080636261123,
  "fd_num": 0,
  "fd_perc": 0.0,
  "fwhm_avg": 1.5479488888888888,
  "fwhm_x": 1.40271,
  "fwhm_y": 1.70298,
  "fwhm_z": 1.5381566666666666,
  "gcor": 0.0265894,
  "gsr_x": 0.022007226943969727,
  "gsr_y": 0.036890774965286255,
  "provenance": {
    "md5sum": "d6edf1eea915e19de3cc47f35d93eba4",
    "settings": {
      "fd_thres": 0.2,
      "testing": false
    },
    "software": "mriqc",
    "version": "23.0.1",
    "webapi_port": null,
    "webapi_url": "https://mriqc.nimh.nih.gov/api/v1"
  },
  "size_t": 125,
  "size_x": 64,
  "size_y": 64,
  "size_z": 38,
  "snr": 7.639041656669405,
  "spacing_tr": 2.0,
  "spacing_x": 3.0,
  "spacing_y": 3.0,
  "spacing_z": 3.0,
  "summary_bg_k": 11.928837955141166,
  "summary_bg_mad": 11.149169361843562,
  "summary_bg_mean": 36.14929962158203,
  "summary_bg_median": 12.768000602722168,
  "summary_bg_n": 76093.0,
  "summary_bg_p05": 4.12000036239624,
  "summary_bg_p95": 151.71201171874978,
  "summary_bg_stdv": 57.60564422607422,
  "summary_fg_k": 3.8476027062181855,
  "summary_fg_mad": 58.37900069824515,
  "summary_fg_mean": 473.440185546875,
  "summary_fg_median": 473.2080078125,
  "summary_fg_n": 43203.0,
  "summary_fg_p05": 386.83203125,
  "summary_fg_p95": 568.23125,
  "summary_fg_stdv": 61.945274353027344,
  "tsnr": 81.47751890856307
}