{
  "aor": 0.00119592,
  "aqi": 0.00614231,
  "bids_meta": {
    "AccelFactPE": 2,
    "AcquisitionNumber": 1,
    "AcquisitionTime": "12:39:42.332500",
    "BandwidthPerPixelPhaseEncode": 43.879,
    "BodyPartExamined": "BRAIN",
    "ConversionSoftware": "dcm2niix",
    "ConversionSoftwareVersion": "v1.0.20170724 GCC4.4.7",
    "DeviceSerialNumber": "67025",
    "EchoTime": 0.025,
    "EchoTrainLength": 43,
    "EffectiveEchoSpacing": 0.000356093,
    "FlipAngle": 90,
    "ImageType": [
      "ORIGINAL",
      "PRIMARY",
      "M",
      "ND",
      "NORM",
      "MOSAIC"
    ],
    "InstitutionAddress": "McClintock_3520A_Los_Angeles_CA_US_90089",
    "InstitutionName": "USC",
    "MagneticFieldStrength": 3,
    "Manufacturer": "Siemens",
    "ManufacturersModelName": "Prisma_fit",
    "PhaseEncodingDirection": "i",
    "PhaseEncodingLines": 64,
    "ProcedureStepDescription": "Mara_Steve",
    "ProtocolName": "learning3",
    "RepetitionTime": 2,
    "ScanningSequence": "EP",
    "SequenceName": "_epfid2d1_64",
    "SequenceVariant": "SK_OSP",
    "SeriesDescription": "learning3",
    "SliceTiming": [
      0.99,
      0,
      1.04,
      0.05,
      1.0925,
      0.1025,
      1.145,
      0.155,
      1.1975,
      0.2075,
      1.25,
      0.26,
      1.3025,
      0.3125,
      1.3525,
      0.3625,
      1.405,
      0.415,
      1.4575,
      0.4675,
      1.51,
      0.52,
      1.5625,
      0.5725,
      1.615,
      0.625,
      1.665,
      0.6775,
      1.7175,
      0.7275,
      1.77,
      0.78,
      1.8225,
      0.8325,
      1.875,
      0.885,
      1.9275,
      0.9375
    ],
    "SoftwareVersions": "syngo_MR_D13D",
    "TaskName": "learning",
    "TotalReadoutTime": 0.0299118,
    "TrueEchoSpacing": 0.000712186,
    "dataset": "ds003425",
    "modality": "bold",
    "run_id": 3,
    "session_id": "01",
    "subject_id": "03",
    "task_id": "learning"
  },
  "dummy_trs": 0,
  "dvars_nstd": 21.61107502443547,
  "dvars_std": 1.3256788461290314,
  "dvars_vstd": 1.0071247326612904,
  "efc": 0.624099355333311,
  "fber": 1321.3336181640625,
  "fd_mean": 0.06822666209375512,
  "fd_num": 2,
  "fd_perc": 1.6,
  "fwhm_avg": 1.541571111111111,
  "fwhm_x": 1.4086800000000002,
  "fwhm_y": 1.6888699999999999,
  "fwhm_z": 1.5271633333333332,
  "gcor": 0.0177426,
  "gsr_x": 0.020412752404808998,
  "gsr_y": 0.0383462980389595,
  "provenance": {
    "md5sum": "87a1bec716cc8f199ae1b50484e98193",
    "settings": {
      "fd_thres": 0.2,
      "testing": false
    },
    "software": "mriqc",
    "version": "23.0.1",
    "webapi_port": null,
    "webapi_url": "https://mriqc.nimh.nih.gov/api/v1"
  },
  "size_t": 125,
  "size_x": 64,
  "size_y": 64,
  "size_z": 38,
  "snr": 7.620959296273334,
  "spacing_tr": 2.0,
  "spacing_x": 3.0,
  "spacing_y": 3.0,
  "spacing_z": 3.0,
  "summary_bg_k": 11.476817199484694,
  "summary_bg_mad": 11.036491276519133,
  "summary_bg_mean": 36.76823425292969,
  "summary_bg_median": 12.756000518798828,
  "summary_bg_n": 76258.0,
  "summary_bg_p05": 4.184000015258789,
  "summary_bg_p95": 156.33440628051702,
  "summary_bg_stdv": 58.708553314208984,
  "summary_fg_k": 4.041263427172253,
  "summary_fg_mad": 58.33153824319106,
  "summary_fg_mean": 473.91937255859375,
  "summary_fg_median": 473.9120178222656,
  "summary_fg_n": 43292.0,
  "summary_fg_p05": 387.3048156738281,
  "summary_fg_p95": 568.3716400146484,
  "summary_fg_stdv": 62.18463134765625,
  "tsnr": 84.53636068385094
}