{
  "aor": 0.0009940799999999998,
  "aqi": 0.00783537848,
  "bids_meta": {
    "AccelFactPE": 2,
    "AcquisitionNumber": 1,
    "AcquisitionTime": "12:44:27.507500",
    "BandwidthPerPixelPhaseEncode": 43.879,
    "BodyPartExamined": "BRAIN",
    "ConversionSoftware": "dcm2niix",
    "ConversionSoftwareVersion": "v1.0.20170724 GCC4.4.7",
    "DeviceSerialNumber": "67025",
    "EchoTime": 0.025,
    "EchoTrainLength": 43,
    "EffectiveEchoSpacing": 0.000356093,
    "FlipAngle": 90,
    "ImageType": [
      "ORIGINAL",
      "PRIMARY",
      "M",
      "ND",
      "NORM",
      "MOSAIC"
    ],
    "InstitutionAddress": "McClintock_3520A_Los_Angeles_CA_US_90089",
    "InstitutionName": "USC",
    "MagneticFieldStrength": 3,
    "Manufacturer": "Siemens",
    "ManufacturersModelName": "Prisma_fit",
    "PhaseEncodingDirection": "i",
    "PhaseEncodingLines": 64,
    "ProcedureStepDescription": "Mara_Steve",
    "ProtocolName": "learning4",
    "RepetitionTime": 2,
    "ScanningSequence": "EP",
    "SequenceName": "_epfid2d1_64",
    "SequenceVariant": "SK_OSP",
    "SeriesDescription": "learning4",
    "SliceTiming": [
      0.9875,
      0,
      1.04,
      0.05,
      1.0925,
      0.1025,
      1.145,
      0.155,
      1.1975,
      0.2075,
      1.25,
      0.26,
      1.3025,
      0.3125,
      1.3525,
      0.3625,
      1.405,
      0.415,
      1.4575,
      0.4675,
      1.51,
      0.52,
      1.5625,
      0.5725,
      1.615,
      0.625,
      1.665,
      0.675,
      1.7175,
      0.7275,
      1.77,
      0.78,
      1.8225,
      0.8325,
      1.875,
      0.885,
      1.9275,
      0.9375
    ],
    "SoftwareVersions": "syngo_MR_D13D",
    "TaskName": "learning",
    "TotalReadoutTime": 0.0299118,
    "TrueEchoSpacing": 0.000712186,
    "dataset": "ds003425",
    "modality": "bold",
    "run_id": 4,
    "session_id": "01",
    "subject_id": "03",
    "task_id": "learning"
  },
  "dummy_trs": 0,
  "dvars_nstd": 21.498367140967733,
  "dvars_std": 1.2660935674193552,
  "dvars_vstd": 0.980657408870968,
  "efc": 0.6245136534702548,
  "fber": 1304.1796875,
  "fd_mean": 0.07585960317421635,
  "fd_num": 2,
  "fd_perc": 1.6,
  "fwhm_avg": 1.5496255555555554,
  "fwhm_x": 1.40587,
  "fwhm_y": 1.7003633333333334,
  "fwhm_z": 1.5426433333333334,
  "gcor": 0.0120493,
  "gsr_x": 0.021080903708934784,
  "gsr_y": 0.037602730095386505,
  "provenance": {
    "md5sum": "a988fd8e9acf6d8843951c27ebe10302",
    "settings": {
      "fd_thres": 0.2,
      "testing": false
    },
    "software": "mriqc",
    "version": "23.0.1",
    "webapi_port": null,
    "webapi_url": "https://mriqc.nimh.nih.gov/api/v1"
  },
  "size_t": 125,
  "size_x": 64,
  "size_y": 64,
  "size_z": 38,
  "snr": 7.584087279804419,
  "spacing_tr": 2.0,
  "spacing_x": 3.0,
  "spacing_y": 3.0,
  "spacing_z": 3.0,
  "summary_bg_k": 11.474201477740461,
  "summary_bg_mad": 11.078003957655573,
  "summary_bg_mean": 36.93656539916992,
  "summary_bg_median": 12.7760009765625,
  "summary_bg_n": 76249.0,
  "summary_bg_p05": 4.184000015258789,
  "summary_bg_p95": 158.27200317382812,
  "summary_bg_stdv": 59.11761474609375,
  "summary_fg_k": 4.132840966670323,
  "summary_fg_mad": 58.23073142730878,
  "summary_fg_mean": 472.6163024902344,
  "summary_fg_median": 472.7480163574219,
  "summary_fg_n": 43314.0,
  "summary_fg_p05": 385.6292205810547,
  "summary_fg_p95": 567.10400390625,
  "summary_fg_stdv": 62.33348083496094,
  "tsnr": 77.00687533942983
}