{
  "aor": 0.0025737755102040816,
  "aqi": 0.006116970612244898,
  "bids_meta": {
    "AccelFactPE": 2,
    "AcquisitionNumber": 1,
    "AcquisitionTime": "11:52:29.225000",
    "BandwidthPerPixelPhaseEncode": 43.879,
    "BodyPartExamined": "BRAIN",
    "ConversionSoftware": "dcm2niix",
    "ConversionSoftwareVersion": "v1.0.20170724 GCC4.4.7",
    "DeviceSerialNumber": "67025",
    "EchoTime": 0.025,
    "EchoTrainLength": 43,
    "EffectiveEchoSpacing": 0.000356093,
    "FlipAngle": 90,
    "ImageType": [
      "ORIGINAL",
      "PRIMARY",
      "M",
      "ND",
      "NORM",
      "MOSAIC"
    ],
    "InstitutionAddress": "McClintock_3520A_Los_Angeles_CA_US_90089",
    "InstitutionName": "USC",
    "MagneticFieldStrength": 3,
    "Manufacturer": "Siemens",
    "ManufacturersModelName": "Prisma_fit",
    "PhaseEncodingDirection": "i",
    "PhaseEncodingLines": 64,
    "ProcedureStepDescription": "Mara_Steve",
    "ProtocolName": "training1",
    "RepetitionTime": 2,
    "ScanningSequence": "EP",
    "SequenceName": "_epfid2d1_64",
    "SequenceVariant": "SK_OSP",
    "SeriesDescription": "training1",
    "SliceTiming": [
      0.99,
      0,
      1.04,
      0.05,
      1.0925,
      0.1025,
      1.145,
      0.155,
      1.1975,
      0.2075,
      1.25,
      0.26,
      1.3025,
      0.3125,
      1.3525,
      0.3625,
      1.405,
      0.415,
      1.4575,
      0.4675,
      1.51,
      0.52,
      1.5625,
      0.5725,
      1.615,
      0.625,
      1.665,
      0.675,
      1.7175,
      0.7275,
      1.77,
      0.78,
      1.8225,
      0.8325,
      1.875,
      0.885,
      1.9275,
      0.9375
    ],
    "SoftwareVersions": "syngo_MR_D13D",
    "TaskName": "training",
    "TotalReadoutTime": 0.0299118,
    "TrueEchoSpacing": 0.000712186,
    "dataset": "ds003425",
    "modality": "bold",
    "run_id": 1,
    "session_id": "01",
    "subject_id": "03",
    "task_id": "training"
  },
  "dummy_trs": 0,
  "dvars_nstd": 21.18015617659794,
  "dvars_std": 1.2969126234020618,
  "dvars_vstd": 1.0400699190721647,
  "efc": 0.6219566927422581,
  "fber": 1344.3651123046875,
  "fd_mean": 0.07720726468689432,
  "fd_num": 4,
  "fd_perc": 4.081632653061225,
  "fwhm_avg": 1.5594533333333331,
  "fwhm_x": 1.4454066666666667,
  "fwhm_y": 1.6903133333333333,
  "fwhm_z": 1.5426399999999998,
  "gcor": 0.0316306,
  "gsr_x": 0.019814299419522285,
  "gsr_y": 0.03665393218398094,
  "provenance": {
    "md5sum": "a4f47179831a43e6cc06466480f0af65",
    "settings": {
      "fd_thres": 0.2,
      "testing": false
    },
    "software": "mriqc",
    "version": "23.0.1",
    "webapi_port": null,
    "webapi_url": "https://mriqc.nimh.nih.gov/api/v1"
  },
  "size_t": 98,
  "size_x": 64,
  "size_y": 64,
  "size_z": 38,
  "snr": 7.572355906978779,
  "spacing_tr": 2.0,
  "spacing_x": 3.0,
  "spacing_y": 3.0,
  "spacing_z": 3.0,
  "summary_bg_k": 12.236227118269339,
  "summary_bg_mad": 10.650529385924527,
  "summary_bg_mean": 35.006385803222656,
  "summary_bg_median": 12.346938133239746,
  "summary_bg_n": 76390.0,
  "summary_bg_p05": 4.004591727256778,
  "summary_bg_p95": 147.9591827392578,
  "summary_bg_stdv": 56.46141052246094,
  "summary_fg_k": 3.789173066305395,
  "summary_fg_mad": 56.50529699119089,
  "summary_fg_mean": 463.5122985839844,
  "summary_fg_median": 462.66326904296875,
  "summary_fg_n": 43140.0,
  "summary_fg_p05": 377.1316390991211,
  "summary_fg_p95": 558.5826263427733,
  "summary_fg_stdv": 61.0982780456543,
  "tsnr": 81.63312260154635
}