{
  "aor": 0.0029487999999999997,
  "aqi": 0.008171382559999999,
  "bids_meta": {
    "AccelFactPE": 2,
    "AcquisitionNumber": 1,
    "AcquisitionTime": "11:51:15.072500",
    "BandwidthPerPixelPhaseEncode": 43.879,
    "BodyPartExamined": "BRAIN",
    "ConversionSoftware": "dcm2niix",
    "ConversionSoftwareVersion": "v1.0.20170724 GCC4.4.7",
    "DeviceSerialNumber": "67025",
    "EchoTime": 0.025,
    "EchoTrainLength": 43,
    "EffectiveEchoSpacing": 0.000356093,
    "FlipAngle": 90,
    "ImageType": [
      "ORIGINAL",
      "PRIMARY",
      "M",
      "ND",
      "NORM",
      "MOSAIC"
    ],
    "InstitutionAddress": "McClintock_3520A_Los_Angeles_CA_US_90089",
    "InstitutionName": "USC",
    "MagneticFieldStrength": 3,
    "Manufacturer": "Siemens",
    "ManufacturersModelName": "Prisma_fit",
    "PhaseEncodingDirection": "j-",
    "PhaseEncodingLines": 64,
    "ProcedureStepDescription": "Mara_Steve",
    "ProtocolName": "learning6",
    "RepetitionTime": 2,
    "ScanningSequence": "EP",
    "SequenceName": "_epfid2d1_64",
    "SequenceVariant": "SK_OSP",
    "SeriesDescription": "learning6",
    "SliceTiming": [
      0.99,
      0,
      1.0425,
      0.0525,
      1.0925,
      0.105,
      1.145,
      0.155,
      1.1975,
      0.2075,
      1.25,
      0.26,
      1.3025,
      0.3125,
      1.355,
      0.365,
      1.4075,
      0.4175,
      1.4575,
      0.4675,
      1.51,
      0.52,
      1.5625,
      0.5725,
      1.615,
      0.625,
      1.6675,
      0.6775,
      1.72,
      0.73,
      1.77,
      0.78,
      1.8225,
      0.8325,
      1.875,
      0.885,
      1.9275,
      0.9375
    ],
    "SoftwareVersions": "syngo_MR_D13D",
    "TaskName": "learning",
    "TotalReadoutTime": 0.0299118,
    "TrueEchoSpacing": 0.000712186,
    "dataset": "ds003425",
    "modality": "bold",
    "run_id": 6,
    "session_id": "01",
    "subject_id": "07",
    "task_id": "learning"
  },
  "dummy_trs": 0,
  "dvars_nstd": 21.468414444838704,
  "dvars_std": 1.204620656048387,
  "dvars_vstd": 1.0169701933064514,
  "efc": 0.5734554454800743,
  "fber": 2086.170654296875,
  "fd_mean": 0.1374649505424657,
  "fd_num": 18,
  "fd_perc": 14.4,
  "fwhm_avg": 1.5648722222222222,
  "fwhm_x": 1.4700433333333331,
  "fwhm_y": 1.69193,
  "fwhm_z": 1.5326433333333334,
  "gcor": 0.0227725,
  "gsr_x": -0.0022100203204900026,
  "gsr_y": 0.048193950206041336,
  "provenance": {
    "md5sum": "9929cc6ebb3d38ef308d232c0a3624a9",
    "settings": {
      "fd_thres": 0.2,
      "testing": false
    },
    "software": "mriqc",
    "version": "23.0.1",
    "webapi_port": null,
    "webapi_url": "https://mriqc.nimh.nih.gov/api/v1"
  },
  "size_t": 125,
  "size_x": 64,
  "size_y": 64,
  "size_z": 38,
  "snr": 8.495838456870734,
  "spacing_tr": 2.0,
  "spacing_x": 3.0,
  "spacing_y": 3.0,
  "spacing_z": 3.0,
  "summary_bg_k": 9.709695954416215,
  "summary_bg_mad": 7.614645226127595,
  "summary_bg_mean": 28.644676208496094,
  "summary_bg_median": 8.720000267028809,
  "summary_bg_n": 87592.0,
  "summary_bg_p05": 3.128000259399414,
  "summary_bg_p95": 123.4312030792236,
  "summary_bg_stdv": 44.2409782409668,
  "summary_fg_k": 1.899639196897403,
  "summary_fg_mad": 48.7598224861391,
  "summary_fg_mean": 410.3437805175781,
  "summary_fg_median": 409.4400329589844,
  "summary_fg_n": 34039.0,
  "summary_fg_p05": 339.5600280761719,
  "summary_fg_p95": 485.07282104492185,
  "summary_fg_stdv": 48.19230270385742,
  "tsnr": 76.66328527126461
}