{
  "aor": 0.0031978571428571425,
  "aqi": 0.008286720918367347,
  "bids_meta": {
    "AccelFactPE": 2,
    "AcquisitionNumber": 1,
    "AcquisitionTime": "11:11:29.940000",
    "BandwidthPerPixelPhaseEncode": 43.879,
    "BodyPartExamined": "BRAIN",
    "ConversionSoftware": "dcm2niix",
    "ConversionSoftwareVersion": "v1.0.20170724 GCC4.4.7",
    "DeviceSerialNumber": "67025",
    "EchoTime": 0.025,
    "EchoTrainLength": 43,
    "EffectiveEchoSpacing": 0.000356093,
    "FlipAngle": 90,
    "ImageType": [
      "ORIGINAL",
      "PRIMARY",
      "M",
      "ND",
      "NORM",
      "MOSAIC"
    ],
    "InstitutionAddress": "McClintock_3520A_Los_Angeles_CA_US_90089",
    "InstitutionName": "USC",
    "MagneticFieldStrength": 3,
    "Manufacturer": "Siemens",
    "ManufacturersModelName": "Prisma_fit",
    "PhaseEncodingDirection": "j-",
    "PhaseEncodingLines": 64,
    "ProcedureStepDescription": "Mara_Steve",
    "ProtocolName": "training6",
    "RepetitionTime": 2,
    "ScanningSequence": "EP",
    "SequenceName": "_epfid2d1_64",
    "SequenceVariant": "SK_OSP",
    "SeriesDescription": "training6",
    "SliceTiming": [
      0.99,
      0,
      1.0425,
      0.0525,
      1.095,
      0.105,
      1.1475,
      0.1575,
      1.2,
      0.21,
      1.25,
      0.26,
      1.3025,
      0.3125,
      1.355,
      0.365,
      1.4075,
      0.4175,
      1.46,
      0.47,
      1.5125,
      0.5225,
      1.5625,
      0.5725,
      1.615,
      0.625,
      1.6675,
      0.6775,
      1.72,
      0.73,
      1.7725,
      0.7825,
      1.825,
      0.835,
      1.875,
      0.885,
      1.9275,
      0.9375
    ],
    "SoftwareVersions": "syngo_MR_D13D",
    "TaskName": "training",
    "TotalReadoutTime": 0.0299118,
    "TrueEchoSpacing": 0.000712186,
    "dataset": "ds003425",
    "modality": "bold",
    "run_id": 6,
    "session_id": "01",
    "subject_id": "07",
    "task_id": "training"
  },
  "dummy_trs": 0,
  "dvars_nstd": 22.760099391752583,
  "dvars_std": 1.2975101858762887,
  "dvars_vstd": 1.0356990646391748,
  "efc": 0.5756541138912389,
  "fber": 1877.400146484375,
  "fd_mean": 0.1378043782859474,
  "fd_num": 14,
  "fd_perc": 14.285714285714286,
  "fwhm_avg": 1.5717766666666666,
  "fwhm_x": 1.4685966666666666,
  "fwhm_y": 1.69278,
  "fwhm_z": 1.5539533333333333,
  "gcor": 0.0270702,
  "gsr_x": -0.0062096258625388145,
  "gsr_y": 0.047101426869630814,
  "provenance": {
    "md5sum": "d99a7c3bacc4adae46acebe87612ea59",
    "settings": {
      "fd_thres": 0.2,
      "testing": false
    },
    "software": "mriqc",
    "version": "23.0.1",
    "webapi_port": null,
    "webapi_url": "https://mriqc.nimh.nih.gov/api/v1"
  },
  "size_t": 98,
  "size_x": 64,
  "size_y": 64,
  "size_z": 38,
  "snr": 8.485352847184277,
  "spacing_tr": 2.0,
  "spacing_x": 3.0,
  "spacing_y": 3.0,
  "spacing_z": 3.0,
  "summary_bg_k": 9.81516261703305,
  "summary_bg_mad": 8.320726657158398,
  "summary_bg_mean": 28.913663864135742,
  "summary_bg_median": 9.163265228271484,
  "summary_bg_n": 87267.0,
  "summary_bg_p05": 3.081632614135742,
  "summary_bg_p95": 123.12958984374997,
  "summary_bg_stdv": 43.872276306152344,
  "summary_fg_k": 1.856283861705819,
  "summary_fg_mad": 49.03179276004771,
  "summary_fg_mean": 409.835693359375,
  "summary_fg_median": 409.2449035644531,
  "summary_fg_n": 34186.0,
  "summary_fg_p05": 339.34947967529297,
  "summary_fg_p95": 484.35204315185547,
  "summary_fg_stdv": 48.22886276245117,
  "tsnr": 76.52636204275768
}