{
  "aor": 0.0038897244094488197,
  "aqi": 0.029631701968503937,
  "bids_meta": {
    "AccelFactPE": 2,
    "AcquisitionNumber": 1,
    "AcquisitionTime": "10:54:49.992500",
    "BandwidthPerPixelPhaseEncode": 35.613,
    "BodyPartExamined": "BRAIN",
    "ConversionSoftware": "dcm2niix",
    "ConversionSoftwareVersion": "v1.0.20170724 GCC4.4.7",
    "DeviceSerialNumber": "67025",
    "EchoTime": 0.03,
    "EchoTrainLength": 51,
    "EffectiveEchoSpacing": 0.000359995,
    "FlipAngle": 65,
    "ImageType": [
      "ORIGINAL",
      "PRIMARY",
      "M",
      "ND",
      "NORM",
      "MOSAIC"
    ],
    "InstitutionAddress": "McClintock_3520A_Los_Angeles_CA_US_90089",
    "InstitutionName": "USC",
    "MagneticFieldStrength": 3,
    "Manufacturer": "Siemens",
    "ManufacturersModelName": "Prisma_fit",
    "PhaseEncodingDirection": "i-",
    "PhaseEncodingLines": 78,
    "ProcedureStepDescription": "Mara_Steve",
    "ProtocolName": "ring_shorter",
    "RepetitionTime": 1.2,
    "ScanningSequence": "EP",
    "SequenceName": "_epfid2d1_78",
    "SequenceVariant": "SK_OSP",
    "SeriesDescription": "ring_shorter",
    "SliceTiming": [
      0.59,
      0,
      0.6475,
      0.0575,
      0.7075,
      0.1175,
      0.765,
      0.175,
      0.825,
      0.235,
      0.885,
      0.295,
      0.9425,
      0.3525,
      1.0025,
      0.4125,
      1.06,
      0.47,
      1.12,
      0.53
    ],
    "SoftwareVersions": "syngo_MR_D13D",
    "TaskName": "ring",
    "TotalReadoutTime": 0.0363595,
    "TrueEchoSpacing": 0.000719991,
    "dataset": "ds003425",
    "modality": "bold",
    "run_id": 1,
    "session_id": "02",
    "subject_id": "08",
    "task_id": "ring"
  },
  "dummy_trs": 0,
  "dvars_nstd": 55.9982148424901,
  "dvars_std": 1.549762579367588,
  "dvars_vstd": 1.0017861845454543,
  "efc": 0.502505968532791,
  "fber": 2313.401123046875,
  "fd_mean": 0.16356658133035723,
  "fd_num": 57,
  "fd_perc": 22.440944881889763,
  "fwhm_avg": 1.5899516813509755,
  "fwhm_x": 1.5874746283619618,
  "fwhm_y": 1.5103602562346958,
  "fwhm_z": 1.672020159456268,
  "gcor": 0.0172612,
  "gsr_x": 0.00948153156787157,
  "gsr_y": -0.010633253492414951,
  "provenance": {
    "md5sum": "6aafa9f797788d2b6af6d2a5c8a90f4a",
    "settings": {
      "fd_thres": 0.2,
      "testing": false
    },
    "software": "mriqc",
    "version": "23.0.1",
    "webapi_port": null,
    "webapi_url": "https://mriqc.nimh.nih.gov/api/v1"
  },
  "size_t": 254,
  "size_x": 78,
  "size_y": 78,
  "size_z": 20,
  "snr": 7.59096030722246,
  "spacing_tr": 1.2000000476837158,
  "spacing_x": 2.461538553237915,
  "spacing_y": 2.461538553237915,
  "spacing_z": 2.499999761581421,
  "summary_bg_k": 28.14753832151165,
  "summary_bg_mad": 4.465317696991756,
  "summary_bg_mean": 16.87470245361328,
  "summary_bg_median": 6.968503952026367,
  "summary_bg_n": 76428.0,
  "summary_bg_p05": 3.228346347808838,
  "summary_bg_p95": 65.08504180908194,
  "summary_bg_stdv": 25.570838928222656,
  "summary_fg_k": 3.7794004977168125,
  "summary_fg_mad": 41.962284964727175,
  "summary_fg_mean": 343.8621520996094,
  "summary_fg_median": 343.62005615234375,
  "summary_fg_n": 18636.0,
  "summary_fg_p05": 277.67420196533203,
  "summary_fg_p95": 411.8641815185547,
  "summary_fg_stdv": 45.26579284667969,
  "tsnr": 40.567523853620514
}