{
  "aor": 0.0011409448818897638,
  "aqi": 0.024459494488188977,
  "bids_meta": {
    "AccelFactPE": 2,
    "AcquisitionNumber": 1,
    "AcquisitionTime": "10:48:6.915000",
    "BandwidthPerPixelPhaseEncode": 35.613,
    "BodyPartExamined": "BRAIN",
    "ConversionSoftware": "dcm2niix",
    "ConversionSoftwareVersion": "v1.0.20170724 GCC4.4.7",
    "DeviceSerialNumber": "67025",
    "EchoTime": 0.03,
    "EchoTrainLength": 51,
    "EffectiveEchoSpacing": 0.000359995,
    "FlipAngle": 65,
    "ImageType": [
      "ORIGINAL",
      "PRIMARY",
      "M",
      "ND",
      "NORM",
      "MOSAIC"
    ],
    "InstitutionAddress": "McClintock_3520A_Los_Angeles_CA_US_90089",
    "InstitutionName": "USC",
    "MagneticFieldStrength": 3,
    "Manufacturer": "Siemens",
    "ManufacturersModelName": "Prisma_fit",
    "PhaseEncodingDirection": "i-",
    "PhaseEncodingLines": 78,
    "ProcedureStepDescription": "Mara_Steve",
    "ProtocolName": "wedge_shorter",
    "RepetitionTime": 1.2,
    "ScanningSequence": "EP",
    "SequenceName": "_epfid2d1_78",
    "SequenceVariant": "SK_OSP",
    "SeriesDescription": "wedge_shorter",
    "SliceTiming": [
      0.59,
      0,
      0.65,
      0.06,
      0.7075,
      0.1175,
      0.7675,
      0.1775,
      0.825,
      0.2375,
      0.885,
      0.295,
      0.945,
      0.355,
      1.0025,
      0.4125,
      1.0625,
      0.4725,
      1.12,
      0.53
    ],
    "SoftwareVersions": "syngo_MR_D13D",
    "TaskName": "wedge",
    "TotalReadoutTime": 0.0363595,
    "TrueEchoSpacing": 0.000719991,
    "dataset": "ds003425",
    "modality": "bold",
    "run_id": 1,
    "session_id": "02",
    "subject_id": "08",
    "task_id": "wedge"
  },
  "dummy_trs": 0,
  "dvars_nstd": 55.76705272185775,
  "dvars_std": 1.5536425733596828,
  "dvars_vstd": 1.0113622275098813,
  "efc": 0.5030519351538695,
  "fber": 2248.074951171875,
  "fd_mean": 0.14069384812953897,
  "fd_num": 41,
  "fd_perc": 16.141732283464567,
  "fwhm_avg": 1.6129404135657648,
  "fwhm_x": 1.587470565862113,
  "fwhm_y": 1.4910065069556793,
  "fwhm_z": 1.760344167879502,
  "gcor": 0.0201586,
  "gsr_x": 0.00849720649421215,
  "gsr_y": -0.00951950903981924,
  "provenance": {
    "md5sum": "aaeec1a826ad85bde2a29e7d1d36b345",
    "settings": {
      "fd_thres": 0.2,
      "testing": false
    },
    "software": "mriqc",
    "version": "23.0.1",
    "webapi_port": null,
    "webapi_url": "https://mriqc.nimh.nih.gov/api/v1"
  },
  "size_t": 254,
  "size_x": 78,
  "size_y": 78,
  "size_z": 20,
  "snr": 7.654416889565191,
  "spacing_tr": 1.2000000476837158,
  "spacing_x": 2.461538553237915,
  "spacing_y": 2.461538553237915,
  "spacing_z": 2.499999761581421,
  "summary_bg_k": 33.24131407233489,
  "summary_bg_mad": 4.342740406667105,
  "summary_bg_mean": 16.331283569335938,
  "summary_bg_median": 6.905511856079102,
  "summary_bg_n": 76381.0,
  "summary_bg_p05": 3.2519683837890625,
  "summary_bg_p95": 61.67716598510742,
  "summary_bg_stdv": 24.50128746032715,
  "summary_fg_k": 3.4950595746671542,
  "summary_fg_mad": 41.21519244055833,
  "summary_fg_mean": 336.707763671875,
  "summary_fg_median": 336.75982666015625,
  "summary_fg_n": 18729.0,
  "summary_fg_p05": 272.2984375,
  "summary_fg_p95": 403.64959716796875,
  "summary_fg_stdv": 43.99431610107422,
  "tsnr": 45.43374282494187
}