{
  "aor": 0.0021010399999999998,
  "aqi": 0.00804471352,
  "bids_meta": {
    "AccelFactPE": 2,
    "AcquisitionNumber": 1,
    "AcquisitionTime": "11:33:24.710000",
    "BandwidthPerPixelPhaseEncode": 43.879,
    "BodyPartExamined": "BRAIN",
    "ConversionSoftware": "dcm2niix",
    "ConversionSoftwareVersion": "v1.0.20170724 GCC4.4.7",
    "DeviceSerialNumber": "67025",
    "EchoTime": 0.025,
    "EchoTrainLength": 43,
    "EffectiveEchoSpacing": 0.000356093,
    "FlipAngle": 90,
    "ImageType": [
      "ORIGINAL",
      "PRIMARY",
      "M",
      "ND",
      "NORM",
      "MOSAIC"
    ],
    "InstitutionAddress": "McClintock_3520A_Los_Angeles_CA_US_90089",
    "InstitutionName": "USC",
    "MagneticFieldStrength": 3,
    "Manufacturer": "Siemens",
    "ManufacturersModelName": "Prisma_fit",
    "PhaseEncodingDirection": "j-",
    "PhaseEncodingLines": 64,
    "ProcedureStepDescription": "Mara_Steve",
    "ProtocolName": "regulate7",
    "RepetitionTime": 2,
    "ScanningSequence": "EP",
    "SequenceName": "_epfid2d1_64",
    "SequenceVariant": "SK_OSP",
    "SeriesDescription": "regulate7",
    "SliceTiming": [
      0.99,
      0,
      1.0425,
      0.0525,
      1.095,
      0.105,
      1.1475,
      0.1575,
      1.2,
      0.21,
      1.25,
      0.26,
      1.3025,
      0.3125,
      1.355,
      0.365,
      1.4075,
      0.4175,
      1.46,
      0.47,
      1.5125,
      0.5225,
      1.5625,
      0.575,
      1.615,
      0.625,
      1.6675,
      0.6775,
      1.72,
      0.73,
      1.7725,
      0.7825,
      1.825,
      0.835,
      1.8775,
      0.8875,
      1.9275,
      0.9375
    ],
    "SoftwareVersions": "syngo_MR_D13D",
    "TaskName": "regulate",
    "TotalReadoutTime": 0.0299118,
    "TrueEchoSpacing": 0.000712186,
    "dataset": "ds003425",
    "modality": "bold",
    "run_id": 7,
    "session_id": "02",
    "subject_id": "08",
    "task_id": "regulate"
  },
  "dummy_trs": 0,
  "dvars_nstd": 25.721704114032253,
  "dvars_std": 1.389993943548388,
  "dvars_vstd": 1.0218540897580646,
  "efc": 0.6282304315838712,
  "fber": 2541.044921875,
  "fd_mean": 0.09489106676522922,
  "fd_num": 8,
  "fd_perc": 6.4,
  "fwhm_avg": 1.5838455555555555,
  "fwhm_x": 1.4753800000000001,
  "fwhm_y": 1.6281933333333332,
  "fwhm_z": 1.6479633333333332,
  "gcor": 0.0397076,
  "gsr_x": 0.020145734772086143,
  "gsr_y": 0.025782562792301178,
  "provenance": {
    "md5sum": "938e305c6b7db3a94420552d6269049e",
    "settings": {
      "fd_thres": 0.2,
      "testing": false
    },
    "software": "mriqc",
    "version": "23.0.1",
    "webapi_port": null,
    "webapi_url": "https://mriqc.nimh.nih.gov/api/v1"
  },
  "size_t": 125,
  "size_x": 64,
  "size_y": 64,
  "size_z": 38,
  "snr": 8.152210555521087,
  "spacing_tr": 2.0,
  "spacing_x": 3.0,
  "spacing_y": 3.0,
  "spacing_z": 3.0,
  "summary_bg_k": 11.149844662122655,
  "summary_bg_mad": 5.9659915761164015,
  "summary_bg_mean": 28.113679885864258,
  "summary_bg_median": 7.7920002937316895,
  "summary_bg_n": 74294.0,
  "summary_bg_p05": 3.136000156402588,
  "summary_bg_p95": 123.8296047210692,
  "summary_bg_stdv": 47.64599609375,
  "summary_fg_k": 1.2848735205492803,
  "summary_fg_mad": 53.07718656975797,
  "summary_fg_mean": 416.9933776855469,
  "summary_fg_median": 415.64801025390625,
  "summary_fg_n": 45529.0,
  "summary_fg_p05": 342.49921264648435,
  "summary_fg_p95": 498.6688293457031,
  "summary_fg_stdv": 50.98536682128906,
  "tsnr": 79.02492732158862
}