{
  "aor": 0.0029740000000000005,
  "aqi": 0.01236808256,
  "bids_meta": {
    "AccelFactPE": 2,
    "AcquisitionNumber": 1,
    "AcquisitionTime": "11:28:3.595000",
    "BandwidthPerPixelPhaseEncode": 43.879,
    "BodyPartExamined": "BRAIN",
    "ConversionSoftware": "dcm2niix",
    "ConversionSoftwareVersion": "v1.0.20170724 GCC4.4.7",
    "DeviceSerialNumber": "67025",
    "EchoTime": 0.025,
    "EchoTrainLength": 43,
    "EffectiveEchoSpacing": 0.000356093,
    "FlipAngle": 90,
    "ImageType": [
      "ORIGINAL",
      "PRIMARY",
      "M",
      "ND",
      "NORM",
      "MOSAIC"
    ],
    "InstitutionAddress": "McClintock_3520A_Los_Angeles_CA_US_90089",
    "InstitutionName": "USC",
    "MagneticFieldStrength": 3,
    "Manufacturer": "Siemens",
    "ManufacturersModelName": "Prisma_fit",
    "PhaseEncodingDirection": "j-",
    "PhaseEncodingLines": 64,
    "ProcedureStepDescription": "Mara_Steve",
    "ProtocolName": "regulate6",
    "RepetitionTime": 2,
    "ScanningSequence": "EP",
    "SequenceName": "_epfid2d1_64",
    "SequenceVariant": "SK_OSP",
    "SeriesDescription": "regulate6",
    "SliceTiming": [
      0.99,
      0,
      1.0425,
      0.0525,
      1.0925,
      0.105,
      1.145,
      0.155,
      1.1975,
      0.2075,
      1.25,
      0.26,
      1.3025,
      0.3125,
      1.355,
      0.365,
      1.4075,
      0.4175,
      1.4575,
      0.4675,
      1.51,
      0.52,
      1.5625,
      0.5725,
      1.615,
      0.625,
      1.6675,
      0.6775,
      1.72,
      0.73,
      1.77,
      0.78,
      1.8225,
      0.8325,
      1.875,
      0.885,
      1.9275,
      0.9375
    ],
    "SoftwareVersions": "syngo_MR_D13D",
    "TaskName": "regulate",
    "TotalReadoutTime": 0.0299118,
    "TrueEchoSpacing": 0.000712186,
    "dataset": "ds003425",
    "modality": "bold",
    "run_id": 6,
    "session_id": "02",
    "subject_id": "08",
    "task_id": "regulate"
  },
  "dummy_trs": 0,
  "dvars_nstd": 26.189918333709677,
  "dvars_std": 1.3393908450806453,
  "dvars_vstd": 0.9946843223387093,
  "efc": 0.6271808141899499,
  "fber": 2570.599853515625,
  "fd_mean": 0.11148761163544137,
  "fd_num": 13,
  "fd_perc": 10.4,
  "fwhm_avg": 1.5935088888888889,
  "fwhm_x": 1.4748,
  "fwhm_y": 1.6446399999999999,
  "fwhm_z": 1.6610866666666666,
  "gcor": 0.033796,
  "gsr_x": 0.019962888211011887,
  "gsr_y": 0.025767847895622253,
  "provenance": {
    "md5sum": "3938c26e49a67ce10d20b15ffc905062",
    "settings": {
      "fd_thres": 0.2,
      "testing": false
    },
    "software": "mriqc",
    "version": "23.0.1",
    "webapi_port": null,
    "webapi_url": "https://mriqc.nimh.nih.gov/api/v1"
  },
  "size_t": 125,
  "size_x": 64,
  "size_y": 64,
  "size_z": 38,
  "snr": 8.180571076444371,
  "spacing_tr": 2.0,
  "spacing_x": 3.0,
  "spacing_y": 3.0,
  "spacing_z": 3.0,
  "summary_bg_k": 11.750525308655613,
  "summary_bg_mad": 5.930409580982237,
  "summary_bg_mean": 27.5860595703125,
  "summary_bg_median": 7.7360005378723145,
  "summary_bg_n": 74371.0,
  "summary_bg_p05": 3.0960001945495605,
  "summary_bg_p95": 120.5840072631836,
  "summary_bg_stdv": 47.095985412597656,
  "summary_fg_k": 1.286066723740226,
  "summary_fg_mad": 52.839964785345586,
  "summary_fg_mean": 416.2418518066406,
  "summary_fg_median": 414.9200134277344,
  "summary_fg_n": 45505.0,
  "summary_fg_p05": 342.497607421875,
  "summary_fg_p95": 497.2480163574219,
  "summary_fg_stdv": 50.71961975097656,
  "tsnr": 68.14124064194039
}