{
  "aor": 0.004006160000000001,
  "aqi": 0.009100365919999997,
  "bids_meta": {
    "AccelFactPE": 2,
    "AcquisitionNumber": 1,
    "AcquisitionTime": "11:23:14.117500",
    "BandwidthPerPixelPhaseEncode": 43.879,
    "BodyPartExamined": "BRAIN",
    "ConversionSoftware": "dcm2niix",
    "ConversionSoftwareVersion": "v1.0.20170724 GCC4.4.7",
    "DeviceSerialNumber": "67025",
    "EchoTime": 0.025,
    "EchoTrainLength": 43,
    "EffectiveEchoSpacing": 0.000356093,
    "FlipAngle": 90,
    "ImageType": [
      "ORIGINAL",
      "PRIMARY",
      "M",
      "ND",
      "NORM",
      "MOSAIC"
    ],
    "InstitutionAddress": "McClintock_3520A_Los_Angeles_CA_US_90089",
    "InstitutionName": "USC",
    "MagneticFieldStrength": 3,
    "Manufacturer": "Siemens",
    "ManufacturersModelName": "Prisma_fit",
    "PhaseEncodingDirection": "j-",
    "PhaseEncodingLines": 64,
    "ProcedureStepDescription": "Mara_Steve",
    "ProtocolName": "regulate5",
    "RepetitionTime": 2,
    "ScanningSequence": "EP",
    "SequenceName": "_epfid2d1_64",
    "SequenceVariant": "SK_OSP",
    "SeriesDescription": "regulate5",
    "SliceTiming": [
      0.99,
      0,
      1.0425,
      0.0525,
      1.095,
      0.105,
      1.145,
      0.1575,
      1.1975,
      0.2075,
      1.25,
      0.26,
      1.3025,
      0.3125,
      1.355,
      0.365,
      1.4075,
      0.4175,
      1.46,
      0.47,
      1.51,
      0.52,
      1.5625,
      0.5725,
      1.615,
      0.625,
      1.6675,
      0.6775,
      1.72,
      0.73,
      1.7725,
      0.7825,
      1.8225,
      0.8325,
      1.875,
      0.885,
      1.9275,
      0.9375
    ],
    "SoftwareVersions": "syngo_MR_D13D",
    "TaskName": "regulate",
    "TotalReadoutTime": 0.0299118,
    "TrueEchoSpacing": 0.000712186,
    "dataset": "ds003425",
    "modality": "bold",
    "run_id": 5,
    "session_id": "02",
    "subject_id": "08",
    "task_id": "regulate"
  },
  "dummy_trs": 0,
  "dvars_nstd": 26.916742909193555,
  "dvars_std": 1.4148432988709674,
  "dvars_vstd": 1.0265180371774192,
  "efc": 0.6273676210335568,
  "fber": 2595.156982421875,
  "fd_mean": 0.10680940866622368,
  "fd_num": 7,
  "fd_perc": 5.6,
  "fwhm_avg": 1.5856977777777779,
  "fwhm_x": 1.4690066666666668,
  "fwhm_y": 1.6385633333333331,
  "fwhm_z": 1.6495233333333335,
  "gcor": 0.0488223,
  "gsr_x": 0.02065170370042324,
  "gsr_y": 0.025170862674713135,
  "provenance": {
    "md5sum": "69ec9e2815e8d8c3da90ad21b0f812ce",
    "settings": {
      "fd_thres": 0.2,
      "testing": false
    },
    "software": "mriqc",
    "version": "23.0.1",
    "webapi_port": null,
    "webapi_url": "https://mriqc.nimh.nih.gov/api/v1"
  },
  "size_t": 125,
  "size_x": 64,
  "size_y": 64,
  "size_z": 38,
  "snr": 8.141210920339836,
  "spacing_tr": 2.0,
  "spacing_x": 3.0,
  "spacing_y": 3.0,
  "spacing_z": 3.0,
  "summary_bg_k": 11.873748430829254,
  "summary_bg_mad": 5.942269892547044,
  "summary_bg_mean": 27.61549949645996,
  "summary_bg_median": 7.712000370025635,
  "summary_bg_n": 74317.0,
  "summary_bg_p05": 3.056000232696533,
  "summary_bg_p95": 120.82560577392576,
  "summary_bg_stdv": 47.3288688659668,
  "summary_fg_k": 1.4609192444534438,
  "summary_fg_mad": 53.13645808178929,
  "summary_fg_mean": 416.2058410644531,
  "summary_fg_median": 414.8960266113281,
  "summary_fg_n": 45566.0,
  "summary_fg_p05": 341.8480224609375,
  "summary_fg_p95": 497.32603454589844,
  "summary_fg_stdv": 50.96188735961914,
  "tsnr": 74.69542148918845
}