{
  "aor": 0.00263368,
  "aqi": 0.019120092879999995,
  "bids_meta": {
    "AccelFactPE": 2,
    "AcquisitionNumber": 1,
    "AcquisitionTime": "11:23:19.557500",
    "BandwidthPerPixelPhaseEncode": 43.879,
    "BodyPartExamined": "BRAIN",
    "ConversionSoftware": "dcm2niix",
    "ConversionSoftwareVersion": "v1.0.20170724 GCC4.4.7",
    "DeviceSerialNumber": "67025",
    "EchoTime": 0.025,
    "EchoTrainLength": 43,
    "EffectiveEchoSpacing": 0.000356093,
    "FlipAngle": 90,
    "ImageType": [
      "ORIGINAL",
      "PRIMARY",
      "M",
      "ND",
      "NORM",
      "MOSAIC"
    ],
    "InstitutionAddress": "McClintock_3520A_Los_Angeles_CA_US_90089",
    "InstitutionName": "USC",
    "MagneticFieldStrength": 3,
    "Manufacturer": "Siemens",
    "ManufacturersModelName": "Prisma_fit",
    "PhaseEncodingDirection": "j-",
    "PhaseEncodingLines": 64,
    "ProcedureStepDescription": "Mara_Steve",
    "ProtocolName": "regulate8",
    "RepetitionTime": 2,
    "ScanningSequence": "EP",
    "SequenceName": "_epfid2d1_64",
    "SequenceVariant": "SK_OSP",
    "SeriesDescription": "regulate8",
    "SliceTiming": [
      0.9875,
      0,
      1.04,
      0.05,
      1.0925,
      0.1025,
      1.145,
      0.155,
      1.1975,
      0.2075,
      1.25,
      0.26,
      1.3025,
      0.3125,
      1.3525,
      0.3625,
      1.405,
      0.415,
      1.4575,
      0.4675,
      1.51,
      0.52,
      1.5625,
      0.5725,
      1.615,
      0.625,
      1.665,
      0.675,
      1.7175,
      0.7275,
      1.77,
      0.78,
      1.8225,
      0.8325,
      1.875,
      0.885,
      1.9275,
      0.9375
    ],
    "SoftwareVersions": "syngo_MR_D13D",
    "TaskName": "regulate",
    "TotalReadoutTime": 0.0299118,
    "TrueEchoSpacing": 0.000712186,
    "dataset": "ds003425",
    "modality": "bold",
    "run_id": 8,
    "session_id": "02",
    "subject_id": "09",
    "task_id": "regulate"
  },
  "dummy_trs": 0,
  "dvars_nstd": 30.113836180806427,
  "dvars_std": 1.281523257580645,
  "dvars_vstd": 0.9830742433064519,
  "efc": 0.6343084088620259,
  "fber": 1351.5545654296875,
  "fd_mean": 0.22716779604615678,
  "fd_num": 54,
  "fd_perc": 43.2,
  "fwhm_avg": 1.5488899999999999,
  "fwhm_x": 1.4550666666666665,
  "fwhm_y": 1.67854,
  "fwhm_z": 1.5130633333333332,
  "gcor": 0.0400814,
  "gsr_x": 0.00048061402048915625,
  "gsr_y": 0.06025929003953934,
  "provenance": {
    "md5sum": "20dd6b6225870c518fe67f51c36e3b48",
    "settings": {
      "fd_thres": 0.2,
      "testing": false
    },
    "software": "mriqc",
    "version": "23.0.1",
    "webapi_port": null,
    "webapi_url": "https://mriqc.nimh.nih.gov/api/v1"
  },
  "size_t": 125,
  "size_x": 64,
  "size_y": 64,
  "size_z": 38,
  "snr": 8.139877378209684,
  "spacing_tr": 2.0,
  "spacing_x": 3.0,
  "spacing_y": 3.0,
  "spacing_z": 3.0,
  "summary_bg_k": 11.692360626391219,
  "summary_bg_mad": 10.241816114125342,
  "summary_bg_mean": 37.01532745361328,
  "summary_bg_median": 10.744000434875488,
  "summary_bg_n": 76818.0,
  "summary_bg_p05": 3.2160000801086426,
  "summary_bg_p95": 158.68360824584946,
  "summary_bg_stdv": 59.023399353027344,
  "summary_fg_k": 4.277162143910785,
  "summary_fg_mad": 46.36394128263181,
  "summary_fg_mean": 418.0351257324219,
  "summary_fg_median": 415.8080139160156,
  "summary_fg_n": 43555.0,
  "summary_fg_p05": 347.8032165527344,
  "summary_fg_p95": 497.9920349121094,
  "summary_fg_stdv": 51.08224868774414,
  "tsnr": 56.751714145881124
}