{
  "aor": 0.0048011023622047235,
  "aqi": 0.07494073307086614,
  "bids_meta": {
    "AccelFactPE": 2,
    "AcquisitionNumber": 1,
    "AcquisitionTime": "11:28:57.070000",
    "BandwidthPerPixelPhaseEncode": 35.613,
    "BodyPartExamined": "BRAIN",
    "ConversionSoftware": "dcm2niix",
    "ConversionSoftwareVersion": "v1.0.20170724 GCC4.4.7",
    "DeviceSerialNumber": "67025",
    "EchoTime": 0.03,
    "EchoTrainLength": 51,
    "EffectiveEchoSpacing": 0.000359995,
    "FlipAngle": 65,
    "ImageType": [
      "ORIGINAL",
      "PRIMARY",
      "M",
      "ND",
      "NORM",
      "MOSAIC"
    ],
    "InstitutionAddress": "McClintock_3520A_Los_Angeles_CA_US_90089",
    "InstitutionName": "USC",
    "MagneticFieldStrength": 3,
    "Manufacturer": "Siemens",
    "ManufacturersModelName": "Prisma_fit",
    "PhaseEncodingDirection": "i-",
    "PhaseEncodingLines": 78,
    "ProcedureStepDescription": "Mara_Steve",
    "ProtocolName": "wedge_shorter",
    "RepetitionTime": 1.2,
    "ScanningSequence": "EP",
    "SequenceName": "_epfid2d1_78",
    "SequenceVariant": "SK_OSP",
    "SeriesDescription": "wedge_shorter",
    "SliceTiming": [
      0.59,
      0,
      0.65,
      0.06,
      0.7075,
      0.1175,
      0.7675,
      0.1775,
      0.825,
      0.235,
      0.885,
      0.295,
      0.9425,
      0.355,
      1.0025,
      0.4125,
      1.0625,
      0.4725,
      1.12,
      0.53
    ],
    "SoftwareVersions": "syngo_MR_D13D",
    "TaskName": "wedge",
    "TotalReadoutTime": 0.0363595,
    "TrueEchoSpacing": 0.000719991,
    "dataset": "ds003425",
    "modality": "bold",
    "run_id": 2,
    "session_id": "02",
    "subject_id": "09",
    "task_id": "wedge"
  },
  "dummy_trs": 0,
  "dvars_nstd": 51.32051448284583,
  "dvars_std": 1.2477530972332012,
  "dvars_vstd": 0.9383573101185773,
  "efc": 0.5236641177222244,
  "fber": 1770.0941162109375,
  "fd_mean": 0.3022244813466346,
  "fd_num": 109,
  "fd_perc": 42.91338582677165,
  "fwhm_avg": 1.6123793151798402,
  "fwhm_x": 1.6837111872768704,
  "fwhm_y": 1.4559227582626508,
  "fwhm_z": 1.697504,
  "gcor": 0.0219067,
  "gsr_x": -0.012991035357117653,
  "gsr_y": -0.001571784378029406,
  "provenance": {
    "md5sum": "c79ff6a9f76527afee7380ce5850d870",
    "settings": {
      "fd_thres": 0.2,
      "testing": false
    },
    "software": "mriqc",
    "version": "23.0.1",
    "webapi_port": null,
    "webapi_url": "https://mriqc.nimh.nih.gov/api/v1"
  },
  "size_t": 254,
  "size_x": 78,
  "size_y": 78,
  "size_z": 20,
  "snr": 7.355779588733851,
  "spacing_tr": 1.2000000476837158,
  "spacing_x": 2.461538553237915,
  "spacing_y": 2.461538553237915,
  "spacing_z": 2.5,
  "summary_bg_k": 13.746294468023187,
  "summary_bg_mad": 6.058823178172042,
  "summary_bg_mean": 26.03960418701172,
  "summary_bg_median": 7.960629940032959,
  "summary_bg_n": 77855.0,
  "summary_bg_p05": 3.303149700164795,
  "summary_bg_p95": 119.17046966552735,
  "summary_bg_stdv": 40.99129104614258,
  "summary_fg_k": 7.222292687018868,
  "summary_fg_mad": 39.218918866257624,
  "summary_fg_mean": 352.68719482421875,
  "summary_fg_median": 351.9862060546875,
  "summary_fg_n": 16838.0,
  "summary_fg_p05": 287.13207855224607,
  "summary_fg_p95": 419.4255950927734,
  "summary_fg_stdv": 47.8502311706543,
  "tsnr": 26.878652961924672
}