{
  "aor": 0.00140656,
  "aqi": 0.0059720884000000005,
  "bids_meta": {
    "AccelFactPE": 2,
    "AcquisitionNumber": 1,
    "AcquisitionTime": "12:54:35.632500",
    "BandwidthPerPixelPhaseEncode": 43.879,
    "BodyPartExamined": "BRAIN",
    "ConversionSoftware": "dcm2niix",
    "ConversionSoftwareVersion": "v1.0.20170724 GCC4.4.7",
    "DeviceSerialNumber": "67025",
    "EchoTime": 0.025,
    "EchoTrainLength": 43,
    "EffectiveEchoSpacing": 0.000356093,
    "FlipAngle": 90,
    "ImageType": [
      "ORIGINAL",
      "PRIMARY",
      "M",
      "ND",
      "NORM",
      "MOSAIC"
    ],
    "InstitutionAddress": "McClintock_3520A_Los_Angeles_CA_US_90089",
    "InstitutionName": "USC",
    "MagneticFieldStrength": 3,
    "Manufacturer": "Siemens",
    "ManufacturersModelName": "Prisma_fit",
    "PhaseEncodingDirection": "j-",
    "PhaseEncodingLines": 64,
    "ProcedureStepDescription": "Mara_Steve",
    "ProtocolName": "learning2",
    "RepetitionTime": 2,
    "ScanningSequence": "EP",
    "SequenceName": "_epfid2d1_64",
    "SequenceVariant": "SK_OSP",
    "SeriesDescription": "learning2",
    "SliceTiming": [
      0.99,
      0,
      1.0425,
      0.0525,
      1.0925,
      0.1025,
      1.145,
      0.155,
      1.1975,
      0.2075,
      1.25,
      0.26,
      1.3025,
      0.3125,
      1.355,
      0.365,
      1.405,
      0.415,
      1.4575,
      0.4675,
      1.51,
      0.52,
      1.5625,
      0.5725,
      1.615,
      0.625,
      1.6675,
      0.6775,
      1.7175,
      0.73,
      1.77,
      0.78,
      1.8225,
      0.8325,
      1.875,
      0.885,
      1.9275,
      0.9375
    ],
    "SoftwareVersions": "syngo_MR_D13D",
    "TaskName": "learning",
    "TotalReadoutTime": 0.0299118,
    "TrueEchoSpacing": 0.000712186,
    "dataset": "ds003425",
    "modality": "bold",
    "run_id": 2,
    "session_id": "01",
    "subject_id": "10",
    "task_id": "learning"
  },
  "dummy_trs": 0,
  "dvars_nstd": 23.81021861169356,
  "dvars_std": 1.2906011545161296,
  "dvars_vstd": 1.0122215378225807,
  "efc": 0.6305899226226575,
  "fber": 2197.83251953125,
  "fd_mean": 0.08703736894687342,
  "fd_num": 0,
  "fd_perc": 0.0,
  "fwhm_avg": 1.6511855555555555,
  "fwhm_x": 1.5314266666666667,
  "fwhm_y": 1.7390333333333334,
  "fwhm_z": 1.6830966666666667,
  "gcor": 0.00992757,
  "gsr_x": -0.003054378554224968,
  "gsr_y": 0.052225708961486816,
  "provenance": {
    "md5sum": "ad8e7e721a7f1c1b0dbe4a734b659638",
    "settings": {
      "fd_thres": 0.2,
      "testing": false
    },
    "software": "mriqc",
    "version": "23.0.1",
    "webapi_port": null,
    "webapi_url": "https://mriqc.nimh.nih.gov/api/v1"
  },
  "size_t": 125,
  "size_x": 64,
  "size_y": 64,
  "size_z": 38,
  "snr": 7.335432548069841,
  "spacing_tr": 2.0,
  "spacing_x": 3.0,
  "spacing_y": 3.0,
  "spacing_z": 3.0,
  "summary_bg_k": 10.851842101337573,
  "summary_bg_mad": 6.155764691191352,
  "summary_bg_mean": 25.917142868041992,
  "summary_bg_median": 7.520000457763672,
  "summary_bg_n": 73843.0,
  "summary_bg_p05": 2.81600022315979,
  "summary_bg_p95": 115.38320312499995,
  "summary_bg_stdv": 41.80251693725586,
  "summary_fg_k": 2.213843118702197,
  "summary_fg_mad": 48.000694677847875,
  "summary_fg_mean": 376.1214904785156,
  "summary_fg_median": 373.5520324707031,
  "summary_fg_n": 45982.0,
  "summary_fg_p05": 303.28082885742185,
  "summary_fg_p95": 460.42401123046875,
  "summary_fg_stdv": 50.92378234863281,
  "tsnr": 83.18713123444468
}