{
  "aor": 0.0020504000000000004,
  "aqi": 0.00538412184,
  "bids_meta": {
    "AccelFactPE": 2,
    "AcquisitionNumber": 1,
    "AcquisitionTime": "13:03:58.645000",
    "BandwidthPerPixelPhaseEncode": 43.879,
    "BodyPartExamined": "BRAIN",
    "ConversionSoftware": "dcm2niix",
    "ConversionSoftwareVersion": "v1.0.20170724 GCC4.4.7",
    "DeviceSerialNumber": "67025",
    "EchoTime": 0.025,
    "EchoTrainLength": 43,
    "EffectiveEchoSpacing": 0.000356093,
    "FlipAngle": 90,
    "ImageType": [
      "ORIGINAL",
      "PRIMARY",
      "M",
      "ND",
      "NORM",
      "MOSAIC"
    ],
    "InstitutionAddress": "McClintock_3520A_Los_Angeles_CA_US_90089",
    "InstitutionName": "USC",
    "MagneticFieldStrength": 3,
    "Manufacturer": "Siemens",
    "ManufacturersModelName": "Prisma_fit",
    "PhaseEncodingDirection": "j-",
    "PhaseEncodingLines": 64,
    "ProcedureStepDescription": "Mara_Steve",
    "ProtocolName": "learning4",
    "RepetitionTime": 2,
    "ScanningSequence": "EP",
    "SequenceName": "_epfid2d1_64",
    "SequenceVariant": "SK_OSP",
    "SeriesDescription": "learning4",
    "SliceTiming": [
      0.99,
      0,
      1.0425,
      0.0525,
      1.095,
      0.105,
      1.1475,
      0.1575,
      1.2,
      0.21,
      1.2525,
      0.2625,
      1.3025,
      0.3125,
      1.355,
      0.365,
      1.4075,
      0.4175,
      1.46,
      0.47,
      1.5125,
      0.5225,
      1.565,
      0.575,
      1.615,
      0.6275,
      1.6675,
      0.6775,
      1.72,
      0.73,
      1.7725,
      0.7825,
      1.825,
      0.835,
      1.8775,
      0.8875,
      1.93,
      0.94
    ],
    "SoftwareVersions": "syngo_MR_D13D",
    "TaskName": "learning",
    "TotalReadoutTime": 0.0299118,
    "TrueEchoSpacing": 0.000712186,
    "dataset": "ds003425",
    "modality": "bold",
    "run_id": 4,
    "session_id": "01",
    "subject_id": "10",
    "task_id": "learning"
  },
  "dummy_trs": 0,
  "dvars_nstd": 22.936703551209675,
  "dvars_std": 1.274873539274194,
  "dvars_vstd": 1.0300459873387098,
  "efc": 0.6314340990738588,
  "fber": 2159.65185546875,
  "fd_mean": 0.08802549077096018,
  "fd_num": 2,
  "fd_perc": 1.6,
  "fwhm_avg": 1.6493233333333335,
  "fwhm_x": 1.5252833333333333,
  "fwhm_y": 1.7358833333333334,
  "fwhm_z": 1.6868033333333334,
  "gcor": 0.0155496,
  "gsr_x": -0.0034455719869583845,
  "gsr_y": 0.052601177245378494,
  "provenance": {
    "md5sum": "c86465ea5599e6b1653c456b868593bc",
    "settings": {
      "fd_thres": 0.2,
      "testing": false
    },
    "software": "mriqc",
    "version": "23.0.1",
    "webapi_port": null,
    "webapi_url": "https://mriqc.nimh.nih.gov/api/v1"
  },
  "size_t": 125,
  "size_x": 64,
  "size_y": 64,
  "size_z": 38,
  "snr": 7.345890604558622,
  "spacing_tr": 2.0,
  "spacing_x": 3.0,
  "spacing_y": 3.0,
  "spacing_z": 3.0,
  "summary_bg_k": 10.965486521262765,
  "summary_bg_mad": 6.167625356236074,
  "summary_bg_mean": 26.10380744934082,
  "summary_bg_median": 7.568000316619873,
  "summary_bg_n": 73802.0,
  "summary_bg_p05": 2.8400001525878906,
  "summary_bg_p95": 115.57520408630367,
  "summary_bg_stdv": 42.10688018798828,
  "summary_fg_k": 2.159516939848575,
  "summary_fg_mad": 48.48703779450793,
  "summary_fg_mean": 376.5793151855469,
  "summary_fg_median": 374.0880126953125,
  "summary_fg_n": 46074.0,
  "summary_fg_p05": 303.57520904541013,
  "summary_fg_p95": 460.81881866455075,
  "summary_fg_stdv": 50.92424774169922,
  "tsnr": 86.62645818199962
}