{
  "aor": 0.0016407142857142855,
  "aqi": 0.005704533061224489,
  "bids_meta": {
    "AccelFactPE": 2,
    "AcquisitionNumber": 1,
    "AcquisitionTime": "12:22:33.882500",
    "BandwidthPerPixelPhaseEncode": 43.879,
    "BodyPartExamined": "BRAIN",
    "ConversionSoftware": "dcm2niix",
    "ConversionSoftwareVersion": "v1.0.20170724 GCC4.4.7",
    "DeviceSerialNumber": "67025",
    "EchoTime": 0.025,
    "EchoTrainLength": 43,
    "EffectiveEchoSpacing": 0.000356093,
    "FlipAngle": 90,
    "ImageType": [
      "ORIGINAL",
      "PRIMARY",
      "M",
      "ND",
      "NORM",
      "MOSAIC"
    ],
    "InstitutionAddress": "McClintock_3520A_Los_Angeles_CA_US_90089",
    "InstitutionName": "USC",
    "MagneticFieldStrength": 3,
    "Manufacturer": "Siemens",
    "ManufacturersModelName": "Prisma_fit",
    "PhaseEncodingDirection": "j-",
    "PhaseEncodingLines": 64,
    "ProcedureStepDescription": "Mara_Steve",
    "ProtocolName": "training3",
    "RepetitionTime": 2,
    "ScanningSequence": "EP",
    "SequenceName": "_epfid2d1_64",
    "SequenceVariant": "SK_OSP",
    "SeriesDescription": "training3",
    "SliceTiming": [
      0.99,
      0,
      1.0425,
      0.0525,
      1.095,
      0.105,
      1.145,
      0.155,
      1.1975,
      0.2075,
      1.25,
      0.26,
      1.3025,
      0.3125,
      1.355,
      0.365,
      1.4075,
      0.4175,
      1.4575,
      0.47,
      1.51,
      0.52,
      1.5625,
      0.5725,
      1.615,
      0.625,
      1.6675,
      0.6775,
      1.72,
      0.73,
      1.7725,
      0.7825,
      1.8225,
      0.8325,
      1.875,
      0.885,
      1.9275,
      0.9375
    ],
    "SoftwareVersions": "syngo_MR_D13D",
    "TaskName": "training",
    "TotalReadoutTime": 0.0299118,
    "TrueEchoSpacing": 0.000712186,
    "dataset": "ds003425",
    "modality": "bold",
    "run_id": 3,
    "session_id": "01",
    "subject_id": "10",
    "task_id": "training"
  },
  "dummy_trs": 0,
  "dvars_nstd": 24.40036402020619,
  "dvars_std": 1.3158946046391753,
  "dvars_vstd": 1.037498351237113,
  "efc": 0.6290393067695309,
  "fber": 2255.630126953125,
  "fd_mean": 0.09985569912001839,
  "fd_num": 5,
  "fd_perc": 5.1020408163265305,
  "fwhm_avg": 1.6557533333333334,
  "fwhm_x": 1.5263766666666667,
  "fwhm_y": 1.74821,
  "fwhm_z": 1.6926733333333335,
  "gcor": 0.019518,
  "gsr_x": -0.0028030574321746826,
  "gsr_y": 0.05225406587123871,
  "provenance": {
    "md5sum": "12eb9829e7f95325391117a3ce1657df",
    "settings": {
      "fd_thres": 0.2,
      "testing": false
    },
    "software": "mriqc",
    "version": "23.0.1",
    "webapi_port": null,
    "webapi_url": "https://mriqc.nimh.nih.gov/api/v1"
  },
  "size_t": 98,
  "size_x": 64,
  "size_y": 64,
  "size_z": 38,
  "snr": 7.340830021592491,
  "spacing_tr": 2.0,
  "spacing_x": 3.0,
  "spacing_y": 3.0,
  "spacing_z": 3.0,
  "summary_bg_k": 11.865018825339732,
  "summary_bg_mad": 6.036308981989963,
  "summary_bg_mean": 25.24319839477539,
  "summary_bg_median": 7.4285712242126465,
  "summary_bg_n": 73880.0,
  "summary_bg_p05": 2.7857141494750977,
  "summary_bg_p95": 112.59387588500988,
  "summary_bg_stdv": 41.24763870239258,
  "summary_fg_k": 2.3093197595209647,
  "summary_fg_mad": 47.95766627483887,
  "summary_fg_mean": 375.0469970703125,
  "summary_fg_median": 372.73468017578125,
  "summary_fg_n": 45987.0,
  "summary_fg_p05": 302.44183959960935,
  "summary_fg_p95": 458.17040405273434,
  "summary_fg_stdv": 50.77499771118164,
  "tsnr": 85.29621875332668
}