{
  "aor": 0.0019290816326530608,
  "aqi": 0.005598924489795919,
  "bids_meta": {
    "AccelFactPE": 2,
    "AcquisitionNumber": 1,
    "AcquisitionTime": "12:33:58.150000",
    "BandwidthPerPixelPhaseEncode": 43.879,
    "BodyPartExamined": "BRAIN",
    "ConversionSoftware": "dcm2niix",
    "ConversionSoftwareVersion": "v1.0.20170724 GCC4.4.7",
    "DeviceSerialNumber": "67025",
    "EchoTime": 0.025,
    "EchoTrainLength": 43,
    "EffectiveEchoSpacing": 0.000356093,
    "FlipAngle": 90,
    "ImageType": [
      "ORIGINAL",
      "PRIMARY",
      "M",
      "ND",
      "NORM",
      "MOSAIC"
    ],
    "InstitutionAddress": "McClintock_3520A_Los_Angeles_CA_US_90089",
    "InstitutionName": "USC",
    "MagneticFieldStrength": 3,
    "Manufacturer": "Siemens",
    "ManufacturersModelName": "Prisma_fit",
    "PhaseEncodingDirection": "j-",
    "PhaseEncodingLines": 64,
    "ProcedureStepDescription": "Mara_Steve",
    "ProtocolName": "training6",
    "RepetitionTime": 2,
    "ScanningSequence": "EP",
    "SequenceName": "_epfid2d1_64",
    "SequenceVariant": "SK_OSP",
    "SeriesDescription": "training6",
    "SliceTiming": [
      0.99,
      0,
      1.0425,
      0.0525,
      1.095,
      0.105,
      1.1475,
      0.1575,
      1.1975,
      0.21,
      1.25,
      0.26,
      1.3025,
      0.3125,
      1.355,
      0.365,
      1.4075,
      0.4175,
      1.46,
      0.47,
      1.5125,
      0.5225,
      1.5625,
      0.5725,
      1.615,
      0.625,
      1.6675,
      0.6775,
      1.72,
      0.73,
      1.7725,
      0.7825,
      1.825,
      0.835,
      1.875,
      0.885,
      1.9275,
      0.9375
    ],
    "SoftwareVersions": "syngo_MR_D13D",
    "TaskName": "training",
    "TotalReadoutTime": 0.0299118,
    "TrueEchoSpacing": 0.000712186,
    "dataset": "ds003425",
    "modality": "bold",
    "run_id": 6,
    "session_id": "01",
    "subject_id": "10",
    "task_id": "training"
  },
  "dummy_trs": 0,
  "dvars_nstd": 24.530960496288664,
  "dvars_std": 1.3346063906185563,
  "dvars_vstd": 1.0452363182474227,
  "efc": 0.6298374673482007,
  "fber": 2254.765625,
  "fd_mean": 0.09435454102257904,
  "fd_num": 1,
  "fd_perc": 1.0204081632653061,
  "fwhm_avg": 1.6545311111111112,
  "fwhm_x": 1.5354866666666667,
  "fwhm_y": 1.7472466666666666,
  "fwhm_z": 1.68086,
  "gcor": 0.0147126,
  "gsr_x": -0.002278659725561738,
  "gsr_y": 0.052445851266384125,
  "provenance": {
    "md5sum": "e1bd54b35e0f48b25ff23bdeff43d03d",
    "settings": {
      "fd_thres": 0.2,
      "testing": false
    },
    "software": "mriqc",
    "version": "23.0.1",
    "webapi_port": null,
    "webapi_url": "https://mriqc.nimh.nih.gov/api/v1"
  },
  "size_t": 98,
  "size_x": 64,
  "size_y": 64,
  "size_z": 38,
  "snr": 7.346658482329709,
  "spacing_tr": 2.0,
  "spacing_x": 3.0,
  "spacing_y": 3.0,
  "spacing_z": 3.0,
  "summary_bg_k": 11.350745945008697,
  "summary_bg_mad": 6.051437568842471,
  "summary_bg_mean": 25.72021484375,
  "summary_bg_median": 7.448979377746582,
  "summary_bg_n": 73921.0,
  "summary_bg_p05": 2.816326379776001,
  "summary_bg_p95": 114.85713958740234,
  "summary_bg_stdv": 41.854698181152344,
  "summary_fg_k": 2.25877075032679,
  "summary_fg_mad": 48.108921744091326,
  "summary_fg_mean": 375.97802734375,
  "summary_fg_median": 373.5,
  "summary_fg_n": 45941.0,
  "summary_fg_p05": 303.2958984375,
  "summary_fg_p95": 459.45916748046875,
  "summary_fg_stdv": 50.83888626098633,
  "tsnr": 86.934092159383
}