{
  "aor": 0.0014279032258064516,
  "aqi": 0.006023384032258066,
  "bids_meta": {
    "AccelFactPE": 2,
    "AcquisitionNumber": 1,
    "AcquisitionTime": "12:49:55.252500",
    "BandwidthPerPixelPhaseEncode": 43.879,
    "BodyPartExamined": "BRAIN",
    "ConversionSoftware": "dcm2niix",
    "ConversionSoftwareVersion": "v1.0.20170724 GCC4.4.7",
    "DeviceSerialNumber": "67025",
    "EchoTime": 0.025,
    "EchoTrainLength": 43,
    "EffectiveEchoSpacing": 0.000356093,
    "FlipAngle": 90,
    "ImageType": [
      "ORIGINAL",
      "PRIMARY",
      "M",
      "ND",
      "NORM",
      "MOSAIC"
    ],
    "InstitutionAddress": "McClintock_3520A_Los_Angeles_CA_US_90089",
    "InstitutionName": "USC",
    "MagneticFieldStrength": 3,
    "Manufacturer": "Siemens",
    "ManufacturersModelName": "Prisma_fit",
    "PhaseEncodingDirection": "j-",
    "PhaseEncodingLines": 64,
    "ProcedureStepDescription": "Mara_Steve",
    "ProtocolName": "learning1",
    "RepetitionTime": 2,
    "ScanningSequence": "EP",
    "SequenceName": "_epfid2d1_64",
    "SequenceVariant": "SK_OSP",
    "SeriesDescription": "learning1",
    "SliceTiming": [
      0.99,
      0,
      1.0425,
      0.0525,
      1.095,
      0.105,
      1.1475,
      0.1575,
      1.2,
      0.21,
      1.25,
      0.26,
      1.3025,
      0.3125,
      1.355,
      0.365,
      1.4075,
      0.4175,
      1.46,
      0.47,
      1.5125,
      0.5225,
      1.5625,
      0.5725,
      1.615,
      0.625,
      1.6675,
      0.6775,
      1.72,
      0.73,
      1.7725,
      0.7825,
      1.825,
      0.835,
      1.875,
      0.8875,
      1.9275,
      0.9375
    ],
    "SoftwareVersions": "syngo_MR_D13D",
    "TaskName": "learning",
    "TotalReadoutTime": 0.0299118,
    "TrueEchoSpacing": 0.000712186,
    "dataset": "ds003425",
    "modality": "bold",
    "run_id": 1,
    "session_id": "01",
    "subject_id": "10",
    "task_id": "learning"
  },
  "dummy_trs": 1,
  "dvars_nstd": 23.826180589268294,
  "dvars_std": 1.2672111050406507,
  "dvars_vstd": 1.0096785221138214,
  "efc": 0.6305774998899155,
  "fber": 2165.25732421875,
  "fd_mean": 0.0973138163889468,
  "fd_num": 5,
  "fd_perc": 4.032258064516129,
  "fwhm_avg": 1.6564955555555556,
  "fwhm_x": 1.53982,
  "fwhm_y": 1.7395266666666667,
  "fwhm_z": 1.6901400000000002,
  "gcor": 0.0154503,
  "gsr_x": -0.0027187010273337364,
  "gsr_y": 0.052408475428819656,
  "provenance": {
    "md5sum": "0bb958923ff0df92568367b942260873",
    "settings": {
      "fd_thres": 0.2,
      "testing": false
    },
    "software": "mriqc",
    "version": "23.0.1",
    "webapi_port": null,
    "webapi_url": "https://mriqc.nimh.nih.gov/api/v1"
  },
  "size_t": 124,
  "size_x": 64,
  "size_y": 64,
  "size_z": 38,
  "snr": 7.301993325761884,
  "spacing_tr": 2.0,
  "spacing_x": 3.0,
  "spacing_y": 3.0,
  "spacing_z": 3.0,
  "summary_bg_k": 10.742417977722294,
  "summary_bg_mad": 6.193451305735312,
  "summary_bg_mean": 25.8743953704834,
  "summary_bg_median": 7.548387050628662,
  "summary_bg_n": 73837.0,
  "summary_bg_p05": 2.8064515590667725,
  "summary_bg_p95": 115.39838256835932,
  "summary_bg_stdv": 41.760528564453125,
  "summary_fg_k": 2.2893089567860176,
  "summary_fg_mad": 48.304155770362435,
  "summary_fg_mean": 375.6955871582031,
  "summary_fg_median": 373.1209716796875,
  "summary_fg_n": 46018.0,
  "summary_fg_p05": 302.8951416015625,
  "summary_fg_p95": 459.90441131591797,
  "summary_fg_stdv": 51.09795379638672,
  "tsnr": 82.64807145204395
}