{
  "aor": 0.0025596938775510206,
  "aqi": 0.006729219081632654,
  "bids_meta": {
    "AccelFactPE": 2,
    "AcquisitionNumber": 1,
    "AcquisitionTime": "12:14:51.252500",
    "BandwidthPerPixelPhaseEncode": 43.879,
    "BodyPartExamined": "BRAIN",
    "ConversionSoftware": "dcm2niix",
    "ConversionSoftwareVersion": "v1.0.20170724 GCC4.4.7",
    "DeviceSerialNumber": "67025",
    "EchoTime": 0.025,
    "EchoTrainLength": 43,
    "EffectiveEchoSpacing": 0.000356093,
    "FlipAngle": 90,
    "ImageType": [
      "ORIGINAL",
      "PRIMARY",
      "M",
      "ND",
      "NORM",
      "MOSAIC"
    ],
    "InstitutionAddress": "McClintock_3520A_Los_Angeles_CA_US_90089",
    "InstitutionName": "USC",
    "MagneticFieldStrength": 3,
    "Manufacturer": "Siemens",
    "ManufacturersModelName": "Prisma_fit",
    "PhaseEncodingDirection": "j-",
    "PhaseEncodingLines": 64,
    "ProcedureStepDescription": "Mara_Steve",
    "ProtocolName": "training1",
    "RepetitionTime": 2,
    "ScanningSequence": "EP",
    "SequenceName": "_epfid2d1_64",
    "SequenceVariant": "SK_OSP",
    "SeriesDescription": "training1",
    "SliceTiming": [
      0.99,
      0,
      1.0425,
      0.0525,
      1.0925,
      0.1025,
      1.145,
      0.155,
      1.1975,
      0.2075,
      1.25,
      0.26,
      1.3025,
      0.3125,
      1.355,
      0.365,
      1.405,
      0.4175,
      1.4575,
      0.4675,
      1.51,
      0.52,
      1.5625,
      0.5725,
      1.615,
      0.625,
      1.6675,
      0.6775,
      1.72,
      0.73,
      1.77,
      0.78,
      1.8225,
      0.8325,
      1.875,
      0.885,
      1.9275,
      0.9375
    ],
    "SoftwareVersions": "syngo_MR_D13D",
    "TaskName": "training",
    "TotalReadoutTime": 0.0299118,
    "TrueEchoSpacing": 0.000712186,
    "dataset": "ds003425",
    "modality": "bold",
    "run_id": 1,
    "session_id": "01",
    "subject_id": "10",
    "task_id": "training"
  },
  "dummy_trs": 0,
  "dvars_nstd": 26.13225413824743,
  "dvars_std": 1.3557603401030929,
  "dvars_vstd": 1.053123449793814,
  "efc": 0.6286336010227336,
  "fber": 2219.708740234375,
  "fd_mean": 0.10945191358465471,
  "fd_num": 7,
  "fd_perc": 7.142857142857143,
  "fwhm_avg": 1.6538422222222222,
  "fwhm_x": 1.52302,
  "fwhm_y": 1.74983,
  "fwhm_z": 1.6886766666666666,
  "gcor": 0.0275246,
  "gsr_x": -0.0031158176716417074,
  "gsr_y": 0.05190735310316086,
  "provenance": {
    "md5sum": "d51e5b0d6e30a31bc41f70bce61511b0",
    "settings": {
      "fd_thres": 0.2,
      "testing": false
    },
    "software": "mriqc",
    "version": "23.0.1",
    "webapi_port": null,
    "webapi_url": "https://mriqc.nimh.nih.gov/api/v1"
  },
  "size_t": 98,
  "size_x": 64,
  "size_y": 64,
  "size_z": 38,
  "snr": 7.3496777178020105,
  "spacing_tr": 2.0,
  "spacing_x": 3.0,
  "spacing_y": 3.0,
  "spacing_z": 3.0,
  "summary_bg_k": 11.933294880547551,
  "summary_bg_mad": 6.096823682879909,
  "summary_bg_mean": 24.83255958557129,
  "summary_bg_median": 7.459183692932129,
  "summary_bg_n": 73850.0,
  "summary_bg_p05": 2.765305995941162,
  "summary_bg_p95": 109.55204200744635,
  "summary_bg_stdv": 40.475887298583984,
  "summary_fg_k": 2.2738294615421593,
  "summary_fg_mad": 48.06354057877269,
  "summary_fg_mean": 373.3623352050781,
  "summary_fg_median": 371.2142639160156,
  "summary_fg_n": 45993.0,
  "summary_fg_p05": 301.3061218261719,
  "summary_fg_p95": 455.8061218261719,
  "summary_fg_stdv": 50.50700759887695,
  "tsnr": 79.28551491256803
}