{
  "aor": 0.0021041836734693874,
  "aqi": 0.005733107755102041,
  "bids_meta": {
    "AccelFactPE": 2,
    "AcquisitionNumber": 1,
    "AcquisitionTime": "12:30:9.590000",
    "BandwidthPerPixelPhaseEncode": 43.879,
    "BodyPartExamined": "BRAIN",
    "ConversionSoftware": "dcm2niix",
    "ConversionSoftwareVersion": "v1.0.20170724 GCC4.4.7",
    "DeviceSerialNumber": "67025",
    "EchoTime": 0.025,
    "EchoTrainLength": 43,
    "EffectiveEchoSpacing": 0.000356093,
    "FlipAngle": 90,
    "ImageType": [
      "ORIGINAL",
      "PRIMARY",
      "M",
      "ND",
      "NORM",
      "MOSAIC"
    ],
    "InstitutionAddress": "McClintock_3520A_Los_Angeles_CA_US_90089",
    "InstitutionName": "USC",
    "MagneticFieldStrength": 3,
    "Manufacturer": "Siemens",
    "ManufacturersModelName": "Prisma_fit",
    "PhaseEncodingDirection": "j-",
    "PhaseEncodingLines": 64,
    "ProcedureStepDescription": "Mara_Steve",
    "ProtocolName": "training5",
    "RepetitionTime": 2,
    "ScanningSequence": "EP",
    "SequenceName": "_epfid2d1_64",
    "SequenceVariant": "SK_OSP",
    "SeriesDescription": "training5",
    "SliceTiming": [
      0.99,
      0,
      1.04,
      0.0525,
      1.0925,
      0.1025,
      1.145,
      0.155,
      1.1975,
      0.2075,
      1.25,
      0.26,
      1.3025,
      0.3125,
      1.355,
      0.365,
      1.405,
      0.415,
      1.4575,
      0.4675,
      1.51,
      0.52,
      1.5625,
      0.5725,
      1.615,
      0.625,
      1.6675,
      0.6775,
      1.7175,
      0.7275,
      1.77,
      0.78,
      1.8225,
      0.8325,
      1.875,
      0.885,
      1.9275,
      0.9375
    ],
    "SoftwareVersions": "syngo_MR_D13D",
    "TaskName": "training",
    "TotalReadoutTime": 0.0299118,
    "TrueEchoSpacing": 0.000712186,
    "dataset": "ds003425",
    "modality": "bold",
    "run_id": 5,
    "session_id": "01",
    "subject_id": "10",
    "task_id": "training"
  },
  "dummy_trs": 0,
  "dvars_nstd": 24.422828929484538,
  "dvars_std": 1.3272632987628865,
  "dvars_vstd": 1.0487259208247424,
  "efc": 0.629532851589091,
  "fber": 2252.54052734375,
  "fd_mean": 0.09891347915313092,
  "fd_num": 2,
  "fd_perc": 2.0408163265306123,
  "fwhm_avg": 1.65404,
  "fwhm_x": 1.5317533333333333,
  "fwhm_y": 1.7469866666666667,
  "fwhm_z": 1.6833799999999999,
  "gcor": 0.0268722,
  "gsr_x": -0.0021963759791105986,
  "gsr_y": 0.051898207515478134,
  "provenance": {
    "md5sum": "c334c0c5b807d8183b865d1cdad9c4a6",
    "settings": {
      "fd_thres": 0.2,
      "testing": false
    },
    "software": "mriqc",
    "version": "23.0.1",
    "webapi_port": null,
    "webapi_url": "https://mriqc.nimh.nih.gov/api/v1"
  },
  "size_t": 98,
  "size_x": 64,
  "size_y": 64,
  "size_z": 38,
  "snr": 7.343535429396728,
  "spacing_tr": 2.0,
  "spacing_x": 3.0,
  "spacing_y": 3.0,
  "spacing_z": 3.0,
  "summary_bg_k": 11.663705996819099,
  "summary_bg_mad": 6.021180748617369,
  "summary_bg_mean": 25.581647872924805,
  "summary_bg_median": 7.438775539398193,
  "summary_bg_n": 73913.0,
  "summary_bg_p05": 2.816326379776001,
  "summary_bg_p95": 114.21428527832002,
  "summary_bg_stdv": 41.76603698730469,
  "summary_fg_k": 2.3377694371655746,
  "summary_fg_mad": 47.83661212946498,
  "summary_fg_mean": 375.73394775390625,
  "summary_fg_median": 373.3775329589844,
  "summary_fg_n": 45924.0,
  "summary_fg_p05": 303.10355377197266,
  "summary_fg_p95": 459.01885681152345,
  "summary_fg_stdv": 50.84383010864258,
  "tsnr": 85.71393206249923
}