{
  "aor": 0.00216056,
  "aqi": 0.005599809759999999,
  "bids_meta": {
    "AccelFactPE": 2,
    "AcquisitionNumber": 1,
    "AcquisitionTime": "12:59:17.622500",
    "BandwidthPerPixelPhaseEncode": 43.879,
    "BodyPartExamined": "BRAIN",
    "ConversionSoftware": "dcm2niix",
    "ConversionSoftwareVersion": "v1.0.20170724 GCC4.4.7",
    "DeviceSerialNumber": "67025",
    "EchoTime": 0.025,
    "EchoTrainLength": 43,
    "EffectiveEchoSpacing": 0.000356093,
    "FlipAngle": 90,
    "ImageType": [
      "ORIGINAL",
      "PRIMARY",
      "M",
      "ND",
      "NORM",
      "MOSAIC"
    ],
    "InstitutionAddress": "McClintock_3520A_Los_Angeles_CA_US_90089",
    "InstitutionName": "USC",
    "MagneticFieldStrength": 3,
    "Manufacturer": "Siemens",
    "ManufacturersModelName": "Prisma_fit",
    "PhaseEncodingDirection": "j-",
    "PhaseEncodingLines": 64,
    "ProcedureStepDescription": "Mara_Steve",
    "ProtocolName": "learning3",
    "RepetitionTime": 2,
    "ScanningSequence": "EP",
    "SequenceName": "_epfid2d1_64",
    "SequenceVariant": "SK_OSP",
    "SeriesDescription": "learning3",
    "SliceTiming": [
      0.99,
      0,
      1.0425,
      0.0525,
      1.095,
      0.105,
      1.145,
      0.155,
      1.1975,
      0.2075,
      1.25,
      0.26,
      1.3025,
      0.3125,
      1.355,
      0.365,
      1.4075,
      0.4175,
      1.4575,
      0.4675,
      1.51,
      0.52,
      1.5625,
      0.5725,
      1.615,
      0.625,
      1.6675,
      0.6775,
      1.72,
      0.73,
      1.77,
      0.7825,
      1.8225,
      0.8325,
      1.875,
      0.885,
      1.9275,
      0.9375
    ],
    "SoftwareVersions": "syngo_MR_D13D",
    "TaskName": "learning",
    "TotalReadoutTime": 0.0299118,
    "TrueEchoSpacing": 0.000712186,
    "dataset": "ds003425",
    "modality": "bold",
    "run_id": 3,
    "session_id": "01",
    "subject_id": "10",
    "task_id": "learning"
  },
  "dummy_trs": 0,
  "dvars_nstd": 22.842146504032247,
  "dvars_std": 1.2755881665322586,
  "dvars_vstd": 1.0342376104032258,
  "efc": 0.6310801029520999,
  "fber": 2205.0732421875,
  "fd_mean": 0.09614202902433877,
  "fd_num": 4,
  "fd_perc": 3.2,
  "fwhm_avg": 1.6478355555555557,
  "fwhm_x": 1.52669,
  "fwhm_y": 1.7290066666666668,
  "fwhm_z": 1.68781,
  "gcor": 0.0224676,
  "gsr_x": -0.003578040050342679,
  "gsr_y": 0.05238727852702141,
  "provenance": {
    "md5sum": "3faaa62361a83ccdfe168f61fb2e1e96",
    "settings": {
      "fd_thres": 0.2,
      "testing": false
    },
    "software": "mriqc",
    "version": "23.0.1",
    "webapi_port": null,
    "webapi_url": "https://mriqc.nimh.nih.gov/api/v1"
  },
  "size_t": 125,
  "size_x": 64,
  "size_y": 64,
  "size_z": 38,
  "snr": 7.3445488944202895,
  "spacing_tr": 2.0,
  "spacing_x": 3.0,
  "spacing_y": 3.0,
  "spacing_z": 3.0,
  "summary_bg_k": 10.898657231606947,
  "summary_bg_mad": 6.096461012487828,
  "summary_bg_mean": 25.982280731201172,
  "summary_bg_median": 7.520000457763672,
  "summary_bg_n": 73806.0,
  "summary_bg_p05": 2.8320000171661377,
  "summary_bg_p95": 115.9520034790039,
  "summary_bg_stdv": 41.932071685791016,
  "summary_fg_k": 2.089766636333949,
  "summary_fg_mad": 48.570017911351776,
  "summary_fg_mean": 377.0723571777344,
  "summary_fg_median": 374.5040283203125,
  "summary_fg_n": 46042.0,
  "summary_fg_p05": 304.0240173339844,
  "summary_fg_p95": 461.46282043457023,
  "summary_fg_stdv": 50.99019241333008,
  "tsnr": 85.0993024352938
}