{
  "aor": 0.00190936,
  "aqi": 0.00529092248,
  "bids_meta": {
    "AccelFactPE": 2,
    "AcquisitionNumber": 1,
    "AcquisitionTime": "13:13:11.480000",
    "BandwidthPerPixelPhaseEncode": 43.879,
    "BodyPartExamined": "BRAIN",
    "ConversionSoftware": "dcm2niix",
    "ConversionSoftwareVersion": "v1.0.20170724 GCC4.4.7",
    "DeviceSerialNumber": "67025",
    "EchoTime": 0.025,
    "EchoTrainLength": 43,
    "EffectiveEchoSpacing": 0.000356093,
    "FlipAngle": 90,
    "ImageType": [
      "ORIGINAL",
      "PRIMARY",
      "M",
      "ND",
      "NORM",
      "MOSAIC"
    ],
    "InstitutionAddress": "McClintock_3520A_Los_Angeles_CA_US_90089",
    "InstitutionName": "USC",
    "MagneticFieldStrength": 3,
    "Manufacturer": "Siemens",
    "ManufacturersModelName": "Prisma_fit",
    "PhaseEncodingDirection": "j-",
    "PhaseEncodingLines": 64,
    "ProcedureStepDescription": "Mara_Steve",
    "ProtocolName": "learning6",
    "RepetitionTime": 2,
    "ScanningSequence": "EP",
    "SequenceName": "_epfid2d1_64",
    "SequenceVariant": "SK_OSP",
    "SeriesDescription": "learning6",
    "SliceTiming": [
      0.99,
      0,
      1.04,
      0.05,
      1.0925,
      0.1025,
      1.145,
      0.155,
      1.1975,
      0.2075,
      1.25,
      0.26,
      1.3025,
      0.3125,
      1.3525,
      0.365,
      1.405,
      0.415,
      1.4575,
      0.4675,
      1.51,
      0.52,
      1.5625,
      0.5725,
      1.615,
      0.625,
      1.6675,
      0.6775,
      1.7175,
      0.7275,
      1.77,
      0.78,
      1.8225,
      0.8325,
      1.875,
      0.885,
      1.9275,
      0.9375
    ],
    "SoftwareVersions": "syngo_MR_D13D",
    "TaskName": "learning",
    "TotalReadoutTime": 0.0299118,
    "TrueEchoSpacing": 0.000712186,
    "dataset": "ds003425",
    "modality": "bold",
    "run_id": 6,
    "session_id": "01",
    "subject_id": "10",
    "task_id": "learning"
  },
  "dummy_trs": 0,
  "dvars_nstd": 22.458360071774205,
  "dvars_std": 1.2667852624193547,
  "dvars_vstd": 1.0294682656451615,
  "efc": 0.631669302813773,
  "fber": 2153.82080078125,
  "fd_mean": 0.09376696578935298,
  "fd_num": 3,
  "fd_perc": 2.4,
  "fwhm_avg": 1.6525755555555552,
  "fwhm_x": 1.52724,
  "fwhm_y": 1.7352366666666665,
  "fwhm_z": 1.69525,
  "gcor": 0.0136004,
  "gsr_x": -0.003503365209326148,
  "gsr_y": 0.05205812305212021,
  "provenance": {
    "md5sum": "6e1076588152e2a89063dbf7eb12f4f8",
    "settings": {
      "fd_thres": 0.2,
      "testing": false
    },
    "software": "mriqc",
    "version": "23.0.1",
    "webapi_port": null,
    "webapi_url": "https://mriqc.nimh.nih.gov/api/v1"
  },
  "size_t": 125,
  "size_x": 64,
  "size_y": 64,
  "size_z": 38,
  "snr": 7.339223242348902,
  "spacing_tr": 2.0,
  "spacing_x": 3.0,
  "spacing_y": 3.0,
  "spacing_z": 3.0,
  "summary_bg_k": 10.721233183706603,
  "summary_bg_mad": 6.2387904069441475,
  "summary_bg_mean": 26.15585708618164,
  "summary_bg_median": 7.600000381469727,
  "summary_bg_n": 73772.0,
  "summary_bg_p05": 2.8400001525878906,
  "summary_bg_p95": 115.62320442199703,
  "summary_bg_stdv": 42.0075569152832,
  "summary_fg_k": 2.228414813652038,
  "summary_fg_mad": 48.17864495022893,
  "summary_fg_mean": 376.4196472167969,
  "summary_fg_median": 373.760009765625,
  "summary_fg_n": 46116.0,
  "summary_fg_p05": 303.78002166748047,
  "summary_fg_p95": 460.6080322265625,
  "summary_fg_stdv": 50.925819396972656,
  "tsnr": 87.70265602471773
}