{
  "aor": 0.002362959183673469,
  "aqi": 0.006354482346938776,
  "bids_meta": {
    "AccelFactPE": 2,
    "AcquisitionNumber": 1,
    "AcquisitionTime": "12:18:40.470000",
    "BandwidthPerPixelPhaseEncode": 43.879,
    "BodyPartExamined": "BRAIN",
    "ConversionSoftware": "dcm2niix",
    "ConversionSoftwareVersion": "v1.0.20170724 GCC4.4.7",
    "DeviceSerialNumber": "67025",
    "EchoTime": 0.025,
    "EchoTrainLength": 43,
    "EffectiveEchoSpacing": 0.000356093,
    "FlipAngle": 90,
    "ImageType": [
      "ORIGINAL",
      "PRIMARY",
      "M",
      "ND",
      "NORM",
      "MOSAIC"
    ],
    "InstitutionAddress": "McClintock_3520A_Los_Angeles_CA_US_90089",
    "InstitutionName": "USC",
    "MagneticFieldStrength": 3,
    "Manufacturer": "Siemens",
    "ManufacturersModelName": "Prisma_fit",
    "PhaseEncodingDirection": "j-",
    "PhaseEncodingLines": 64,
    "ProcedureStepDescription": "Mara_Steve",
    "ProtocolName": "training2",
    "RepetitionTime": 2,
    "ScanningSequence": "EP",
    "SequenceName": "_epfid2d1_64",
    "SequenceVariant": "SK_OSP",
    "SeriesDescription": "training2",
    "SliceTiming": [
      0.99,
      0,
      1.0425,
      0.0525,
      1.095,
      0.105,
      1.1475,
      0.1575,
      1.2,
      0.21,
      1.2525,
      0.2625,
      1.3025,
      0.3125,
      1.355,
      0.365,
      1.4075,
      0.4175,
      1.46,
      0.47,
      1.5125,
      0.5225,
      1.565,
      0.575,
      1.615,
      0.625,
      1.6675,
      0.6775,
      1.72,
      0.73,
      1.7725,
      0.7825,
      1.825,
      0.835,
      1.8775,
      0.8875,
      1.9275,
      0.94
    ],
    "SoftwareVersions": "syngo_MR_D13D",
    "TaskName": "training",
    "TotalReadoutTime": 0.0299118,
    "TrueEchoSpacing": 0.000712186,
    "dataset": "ds003425",
    "modality": "bold",
    "run_id": 2,
    "session_id": "01",
    "subject_id": "10",
    "task_id": "training"
  },
  "dummy_trs": 0,
  "dvars_nstd": 25.72157969896907,
  "dvars_std": 1.3544761749484533,
  "dvars_vstd": 1.0491847605154636,
  "efc": 0.6289469126947627,
  "fber": 2257.9912109375,
  "fd_mean": 0.11120461578078163,
  "fd_num": 12,
  "fd_perc": 12.244897959183673,
  "fwhm_avg": 1.6534022222222224,
  "fwhm_x": 1.5265566666666668,
  "fwhm_y": 1.74601,
  "fwhm_z": 1.68764,
  "gcor": 0.022395,
  "gsr_x": -0.0029081315733492374,
  "gsr_y": 0.05144837126135826,
  "provenance": {
    "md5sum": "9be7719f25e2fce799fcb9017b4459ca",
    "settings": {
      "fd_thres": 0.2,
      "testing": false
    },
    "software": "mriqc",
    "version": "23.0.1",
    "webapi_port": null,
    "webapi_url": "https://mriqc.nimh.nih.gov/api/v1"
  },
  "size_t": 98,
  "size_x": 64,
  "size_y": 64,
  "size_z": 38,
  "snr": 7.354549504608375,
  "spacing_tr": 2.0,
  "spacing_x": 3.0,
  "spacing_y": 3.0,
  "spacing_z": 3.0,
  "summary_bg_k": 11.813678858257687,
  "summary_bg_mad": 6.096823329399995,
  "summary_bg_mean": 25.134090423583984,
  "summary_bg_median": 7.4285712242126465,
  "summary_bg_n": 73842.0,
  "summary_bg_p05": 2.7448978424072266,
  "summary_bg_p95": 112.00713920593243,
  "summary_bg_stdv": 41.06489181518555,
  "summary_fg_k": 2.319973209334985,
  "summary_fg_mad": 47.95008766547609,
  "summary_fg_mean": 374.45367431640625,
  "summary_fg_median": 372.3214111328125,
  "summary_fg_n": 45992.0,
  "summary_fg_p05": 302.02602233886716,
  "summary_fg_p95": 457.00458679199215,
  "summary_fg_stdv": 50.624088287353516,
  "tsnr": 82.19638143852353
}