{
  "aor": 0.0015322448979591835,
  "aqi": 0.006015807653061223,
  "bids_meta": {
    "AccelFactPE": 2,
    "AcquisitionNumber": 1,
    "AcquisitionTime": "14:41:19.615000",
    "BandwidthPerPixelPhaseEncode": 43.879,
    "BodyPartExamined": "BRAIN",
    "ConversionSoftware": "dcm2niix",
    "ConversionSoftwareVersion": "v1.0.20170724 GCC4.4.7",
    "DeviceSerialNumber": "67025",
    "EchoTime": 0.025,
    "EchoTrainLength": 43,
    "EffectiveEchoSpacing": 0.000356093,
    "FlipAngle": 90,
    "ImageType": [
      "ORIGINAL",
      "PRIMARY",
      "M",
      "ND",
      "NORM",
      "MOCO",
      "MOSAIC"
    ],
    "InstitutionAddress": "McClintock_3520A_Los_Angeles_CA_US_90089",
    "InstitutionName": "USC",
    "MagneticFieldStrength": 3,
    "Manufacturer": "Siemens",
    "ManufacturersModelName": "Prisma_fit",
    "PhaseEncodingDirection": "i",
    "PhaseEncodingLines": 64,
    "ProcedureStepDescription": "Mara_Steve",
    "ProtocolName": "training",
    "RepetitionTime": 2,
    "ScanningSequence": "EP",
    "SequenceName": "_epfid2d1_64",
    "SequenceVariant": "SK_OSP",
    "SeriesDescription": "MoCoSeries",
    "SliceTiming": [
      0
    ],
    "SoftwareVersions": "syngo_MR_D13D",
    "TaskName": "training",
    "TotalReadoutTime": 0.0299118,
    "TrueEchoSpacing": 0.000712186,
    "dataset": "ds003425",
    "modality": "bold",
    "run_id": 2,
    "session_id": "01",
    "subject_id": "01",
    "task_id": "training"
  },
  "dummy_trs": 0,
  "dvars_nstd": 22.836429320515464,
  "dvars_std": 1.3103934631958767,
  "dvars_vstd": 1.029236619381443,
  "efc": 0.6029038957745542,
  "fber": 1651.434814453125,
  "fd_mean": 0.05520420023476945,
  "fd_num": 1,
  "fd_perc": 1.0204081632653061,
  "fwhm_avg": 1.6251756389380452,
  "fwhm_x": 1.4940067853996584,
  "fwhm_y": 1.7279433333333334,
  "fwhm_z": 1.6535767980811436,
  "gcor": 0.0258056,
  "gsr_x": 0.004376704338937998,
  "gsr_y": 0.03517957031726837,
  "provenance": {
    "md5sum": "80399bf229eff95d7528e6c43f40d053",
    "settings": {
      "fd_thres": 0.2,
      "testing": false
    },
    "software": "mriqc",
    "version": "23.0.1",
    "webapi_port": null,
    "webapi_url": "https://mriqc.nimh.nih.gov/api/v1"
  },
  "size_t": 98,
  "size_x": 64,
  "size_y": 64,
  "size_z": 38,
  "snr": 7.706909151260253,
  "spacing_tr": 2.0,
  "spacing_x": 2.999999761581421,
  "spacing_y": 3.0,
  "spacing_z": 2.999999761581421,
  "summary_bg_k": 15.346579423455818,
  "summary_bg_mad": 8.835098256663752,
  "summary_bg_mean": 27.539026260375977,
  "summary_bg_median": 10.479591369628906,
  "summary_bg_n": 79595.0,
  "summary_bg_p05": 3.27551007270813,
  "summary_bg_p95": 111.48571395874029,
  "summary_bg_stdv": 43.58982467651367,
  "summary_fg_k": 2.2375286646971064,
  "summary_fg_mad": 53.22237915152019,
  "summary_fg_mean": 436.0602111816406,
  "summary_fg_median": 433.61224365234375,
  "summary_fg_n": 41215.0,
  "summary_fg_p05": 354.6602020263672,
  "summary_fg_p95": 526.5846618652344,
  "summary_fg_stdv": 56.26211166381836,
  "tsnr": 86.60119778476655
}