{
  "aor": 0.0015228571428571426,
  "aqi": 0.0055839701020408165,
  "bids_meta": {
    "AccelFactPE": 2,
    "AcquisitionNumber": 1,
    "AcquisitionTime": "14:45:37.357500",
    "BandwidthPerPixelPhaseEncode": 43.879,
    "BodyPartExamined": "BRAIN",
    "ConversionSoftware": "dcm2niix",
    "ConversionSoftwareVersion": "v1.0.20170724 GCC4.4.7",
    "DeviceSerialNumber": "67025",
    "EchoTime": 0.025,
    "EchoTrainLength": 43,
    "EffectiveEchoSpacing": 0.000356093,
    "FlipAngle": 90,
    "ImageType": [
      "ORIGINAL",
      "PRIMARY",
      "M",
      "ND",
      "NORM",
      "MOSAIC"
    ],
    "InstitutionAddress": "McClintock_3520A_Los_Angeles_CA_US_90089",
    "InstitutionName": "USC",
    "MagneticFieldStrength": 3,
    "Manufacturer": "Siemens",
    "ManufacturersModelName": "Prisma_fit",
    "PhaseEncodingDirection": "i",
    "PhaseEncodingLines": 64,
    "ProcedureStepDescription": "Mara_Steve",
    "ProtocolName": "training",
    "RepetitionTime": 2,
    "ScanningSequence": "EP",
    "SequenceName": "_epfid2d1_64",
    "SequenceVariant": "SK_OSP",
    "SeriesDescription": "training",
    "SliceTiming": [
      0.99,
      0,
      1.04,
      0.0525,
      1.0925,
      0.1025,
      1.145,
      0.155,
      1.1975,
      0.2075,
      1.25,
      0.26,
      1.3025,
      0.3125,
      1.355,
      0.365,
      1.405,
      0.415,
      1.4575,
      0.4675,
      1.51,
      0.52,
      1.5625,
      0.5725,
      1.615,
      0.625,
      1.6675,
      0.6775,
      1.7175,
      0.7275,
      1.77,
      0.78,
      1.8225,
      0.8325,
      1.875,
      0.885,
      1.9275,
      0.9375
    ],
    "SoftwareVersions": "syngo_MR_D13D",
    "TaskName": "training",
    "TotalReadoutTime": 0.0299118,
    "TrueEchoSpacing": 0.000712186,
    "dataset": "ds003425",
    "modality": "bold",
    "run_id": 3,
    "session_id": "01",
    "subject_id": "01",
    "task_id": "training"
  },
  "dummy_trs": 0,
  "dvars_nstd": 22.542209880824743,
  "dvars_std": 1.3433386402061853,
  "dvars_vstd": 1.0338499928865978,
  "efc": 0.6030761576685758,
  "fber": 1678.6624755859375,
  "fd_mean": 0.07941635255092326,
  "fd_num": 1,
  "fd_perc": 1.0204081632653061,
  "fwhm_avg": 1.5962589705463757,
  "fwhm_x": 1.4633501162966183,
  "fwhm_y": 1.70631,
  "fwhm_z": 1.6191167953425087,
  "gcor": 0.0222212,
  "gsr_x": 0.0046928576193749905,
  "gsr_y": 0.0352567695081234,
  "provenance": {
    "md5sum": "4c4c5b02fb0b9a70a17db04f1c192696",
    "settings": {
      "fd_thres": 0.2,
      "testing": false
    },
    "software": "mriqc",
    "version": "23.0.1",
    "webapi_port": null,
    "webapi_url": "https://mriqc.nimh.nih.gov/api/v1"
  },
  "size_t": 98,
  "size_x": 64,
  "size_y": 64,
  "size_z": 38,
  "snr": 7.7915910890834885,
  "spacing_tr": 2.0,
  "spacing_x": 2.999999761581421,
  "spacing_y": 3.0,
  "spacing_z": 2.999999761581421,
  "summary_bg_k": 15.325119762092662,
  "summary_bg_mad": 9.031770946186096,
  "summary_bg_mean": 28.27504539489746,
  "summary_bg_median": 10.63265323638916,
  "summary_bg_n": 79623.0,
  "summary_bg_p05": 3.2857141494750977,
  "summary_bg_p95": 114.41836547851562,
  "summary_bg_stdv": 45.02178192138672,
  "summary_fg_k": 2.5435209502451546,
  "summary_fg_mad": 54.054442591410265,
  "summary_fg_mean": 444.38641357421875,
  "summary_fg_median": 441.89794921875,
  "summary_fg_n": 41303.0,
  "summary_fg_p05": 363.2459228515625,
  "summary_fg_p95": 536.1520507812501,
  "summary_fg_stdv": 56.71403884887695,
  "tsnr": 92.94301803223789
}