{
  "aor": 0.0024449999999999997,
  "aqi": 0.005526155510204083,
  "bids_meta": {
    "AccelFactPE": 2,
    "AcquisitionNumber": 1,
    "AcquisitionTime": "14:59:0.805000",
    "BandwidthPerPixelPhaseEncode": 43.879,
    "BodyPartExamined": "BRAIN",
    "ConversionSoftware": "dcm2niix",
    "ConversionSoftwareVersion": "v1.0.20170724 GCC4.4.7",
    "DeviceSerialNumber": "67025",
    "EchoTime": 0.025,
    "EchoTrainLength": 43,
    "EffectiveEchoSpacing": 0.000356093,
    "FlipAngle": 90,
    "ImageType": [
      "ORIGINAL",
      "PRIMARY",
      "M",
      "ND",
      "NORM",
      "MOSAIC"
    ],
    "InstitutionAddress": "McClintock_3520A_Los_Angeles_CA_US_90089",
    "InstitutionName": "USC",
    "MagneticFieldStrength": 3,
    "Manufacturer": "Siemens",
    "ManufacturersModelName": "Prisma_fit",
    "PhaseEncodingDirection": "i",
    "PhaseEncodingLines": 64,
    "ProcedureStepDescription": "Mara_Steve",
    "ProtocolName": "training",
    "RepetitionTime": 2,
    "ScanningSequence": "EP",
    "SequenceName": "_epfid2d1_64",
    "SequenceVariant": "SK_OSP",
    "SeriesDescription": "training",
    "SliceTiming": [
      0.99,
      0,
      1.0425,
      0.0525,
      1.095,
      0.105,
      1.1475,
      0.1575,
      1.2,
      0.21,
      1.25,
      0.26,
      1.3025,
      0.3125,
      1.355,
      0.365,
      1.4075,
      0.4175,
      1.46,
      0.47,
      1.5125,
      0.5225,
      1.5625,
      0.5725,
      1.615,
      0.625,
      1.6675,
      0.6775,
      1.72,
      0.73,
      1.7725,
      0.7825,
      1.825,
      0.835,
      1.875,
      0.8875,
      1.9275,
      0.9375
    ],
    "SoftwareVersions": "syngo_MR_D13D",
    "TaskName": "learning",
    "TotalReadoutTime": 0.0299118,
    "TrueEchoSpacing": 0.000712186,
    "dataset": "ds003425",
    "modality": "bold",
    "run_id": 2,
    "session_id": "01",
    "subject_id": "01",
    "task_id": "learning"
  },
  "dummy_trs": 0,
  "dvars_nstd": 20.698051609484537,
  "dvars_std": 1.3259113044329893,
  "dvars_vstd": 1.0501163651546392,
  "efc": 0.6034587778370276,
  "fber": 1654.787353515625,
  "fd_mean": 0.08820104240916311,
  "fd_num": 0,
  "fd_perc": 0.0,
  "fwhm_avg": 1.5990667485013779,
  "fwhm_x": 1.4651934497764467,
  "fwhm_y": 1.7080433333333334,
  "fwhm_z": 1.6239634623943535,
  "gcor": 0.0377997,
  "gsr_x": 0.005216449964791536,
  "gsr_y": 0.03509852662682533,
  "provenance": {
    "md5sum": "8e3edadedd5284a775d36ecf4792e497",
    "settings": {
      "fd_thres": 0.2,
      "testing": false
    },
    "software": "mriqc",
    "version": "23.0.1",
    "webapi_port": null,
    "webapi_url": "https://mriqc.nimh.nih.gov/api/v1"
  },
  "size_t": 98,
  "size_x": 64,
  "size_y": 64,
  "size_z": 38,
  "snr": 7.835403350974597,
  "spacing_tr": 2.0,
  "spacing_x": 2.999999761581421,
  "spacing_y": 3.0,
  "spacing_z": 2.999999761581421,
  "summary_bg_k": 15.071864821050543,
  "summary_bg_mad": 9.122542467301145,
  "summary_bg_mean": 28.68716049194336,
  "summary_bg_median": 10.704081535339355,
  "summary_bg_n": 79675.0,
  "summary_bg_p05": 3.2959182262420654,
  "summary_bg_p95": 116.64285278320312,
  "summary_bg_stdv": 45.63356018066406,
  "summary_fg_k": 2.285477300253116,
  "summary_fg_mad": 53.85780595683918,
  "summary_fg_mean": 444.9393615722656,
  "summary_fg_median": 442.28570556640625,
  "summary_fg_n": 41209.0,
  "summary_fg_p05": 364.2510131835937,
  "summary_fg_p95": 536.5265014648437,
  "summary_fg_stdv": 56.44640350341797,
  "tsnr": 92.10020237788558
}