{
  "aor": 0.0021759183673469387,
  "aqi": 0.005238835714285714,
  "bids_meta": {
    "AccelFactPE": 2,
    "AcquisitionNumber": 1,
    "AcquisitionTime": "14:54:36.447500",
    "BandwidthPerPixelPhaseEncode": 43.879,
    "BodyPartExamined": "BRAIN",
    "ConversionSoftware": "dcm2niix",
    "ConversionSoftwareVersion": "v1.0.20170724 GCC4.4.7",
    "DeviceSerialNumber": "67025",
    "EchoTime": 0.025,
    "EchoTrainLength": 43,
    "EffectiveEchoSpacing": 0.000356093,
    "FlipAngle": 90,
    "ImageType": [
      "ORIGINAL",
      "PRIMARY",
      "M",
      "ND",
      "NORM",
      "MOSAIC"
    ],
    "InstitutionAddress": "McClintock_3520A_Los_Angeles_CA_US_90089",
    "InstitutionName": "USC",
    "MagneticFieldStrength": 3,
    "Manufacturer": "Siemens",
    "ManufacturersModelName": "Prisma_fit",
    "PhaseEncodingDirection": "i",
    "PhaseEncodingLines": 64,
    "ProcedureStepDescription": "Mara_Steve",
    "ProtocolName": "training",
    "RepetitionTime": 2,
    "ScanningSequence": "EP",
    "SequenceName": "_epfid2d1_64",
    "SequenceVariant": "SK_OSP",
    "SeriesDescription": "training",
    "SliceTiming": [
      0.99,
      0,
      1.04,
      0.05,
      1.0925,
      0.1025,
      1.145,
      0.155,
      1.1975,
      0.2075,
      1.25,
      0.26,
      1.3025,
      0.3125,
      1.3525,
      0.3625,
      1.405,
      0.415,
      1.4575,
      0.4675,
      1.51,
      0.52,
      1.5625,
      0.5725,
      1.615,
      0.625,
      1.665,
      0.6775,
      1.7175,
      0.7275,
      1.77,
      0.78,
      1.8225,
      0.8325,
      1.875,
      0.885,
      1.9275,
      0.9375
    ],
    "SoftwareVersions": "syngo_MR_D13D",
    "TaskName": "prelearning",
    "TotalReadoutTime": 0.0299118,
    "TrueEchoSpacing": 0.000712186,
    "dataset": "ds003425",
    "modality": "bold",
    "run_id": 2,
    "session_id": "01",
    "subject_id": "01",
    "task_id": "prelearning"
  },
  "dummy_trs": 0,
  "dvars_nstd": 19.745563585670105,
  "dvars_std": 1.2885503141237107,
  "dvars_vstd": 1.0421257091752576,
  "efc": 0.60346467863508,
  "fber": 1660.1011962890625,
  "fd_mean": 0.08355752557052679,
  "fd_num": 3,
  "fd_perc": 3.061224489795918,
  "fwhm_avg": 1.6012445263999544,
  "fwhm_x": 1.4659901165064269,
  "fwhm_y": 1.7100166666666665,
  "fwhm_z": 1.62772679602677,
  "gcor": 0.0232994,
  "gsr_x": 0.00494384765625,
  "gsr_y": 0.035491570830345154,
  "provenance": {
    "md5sum": "8731ed71c01cd339f6e0e46ccd7b98db",
    "settings": {
      "fd_thres": 0.2,
      "testing": false
    },
    "software": "mriqc",
    "version": "23.0.1",
    "webapi_port": null,
    "webapi_url": "https://mriqc.nimh.nih.gov/api/v1"
  },
  "size_t": 98,
  "size_x": 64,
  "size_y": 64,
  "size_z": 38,
  "snr": 7.867627428622791,
  "spacing_tr": 2.0,
  "spacing_x": 2.999999761581421,
  "spacing_y": 3.0,
  "spacing_z": 2.999999761581421,
  "summary_bg_k": 15.331689309183318,
  "summary_bg_mad": 9.107414233928552,
  "summary_bg_mean": 28.665117263793945,
  "summary_bg_median": 10.714285850524902,
  "summary_bg_n": 79622.0,
  "summary_bg_p05": 3.2857141494750977,
  "summary_bg_p95": 116.81632232666016,
  "summary_bg_stdv": 45.76667404174805,
  "summary_fg_k": 2.0847316344741955,
  "summary_fg_mad": 54.054442591410265,
  "summary_fg_mean": 445.43804931640625,
  "summary_fg_median": 442.6734619140625,
  "summary_fg_n": 41209.0,
  "summary_fg_p05": 364.63876953125,
  "summary_fg_p95": 536.9550903320312,
  "summary_fg_stdv": 56.264495849609375,
  "tsnr": 92.76872401311994
}