{
  "aor": 0.0024701020408163265,
  "aqi": 0.005533059387755102,
  "bids_meta": {
    "AccelFactPE": 2,
    "AcquisitionNumber": 1,
    "AcquisitionTime": "14:59:0.805000",
    "BandwidthPerPixelPhaseEncode": 43.879,
    "BodyPartExamined": "BRAIN",
    "ConversionSoftware": "dcm2niix",
    "ConversionSoftwareVersion": "v1.0.20170724 GCC4.4.7",
    "DeviceSerialNumber": "67025",
    "EchoTime": 0.025,
    "EchoTrainLength": 43,
    "EffectiveEchoSpacing": 0.000356093,
    "FlipAngle": 90,
    "ImageType": [
      "ORIGINAL",
      "PRIMARY",
      "M",
      "ND",
      "NORM",
      "MOCO",
      "MOSAIC"
    ],
    "InstitutionAddress": "McClintock_3520A_Los_Angeles_CA_US_90089",
    "InstitutionName": "USC",
    "MagneticFieldStrength": 3,
    "Manufacturer": "Siemens",
    "ManufacturersModelName": "Prisma_fit",
    "PhaseEncodingDirection": "i",
    "PhaseEncodingLines": 64,
    "ProcedureStepDescription": "Mara_Steve",
    "ProtocolName": "training",
    "RepetitionTime": 2,
    "ScanningSequence": "EP",
    "SequenceName": "_epfid2d1_64",
    "SequenceVariant": "SK_OSP",
    "SeriesDescription": "MoCoSeries",
    "SliceTiming": [
      0
    ],
    "SoftwareVersions": "syngo_MR_D13D",
    "TaskName": "learning",
    "TotalReadoutTime": 0.0299118,
    "TrueEchoSpacing": 0.000712186,
    "dataset": "ds003425",
    "modality": "bold",
    "run_id": 3,
    "session_id": "01",
    "subject_id": "01",
    "task_id": "learning"
  },
  "dummy_trs": 0,
  "dvars_nstd": 20.806581301030928,
  "dvars_std": 1.329783578453608,
  "dvars_vstd": 1.0502601271134027,
  "efc": 0.6034966154105041,
  "fber": 1658.410400390625,
  "fd_mean": 0.056885958414611484,
  "fd_num": 0,
  "fd_perc": 0.0,
  "fwhm_avg": 1.5994089707595396,
  "fwhm_x": 1.4659267831680602,
  "fwhm_y": 1.7077133333333334,
  "fwhm_z": 1.624586795777225,
  "gcor": 0.0381525,
  "gsr_x": 0.005220198538154364,
  "gsr_y": 0.03511860594153404,
  "provenance": {
    "md5sum": "6918741ffaa89042e6a73d9920f86b72",
    "settings": {
      "fd_thres": 0.2,
      "testing": false
    },
    "software": "mriqc",
    "version": "23.0.1",
    "webapi_port": null,
    "webapi_url": "https://mriqc.nimh.nih.gov/api/v1"
  },
  "size_t": 98,
  "size_x": 64,
  "size_y": 64,
  "size_z": 38,
  "snr": 7.836660618697278,
  "spacing_tr": 2.0,
  "spacing_x": 2.999999761581421,
  "spacing_y": 3.0,
  "spacing_z": 2.999999761581421,
  "summary_bg_k": 15.071092482819921,
  "summary_bg_mad": 9.137670700673738,
  "summary_bg_mean": 28.68218231201172,
  "summary_bg_median": 10.704081535339355,
  "summary_bg_n": 79673.0,
  "summary_bg_p05": 3.2857141494750977,
  "summary_bg_p95": 116.66734466552728,
  "summary_bg_stdv": 45.628631591796875,
  "summary_fg_k": 2.284977768028239,
  "summary_fg_mad": 53.85776071141015,
  "summary_fg_mean": 444.90960693359375,
  "summary_fg_median": 442.2958984375,
  "summary_fg_n": 41209.0,
  "summary_fg_p05": 364.1428527832031,
  "summary_fg_p95": 536.4387817382812,
  "summary_fg_stdv": 56.43864822387695,
  "tsnr": 91.96041938988492
}