{
  "aor": 0.0016259793814432989,
  "aqi": 0.006056659793814432,
  "bids_meta": {
    "AccelFactPE": 2,
    "AcquisitionNumber": 1,
    "AcquisitionTime": "14:41:19.615000",
    "BandwidthPerPixelPhaseEncode": 43.879,
    "BodyPartExamined": "BRAIN",
    "ConversionSoftware": "dcm2niix",
    "ConversionSoftwareVersion": "v1.0.20170724 GCC4.4.7",
    "DeviceSerialNumber": "67025",
    "EchoTime": 0.025,
    "EchoTrainLength": 43,
    "EffectiveEchoSpacing": 0.000356093,
    "FlipAngle": 90,
    "ImageType": [
      "ORIGINAL",
      "PRIMARY",
      "M",
      "ND",
      "NORM",
      "MOSAIC"
    ],
    "InstitutionAddress": "McClintock_3520A_Los_Angeles_CA_US_90089",
    "InstitutionName": "USC",
    "MagneticFieldStrength": 3,
    "Manufacturer": "Siemens",
    "ManufacturersModelName": "Prisma_fit",
    "PhaseEncodingDirection": "i",
    "PhaseEncodingLines": 64,
    "ProcedureStepDescription": "Mara_Steve",
    "ProtocolName": "training",
    "RepetitionTime": 2,
    "ScanningSequence": "EP",
    "SequenceName": "_epfid2d1_64",
    "SequenceVariant": "SK_OSP",
    "SeriesDescription": "training",
    "SliceTiming": [
      0.99,
      0,
      1.0425,
      0.0525,
      1.0925,
      0.1025,
      1.145,
      0.155,
      1.1975,
      0.2075,
      1.25,
      0.26,
      1.3025,
      0.3125,
      1.355,
      0.365,
      1.405,
      0.415,
      1.4575,
      0.4675,
      1.51,
      0.52,
      1.5625,
      0.5725,
      1.615,
      0.625,
      1.6675,
      0.6775,
      1.7175,
      0.7275,
      1.77,
      0.78,
      1.8225,
      0.8325,
      1.875,
      0.885,
      1.9275,
      0.9375
    ],
    "SoftwareVersions": "syngo_MR_D13D",
    "TaskName": "training",
    "TotalReadoutTime": 0.0299118,
    "TrueEchoSpacing": 0.000712186,
    "dataset": "ds003425",
    "modality": "bold",
    "run_id": 1,
    "session_id": "01",
    "subject_id": "01",
    "task_id": "training"
  },
  "dummy_trs": 0,
  "dvars_nstd": 22.79936055333333,
  "dvars_std": 1.2927360468749998,
  "dvars_vstd": 1.0153230453124997,
  "efc": 0.602856585867362,
  "fber": 1655.5963134765625,
  "fd_mean": 0.08118067240892916,
  "fd_num": 1,
  "fd_perc": 1.0309278350515463,
  "fwhm_avg": 1.6253123056179575,
  "fwhm_x": 1.4942834520883124,
  "fwhm_y": 1.7278533333333332,
  "fwhm_z": 1.653800131432226,
  "gcor": 0.0263309,
  "gsr_x": 0.0044420575723052025,
  "gsr_y": 0.03511111065745354,
  "provenance": {
    "md5sum": "297e51b69ebac8961ce43317c7fdd462",
    "settings": {
      "fd_thres": 0.2,
      "testing": false
    },
    "software": "mriqc",
    "version": "23.0.1",
    "webapi_port": null,
    "webapi_url": "https://mriqc.nimh.nih.gov/api/v1"
  },
  "size_t": 97,
  "size_x": 64,
  "size_y": 64,
  "size_z": 38,
  "snr": 7.704961072277482,
  "spacing_tr": 2.0,
  "spacing_x": 2.999999761581421,
  "spacing_y": 3.0,
  "spacing_z": 2.999999761581421,
  "summary_bg_k": 15.346336991343865,
  "summary_bg_mad": 8.819190953560021,
  "summary_bg_mean": 27.5434627532959,
  "summary_bg_median": 10.474226951599121,
  "summary_bg_n": 79591.0,
  "summary_bg_p05": 3.2680411338806152,
  "summary_bg_p95": 111.54123306274414,
  "summary_bg_stdv": 43.59886169433594,
  "summary_fg_k": 2.23560458129782,
  "summary_fg_mad": 53.22084080693312,
  "summary_fg_mean": 436.0859375,
  "summary_fg_median": 433.6082458496094,
  "summary_fg_n": 41219.0,
  "summary_fg_p05": 354.803076171875,
  "summary_fg_p95": 526.5721679687499,
  "summary_fg_stdv": 56.27581787109375,
  "tsnr": 86.81259793252684
}