{
  "aor": 0.0021718367346938777,
  "aqi": 0.005205052653061225,
  "bids_meta": {
    "AccelFactPE": 2,
    "AcquisitionNumber": 1,
    "AcquisitionTime": "14:54:36.447500",
    "BandwidthPerPixelPhaseEncode": 43.879,
    "BodyPartExamined": "BRAIN",
    "ConversionSoftware": "dcm2niix",
    "ConversionSoftwareVersion": "v1.0.20170724 GCC4.4.7",
    "DeviceSerialNumber": "67025",
    "EchoTime": 0.025,
    "EchoTrainLength": 43,
    "EffectiveEchoSpacing": 0.000356093,
    "FlipAngle": 90,
    "ImageType": [
      "ORIGINAL",
      "PRIMARY",
      "M",
      "ND",
      "NORM",
      "MOCO",
      "MOSAIC"
    ],
    "InstitutionAddress": "McClintock_3520A_Los_Angeles_CA_US_90089",
    "InstitutionName": "USC",
    "MagneticFieldStrength": 3,
    "Manufacturer": "Siemens",
    "ManufacturersModelName": "Prisma_fit",
    "PhaseEncodingDirection": "i",
    "PhaseEncodingLines": 64,
    "ProcedureStepDescription": "Mara_Steve",
    "ProtocolName": "training",
    "RepetitionTime": 2,
    "ScanningSequence": "EP",
    "SequenceName": "_epfid2d1_64",
    "SequenceVariant": "SK_OSP",
    "SeriesDescription": "MoCoSeries",
    "SliceTiming": [
      0
    ],
    "SoftwareVersions": "syngo_MR_D13D",
    "TaskName": "learning",
    "TotalReadoutTime": 0.0299118,
    "TrueEchoSpacing": 0.000712186,
    "dataset": "ds003425",
    "modality": "bold",
    "run_id": 1,
    "session_id": "01",
    "subject_id": "01",
    "task_id": "learning"
  },
  "dummy_trs": 0,
  "dvars_nstd": 19.814750868453604,
  "dvars_std": 1.29070179371134,
  "dvars_vstd": 1.0419685978350515,
  "efc": 0.6034993587639846,
  "fber": 1660.0244140625,
  "fd_mean": 0.05624858586213765,
  "fd_num": 0,
  "fd_perc": 0.0,
  "fwhm_avg": 1.6022823042526133,
  "fwhm_x": 1.4672467832729645,
  "fwhm_y": 1.7103033333333333,
  "fwhm_z": 1.6292967961515423,
  "gcor": 0.0227823,
  "gsr_x": 0.004935098346322775,
  "gsr_y": 0.03553227335214615,
  "provenance": {
    "md5sum": "912f9091d1176d967a93c7f8d15f03d0",
    "settings": {
      "fd_thres": 0.2,
      "testing": false
    },
    "software": "mriqc",
    "version": "23.0.1",
    "webapi_port": null,
    "webapi_url": "https://mriqc.nimh.nih.gov/api/v1"
  },
  "size_t": 98,
  "size_x": 64,
  "size_y": 64,
  "size_z": 38,
  "snr": 7.866815218365766,
  "spacing_tr": 2.0,
  "spacing_x": 2.999999761581421,
  "spacing_y": 3.0,
  "spacing_z": 2.999999761581421,
  "summary_bg_k": 15.332235991897189,
  "summary_bg_mad": 9.122542467301145,
  "summary_bg_mean": 28.660837173461914,
  "summary_bg_median": 10.704081535339355,
  "summary_bg_n": 79622.0,
  "summary_bg_p05": 3.2857141494750977,
  "summary_bg_p95": 116.76479415893552,
  "summary_bg_stdv": 45.76123809814453,
  "summary_fg_k": 2.0841527143687424,
  "summary_fg_mad": 54.09986900215793,
  "summary_fg_mean": 445.3944396972656,
  "summary_fg_median": 442.6683654785156,
  "summary_fg_n": 41214.0,
  "summary_fg_p05": 364.6086654663086,
  "summary_fg_p95": 536.8408081054687,
  "summary_fg_stdv": 56.269657135009766,
  "tsnr": 92.63103773503099
}