{
  "bids_meta": {
    "AccelFactPE": 2,
    "AcquisitionNumber": 1,
    "AcquisitionTime": "10:36:19.670000",
    "BodyPartExamined": "BRAIN",
    "ConversionSoftware": "dcm2niix",
    "ConversionSoftwareVersion": "v1.0.20170724 GCC4.4.7",
    "DeviceSerialNumber": "67025",
    "EchoTime": 0.00226,
    "FlipAngle": 9,
    "ImageType": [
      "ORIGINAL",
      "PRIMARY",
      "M",
      "ND",
      "NORM"
    ],
    "InstitutionAddress": "McClintock_3520A_Los_Angeles_CA_US_90089",
    "InstitutionName": "USC",
    "InversionTime": 1.06,
    "MagneticFieldStrength": 3,
    "Manufacturer": "Siemens",
    "ManufacturersModelName": "Prisma_fit",
    "PhaseEncodingDirection": "i-",
    "PhaseEncodingLines": 224,
    "ProcedureStepDescription": "Mara_Steve",
    "ProtocolName": "t1_mprage_short_32channel",
    "RepetitionTime": 2.3,
    "ScanningSequence": "GR_IR",
    "SequenceName": "_tfl3d1_16ns",
    "SequenceVariant": "SK_SP_MP",
    "SeriesDescription": "t1_mprage_short_32channel",
    "SoftwareVersions": "syngo_MR_D13D",
    "dataset": "ds003425",
    "modality": "T1w",
    "session_id": "01",
    "subject_id": "09"
  },
  "cjv": 0.3824034664457948,
  "cnr": 3.5708562853753176,
  "efc": 0.5926160782328729,
  "fber": -1.0,
  "fwhm_avg": 4.28851050060767,
  "fwhm_x": 4.199401501823009,
  "fwhm_y": 4.32369,
  "fwhm_z": 4.34244,
  "icvs_csf": 0.1954194669704183,
  "icvs_gm": 0.41985189939462175,
  "icvs_wm": 0.38472863363495996,
  "inu_med": 0.2557538151741028,
  "inu_range": 0.06775717809796333,
  "provenance": {
    "md5sum": "e7e7052dfdeb9db707a65b6bf83bdf75",
    "settings": {
      "testing": false
    },
    "software": "mriqc",
    "version": "23.0.1",
    "warnings": {
      "large_rot_frame": true,
      "small_air_mask": false
    },
    "webapi_port": null,
    "webapi_url": "https://mriqc.nimh.nih.gov/api/v1"
  },
  "qi_1": 0.00683721625113148,
  "qi_2": 0.024689917669168455,
  "rpve_csf": 21.46359106253014,
  "rpve_gm": 10.527267021745768,
  "rpve_wm": 13.397721248534113,
  "size_x": 176,
  "size_y": 224,
  "size_z": 256,
  "snr_csf": 4.145985650935908,
  "snr_gm": 16.906029071014522,
  "snr_total": 17.907368813872612,
  "snr_wm": 32.67009171966741,
  "snrd_csf": 96.2154342468602,
  "snrd_gm": 216.41656938060572,
  "snrd_total": 194.52103718849852,
  "snrd_wm": 270.9311079380297,
  "spacing_x": 0.9999996423721313,
  "spacing_y": 1.0,
  "spacing_z": 1.0,
  "summary_bg_k": 65.72889969698781,
  "summary_bg_mad": 0.0,
  "summary_bg_mean": 0.7258165955021847,
  "summary_bg_median": 0.0,
  "summary_bg_n": 2925924.0,
  "summary_bg_p05": 0.0,
  "summary_bg_p95": 3.9824428483843803,
  "summary_bg_stdv": 2.4181956637713875,
  "summary_csf_k": 2.8857683466483772,
  "summary_csf_mad": 55.71066906807377,
  "summary_csf_mean": 366.52800925541993,
  "summary_csf_median": 355.14397594705224,
  "summary_csf_n": 43297.0,
  "summary_csf_p05": 260.76008044034245,
  "summary_csf_p95": 531.1679498456418,
  "summary_csf_stdv": 85.65873222193899,
  "summary_gm_k": -0.04000289390253364,
  "summary_gm_mad": 47.64770043941808,
  "summary_gm_mean": 798.1761433393468,
  "summary_gm_median": 798.8223668299615,
  "summary_gm_n": 35619.0,
  "summary_gm_p05": 719.6852323573082,
  "summary_gm_p95": 875.1782146036625,
  "summary_gm_stdv": 47.25007569579151,
  "summary_wm_k": 0.70206472415583,
  "summary_wm_mad": 29.29968521357954,
  "summary_wm_mean": 1000.922462009297,
  "summary_wm_median": 1000.0427855886519,
  "summary_wm_n": 241427.0,
  "summary_wm_p05": 952.9600338488817,
  "summary_wm_p95": 1051.9001865498722,
  "summary_wm_stdv": 30.610281815538197,
  "tpm_overlap_csf": 0.14932548169826113,
  "tpm_overlap_gm": 0.441664226923177,
  "tpm_overlap_wm": 0.5028481225094392,
  "wm2max": 0.8760170238426416
}