{
  "bids_meta": {
    "AccelFactPE": 2,
    "AcquisitionNumber": 1,
    "AcquisitionTime": "11:45:32.615000",
    "BodyPartExamined": "BRAIN",
    "ConversionSoftware": "dcm2niix",
    "ConversionSoftwareVersion": "v1.0.20170724 GCC4.4.7",
    "DeviceSerialNumber": "67025",
    "EchoTime": 0.00226,
    "FlipAngle": 9,
    "ImageType": [
      "ORIGINAL",
      "PRIMARY",
      "M",
      "ND",
      "NORM"
    ],
    "InstitutionAddress": "McClintock_3520A_Los_Angeles_CA_US_90089",
    "InstitutionName": "USC",
    "InversionTime": 1.06,
    "MagneticFieldStrength": 3,
    "Manufacturer": "Siemens",
    "ManufacturersModelName": "Prisma_fit",
    "PhaseEncodingDirection": "i-",
    "PhaseEncodingLines": 224,
    "ProcedureStepDescription": "Mara_Steve",
    "ProtocolName": "t1_mprage_short_32channel",
    "RepetitionTime": 2.3,
    "ScanningSequence": "GR_IR",
    "SequenceName": "_tfl3d1_16ns",
    "SequenceVariant": "SK_SP_MP",
    "SeriesDescription": "t1_mprage_short_32channel",
    "SoftwareVersions": "syngo_MR_D13D",
    "dataset": "ds003425",
    "modality": "T1w",
    "session_id": "01",
    "subject_id": "03"
  },
  "cjv": 0.3700102681282144,
  "cnr": 3.6665099112485904,
  "efc": 0.5828749191926238,
  "fber": -1.0,
  "fwhm_avg": 4.4497728077218826,
  "fwhm_x": 4.4091484231656475,
  "fwhm_y": 4.47825,
  "fwhm_z": 4.46192,
  "icvs_csf": 0.18582556486252594,
  "icvs_gm": 0.4506748366840455,
  "icvs_wm": 0.36349959845342855,
  "inu_med": 0.27549219131469727,
  "inu_range": 0.07769292443990705,
  "provenance": {
    "md5sum": "2f187d198f0db585a59eb6462411da7c",
    "settings": {
      "testing": false
    },
    "software": "mriqc",
    "version": "23.0.1",
    "warnings": {
      "large_rot_frame": true,
      "small_air_mask": false
    },
    "webapi_port": null,
    "webapi_url": "https://mriqc.nimh.nih.gov/api/v1"
  },
  "qi_1": 0.005174678249897528,
  "qi_2": 0.021656922418743053,
  "rpve_csf": 22.168380064374166,
  "rpve_gm": 10.128590526282515,
  "rpve_wm": 14.218298306885371,
  "size_x": 176,
  "size_y": 224,
  "size_z": 256,
  "snr_csf": 2.795615698392708,
  "snr_gm": 17.24808263771714,
  "snr_total": 17.541293812806494,
  "snr_wm": 32.58018310230963,
  "snrd_csf": 78.74599536830162,
  "snrd_gm": 174.69966747472344,
  "snrd_total": 157.60090008304704,
  "snrd_wm": 219.35703740611606,
  "spacing_x": 1.0000003576278687,
  "spacing_y": 1.0,
  "spacing_z": 1.0,
  "summary_bg_k": 50.80955957726674,
  "summary_bg_mad": 0.0,
  "summary_bg_mean": 0.9742375726765885,
  "summary_bg_median": 0.0,
  "summary_bg_n": 2681639.0,
  "summary_bg_p05": 0.0,
  "summary_bg_p95": 6.392486426979303,
  "summary_bg_stdv": 2.9866831712821917,
  "summary_csf_k": 0.8718894910366601,
  "summary_csf_mad": 88.73284665847864,
  "summary_csf_mean": 357.8992859624951,
  "summary_csf_median": 358.9929351694882,
  "summary_csf_n": 28605.0,
  "summary_csf_p05": 87.64119579046965,
  "summary_csf_p95": 565.840555845201,
  "summary_csf_stdv": 128.41058959491536,
  "summary_gm_k": -0.05319312761138528,
  "summary_gm_mad": 46.314067906775925,
  "summary_gm_mean": 795.5372312520898,
  "summary_gm_median": 796.4334707632661,
  "summary_gm_n": 54450.0,
  "summary_gm_p05": 718.8754396475852,
  "summary_gm_p95": 870.6194135695696,
  "summary_gm_stdv": 46.17476469816075,
  "summary_wm_k": 0.7955791535453307,
  "summary_wm_mad": 29.015303470072862,
  "summary_wm_mean": 1001.6323140855711,
  "summary_wm_median": 1000.0207164846361,
  "summary_wm_n": 230645.0,
  "summary_wm_p05": 954.631994087249,
  "summary_wm_p95": 1055.1326383017004,
  "summary_wm_stdv": 30.694073924121085,
  "tpm_overlap_csf": 0.14496467647616162,
  "tpm_overlap_gm": 0.47234412766621237,
  "tpm_overlap_wm": 0.5091247541011651,
  "wm2max": 0.865635890987774
}