{
  "aor": 0.015466240000000001,
  "aqi": 0.023234163360000004,
  "bids_meta": {
    "AccelFactPE": 2,
    "AcquisitionNumber": 1,
    "AcquisitionTime": "12:35:54.530000",
    "BandwidthPerPixelPhaseEncode": 43.879,
    "BodyPartExamined": "BRAIN",
    "ConversionSoftware": "dcm2niix",
    "ConversionSoftwareVersion": "v1.0.20170724 GCC4.4.7",
    "DeviceSerialNumber": "67025",
    "EchoTime": 0.025,
    "EchoTrainLength": 43,
    "EffectiveEchoSpacing": 0.000356093,
    "FlipAngle": 90,
    "ImageType": [
      "ORIGINAL",
      "PRIMARY",
      "M",
      "ND",
      "NORM",
      "MOSAIC"
    ],
    "InstitutionAddress": "McClintock_3520A_Los_Angeles_CA_US_90089",
    "InstitutionName": "USC",
    "MagneticFieldStrength": 3,
    "Manufacturer": "Siemens",
    "ManufacturersModelName": "Prisma_fit",
    "PhaseEncodingDirection": "j-",
    "PhaseEncodingLines": 64,
    "ProcedureStepDescription": "Mara_Steve",
    "ProtocolName": "learning2",
    "RepetitionTime": 2,
    "ScanningSequence": "EP",
    "SequenceName": "_epfid2d1_64",
    "SequenceVariant": "SK_OSP",
    "SeriesDescription": "learning2",
    "SliceTiming": [
      0.99,
      0,
      1.0425,
      0.0525,
      1.095,
      0.105,
      1.1475,
      0.1575,
      1.1975,
      0.2075,
      1.25,
      0.26,
      1.3025,
      0.3125,
      1.355,
      0.365,
      1.4075,
      0.4175,
      1.46,
      0.47,
      1.51,
      0.52,
      1.5625,
      0.5725,
      1.615,
      0.625,
      1.6675,
      0.6775,
      1.72,
      0.73,
      1.7725,
      0.7825,
      1.8225,
      0.8325,
      1.875,
      0.885,
      1.9275,
      0.9375
    ],
    "SoftwareVersions": "syngo_MR_D13D",
    "TaskName": "learning",
    "TotalReadoutTime": 0.0299118,
    "TrueEchoSpacing": 0.000712186,
    "dataset": "ds003425",
    "modality": "bold",
    "run_id": 2,
    "session_id": "01",
    "subject_id": "05",
    "task_id": "learning"
  },
  "dummy_trs": 0,
  "dvars_nstd": 22.189290000806448,
  "dvars_std": 1.1506450574999996,
  "dvars_vstd": 1.0858320829838712,
  "efc": 0.5827481154235252,
  "fber": 2679.963134765625,
  "fd_mean": 0.23051740168642124,
  "fd_num": 44,
  "fd_perc": 35.2,
  "fwhm_avg": 1.5953177777777778,
  "fwhm_x": 1.51196,
  "fwhm_y": 1.6787233333333333,
  "fwhm_z": 1.59527,
  "gcor": 0.0344074,
  "gsr_x": 0.00044177871313877404,
  "gsr_y": 0.02978646755218506,
  "provenance": {
    "md5sum": "86ae335c0f6db43cba0843dfd339fb72",
    "settings": {
      "fd_thres": 0.2,
      "testing": false
    },
    "software": "mriqc",
    "version": "23.0.1",
    "webapi_port": null,
    "webapi_url": "https://mriqc.nimh.nih.gov/api/v1"
  },
  "size_t": 125,
  "size_x": 64,
  "size_y": 64,
  "size_z": 38,
  "snr": 8.328050613264374,
  "spacing_tr": 2.0,
  "spacing_x": 3.0,
  "spacing_y": 3.0,
  "spacing_z": 3.0,
  "summary_bg_k": 26.90667882890025,
  "summary_bg_mad": 5.171316767202524,
  "summary_bg_mean": 20.645456314086914,
  "summary_bg_median": 7.152000427246094,
  "summary_bg_n": 81568.0,
  "summary_bg_p05": 3.1040000915527344,
  "summary_bg_p95": 81.28800201416016,
  "summary_bg_stdv": 36.80726623535156,
  "summary_fg_k": 4.524013610755172,
  "summary_fg_mad": 38.23928745958117,
  "summary_fg_mean": 386.54583740234375,
  "summary_fg_median": 385.656005859375,
  "summary_fg_n": 38800.0,
  "summary_fg_p05": 318.4232116699219,
  "summary_fg_p95": 458.1928161621093,
  "summary_fg_stdv": 46.30747985839844,
  "tsnr": 51.76426926860586
}