{
  "aor": 0.005758588235294117,
  "aqi": 0.014031917294117648,
  "bids_meta": {
    "AccelFactPE": 2,
    "AcquisitionNumber": 1,
    "AcquisitionTime": "12:22:28.372500",
    "BandwidthPerPixelPhaseEncode": 43.879,
    "BodyPartExamined": "BRAIN",
    "ConversionSoftware": "dcm2niix",
    "ConversionSoftwareVersion": "v1.0.20170724 GCC4.4.7",
    "DeviceSerialNumber": "67025",
    "EchoTime": 0.025,
    "EchoTrainLength": 43,
    "EffectiveEchoSpacing": 0.000356093,
    "FlipAngle": 90,
    "ImageType": [
      "ORIGINAL",
      "PRIMARY",
      "M",
      "ND",
      "NORM",
      "MOSAIC"
    ],
    "InstitutionAddress": "McClintock_3520A_Los_Angeles_CA_US_90089",
    "InstitutionName": "USC",
    "MagneticFieldStrength": 3,
    "Manufacturer": "Siemens",
    "ManufacturersModelName": "Prisma_fit",
    "PhaseEncodingDirection": "j-",
    "PhaseEncodingLines": 64,
    "ProcedureStepDescription": "Mara_Steve",
    "ProtocolName": "prelearning1",
    "RepetitionTime": 2,
    "ScanningSequence": "EP",
    "SequenceName": "_epfid2d1_64",
    "SequenceVariant": "SK_OSP",
    "SeriesDescription": "prelearning1",
    "SliceTiming": [
      0.99,
      0,
      1.0425,
      0.0525,
      1.095,
      0.105,
      1.1475,
      0.1575,
      1.2,
      0.21,
      1.2525,
      0.2625,
      1.3025,
      0.3125,
      1.355,
      0.365,
      1.4075,
      0.4175,
      1.46,
      0.47,
      1.5125,
      0.5225,
      1.565,
      0.575,
      1.615,
      0.625,
      1.6675,
      0.6775,
      1.72,
      0.73,
      1.7725,
      0.7825,
      1.825,
      0.835,
      1.8775,
      0.8875,
      1.9275,
      0.9375
    ],
    "SoftwareVersions": "syngo_MR_D13D",
    "TaskName": "prelearning",
    "TotalReadoutTime": 0.0299118,
    "TrueEchoSpacing": 0.000712186,
    "dataset": "ds003425",
    "modality": "bold",
    "run_id": 1,
    "session_id": "01",
    "subject_id": "05",
    "task_id": "prelearning"
  },
  "dummy_trs": 0,
  "dvars_nstd": 21.57021776904762,
  "dvars_std": 1.1022388914285715,
  "dvars_vstd": 1.0215619375,
  "efc": 0.5816020665666946,
  "fber": 2776.648193359375,
  "fd_mean": 0.21156686804752342,
  "fd_num": 35,
  "fd_perc": 41.1764705882353,
  "fwhm_avg": 1.573291111111111,
  "fwhm_x": 1.4869700000000001,
  "fwhm_y": 1.6548066666666665,
  "fwhm_z": 1.5780966666666665,
  "gcor": 0.043944,
  "gsr_x": 0.0008425885462202132,
  "gsr_y": 0.030276618897914886,
  "provenance": {
    "md5sum": "97dcb0e908623d91e510a51f25008d5a",
    "settings": {
      "fd_thres": 0.2,
      "testing": false
    },
    "software": "mriqc",
    "version": "23.0.1",
    "webapi_port": null,
    "webapi_url": "https://mriqc.nimh.nih.gov/api/v1"
  },
  "size_t": 85,
  "size_x": 64,
  "size_y": 64,
  "size_z": 38,
  "snr": 8.309778095164797,
  "spacing_tr": 2.0,
  "spacing_x": 3.0,
  "spacing_y": 3.0,
  "spacing_z": 3.0,
  "summary_bg_k": 27.19266673259491,
  "summary_bg_mad": 5.128059662688969,
  "summary_bg_mean": 20.69500732421875,
  "summary_bg_median": 7.117647171020508,
  "summary_bg_n": 81675.0,
  "summary_bg_p05": 3.0705883502960205,
  "summary_bg_p95": 82.03529357910156,
  "summary_bg_stdv": 37.30326843261719,
  "summary_fg_k": 4.608744609519743,
  "summary_fg_mad": 39.0535015777183,
  "summary_fg_mean": 390.009033203125,
  "summary_fg_median": 389.1529541015625,
  "summary_fg_n": 38789.0,
  "summary_fg_p05": 321.6470642089844,
  "summary_fg_p95": 461.8470764160156,
  "summary_fg_stdv": 46.83012390136719,
  "tsnr": 64.67815387062728
}