{
  "aor": 0.005126632653061225,
  "aqi": 0.013138492244897961,
  "bids_meta": {
    "AccelFactPE": 2,
    "AcquisitionNumber": 1,
    "AcquisitionTime": "12:05:50.990000",
    "BandwidthPerPixelPhaseEncode": 43.879,
    "BodyPartExamined": "BRAIN",
    "ConversionSoftware": "dcm2niix",
    "ConversionSoftwareVersion": "v1.0.20170724 GCC4.4.7",
    "DeviceSerialNumber": "67025",
    "EchoTime": 0.025,
    "EchoTrainLength": 43,
    "EffectiveEchoSpacing": 0.000356093,
    "FlipAngle": 90,
    "ImageType": [
      "ORIGINAL",
      "PRIMARY",
      "M",
      "ND",
      "NORM",
      "MOSAIC"
    ],
    "InstitutionAddress": "McClintock_3520A_Los_Angeles_CA_US_90089",
    "InstitutionName": "USC",
    "MagneticFieldStrength": 3,
    "Manufacturer": "Siemens",
    "ManufacturersModelName": "Prisma_fit",
    "PhaseEncodingDirection": "j-",
    "PhaseEncodingLines": 64,
    "ProcedureStepDescription": "Mara_Steve",
    "ProtocolName": "training3",
    "RepetitionTime": 2,
    "ScanningSequence": "EP",
    "SequenceName": "_epfid2d1_64",
    "SequenceVariant": "SK_OSP",
    "SeriesDescription": "training3",
    "SliceTiming": [
      0.99,
      0,
      1.0425,
      0.0525,
      1.0925,
      0.1025,
      1.145,
      0.155,
      1.1975,
      0.2075,
      1.25,
      0.26,
      1.3025,
      0.3125,
      1.355,
      0.365,
      1.405,
      0.415,
      1.4575,
      0.4675,
      1.51,
      0.52,
      1.5625,
      0.5725,
      1.615,
      0.625,
      1.6675,
      0.6775,
      1.7175,
      0.7275,
      1.77,
      0.78,
      1.8225,
      0.8325,
      1.875,
      0.885,
      1.9275,
      0.9375
    ],
    "SoftwareVersions": "syngo_MR_D13D",
    "TaskName": "training",
    "TotalReadoutTime": 0.0299118,
    "TrueEchoSpacing": 0.000712186,
    "dataset": "ds003425",
    "modality": "bold",
    "run_id": 3,
    "session_id": "01",
    "subject_id": "05",
    "task_id": "training"
  },
  "dummy_trs": 0,
  "dvars_nstd": 19.664305274123706,
  "dvars_std": 1.086599839278351,
  "dvars_vstd": 1.0228028159793816,
  "efc": 0.5850961154345252,
  "fber": 2646.905517578125,
  "fd_mean": 0.16308727837239362,
  "fd_num": 27,
  "fd_perc": 27.551020408163264,
  "fwhm_avg": 1.6004133333333332,
  "fwhm_x": 1.5365066666666667,
  "fwhm_y": 1.6904333333333332,
  "fwhm_z": 1.5743,
  "gcor": 0.0932905,
  "gsr_x": -0.0014402829110622406,
  "gsr_y": 0.028042666614055634,
  "provenance": {
    "md5sum": "67db5c7bff2b3023cdd7a16dbbe05c5d",
    "settings": {
      "fd_thres": 0.2,
      "testing": false
    },
    "software": "mriqc",
    "version": "23.0.1",
    "webapi_port": null,
    "webapi_url": "https://mriqc.nimh.nih.gov/api/v1"
  },
  "size_t": 98,
  "size_x": 64,
  "size_y": 64,
  "size_z": 38,
  "snr": 8.238274125156828,
  "spacing_tr": 2.0,
  "spacing_x": 3.0,
  "spacing_y": 3.0,
  "spacing_z": 3.0,
  "summary_bg_k": 25.52500556448905,
  "summary_bg_mad": 5.370650453519787,
  "summary_bg_mean": 21.17047119140625,
  "summary_bg_median": 7.275509834289551,
  "summary_bg_n": 81277.0,
  "summary_bg_p05": 3.09183669090271,
  "summary_bg_p95": 83.92040557861326,
  "summary_bg_stdv": 37.80866622924805,
  "summary_fg_k": 4.334642546707624,
  "summary_fg_mad": 38.759451534442306,
  "summary_fg_mean": 387.61651611328125,
  "summary_fg_median": 386.6224365234375,
  "summary_fg_n": 39106.0,
  "summary_fg_p05": 319.3673400878906,
  "summary_fg_p95": 461.0918273925781,
  "summary_fg_stdv": 46.92942810058594,
  "tsnr": 63.528233505785465
}