{
  "aor": 0.00571608,
  "aqi": 0.021548425759999996,
  "bids_meta": {
    "AccelFactPE": 2,
    "AcquisitionNumber": 1,
    "AcquisitionTime": "12:40:46.680000",
    "BandwidthPerPixelPhaseEncode": 43.879,
    "BodyPartExamined": "BRAIN",
    "ConversionSoftware": "dcm2niix",
    "ConversionSoftwareVersion": "v1.0.20170724 GCC4.4.7",
    "DeviceSerialNumber": "67025",
    "EchoTime": 0.025,
    "EchoTrainLength": 43,
    "EffectiveEchoSpacing": 0.000356093,
    "FlipAngle": 90,
    "ImageType": [
      "ORIGINAL",
      "PRIMARY",
      "M",
      "ND",
      "NORM",
      "MOSAIC"
    ],
    "InstitutionAddress": "McClintock_3520A_Los_Angeles_CA_US_90089",
    "InstitutionName": "USC",
    "MagneticFieldStrength": 3,
    "Manufacturer": "Siemens",
    "ManufacturersModelName": "Prisma_fit",
    "PhaseEncodingDirection": "j-",
    "PhaseEncodingLines": 64,
    "ProcedureStepDescription": "Mara_Steve",
    "ProtocolName": "learning3",
    "RepetitionTime": 2,
    "ScanningSequence": "EP",
    "SequenceName": "_epfid2d1_64",
    "SequenceVariant": "SK_OSP",
    "SeriesDescription": "learning3",
    "SliceTiming": [
      0.99,
      0,
      1.0425,
      0.0525,
      1.095,
      0.105,
      1.145,
      0.1575,
      1.1975,
      0.2075,
      1.25,
      0.26,
      1.3025,
      0.3125,
      1.355,
      0.365,
      1.4075,
      0.4175,
      1.46,
      0.47,
      1.51,
      0.52,
      1.5625,
      0.5725,
      1.615,
      0.625,
      1.6675,
      0.6775,
      1.72,
      0.73,
      1.7725,
      0.7825,
      1.8225,
      0.8325,
      1.875,
      0.885,
      1.9275,
      0.9375
    ],
    "SoftwareVersions": "syngo_MR_D13D",
    "TaskName": "learning",
    "TotalReadoutTime": 0.0299118,
    "TrueEchoSpacing": 0.000712186,
    "dataset": "ds003425",
    "modality": "bold",
    "run_id": 3,
    "session_id": "01",
    "subject_id": "05",
    "task_id": "learning"
  },
  "dummy_trs": 0,
  "dvars_nstd": 21.80751205298386,
  "dvars_std": 1.0539804791935485,
  "dvars_vstd": 0.9935045341935487,
  "efc": 0.5821667315312022,
  "fber": 2777.8486328125,
  "fd_mean": 0.23050194630713727,
  "fd_num": 55,
  "fd_perc": 44.0,
  "fwhm_avg": 1.5943144444444444,
  "fwhm_x": 1.5155266666666665,
  "fwhm_y": 1.6856766666666667,
  "fwhm_z": 1.58174,
  "gcor": 0.0573553,
  "gsr_x": 0.0004164323618169874,
  "gsr_y": 0.030144797638058662,
  "provenance": {
    "md5sum": "803185fddba2f6c576bf4d607e10e50f",
    "settings": {
      "fd_thres": 0.2,
      "testing": false
    },
    "software": "mriqc",
    "version": "23.0.1",
    "webapi_port": null,
    "webapi_url": "https://mriqc.nimh.nih.gov/api/v1"
  },
  "size_t": 125,
  "size_x": 64,
  "size_y": 64,
  "size_z": 38,
  "snr": 8.238945892145694,
  "spacing_tr": 2.0,
  "spacing_x": 3.0,
  "spacing_y": 3.0,
  "spacing_z": 3.0,
  "summary_bg_k": 26.669641790912806,
  "summary_bg_mad": 5.183177432247246,
  "summary_bg_mean": 20.553972244262695,
  "summary_bg_median": 7.056000232696533,
  "summary_bg_n": 81639.0,
  "summary_bg_p05": 3.000000238418579,
  "summary_bg_p95": 80.88160476684557,
  "summary_bg_stdv": 36.52986526489258,
  "summary_fg_k": 4.402081505645792,
  "summary_fg_mad": 38.263018687108215,
  "summary_fg_mean": 385.24273681640625,
  "summary_fg_median": 384.3280334472656,
  "summary_fg_n": 38779.0,
  "summary_fg_p05": 315.76800537109375,
  "summary_fg_p95": 457.67362670898433,
  "summary_fg_stdv": 46.647117614746094,
  "tsnr": 50.438228777144104
}