{
  "aor": 0.006057073170731707,
  "aqi": 0.007806548292682928,
  "bids_meta": {
    "AccelFactPE": 2,
    "AcquisitionNumber": 1,
    "AcquisitionTime": "12:26:5.175000",
    "BandwidthPerPixelPhaseEncode": 43.879,
    "BodyPartExamined": "BRAIN",
    "ConversionSoftware": "dcm2niix",
    "ConversionSoftwareVersion": "v1.0.20170724 GCC4.4.7",
    "DeviceSerialNumber": "67025",
    "EchoTime": 0.025,
    "EchoTrainLength": 43,
    "EffectiveEchoSpacing": 0.000356093,
    "FlipAngle": 90,
    "ImageType": [
      "ORIGINAL",
      "PRIMARY",
      "M",
      "ND",
      "NORM",
      "MOSAIC"
    ],
    "InstitutionAddress": "McClintock_3520A_Los_Angeles_CA_US_90089",
    "InstitutionName": "USC",
    "MagneticFieldStrength": 3,
    "Manufacturer": "Siemens",
    "ManufacturersModelName": "Prisma_fit",
    "PhaseEncodingDirection": "j-",
    "PhaseEncodingLines": 64,
    "ProcedureStepDescription": "Mara_Steve",
    "ProtocolName": "prelearning2",
    "RepetitionTime": 2,
    "ScanningSequence": "EP",
    "SequenceName": "_epfid2d1_64",
    "SequenceVariant": "SK_OSP",
    "SeriesDescription": "prelearning2",
    "SliceTiming": [
      0.99,
      0,
      1.0425,
      0.0525,
      1.095,
      0.105,
      1.1475,
      0.1575,
      1.2,
      0.21,
      1.25,
      0.26,
      1.3025,
      0.3125,
      1.355,
      0.365,
      1.4075,
      0.4175,
      1.46,
      0.47,
      1.5125,
      0.5225,
      1.5625,
      0.575,
      1.615,
      0.625,
      1.6675,
      0.6775,
      1.72,
      0.73,
      1.7725,
      0.7825,
      1.825,
      0.835,
      1.8775,
      0.8875,
      1.9275,
      0.9375
    ],
    "SoftwareVersions": "syngo_MR_D13D",
    "TaskName": "prelearning",
    "TotalReadoutTime": 0.0299118,
    "TrueEchoSpacing": 0.000712186,
    "dataset": "ds003425",
    "modality": "bold",
    "run_id": 2,
    "session_id": "01",
    "subject_id": "05",
    "task_id": "prelearning"
  },
  "dummy_trs": 3,
  "dvars_nstd": 18.211170538148153,
  "dvars_std": 1.1540403707407405,
  "dvars_vstd": 1.0719894633333331,
  "efc": 0.5822649746426365,
  "fber": 2743.119140625,
  "fd_mean": 0.13808183801043528,
  "fd_num": 14,
  "fd_perc": 17.073170731707318,
  "fwhm_avg": 1.5723666666666665,
  "fwhm_x": 1.50143,
  "fwhm_y": 1.65363,
  "fwhm_z": 1.5620399999999999,
  "gcor": 0.0212182,
  "gsr_x": 0.00012368788884487003,
  "gsr_y": 0.029717309400439262,
  "provenance": {
    "md5sum": "1919f607178f4d46da66b56f01678a2b",
    "settings": {
      "fd_thres": 0.2,
      "testing": false
    },
    "software": "mriqc",
    "version": "23.0.1",
    "webapi_port": null,
    "webapi_url": "https://mriqc.nimh.nih.gov/api/v1"
  },
  "size_t": 82,
  "size_x": 64,
  "size_y": 64,
  "size_z": 38,
  "snr": 8.237927801158632,
  "spacing_tr": 2.0,
  "spacing_x": 3.0,
  "spacing_y": 3.0,
  "spacing_z": 3.0,
  "summary_bg_k": 25.09104955664768,
  "summary_bg_mad": 5.098705276685098,
  "summary_bg_mean": 20.67113494873047,
  "summary_bg_median": 7.097560882568359,
  "summary_bg_n": 81607.0,
  "summary_bg_p05": 3.0975608825683594,
  "summary_bg_p95": 82.42316894531247,
  "summary_bg_stdv": 36.777313232421875,
  "summary_fg_k": 4.385522926244446,
  "summary_fg_mad": 39.162407325397226,
  "summary_fg_mean": 388.1158142089844,
  "summary_fg_median": 387.2560729980469,
  "summary_fg_n": 38797.0,
  "summary_fg_p05": 319.1195068359375,
  "summary_fg_p95": 460.3536376953125,
  "summary_fg_stdv": 47.0083122253418,
  "tsnr": 83.3311785539845
}