{
  "aor": 0.004403571428571429,
  "aqi": 0.017996724489795918,
  "bids_meta": {
    "AccelFactPE": 2,
    "AcquisitionNumber": 1,
    "AcquisitionTime": "12:17:35.037500",
    "BandwidthPerPixelPhaseEncode": 43.879,
    "BodyPartExamined": "BRAIN",
    "ConversionSoftware": "dcm2niix",
    "ConversionSoftwareVersion": "v1.0.20170724 GCC4.4.7",
    "DeviceSerialNumber": "67025",
    "EchoTime": 0.025,
    "EchoTrainLength": 43,
    "EffectiveEchoSpacing": 0.000356093,
    "FlipAngle": 90,
    "ImageType": [
      "ORIGINAL",
      "PRIMARY",
      "M",
      "ND",
      "NORM",
      "MOSAIC"
    ],
    "InstitutionAddress": "McClintock_3520A_Los_Angeles_CA_US_90089",
    "InstitutionName": "USC",
    "MagneticFieldStrength": 3,
    "Manufacturer": "Siemens",
    "ManufacturersModelName": "Prisma_fit",
    "PhaseEncodingDirection": "j-",
    "PhaseEncodingLines": 64,
    "ProcedureStepDescription": "Mara_Steve",
    "ProtocolName": "training6",
    "RepetitionTime": 2,
    "ScanningSequence": "EP",
    "SequenceName": "_epfid2d1_64",
    "SequenceVariant": "SK_OSP",
    "SeriesDescription": "training6",
    "SliceTiming": [
      0.99,
      0,
      1.0425,
      0.0525,
      1.0925,
      0.105,
      1.145,
      0.155,
      1.1975,
      0.2075,
      1.25,
      0.26,
      1.3025,
      0.3125,
      1.355,
      0.365,
      1.4075,
      0.4175,
      1.4575,
      0.4675,
      1.51,
      0.52,
      1.5625,
      0.5725,
      1.615,
      0.625,
      1.6675,
      0.6775,
      1.72,
      0.73,
      1.77,
      0.78,
      1.8225,
      0.8325,
      1.875,
      0.885,
      1.9275,
      0.9375
    ],
    "SoftwareVersions": "syngo_MR_D13D",
    "TaskName": "training",
    "TotalReadoutTime": 0.0299118,
    "TrueEchoSpacing": 0.000712186,
    "dataset": "ds003425",
    "modality": "bold",
    "run_id": 6,
    "session_id": "01",
    "subject_id": "05",
    "task_id": "training"
  },
  "dummy_trs": 0,
  "dvars_nstd": 22.127526017731974,
  "dvars_std": 1.0765986211340208,
  "dvars_vstd": 1.001046870309278,
  "efc": 0.5837296148329115,
  "fber": 2661.18017578125,
  "fd_mean": 0.19507826480841897,
  "fd_num": 32,
  "fd_perc": 32.6530612244898,
  "fwhm_avg": 1.5902155555555553,
  "fwhm_x": 1.5063199999999999,
  "fwhm_y": 1.6743066666666666,
  "fwhm_z": 1.59002,
  "gcor": 0.120545,
  "gsr_x": -0.0005086287274025381,
  "gsr_y": 0.029064714908599854,
  "provenance": {
    "md5sum": "1643ca826dc34685456e21b5516655de",
    "settings": {
      "fd_thres": 0.2,
      "testing": false
    },
    "software": "mriqc",
    "version": "23.0.1",
    "webapi_port": null,
    "webapi_url": "https://mriqc.nimh.nih.gov/api/v1"
  },
  "size_t": 98,
  "size_x": 64,
  "size_y": 64,
  "size_z": 38,
  "snr": 8.265942894415998,
  "spacing_tr": 2.0,
  "spacing_x": 3.0,
  "spacing_y": 3.0,
  "spacing_z": 3.0,
  "summary_bg_k": 26.58891304204012,
  "summary_bg_mad": 5.219364584994708,
  "summary_bg_mean": 20.987499237060547,
  "summary_bg_median": 7.214285373687744,
  "summary_bg_n": 81421.0,
  "summary_bg_p05": 3.1224489212036133,
  "summary_bg_p95": 82.56122589111328,
  "summary_bg_stdv": 37.64629364013672,
  "summary_fg_k": 4.515584680487084,
  "summary_fg_mad": 38.562769654442185,
  "summary_fg_mean": 389.1775207519531,
  "summary_fg_median": 387.9693908691406,
  "summary_fg_n": 38915.0,
  "summary_fg_p05": 320.82041320800784,
  "summary_fg_p95": 462.0714111328125,
  "summary_fg_stdv": 46.93528747558594,
  "tsnr": 54.70607761852443
}