{
  "aor": 0.008065039999999999,
  "aqi": 0.01958993048,
  "bids_meta": {
    "AccelFactPE": 2,
    "AcquisitionNumber": 1,
    "AcquisitionTime": "12:45:28.362500",
    "BandwidthPerPixelPhaseEncode": 43.879,
    "BodyPartExamined": "BRAIN",
    "ConversionSoftware": "dcm2niix",
    "ConversionSoftwareVersion": "v1.0.20170724 GCC4.4.7",
    "DeviceSerialNumber": "67025",
    "EchoTime": 0.025,
    "EchoTrainLength": 43,
    "EffectiveEchoSpacing": 0.000356093,
    "FlipAngle": 90,
    "ImageType": [
      "ORIGINAL",
      "PRIMARY",
      "M",
      "ND",
      "NORM",
      "MOSAIC"
    ],
    "InstitutionAddress": "McClintock_3520A_Los_Angeles_CA_US_90089",
    "InstitutionName": "USC",
    "MagneticFieldStrength": 3,
    "Manufacturer": "Siemens",
    "ManufacturersModelName": "Prisma_fit",
    "PhaseEncodingDirection": "j-",
    "PhaseEncodingLines": 64,
    "ProcedureStepDescription": "Mara_Steve",
    "ProtocolName": "learning4",
    "RepetitionTime": 2,
    "ScanningSequence": "EP",
    "SequenceName": "_epfid2d1_64",
    "SequenceVariant": "SK_OSP",
    "SeriesDescription": "learning4",
    "SliceTiming": [
      0.99,
      0,
      1.0425,
      0.0525,
      1.095,
      0.105,
      1.1475,
      0.1575,
      1.2,
      0.21,
      1.2525,
      0.2625,
      1.3025,
      0.3125,
      1.355,
      0.365,
      1.4075,
      0.4175,
      1.46,
      0.47,
      1.5125,
      0.5225,
      1.565,
      0.575,
      1.615,
      0.6275,
      1.6675,
      0.6775,
      1.72,
      0.73,
      1.7725,
      0.7825,
      1.825,
      0.835,
      1.8775,
      0.8875,
      1.93,
      0.94
    ],
    "SoftwareVersions": "syngo_MR_D13D",
    "TaskName": "learning",
    "TotalReadoutTime": 0.0299118,
    "TrueEchoSpacing": 0.000712186,
    "dataset": "ds003425",
    "modality": "bold",
    "run_id": 4,
    "session_id": "01",
    "subject_id": "05",
    "task_id": "learning"
  },
  "dummy_trs": 0,
  "dvars_nstd": 21.21533666854838,
  "dvars_std": 1.1059458597580647,
  "dvars_vstd": 1.037482292096774,
  "efc": 0.5830567168093896,
  "fber": 2629.563232421875,
  "fd_mean": 0.19838181253553414,
  "fd_num": 39,
  "fd_perc": 31.2,
  "fwhm_avg": 1.591108888888889,
  "fwhm_x": 1.5087833333333334,
  "fwhm_y": 1.6777,
  "fwhm_z": 1.5868433333333334,
  "gcor": 0.041411,
  "gsr_x": -0.000608523958362639,
  "gsr_y": 0.03100292943418026,
  "provenance": {
    "md5sum": "d8f1c5c10a3b31754d99e26167ae77b8",
    "settings": {
      "fd_thres": 0.2,
      "testing": false
    },
    "software": "mriqc",
    "version": "23.0.1",
    "webapi_port": null,
    "webapi_url": "https://mriqc.nimh.nih.gov/api/v1"
  },
  "size_t": 125,
  "size_x": 64,
  "size_y": 64,
  "size_z": 38,
  "snr": 8.223174267659553,
  "spacing_tr": 2.0,
  "spacing_x": 3.0,
  "spacing_y": 3.0,
  "spacing_z": 3.0,
  "summary_bg_k": 25.188492247339557,
  "summary_bg_mad": 5.289925185049314,
  "summary_bg_mean": 21.021596908569336,
  "summary_bg_median": 7.224000453948975,
  "summary_bg_n": 81711.0,
  "summary_bg_p05": 3.0880000591278076,
  "summary_bg_p95": 83.0160026550293,
  "summary_bg_stdv": 37.305023193359375,
  "summary_fg_k": 4.483574894066323,
  "summary_fg_mad": 38.215556232054126,
  "summary_fg_mean": 384.7915954589844,
  "summary_fg_median": 383.7760314941406,
  "summary_fg_n": 38704.0,
  "summary_fg_p05": 315.8276077270508,
  "summary_fg_p95": 456.80561523437495,
  "summary_fg_stdv": 46.669456481933594,
  "tsnr": 54.94627231825143
}