{
  "aor": 0.00812795918367347,
  "aqi": 0.012023000510204083,
  "bids_meta": {
    "AccelFactPE": 2,
    "AcquisitionNumber": 1,
    "AcquisitionTime": "12:02:6.995000",
    "BandwidthPerPixelPhaseEncode": 43.879,
    "BodyPartExamined": "BRAIN",
    "ConversionSoftware": "dcm2niix",
    "ConversionSoftwareVersion": "v1.0.20170724 GCC4.4.7",
    "DeviceSerialNumber": "67025",
    "EchoTime": 0.025,
    "EchoTrainLength": 43,
    "EffectiveEchoSpacing": 0.000356093,
    "FlipAngle": 90,
    "ImageType": [
      "ORIGINAL",
      "PRIMARY",
      "M",
      "ND",
      "NORM",
      "MOSAIC"
    ],
    "InstitutionAddress": "McClintock_3520A_Los_Angeles_CA_US_90089",
    "InstitutionName": "USC",
    "MagneticFieldStrength": 3,
    "Manufacturer": "Siemens",
    "ManufacturersModelName": "Prisma_fit",
    "PhaseEncodingDirection": "j-",
    "PhaseEncodingLines": 64,
    "ProcedureStepDescription": "Mara_Steve",
    "ProtocolName": "training2",
    "RepetitionTime": 2,
    "ScanningSequence": "EP",
    "SequenceName": "_epfid2d1_64",
    "SequenceVariant": "SK_OSP",
    "SeriesDescription": "training2",
    "SliceTiming": [
      0.99,
      0,
      1.0425,
      0.0525,
      1.095,
      0.105,
      1.145,
      0.155,
      1.1975,
      0.2075,
      1.25,
      0.26,
      1.3025,
      0.3125,
      1.355,
      0.365,
      1.4075,
      0.4175,
      1.4575,
      0.47,
      1.51,
      0.52,
      1.5625,
      0.5725,
      1.615,
      0.625,
      1.6675,
      0.6775,
      1.72,
      0.73,
      1.7725,
      0.7825,
      1.8225,
      0.8325,
      1.875,
      0.885,
      1.9275,
      0.9375
    ],
    "SoftwareVersions": "syngo_MR_D13D",
    "TaskName": "training",
    "TotalReadoutTime": 0.0299118,
    "TrueEchoSpacing": 0.000712186,
    "dataset": "ds003425",
    "modality": "bold",
    "run_id": 2,
    "session_id": "01",
    "subject_id": "05",
    "task_id": "training"
  },
  "dummy_trs": 0,
  "dvars_nstd": 18.701374201340208,
  "dvars_std": 1.1692523743298964,
  "dvars_vstd": 1.0769588563917523,
  "efc": 0.5849201784820675,
  "fber": 2632.806640625,
  "fd_mean": 0.1684381550503117,
  "fd_num": 26,
  "fd_perc": 26.53061224489796,
  "fwhm_avg": 1.5927055555555558,
  "fwhm_x": 1.5208700000000002,
  "fwhm_y": 1.6761766666666666,
  "fwhm_z": 1.5810700000000002,
  "gcor": 0.0469773,
  "gsr_x": -0.0011498117819428444,
  "gsr_y": 0.02843027561903,
  "provenance": {
    "md5sum": "6d0d18bcc2c285050058fb4126feb788",
    "settings": {
      "fd_thres": 0.2,
      "testing": false
    },
    "software": "mriqc",
    "version": "23.0.1",
    "webapi_port": null,
    "webapi_url": "https://mriqc.nimh.nih.gov/api/v1"
  },
  "size_t": 98,
  "size_x": 64,
  "size_y": 64,
  "size_z": 38,
  "snr": 8.26485179456384,
  "spacing_tr": 2.0,
  "spacing_x": 3.0,
  "spacing_y": 3.0,
  "spacing_z": 3.0,
  "summary_bg_k": 26.373471648309973,
  "summary_bg_mad": 5.340393633294686,
  "summary_bg_mean": 21.198720932006836,
  "summary_bg_median": 7.285714149475098,
  "summary_bg_n": 81264.0,
  "summary_bg_p05": 3.1020407676696777,
  "summary_bg_p95": 83.78112182617161,
  "summary_bg_stdv": 38.19785690307617,
  "summary_fg_k": 4.413147778424647,
  "summary_fg_mad": 38.7897207264644,
  "summary_fg_mean": 388.1794128417969,
  "summary_fg_median": 387.1734619140625,
  "summary_fg_n": 39060.0,
  "summary_fg_p05": 320.2550964355469,
  "summary_fg_p95": 461.23468017578125,
  "summary_fg_stdv": 46.845184326171875,
  "tsnr": 68.89178072381765
}