{
  "aor": 0.002418941176470588,
  "aqi": 0.008271948352941177,
  "bids_meta": {
    "AccelFactPE": 2,
    "AcquisitionNumber": 1,
    "AcquisitionTime": "12:18:34.727500",
    "BandwidthPerPixelPhaseEncode": 43.879,
    "BodyPartExamined": "BRAIN",
    "ConversionSoftware": "dcm2niix",
    "ConversionSoftwareVersion": "v1.0.20170724 GCC4.4.7",
    "DeviceSerialNumber": "67025",
    "EchoTime": 0.025,
    "EchoTrainLength": 43,
    "EffectiveEchoSpacing": 0.000356093,
    "FlipAngle": 90,
    "ImageType": [
      "ORIGINAL",
      "PRIMARY",
      "M",
      "ND",
      "NORM",
      "MOSAIC"
    ],
    "InstitutionAddress": "McClintock_3520A_Los_Angeles_CA_US_90089",
    "InstitutionName": "USC",
    "MagneticFieldStrength": 3,
    "Manufacturer": "Siemens",
    "ManufacturersModelName": "Prisma_fit",
    "PhaseEncodingDirection": "i",
    "PhaseEncodingLines": 64,
    "ProcedureStepDescription": "Mara_Steve",
    "ProtocolName": "prelearning1",
    "RepetitionTime": 2,
    "ScanningSequence": "EP",
    "SequenceName": "_epfid2d1_64",
    "SequenceVariant": "SK_OSP",
    "SeriesDescription": "prelearning1",
    "SliceTiming": [
      0.99,
      0,
      1.0425,
      0.0525,
      1.095,
      0.105,
      1.1475,
      0.1575,
      1.1975,
      0.2075,
      1.25,
      0.26,
      1.3025,
      0.3125,
      1.355,
      0.365,
      1.4075,
      0.4175,
      1.46,
      0.47,
      1.51,
      0.5225,
      1.5625,
      0.5725,
      1.615,
      0.625,
      1.6675,
      0.6775,
      1.72,
      0.73,
      1.7725,
      0.7825,
      1.825,
      0.835,
      1.875,
      0.885,
      1.9275,
      0.9375
    ],
    "SoftwareVersions": "syngo_MR_D13D",
    "TaskName": "prelearning",
    "TotalReadoutTime": 0.0299118,
    "TrueEchoSpacing": 0.000712186,
    "dataset": "ds003425",
    "modality": "bold",
    "run_id": 1,
    "session_id": "01",
    "subject_id": "03",
    "task_id": "prelearning"
  },
  "dummy_trs": 0,
  "dvars_nstd": 21.92381917857142,
  "dvars_std": 1.2838322503571429,
  "dvars_vstd": 1.0049423811904763,
  "efc": 0.6231052779070234,
  "fber": 1351.0692138671875,
  "fd_mean": 0.10934713098061949,
  "fd_num": 7,
  "fd_perc": 8.235294117647058,
  "fwhm_avg": 1.5521766666666668,
  "fwhm_x": 1.4147666666666667,
  "fwhm_y": 1.6952266666666667,
  "fwhm_z": 1.5465366666666667,
  "gcor": 0.0149449,
  "gsr_x": 0.0202388484030962,
  "gsr_y": 0.038339052349328995,
  "provenance": {
    "md5sum": "c83f3e6ba1ba20651eb8af05303efee6",
    "settings": {
      "fd_thres": 0.2,
      "testing": false
    },
    "software": "mriqc",
    "version": "23.0.1",
    "webapi_port": null,
    "webapi_url": "https://mriqc.nimh.nih.gov/api/v1"
  },
  "size_t": 85,
  "size_x": 64,
  "size_y": 64,
  "size_z": 38,
  "snr": 7.600561598148749,
  "spacing_tr": 2.0,
  "spacing_x": 3.0,
  "spacing_y": 3.0,
  "spacing_z": 3.0,
  "summary_bg_k": 11.613674883332639,
  "summary_bg_mad": 11.198006853764312,
  "summary_bg_mean": 36.1756591796875,
  "summary_bg_median": 12.576470375061035,
  "summary_bg_n": 76240.0,
  "summary_bg_p05": 3.8470590114593506,
  "summary_bg_p95": 153.31824569702152,
  "summary_bg_stdv": 57.832759857177734,
  "summary_fg_k": 3.7405173944205368,
  "summary_fg_mad": 58.4668673214244,
  "summary_fg_mean": 472.7200012207031,
  "summary_fg_median": 472.23529052734375,
  "summary_fg_n": 43239.0,
  "summary_fg_p05": 385.7835327148438,
  "summary_fg_p95": 567.484716796875,
  "summary_fg_stdv": 62.13091278076172,
  "tsnr": 73.40478953998536
}