{
  "aor": 0.0023726530612244896,
  "aqi": 0.005895281836734694,
  "bids_meta": {
    "AccelFactPE": 2,
    "AcquisitionNumber": 1,
    "AcquisitionTime": "12:05:37.030000",
    "BandwidthPerPixelPhaseEncode": 43.879,
    "BodyPartExamined": "BRAIN",
    "ConversionSoftware": "dcm2niix",
    "ConversionSoftwareVersion": "v1.0.20170724 GCC4.4.7",
    "DeviceSerialNumber": "67025",
    "EchoTime": 0.025,
    "EchoTrainLength": 43,
    "EffectiveEchoSpacing": 0.000356093,
    "FlipAngle": 90,
    "ImageType": [
      "ORIGINAL",
      "PRIMARY",
      "M",
      "ND",
      "NORM",
      "MOSAIC"
    ],
    "InstitutionAddress": "McClintock_3520A_Los_Angeles_CA_US_90089",
    "InstitutionName": "USC",
    "MagneticFieldStrength": 3,
    "Manufacturer": "Siemens",
    "ManufacturersModelName": "Prisma_fit",
    "PhaseEncodingDirection": "i",
    "PhaseEncodingLines": 64,
    "ProcedureStepDescription": "Mara_Steve",
    "ProtocolName": "training4",
    "RepetitionTime": 2,
    "ScanningSequence": "EP",
    "SequenceName": "_epfid2d1_64",
    "SequenceVariant": "SK_OSP",
    "SeriesDescription": "training4",
    "SliceTiming": [
      0.99,
      0,
      1.0425,
      0.0525,
      1.095,
      0.105,
      1.1475,
      0.1575,
      1.2,
      0.21,
      1.25,
      0.2625,
      1.3025,
      0.3125,
      1.355,
      0.365,
      1.4075,
      0.4175,
      1.46,
      0.47,
      1.5125,
      0.5225,
      1.565,
      0.575,
      1.615,
      0.625,
      1.6675,
      0.6775,
      1.72,
      0.73,
      1.7725,
      0.7825,
      1.825,
      0.835,
      1.8775,
      0.8875,
      1.9275,
      0.9375
    ],
    "SoftwareVersions": "syngo_MR_D13D",
    "TaskName": "training",
    "TotalReadoutTime": 0.0299118,
    "TrueEchoSpacing": 0.000712186,
    "dataset": "ds003425",
    "modality": "bold",
    "run_id": 4,
    "session_id": "01",
    "subject_id": "03",
    "task_id": "training"
  },
  "dummy_trs": 0,
  "dvars_nstd": 22.5445071742268,
  "dvars_std": 1.3830662981443302,
  "dvars_vstd": 1.0435769528865981,
  "efc": 0.6227217777950024,
  "fber": 1345.1722412109375,
  "fd_mean": 0.07450912508890882,
  "fd_num": 0,
  "fd_perc": 0.0,
  "fwhm_avg": 1.5408777777777776,
  "fwhm_x": 1.4054866666666666,
  "fwhm_y": 1.6919333333333333,
  "fwhm_z": 1.5252133333333333,
  "gcor": 0.0259888,
  "gsr_x": 0.020521849393844604,
  "gsr_y": 0.038998596370220184,
  "provenance": {
    "md5sum": "c13773eb5e65e2b4c95f3f25230e23f9",
    "settings": {
      "fd_thres": 0.2,
      "testing": false
    },
    "software": "mriqc",
    "version": "23.0.1",
    "webapi_port": null,
    "webapi_url": "https://mriqc.nimh.nih.gov/api/v1"
  },
  "size_t": 98,
  "size_x": 64,
  "size_y": 64,
  "size_z": 38,
  "snr": 7.64399629891795,
  "spacing_tr": 2.0,
  "spacing_x": 3.0,
  "spacing_y": 3.0,
  "spacing_z": 3.0,
  "summary_bg_k": 11.715978165113444,
  "summary_bg_mad": 10.937972889602092,
  "summary_bg_mean": 36.558143615722656,
  "summary_bg_median": 12.60204029083252,
  "summary_bg_n": 76407.0,
  "summary_bg_p05": 4.071428298950195,
  "summary_bg_p95": 155.43264617919917,
  "summary_bg_stdv": 58.902156829833984,
  "summary_fg_k": 3.685664830425848,
  "summary_fg_mad": 58.63843798831201,
  "summary_fg_mean": 473.6407470703125,
  "summary_fg_median": 473.0816345214844,
  "summary_fg_n": 43029.0,
  "summary_fg_p05": 387.4183654785156,
  "summary_fg_p95": 568.1142822265625,
  "summary_fg_stdv": 61.888587951660156,
  "tsnr": 85.77631081687286
}