{
  "aor": 0.00139824,
  "aqi": 0.00576210224,
  "bids_meta": {
    "AccelFactPE": 2,
    "AcquisitionNumber": 1,
    "AcquisitionTime": "12:29:54.482500",
    "BandwidthPerPixelPhaseEncode": 43.879,
    "BodyPartExamined": "BRAIN",
    "ConversionSoftware": "dcm2niix",
    "ConversionSoftwareVersion": "v1.0.20170724 GCC4.4.7",
    "DeviceSerialNumber": "67025",
    "EchoTime": 0.025,
    "EchoTrainLength": 43,
    "EffectiveEchoSpacing": 0.000356093,
    "FlipAngle": 90,
    "ImageType": [
      "ORIGINAL",
      "PRIMARY",
      "M",
      "ND",
      "NORM",
      "MOSAIC"
    ],
    "InstitutionAddress": "McClintock_3520A_Los_Angeles_CA_US_90089",
    "InstitutionName": "USC",
    "MagneticFieldStrength": 3,
    "Manufacturer": "Siemens",
    "ManufacturersModelName": "Prisma_fit",
    "PhaseEncodingDirection": "i",
    "PhaseEncodingLines": 64,
    "ProcedureStepDescription": "Mara_Steve",
    "ProtocolName": "learning1",
    "RepetitionTime": 2,
    "ScanningSequence": "EP",
    "SequenceName": "_epfid2d1_64",
    "SequenceVariant": "SK_OSP",
    "SeriesDescription": "learning1",
    "SliceTiming": [
      0.99,
      0,
      1.0425,
      0.0525,
      1.095,
      0.105,
      1.1475,
      0.1575,
      1.2,
      0.21,
      1.2525,
      0.2625,
      1.3025,
      0.3125,
      1.355,
      0.365,
      1.4075,
      0.4175,
      1.46,
      0.47,
      1.5125,
      0.5225,
      1.565,
      0.575,
      1.615,
      0.6275,
      1.6675,
      0.6775,
      1.72,
      0.73,
      1.7725,
      0.7825,
      1.825,
      0.835,
      1.8775,
      0.8875,
      1.93,
      0.94
    ],
    "SoftwareVersions": "syngo_MR_D13D",
    "TaskName": "learning",
    "TotalReadoutTime": 0.0299118,
    "TrueEchoSpacing": 0.000712186,
    "dataset": "ds003425",
    "modality": "bold",
    "run_id": 1,
    "session_id": "01",
    "subject_id": "03",
    "task_id": "learning"
  },
  "dummy_trs": 0,
  "dvars_nstd": 20.72597918233871,
  "dvars_std": 1.295994766854838,
  "dvars_vstd": 1.009246661129032,
  "efc": 0.6230472016314549,
  "fber": 1339.3692626953125,
  "fd_mean": 0.06865371526984243,
  "fd_num": 0,
  "fd_perc": 0.0,
  "fwhm_avg": 1.539211111111111,
  "fwhm_x": 1.3983100000000002,
  "fwhm_y": 1.6891299999999998,
  "fwhm_z": 1.5301933333333333,
  "gcor": 0.0187528,
  "gsr_x": 0.020086972042918205,
  "gsr_y": 0.038668472319841385,
  "provenance": {
    "md5sum": "c7088f0b826b710a3b3e98f664877345",
    "settings": {
      "fd_thres": 0.2,
      "testing": false
    },
    "software": "mriqc",
    "version": "23.0.1",
    "webapi_port": null,
    "webapi_url": "https://mriqc.nimh.nih.gov/api/v1"
  },
  "size_t": 125,
  "size_x": 64,
  "size_y": 64,
  "size_z": 38,
  "snr": 7.6538287037012855,
  "spacing_tr": 2.0,
  "spacing_x": 3.0,
  "spacing_y": 3.0,
  "spacing_z": 3.0,
  "summary_bg_k": 11.642773536091282,
  "summary_bg_mad": 10.935673856239426,
  "summary_bg_mean": 36.548770904541016,
  "summary_bg_median": 12.656000137329102,
  "summary_bg_n": 76364.0,
  "summary_bg_p05": 4.12000036239624,
  "summary_bg_p95": 155.46280517578117,
  "summary_bg_stdv": 58.577720642089844,
  "summary_fg_k": 3.5450952632674575,
  "summary_fg_mad": 58.817836114422086,
  "summary_fg_mean": 473.8006591796875,
  "summary_fg_median": 473.4800109863281,
  "summary_fg_n": 43113.0,
  "summary_fg_p05": 387.2688049316406,
  "summary_fg_p95": 568.280029296875,
  "summary_fg_stdv": 61.86113357543945,
  "tsnr": 85.95991428755224
}