{
  "aor": 0.0009012244897959183,
  "aqi": 0.008616491632653062,
  "bids_meta": {
    "AccelFactPE": 2,
    "AcquisitionNumber": 1,
    "AcquisitionTime": "12:13:23.650000",
    "BandwidthPerPixelPhaseEncode": 43.879,
    "BodyPartExamined": "BRAIN",
    "ConversionSoftware": "dcm2niix",
    "ConversionSoftwareVersion": "v1.0.20170724 GCC4.4.7",
    "DeviceSerialNumber": "67025",
    "EchoTime": 0.025,
    "EchoTrainLength": 43,
    "EffectiveEchoSpacing": 0.000356093,
    "FlipAngle": 90,
    "ImageType": [
      "ORIGINAL",
      "PRIMARY",
      "M",
      "ND",
      "NORM",
      "MOSAIC"
    ],
    "InstitutionAddress": "McClintock_3520A_Los_Angeles_CA_US_90089",
    "InstitutionName": "USC",
    "MagneticFieldStrength": 3,
    "Manufacturer": "Siemens",
    "ManufacturersModelName": "Prisma_fit",
    "PhaseEncodingDirection": "i",
    "PhaseEncodingLines": 64,
    "ProcedureStepDescription": "Mara_Steve",
    "ProtocolName": "training6",
    "RepetitionTime": 2,
    "ScanningSequence": "EP",
    "SequenceName": "_epfid2d1_64",
    "SequenceVariant": "SK_OSP",
    "SeriesDescription": "training6",
    "SliceTiming": [
      0.99,
      0,
      1.0425,
      0.0525,
      1.0925,
      0.1025,
      1.145,
      0.155,
      1.1975,
      0.2075,
      1.25,
      0.26,
      1.3025,
      0.3125,
      1.355,
      0.365,
      1.405,
      0.415,
      1.4575,
      0.4675,
      1.51,
      0.52,
      1.5625,
      0.5725,
      1.615,
      0.625,
      1.6675,
      0.6775,
      1.7175,
      0.7275,
      1.77,
      0.78,
      1.8225,
      0.8325,
      1.875,
      0.885,
      1.9275,
      0.9375
    ],
    "SoftwareVersions": "syngo_MR_D13D",
    "TaskName": "training",
    "TotalReadoutTime": 0.0299118,
    "TrueEchoSpacing": 0.000712186,
    "dataset": "ds003425",
    "modality": "bold",
    "run_id": 6,
    "session_id": "01",
    "subject_id": "03",
    "task_id": "training"
  },
  "dummy_trs": 0,
  "dvars_nstd": 21.55195301061855,
  "dvars_std": 1.2612232609278353,
  "dvars_vstd": 0.9704562718556701,
  "efc": 0.6222410180378892,
  "fber": 1348.8553466796875,
  "fd_mean": 0.07415069082557077,
  "fd_num": 0,
  "fd_perc": 0.0,
  "fwhm_avg": 1.5404322222222222,
  "fwhm_x": 1.4130500000000001,
  "fwhm_y": 1.68832,
  "fwhm_z": 1.5199266666666666,
  "gcor": 0.010926,
  "gsr_x": 0.020583679899573326,
  "gsr_y": 0.03852909058332443,
  "provenance": {
    "md5sum": "a5e3e4a5df600edcae5e0dbdefa0fde5",
    "settings": {
      "fd_thres": 0.2,
      "testing": false
    },
    "software": "mriqc",
    "version": "23.0.1",
    "webapi_port": null,
    "webapi_url": "https://mriqc.nimh.nih.gov/api/v1"
  },
  "size_t": 98,
  "size_x": 64,
  "size_y": 64,
  "size_z": 38,
  "snr": 7.6705343845023455,
  "spacing_tr": 2.0,
  "spacing_x": 3.0,
  "spacing_y": 3.0,
  "spacing_z": 3.0,
  "summary_bg_k": 11.876754338445625,
  "summary_bg_mad": 11.028745117676968,
  "summary_bg_mean": 36.27744674682617,
  "summary_bg_median": 12.581632614135742,
  "summary_bg_n": 76422.0,
  "summary_bg_p05": 3.9897959232330322,
  "summary_bg_p95": 153.45765228271475,
  "summary_bg_stdv": 58.41482162475586,
  "summary_fg_k": 3.500486419523769,
  "summary_fg_mad": 58.77462672969696,
  "summary_fg_mean": 473.82672119140625,
  "summary_fg_median": 473.28570556640625,
  "summary_fg_n": 42980.0,
  "summary_fg_p05": 387.4780532836914,
  "summary_fg_p95": 568.1331390380859,
  "summary_fg_stdv": 61.701072692871094,
  "tsnr": 74.52806977182627
}