{
  "aor": 0.002754426229508197,
  "aqi": 0.006217303852459017,
  "bids_meta": {
    "AccelFactPE": 2,
    "AcquisitionNumber": 1,
    "AcquisitionTime": "12:49:13.815000",
    "BandwidthPerPixelPhaseEncode": 43.879,
    "BodyPartExamined": "BRAIN",
    "ConversionSoftware": "dcm2niix",
    "ConversionSoftwareVersion": "v1.0.20170724 GCC4.4.7",
    "DeviceSerialNumber": "67025",
    "EchoTime": 0.025,
    "EchoTrainLength": 43,
    "EffectiveEchoSpacing": 0.000356093,
    "FlipAngle": 90,
    "ImageType": [
      "ORIGINAL",
      "PRIMARY",
      "M",
      "ND",
      "NORM",
      "MOSAIC"
    ],
    "InstitutionAddress": "McClintock_3520A_Los_Angeles_CA_US_90089",
    "InstitutionName": "USC",
    "MagneticFieldStrength": 3,
    "Manufacturer": "Siemens",
    "ManufacturersModelName": "Prisma_fit",
    "PhaseEncodingDirection": "i",
    "PhaseEncodingLines": 64,
    "ProcedureStepDescription": "Mara_Steve",
    "ProtocolName": "learning5",
    "RepetitionTime": 2,
    "ScanningSequence": "EP",
    "SequenceName": "_epfid2d1_64",
    "SequenceVariant": "SK_OSP",
    "SeriesDescription": "learning5",
    "SliceTiming": [
      0.99,
      0,
      1.0425,
      0.0525,
      1.095,
      0.105,
      1.1475,
      0.1575,
      1.2,
      0.21,
      1.25,
      0.26,
      1.3025,
      0.3125,
      1.355,
      0.365,
      1.4075,
      0.4175,
      1.46,
      0.47,
      1.5125,
      0.5225,
      1.5625,
      0.575,
      1.615,
      0.625,
      1.6675,
      0.6775,
      1.72,
      0.73,
      1.7725,
      0.7825,
      1.825,
      0.835,
      1.8775,
      0.8875,
      1.9275,
      0.9375
    ],
    "SoftwareVersions": "syngo_MR_D13D",
    "TaskName": "learning",
    "TotalReadoutTime": 0.0299118,
    "TrueEchoSpacing": 0.000712186,
    "dataset": "ds003425",
    "modality": "bold",
    "run_id": 5,
    "session_id": "01",
    "subject_id": "03",
    "task_id": "learning"
  },
  "dummy_trs": 3,
  "dvars_nstd": 21.050630853388434,
  "dvars_std": 1.320646166280992,
  "dvars_vstd": 1.0285345366115701,
  "efc": 0.6243256043533736,
  "fber": 1332.0875244140625,
  "fd_mean": 0.07035504800686145,
  "fd_num": 0,
  "fd_perc": 0.0,
  "fwhm_avg": 1.54317,
  "fwhm_x": 1.4095966666666666,
  "fwhm_y": 1.6869033333333334,
  "fwhm_z": 1.53301,
  "gcor": 0.0231564,
  "gsr_x": 0.02039228565990925,
  "gsr_y": 0.03687068447470665,
  "provenance": {
    "md5sum": "29e41905d30a10ee0276200d3a4f46e8",
    "settings": {
      "fd_thres": 0.2,
      "testing": false
    },
    "software": "mriqc",
    "version": "23.0.1",
    "webapi_port": null,
    "webapi_url": "https://mriqc.nimh.nih.gov/api/v1"
  },
  "size_t": 122,
  "size_x": 64,
  "size_y": 64,
  "size_z": 38,
  "snr": 7.642723262274036,
  "spacing_tr": 2.0,
  "spacing_x": 3.0,
  "spacing_y": 3.0,
  "spacing_z": 3.0,
  "summary_bg_k": 11.598332251203788,
  "summary_bg_mad": 11.143821917699897,
  "summary_bg_mean": 36.64211654663086,
  "summary_bg_median": 12.672130584716797,
  "summary_bg_n": 76168.0,
  "summary_bg_p05": 4.016393184661865,
  "summary_bg_p95": 155.53523406982413,
  "summary_bg_stdv": 58.75625228881836,
  "summary_fg_k": 3.9035896374999144,
  "summary_fg_mad": 57.91871894870726,
  "summary_fg_mean": 472.3883361816406,
  "summary_fg_median": 472.09014892578125,
  "summary_fg_n": 43263.0,
  "summary_fg_p05": 385.66473083496095,
  "summary_fg_p95": 567.3344177246094,
  "summary_fg_stdv": 61.76917266845703,
  "tsnr": 83.1900770869106
}