{
  "aor": 0.001431326530612245,
  "aqi": 0.006882608469387756,
  "bids_meta": {
    "AccelFactPE": 2,
    "AcquisitionNumber": 1,
    "AcquisitionTime": "12:01:34.705000",
    "BandwidthPerPixelPhaseEncode": 43.879,
    "BodyPartExamined": "BRAIN",
    "ConversionSoftware": "dcm2niix",
    "ConversionSoftwareVersion": "v1.0.20170724 GCC4.4.7",
    "DeviceSerialNumber": "67025",
    "EchoTime": 0.025,
    "EchoTrainLength": 43,
    "EffectiveEchoSpacing": 0.000356093,
    "FlipAngle": 90,
    "ImageType": [
      "ORIGINAL",
      "PRIMARY",
      "M",
      "ND",
      "NORM",
      "MOSAIC"
    ],
    "InstitutionAddress": "McClintock_3520A_Los_Angeles_CA_US_90089",
    "InstitutionName": "USC",
    "MagneticFieldStrength": 3,
    "Manufacturer": "Siemens",
    "ManufacturersModelName": "Prisma_fit",
    "PhaseEncodingDirection": "i",
    "PhaseEncodingLines": 64,
    "ProcedureStepDescription": "Mara_Steve",
    "ProtocolName": "training3",
    "RepetitionTime": 2,
    "ScanningSequence": "EP",
    "SequenceName": "_epfid2d1_64",
    "SequenceVariant": "SK_OSP",
    "SeriesDescription": "training3",
    "SliceTiming": [
      0.99,
      0,
      1.0425,
      0.0525,
      1.095,
      0.105,
      1.1475,
      0.1575,
      1.1975,
      0.21,
      1.25,
      0.26,
      1.3025,
      0.3125,
      1.355,
      0.365,
      1.4075,
      0.4175,
      1.46,
      0.47,
      1.5125,
      0.5225,
      1.5625,
      0.5725,
      1.615,
      0.625,
      1.6675,
      0.6775,
      1.72,
      0.73,
      1.7725,
      0.7825,
      1.825,
      0.835,
      1.875,
      0.885,
      1.9275,
      0.9375
    ],
    "SoftwareVersions": "syngo_MR_D13D",
    "TaskName": "training",
    "TotalReadoutTime": 0.0299118,
    "TrueEchoSpacing": 0.000712186,
    "dataset": "ds003425",
    "modality": "bold",
    "run_id": 3,
    "session_id": "01",
    "subject_id": "03",
    "task_id": "training"
  },
  "dummy_trs": 0,
  "dvars_nstd": 21.996949362989696,
  "dvars_std": 1.3151292494845355,
  "dvars_vstd": 1.0100386311340208,
  "efc": 0.6228645874601483,
  "fber": 1363.2635498046875,
  "fd_mean": 0.0837220043495037,
  "fd_num": 2,
  "fd_perc": 2.0408163265306123,
  "fwhm_avg": 1.5460122222222221,
  "fwhm_x": 1.4109999999999998,
  "fwhm_y": 1.6857033333333333,
  "fwhm_z": 1.5413333333333332,
  "gcor": 0.0107379,
  "gsr_x": 0.02021827921271324,
  "gsr_y": 0.038347262889146805,
  "provenance": {
    "md5sum": "c0578396b0cd403b18e73d79e98f9080",
    "settings": {
      "fd_thres": 0.2,
      "testing": false
    },
    "software": "mriqc",
    "version": "23.0.1",
    "webapi_port": null,
    "webapi_url": "https://mriqc.nimh.nih.gov/api/v1"
  },
  "size_t": 98,
  "size_x": 64,
  "size_y": 64,
  "size_z": 38,
  "snr": 7.618736947701485,
  "spacing_tr": 2.0,
  "spacing_x": 3.0,
  "spacing_y": 3.0,
  "spacing_z": 3.0,
  "summary_bg_k": 11.824796528257696,
  "summary_bg_mad": 10.892587482524482,
  "summary_bg_mean": 36.23929214477539,
  "summary_bg_median": 12.530611991882324,
  "summary_bg_n": 76241.0,
  "summary_bg_p05": 4.05102014541626,
  "summary_bg_p95": 153.47958374023438,
  "summary_bg_stdv": 58.344905853271484,
  "summary_fg_k": 3.7598827986937726,
  "summary_fg_mad": 58.60816879628992,
  "summary_fg_mean": 473.1051330566406,
  "summary_fg_median": 472.9387512207031,
  "summary_fg_n": 43191.0,
  "summary_fg_p05": 386.4234619140625,
  "summary_fg_p95": 567.6275329589844,
  "summary_fg_stdv": 62.07502365112305,
  "tsnr": 81.24550322070718
}