{
  "aor": 0.005898352941176471,
  "aqi": 0.00761702588235294,
  "bids_meta": {
    "AccelFactPE": 2,
    "AcquisitionNumber": 1,
    "AcquisitionTime": "12:25:43.812500",
    "BandwidthPerPixelPhaseEncode": 43.879,
    "BodyPartExamined": "BRAIN",
    "ConversionSoftware": "dcm2niix",
    "ConversionSoftwareVersion": "v1.0.20170724 GCC4.4.7",
    "DeviceSerialNumber": "67025",
    "EchoTime": 0.025,
    "EchoTrainLength": 43,
    "EffectiveEchoSpacing": 0.000356093,
    "FlipAngle": 90,
    "ImageType": [
      "ORIGINAL",
      "PRIMARY",
      "M",
      "ND",
      "NORM",
      "MOSAIC"
    ],
    "InstitutionAddress": "McClintock_3520A_Los_Angeles_CA_US_90089",
    "InstitutionName": "USC",
    "MagneticFieldStrength": 3,
    "Manufacturer": "Siemens",
    "ManufacturersModelName": "Prisma_fit",
    "PhaseEncodingDirection": "i",
    "PhaseEncodingLines": 64,
    "ProcedureStepDescription": "Mara_Steve",
    "ProtocolName": "prelearning3",
    "RepetitionTime": 2,
    "ScanningSequence": "EP",
    "SequenceName": "_epfid2d1_64",
    "SequenceVariant": "SK_OSP",
    "SeriesDescription": "prelearning3",
    "SliceTiming": [
      0.99,
      0,
      1.0425,
      0.0525,
      1.095,
      0.105,
      1.145,
      0.155,
      1.1975,
      0.2075,
      1.25,
      0.26,
      1.3025,
      0.3125,
      1.355,
      0.365,
      1.4075,
      0.4175,
      1.4575,
      0.4675,
      1.51,
      0.52,
      1.5625,
      0.5725,
      1.615,
      0.625,
      1.6675,
      0.6775,
      1.72,
      0.73,
      1.77,
      0.7825,
      1.8225,
      0.8325,
      1.875,
      0.885,
      1.9275,
      0.9375
    ],
    "SoftwareVersions": "syngo_MR_D13D",
    "TaskName": "prelearning",
    "TotalReadoutTime": 0.0299118,
    "TrueEchoSpacing": 0.000712186,
    "dataset": "ds003425",
    "modality": "bold",
    "run_id": 3,
    "session_id": "01",
    "subject_id": "03",
    "task_id": "prelearning"
  },
  "dummy_trs": 0,
  "dvars_nstd": 21.041404179166676,
  "dvars_std": 1.2872071980952382,
  "dvars_vstd": 1.0377389260714287,
  "efc": 0.6233933300224772,
  "fber": 1332.1500244140625,
  "fd_mean": 0.09406935541363451,
  "fd_num": 3,
  "fd_perc": 3.5294117647058822,
  "fwhm_avg": 1.5395255555555556,
  "fwhm_x": 1.39759,
  "fwhm_y": 1.6845766666666666,
  "fwhm_z": 1.53641,
  "gcor": 0.0150239,
  "gsr_x": 0.02020561508834362,
  "gsr_y": 0.03791837766766548,
  "provenance": {
    "md5sum": "35adb7d7a75404a528ec4e0bf601bbd9",
    "settings": {
      "fd_thres": 0.2,
      "testing": false
    },
    "software": "mriqc",
    "version": "23.0.1",
    "webapi_port": null,
    "webapi_url": "https://mriqc.nimh.nih.gov/api/v1"
  },
  "size_t": 85,
  "size_x": 64,
  "size_y": 64,
  "size_z": 38,
  "snr": 7.597826035353043,
  "spacing_tr": 2.0,
  "spacing_x": 3.0,
  "spacing_y": 3.0,
  "spacing_z": 3.0,
  "summary_bg_k": 11.559267192073758,
  "summary_bg_mad": 11.058468536711377,
  "summary_bg_mean": 36.373294830322266,
  "summary_bg_median": 12.623529434204102,
  "summary_bg_n": 76212.0,
  "summary_bg_p05": 4.070588111877441,
  "summary_bg_p95": 154.49941940307613,
  "summary_bg_stdv": 58.236907958984375,
  "summary_fg_k": 4.042615427696793,
  "summary_fg_mad": 58.37963413425159,
  "summary_fg_mean": 472.82208251953125,
  "summary_fg_median": 472.72943115234375,
  "summary_fg_n": 43230.0,
  "summary_fg_p05": 386.351774597168,
  "summary_fg_p95": 567.2888275146483,
  "summary_fg_stdv": 62.218318939208984,
  "tsnr": 75.6742053667549
}