{
  "aor": 0.0021305882352941176,
  "aqi": 0.005238552588235294,
  "bids_meta": {
    "AccelFactPE": 2,
    "AcquisitionNumber": 1,
    "AcquisitionTime": "12:22:8.345000",
    "BandwidthPerPixelPhaseEncode": 43.879,
    "BodyPartExamined": "BRAIN",
    "ConversionSoftware": "dcm2niix",
    "ConversionSoftwareVersion": "v1.0.20170724 GCC4.4.7",
    "DeviceSerialNumber": "67025",
    "EchoTime": 0.025,
    "EchoTrainLength": 43,
    "EffectiveEchoSpacing": 0.000356093,
    "FlipAngle": 90,
    "ImageType": [
      "ORIGINAL",
      "PRIMARY",
      "M",
      "ND",
      "NORM",
      "MOSAIC"
    ],
    "InstitutionAddress": "McClintock_3520A_Los_Angeles_CA_US_90089",
    "InstitutionName": "USC",
    "MagneticFieldStrength": 3,
    "Manufacturer": "Siemens",
    "ManufacturersModelName": "Prisma_fit",
    "PhaseEncodingDirection": "i",
    "PhaseEncodingLines": 64,
    "ProcedureStepDescription": "Mara_Steve",
    "ProtocolName": "prelearning2",
    "RepetitionTime": 2,
    "ScanningSequence": "EP",
    "SequenceName": "_epfid2d1_64",
    "SequenceVariant": "SK_OSP",
    "SeriesDescription": "prelearning2",
    "SliceTiming": [
      0.99,
      0,
      1.0425,
      0.0525,
      1.0925,
      0.1025,
      1.145,
      0.155,
      1.1975,
      0.2075,
      1.25,
      0.26,
      1.3025,
      0.3125,
      1.355,
      0.365,
      1.405,
      0.415,
      1.4575,
      0.4675,
      1.51,
      0.52,
      1.5625,
      0.5725,
      1.615,
      0.625,
      1.6675,
      0.6775,
      1.7175,
      0.73,
      1.77,
      0.78,
      1.8225,
      0.8325,
      1.875,
      0.885,
      1.9275,
      0.9375
    ],
    "SoftwareVersions": "syngo_MR_D13D",
    "TaskName": "prelearning",
    "TotalReadoutTime": 0.0299118,
    "TrueEchoSpacing": 0.000712186,
    "dataset": "ds003425",
    "modality": "bold",
    "run_id": 2,
    "session_id": "01",
    "subject_id": "03",
    "task_id": "prelearning"
  },
  "dummy_trs": 0,
  "dvars_nstd": 21.467273870714283,
  "dvars_std": 1.3222706341666668,
  "dvars_vstd": 1.0254897567857146,
  "efc": 0.6232170307403145,
  "fber": 1343.638671875,
  "fd_mean": 0.08200150153748897,
  "fd_num": 1,
  "fd_perc": 1.1764705882352942,
  "fwhm_avg": 1.541191111111111,
  "fwhm_x": 1.4003466666666666,
  "fwhm_y": 1.6878033333333333,
  "fwhm_z": 1.5354233333333334,
  "gcor": 0.0247209,
  "gsr_x": 0.020833995193243027,
  "gsr_y": 0.03833714500069618,
  "provenance": {
    "md5sum": "35181a77e5845f826e75fe11a8e60382",
    "settings": {
      "fd_thres": 0.2,
      "testing": false
    },
    "software": "mriqc",
    "version": "23.0.1",
    "webapi_port": null,
    "webapi_url": "https://mriqc.nimh.nih.gov/api/v1"
  },
  "size_t": 85,
  "size_x": 64,
  "size_y": 64,
  "size_z": 38,
  "snr": 7.5586176973943555,
  "spacing_tr": 2.0,
  "spacing_x": 3.0,
  "spacing_y": 3.0,
  "spacing_z": 3.0,
  "summary_bg_k": 11.426090311597713,
  "summary_bg_mad": 10.901487399806951,
  "summary_bg_mean": 36.573055267333984,
  "summary_bg_median": 12.588235855102539,
  "summary_bg_n": 76342.0,
  "summary_bg_p05": 4.117647171020508,
  "summary_bg_p95": 156.9170600891113,
  "summary_bg_stdv": 58.64834213256836,
  "summary_fg_k": 3.8371183425363506,
  "summary_fg_mad": 58.43198309564109,
  "summary_fg_mean": 472.40863037109375,
  "summary_fg_median": 472.3647155761719,
  "summary_fg_n": 43247.0,
  "summary_fg_p05": 384.67412719726565,
  "summary_fg_p95": 567.5611816406249,
  "summary_fg_stdv": 62.4928092956543,
  "tsnr": 89.38903724588454
}