{
  "aor": 0.0013464285714285716,
  "aqi": 0.009748601938775511,
  "bids_meta": {
    "AccelFactPE": 2,
    "AcquisitionNumber": 1,
    "AcquisitionTime": "11:56:24.002500",
    "BandwidthPerPixelPhaseEncode": 43.879,
    "BodyPartExamined": "BRAIN",
    "ConversionSoftware": "dcm2niix",
    "ConversionSoftwareVersion": "v1.0.20170724 GCC4.4.7",
    "DeviceSerialNumber": "67025",
    "EchoTime": 0.025,
    "EchoTrainLength": 43,
    "EffectiveEchoSpacing": 0.000356093,
    "FlipAngle": 90,
    "ImageType": [
      "ORIGINAL",
      "PRIMARY",
      "M",
      "ND",
      "NORM",
      "MOSAIC"
    ],
    "InstitutionAddress": "McClintock_3520A_Los_Angeles_CA_US_90089",
    "InstitutionName": "USC",
    "MagneticFieldStrength": 3,
    "Manufacturer": "Siemens",
    "ManufacturersModelName": "Prisma_fit",
    "PhaseEncodingDirection": "i",
    "PhaseEncodingLines": 64,
    "ProcedureStepDescription": "Mara_Steve",
    "ProtocolName": "training2",
    "RepetitionTime": 2,
    "ScanningSequence": "EP",
    "SequenceName": "_epfid2d1_64",
    "SequenceVariant": "SK_OSP",
    "SeriesDescription": "training2",
    "SliceTiming": [
      0.99,
      0,
      1.0425,
      0.0525,
      1.095,
      0.105,
      1.145,
      0.1575,
      1.1975,
      0.2075,
      1.25,
      0.26,
      1.3025,
      0.3125,
      1.355,
      0.365,
      1.4075,
      0.4175,
      1.46,
      0.47,
      1.51,
      0.52,
      1.5625,
      0.5725,
      1.615,
      0.625,
      1.6675,
      0.6775,
      1.72,
      0.73,
      1.7725,
      0.7825,
      1.8225,
      0.8325,
      1.875,
      0.885,
      1.9275,
      0.9375
    ],
    "SoftwareVersions": "syngo_MR_D13D",
    "TaskName": "training",
    "TotalReadoutTime": 0.0299118,
    "TrueEchoSpacing": 0.000712186,
    "dataset": "ds003425",
    "modality": "bold",
    "run_id": 2,
    "session_id": "01",
    "subject_id": "03",
    "task_id": "training"
  },
  "dummy_trs": 0,
  "dvars_nstd": 21.60652496907217,
  "dvars_std": 1.2592508421649489,
  "dvars_vstd": 0.9724554388659791,
  "efc": 0.6226910315314661,
  "fber": 1386.12548828125,
  "fd_mean": 0.07826653854497448,
  "fd_num": 4,
  "fd_perc": 4.081632653061225,
  "fwhm_avg": 1.551488888888889,
  "fwhm_x": 1.4116266666666668,
  "fwhm_y": 1.6994033333333334,
  "fwhm_z": 1.5434366666666666,
  "gcor": 0.0116467,
  "gsr_x": 0.019264129921793938,
  "gsr_y": 0.03812922164797783,
  "provenance": {
    "md5sum": "b57ae1e804e73295fcd412588e86f6a3",
    "settings": {
      "fd_thres": 0.2,
      "testing": false
    },
    "software": "mriqc",
    "version": "23.0.1",
    "webapi_port": null,
    "webapi_url": "https://mriqc.nimh.nih.gov/api/v1"
  },
  "size_t": 98,
  "size_x": 64,
  "size_y": 64,
  "size_z": 38,
  "snr": 7.620755305287367,
  "spacing_tr": 2.0,
  "spacing_x": 3.0,
  "spacing_y": 3.0,
  "spacing_z": 3.0,
  "summary_bg_k": 12.330637814624021,
  "summary_bg_mad": 10.998487237012123,
  "summary_bg_mean": 36.21602249145508,
  "summary_bg_median": 12.51020336151123,
  "summary_bg_n": 76216.0,
  "summary_bg_p05": 3.948979616165161,
  "summary_bg_p95": 153.1734619140625,
  "summary_bg_stdv": 58.89910125732422,
  "summary_fg_k": 3.8283361169044428,
  "summary_fg_mad": 58.96370737761978,
  "summary_fg_mean": 474.71160888671875,
  "summary_fg_median": 474.6683654785156,
  "summary_fg_n": 43196.0,
  "summary_fg_p05": 388.41580963134766,
  "summary_fg_p95": 569.4413299560547,
  "summary_fg_stdv": 62.28554153442383,
  "tsnr": 72.30216615367681
}