{
  "aor": 0.00110792,
  "aqi": 0.008939961759999998,
  "bids_meta": {
    "AccelFactPE": 2,
    "AcquisitionNumber": 1,
    "AcquisitionTime": "12:53:48.100000",
    "BandwidthPerPixelPhaseEncode": 43.879,
    "BodyPartExamined": "BRAIN",
    "ConversionSoftware": "dcm2niix",
    "ConversionSoftwareVersion": "v1.0.20170724 GCC4.4.7",
    "DeviceSerialNumber": "67025",
    "EchoTime": 0.025,
    "EchoTrainLength": 43,
    "EffectiveEchoSpacing": 0.000356093,
    "FlipAngle": 90,
    "ImageType": [
      "ORIGINAL",
      "PRIMARY",
      "M",
      "ND",
      "NORM",
      "MOSAIC"
    ],
    "InstitutionAddress": "McClintock_3520A_Los_Angeles_CA_US_90089",
    "InstitutionName": "USC",
    "MagneticFieldStrength": 3,
    "Manufacturer": "Siemens",
    "ManufacturersModelName": "Prisma_fit",
    "PhaseEncodingDirection": "i",
    "PhaseEncodingLines": 64,
    "ProcedureStepDescription": "Mara_Steve",
    "ProtocolName": "learning6",
    "RepetitionTime": 2,
    "ScanningSequence": "EP",
    "SequenceName": "_epfid2d1_64",
    "SequenceVariant": "SK_OSP",
    "SeriesDescription": "learning6",
    "SliceTiming": [
      0.99,
      0,
      1.04,
      0.05,
      1.0925,
      0.1025,
      1.145,
      0.155,
      1.1975,
      0.2075,
      1.25,
      0.26,
      1.3025,
      0.3125,
      1.3525,
      0.3625,
      1.405,
      0.415,
      1.4575,
      0.4675,
      1.51,
      0.52,
      1.5625,
      0.5725,
      1.615,
      0.625,
      1.665,
      0.6775,
      1.7175,
      0.7275,
      1.77,
      0.78,
      1.8225,
      0.8325,
      1.875,
      0.885,
      1.9275,
      0.9375
    ],
    "SoftwareVersions": "syngo_MR_D13D",
    "TaskName": "learning",
    "TotalReadoutTime": 0.0299118,
    "TrueEchoSpacing": 0.000712186,
    "dataset": "ds003425",
    "modality": "bold",
    "run_id": 6,
    "session_id": "01",
    "subject_id": "03",
    "task_id": "learning"
  },
  "dummy_trs": 0,
  "dvars_nstd": 22.008824456290323,
  "dvars_std": 1.2475125937903229,
  "dvars_vstd": 0.9728857352419356,
  "efc": 0.6251353077212162,
  "fber": 1307.9981689453125,
  "fd_mean": 0.08809594568407453,
  "fd_num": 7,
  "fd_perc": 5.6,
  "fwhm_avg": 1.542931111111111,
  "fwhm_x": 1.4130966666666664,
  "fwhm_y": 1.6784533333333334,
  "fwhm_z": 1.5372433333333333,
  "gcor": 0.013909,
  "gsr_x": 0.02067551016807556,
  "gsr_y": 0.03595342859625816,
  "provenance": {
    "md5sum": "38d50443deb1120b13ca1659193bee8b",
    "settings": {
      "fd_thres": 0.2,
      "testing": false
    },
    "software": "mriqc",
    "version": "23.0.1",
    "webapi_port": null,
    "webapi_url": "https://mriqc.nimh.nih.gov/api/v1"
  },
  "size_t": 125,
  "size_x": 64,
  "size_y": 64,
  "size_z": 38,
  "snr": 7.653420476627535,
  "spacing_tr": 2.0,
  "spacing_x": 3.0,
  "spacing_y": 3.0,
  "spacing_z": 3.0,
  "summary_bg_k": 11.689112858166961,
  "summary_bg_mad": 11.054283334525959,
  "summary_bg_mean": 36.927791595458984,
  "summary_bg_median": 12.736001014709473,
  "summary_bg_n": 75999.0,
  "summary_bg_p05": 4.160000324249268,
  "summary_bg_p95": 156.72400207519496,
  "summary_bg_stdv": 59.36848831176758,
  "summary_fg_k": 3.9088759801169095,
  "summary_fg_mad": 57.95790149024858,
  "summary_fg_mean": 473.79339599609375,
  "summary_fg_median": 473.1080322265625,
  "summary_fg_n": 43308.0,
  "summary_fg_p05": 387.4908157348633,
  "summary_fg_p95": 568.413217163086,
  "summary_fg_stdv": 61.815834045410156,
  "tsnr": 73.02039909583982
}