{
  "aor": 0.0018379591836734693,
  "aqi": 0.006377565102040817,
  "bids_meta": {
    "AccelFactPE": 2,
    "AcquisitionNumber": 1,
    "AcquisitionTime": "12:09:33.967500",
    "BandwidthPerPixelPhaseEncode": 43.879,
    "BodyPartExamined": "BRAIN",
    "ConversionSoftware": "dcm2niix",
    "ConversionSoftwareVersion": "v1.0.20170724 GCC4.4.7",
    "DeviceSerialNumber": "67025",
    "EchoTime": 0.025,
    "EchoTrainLength": 43,
    "EffectiveEchoSpacing": 0.000356093,
    "FlipAngle": 90,
    "ImageType": [
      "ORIGINAL",
      "PRIMARY",
      "M",
      "ND",
      "NORM",
      "MOSAIC"
    ],
    "InstitutionAddress": "McClintock_3520A_Los_Angeles_CA_US_90089",
    "InstitutionName": "USC",
    "MagneticFieldStrength": 3,
    "Manufacturer": "Siemens",
    "ManufacturersModelName": "Prisma_fit",
    "PhaseEncodingDirection": "i",
    "PhaseEncodingLines": 64,
    "ProcedureStepDescription": "Mara_Steve",
    "ProtocolName": "training5",
    "RepetitionTime": 2,
    "ScanningSequence": "EP",
    "SequenceName": "_epfid2d1_64",
    "SequenceVariant": "SK_OSP",
    "SeriesDescription": "training5",
    "SliceTiming": [
      0.99,
      0,
      1.0425,
      0.0525,
      1.095,
      0.105,
      1.1475,
      0.1575,
      1.2,
      0.21,
      1.25,
      0.26,
      1.3025,
      0.3125,
      1.355,
      0.365,
      1.4075,
      0.4175,
      1.46,
      0.47,
      1.5125,
      0.5225,
      1.5625,
      0.5725,
      1.615,
      0.625,
      1.6675,
      0.6775,
      1.72,
      0.73,
      1.7725,
      0.7825,
      1.825,
      0.835,
      1.875,
      0.885,
      1.9275,
      0.9375
    ],
    "SoftwareVersions": "syngo_MR_D13D",
    "TaskName": "training",
    "TotalReadoutTime": 0.0299118,
    "TrueEchoSpacing": 0.000712186,
    "dataset": "ds003425",
    "modality": "bold",
    "run_id": 5,
    "session_id": "01",
    "subject_id": "03",
    "task_id": "training"
  },
  "dummy_trs": 0,
  "dvars_nstd": 22.004952479999996,
  "dvars_std": 1.3280888492783505,
  "dvars_vstd": 1.0216513484536083,
  "efc": 0.6224644201816985,
  "fber": 1341.71044921875,
  "fd_mean": 0.08435316355542992,
  "fd_num": 2,
  "fd_perc": 2.0408163265306123,
  "fwhm_avg": 1.5342033333333331,
  "fwhm_x": 1.4019033333333333,
  "fwhm_y": 1.6803433333333333,
  "fwhm_z": 1.5203633333333333,
  "gcor": 0.0174979,
  "gsr_x": 0.020877467468380928,
  "gsr_y": 0.0385931171476841,
  "provenance": {
    "md5sum": "bc53e3e3ccf02578c24ff4ecf8ddfeee",
    "settings": {
      "fd_thres": 0.2,
      "testing": false
    },
    "software": "mriqc",
    "version": "23.0.1",
    "webapi_port": null,
    "webapi_url": "https://mriqc.nimh.nih.gov/api/v1"
  },
  "size_t": 98,
  "size_x": 64,
  "size_y": 64,
  "size_z": 38,
  "snr": 7.620997190665086,
  "spacing_tr": 2.0,
  "spacing_x": 3.0,
  "spacing_y": 3.0,
  "spacing_z": 3.0,
  "summary_bg_k": 11.867012101759368,
  "summary_bg_mad": 10.953102536894342,
  "summary_bg_mean": 36.39549255371094,
  "summary_bg_median": 12.60204029083252,
  "summary_bg_n": 76406.0,
  "summary_bg_p05": 4.071428298950195,
  "summary_bg_p95": 154.3316307067871,
  "summary_bg_stdv": 58.755157470703125,
  "summary_fg_k": 3.7939260935581984,
  "summary_fg_mad": 58.411486916289796,
  "summary_fg_mean": 472.6902160644531,
  "summary_fg_median": 472.4285583496094,
  "summary_fg_n": 43042.0,
  "summary_fg_p05": 386.346923828125,
  "summary_fg_p95": 567.0714111328125,
  "summary_fg_stdv": 61.98966598510742,
  "tsnr": 82.7610145881772
}