{
  "aor": 0.0008664173228346457,
  "aqi": 0.01685692992125984,
  "bids_meta": {
    "AccelFactPE": 2,
    "AcquisitionNumber": 1,
    "AcquisitionTime": "11:39:12.515000",
    "BandwidthPerPixelPhaseEncode": 35.613,
    "BodyPartExamined": "BRAIN",
    "ConversionSoftware": "dcm2niix",
    "ConversionSoftwareVersion": "v1.0.20170724 GCC4.4.7",
    "DeviceSerialNumber": "67025",
    "EchoTime": 0.03,
    "EchoTrainLength": 51,
    "EffectiveEchoSpacing": 0.000359995,
    "FlipAngle": 65,
    "ImageType": [
      "ORIGINAL",
      "PRIMARY",
      "M",
      "ND",
      "NORM",
      "MOSAIC"
    ],
    "InstitutionAddress": "McClintock_3520A_Los_Angeles_CA_US_90089",
    "InstitutionName": "USC",
    "MagneticFieldStrength": 3,
    "Manufacturer": "Siemens",
    "ManufacturersModelName": "Prisma_fit",
    "PhaseEncodingDirection": "i-",
    "PhaseEncodingLines": 78,
    "ProcedureStepDescription": "Mara_Steve",
    "ProtocolName": "wedge_shorter",
    "RepetitionTime": 1.2,
    "ScanningSequence": "EP",
    "SequenceName": "_epfid2d1_78",
    "SequenceVariant": "SK_OSP",
    "SeriesDescription": "wedge_shorter",
    "SliceTiming": [
      0.5875,
      0,
      0.6475,
      0.0575,
      0.7075,
      0.1175,
      0.765,
      0.175,
      0.825,
      0.235,
      0.8825,
      0.295,
      0.9425,
      0.3525,
      1.0025,
      0.4125,
      1.06,
      0.47,
      1.12,
      0.53
    ],
    "SoftwareVersions": "syngo_MR_D13D",
    "TaskName": "wedge",
    "TotalReadoutTime": 0.0363595,
    "TrueEchoSpacing": 0.000719991,
    "dataset": "ds003425",
    "modality": "bold",
    "run_id": 2,
    "session_id": "02",
    "subject_id": "07",
    "task_id": "wedge"
  },
  "dummy_trs": 0,
  "dvars_nstd": 39.63401078225297,
  "dvars_std": 1.2679167298023712,
  "dvars_vstd": 1.0224448689328063,
  "efc": 0.4942582503104453,
  "fber": 1097.8427734375,
  "fd_mean": 0.10121403466762648,
  "fd_num": 0,
  "fd_perc": 0.0,
  "fwhm_avg": 1.7336034796119228,
  "fwhm_x": 1.8099777450730747,
  "fwhm_y": 1.5096086937626938,
  "fwhm_z": 1.881224,
  "gcor": 0.0109797,
  "gsr_x": 0.001494001829996705,
  "gsr_y": 0.008853373117744923,
  "provenance": {
    "md5sum": "c816f55dc640da033d2a568eaf104590",
    "settings": {
      "fd_thres": 0.2,
      "testing": false
    },
    "software": "mriqc",
    "version": "23.0.1",
    "webapi_port": null,
    "webapi_url": "https://mriqc.nimh.nih.gov/api/v1"
  },
  "size_t": 254,
  "size_x": 78,
  "size_y": 78,
  "size_z": 20,
  "snr": 7.2867410701720665,
  "spacing_tr": 1.2000000476837158,
  "spacing_x": 2.461538553237915,
  "spacing_y": 2.461538553237915,
  "spacing_z": 2.5,
  "summary_bg_k": 17.11870304258431,
  "summary_bg_mad": 4.6404277582613425,
  "summary_bg_mean": 17.58174705505371,
  "summary_bg_median": 9.271653175354004,
  "summary_bg_n": 80040.0,
  "summary_bg_p05": 5.122047424316406,
  "summary_bg_p95": 58.24015808105469,
  "summary_bg_stdv": 20.4726505279541,
  "summary_fg_k": 3.957673095998338,
  "summary_fg_mad": 36.020225392729145,
  "summary_fg_mean": 311.116455078125,
  "summary_fg_median": 314.7047119140625,
  "summary_fg_n": 15478.0,
  "summary_fg_p05": 238.17067184448243,
  "summary_fg_p95": 371.57440490722655,
  "summary_fg_stdv": 43.18728256225586,
  "tsnr": 46.77447631285759
}