{
  "aor": 0.0004811811023622047,
  "aqi": 0.016533232283464563,
  "bids_meta": {
    "AccelFactPE": 2,
    "AcquisitionNumber": 1,
    "AcquisitionTime": "10:45:38.787500",
    "BandwidthPerPixelPhaseEncode": 35.613,
    "BodyPartExamined": "BRAIN",
    "ConversionSoftware": "dcm2niix",
    "ConversionSoftwareVersion": "v1.0.20170724 GCC4.4.7",
    "DeviceSerialNumber": "67025",
    "EchoTime": 0.03,
    "EchoTrainLength": 51,
    "EffectiveEchoSpacing": 0.000359995,
    "FlipAngle": 65,
    "ImageType": [
      "ORIGINAL",
      "PRIMARY",
      "M",
      "ND",
      "NORM",
      "MOSAIC"
    ],
    "InstitutionAddress": "McClintock_3520A_Los_Angeles_CA_US_90089",
    "InstitutionName": "USC",
    "MagneticFieldStrength": 3,
    "Manufacturer": "Siemens",
    "ManufacturersModelName": "Prisma_fit",
    "PhaseEncodingDirection": "i-",
    "PhaseEncodingLines": 78,
    "ProcedureStepDescription": "Mara_Steve",
    "ProtocolName": "wedge_shorter",
    "RepetitionTime": 1.2,
    "ScanningSequence": "EP",
    "SequenceName": "_epfid2d1_78",
    "SequenceVariant": "SK_OSP",
    "SeriesDescription": "wedge_shorter",
    "SliceTiming": [
      0.59,
      0,
      0.65,
      0.06,
      0.71,
      0.12,
      0.7675,
      0.1775,
      0.8275,
      0.2375,
      0.885,
      0.295,
      0.945,
      0.355,
      1.005,
      0.415,
      1.0625,
      0.4725,
      1.1225,
      0.5325
    ],
    "SoftwareVersions": "syngo_MR_D13D",
    "TaskName": "wedge",
    "TotalReadoutTime": 0.0363595,
    "TrueEchoSpacing": 0.000719991,
    "dataset": "ds003425",
    "modality": "bold",
    "run_id": 1,
    "session_id": "02",
    "subject_id": "07",
    "task_id": "wedge"
  },
  "dummy_trs": 0,
  "dvars_nstd": 40.47051973324112,
  "dvars_std": 1.2846339581027668,
  "dvars_vstd": 1.0135683132411069,
  "efc": 0.4909819723999397,
  "fber": 1117.2003173828125,
  "fd_mean": 0.09143891971621257,
  "fd_num": 1,
  "fd_perc": 0.3937007874015748,
  "fwhm_avg": 1.726163854966159,
  "fwhm_x": 1.8135771199389876,
  "fwhm_y": 1.4774824449594899,
  "fwhm_z": 1.887432,
  "gcor": 0.00778802,
  "gsr_x": -0.0006702723330818117,
  "gsr_y": 0.00990130752325058,
  "provenance": {
    "md5sum": "1fbb458cd626ef9339b9920a54a50f82",
    "settings": {
      "fd_thres": 0.2,
      "testing": false
    },
    "software": "mriqc",
    "version": "23.0.1",
    "webapi_port": null,
    "webapi_url": "https://mriqc.nimh.nih.gov/api/v1"
  },
  "size_t": 254,
  "size_x": 78,
  "size_y": 78,
  "size_z": 20,
  "snr": 7.224782889512428,
  "spacing_tr": 1.2000000476837158,
  "spacing_x": 2.461538553237915,
  "spacing_y": 2.461538553237915,
  "spacing_z": 2.5,
  "summary_bg_k": 19.319146177080384,
  "summary_bg_mad": 4.587894987316407,
  "summary_bg_mean": 17.31851577758789,
  "summary_bg_median": 9.185039520263672,
  "summary_bg_n": 80305.0,
  "summary_bg_p05": 5.08661413192749,
  "summary_bg_p95": 56.4535423278809,
  "summary_bg_stdv": 20.07431411743164,
  "summary_fg_k": 4.546728948243277,
  "summary_fg_mad": 35.80424633724707,
  "summary_fg_mean": 310.6346740722656,
  "summary_fg_median": 313.96063232421875,
  "summary_fg_n": 15205.0,
  "summary_fg_p05": 237.08031005859374,
  "summary_fg_p95": 370.6850280761719,
  "summary_fg_stdv": 43.45463562011719,
  "tsnr": 48.47346906142775
}