{
  "aor": 0.0021683199999999996,
  "aqi": 0.006492515200000001,
  "bids_meta": {
    "AccelFactPE": 2,
    "AcquisitionNumber": 1,
    "AcquisitionTime": "11:32:18.717500",
    "BandwidthPerPixelPhaseEncode": 43.879,
    "BodyPartExamined": "BRAIN",
    "ConversionSoftware": "dcm2niix",
    "ConversionSoftwareVersion": "v1.0.20170724 GCC4.4.7",
    "DeviceSerialNumber": "67025",
    "EchoTime": 0.025,
    "EchoTrainLength": 43,
    "EffectiveEchoSpacing": 0.000356093,
    "FlipAngle": 90,
    "ImageType": [
      "ORIGINAL",
      "PRIMARY",
      "M",
      "ND",
      "NORM",
      "MOSAIC"
    ],
    "InstitutionAddress": "McClintock_3520A_Los_Angeles_CA_US_90089",
    "InstitutionName": "USC",
    "MagneticFieldStrength": 3,
    "Manufacturer": "Siemens",
    "ManufacturersModelName": "Prisma_fit",
    "PhaseEncodingDirection": "j-",
    "PhaseEncodingLines": 64,
    "ProcedureStepDescription": "Mara_Steve",
    "ProtocolName": "regulate8",
    "RepetitionTime": 2,
    "ScanningSequence": "EP",
    "SequenceName": "_epfid2d1_64",
    "SequenceVariant": "SK_OSP",
    "SeriesDescription": "regulate8",
    "SliceTiming": [
      0.99,
      0,
      1.0425,
      0.0525,
      1.095,
      0.105,
      1.1475,
      0.1575,
      1.1975,
      0.2075,
      1.25,
      0.26,
      1.3025,
      0.3125,
      1.355,
      0.365,
      1.4075,
      0.4175,
      1.46,
      0.47,
      1.51,
      0.52,
      1.5625,
      0.5725,
      1.615,
      0.625,
      1.6675,
      0.6775,
      1.72,
      0.73,
      1.7725,
      0.7825,
      1.8225,
      0.8325,
      1.875,
      0.885,
      1.9275,
      0.9375
    ],
    "SoftwareVersions": "syngo_MR_D13D",
    "TaskName": "regulate",
    "TotalReadoutTime": 0.0299118,
    "TrueEchoSpacing": 0.000712186,
    "dataset": "ds003425",
    "modality": "bold",
    "run_id": 8,
    "session_id": "02",
    "subject_id": "07",
    "task_id": "regulate"
  },
  "dummy_trs": 0,
  "dvars_nstd": 22.364711423387106,
  "dvars_std": 1.2495550601612906,
  "dvars_vstd": 1.0317958365322581,
  "efc": 0.5768078751946467,
  "fber": 1589.589111328125,
  "fd_mean": 0.10330633909895232,
  "fd_num": 3,
  "fd_perc": 2.4,
  "fwhm_avg": 1.6782433333333333,
  "fwhm_x": 1.6028833333333334,
  "fwhm_y": 1.76555,
  "fwhm_z": 1.6662966666666668,
  "gcor": 0.0209793,
  "gsr_x": -0.0038783142808824778,
  "gsr_y": 0.035005442798137665,
  "provenance": {
    "md5sum": "23c1b9861d04ece025dc5244d974e1af",
    "settings": {
      "fd_thres": 0.2,
      "testing": false
    },
    "software": "mriqc",
    "version": "23.0.1",
    "webapi_port": null,
    "webapi_url": "https://mriqc.nimh.nih.gov/api/v1"
  },
  "size_t": 125,
  "size_x": 64,
  "size_y": 64,
  "size_z": 38,
  "snr": 8.037792289322432,
  "spacing_tr": 2.0,
  "spacing_x": 3.0,
  "spacing_y": 3.0,
  "spacing_z": 3.0,
  "summary_bg_k": 12.105445778557415,
  "summary_bg_mad": 7.899304722000062,
  "summary_bg_mean": 25.989038467407227,
  "summary_bg_median": 9.248000144958496,
  "summary_bg_n": 86216.0,
  "summary_bg_p05": 3.264000177383423,
  "summary_bg_p95": 106.45400619506836,
  "summary_bg_stdv": 38.73565673828125,
  "summary_fg_k": 2.16003991360955,
  "summary_fg_mad": 45.9132515640486,
  "summary_fg_mean": 388.91925048828125,
  "summary_fg_median": 388.416015625,
  "summary_fg_n": 34615.0,
  "summary_fg_p05": 313.8888214111328,
  "summary_fg_p95": 462.6264221191406,
  "summary_fg_stdv": 48.323020935058594,
  "tsnr": 81.04649186762981
}