{
  "aor": 0.0017207200000000002,
  "aqi": 0.007435275040000001,
  "bids_meta": {
    "AccelFactPE": 2,
    "AcquisitionNumber": 1,
    "AcquisitionTime": "11:18:5.532500",
    "BandwidthPerPixelPhaseEncode": 43.879,
    "BodyPartExamined": "BRAIN",
    "ConversionSoftware": "dcm2niix",
    "ConversionSoftwareVersion": "v1.0.20170724 GCC4.4.7",
    "DeviceSerialNumber": "67025",
    "EchoTime": 0.025,
    "EchoTrainLength": 43,
    "EffectiveEchoSpacing": 0.000356093,
    "FlipAngle": 90,
    "ImageType": [
      "ORIGINAL",
      "PRIMARY",
      "M",
      "ND",
      "NORM",
      "MOSAIC"
    ],
    "InstitutionAddress": "McClintock_3520A_Los_Angeles_CA_US_90089",
    "InstitutionName": "USC",
    "MagneticFieldStrength": 3,
    "Manufacturer": "Siemens",
    "ManufacturersModelName": "Prisma_fit",
    "PhaseEncodingDirection": "j-",
    "PhaseEncodingLines": 64,
    "ProcedureStepDescription": "Mara_Steve",
    "ProtocolName": "regulate5",
    "RepetitionTime": 2,
    "ScanningSequence": "EP",
    "SequenceName": "_epfid2d1_64",
    "SequenceVariant": "SK_OSP",
    "SeriesDescription": "regulate5",
    "SliceTiming": [
      0.99,
      0,
      1.0425,
      0.0525,
      1.095,
      0.105,
      1.1475,
      0.1575,
      1.2,
      0.21,
      1.25,
      0.26,
      1.3025,
      0.3125,
      1.355,
      0.365,
      1.4075,
      0.4175,
      1.46,
      0.47,
      1.5125,
      0.5225,
      1.5625,
      0.5725,
      1.615,
      0.625,
      1.6675,
      0.6775,
      1.72,
      0.73,
      1.7725,
      0.7825,
      1.825,
      0.835,
      1.875,
      0.885,
      1.9275,
      0.9375
    ],
    "SoftwareVersions": "syngo_MR_D13D",
    "TaskName": "regulate",
    "TotalReadoutTime": 0.0299118,
    "TrueEchoSpacing": 0.000712186,
    "dataset": "ds003425",
    "modality": "bold",
    "run_id": 5,
    "session_id": "02",
    "subject_id": "07",
    "task_id": "regulate"
  },
  "dummy_trs": 0,
  "dvars_nstd": 21.51498576120968,
  "dvars_std": 1.2194899187903228,
  "dvars_vstd": 1.0151720734677423,
  "efc": 0.5776516375547568,
  "fber": 1524.80419921875,
  "fd_mean": 0.10208661586855754,
  "fd_num": 6,
  "fd_perc": 4.8,
  "fwhm_avg": 1.6668533333333333,
  "fwhm_x": 1.5832499999999998,
  "fwhm_y": 1.75396,
  "fwhm_z": 1.66335,
  "gcor": 0.0200674,
  "gsr_x": -0.0054377722553908825,
  "gsr_y": 0.036261215806007385,
  "provenance": {
    "md5sum": "036ff3c8486494ac2b5b48e15ebcc0fe",
    "settings": {
      "fd_thres": 0.2,
      "testing": false
    },
    "software": "mriqc",
    "version": "23.0.1",
    "webapi_port": null,
    "webapi_url": "https://mriqc.nimh.nih.gov/api/v1"
  },
  "size_t": 125,
  "size_x": 64,
  "size_y": 64,
  "size_z": 38,
  "snr": 8.06837314990084,
  "spacing_tr": 2.0,
  "spacing_x": 3.0,
  "spacing_y": 3.0,
  "spacing_z": 3.0,
  "summary_bg_k": 13.03040786652516,
  "summary_bg_mad": 8.124660539169007,
  "summary_bg_mean": 26.42397689819336,
  "summary_bg_median": 9.440000534057617,
  "summary_bg_n": 86409.0,
  "summary_bg_p05": 3.2800002098083496,
  "summary_bg_p95": 107.78080596923822,
  "summary_bg_stdv": 39.6195182800293,
  "summary_fg_k": 2.060163158096657,
  "summary_fg_mad": 45.97254569879444,
  "summary_fg_mean": 389.10931396484375,
  "summary_fg_median": 388.7760314941406,
  "summary_fg_n": 34618.0,
  "summary_fg_p05": 314.8496124267578,
  "summary_fg_p95": 463.1852203369141,
  "summary_fg_stdv": 48.184486389160156,
  "tsnr": 77.21717860782519
}