{
  "aor": 0.0005007086614173229,
  "aqi": 0.017714511023622048,
  "bids_meta": {
    "AccelFactPE": 2,
    "AcquisitionNumber": 1,
    "AcquisitionTime": "11:45:19.422500",
    "BandwidthPerPixelPhaseEncode": 35.613,
    "BodyPartExamined": "BRAIN",
    "ConversionSoftware": "dcm2niix",
    "ConversionSoftwareVersion": "v1.0.20170724 GCC4.4.7",
    "DeviceSerialNumber": "67025",
    "EchoTime": 0.03,
    "EchoTrainLength": 51,
    "EffectiveEchoSpacing": 0.000359995,
    "FlipAngle": 65,
    "ImageType": [
      "ORIGINAL",
      "PRIMARY",
      "M",
      "ND",
      "NORM",
      "MOSAIC"
    ],
    "InstitutionAddress": "McClintock_3520A_Los_Angeles_CA_US_90089",
    "InstitutionName": "USC",
    "MagneticFieldStrength": 3,
    "Manufacturer": "Siemens",
    "ManufacturersModelName": "Prisma_fit",
    "PhaseEncodingDirection": "i-",
    "PhaseEncodingLines": 78,
    "ProcedureStepDescription": "Mara_Steve",
    "ProtocolName": "wedge_shorter",
    "RepetitionTime": 1.2,
    "ScanningSequence": "EP",
    "SequenceName": "_epfid2d1_78",
    "SequenceVariant": "SK_OSP",
    "SeriesDescription": "wedge_shorter",
    "SliceTiming": [
      0.59,
      0,
      0.65,
      0.06,
      0.7075,
      0.1175,
      0.7675,
      0.1775,
      0.825,
      0.235,
      0.885,
      0.295,
      0.945,
      0.355,
      1.0025,
      0.4125,
      1.0625,
      0.4725,
      1.12,
      0.53
    ],
    "SoftwareVersions": "syngo_MR_D13D",
    "TaskName": "wedge",
    "TotalReadoutTime": 0.0363595,
    "TrueEchoSpacing": 0.000719991,
    "dataset": "ds003425",
    "modality": "bold",
    "run_id": 3,
    "session_id": "02",
    "subject_id": "07",
    "task_id": "wedge"
  },
  "dummy_trs": 0,
  "dvars_nstd": 39.410643309920935,
  "dvars_std": 1.2511478981818178,
  "dvars_vstd": 1.0161016894466397,
  "efc": 0.4949050838762436,
  "fber": 1086.007080078125,
  "fd_mean": 0.11446954505590598,
  "fd_num": 5,
  "fd_perc": 1.968503937007874,
  "fwhm_avg": 1.7331324796482444,
  "fwhm_x": 1.8146130574003958,
  "fwhm_y": 1.5020483815443375,
  "fwhm_z": 1.882736,
  "gcor": 0.00946906,
  "gsr_x": 0.0016065434319898486,
  "gsr_y": 0.008711650967597961,
  "provenance": {
    "md5sum": "2bbe9a8145255ff688aa2d6a8b1cee57",
    "settings": {
      "fd_thres": 0.2,
      "testing": false
    },
    "software": "mriqc",
    "version": "23.0.1",
    "webapi_port": null,
    "webapi_url": "https://mriqc.nimh.nih.gov/api/v1"
  },
  "size_t": 254,
  "size_x": 78,
  "size_y": 78,
  "size_z": 20,
  "snr": 7.375367752845921,
  "spacing_tr": 1.2000000476837158,
  "spacing_x": 2.461538553237915,
  "spacing_y": 2.461538553237915,
  "spacing_z": 2.5,
  "summary_bg_k": 16.498635753419993,
  "summary_bg_mad": 4.622916363306478,
  "summary_bg_mean": 17.51370620727539,
  "summary_bg_median": 9.271653175354004,
  "summary_bg_n": 80019.0,
  "summary_bg_p05": 5.1299214363098145,
  "summary_bg_p95": 58.05118179321289,
  "summary_bg_stdv": 20.2196102142334,
  "summary_fg_k": 4.122197678121851,
  "summary_fg_mad": 34.893682077987265,
  "summary_fg_mean": 309.1995544433594,
  "summary_fg_median": 312.27362060546875,
  "summary_fg_n": 15480.0,
  "summary_fg_p05": 237.01003875732422,
  "summary_fg_p95": 369.05511474609375,
  "summary_fg_stdv": 42.338706970214844,
  "tsnr": 46.079723593080416
}