{
  "aor": 0.004168800000000001,
  "aqi": 0.00686615048,
  "bids_meta": {
    "AccelFactPE": 2,
    "AcquisitionNumber": 1,
    "AcquisitionTime": "10:59:2.695000",
    "BandwidthPerPixelPhaseEncode": 43.879,
    "BodyPartExamined": "BRAIN",
    "ConversionSoftware": "dcm2niix",
    "ConversionSoftwareVersion": "v1.0.20170724 GCC4.4.7",
    "DeviceSerialNumber": "67025",
    "EchoTime": 0.025,
    "EchoTrainLength": 43,
    "EffectiveEchoSpacing": 0.000356093,
    "FlipAngle": 90,
    "ImageType": [
      "ORIGINAL",
      "PRIMARY",
      "M",
      "ND",
      "NORM",
      "MOSAIC"
    ],
    "InstitutionAddress": "McClintock_3520A_Los_Angeles_CA_US_90089",
    "InstitutionName": "USC",
    "MagneticFieldStrength": 3,
    "Manufacturer": "Siemens",
    "ManufacturersModelName": "Prisma_fit",
    "PhaseEncodingDirection": "j-",
    "PhaseEncodingLines": 64,
    "ProcedureStepDescription": "Mara_Steve",
    "ProtocolName": "regulate1",
    "RepetitionTime": 2,
    "ScanningSequence": "EP",
    "SequenceName": "_epfid2d1_64",
    "SequenceVariant": "SK_OSP",
    "SeriesDescription": "regulate1",
    "SliceTiming": [
      0.99,
      0,
      1.04,
      0.05,
      1.0925,
      0.1025,
      1.145,
      0.155,
      1.1975,
      0.2075,
      1.25,
      0.26,
      1.3025,
      0.3125,
      1.3525,
      0.365,
      1.405,
      0.415,
      1.4575,
      0.4675,
      1.51,
      0.52,
      1.5625,
      0.5725,
      1.615,
      0.625,
      1.6675,
      0.6775,
      1.7175,
      0.7275,
      1.77,
      0.78,
      1.8225,
      0.8325,
      1.875,
      0.885,
      1.9275,
      0.9375
    ],
    "SoftwareVersions": "syngo_MR_D13D",
    "TaskName": "regulate",
    "TotalReadoutTime": 0.0299118,
    "TrueEchoSpacing": 0.000712186,
    "dataset": "ds003425",
    "modality": "bold",
    "run_id": 1,
    "session_id": "02",
    "subject_id": "07",
    "task_id": "regulate"
  },
  "dummy_trs": 0,
  "dvars_nstd": 22.903890163387093,
  "dvars_std": 1.2473239650806456,
  "dvars_vstd": 1.0432639345967742,
  "efc": 0.5762977149700443,
  "fber": 1587.163818359375,
  "fd_mean": 0.13238151732451786,
  "fd_num": 14,
  "fd_perc": 11.2,
  "fwhm_avg": 1.6545888888888889,
  "fwhm_x": 1.5685466666666665,
  "fwhm_y": 1.74613,
  "fwhm_z": 1.64909,
  "gcor": 0.0224299,
  "gsr_x": -0.0062167407013475895,
  "gsr_y": 0.035118211060762405,
  "provenance": {
    "md5sum": "1324c02a1fc1b7ca20cffdc355ebb6ca",
    "settings": {
      "fd_thres": 0.2,
      "testing": false
    },
    "software": "mriqc",
    "version": "23.0.1",
    "webapi_port": null,
    "webapi_url": "https://mriqc.nimh.nih.gov/api/v1"
  },
  "size_t": 125,
  "size_x": 64,
  "size_y": 64,
  "size_z": 38,
  "snr": 8.11491505301704,
  "spacing_tr": 2.0,
  "spacing_x": 3.0,
  "spacing_y": 3.0,
  "spacing_z": 3.0,
  "summary_bg_k": 13.726084743439753,
  "summary_bg_mad": 7.733253643974385,
  "summary_bg_mean": 25.363113403320312,
  "summary_bg_median": 9.128000259399414,
  "summary_bg_n": 86300.0,
  "summary_bg_p05": 3.2800002098083496,
  "summary_bg_p95": 103.27200317382812,
  "summary_bg_stdv": 38.09604263305664,
  "summary_fg_k": 2.192380548625766,
  "summary_fg_mad": 45.254953194354165,
  "summary_fg_mean": 383.4909973144531,
  "summary_fg_median": 382.94000244140625,
  "summary_fg_n": 34622.0,
  "summary_fg_p05": 310.68841857910155,
  "summary_fg_p95": 455.4716156005859,
  "summary_fg_stdv": 47.188968658447266,
  "tsnr": 79.57257592934184
}