{
  "bids_meta": {
    "AccelFactPE": 2,
    "AcquisitionNumber": 1,
    "AcquisitionTime": "10:37:11.562500",
    "BodyPartExamined": "BRAIN",
    "ConversionSoftware": "dcm2niix",
    "ConversionSoftwareVersion": "v1.0.20170724 GCC4.4.7",
    "DeviceSerialNumber": "67025",
    "EchoTime": 0.00226,
    "FlipAngle": 9,
    "ImageType": [
      "ORIGINAL",
      "PRIMARY",
      "M",
      "ND",
      "NORM"
    ],
    "InstitutionAddress": "McClintock_3520A_Los_Angeles_CA_US_90089",
    "InstitutionName": "USC",
    "InversionTime": 1.06,
    "MagneticFieldStrength": 3,
    "Manufacturer": "Siemens",
    "ManufacturersModelName": "Prisma_fit",
    "PhaseEncodingDirection": "i-",
    "PhaseEncodingLines": 224,
    "ProcedureStepDescription": "Mara_Steve",
    "ProtocolName": "t1_mprage_short_32channel",
    "RepetitionTime": 2.3,
    "ScanningSequence": "GR_IR",
    "SequenceName": "_tfl3d1_16ns",
    "SequenceVariant": "SK_SP_MP",
    "SeriesDescription": "t1_mprage_short_32channel",
    "SoftwareVersions": "syngo_MR_D13D",
    "dataset": "ds003425",
    "modality": "T1w",
    "session_id": "01",
    "subject_id": "07"
  },
  "cjv": 0.33539785367145336,
  "cnr": 4.066286981642774,
  "efc": 0.5454093975734212,
  "fber": -1.0,
  "fwhm_avg": 4.30972051392216,
  "fwhm_x": 4.31109154176648,
  "fwhm_y": 4.3287,
  "fwhm_z": 4.28937,
  "icvs_csf": 0.17992761651154823,
  "icvs_gm": 0.4751956096841368,
  "icvs_wm": 0.344876773804315,
  "inu_med": 0.27509817481040955,
  "inu_range": 0.07011136412620544,
  "provenance": {
    "md5sum": "c0e151c07ad3620425aeb274616d5f13",
    "settings": {
      "testing": false
    },
    "software": "mriqc",
    "version": "23.0.1",
    "warnings": {
      "large_rot_frame": true,
      "small_air_mask": false
    },
    "webapi_port": null,
    "webapi_url": "https://mriqc.nimh.nih.gov/api/v1"
  },
  "qi_1": 0.0019523733274902592,
  "qi_2": 0.006902251516747287,
  "rpve_csf": 28.07232988652105,
  "rpve_gm": 11.872664229530981,
  "rpve_wm": 17.84204351023126,
  "size_x": 176,
  "size_y": 224,
  "size_z": 256,
  "snr_csf": 2.83080388514429,
  "snr_gm": 16.9982942132955,
  "snr_total": 16.79954290601754,
  "snr_wm": 30.569530619612827,
  "snrd_csf": 69.89583790581133,
  "snrd_gm": 157.4154839189815,
  "snrd_total": 143.73668406330418,
  "snrd_wm": 203.89873036511963,
  "spacing_x": 0.9999996423721313,
  "spacing_y": 1.0,
  "spacing_z": 1.0,
  "summary_bg_k": 60.285175722950555,
  "summary_bg_mad": 0.0,
  "summary_bg_mean": 0.848798801736429,
  "summary_bg_median": 0.0,
  "summary_bg_n": 2870433.0,
  "summary_bg_p05": 0.0,
  "summary_bg_p95": 3.985478777438402,
  "summary_bg_stdv": 3.213174850299619,
  "summary_csf_k": 0.8098481689628065,
  "summary_csf_mad": 77.44435121527428,
  "summary_csf_mean": 336.3604143345756,
  "summary_csf_median": 342.81036513857543,
  "summary_csf_n": 23020.0,
  "summary_csf_p05": 71.50185687839985,
  "summary_csf_p95": 526.0644550335593,
  "summary_csf_stdv": 121.09737482422302,
  "summary_gm_k": -0.047452832865570116,
  "summary_gm_mad": 46.36422915059858,
  "summary_gm_mean": 770.7930016505994,
  "summary_gm_median": 772.0582675244659,
  "summary_gm_n": 61336.0,
  "summary_gm_p05": 695.1503651756793,
  "summary_gm_p95": 842.8695711493492,
  "summary_gm_stdv": 45.41937938780411,
  "summary_wm_k": 0.882515825487177,
  "summary_wm_mad": 30.100184098401222,
  "summary_wm_mean": 1000.7614513145023,
  "summary_wm_median": 1000.0394916497171,
  "summary_wm_n": 163928.0,
  "summary_wm_p05": 949.5570893037133,
  "summary_wm_p95": 1056.3422714182175,
  "summary_wm_stdv": 32.71350331965654,
  "tpm_overlap_csf": 0.1470981327737858,
  "tpm_overlap_gm": 0.49402863181077095,
  "tpm_overlap_wm": 0.5204435256572966,
  "wm2max": 0.9111107116535745
}