{
  "aor": 0.0075382352941176485,
  "aqi": 0.009989718000000002,
  "bids_meta": {
    "AccelFactPE": 2,
    "AcquisitionNumber": 1,
    "AcquisitionTime": "11:07:34.937500",
    "BandwidthPerPixelPhaseEncode": 43.879,
    "BodyPartExamined": "BRAIN",
    "ConversionSoftware": "dcm2niix",
    "ConversionSoftwareVersion": "v1.0.20170724 GCC4.4.7",
    "DeviceSerialNumber": "67025",
    "EchoTime": 0.025,
    "EchoTrainLength": 43,
    "EffectiveEchoSpacing": 0.000356093,
    "FlipAngle": 90,
    "ImageType": [
      "ORIGINAL",
      "PRIMARY",
      "M",
      "ND",
      "NORM",
      "MOSAIC"
    ],
    "InstitutionAddress": "McClintock_3520A_Los_Angeles_CA_US_90089",
    "InstitutionName": "USC",
    "MagneticFieldStrength": 3,
    "Manufacturer": "Siemens",
    "ManufacturersModelName": "Prisma_fit",
    "PhaseEncodingDirection": "j-",
    "PhaseEncodingLines": 64,
    "ProcedureStepDescription": "Mara_Steve",
    "ProtocolName": "prelearning1",
    "RepetitionTime": 2,
    "ScanningSequence": "EP",
    "SequenceName": "_epfid2d1_64",
    "SequenceVariant": "SK_OSP",
    "SeriesDescription": "prelearning1",
    "SliceTiming": [
      0.99,
      0,
      1.0425,
      0.0525,
      1.095,
      0.105,
      1.1475,
      0.1575,
      1.2,
      0.21,
      1.25,
      0.2625,
      1.3025,
      0.3125,
      1.355,
      0.365,
      1.4075,
      0.4175,
      1.46,
      0.47,
      1.5125,
      0.5225,
      1.565,
      0.575,
      1.615,
      0.625,
      1.6675,
      0.6775,
      1.72,
      0.73,
      1.7725,
      0.7825,
      1.825,
      0.835,
      1.8775,
      0.8875,
      1.9275,
      0.9375
    ],
    "SoftwareVersions": "syngo_MR_D13D",
    "TaskName": "prelearning",
    "TotalReadoutTime": 0.0299118,
    "TrueEchoSpacing": 0.000712186,
    "dataset": "ds003425",
    "modality": "bold",
    "run_id": 1,
    "session_id": "01",
    "subject_id": "09",
    "task_id": "prelearning"
  },
  "dummy_trs": 0,
  "dvars_nstd": 30.761376085833326,
  "dvars_std": 1.5032871036904762,
  "dvars_vstd": 1.0647990574999997,
  "efc": 0.6214348344443236,
  "fber": 1655.73388671875,
  "fd_mean": 0.1768363865094157,
  "fd_num": 28,
  "fd_perc": 32.94117647058823,
  "fwhm_avg": 1.55638,
  "fwhm_x": 1.4376966666666666,
  "fwhm_y": 1.6681666666666668,
  "fwhm_z": 1.5632766666666666,
  "gcor": 0.0540996,
  "gsr_x": 0.013389338739216328,
  "gsr_y": 0.059140827506780624,
  "provenance": {
    "md5sum": "b51bbcf70cc6d55fa26eccef94e50865",
    "settings": {
      "fd_thres": 0.2,
      "testing": false
    },
    "software": "mriqc",
    "version": "23.0.1",
    "webapi_port": null,
    "webapi_url": "https://mriqc.nimh.nih.gov/api/v1"
  },
  "size_t": 85,
  "size_x": 64,
  "size_y": 64,
  "size_z": 38,
  "snr": 8.00618819661869,
  "spacing_tr": 2.0,
  "spacing_x": 3.0,
  "spacing_y": 3.0,
  "spacing_z": 3.0,
  "summary_bg_k": 13.756045039126935,
  "summary_bg_mad": 9.104922200532673,
  "summary_bg_mean": 36.20126724243164,
  "summary_bg_median": 10.29411792755127,
  "summary_bg_n": 78320.0,
  "summary_bg_p05": 3.4235293865203857,
  "summary_bg_p95": 154.5300071716309,
  "summary_bg_stdv": 60.773963928222656,
  "summary_fg_k": 3.791974153264854,
  "summary_fg_mad": 49.74565251659288,
  "summary_fg_mean": 441.1414794921875,
  "summary_fg_median": 438.8000183105469,
  "summary_fg_n": 42408.0,
  "summary_fg_p05": 365.4082290649414,
  "summary_fg_p95": 527.8346984863282,
  "summary_fg_stdv": 54.80696105957031,
  "tsnr": 72.43875444750302
}