{
  "aor": 0.0065735714285714295,
  "aqi": 0.009012422653061224,
  "bids_meta": {
    "AccelFactPE": 2,
    "AcquisitionNumber": 1,
    "AcquisitionTime": "10:43:3.990000",
    "BandwidthPerPixelPhaseEncode": 43.879,
    "BodyPartExamined": "BRAIN",
    "ConversionSoftware": "dcm2niix",
    "ConversionSoftwareVersion": "v1.0.20170724 GCC4.4.7",
    "DeviceSerialNumber": "67025",
    "EchoTime": 0.025,
    "EchoTrainLength": 43,
    "EffectiveEchoSpacing": 0.000356093,
    "FlipAngle": 90,
    "ImageType": [
      "ORIGINAL",
      "PRIMARY",
      "M",
      "ND",
      "NORM",
      "MOSAIC"
    ],
    "InstitutionAddress": "McClintock_3520A_Los_Angeles_CA_US_90089",
    "InstitutionName": "USC",
    "MagneticFieldStrength": 3,
    "Manufacturer": "Siemens",
    "ManufacturersModelName": "Prisma_fit",
    "PhaseEncodingDirection": "j-",
    "PhaseEncodingLines": 64,
    "ProcedureStepDescription": "Mara_Steve",
    "ProtocolName": "training1",
    "RepetitionTime": 2,
    "ScanningSequence": "EP",
    "SequenceName": "_epfid2d1_64",
    "SequenceVariant": "SK_OSP",
    "SeriesDescription": "training1",
    "SliceTiming": [
      0.99,
      0,
      1.04,
      0.0525,
      1.0925,
      0.1025,
      1.145,
      0.155,
      1.1975,
      0.2075,
      1.25,
      0.26,
      1.3025,
      0.3125,
      1.355,
      0.365,
      1.405,
      0.415,
      1.4575,
      0.4675,
      1.51,
      0.52,
      1.5625,
      0.5725,
      1.615,
      0.625,
      1.6675,
      0.6775,
      1.7175,
      0.7275,
      1.77,
      0.78,
      1.8225,
      0.8325,
      1.875,
      0.885,
      1.9275,
      0.9375
    ],
    "SoftwareVersions": "syngo_MR_D13D",
    "TaskName": "training",
    "TotalReadoutTime": 0.0299118,
    "TrueEchoSpacing": 0.000712186,
    "dataset": "ds003425",
    "modality": "bold",
    "run_id": 1,
    "session_id": "01",
    "subject_id": "09",
    "task_id": "training"
  },
  "dummy_trs": 0,
  "dvars_nstd": 28.266747326907208,
  "dvars_std": 1.5031714818556696,
  "dvars_vstd": 1.0872820728865975,
  "efc": 0.6209946556141674,
  "fber": 1641.170654296875,
  "fd_mean": 0.17321595843541546,
  "fd_num": 31,
  "fd_perc": 31.632653061224488,
  "fwhm_avg": 1.5797888888888887,
  "fwhm_x": 1.46096,
  "fwhm_y": 1.69804,
  "fwhm_z": 1.5803666666666667,
  "gcor": 0.0758695,
  "gsr_x": 0.01199330110102892,
  "gsr_y": 0.05775364488363266,
  "provenance": {
    "md5sum": "5429567927325ecff48e7080a61609f4",
    "settings": {
      "fd_thres": 0.2,
      "testing": false
    },
    "software": "mriqc",
    "version": "23.0.1",
    "webapi_port": null,
    "webapi_url": "https://mriqc.nimh.nih.gov/api/v1"
  },
  "size_t": 98,
  "size_x": 64,
  "size_y": 64,
  "size_z": 38,
  "snr": 7.897027625971762,
  "spacing_tr": 2.0,
  "spacing_x": 3.0,
  "spacing_y": 3.0,
  "spacing_z": 3.0,
  "summary_bg_k": 13.879608473247053,
  "summary_bg_mad": 9.167927874378753,
  "summary_bg_mean": 35.61030578613281,
  "summary_bg_median": 10.285714149475098,
  "summary_bg_n": 78151.0,
  "summary_bg_p05": 3.3979592323303223,
  "summary_bg_p95": 152.14285278320312,
  "summary_bg_stdv": 59.8643798828125,
  "summary_fg_k": 3.2454726787100014,
  "summary_fg_mad": 51.14977653844327,
  "summary_fg_mean": 439.4969177246094,
  "summary_fg_median": 437.846923828125,
  "summary_fg_n": 42539.0,
  "summary_fg_p05": 361.96836853027344,
  "summary_fg_p95": 528.1846740722656,
  "summary_fg_stdv": 55.443870544433594,
  "tsnr": 72.77458474994637
}