{
  "aor": 0.003494893617021277,
  "aqi": 0.008413414680851062,
  "bids_meta": {
    "AccelFactPE": 2,
    "AcquisitionNumber": 1,
    "AcquisitionTime": "10:50:56.572500",
    "BandwidthPerPixelPhaseEncode": 43.879,
    "BodyPartExamined": "BRAIN",
    "ConversionSoftware": "dcm2niix",
    "ConversionSoftwareVersion": "v1.0.20170724 GCC4.4.7",
    "DeviceSerialNumber": "67025",
    "EchoTime": 0.025,
    "EchoTrainLength": 43,
    "EffectiveEchoSpacing": 0.000356093,
    "FlipAngle": 90,
    "ImageType": [
      "ORIGINAL",
      "PRIMARY",
      "M",
      "ND",
      "NORM",
      "MOSAIC"
    ],
    "InstitutionAddress": "McClintock_3520A_Los_Angeles_CA_US_90089",
    "InstitutionName": "USC",
    "MagneticFieldStrength": 3,
    "Manufacturer": "Siemens",
    "ManufacturersModelName": "Prisma_fit",
    "PhaseEncodingDirection": "j-",
    "PhaseEncodingLines": 64,
    "ProcedureStepDescription": "Mara_Steve",
    "ProtocolName": "training3",
    "RepetitionTime": 2,
    "ScanningSequence": "EP",
    "SequenceName": "_epfid2d1_64",
    "SequenceVariant": "SK_OSP",
    "SeriesDescription": "training3",
    "SliceTiming": [
      0.99,
      0,
      1.0425,
      0.0525,
      1.095,
      0.105,
      1.1475,
      0.1575,
      1.1975,
      0.2075,
      1.25,
      0.26,
      1.3025,
      0.3125,
      1.355,
      0.365,
      1.4075,
      0.4175,
      1.46,
      0.47,
      1.51,
      0.52,
      1.5625,
      0.5725,
      1.615,
      0.625,
      1.6675,
      0.6775,
      1.72,
      0.73,
      1.7725,
      0.7825,
      1.8225,
      0.8325,
      1.875,
      0.885,
      1.9275,
      0.9375
    ],
    "SoftwareVersions": "syngo_MR_D13D",
    "TaskName": "training",
    "TotalReadoutTime": 0.0299118,
    "TrueEchoSpacing": 0.000712186,
    "dataset": "ds003425",
    "modality": "bold",
    "run_id": 3,
    "session_id": "01",
    "subject_id": "09",
    "task_id": "training"
  },
  "dummy_trs": 4,
  "dvars_nstd": 27.342358517741932,
  "dvars_std": 1.5037715179569886,
  "dvars_vstd": 1.0497921217204305,
  "efc": 0.6225111089522536,
  "fber": 1609.558349609375,
  "fd_mean": 0.1364294304606867,
  "fd_num": 11,
  "fd_perc": 11.702127659574469,
  "fwhm_avg": 1.559268888888889,
  "fwhm_x": 1.4427066666666668,
  "fwhm_y": 1.67795,
  "fwhm_z": 1.55715,
  "gcor": 0.0321521,
  "gsr_x": 0.011251301504671574,
  "gsr_y": 0.06075059995055199,
  "provenance": {
    "md5sum": "62679a74a047975a78fade7272421fc1",
    "settings": {
      "fd_thres": 0.2,
      "testing": false
    },
    "software": "mriqc",
    "version": "23.0.1",
    "webapi_port": null,
    "webapi_url": "https://mriqc.nimh.nih.gov/api/v1"
  },
  "size_t": 94,
  "size_x": 64,
  "size_y": 64,
  "size_z": 38,
  "snr": 7.9409149978583,
  "spacing_tr": 2.0,
  "spacing_x": 3.0,
  "spacing_y": 3.0,
  "spacing_z": 3.0,
  "summary_bg_k": 14.274692991340334,
  "summary_bg_mad": 9.337239804613931,
  "summary_bg_mean": 36.43947982788086,
  "summary_bg_median": 10.446807861328125,
  "summary_bg_n": 78021.0,
  "summary_bg_p05": 3.4042551517486572,
  "summary_bg_p95": 154.6914825439453,
  "summary_bg_stdv": 61.48986053466797,
  "summary_fg_k": 3.9649134897282137,
  "summary_fg_mad": 50.093024297982545,
  "summary_fg_mean": 443.51202392578125,
  "summary_fg_median": 441.0957336425781,
  "summary_fg_n": 42622.0,
  "summary_fg_p05": 367.43668975830076,
  "summary_fg_p95": 531.47763671875,
  "summary_fg_stdv": 55.546566009521484,
  "tsnr": 81.63912393292412
}