{
  "aor": 0.0047016,
  "aqi": 0.021170305839999994,
  "bids_meta": {
    "AccelFactPE": 2,
    "AcquisitionNumber": 1,
    "AcquisitionTime": "11:28:17.495000",
    "BandwidthPerPixelPhaseEncode": 43.879,
    "BodyPartExamined": "BRAIN",
    "ConversionSoftware": "dcm2niix",
    "ConversionSoftwareVersion": "v1.0.20170724 GCC4.4.7",
    "DeviceSerialNumber": "67025",
    "EchoTime": 0.025,
    "EchoTrainLength": 43,
    "EffectiveEchoSpacing": 0.000356093,
    "FlipAngle": 90,
    "ImageType": [
      "ORIGINAL",
      "PRIMARY",
      "M",
      "ND",
      "NORM",
      "MOSAIC"
    ],
    "InstitutionAddress": "McClintock_3520A_Los_Angeles_CA_US_90089",
    "InstitutionName": "USC",
    "MagneticFieldStrength": 3,
    "Manufacturer": "Siemens",
    "ManufacturersModelName": "Prisma_fit",
    "PhaseEncodingDirection": "j-",
    "PhaseEncodingLines": 64,
    "ProcedureStepDescription": "Mara_Steve",
    "ProtocolName": "learning3",
    "RepetitionTime": 2,
    "ScanningSequence": "EP",
    "SequenceName": "_epfid2d1_64",
    "SequenceVariant": "SK_OSP",
    "SeriesDescription": "learning3",
    "SliceTiming": [
      0.99,
      0,
      1.0425,
      0.0525,
      1.095,
      0.105,
      1.1475,
      0.1575,
      1.1975,
      0.2075,
      1.25,
      0.26,
      1.3025,
      0.3125,
      1.355,
      0.365,
      1.4075,
      0.4175,
      1.46,
      0.47,
      1.51,
      0.5225,
      1.5625,
      0.5725,
      1.615,
      0.625,
      1.6675,
      0.6775,
      1.72,
      0.73,
      1.7725,
      0.7825,
      1.825,
      0.835,
      1.875,
      0.885,
      1.9275,
      0.9375
    ],
    "SoftwareVersions": "syngo_MR_D13D",
    "TaskName": "learning",
    "TotalReadoutTime": 0.0299118,
    "TrueEchoSpacing": 0.000712186,
    "dataset": "ds003425",
    "modality": "bold",
    "run_id": 3,
    "session_id": "01",
    "subject_id": "09",
    "task_id": "learning"
  },
  "dummy_trs": 0,
  "dvars_nstd": 34.3078762483871,
  "dvars_std": 1.3645188683870968,
  "dvars_vstd": 0.9906991555645156,
  "efc": 0.6225271549820454,
  "fber": 1653.556640625,
  "fd_mean": 0.23578563884821122,
  "fd_num": 54,
  "fd_perc": 43.2,
  "fwhm_avg": 1.5778977777777776,
  "fwhm_x": 1.45123,
  "fwhm_y": 1.7010733333333334,
  "fwhm_z": 1.58139,
  "gcor": 0.0250116,
  "gsr_x": 0.01269680354744196,
  "gsr_y": 0.05988309904932976,
  "provenance": {
    "md5sum": "af47ce1a1f7cc5b98cccbbf31fa1866c",
    "settings": {
      "fd_thres": 0.2,
      "testing": false
    },
    "software": "mriqc",
    "version": "23.0.1",
    "webapi_port": null,
    "webapi_url": "https://mriqc.nimh.nih.gov/api/v1"
  },
  "size_t": 125,
  "size_x": 64,
  "size_y": 64,
  "size_z": 38,
  "snr": 8.126641806825646,
  "spacing_tr": 2.0,
  "spacing_x": 3.0,
  "spacing_y": 3.0,
  "spacing_z": 3.0,
  "summary_bg_k": 14.042816679961131,
  "summary_bg_mad": 9.417490349559488,
  "summary_bg_mean": 36.42665100097656,
  "summary_bg_median": 10.408000946044922,
  "summary_bg_n": 78135.0,
  "summary_bg_p05": 3.205600142478945,
  "summary_bg_p95": 154.24720611572272,
  "summary_bg_stdv": 60.9844970703125,
  "summary_fg_k": 3.7840158833304303,
  "summary_fg_mad": 48.82506639480258,
  "summary_fg_mean": 441.6291809082031,
  "summary_fg_median": 439.5000305175781,
  "summary_fg_n": 42410.0,
  "summary_fg_p05": 366.31121215820315,
  "summary_fg_p95": 527.0736206054686,
  "summary_fg_stdv": 54.080745697021484,
  "tsnr": 53.48932306515053
}