{
  "aor": 0.012542741935483872,
  "aqi": 0.02373090088709677,
  "bids_meta": {
    "AccelFactPE": 2,
    "AcquisitionNumber": 1,
    "AcquisitionTime": "11:23:41.155000",
    "BandwidthPerPixelPhaseEncode": 43.879,
    "BodyPartExamined": "BRAIN",
    "ConversionSoftware": "dcm2niix",
    "ConversionSoftwareVersion": "v1.0.20170724 GCC4.4.7",
    "DeviceSerialNumber": "67025",
    "EchoTime": 0.025,
    "EchoTrainLength": 43,
    "EffectiveEchoSpacing": 0.000356093,
    "FlipAngle": 90,
    "ImageType": [
      "ORIGINAL",
      "PRIMARY",
      "M",
      "ND",
      "NORM",
      "MOSAIC"
    ],
    "InstitutionAddress": "McClintock_3520A_Los_Angeles_CA_US_90089",
    "InstitutionName": "USC",
    "MagneticFieldStrength": 3,
    "Manufacturer": "Siemens",
    "ManufacturersModelName": "Prisma_fit",
    "PhaseEncodingDirection": "j-",
    "PhaseEncodingLines": 64,
    "ProcedureStepDescription": "Mara_Steve",
    "ProtocolName": "learning2",
    "RepetitionTime": 2,
    "ScanningSequence": "EP",
    "SequenceName": "_epfid2d1_64",
    "SequenceVariant": "SK_OSP",
    "SeriesDescription": "learning2",
    "SliceTiming": [
      0.99,
      0,
      1.0425,
      0.0525,
      1.095,
      0.105,
      1.1475,
      0.1575,
      1.1975,
      0.2075,
      1.25,
      0.26,
      1.3025,
      0.3125,
      1.355,
      0.365,
      1.4075,
      0.4175,
      1.46,
      0.47,
      1.51,
      0.52,
      1.5625,
      0.5725,
      1.615,
      0.625,
      1.6675,
      0.6775,
      1.72,
      0.73,
      1.7725,
      0.7825,
      1.8225,
      0.835,
      1.875,
      0.885,
      1.9275,
      0.9375
    ],
    "SoftwareVersions": "syngo_MR_D13D",
    "TaskName": "learning",
    "TotalReadoutTime": 0.0299118,
    "TrueEchoSpacing": 0.000712186,
    "dataset": "ds003425",
    "modality": "bold",
    "run_id": 2,
    "session_id": "01",
    "subject_id": "09",
    "task_id": "learning"
  },
  "dummy_trs": 1,
  "dvars_nstd": 34.91356348780486,
  "dvars_std": 1.3977213106504067,
  "dvars_vstd": 1.0444120019512197,
  "efc": 0.6221889460831459,
  "fber": 1622.6353759765625,
  "fd_mean": 0.3017466062278133,
  "fd_num": 53,
  "fd_perc": 42.74193548387097,
  "fwhm_avg": 1.5709066666666667,
  "fwhm_x": 1.4453733333333334,
  "fwhm_y": 1.6987633333333332,
  "fwhm_z": 1.5685833333333334,
  "gcor": 0.0279272,
  "gsr_x": 0.012725346721708775,
  "gsr_y": 0.06059245392680168,
  "provenance": {
    "md5sum": "fd0c5ce01b563e04900b9c2c5e34cc46",
    "settings": {
      "fd_thres": 0.2,
      "testing": false
    },
    "software": "mriqc",
    "version": "23.0.1",
    "webapi_port": null,
    "webapi_url": "https://mriqc.nimh.nih.gov/api/v1"
  },
  "size_t": 124,
  "size_x": 64,
  "size_y": 64,
  "size_z": 38,
  "snr": 8.13032971701165,
  "spacing_tr": 2.0,
  "spacing_x": 3.0,
  "spacing_y": 3.0,
  "spacing_z": 3.0,
  "summary_bg_k": 14.356017344336223,
  "summary_bg_mad": 9.553218860096,
  "summary_bg_mean": 36.31103515625,
  "summary_bg_median": 10.508064270019531,
  "summary_bg_n": 78228.0,
  "summary_bg_p05": 3.2822580337524414,
  "summary_bg_p95": 153.34353790283186,
  "summary_bg_stdv": 60.760860443115234,
  "summary_fg_k": 3.9055861339877698,
  "summary_fg_mad": 48.866058753505165,
  "summary_fg_mean": 441.1446533203125,
  "summary_fg_median": 438.93548583984375,
  "summary_fg_n": 42383.0,
  "summary_fg_p05": 366.58062744140625,
  "summary_fg_p95": 526.3064575195312,
  "summary_fg_stdv": 53.986778259277344,
  "tsnr": 49.66936152521521
}