{
  "aor": 0.0077969599999999995,
  "aqi": 0.014581589679999998,
  "bids_meta": {
    "AccelFactPE": 2,
    "AcquisitionNumber": 1,
    "AcquisitionTime": "11:37:54.645000",
    "BandwidthPerPixelPhaseEncode": 43.879,
    "BodyPartExamined": "BRAIN",
    "ConversionSoftware": "dcm2niix",
    "ConversionSoftwareVersion": "v1.0.20170724 GCC4.4.7",
    "DeviceSerialNumber": "67025",
    "EchoTime": 0.025,
    "EchoTrainLength": 43,
    "EffectiveEchoSpacing": 0.000356093,
    "FlipAngle": 90,
    "ImageType": [
      "ORIGINAL",
      "PRIMARY",
      "M",
      "ND",
      "NORM",
      "MOSAIC"
    ],
    "InstitutionAddress": "McClintock_3520A_Los_Angeles_CA_US_90089",
    "InstitutionName": "USC",
    "MagneticFieldStrength": 3,
    "Manufacturer": "Siemens",
    "ManufacturersModelName": "Prisma_fit",
    "PhaseEncodingDirection": "j-",
    "PhaseEncodingLines": 64,
    "ProcedureStepDescription": "Mara_Steve",
    "ProtocolName": "learning5",
    "RepetitionTime": 2,
    "ScanningSequence": "EP",
    "SequenceName": "_epfid2d1_64",
    "SequenceVariant": "SK_OSP",
    "SeriesDescription": "learning5",
    "SliceTiming": [
      0.99,
      0,
      1.04,
      0.05,
      1.0925,
      0.1025,
      1.145,
      0.155,
      1.1975,
      0.2075,
      1.25,
      0.26,
      1.3025,
      0.3125,
      1.3525,
      0.365,
      1.405,
      0.415,
      1.4575,
      0.4675,
      1.51,
      0.52,
      1.5625,
      0.5725,
      1.615,
      0.625,
      1.6675,
      0.6775,
      1.7175,
      0.7275,
      1.77,
      0.78,
      1.8225,
      0.8325,
      1.875,
      0.885,
      1.9275,
      0.9375
    ],
    "SoftwareVersions": "syngo_MR_D13D",
    "TaskName": "learning",
    "TotalReadoutTime": 0.0299118,
    "TrueEchoSpacing": 0.000712186,
    "dataset": "ds003425",
    "modality": "bold",
    "run_id": 5,
    "session_id": "01",
    "subject_id": "09",
    "task_id": "learning"
  },
  "dummy_trs": 0,
  "dvars_nstd": 32.23736050830645,
  "dvars_std": 1.47738500483871,
  "dvars_vstd": 1.0657848745967737,
  "efc": 0.6222041121693683,
  "fber": 1731.3516845703125,
  "fd_mean": 0.23482347049045654,
  "fd_num": 62,
  "fd_perc": 49.6,
  "fwhm_avg": 1.5520277777777778,
  "fwhm_x": 1.4339733333333333,
  "fwhm_y": 1.67047,
  "fwhm_z": 1.55164,
  "gcor": 0.0379955,
  "gsr_x": 0.013353975489735603,
  "gsr_y": 0.057929690927267075,
  "provenance": {
    "md5sum": "3ab6d3faf925c192339fb1b5ad3867be",
    "settings": {
      "fd_thres": 0.2,
      "testing": false
    },
    "software": "mriqc",
    "version": "23.0.1",
    "webapi_port": null,
    "webapi_url": "https://mriqc.nimh.nih.gov/api/v1"
  },
  "size_t": 125,
  "size_x": 64,
  "size_y": 64,
  "size_z": 38,
  "snr": 8.089883748684105,
  "spacing_tr": 2.0,
  "spacing_x": 3.0,
  "spacing_y": 3.0,
  "spacing_z": 3.0,
  "summary_bg_k": 13.69217836910989,
  "summary_bg_mad": 9.037944119409588,
  "summary_bg_mean": 36.252960205078125,
  "summary_bg_median": 10.224000930786133,
  "summary_bg_n": 78281.0,
  "summary_bg_p05": 3.30400013923645,
  "summary_bg_p95": 154.19200134277344,
  "summary_bg_stdv": 60.912261962890625,
  "summary_fg_k": 3.6080783644052223,
  "summary_fg_mad": 49.862860800499085,
  "summary_fg_mean": 444.405517578125,
  "summary_fg_median": 441.9040222167969,
  "summary_fg_n": 42480.0,
  "summary_fg_p05": 368.7120056152344,
  "summary_fg_p95": 530.9616210937498,
  "summary_fg_stdv": 54.62363052368164,
  "tsnr": 61.99037849530578
}