{
  "aor": 0.0035666326530612246,
  "aqi": 0.015199118877551024,
  "bids_meta": {
    "AccelFactPE": 2,
    "AcquisitionNumber": 1,
    "AcquisitionTime": "11:02:21.832500",
    "BandwidthPerPixelPhaseEncode": 43.879,
    "BodyPartExamined": "BRAIN",
    "ConversionSoftware": "dcm2niix",
    "ConversionSoftwareVersion": "v1.0.20170724 GCC4.4.7",
    "DeviceSerialNumber": "67025",
    "EchoTime": 0.025,
    "EchoTrainLength": 43,
    "EffectiveEchoSpacing": 0.000356093,
    "FlipAngle": 90,
    "ImageType": [
      "ORIGINAL",
      "PRIMARY",
      "M",
      "ND",
      "NORM",
      "MOSAIC"
    ],
    "InstitutionAddress": "McClintock_3520A_Los_Angeles_CA_US_90089",
    "InstitutionName": "USC",
    "MagneticFieldStrength": 3,
    "Manufacturer": "Siemens",
    "ManufacturersModelName": "Prisma_fit",
    "PhaseEncodingDirection": "j-",
    "PhaseEncodingLines": 64,
    "ProcedureStepDescription": "Mara_Steve",
    "ProtocolName": "training6",
    "RepetitionTime": 2,
    "ScanningSequence": "EP",
    "SequenceName": "_epfid2d1_64",
    "SequenceVariant": "SK_OSP",
    "SeriesDescription": "training6",
    "SliceTiming": [
      0.99,
      0,
      1.04,
      0.0525,
      1.0925,
      0.1025,
      1.145,
      0.155,
      1.1975,
      0.2075,
      1.25,
      0.26,
      1.3025,
      0.3125,
      1.355,
      0.365,
      1.405,
      0.415,
      1.4575,
      0.4675,
      1.51,
      0.52,
      1.5625,
      0.5725,
      1.615,
      0.625,
      1.6675,
      0.6775,
      1.7175,
      0.7275,
      1.77,
      0.78,
      1.8225,
      0.8325,
      1.875,
      0.885,
      1.9275,
      0.9375
    ],
    "SoftwareVersions": "syngo_MR_D13D",
    "TaskName": "training",
    "TotalReadoutTime": 0.0299118,
    "TrueEchoSpacing": 0.000712186,
    "dataset": "ds003425",
    "modality": "bold",
    "run_id": 6,
    "session_id": "01",
    "subject_id": "09",
    "task_id": "training"
  },
  "dummy_trs": 0,
  "dvars_nstd": 29.50096441092785,
  "dvars_std": 1.4201555009278353,
  "dvars_vstd": 1.0168739320618556,
  "efc": 0.6216452444801402,
  "fber": 1675.480712890625,
  "fd_mean": 0.18466581439175433,
  "fd_num": 28,
  "fd_perc": 28.571428571428573,
  "fwhm_avg": 1.5565966666666666,
  "fwhm_x": 1.4293066666666665,
  "fwhm_y": 1.6786866666666667,
  "fwhm_z": 1.5617966666666667,
  "gcor": 0.0460544,
  "gsr_x": 0.012402516789734364,
  "gsr_y": 0.059748027473688126,
  "provenance": {
    "md5sum": "42b62b744f49e1cab6064008529f04b6",
    "settings": {
      "fd_thres": 0.2,
      "testing": false
    },
    "software": "mriqc",
    "version": "23.0.1",
    "webapi_port": null,
    "webapi_url": "https://mriqc.nimh.nih.gov/api/v1"
  },
  "size_t": 98,
  "size_x": 64,
  "size_y": 64,
  "size_z": 38,
  "snr": 8.05974906242826,
  "spacing_tr": 2.0,
  "spacing_x": 3.0,
  "spacing_y": 3.0,
  "spacing_z": 3.0,
  "summary_bg_k": 14.188323227742263,
  "summary_bg_mad": 9.213313281456363,
  "summary_bg_mean": 36.36384582519531,
  "summary_bg_median": 10.357142448425293,
  "summary_bg_n": 78292.0,
  "summary_bg_p05": 3.3775508403778076,
  "summary_bg_p95": 154.67805557250975,
  "summary_bg_stdv": 61.31721878051758,
  "summary_fg_k": 3.894889428228513,
  "summary_fg_mad": 49.765492637223204,
  "summary_fg_mean": 444.1597595214844,
  "summary_fg_median": 441.4285583496094,
  "summary_fg_n": 42452.0,
  "summary_fg_p05": 368.76632537841795,
  "summary_fg_p95": 531.110171508789,
  "summary_fg_stdv": 54.76887130737305,
  "tsnr": 62.22193729435094
}