{
  "aor": 0.01598835294117647,
  "aqi": 0.024268899647058827,
  "bids_meta": {
    "AccelFactPE": 2,
    "AcquisitionNumber": 1,
    "AcquisitionTime": "11:14:36.215000",
    "BandwidthPerPixelPhaseEncode": 43.879,
    "BodyPartExamined": "BRAIN",
    "ConversionSoftware": "dcm2niix",
    "ConversionSoftwareVersion": "v1.0.20170724 GCC4.4.7",
    "DeviceSerialNumber": "67025",
    "EchoTime": 0.025,
    "EchoTrainLength": 43,
    "EffectiveEchoSpacing": 0.000356093,
    "FlipAngle": 90,
    "ImageType": [
      "ORIGINAL",
      "PRIMARY",
      "M",
      "ND",
      "NORM",
      "MOSAIC"
    ],
    "InstitutionAddress": "McClintock_3520A_Los_Angeles_CA_US_90089",
    "InstitutionName": "USC",
    "MagneticFieldStrength": 3,
    "Manufacturer": "Siemens",
    "ManufacturersModelName": "Prisma_fit",
    "PhaseEncodingDirection": "j-",
    "PhaseEncodingLines": 64,
    "ProcedureStepDescription": "Mara_Steve",
    "ProtocolName": "prelearning3",
    "RepetitionTime": 2,
    "ScanningSequence": "EP",
    "SequenceName": "_epfid2d1_64",
    "SequenceVariant": "SK_OSP",
    "SeriesDescription": "prelearning3",
    "SliceTiming": [
      0.99,
      0,
      1.0425,
      0.0525,
      1.095,
      0.105,
      1.145,
      0.155,
      1.1975,
      0.2075,
      1.25,
      0.26,
      1.3025,
      0.3125,
      1.355,
      0.365,
      1.4075,
      0.4175,
      1.4575,
      0.4675,
      1.51,
      0.52,
      1.5625,
      0.5725,
      1.615,
      0.625,
      1.6675,
      0.6775,
      1.72,
      0.73,
      1.77,
      0.78,
      1.8225,
      0.8325,
      1.875,
      0.885,
      1.9275,
      0.9375
    ],
    "SoftwareVersions": "syngo_MR_D13D",
    "TaskName": "prelearning",
    "TotalReadoutTime": 0.0299118,
    "TrueEchoSpacing": 0.000712186,
    "dataset": "ds003425",
    "modality": "bold",
    "run_id": 3,
    "session_id": "01",
    "subject_id": "09",
    "task_id": "prelearning"
  },
  "dummy_trs": 0,
  "dvars_nstd": 37.095027106309516,
  "dvars_std": 1.3337662196428568,
  "dvars_vstd": 1.0710616939285715,
  "efc": 0.6209323866662985,
  "fber": 1785.398681640625,
  "fd_mean": 0.330456511255123,
  "fd_num": 43,
  "fd_perc": 50.588235294117645,
  "fwhm_avg": 1.5659244444444445,
  "fwhm_x": 1.4556833333333332,
  "fwhm_y": 1.7009333333333334,
  "fwhm_z": 1.5411566666666667,
  "gcor": 0.127004,
  "gsr_x": 0.013237516395747662,
  "gsr_y": 0.06136809289455414,
  "provenance": {
    "md5sum": "51cec3bbb00eb27ba113d112be00d3b5",
    "settings": {
      "fd_thres": 0.2,
      "testing": false
    },
    "software": "mriqc",
    "version": "23.0.1",
    "webapi_port": null,
    "webapi_url": "https://mriqc.nimh.nih.gov/api/v1"
  },
  "size_t": 85,
  "size_x": 64,
  "size_y": 64,
  "size_z": 38,
  "snr": 8.157920931820984,
  "spacing_tr": 2.0,
  "spacing_x": 3.0,
  "spacing_y": 3.0,
  "spacing_z": 3.0,
  "summary_bg_k": 14.349634822305358,
  "summary_bg_mad": 8.843286972358632,
  "summary_bg_mean": 35.58351516723633,
  "summary_bg_median": 10.023530006408691,
  "summary_bg_n": 78335.0,
  "summary_bg_p05": 3.3176472187042236,
  "summary_bg_p95": 149.2776428222657,
  "summary_bg_stdv": 59.74058532714844,
  "summary_fg_k": 3.702739487945185,
  "summary_fg_mad": 48.5247272368912,
  "summary_fg_mean": 441.0787353515625,
  "summary_fg_median": 438.54119873046875,
  "summary_fg_n": 42335.0,
  "summary_fg_p05": 366.6470642089844,
  "summary_fg_p95": 526.3294067382812,
  "summary_fg_stdv": 53.755855560302734,
  "tsnr": 42.40348294074647
}