{
  "aor": 0.0020596938775510206,
  "aqi": 0.01183507051020408,
  "bids_meta": {
    "AccelFactPE": 2,
    "AcquisitionNumber": 1,
    "AcquisitionTime": "10:58:34.865000",
    "BandwidthPerPixelPhaseEncode": 43.879,
    "BodyPartExamined": "BRAIN",
    "ConversionSoftware": "dcm2niix",
    "ConversionSoftwareVersion": "v1.0.20170724 GCC4.4.7",
    "DeviceSerialNumber": "67025",
    "EchoTime": 0.025,
    "EchoTrainLength": 43,
    "EffectiveEchoSpacing": 0.000356093,
    "FlipAngle": 90,
    "ImageType": [
      "ORIGINAL",
      "PRIMARY",
      "M",
      "ND",
      "NORM",
      "MOSAIC"
    ],
    "InstitutionAddress": "McClintock_3520A_Los_Angeles_CA_US_90089",
    "InstitutionName": "USC",
    "MagneticFieldStrength": 3,
    "Manufacturer": "Siemens",
    "ManufacturersModelName": "Prisma_fit",
    "PhaseEncodingDirection": "j-",
    "PhaseEncodingLines": 64,
    "ProcedureStepDescription": "Mara_Steve",
    "ProtocolName": "training5",
    "RepetitionTime": 2,
    "ScanningSequence": "EP",
    "SequenceName": "_epfid2d1_64",
    "SequenceVariant": "SK_OSP",
    "SeriesDescription": "training5",
    "SliceTiming": [
      0.99,
      0,
      1.0425,
      0.0525,
      1.095,
      0.105,
      1.1475,
      0.1575,
      1.2,
      0.21,
      1.2525,
      0.2625,
      1.3025,
      0.3125,
      1.355,
      0.365,
      1.4075,
      0.4175,
      1.46,
      0.47,
      1.5125,
      0.5225,
      1.565,
      0.575,
      1.615,
      0.6275,
      1.6675,
      0.6775,
      1.72,
      0.73,
      1.7725,
      0.7825,
      1.825,
      0.835,
      1.8775,
      0.8875,
      1.93,
      0.94
    ],
    "SoftwareVersions": "syngo_MR_D13D",
    "TaskName": "training",
    "TotalReadoutTime": 0.0299118,
    "TrueEchoSpacing": 0.000712186,
    "dataset": "ds003425",
    "modality": "bold",
    "run_id": 5,
    "session_id": "01",
    "subject_id": "09",
    "task_id": "training"
  },
  "dummy_trs": 0,
  "dvars_nstd": 28.288653953917517,
  "dvars_std": 1.4659655195876287,
  "dvars_vstd": 1.0105723206185566,
  "efc": 0.6221806124999315,
  "fber": 1664.1373291015625,
  "fd_mean": 0.13754650776194532,
  "fd_num": 15,
  "fd_perc": 15.306122448979592,
  "fwhm_avg": 1.5611,
  "fwhm_x": 1.4355466666666665,
  "fwhm_y": 1.68058,
  "fwhm_z": 1.5671733333333335,
  "gcor": 0.0290129,
  "gsr_x": 0.011847118847072124,
  "gsr_y": 0.060453902930021286,
  "provenance": {
    "md5sum": "ac5d1cbec0fcfc16586ae7bced720099",
    "settings": {
      "fd_thres": 0.2,
      "testing": false
    },
    "software": "mriqc",
    "version": "23.0.1",
    "webapi_port": null,
    "webapi_url": "https://mriqc.nimh.nih.gov/api/v1"
  },
  "size_t": 98,
  "size_x": 64,
  "size_y": 64,
  "size_z": 38,
  "snr": 7.995816882063524,
  "spacing_tr": 2.0,
  "spacing_x": 3.0,
  "spacing_y": 3.0,
  "spacing_z": 3.0,
  "summary_bg_k": 14.266576799043246,
  "summary_bg_mad": 9.19818504808377,
  "summary_bg_mean": 36.34209060668945,
  "summary_bg_median": 10.346938133239746,
  "summary_bg_n": 78107.0,
  "summary_bg_p05": 3.4285714626312256,
  "summary_bg_p95": 154.28775177001936,
  "summary_bg_stdv": 61.1867561340332,
  "summary_fg_k": 4.054967694353539,
  "summary_fg_mad": 49.69744351195977,
  "summary_fg_mean": 443.042236328125,
  "summary_fg_median": 440.4693908691406,
  "summary_fg_n": 42480.0,
  "summary_fg_p05": 367.4780532836914,
  "summary_fg_p95": 530.5413421630859,
  "summary_fg_stdv": 55.086830139160156,
  "tsnr": 71.40771266631782
}