{
  "bids_meta": {
    "AccelFactPE": 2,
    "AcquisitionNumber": 1,
    "AcquisitionTime": "13:45:54.790000",
    "BodyPartExamined": "BRAIN",
    "ConversionSoftware": "dcm2niix",
    "ConversionSoftwareVersion": "v1.0.20170724 GCC4.4.7",
    "DeviceSerialNumber": "67025",
    "EchoTime": 0.00226,
    "FlipAngle": 9,
    "ImageType": [
      "ORIGINAL",
      "PRIMARY",
      "M",
      "ND",
      "NORM"
    ],
    "InstitutionAddress": "McClintock_3520A_Los_Angeles_CA_US_90089",
    "InstitutionName": "USC",
    "InversionTime": 1.06,
    "MagneticFieldStrength": 3,
    "Manufacturer": "Siemens",
    "ManufacturersModelName": "Prisma_fit",
    "PhaseEncodingDirection": "i-",
    "PhaseEncodingLines": 224,
    "ProcedureStepDescription": "Mara_Steve",
    "ProtocolName": "t1_mprage_short_32channel",
    "RepetitionTime": 2.3,
    "ScanningSequence": "GR_IR",
    "SequenceName": "_tfl3d1_16ns",
    "SequenceVariant": "SK_SP_MP",
    "SeriesDescription": "t1_mprage_short_32channel",
    "SoftwareVersions": "syngo_MR_D13D",
    "dataset": "ds003425",
    "modality": "T1w",
    "session_id": "02",
    "subject_id": "01"
  },
  "cjv": 0.3618188659193418,
  "cnr": 3.7555147630043972,
  "efc": 0.5787309327708858,
  "fber": -1.0,
  "fwhm_avg": 4.452877180806979,
  "fwhm_x": 4.312921542420939,
  "fwhm_y": 4.48712,
  "fwhm_z": 4.55859,
  "icvs_csf": 0.20879562938041193,
  "icvs_gm": 0.43527949556141177,
  "icvs_wm": 0.3559248750581763,
  "inu_med": 0.29492175579071045,
  "inu_range": 0.07634566724300379,
  "provenance": {
    "md5sum": "3594204c623cec75240c5f8af384474c",
    "settings": {
      "testing": false
    },
    "software": "mriqc",
    "version": "23.0.1",
    "warnings": {
      "large_rot_frame": true,
      "small_air_mask": false
    },
    "webapi_port": null,
    "webapi_url": "https://mriqc.nimh.nih.gov/api/v1"
  },
  "qi_1": 0.00015394246656882766,
  "qi_2": 0.03464479892219221,
  "rpve_csf": 20.617751508526183,
  "rpve_gm": 10.319530581027044,
  "rpve_wm": 14.357838600961559,
  "size_x": 176,
  "size_y": 224,
  "size_z": 256,
  "snr_csf": 2.6632710256485135,
  "snr_gm": 16.29217336156856,
  "snr_total": 17.08605367548346,
  "snr_wm": 32.30271663923331,
  "snrd_csf": 109.05749019068446,
  "snrd_gm": 259.3165680888648,
  "snrd_total": 232.92890850092377,
  "snrd_wm": 330.4126672232221,
  "spacing_x": 0.9999996423721313,
  "spacing_y": 1.0,
  "spacing_z": 1.0,
  "summary_bg_k": 52.51797703311559,
  "summary_bg_mad": 0.0,
  "summary_bg_mean": 0.5342650162586122,
  "summary_bg_median": 0.0,
  "summary_bg_n": 2453771.0,
  "summary_bg_p05": 0.0,
  "summary_bg_p95": 3.6419864874333143,
  "summary_bg_stdv": 1.982862952162323,
  "summary_csf_k": 0.6186341776793314,
  "summary_csf_mad": 80.60210771736504,
  "summary_csf_mean": 323.501853125242,
  "summary_csf_median": 330.07791500352323,
  "summary_csf_n": 47729.0,
  "summary_csf_p05": 71.00856335833669,
  "summary_csf_p95": 519.4612123500556,
  "summary_csf_stdv": 123.93573690873924,
  "summary_gm_k": -0.026480561580363382,
  "summary_gm_mad": 48.74738251169982,
  "summary_gm_mean": 782.8393715534849,
  "summary_gm_median": 784.8582611884922,
  "summary_gm_n": 45051.0,
  "summary_gm_p05": 701.5401904284954,
  "summary_gm_p95": 858.9899805570021,
  "summary_gm_stdv": 48.17341019807658,
  "summary_wm_k": 0.9014350566352869,
  "summary_wm_mad": 29.109668393434607,
  "summary_wm_mean": 1000.6385392346479,
  "summary_wm_median": 1000.040658345446,
  "summary_wm_n": 209963.0,
  "summary_wm_p05": 951.7385582271963,
  "summary_wm_p95": 1052.023402908258,
  "summary_wm_stdv": 30.958333568119592,
  "tpm_overlap_csf": 0.1548062822571381,
  "tpm_overlap_gm": 0.4670836548218128,
  "tpm_overlap_wm": 0.5038292307213312,
  "wm2max": 0.8701181885902708
}