{
  "bids_meta": {
    "AccelFactPE": 2,
    "AcquisitionNumber": 1,
    "AcquisitionTime": "10:45:38.687500",
    "BodyPartExamined": "BRAIN",
    "ConversionSoftware": "dcm2niix",
    "ConversionSoftwareVersion": "v1.0.20170724 GCC4.4.7",
    "DeviceSerialNumber": "67025",
    "EchoTime": 0.00226,
    "FlipAngle": 9,
    "ImageType": [
      "ORIGINAL",
      "PRIMARY",
      "M",
      "ND",
      "NORM"
    ],
    "InstitutionAddress": "McClintock_3520A_Los_Angeles_CA_US_90089",
    "InstitutionName": "USC",
    "InversionTime": 1.06,
    "MagneticFieldStrength": 3,
    "Manufacturer": "Siemens",
    "ManufacturersModelName": "Prisma_fit",
    "PhaseEncodingDirection": "i-",
    "PhaseEncodingLines": 224,
    "ProcedureStepDescription": "Mara_Steve",
    "ProtocolName": "t1_mprage_short_32channel",
    "RepetitionTime": 2.3,
    "ScanningSequence": "GR_IR",
    "SequenceName": "_tfl3d1_16ns",
    "SequenceVariant": "SK_SP_MP",
    "SeriesDescription": "t1_mprage_short_32channel",
    "SoftwareVersions": "syngo_MR_D13D",
    "dataset": "ds003425",
    "modality": "T1w",
    "session_id": "01",
    "subject_id": "04"
  },
  "cjv": 0.32951279223850266,
  "cnr": 4.0545956836106205,
  "efc": 0.590141146216965,
  "fber": -1.0,
  "fwhm_avg": 4.369383853879955,
  "fwhm_x": 4.366661561639868,
  "fwhm_y": 4.40858,
  "fwhm_z": 4.33291,
  "icvs_csf": 0.1856386542302135,
  "icvs_gm": 0.46185676395687475,
  "icvs_wm": 0.3525045818129117,
  "inu_med": 0.2722713351249695,
  "inu_range": 0.06768862605094908,
  "provenance": {
    "md5sum": "66f16444ae0b2608a6fee3447b807102",
    "settings": {
      "testing": false
    },
    "software": "mriqc",
    "version": "23.0.1",
    "warnings": {
      "large_rot_frame": true,
      "small_air_mask": false
    },
    "webapi_port": null,
    "webapi_url": "https://mriqc.nimh.nih.gov/api/v1"
  },
  "qi_1": 0.0007706279879051046,
  "qi_2": 0.016991980167027625,
  "rpve_csf": 24.427777059986493,
  "rpve_gm": 10.821420096443772,
  "rpve_wm": 15.774042157665889,
  "size_x": 176,
  "size_y": 224,
  "size_z": 256,
  "snr_csf": 2.3890857190155246,
  "snr_gm": 17.22557137784854,
  "snr_total": 17.074374533537974,
  "snr_wm": 31.608466503749863,
  "snrd_csf": 90.74636490786672,
  "snrd_gm": 211.32215013049978,
  "snrd_total": 191.40591506438014,
  "snrd_wm": 272.1492301547739,
  "spacing_x": 0.9999996423721313,
  "spacing_y": 1.0,
  "spacing_z": 1.0,
  "summary_bg_k": 63.176303785856604,
  "summary_bg_mad": 0.0,
  "summary_bg_mean": 0.6396178484834919,
  "summary_bg_median": 0.0,
  "summary_bg_n": 2661956.0,
  "summary_bg_p05": 0.0,
  "summary_bg_p95": 3.6943017300218344,
  "summary_bg_stdv": 2.407368369478801,
  "summary_csf_k": -0.22867512563862924,
  "summary_csf_mad": 117.80526688225643,
  "summary_csf_mean": 315.3459176974806,
  "summary_csf_median": 333.4571678880602,
  "summary_csf_n": 31635.0,
  "summary_csf_p05": 62.02711966149509,
  "summary_csf_p95": 533.2301456864923,
  "summary_csf_stdv": 139.57301523708205,
  "summary_gm_k": 0.10039561367216088,
  "summary_gm_mad": 44.888396497732515,
  "summary_gm_mean": 775.3884612002707,
  "summary_gm_median": 776.5257128048688,
  "summary_gm_n": 50285.0,
  "summary_gm_p05": 700.3735646292567,
  "summary_gm_p95": 847.5388602498917,
  "summary_gm_stdv": 45.07937498775972,
  "summary_wm_k": 1.1275729491805722,
  "summary_wm_mad": 28.76284438164183,
  "summary_wm_mean": 1000.3595089685567,
  "summary_wm_median": 1000.0412867497653,
  "summary_wm_n": 186483.0,
  "summary_wm_p05": 950.0134242158383,
  "summary_wm_p95": 1052.646905071847,
  "summary_wm_stdv": 31.638314541684128,
  "tpm_overlap_csf": 0.14712110561044264,
  "tpm_overlap_gm": 0.47776487150801844,
  "tpm_overlap_wm": 0.4978002174307068,
  "wm2max": 0.8981797286275673
}