{
  "bids_meta": {
    "AccelFactPE": 2,
    "AcquisitionNumber": 1,
    "AcquisitionTime": "12:08:7.722500",
    "BodyPartExamined": "BRAIN",
    "ConversionSoftware": "dcm2niix",
    "ConversionSoftwareVersion": "v1.0.20170724 GCC4.4.7",
    "DeviceSerialNumber": "67025",
    "EchoTime": 0.00226,
    "FlipAngle": 9,
    "ImageType": [
      "ORIGINAL",
      "PRIMARY",
      "M",
      "ND",
      "NORM"
    ],
    "InstitutionAddress": "McClintock_3520A_Los_Angeles_CA_US_90089",
    "InstitutionName": "USC",
    "InversionTime": 1.06,
    "MagneticFieldStrength": 3,
    "Manufacturer": "Siemens",
    "ManufacturersModelName": "Prisma_fit",
    "PhaseEncodingDirection": "i-",
    "PhaseEncodingLines": 224,
    "ProcedureStepDescription": "Mara_Steve",
    "ProtocolName": "t1_mprage_short_32channel",
    "RepetitionTime": 2.3,
    "ScanningSequence": "GR_IR",
    "SequenceName": "_tfl3d1_16ns",
    "SequenceVariant": "SK_SP_MP",
    "SeriesDescription": "t1_mprage_short_32channel",
    "SoftwareVersions": "syngo_MR_D13D",
    "dataset": "ds003425",
    "modality": "T1w",
    "session_id": "01",
    "subject_id": "10"
  },
  "cjv": 0.3696556223096251,
  "cnr": 3.680379850780972,
  "efc": 0.5874896361994056,
  "fber": -1.0,
  "fwhm_avg": 4.539939140381173,
  "fwhm_x": 4.44664742114352,
  "fwhm_y": 4.58356,
  "fwhm_z": 4.58961,
  "icvs_csf": 0.23913771319243673,
  "icvs_gm": 0.41368570739054944,
  "icvs_wm": 0.3471765794170138,
  "inu_med": 0.31197114288806915,
  "inu_range": 0.09469341486692429,
  "provenance": {
    "md5sum": "f772c805a2619389a4e32046de371844",
    "settings": {
      "testing": false
    },
    "software": "mriqc",
    "version": "23.0.1",
    "warnings": {
      "large_rot_frame": true,
      "small_air_mask": false
    },
    "webapi_port": null,
    "webapi_url": "https://mriqc.nimh.nih.gov/api/v1"
  },
  "qi_1": 0.000735039550199468,
  "qi_2": 0.036217797040564784,
  "rpve_csf": 17.396457111857618,
  "rpve_gm": 10.089881128501402,
  "rpve_wm": 13.94938557544643,
  "size_x": 176,
  "size_y": 224,
  "size_z": 256,
  "snr_csf": 4.500011490043253,
  "snr_gm": 16.597490449371506,
  "snr_total": 17.481198274753517,
  "snr_wm": 31.346092884845792,
  "snrd_csf": 131.75826938665452,
  "snrd_gm": 299.17081495189956,
  "snrd_total": 270.00763587903094,
  "snrd_wm": 379.0938232985388,
  "spacing_x": 0.9999983310699463,
  "spacing_y": 1.0,
  "spacing_z": 1.0,
  "summary_bg_k": 84.12605684075157,
  "summary_bg_mad": 0.0,
  "summary_bg_mean": 0.4127514884895016,
  "summary_bg_median": 0.0,
  "summary_bg_n": 2426136.0,
  "summary_bg_p05": 0.0,
  "summary_bg_p95": 3.5697183087468147,
  "summary_bg_stdv": 1.7282018697760628,
  "summary_csf_k": 3.811042591091505,
  "summary_csf_mad": 51.27889304425049,
  "summary_csf_mean": 358.57581107839275,
  "summary_csf_median": 347.5686704516411,
  "summary_csf_n": 75708.0,
  "summary_csf_p05": 270.1743478632532,
  "summary_csf_p95": 501.9372207298875,
  "summary_csf_stdv": 77.23677500773434,
  "summary_gm_k": -0.08198907086423368,
  "summary_gm_mad": 47.72906407328286,
  "summary_gm_mean": 788.8855245595914,
  "summary_gm_median": 789.1907117087394,
  "summary_gm_n": 37880.0,
  "summary_gm_p05": 710.5263094659895,
  "summary_gm_p95": 867.8344357051885,
  "summary_gm_stdv": 47.54816983104945,
  "summary_wm_k": 0.7654483821519138,
  "summary_wm_mad": 30.20581742568814,
  "summary_wm_mean": 1001.1944643904933,
  "summary_wm_median": 1000.0217576753348,
  "summary_wm_n": 228828.0,
  "summary_wm_p05": 951.3081627059728,
  "summary_wm_p95": 1055.2217920105904,
  "summary_wm_stdv": 31.90252693539293,
  "tpm_overlap_csf": 0.16766569595375166,
  "tpm_overlap_gm": 0.4646141111527763,
  "tpm_overlap_wm": 0.5196070927107926,
  "wm2max": 0.8864171329345939
}