{
  "aor": 0.003209058823529412,
  "aqi": 0.005504964470588234,
  "bids_meta": {
    "AccelFactPE": 2,
    "AcquisitionNumber": 1,
    "AcquisitionTime": "11:19:29.097500",
    "BandwidthPerPixelPhaseEncode": 43.879,
    "BodyPartExamined": "BRAIN",
    "ConversionSoftware": "dcm2niix",
    "ConversionSoftwareVersion": "v1.0.20170724 GCC4.4.7",
    "DeviceSerialNumber": "67025",
    "EchoTime": 0.025,
    "EchoTrainLength": 43,
    "EffectiveEchoSpacing": 0.000356093,
    "FlipAngle": 90,
    "ImageType": [
      "ORIGINAL",
      "PRIMARY",
      "M",
      "ND",
      "NORM",
      "MOSAIC"
    ],
    "InstitutionAddress": "McClintock_3520A_Los_Angeles_CA_US_90089",
    "InstitutionName": "USC",
    "MagneticFieldStrength": 3,
    "Manufacturer": "Siemens",
    "ManufacturersModelName": "Prisma_fit",
    "PhaseEncodingDirection": "i",
    "PhaseEncodingLines": 64,
    "ProcedureStepDescription": "Mara_Steve",
    "ProtocolName": "prelearning3",
    "RepetitionTime": 2,
    "ScanningSequence": "EP",
    "SequenceName": "_epfid2d1_64",
    "SequenceVariant": "SK_OSP",
    "SeriesDescription": "prelearning3",
    "SliceTiming": [
      0.99,
      0,
      1.0425,
      0.0525,
      1.095,
      0.105,
      1.145,
      0.155,
      1.1975,
      0.2075,
      1.25,
      0.26,
      1.3025,
      0.3125,
      1.355,
      0.365,
      1.4075,
      0.4175,
      1.4575,
      0.4675,
      1.51,
      0.52,
      1.5625,
      0.5725,
      1.615,
      0.625,
      1.6675,
      0.6775,
      1.72,
      0.73,
      1.77,
      0.7825,
      1.8225,
      0.8325,
      1.875,
      0.885,
      1.9275,
      0.9375
    ],
    "SoftwareVersions": "syngo_MR_D13D",
    "TaskName": "prelearning",
    "TotalReadoutTime": 0.0299118,
    "TrueEchoSpacing": 0.000712186,
    "dataset": "ds003425",
    "modality": "bold",
    "run_id": 3,
    "session_id": "01",
    "subject_id": "06",
    "task_id": "prelearning"
  },
  "dummy_trs": 0,
  "dvars_nstd": 17.55029792988096,
  "dvars_std": 1.1588457255952378,
  "dvars_vstd": 1.029464336666667,
  "efc": 0.6084155517238355,
  "fber": 1453.005126953125,
  "fd_mean": 0.05587380581776109,
  "fd_num": 2,
  "fd_perc": 2.3529411764705883,
  "fwhm_avg": 1.6238955555555556,
  "fwhm_x": 1.5679733333333334,
  "fwhm_y": 1.6993233333333333,
  "fwhm_z": 1.6043900000000002,
  "gcor": 0.0284482,
  "gsr_x": 0.02334383875131607,
  "gsr_y": 0.02923061139881611,
  "provenance": {
    "md5sum": "a9922781884be635ac8feca1b7d65ab8",
    "settings": {
      "fd_thres": 0.2,
      "testing": false
    },
    "software": "mriqc",
    "version": "23.0.1",
    "webapi_port": null,
    "webapi_url": "https://mriqc.nimh.nih.gov/api/v1"
  },
  "size_t": 85,
  "size_x": 64,
  "size_y": 64,
  "size_z": 38,
  "snr": 8.38554538364934,
  "spacing_tr": 2.0,
  "spacing_x": 3.0,
  "spacing_y": 3.0,
  "spacing_z": 3.0,
  "summary_bg_k": 15.597014097062765,
  "summary_bg_mad": 10.343331303755894,
  "summary_bg_mean": 30.74057960510254,
  "summary_bg_median": 11.458824157714844,
  "summary_bg_n": 78973.0,
  "summary_bg_p05": 3.5764706134796143,
  "summary_bg_p95": 122.69176940917956,
  "summary_bg_stdv": 49.03291702270508,
  "summary_fg_k": 2.765161290011812,
  "summary_fg_mad": 47.356037805006444,
  "summary_fg_mean": 446.7560729980469,
  "summary_fg_median": 445.6470642089844,
  "summary_fg_n": 41203.0,
  "summary_fg_p05": 365.682373046875,
  "summary_fg_p95": 529.6341369628907,
  "summary_fg_stdv": 53.14402770996094,
  "tsnr": 92.29228780791163
}