{
  "aor": 0.001430918367346939,
  "aqi": 0.006303592142857143,
  "bids_meta": {
    "AccelFactPE": 2,
    "AcquisitionNumber": 1,
    "AcquisitionTime": "11:04:11.030000",
    "BandwidthPerPixelPhaseEncode": 43.879,
    "BodyPartExamined": "BRAIN",
    "ConversionSoftware": "dcm2niix",
    "ConversionSoftwareVersion": "v1.0.20170724 GCC4.4.7",
    "DeviceSerialNumber": "67025",
    "EchoTime": 0.025,
    "EchoTrainLength": 43,
    "EffectiveEchoSpacing": 0.000356093,
    "FlipAngle": 90,
    "ImageType": [
      "ORIGINAL",
      "PRIMARY",
      "M",
      "ND",
      "NORM",
      "MOSAIC"
    ],
    "InstitutionAddress": "McClintock_3520A_Los_Angeles_CA_US_90089",
    "InstitutionName": "USC",
    "MagneticFieldStrength": 3,
    "Manufacturer": "Siemens",
    "ManufacturersModelName": "Prisma_fit",
    "PhaseEncodingDirection": "i",
    "PhaseEncodingLines": 64,
    "ProcedureStepDescription": "Mara_Steve",
    "ProtocolName": "training5",
    "RepetitionTime": 2,
    "ScanningSequence": "EP",
    "SequenceName": "_epfid2d1_64",
    "SequenceVariant": "SK_OSP",
    "SeriesDescription": "training5",
    "SliceTiming": [
      0.99,
      0,
      1.0425,
      0.0525,
      1.0925,
      0.1025,
      1.145,
      0.155,
      1.1975,
      0.2075,
      1.25,
      0.26,
      1.3025,
      0.3125,
      1.355,
      0.365,
      1.405,
      0.415,
      1.4575,
      0.4675,
      1.51,
      0.52,
      1.5625,
      0.5725,
      1.615,
      0.625,
      1.6675,
      0.6775,
      1.7175,
      0.7275,
      1.77,
      0.78,
      1.8225,
      0.8325,
      1.875,
      0.885,
      1.9275,
      0.9375
    ],
    "SoftwareVersions": "syngo_MR_D13D",
    "TaskName": "training",
    "TotalReadoutTime": 0.0299118,
    "TrueEchoSpacing": 0.000712186,
    "dataset": "ds003425",
    "modality": "bold",
    "run_id": 5,
    "session_id": "01",
    "subject_id": "06",
    "task_id": "training"
  },
  "dummy_trs": 0,
  "dvars_nstd": 18.151734853505143,
  "dvars_std": 1.1698343180412372,
  "dvars_vstd": 1.0193127646391749,
  "efc": 0.6073785641082019,
  "fber": 1492.6007080078125,
  "fd_mean": 0.058549166445847976,
  "fd_num": 3,
  "fd_perc": 3.061224489795918,
  "fwhm_avg": 1.6165866666666666,
  "fwhm_x": 1.5575333333333334,
  "fwhm_y": 1.6912099999999999,
  "fwhm_z": 1.6010166666666665,
  "gcor": 0.0122194,
  "gsr_x": 0.022461090236902237,
  "gsr_y": 0.0295973289757967,
  "provenance": {
    "md5sum": "d965c556b1ad395dfdd76ba9ae2a32a7",
    "settings": {
      "fd_thres": 0.2,
      "testing": false
    },
    "software": "mriqc",
    "version": "23.0.1",
    "webapi_port": null,
    "webapi_url": "https://mriqc.nimh.nih.gov/api/v1"
  },
  "size_t": 98,
  "size_x": 64,
  "size_y": 64,
  "size_z": 38,
  "snr": 8.429869795887722,
  "spacing_tr": 2.0,
  "spacing_x": 3.0,
  "spacing_y": 3.0,
  "spacing_z": 3.0,
  "summary_bg_k": 15.693007445939433,
  "summary_bg_mad": 10.166415313604103,
  "summary_bg_mean": 30.492111206054688,
  "summary_bg_median": 11.326530456542969,
  "summary_bg_n": 79007.0,
  "summary_bg_p05": 3.5714285373687744,
  "summary_bg_p95": 122.14693832397455,
  "summary_bg_stdv": 48.88489532470703,
  "summary_fg_k": 2.7370953214238973,
  "summary_fg_mad": 47.76098439483876,
  "summary_fg_mean": 448.4227294921875,
  "summary_fg_median": 447.3061218261719,
  "summary_fg_n": 41043.0,
  "summary_fg_p05": 367.5010192871094,
  "summary_fg_p95": 531.2234680175782,
  "summary_fg_stdv": 53.061397552490234,
  "tsnr": 87.48958432674408
}