{
  "aor": 0.003991119999999999,
  "aqi": 0.00942594376,
  "bids_meta": {
    "AccelFactPE": 2,
    "AcquisitionNumber": 1,
    "AcquisitionTime": "11:47:31.775000",
    "BandwidthPerPixelPhaseEncode": 43.879,
    "BodyPartExamined": "BRAIN",
    "ConversionSoftware": "dcm2niix",
    "ConversionSoftwareVersion": "v1.0.20170724 GCC4.4.7",
    "DeviceSerialNumber": "67025",
    "EchoTime": 0.025,
    "EchoTrainLength": 43,
    "EffectiveEchoSpacing": 0.000356093,
    "FlipAngle": 90,
    "ImageType": [
      "ORIGINAL",
      "PRIMARY",
      "M",
      "ND",
      "NORM",
      "MOSAIC"
    ],
    "InstitutionAddress": "McClintock_3520A_Los_Angeles_CA_US_90089",
    "InstitutionName": "USC",
    "MagneticFieldStrength": 3,
    "Manufacturer": "Siemens",
    "ManufacturersModelName": "Prisma_fit",
    "PhaseEncodingDirection": "i",
    "PhaseEncodingLines": 64,
    "ProcedureStepDescription": "Mara_Steve",
    "ProtocolName": "learning6",
    "RepetitionTime": 2,
    "ScanningSequence": "EP",
    "SequenceName": "_epfid2d1_64",
    "SequenceVariant": "SK_OSP",
    "SeriesDescription": "learning6",
    "SliceTiming": [
      0.99,
      0,
      1.0425,
      0.0525,
      1.0925,
      0.1025,
      1.145,
      0.155,
      1.1975,
      0.2075,
      1.25,
      0.26,
      1.3025,
      0.3125,
      1.355,
      0.365,
      1.405,
      0.415,
      1.4575,
      0.4675,
      1.51,
      0.52,
      1.5625,
      0.5725,
      1.615,
      0.625,
      1.6675,
      0.6775,
      1.7175,
      0.73,
      1.77,
      0.78,
      1.8225,
      0.8325,
      1.875,
      0.885,
      1.9275,
      0.9375
    ],
    "SoftwareVersions": "syngo_MR_D13D",
    "TaskName": "learning",
    "TotalReadoutTime": 0.0299118,
    "TrueEchoSpacing": 0.000712186,
    "dataset": "ds003425",
    "modality": "bold",
    "run_id": 6,
    "session_id": "01",
    "subject_id": "06",
    "task_id": "learning"
  },
  "dummy_trs": 0,
  "dvars_nstd": 18.110370952096776,
  "dvars_std": 1.1390927047580648,
  "dvars_vstd": 1.0274146065322582,
  "efc": 0.6104457368221876,
  "fber": 1407.9781494140625,
  "fd_mean": 0.08666296508174719,
  "fd_num": 8,
  "fd_perc": 6.4,
  "fwhm_avg": 1.6367444444444443,
  "fwhm_x": 1.58134,
  "fwhm_y": 1.7113633333333331,
  "fwhm_z": 1.6175300000000001,
  "gcor": 0.0362318,
  "gsr_x": 0.02364618144929409,
  "gsr_y": 0.02905033715069294,
  "provenance": {
    "md5sum": "25513da07faf590fac2044d5a2c5bfa1",
    "settings": {
      "fd_thres": 0.2,
      "testing": false
    },
    "software": "mriqc",
    "version": "23.0.1",
    "webapi_port": null,
    "webapi_url": "https://mriqc.nimh.nih.gov/api/v1"
  },
  "size_t": 125,
  "size_x": 64,
  "size_y": 64,
  "size_z": 38,
  "snr": 8.351888792804715,
  "spacing_tr": 2.0,
  "spacing_x": 3.0,
  "spacing_y": 3.0,
  "spacing_z": 3.0,
  "summary_bg_k": 15.199810655587012,
  "summary_bg_mad": 10.556128333049356,
  "summary_bg_mean": 31.2882080078125,
  "summary_bg_median": 11.584000587463379,
  "summary_bg_n": 78817.0,
  "summary_bg_p05": 3.568000078201294,
  "summary_bg_p95": 125.66400909423828,
  "summary_bg_stdv": 49.79963302612305,
  "summary_fg_k": 2.873331569515237,
  "summary_fg_mad": 47.03999848322112,
  "summary_fg_mean": 446.2049865722656,
  "summary_fg_median": 445.3520202636719,
  "summary_fg_n": 41347.0,
  "summary_fg_p05": 364.338427734375,
  "summary_fg_p95": 528.5392089843749,
  "summary_fg_stdv": 53.3228645324707,
  "tsnr": 75.8779437749181
}