{
  "aor": 0.002327647058823529,
  "aqi": 0.0050862927058823535,
  "bids_meta": {
    "AccelFactPE": 2,
    "AcquisitionNumber": 1,
    "AcquisitionTime": "11:12:37.882500",
    "BandwidthPerPixelPhaseEncode": 43.879,
    "BodyPartExamined": "BRAIN",
    "ConversionSoftware": "dcm2niix",
    "ConversionSoftwareVersion": "v1.0.20170724 GCC4.4.7",
    "DeviceSerialNumber": "67025",
    "EchoTime": 0.025,
    "EchoTrainLength": 43,
    "EffectiveEchoSpacing": 0.000356093,
    "FlipAngle": 90,
    "ImageType": [
      "ORIGINAL",
      "PRIMARY",
      "M",
      "ND",
      "NORM",
      "MOSAIC"
    ],
    "InstitutionAddress": "McClintock_3520A_Los_Angeles_CA_US_90089",
    "InstitutionName": "USC",
    "MagneticFieldStrength": 3,
    "Manufacturer": "Siemens",
    "ManufacturersModelName": "Prisma_fit",
    "PhaseEncodingDirection": "i",
    "PhaseEncodingLines": 64,
    "ProcedureStepDescription": "Mara_Steve",
    "ProtocolName": "prelearning1",
    "RepetitionTime": 2,
    "ScanningSequence": "EP",
    "SequenceName": "_epfid2d1_64",
    "SequenceVariant": "SK_OSP",
    "SeriesDescription": "prelearning1",
    "SliceTiming": [
      0.99,
      0,
      1.0425,
      0.0525,
      1.0925,
      0.1025,
      1.145,
      0.155,
      1.1975,
      0.2075,
      1.25,
      0.26,
      1.3025,
      0.3125,
      1.355,
      0.365,
      1.405,
      0.415,
      1.4575,
      0.4675,
      1.51,
      0.52,
      1.5625,
      0.5725,
      1.615,
      0.625,
      1.6675,
      0.6775,
      1.7175,
      0.73,
      1.77,
      0.78,
      1.8225,
      0.8325,
      1.875,
      0.885,
      1.9275,
      0.9375
    ],
    "SoftwareVersions": "syngo_MR_D13D",
    "TaskName": "prelearning",
    "TotalReadoutTime": 0.0299118,
    "TrueEchoSpacing": 0.000712186,
    "dataset": "ds003425",
    "modality": "bold",
    "run_id": 1,
    "session_id": "01",
    "subject_id": "06",
    "task_id": "prelearning"
  },
  "dummy_trs": 0,
  "dvars_nstd": 17.73447662261905,
  "dvars_std": 1.165039189642857,
  "dvars_vstd": 1.029791145238095,
  "efc": 0.6078950909833346,
  "fber": 1443.23779296875,
  "fd_mean": 0.06293778534577944,
  "fd_num": 2,
  "fd_perc": 2.3529411764705883,
  "fwhm_avg": 1.6206322222222223,
  "fwhm_x": 1.5647399999999998,
  "fwhm_y": 1.6879066666666667,
  "fwhm_z": 1.60925,
  "gcor": 0.0136367,
  "gsr_x": 0.023256294429302216,
  "gsr_y": 0.029297923669219017,
  "provenance": {
    "md5sum": "dd1920d1d01030ae65b2836348e78e06",
    "settings": {
      "fd_thres": 0.2,
      "testing": false
    },
    "software": "mriqc",
    "version": "23.0.1",
    "webapi_port": null,
    "webapi_url": "https://mriqc.nimh.nih.gov/api/v1"
  },
  "size_t": 85,
  "size_x": 64,
  "size_y": 64,
  "size_z": 38,
  "snr": 8.418761149666746,
  "spacing_tr": 2.0,
  "spacing_x": 3.0,
  "spacing_y": 3.0,
  "spacing_z": 3.0,
  "summary_bg_k": 15.581016593131206,
  "summary_bg_mad": 10.308445664052917,
  "summary_bg_mean": 30.674280166625977,
  "summary_bg_median": 11.494117736816406,
  "summary_bg_n": 79012.0,
  "summary_bg_p05": 3.6000001430511475,
  "summary_bg_p95": 122.47058868408203,
  "summary_bg_stdv": 48.91324234008789,
  "summary_fg_k": 2.868642248213101,
  "summary_fg_mad": 47.46073572778544,
  "summary_fg_mean": 449.0268249511719,
  "summary_fg_median": 447.7411804199219,
  "summary_fg_n": 41102.0,
  "summary_fg_p05": 368.5294189453125,
  "summary_fg_p95": 531.7170623779297,
  "summary_fg_stdv": 53.18309020996094,
  "tsnr": 94.9483384937048
}