{
  "aor": 0.001642551020408163,
  "aqi": 0.00546287551020408,
  "bids_meta": {
    "AccelFactPE": 2,
    "AcquisitionNumber": 1,
    "AcquisitionTime": "10:52:53.927500",
    "BandwidthPerPixelPhaseEncode": 43.879,
    "BodyPartExamined": "BRAIN",
    "ConversionSoftware": "dcm2niix",
    "ConversionSoftwareVersion": "v1.0.20170724 GCC4.4.7",
    "DeviceSerialNumber": "67025",
    "EchoTime": 0.025,
    "EchoTrainLength": 43,
    "EffectiveEchoSpacing": 0.000356093,
    "FlipAngle": 90,
    "ImageType": [
      "ORIGINAL",
      "PRIMARY",
      "M",
      "ND",
      "NORM",
      "MOSAIC"
    ],
    "InstitutionAddress": "McClintock_3520A_Los_Angeles_CA_US_90089",
    "InstitutionName": "USC",
    "MagneticFieldStrength": 3,
    "Manufacturer": "Siemens",
    "ManufacturersModelName": "Prisma_fit",
    "PhaseEncodingDirection": "i",
    "PhaseEncodingLines": 64,
    "ProcedureStepDescription": "Mara_Steve",
    "ProtocolName": "training2",
    "RepetitionTime": 2,
    "ScanningSequence": "EP",
    "SequenceName": "_epfid2d1_64",
    "SequenceVariant": "SK_OSP",
    "SeriesDescription": "training2",
    "SliceTiming": [
      0.99,
      0,
      1.0425,
      0.0525,
      1.0925,
      0.1025,
      1.145,
      0.155,
      1.1975,
      0.2075,
      1.25,
      0.26,
      1.3025,
      0.3125,
      1.355,
      0.365,
      1.405,
      0.415,
      1.4575,
      0.4675,
      1.51,
      0.52,
      1.5625,
      0.5725,
      1.615,
      0.625,
      1.6675,
      0.6775,
      1.7175,
      0.73,
      1.77,
      0.78,
      1.8225,
      0.8325,
      1.875,
      0.885,
      1.9275,
      0.9375
    ],
    "SoftwareVersions": "syngo_MR_D13D",
    "TaskName": "training",
    "TotalReadoutTime": 0.0299118,
    "TrueEchoSpacing": 0.000712186,
    "dataset": "ds003425",
    "modality": "bold",
    "run_id": 2,
    "session_id": "01",
    "subject_id": "06",
    "task_id": "training"
  },
  "dummy_trs": 0,
  "dvars_nstd": 19.164327858144325,
  "dvars_std": 1.2350834088659792,
  "dvars_vstd": 1.0324156388659795,
  "efc": 0.6062183843928773,
  "fber": 1516.7584228515625,
  "fd_mean": 0.05772893800237384,
  "fd_num": 1,
  "fd_perc": 1.0204081632653061,
  "fwhm_avg": 1.6220977777777776,
  "fwhm_x": 1.5550066666666666,
  "fwhm_y": 1.7012733333333332,
  "fwhm_z": 1.6100133333333335,
  "gcor": 0.0125354,
  "gsr_x": 0.021579192951321602,
  "gsr_y": 0.03053206391632557,
  "provenance": {
    "md5sum": "01f3438e0aa8d8ddc4c39b1a84b3ae6e",
    "settings": {
      "fd_thres": 0.2,
      "testing": false
    },
    "software": "mriqc",
    "version": "23.0.1",
    "webapi_port": null,
    "webapi_url": "https://mriqc.nimh.nih.gov/api/v1"
  },
  "size_t": 98,
  "size_x": 64,
  "size_y": 64,
  "size_z": 38,
  "snr": 8.382011140753788,
  "spacing_tr": 2.0,
  "spacing_x": 3.0,
  "spacing_y": 3.0,
  "spacing_z": 3.0,
  "summary_bg_k": 16.198697604522316,
  "summary_bg_mad": 10.000000504746602,
  "summary_bg_mean": 30.1574649810791,
  "summary_bg_median": 11.193877220153809,
  "summary_bg_n": 79072.0,
  "summary_bg_p05": 3.551020383834839,
  "summary_bg_p95": 121.23468780517578,
  "summary_bg_stdv": 48.7907600402832,
  "summary_fg_k": 2.801918616182701,
  "summary_fg_mad": 48.05598459212442,
  "summary_fg_mean": 448.7994384765625,
  "summary_fg_median": 447.7908020019531,
  "summary_fg_n": 41002.0,
  "summary_fg_p05": 367.6734619140625,
  "summary_fg_p95": 531.8362213134766,
  "summary_fg_stdv": 53.422183990478516,
  "tsnr": 92.24427122273482
}