{
  "aor": 0.001621122448979592,
  "aqi": 0.005643647653061225,
  "bids_meta": {
    "AccelFactPE": 2,
    "AcquisitionNumber": 1,
    "AcquisitionTime": "10:49:5.082500",
    "BandwidthPerPixelPhaseEncode": 43.879,
    "BodyPartExamined": "BRAIN",
    "ConversionSoftware": "dcm2niix",
    "ConversionSoftwareVersion": "v1.0.20170724 GCC4.4.7",
    "DeviceSerialNumber": "67025",
    "EchoTime": 0.025,
    "EchoTrainLength": 43,
    "EffectiveEchoSpacing": 0.000356093,
    "FlipAngle": 90,
    "ImageType": [
      "ORIGINAL",
      "PRIMARY",
      "M",
      "ND",
      "NORM",
      "MOSAIC"
    ],
    "InstitutionAddress": "McClintock_3520A_Los_Angeles_CA_US_90089",
    "InstitutionName": "USC",
    "MagneticFieldStrength": 3,
    "Manufacturer": "Siemens",
    "ManufacturersModelName": "Prisma_fit",
    "PhaseEncodingDirection": "i",
    "PhaseEncodingLines": 64,
    "ProcedureStepDescription": "Mara_Steve",
    "ProtocolName": "training1",
    "RepetitionTime": 2,
    "ScanningSequence": "EP",
    "SequenceName": "_epfid2d1_64",
    "SequenceVariant": "SK_OSP",
    "SeriesDescription": "training1",
    "SliceTiming": [
      0.99,
      0,
      1.04,
      0.0525,
      1.0925,
      0.1025,
      1.145,
      0.155,
      1.1975,
      0.2075,
      1.25,
      0.26,
      1.3025,
      0.3125,
      1.355,
      0.365,
      1.405,
      0.415,
      1.4575,
      0.4675,
      1.51,
      0.52,
      1.5625,
      0.5725,
      1.615,
      0.625,
      1.6675,
      0.6775,
      1.7175,
      0.7275,
      1.77,
      0.78,
      1.8225,
      0.8325,
      1.875,
      0.885,
      1.9275,
      0.9375
    ],
    "SoftwareVersions": "syngo_MR_D13D",
    "TaskName": "training",
    "TotalReadoutTime": 0.0299118,
    "TrueEchoSpacing": 0.000712186,
    "dataset": "ds003425",
    "modality": "bold",
    "run_id": 1,
    "session_id": "01",
    "subject_id": "06",
    "task_id": "training"
  },
  "dummy_trs": 0,
  "dvars_nstd": 19.351802982989685,
  "dvars_std": 1.2204746665979378,
  "dvars_vstd": 1.0339049442268038,
  "efc": 0.6055618429674657,
  "fber": 1498.6767578125,
  "fd_mean": 0.07016630219151015,
  "fd_num": 3,
  "fd_perc": 3.061224489795918,
  "fwhm_avg": 1.6353866666666665,
  "fwhm_x": 1.56973,
  "fwhm_y": 1.7074833333333332,
  "fwhm_z": 1.6289466666666668,
  "gcor": 0.0295149,
  "gsr_x": 0.021190816536545753,
  "gsr_y": 0.02959119714796543,
  "provenance": {
    "md5sum": "91a8ecd21e221d5c3b58ce9380041cdb",
    "settings": {
      "fd_thres": 0.2,
      "testing": false
    },
    "software": "mriqc",
    "version": "23.0.1",
    "webapi_port": null,
    "webapi_url": "https://mriqc.nimh.nih.gov/api/v1"
  },
  "size_t": 98,
  "size_x": 64,
  "size_y": 64,
  "size_z": 38,
  "snr": 8.306154651582412,
  "spacing_tr": 2.0,
  "spacing_x": 3.0,
  "spacing_y": 3.0,
  "spacing_z": 3.0,
  "summary_bg_k": 16.09047433604027,
  "summary_bg_mad": 9.848715343181352,
  "summary_bg_mean": 29.475454330444336,
  "summary_bg_median": 11.122448921203613,
  "summary_bg_n": 79148.0,
  "summary_bg_p05": 3.540816307067871,
  "summary_bg_p95": 117.65969123840325,
  "summary_bg_stdv": 47.42243957519531,
  "summary_fg_k": 2.9953185168816487,
  "summary_fg_mad": 47.23147713888261,
  "summary_fg_mean": 443.8195495605469,
  "summary_fg_median": 442.6428527832031,
  "summary_fg_n": 41044.0,
  "summary_fg_p05": 361.5831634521484,
  "summary_fg_p95": 526.3540588378906,
  "summary_fg_stdv": 53.29029846191406,
  "tsnr": 89.52959556598216
}