{
  "aor": 0.0023221600000000006,
  "aqi": 0.0066309839200000015,
  "bids_meta": {
    "AccelFactPE": 2,
    "AcquisitionNumber": 1,
    "AcquisitionTime": "11:33:3.660000",
    "BandwidthPerPixelPhaseEncode": 43.879,
    "BodyPartExamined": "BRAIN",
    "ConversionSoftware": "dcm2niix",
    "ConversionSoftwareVersion": "v1.0.20170724 GCC4.4.7",
    "DeviceSerialNumber": "67025",
    "EchoTime": 0.025,
    "EchoTrainLength": 43,
    "EffectiveEchoSpacing": 0.000356093,
    "FlipAngle": 90,
    "ImageType": [
      "ORIGINAL",
      "PRIMARY",
      "M",
      "ND",
      "NORM",
      "MOSAIC"
    ],
    "InstitutionAddress": "McClintock_3520A_Los_Angeles_CA_US_90089",
    "InstitutionName": "USC",
    "MagneticFieldStrength": 3,
    "Manufacturer": "Siemens",
    "ManufacturersModelName": "Prisma_fit",
    "PhaseEncodingDirection": "i",
    "PhaseEncodingLines": 64,
    "ProcedureStepDescription": "Mara_Steve",
    "ProtocolName": "learning3",
    "RepetitionTime": 2,
    "ScanningSequence": "EP",
    "SequenceName": "_epfid2d1_64",
    "SequenceVariant": "SK_OSP",
    "SeriesDescription": "learning3",
    "SliceTiming": [
      0.99,
      0,
      1.0425,
      0.0525,
      1.0925,
      0.1025,
      1.145,
      0.155,
      1.1975,
      0.2075,
      1.25,
      0.26,
      1.3025,
      0.3125,
      1.355,
      0.365,
      1.405,
      0.4175,
      1.4575,
      0.4675,
      1.51,
      0.52,
      1.5625,
      0.5725,
      1.615,
      0.625,
      1.6675,
      0.6775,
      1.72,
      0.73,
      1.77,
      0.78,
      1.8225,
      0.8325,
      1.875,
      0.885,
      1.9275,
      0.9375
    ],
    "SoftwareVersions": "syngo_MR_D13D",
    "TaskName": "learning",
    "TotalReadoutTime": 0.0299118,
    "TrueEchoSpacing": 0.000712186,
    "dataset": "ds003425",
    "modality": "bold",
    "run_id": 3,
    "session_id": "01",
    "subject_id": "06",
    "task_id": "learning"
  },
  "dummy_trs": 0,
  "dvars_nstd": 17.97113880016129,
  "dvars_std": 1.1407576456451607,
  "dvars_vstd": 1.0230203443548387,
  "efc": 0.6089932605577224,
  "fber": 1414.055419921875,
  "fd_mean": 0.08566280224576307,
  "fd_num": 14,
  "fd_perc": 11.2,
  "fwhm_avg": 1.6324944444444442,
  "fwhm_x": 1.5687533333333334,
  "fwhm_y": 1.70156,
  "fwhm_z": 1.6271699999999998,
  "gcor": 0.0298929,
  "gsr_x": 0.023001469671726227,
  "gsr_y": 0.029304398223757744,
  "provenance": {
    "md5sum": "09b96bbf0c898b09367b30bb2e800405",
    "settings": {
      "fd_thres": 0.2,
      "testing": false
    },
    "software": "mriqc",
    "version": "23.0.1",
    "webapi_port": null,
    "webapi_url": "https://mriqc.nimh.nih.gov/api/v1"
  },
  "size_t": 125,
  "size_x": 64,
  "size_y": 64,
  "size_z": 38,
  "snr": 8.373593292032156,
  "spacing_tr": 2.0,
  "spacing_x": 3.0,
  "spacing_y": 3.0,
  "spacing_z": 3.0,
  "summary_bg_k": 15.516950663135834,
  "summary_bg_mad": 10.615432365232794,
  "summary_bg_mean": 30.965438842773438,
  "summary_bg_median": 11.640000343322754,
  "summary_bg_n": 78927.0,
  "summary_bg_p05": 3.5840001106262207,
  "summary_bg_p95": 123.53040771484353,
  "summary_bg_stdv": 49.30904769897461,
  "summary_fg_k": 2.8720952633149253,
  "summary_fg_mad": 47.538150656858406,
  "summary_fg_mean": 447.62347412109375,
  "summary_fg_median": 446.5840148925781,
  "summary_fg_n": 41229.0,
  "summary_fg_p05": 365.9360046386719,
  "summary_fg_p95": 530.7568115234375,
  "summary_fg_stdv": 53.3317756652832,
  "tsnr": 84.5606466718018
}