{
  "aor": 0.0018280708661417323,
  "aqi": 0.04373078897637794,
  "bids_meta": {
    "AccelFactPE": 2,
    "AcquisitionNumber": 1,
    "AcquisitionTime": "11:57:16.355000",
    "BandwidthPerPixelPhaseEncode": 35.613,
    "BodyPartExamined": "BRAIN",
    "ConversionSoftware": "dcm2niix",
    "ConversionSoftwareVersion": "v1.0.20170724 GCC4.4.7",
    "DeviceSerialNumber": "67025",
    "EchoTime": 0.03,
    "EchoTrainLength": 51,
    "EffectiveEchoSpacing": 0.000359995,
    "FlipAngle": 65,
    "ImageType": [
      "ORIGINAL",
      "PRIMARY",
      "M",
      "ND",
      "NORM",
      "MOSAIC"
    ],
    "InstitutionAddress": "McClintock_3520A_Los_Angeles_CA_US_90089",
    "InstitutionName": "USC",
    "MagneticFieldStrength": 3,
    "Manufacturer": "Siemens",
    "ManufacturersModelName": "Prisma_fit",
    "PhaseEncodingDirection": "i-",
    "PhaseEncodingLines": 78,
    "ProcedureStepDescription": "Mara_Steve",
    "ProtocolName": "wedge_shorter",
    "RepetitionTime": 1.2,
    "ScanningSequence": "EP",
    "SequenceName": "_epfid2d1_78",
    "SequenceVariant": "SK_OSP",
    "SeriesDescription": "wedge_shorter",
    "SliceTiming": [
      0.59,
      0,
      0.6475,
      0.0575,
      0.7075,
      0.1175,
      0.765,
      0.1775,
      0.825,
      0.235,
      0.885,
      0.295,
      0.9425,
      0.3525,
      1.0025,
      0.4125,
      1.06,
      0.4725,
      1.12,
      0.53
    ],
    "SoftwareVersions": "syngo_MR_D13D",
    "TaskName": "wedge",
    "TotalReadoutTime": 0.0363595,
    "TrueEchoSpacing": 0.000719991,
    "dataset": "ds003425",
    "modality": "bold",
    "run_id": 1,
    "session_id": "02",
    "subject_id": "05",
    "task_id": "wedge"
  },
  "dummy_trs": 0,
  "dvars_nstd": 37.83703709806326,
  "dvars_std": 1.238611850118577,
  "dvars_vstd": 0.9836150613833994,
  "efc": 0.5180086351494229,
  "fber": 1381.2774658203125,
  "fd_mean": 0.11850673646587209,
  "fd_num": 28,
  "fd_perc": 11.023622047244094,
  "fwhm_avg": 1.5640711713421256,
  "fwhm_x": 1.5691649415440507,
  "fwhm_y": 1.4097605724823261,
  "fwhm_z": 1.713288,
  "gcor": 0.0148478,
  "gsr_x": -0.01854981854557991,
  "gsr_y": 0.0309466365724802,
  "provenance": {
    "md5sum": "7da8944abad539fb72c9b06c6cb5f838",
    "settings": {
      "fd_thres": 0.2,
      "testing": false
    },
    "software": "mriqc",
    "version": "23.0.1",
    "webapi_port": null,
    "webapi_url": "https://mriqc.nimh.nih.gov/api/v1"
  },
  "size_t": 254,
  "size_x": 78,
  "size_y": 78,
  "size_z": 20,
  "snr": 8.167948807065372,
  "spacing_tr": 1.2000000476837158,
  "spacing_x": 2.461538553237915,
  "spacing_y": 2.461538553237915,
  "spacing_z": 2.5,
  "summary_bg_k": 17.586949705326205,
  "summary_bg_mad": 4.757168034761009,
  "summary_bg_mean": 19.129518508911133,
  "summary_bg_median": 7.988188743591309,
  "summary_bg_n": 76770.0,
  "summary_bg_p05": 3.8740158081054688,
  "summary_bg_p95": 82.6836578369141,
  "summary_bg_stdv": 29.08709144592285,
  "summary_fg_k": 8.841360798058998,
  "summary_fg_mad": 28.367888603338784,
  "summary_fg_mean": 304.3800048828125,
  "summary_fg_median": 305.47637939453125,
  "summary_fg_n": 17561.0,
  "summary_fg_p05": 253.6811065673828,
  "summary_fg_p95": 356.2480163574219,
  "summary_fg_stdv": 37.39833450317383,
  "tsnr": 38.61024316691328
}