{
  "aor": 0.0022233992094861663,
  "aqi": 0.04873626482213439,
  "bids_meta": {
    "AccelFactPE": 2,
    "AcquisitionNumber": 1,
    "AcquisitionTime": "12:03:29.875000",
    "BandwidthPerPixelPhaseEncode": 35.613,
    "BodyPartExamined": "BRAIN",
    "ConversionSoftware": "dcm2niix",
    "ConversionSoftwareVersion": "v1.0.20170724 GCC4.4.7",
    "DeviceSerialNumber": "67025",
    "EchoTime": 0.03,
    "EchoTrainLength": 51,
    "EffectiveEchoSpacing": 0.000359995,
    "FlipAngle": 65,
    "ImageType": [
      "ORIGINAL",
      "PRIMARY",
      "M",
      "ND",
      "NORM",
      "MOSAIC"
    ],
    "InstitutionAddress": "McClintock_3520A_Los_Angeles_CA_US_90089",
    "InstitutionName": "USC",
    "MagneticFieldStrength": 3,
    "Manufacturer": "Siemens",
    "ManufacturersModelName": "Prisma_fit",
    "PhaseEncodingDirection": "i-",
    "PhaseEncodingLines": 78,
    "ProcedureStepDescription": "Mara_Steve",
    "ProtocolName": "ring_shorter",
    "RepetitionTime": 1.2,
    "ScanningSequence": "EP",
    "SequenceName": "_epfid2d1_78",
    "SequenceVariant": "SK_OSP",
    "SeriesDescription": "ring_shorter",
    "SliceTiming": [
      0.59,
      0,
      0.6475,
      0.0575,
      0.7075,
      0.1175,
      0.7675,
      0.1775,
      0.825,
      0.235,
      0.885,
      0.295,
      0.9425,
      0.3525,
      1.0025,
      0.4125,
      1.0625,
      0.4725,
      1.12,
      0.53
    ],
    "SoftwareVersions": "syngo_MR_D13D",
    "TaskName": "ring",
    "TotalReadoutTime": 0.0363595,
    "TrueEchoSpacing": 0.000719991,
    "dataset": "ds003425",
    "modality": "bold",
    "run_id": 1,
    "session_id": "02",
    "subject_id": "05",
    "task_id": "ring"
  },
  "dummy_trs": 1,
  "dvars_nstd": 38.48567681861112,
  "dvars_std": 1.242908686944445,
  "dvars_vstd": 0.9912113573809523,
  "efc": 0.5190767189628729,
  "fber": 1402.243408203125,
  "fd_mean": 0.1258270214704276,
  "fd_num": 35,
  "fd_perc": 13.83399209486166,
  "fwhm_avg": 1.5716135040918922,
  "fwhm_x": 1.625178689457376,
  "fwhm_y": 1.4007418228183006,
  "fwhm_z": 1.68892,
  "gcor": 0.0192791,
  "gsr_x": -0.018701964989304543,
  "gsr_y": 0.029739534482359886,
  "provenance": {
    "md5sum": "0c87e7ad3f710438580a67a872751e38",
    "settings": {
      "fd_thres": 0.2,
      "testing": false
    },
    "software": "mriqc",
    "version": "23.0.1",
    "webapi_port": null,
    "webapi_url": "https://mriqc.nimh.nih.gov/api/v1"
  },
  "size_t": 253,
  "size_x": 78,
  "size_y": 78,
  "size_z": 20,
  "snr": 8.216293404923286,
  "spacing_tr": 1.2000000476837158,
  "spacing_x": 2.461538553237915,
  "spacing_y": 2.461538553237915,
  "spacing_z": 2.5,
  "summary_bg_k": 16.707997271883958,
  "summary_bg_mad": 4.734951115186865,
  "summary_bg_mean": 19.377487182617188,
  "summary_bg_median": 7.97233247756958,
  "summary_bg_n": 76628.0,
  "summary_bg_p05": 3.869565486907959,
  "summary_bg_p95": 84.26047668457018,
  "summary_bg_stdv": 29.614286422729492,
  "summary_fg_k": 7.920937923174016,
  "summary_fg_mad": 29.511398953967486,
  "summary_fg_mean": 306.4122009277344,
  "summary_fg_median": 307.6146240234375,
  "summary_fg_n": 17662.0,
  "summary_fg_p05": 254.79507217407226,
  "summary_fg_p95": 359.94014129638674,
  "summary_fg_stdv": 37.43852615356445,
  "tsnr": 37.37958566460293
}