{
  "aor": 0.0017880799999999998,
  "aqi": 0.017280532480000003,
  "bids_meta": {
    "AccelFactPE": 2,
    "AcquisitionNumber": 1,
    "AcquisitionTime": "12:29:35.867500",
    "BandwidthPerPixelPhaseEncode": 43.879,
    "BodyPartExamined": "BRAIN",
    "ConversionSoftware": "dcm2niix",
    "ConversionSoftwareVersion": "v1.0.20170724 GCC4.4.7",
    "DeviceSerialNumber": "67025",
    "EchoTime": 0.025,
    "EchoTrainLength": 43,
    "EffectiveEchoSpacing": 0.000356093,
    "FlipAngle": 90,
    "ImageType": [
      "ORIGINAL",
      "PRIMARY",
      "M",
      "ND",
      "NORM",
      "MOSAIC"
    ],
    "InstitutionAddress": "McClintock_3520A_Los_Angeles_CA_US_90089",
    "InstitutionName": "USC",
    "MagneticFieldStrength": 3,
    "Manufacturer": "Siemens",
    "ManufacturersModelName": "Prisma_fit",
    "PhaseEncodingDirection": "j-",
    "PhaseEncodingLines": 64,
    "ProcedureStepDescription": "Mara_Steve",
    "ProtocolName": "regulate5",
    "RepetitionTime": 2,
    "ScanningSequence": "EP",
    "SequenceName": "_epfid2d1_64",
    "SequenceVariant": "SK_OSP",
    "SeriesDescription": "regulate5",
    "SliceTiming": [
      0.99,
      0,
      1.0425,
      0.0525,
      1.0925,
      0.1025,
      1.145,
      0.155,
      1.1975,
      0.2075,
      1.25,
      0.26,
      1.3025,
      0.3125,
      1.355,
      0.365,
      1.405,
      0.415,
      1.4575,
      0.4675,
      1.51,
      0.52,
      1.5625,
      0.5725,
      1.615,
      0.625,
      1.6675,
      0.6775,
      1.7175,
      0.7275,
      1.77,
      0.78,
      1.8225,
      0.8325,
      1.875,
      0.885,
      1.9275,
      0.9375
    ],
    "SoftwareVersions": "syngo_MR_D13D",
    "TaskName": "regulate",
    "TotalReadoutTime": 0.0299118,
    "TrueEchoSpacing": 0.000712186,
    "dataset": "ds003425",
    "modality": "bold",
    "run_id": 5,
    "session_id": "02",
    "subject_id": "05",
    "task_id": "regulate"
  },
  "dummy_trs": 0,
  "dvars_nstd": 20.281301952258058,
  "dvars_std": 1.0484087151612902,
  "dvars_vstd": 0.957496246935484,
  "efc": 0.5902263417272425,
  "fber": 2440.236083984375,
  "fd_mean": 0.17104498891086048,
  "fd_num": 39,
  "fd_perc": 31.2,
  "fwhm_avg": 1.6360044444444444,
  "fwhm_x": 1.5294666666666668,
  "fwhm_y": 1.7307233333333334,
  "fwhm_z": 1.6478233333333332,
  "gcor": 0.0320923,
  "gsr_x": -0.0038670471403747797,
  "gsr_y": 0.03259015083312988,
  "provenance": {
    "md5sum": "5cef8a7f4cd0166b3f5ef4d332be60d9",
    "settings": {
      "fd_thres": 0.2,
      "testing": false
    },
    "software": "mriqc",
    "version": "23.0.1",
    "webapi_port": null,
    "webapi_url": "https://mriqc.nimh.nih.gov/api/v1"
  },
  "size_t": 125,
  "size_x": 64,
  "size_y": 64,
  "size_z": 38,
  "snr": 8.216629011759556,
  "spacing_tr": 2.0,
  "spacing_x": 3.0,
  "spacing_y": 3.0,
  "spacing_z": 3.0,
  "summary_bg_k": 25.512760123717744,
  "summary_bg_mad": 5.776218461041452,
  "summary_bg_mean": 21.921932220458984,
  "summary_bg_median": 7.464000225067139,
  "summary_bg_n": 80756.0,
  "summary_bg_p05": 3.0480000972747803,
  "summary_bg_p95": 84.97200202941895,
  "summary_bg_stdv": 39.80602264404297,
  "summary_fg_k": 3.7433991358559693,
  "summary_fg_mad": 37.32598585186496,
  "summary_fg_mean": 382.2485656738281,
  "summary_fg_median": 380.4880065917969,
  "summary_fg_n": 39854.0,
  "summary_fg_p05": 314.1784240722656,
  "summary_fg_p95": 455.8160095214844,
  "summary_fg_stdv": 46.306488037109375,
  "tsnr": 60.37812720704824
}