{
  "bids_meta": {
    "AccelFactPE": 2,
    "AcquisitionNumber": 1,
    "AcquisitionTime": "10:37:45.742500",
    "BodyPartExamined": "BRAIN",
    "ConversionSoftware": "dcm2niix",
    "ConversionSoftwareVersion": "v1.0.20170724 GCC4.4.7",
    "DeviceSerialNumber": "67025",
    "EchoTime": 0.00226,
    "FlipAngle": 9,
    "ImageType": [
      "ORIGINAL",
      "PRIMARY",
      "M",
      "ND",
      "NORM"
    ],
    "InstitutionAddress": "McClintock_3520A_Los_Angeles_CA_US_90089",
    "InstitutionName": "USC",
    "InversionTime": 1.06,
    "MagneticFieldStrength": 3,
    "Manufacturer": "Siemens",
    "ManufacturersModelName": "Prisma_fit",
    "PhaseEncodingDirection": "i-",
    "PhaseEncodingLines": 224,
    "ProcedureStepDescription": "Mara_Steve",
    "ProtocolName": "t1_mprage_short_32channel",
    "RepetitionTime": 2.3,
    "ScanningSequence": "GR_IR",
    "SequenceName": "_tfl3d1_16ns",
    "SequenceVariant": "SK_SP_MP",
    "SeriesDescription": "t1_mprage_short_32channel",
    "SoftwareVersions": "syngo_MR_D13D",
    "dataset": "ds003425",
    "modality": "T1w",
    "session_id": "01",
    "subject_id": "11"
  },
  "cjv": 0.3621266917232711,
  "cnr": 3.8546222732183355,
  "efc": 0.563855895184871,
  "fber": -1.0,
  "fwhm_avg": 4.400173835259459,
  "fwhm_x": 4.210461505778374,
  "fwhm_y": 4.54025,
  "fwhm_z": 4.44981,
  "icvs_csf": 0.19088911389754146,
  "icvs_gm": 0.43355153328937096,
  "icvs_wm": 0.37555935281308755,
  "inu_med": 0.2631240487098694,
  "inu_range": 0.06345134973525998,
  "provenance": {
    "md5sum": "e4b6bb88d643c5726e7a3d14b134bd51",
    "settings": {
      "testing": false
    },
    "software": "mriqc",
    "version": "23.0.1",
    "warnings": {
      "large_rot_frame": true,
      "small_air_mask": false
    },
    "webapi_port": null,
    "webapi_url": "https://mriqc.nimh.nih.gov/api/v1"
  },
  "qi_1": 0.004430771508912524,
  "qi_2": 0.02385670791410653,
  "rpve_csf": 22.555309001863044,
  "rpve_gm": 10.559773628508593,
  "rpve_wm": 14.184276668041727,
  "size_x": 176,
  "size_y": 224,
  "size_z": 256,
  "snr_csf": 3.184274456771268,
  "snr_gm": 15.739338463402978,
  "snr_total": 17.07821953611228,
  "snr_wm": 32.31104568816259,
  "snrd_csf": 104.22167255306732,
  "snrd_gm": 230.1951905795557,
  "snrd_total": 210.410957370629,
  "snrd_wm": 296.816008979264,
  "spacing_x": 0.9999996423721313,
  "spacing_y": 1.0,
  "spacing_z": 1.0,
  "summary_bg_k": 65.7079630268789,
  "summary_bg_mad": 0.0,
  "summary_bg_mean": 0.5910252013094566,
  "summary_bg_median": 0.0,
  "summary_bg_n": 2824494.0,
  "summary_bg_p05": 0.0,
  "summary_bg_p95": 3.621680025011301,
  "summary_bg_stdv": 2.2073056511840545,
  "summary_csf_k": 1.392690568656282,
  "summary_csf_mad": 82.4713662032374,
  "summary_csf_mean": 359.41171384512364,
  "summary_csf_median": 351.1468555284664,
  "summary_csf_n": 31302.0,
  "summary_csf_p05": 161.58312759865075,
  "summary_csf_p95": 549.594106646068,
  "summary_csf_stdv": 110.2735493546076,
  "summary_gm_k": -0.14467874416473547,
  "summary_gm_mad": 51.81269367829208,
  "summary_gm_mean": 775.6003585969388,
  "summary_gm_median": 775.5806959308684,
  "summary_gm_n": 42023.0,
  "summary_gm_p05": 696.4865344651043,
  "summary_gm_p95": 856.0902266018093,
  "summary_gm_stdv": 49.2759889260439,
  "summary_wm_k": 0.5420589944861534,
  "summary_wm_mad": 29.470591103495494,
  "summary_wm_mean": 1001.4562278043381,
  "summary_wm_median": 1000.0416004694998,
  "summary_wm_n": 223133.0,
  "summary_wm_p05": 953.8755872771144,
  "summary_wm_p95": 1054.8039001580328,
  "summary_wm_stdv": 30.950386725618323,
  "tpm_overlap_csf": 0.15538290158487922,
  "tpm_overlap_gm": 0.4734206713231939,
  "tpm_overlap_wm": 0.5213227189791253,
  "wm2max": 0.8963304292670187
}