{
  "aor": 0.0019020800000000002,
  "aqi": 0.008074706320000001,
  "bids_meta": {
    "AccelFactPE": 2,
    "AcquisitionNumber": 1,
    "AcquisitionTime": "11:27:37.872500",
    "BandwidthPerPixelPhaseEncode": 43.879,
    "BodyPartExamined": "BRAIN",
    "ConversionSoftware": "dcm2niix",
    "ConversionSoftwareVersion": "v1.0.20170724 GCC4.4.7",
    "DeviceSerialNumber": "67025",
    "EchoTime": 0.025,
    "EchoTrainLength": 43,
    "EffectiveEchoSpacing": 0.000356093,
    "FlipAngle": 90,
    "ImageType": [
      "ORIGINAL",
      "PRIMARY",
      "M",
      "ND",
      "NORM",
      "MOSAIC"
    ],
    "InstitutionAddress": "McClintock_3520A_Los_Angeles_CA_US_90089",
    "InstitutionName": "USC",
    "MagneticFieldStrength": 3,
    "Manufacturer": "Siemens",
    "ManufacturersModelName": "Prisma_fit",
    "PhaseEncodingDirection": "j-",
    "PhaseEncodingLines": 64,
    "ProcedureStepDescription": "Mara_Steve",
    "ProtocolName": "regulate7",
    "RepetitionTime": 2,
    "ScanningSequence": "EP",
    "SequenceName": "_epfid2d1_64",
    "SequenceVariant": "SK_OSP",
    "SeriesDescription": "regulate7",
    "SliceTiming": [
      0.99,
      0,
      1.0425,
      0.0525,
      1.095,
      0.105,
      1.1475,
      0.1575,
      1.1975,
      0.2075,
      1.25,
      0.26,
      1.3025,
      0.3125,
      1.355,
      0.365,
      1.4075,
      0.4175,
      1.46,
      0.47,
      1.51,
      0.52,
      1.5625,
      0.5725,
      1.615,
      0.625,
      1.6675,
      0.6775,
      1.72,
      0.73,
      1.7725,
      0.7825,
      1.8225,
      0.835,
      1.875,
      0.885,
      1.9275,
      0.9375
    ],
    "SoftwareVersions": "syngo_MR_D13D",
    "TaskName": "regulate",
    "TotalReadoutTime": 0.0299118,
    "TrueEchoSpacing": 0.000712186,
    "dataset": "ds003425",
    "modality": "bold",
    "run_id": 7,
    "session_id": "02",
    "subject_id": "07",
    "task_id": "regulate"
  },
  "dummy_trs": 0,
  "dvars_nstd": 22.445678311048404,
  "dvars_std": 1.2051336404838708,
  "dvars_vstd": 1.0117292116129035,
  "efc": 0.5764083808142204,
  "fber": 1636.093505859375,
  "fd_mean": 0.12251247247057978,
  "fd_num": 15,
  "fd_perc": 12.0,
  "fwhm_avg": 1.680191111111111,
  "fwhm_x": 1.6041266666666667,
  "fwhm_y": 1.7733933333333332,
  "fwhm_z": 1.6630533333333333,
  "gcor": 0.0228183,
  "gsr_x": -0.003979872912168503,
  "gsr_y": 0.0352773517370224,
  "provenance": {
    "md5sum": "10ecfcecabf5505a24e507d29838d85c",
    "settings": {
      "fd_thres": 0.2,
      "testing": false
    },
    "software": "mriqc",
    "version": "23.0.1",
    "webapi_port": null,
    "webapi_url": "https://mriqc.nimh.nih.gov/api/v1"
  },
  "size_t": 125,
  "size_x": 64,
  "size_y": 64,
  "size_z": 38,
  "snr": 8.030931059765505,
  "spacing_tr": 2.0,
  "spacing_x": 3.0,
  "spacing_y": 3.0,
  "spacing_z": 3.0,
  "summary_bg_k": 13.02305446736656,
  "summary_bg_mad": 7.845931022338986,
  "summary_bg_mean": 26.067441940307617,
  "summary_bg_median": 9.187999725341797,
  "summary_bg_n": 86304.0,
  "summary_bg_p05": 3.264000177383423,
  "summary_bg_p95": 106.47200775146484,
  "summary_bg_stdv": 39.025909423828125,
  "summary_fg_k": 2.232256781402161,
  "summary_fg_mad": 45.91917871525173,
  "summary_fg_mean": 389.2800598144531,
  "summary_fg_median": 389.02001953125,
  "summary_fg_n": 34606.0,
  "summary_fg_p05": 313.99200439453125,
  "summary_fg_p95": 463.0400085449219,
  "summary_fg_stdv": 48.43951416015625,
  "tsnr": 74.05118313385174
}