{
  "aor": 0.0016108,
  "aqi": 0.00825739504,
  "bids_meta": {
    "AccelFactPE": 2,
    "AcquisitionNumber": 1,
    "AcquisitionTime": "11:22:57.387500",
    "BandwidthPerPixelPhaseEncode": 43.879,
    "BodyPartExamined": "BRAIN",
    "ConversionSoftware": "dcm2niix",
    "ConversionSoftwareVersion": "v1.0.20170724 GCC4.4.7",
    "DeviceSerialNumber": "67025",
    "EchoTime": 0.025,
    "EchoTrainLength": 43,
    "EffectiveEchoSpacing": 0.000356093,
    "FlipAngle": 90,
    "ImageType": [
      "ORIGINAL",
      "PRIMARY",
      "M",
      "ND",
      "NORM",
      "MOSAIC"
    ],
    "InstitutionAddress": "McClintock_3520A_Los_Angeles_CA_US_90089",
    "InstitutionName": "USC",
    "MagneticFieldStrength": 3,
    "Manufacturer": "Siemens",
    "ManufacturersModelName": "Prisma_fit",
    "PhaseEncodingDirection": "j-",
    "PhaseEncodingLines": 64,
    "ProcedureStepDescription": "Mara_Steve",
    "ProtocolName": "regulate6",
    "RepetitionTime": 2,
    "ScanningSequence": "EP",
    "SequenceName": "_epfid2d1_64",
    "SequenceVariant": "SK_OSP",
    "SeriesDescription": "regulate6",
    "SliceTiming": [
      0.99,
      0,
      1.0425,
      0.0525,
      1.095,
      0.105,
      1.1475,
      0.1575,
      1.2,
      0.21,
      1.2525,
      0.2625,
      1.3025,
      0.315,
      1.355,
      0.365,
      1.4075,
      0.4175,
      1.46,
      0.47,
      1.5125,
      0.5225,
      1.565,
      0.575,
      1.6175,
      0.6275,
      1.6675,
      0.6775,
      1.72,
      0.73,
      1.7725,
      0.7825,
      1.825,
      0.835,
      1.8775,
      0.8875,
      1.93,
      0.94
    ],
    "SoftwareVersions": "syngo_MR_D13D",
    "TaskName": "regulate",
    "TotalReadoutTime": 0.0299118,
    "TrueEchoSpacing": 0.000712186,
    "dataset": "ds003425",
    "modality": "bold",
    "run_id": 6,
    "session_id": "02",
    "subject_id": "07",
    "task_id": "regulate"
  },
  "dummy_trs": 0,
  "dvars_nstd": 22.235897925564522,
  "dvars_std": 1.2131360743548394,
  "dvars_vstd": 1.0075273001612906,
  "efc": 0.5766529533650775,
  "fber": 1594.3525390625,
  "fd_mean": 0.1309523558973488,
  "fd_num": 13,
  "fd_perc": 10.4,
  "fwhm_avg": 1.674478888888889,
  "fwhm_x": 1.5951133333333332,
  "fwhm_y": 1.7619733333333334,
  "fwhm_z": 1.6663500000000002,
  "gcor": 0.019499,
  "gsr_x": -0.004589796997606754,
  "gsr_y": 0.03478793054819107,
  "provenance": {
    "md5sum": "1d71087c49db9a4483f0acb33779849a",
    "settings": {
      "fd_thres": 0.2,
      "testing": false
    },
    "software": "mriqc",
    "version": "23.0.1",
    "webapi_port": null,
    "webapi_url": "https://mriqc.nimh.nih.gov/api/v1"
  },
  "size_t": 125,
  "size_x": 64,
  "size_y": 64,
  "size_z": 38,
  "snr": 8.06704153604821,
  "spacing_tr": 2.0,
  "spacing_x": 3.0,
  "spacing_y": 3.0,
  "spacing_z": 3.0,
  "summary_bg_k": 13.090233077610367,
  "summary_bg_mad": 8.07128683950793,
  "summary_bg_mean": 26.09415054321289,
  "summary_bg_median": 9.320000648498535,
  "summary_bg_n": 86324.0,
  "summary_bg_p05": 3.192000150680542,
  "summary_bg_p95": 106.78040390014627,
  "summary_bg_stdv": 39.06511688232422,
  "summary_fg_k": 2.1574861317105114,
  "summary_fg_mad": 45.9488144712674,
  "summary_fg_mean": 389.078125,
  "summary_fg_median": 388.9840087890625,
  "summary_fg_n": 34563.0,
  "summary_fg_p05": 314.21680603027346,
  "summary_fg_p95": 462.52801513671875,
  "summary_fg_stdv": 48.21821975708008,
  "tsnr": 73.45521018421277
}