{
  "aor": 0.0014896800000000002,
  "aqi": 0.005982551600000001,
  "bids_meta": {
    "AccelFactPE": 2,
    "AcquisitionNumber": 1,
    "AcquisitionTime": "11:08:27.150000",
    "BandwidthPerPixelPhaseEncode": 43.879,
    "BodyPartExamined": "BRAIN",
    "ConversionSoftware": "dcm2niix",
    "ConversionSoftwareVersion": "v1.0.20170724 GCC4.4.7",
    "DeviceSerialNumber": "67025",
    "EchoTime": 0.025,
    "EchoTrainLength": 43,
    "EffectiveEchoSpacing": 0.000356093,
    "FlipAngle": 90,
    "ImageType": [
      "ORIGINAL",
      "PRIMARY",
      "M",
      "ND",
      "NORM",
      "MOSAIC"
    ],
    "InstitutionAddress": "McClintock_3520A_Los_Angeles_CA_US_90089",
    "InstitutionName": "USC",
    "MagneticFieldStrength": 3,
    "Manufacturer": "Siemens",
    "ManufacturersModelName": "Prisma_fit",
    "PhaseEncodingDirection": "j-",
    "PhaseEncodingLines": 64,
    "ProcedureStepDescription": "Mara_Steve",
    "ProtocolName": "regulate3",
    "RepetitionTime": 2,
    "ScanningSequence": "EP",
    "SequenceName": "_epfid2d1_64",
    "SequenceVariant": "SK_OSP",
    "SeriesDescription": "regulate3",
    "SliceTiming": [
      0.99,
      0,
      1.0425,
      0.0525,
      1.095,
      0.105,
      1.1475,
      0.1575,
      1.2,
      0.21,
      1.25,
      0.2625,
      1.3025,
      0.3125,
      1.355,
      0.365,
      1.4075,
      0.4175,
      1.46,
      0.47,
      1.5125,
      0.5225,
      1.565,
      0.575,
      1.615,
      0.625,
      1.6675,
      0.6775,
      1.72,
      0.73,
      1.7725,
      0.7825,
      1.825,
      0.835,
      1.8775,
      0.8875,
      1.9275,
      0.9375
    ],
    "SoftwareVersions": "syngo_MR_D13D",
    "TaskName": "regulate",
    "TotalReadoutTime": 0.0299118,
    "TrueEchoSpacing": 0.000712186,
    "dataset": "ds003425",
    "modality": "bold",
    "run_id": 3,
    "session_id": "02",
    "subject_id": "07",
    "task_id": "regulate"
  },
  "dummy_trs": 0,
  "dvars_nstd": 21.860876437338717,
  "dvars_std": 1.2351165767741934,
  "dvars_vstd": 1.0189775136290322,
  "efc": 0.5766943624742172,
  "fber": 1573.3570556640625,
  "fd_mean": 0.09896968846512527,
  "fd_num": 3,
  "fd_perc": 2.4,
  "fwhm_avg": 1.6659255555555557,
  "fwhm_x": 1.58286,
  "fwhm_y": 1.7534366666666665,
  "fwhm_z": 1.66148,
  "gcor": 0.0152537,
  "gsr_x": -0.0050546275451779366,
  "gsr_y": 0.034934479743242264,
  "provenance": {
    "md5sum": "9528d1b9fe23c196d1f73426e1690383",
    "settings": {
      "fd_thres": 0.2,
      "testing": false
    },
    "software": "mriqc",
    "version": "23.0.1",
    "webapi_port": null,
    "webapi_url": "https://mriqc.nimh.nih.gov/api/v1"
  },
  "size_t": 125,
  "size_x": 64,
  "size_y": 64,
  "size_z": 38,
  "snr": 8.039679072866207,
  "spacing_tr": 2.0,
  "spacing_x": 3.0,
  "spacing_y": 3.0,
  "spacing_z": 3.0,
  "summary_bg_k": 13.09489407249341,
  "summary_bg_mad": 7.911165740524698,
  "summary_bg_mean": 26.04621124267578,
  "summary_bg_median": 9.288000106811523,
  "summary_bg_n": 86290.0,
  "summary_bg_p05": 3.312000274658203,
  "summary_bg_p95": 106.62120285034187,
  "summary_bg_stdv": 39.10478591918945,
  "summary_fg_k": 2.1060269609369433,
  "summary_fg_mad": 46.103010893406896,
  "summary_fg_mean": 388.96337890625,
  "summary_fg_median": 388.6400146484375,
  "summary_fg_n": 34655.0,
  "summary_fg_p05": 313.9256103515625,
  "summary_fg_p95": 463.2640075683594,
  "summary_fg_stdv": 48.339542388916016,
  "tsnr": 84.14874321082607
}