{
  "aor": 0.0021153599999999997,
  "aqi": 0.00726036672,
  "bids_meta": {
    "AccelFactPE": 2,
    "AcquisitionNumber": 1,
    "AcquisitionTime": "11:13:15.362500",
    "BandwidthPerPixelPhaseEncode": 43.879,
    "BodyPartExamined": "BRAIN",
    "ConversionSoftware": "dcm2niix",
    "ConversionSoftwareVersion": "v1.0.20170724 GCC4.4.7",
    "DeviceSerialNumber": "67025",
    "EchoTime": 0.025,
    "EchoTrainLength": 43,
    "EffectiveEchoSpacing": 0.000356093,
    "FlipAngle": 90,
    "ImageType": [
      "ORIGINAL",
      "PRIMARY",
      "M",
      "ND",
      "NORM",
      "MOSAIC"
    ],
    "InstitutionAddress": "McClintock_3520A_Los_Angeles_CA_US_90089",
    "InstitutionName": "USC",
    "MagneticFieldStrength": 3,
    "Manufacturer": "Siemens",
    "ManufacturersModelName": "Prisma_fit",
    "PhaseEncodingDirection": "j-",
    "PhaseEncodingLines": 64,
    "ProcedureStepDescription": "Mara_Steve",
    "ProtocolName": "regulate4",
    "RepetitionTime": 2,
    "ScanningSequence": "EP",
    "SequenceName": "_epfid2d1_64",
    "SequenceVariant": "SK_OSP",
    "SeriesDescription": "regulate4",
    "SliceTiming": [
      0.99,
      0,
      1.04,
      0.0525,
      1.0925,
      0.1025,
      1.145,
      0.155,
      1.1975,
      0.2075,
      1.25,
      0.26,
      1.3025,
      0.3125,
      1.355,
      0.365,
      1.405,
      0.415,
      1.4575,
      0.4675,
      1.51,
      0.52,
      1.5625,
      0.5725,
      1.615,
      0.625,
      1.6675,
      0.6775,
      1.7175,
      0.7275,
      1.77,
      0.78,
      1.8225,
      0.8325,
      1.875,
      0.885,
      1.9275,
      0.9375
    ],
    "SoftwareVersions": "syngo_MR_D13D",
    "TaskName": "regulate",
    "TotalReadoutTime": 0.0299118,
    "TrueEchoSpacing": 0.000712186,
    "dataset": "ds003425",
    "modality": "bold",
    "run_id": 4,
    "session_id": "02",
    "subject_id": "07",
    "task_id": "regulate"
  },
  "dummy_trs": 0,
  "dvars_nstd": 22.452613569112906,
  "dvars_std": 1.238044031612903,
  "dvars_vstd": 1.025023487661291,
  "efc": 0.5769058077377625,
  "fber": 1569.7808837890625,
  "fd_mean": 0.12100539885126506,
  "fd_num": 13,
  "fd_perc": 10.4,
  "fwhm_avg": 1.6698055555555555,
  "fwhm_x": 1.58925,
  "fwhm_y": 1.7538833333333335,
  "fwhm_z": 1.6662833333333333,
  "gcor": 0.0279707,
  "gsr_x": -0.004832752514630556,
  "gsr_y": 0.0343492217361927,
  "provenance": {
    "md5sum": "3f3df4996287043f2cde06dae32841c6",
    "settings": {
      "fd_thres": 0.2,
      "testing": false
    },
    "software": "mriqc",
    "version": "23.0.1",
    "webapi_port": null,
    "webapi_url": "https://mriqc.nimh.nih.gov/api/v1"
  },
  "size_t": 125,
  "size_x": 64,
  "size_y": 64,
  "size_z": 38,
  "snr": 8.054391928451683,
  "spacing_tr": 2.0,
  "spacing_x": 3.0,
  "spacing_y": 3.0,
  "spacing_z": 3.0,
  "summary_bg_k": 13.020522138278015,
  "summary_bg_mad": 7.934887070614142,
  "summary_bg_mean": 26.12930679321289,
  "summary_bg_median": 9.312000274658203,
  "summary_bg_n": 86289.0,
  "summary_bg_p05": 3.312000274658203,
  "summary_bg_p95": 107.14560546874986,
  "summary_bg_stdv": 39.247093200683594,
  "summary_fg_k": 2.08451471712527,
  "summary_fg_mad": 46.05554843835281,
  "summary_fg_mean": 388.7752990722656,
  "summary_fg_median": 388.4560241699219,
  "summary_fg_n": 34624.0,
  "summary_fg_p05": 314.2892242431641,
  "summary_fg_p95": 462.5576293945312,
  "summary_fg_stdv": 48.228397369384766,
  "tsnr": 77.89627382066101
}