{
  "aor": 0.0015792799999999997,
  "aqi": 0.00691637352,
  "bids_meta": {
    "AccelFactPE": 2,
    "AcquisitionNumber": 1,
    "AcquisitionTime": "11:03:48.450000",
    "BandwidthPerPixelPhaseEncode": 43.879,
    "BodyPartExamined": "BRAIN",
    "ConversionSoftware": "dcm2niix",
    "ConversionSoftwareVersion": "v1.0.20170724 GCC4.4.7",
    "DeviceSerialNumber": "67025",
    "EchoTime": 0.025,
    "EchoTrainLength": 43,
    "EffectiveEchoSpacing": 0.000356093,
    "FlipAngle": 90,
    "ImageType": [
      "ORIGINAL",
      "PRIMARY",
      "M",
      "ND",
      "NORM",
      "MOSAIC"
    ],
    "InstitutionAddress": "McClintock_3520A_Los_Angeles_CA_US_90089",
    "InstitutionName": "USC",
    "MagneticFieldStrength": 3,
    "Manufacturer": "Siemens",
    "ManufacturersModelName": "Prisma_fit",
    "PhaseEncodingDirection": "j-",
    "PhaseEncodingLines": 64,
    "ProcedureStepDescription": "Mara_Steve",
    "ProtocolName": "regulate2",
    "RepetitionTime": 2,
    "ScanningSequence": "EP",
    "SequenceName": "_epfid2d1_64",
    "SequenceVariant": "SK_OSP",
    "SeriesDescription": "regulate2",
    "SliceTiming": [
      0.99,
      0,
      1.0425,
      0.0525,
      1.095,
      0.105,
      1.145,
      0.155,
      1.1975,
      0.2075,
      1.25,
      0.26,
      1.3025,
      0.3125,
      1.355,
      0.365,
      1.4075,
      0.4175,
      1.4575,
      0.4675,
      1.51,
      0.52,
      1.5625,
      0.5725,
      1.615,
      0.625,
      1.6675,
      0.6775,
      1.72,
      0.73,
      1.77,
      0.78,
      1.8225,
      0.8325,
      1.875,
      0.885,
      1.9275,
      0.9375
    ],
    "SoftwareVersions": "syngo_MR_D13D",
    "TaskName": "regulate",
    "TotalReadoutTime": 0.0299118,
    "TrueEchoSpacing": 0.000712186,
    "dataset": "ds003425",
    "modality": "bold",
    "run_id": 2,
    "session_id": "02",
    "subject_id": "07",
    "task_id": "regulate"
  },
  "dummy_trs": 0,
  "dvars_nstd": 21.737729626129028,
  "dvars_std": 1.2136688162903229,
  "dvars_vstd": 1.0068774169354837,
  "efc": 0.5766241222728389,
  "fber": 1561.5181884765625,
  "fd_mean": 0.11060982376736775,
  "fd_num": 7,
  "fd_perc": 5.6,
  "fwhm_avg": 1.6576788888888891,
  "fwhm_x": 1.5772000000000002,
  "fwhm_y": 1.7381866666666665,
  "fwhm_z": 1.65765,
  "gcor": 0.0186125,
  "gsr_x": -0.005716478917747736,
  "gsr_y": 0.03562965244054794,
  "provenance": {
    "md5sum": "a7bd8a2f23c1dd14428a7dc50ac3f8cd",
    "settings": {
      "fd_thres": 0.2,
      "testing": false
    },
    "software": "mriqc",
    "version": "23.0.1",
    "webapi_port": null,
    "webapi_url": "https://mriqc.nimh.nih.gov/api/v1"
  },
  "size_t": 125,
  "size_x": 64,
  "size_y": 64,
  "size_z": 38,
  "snr": 8.061535308671276,
  "spacing_tr": 2.0,
  "spacing_x": 3.0,
  "spacing_y": 3.0,
  "spacing_z": 3.0,
  "summary_bg_k": 13.455925955348281,
  "summary_bg_mad": 8.053495841940846,
  "summary_bg_mean": 25.938119888305664,
  "summary_bg_median": 9.320000648498535,
  "summary_bg_n": 86285.0,
  "summary_bg_p05": 3.200000047683716,
  "summary_bg_p95": 105.95040435791017,
  "summary_bg_stdv": 38.94882583618164,
  "summary_fg_k": 2.0356112874034853,
  "summary_fg_mad": 46.257207315546395,
  "summary_fg_mean": 389.0443420410156,
  "summary_fg_median": 388.6400146484375,
  "summary_fg_n": 34617.0,
  "summary_fg_p05": 314.734423828125,
  "summary_fg_p95": 463.40482177734367,
  "summary_fg_stdv": 48.2084846496582,
  "tsnr": 78.87164999591187
}