{
  "aor": 0.0006335826771653543,
  "aqi": 0.016448874015748034,
  "bids_meta": {
    "AccelFactPE": 2,
    "AcquisitionNumber": 1,
    "AcquisitionTime": "10:52:8.122500",
    "BandwidthPerPixelPhaseEncode": 35.613,
    "BodyPartExamined": "BRAIN",
    "ConversionSoftware": "dcm2niix",
    "ConversionSoftwareVersion": "v1.0.20170724 GCC4.4.7",
    "DeviceSerialNumber": "67025",
    "EchoTime": 0.03,
    "EchoTrainLength": 51,
    "EffectiveEchoSpacing": 0.000359995,
    "FlipAngle": 65,
    "ImageType": [
      "ORIGINAL",
      "PRIMARY",
      "M",
      "ND",
      "NORM",
      "MOSAIC"
    ],
    "InstitutionAddress": "McClintock_3520A_Los_Angeles_CA_US_90089",
    "InstitutionName": "USC",
    "MagneticFieldStrength": 3,
    "Manufacturer": "Siemens",
    "ManufacturersModelName": "Prisma_fit",
    "PhaseEncodingDirection": "i-",
    "PhaseEncodingLines": 78,
    "ProcedureStepDescription": "Mara_Steve",
    "ProtocolName": "ring_shorter",
    "RepetitionTime": 1.2,
    "ScanningSequence": "EP",
    "SequenceName": "_epfid2d1_78",
    "SequenceVariant": "SK_OSP",
    "SeriesDescription": "ring_shorter",
    "SliceTiming": [
      0.59,
      0,
      0.6475,
      0.0575,
      0.7075,
      0.1175,
      0.765,
      0.1775,
      0.825,
      0.235,
      0.885,
      0.295,
      0.9425,
      0.3525,
      1.0025,
      0.4125,
      1.06,
      0.47,
      1.12,
      0.53
    ],
    "SoftwareVersions": "syngo_MR_D13D",
    "TaskName": "ring",
    "TotalReadoutTime": 0.0363595,
    "TrueEchoSpacing": 0.000719991,
    "dataset": "ds003425",
    "modality": "bold",
    "run_id": 1,
    "session_id": "02",
    "subject_id": "07",
    "task_id": "ring"
  },
  "dummy_trs": 0,
  "dvars_nstd": 39.35995602521741,
  "dvars_std": 1.2646261879446632,
  "dvars_vstd": 1.0174903407509877,
  "efc": 0.490936515030186,
  "fber": 1107.028076171875,
  "fd_mean": 0.09227059087704514,
  "fd_num": 2,
  "fd_perc": 0.7874015748031497,
  "fwhm_avg": 1.7231879175434937,
  "fwhm_x": 1.7980543080172573,
  "fwhm_y": 1.486777444613224,
  "fwhm_z": 1.884732,
  "gcor": 0.0108376,
  "gsr_x": -0.0011653308756649494,
  "gsr_y": 0.01017510611563921,
  "provenance": {
    "md5sum": "eb2a245abebc5c1117e53a4fdffa4638",
    "settings": {
      "fd_thres": 0.2,
      "testing": false
    },
    "software": "mriqc",
    "version": "23.0.1",
    "webapi_port": null,
    "webapi_url": "https://mriqc.nimh.nih.gov/api/v1"
  },
  "size_t": 254,
  "size_x": 78,
  "size_y": 78,
  "size_z": 20,
  "snr": 7.318614647711284,
  "spacing_tr": 1.2000000476837158,
  "spacing_x": 2.461538553237915,
  "spacing_y": 2.461538553237915,
  "spacing_z": 2.5,
  "summary_bg_k": 17.90653315733366,
  "summary_bg_mad": 4.605406382271271,
  "summary_bg_mean": 17.23806381225586,
  "summary_bg_median": 9.185039520263672,
  "summary_bg_n": 80327.0,
  "summary_bg_p05": 5.094488143920898,
  "summary_bg_p95": 56.02362060546875,
  "summary_bg_stdv": 19.855548858642578,
  "summary_fg_k": 4.630854051237576,
  "summary_fg_mad": 35.454046716542926,
  "summary_fg_mean": 309.5826721191406,
  "summary_fg_median": 312.5787353515625,
  "summary_fg_n": 15194.0,
  "summary_fg_p05": 238.29271392822267,
  "summary_fg_p95": 369.1247955322265,
  "summary_fg_stdv": 42.70869064331055,
  "tsnr": 47.92453201673925
}