{
  "aor": 0.005332239999999999,
  "aqi": 0.00596004664,
  "bids_meta": {
    "AccelFactPE": 2,
    "AcquisitionNumber": 1,
    "AcquisitionTime": "11:45:51.425000",
    "BandwidthPerPixelPhaseEncode": 43.879,
    "BodyPartExamined": "BRAIN",
    "ConversionSoftware": "dcm2niix",
    "ConversionSoftwareVersion": "v1.0.20170724 GCC4.4.7",
    "DeviceSerialNumber": "67025",
    "EchoTime": 0.025,
    "EchoTrainLength": 43,
    "EffectiveEchoSpacing": 0.000356093,
    "FlipAngle": 90,
    "ImageType": [
      "ORIGINAL",
      "PRIMARY",
      "M",
      "ND",
      "NORM",
      "MOSAIC"
    ],
    "InstitutionAddress": "McClintock_3520A_Los_Angeles_CA_US_90089",
    "InstitutionName": "USC",
    "MagneticFieldStrength": 3,
    "Manufacturer": "Siemens",
    "ManufacturersModelName": "Prisma_fit",
    "PhaseEncodingDirection": "j-",
    "PhaseEncodingLines": 64,
    "ProcedureStepDescription": "Mara_Steve",
    "ProtocolName": "learning5",
    "RepetitionTime": 2,
    "ScanningSequence": "EP",
    "SequenceName": "_epfid2d1_64",
    "SequenceVariant": "SK_OSP",
    "SeriesDescription": "learning5",
    "SliceTiming": [
      0.99,
      0,
      1.0425,
      0.0525,
      1.095,
      0.105,
      1.1475,
      0.1575,
      1.1975,
      0.2075,
      1.25,
      0.26,
      1.3025,
      0.3125,
      1.355,
      0.365,
      1.4075,
      0.4175,
      1.46,
      0.47,
      1.51,
      0.52,
      1.5625,
      0.5725,
      1.615,
      0.625,
      1.6675,
      0.6775,
      1.72,
      0.73,
      1.7725,
      0.7825,
      1.8225,
      0.835,
      1.875,
      0.885,
      1.9275,
      0.9375
    ],
    "SoftwareVersions": "syngo_MR_D13D",
    "TaskName": "learning",
    "TotalReadoutTime": 0.0299118,
    "TrueEchoSpacing": 0.000712186,
    "dataset": "ds003425",
    "modality": "bold",
    "run_id": 5,
    "session_id": "01",
    "subject_id": "04",
    "task_id": "learning"
  },
  "dummy_trs": 0,
  "dvars_nstd": 20.085847238951608,
  "dvars_std": 1.224668476129032,
  "dvars_vstd": 1.060456216048387,
  "efc": 0.6053882870387834,
  "fber": 2171.298583984375,
  "fd_mean": 0.0683438991047911,
  "fd_num": 4,
  "fd_perc": 3.2,
  "fwhm_avg": 1.701503376726843,
  "fwhm_x": 1.5858100000000002,
  "fwhm_y": 1.88065,
  "fwhm_z": 1.6380501301805284,
  "gcor": 0.0453743,
  "gsr_x": 0.014584345743060112,
  "gsr_y": 0.0447864830493927,
  "provenance": {
    "md5sum": "c88bcbfa0f44e08de93e1ec42b88cd7d",
    "settings": {
      "fd_thres": 0.2,
      "testing": false
    },
    "software": "mriqc",
    "version": "23.0.1",
    "webapi_port": null,
    "webapi_url": "https://mriqc.nimh.nih.gov/api/v1"
  },
  "size_t": 125,
  "size_x": 64,
  "size_y": 64,
  "size_z": 38,
  "snr": 7.631674680805558,
  "spacing_tr": 2.0,
  "spacing_x": 3.0,
  "spacing_y": 3.0,
  "spacing_z": 2.999999761581421,
  "summary_bg_k": 4.612074641606582,
  "summary_bg_mad": 6.48786720072262,
  "summary_bg_mean": 38.181434631347656,
  "summary_bg_median": 8.104000091552734,
  "summary_bg_n": 83304.0,
  "summary_bg_p05": 3.2720000743865967,
  "summary_bg_p95": 193.76881561279254,
  "summary_bg_stdv": 62.95109558105469,
  "summary_fg_k": 3.5639039472354757,
  "summary_fg_mad": 48.65304327362466,
  "summary_fg_mean": 402.2769470214844,
  "summary_fg_median": 403.0400085449219,
  "summary_fg_n": 36107.0,
  "summary_fg_p05": 321.06402587890625,
  "summary_fg_p95": 479.22242126464835,
  "summary_fg_stdv": 52.81074523925781,
  "tsnr": 74.82472603395581
}