{
  "aor": 0.005085408163265306,
  "aqi": 0.0078119663265306125,
  "bids_meta": {
    "AccelFactPE": 2,
    "AcquisitionNumber": 1,
    "AcquisitionTime": "11:06:45.332500",
    "BandwidthPerPixelPhaseEncode": 43.879,
    "BodyPartExamined": "BRAIN",
    "ConversionSoftware": "dcm2niix",
    "ConversionSoftwareVersion": "v1.0.20170724 GCC4.4.7",
    "DeviceSerialNumber": "67025",
    "EchoTime": 0.025,
    "EchoTrainLength": 43,
    "EffectiveEchoSpacing": 0.000356093,
    "FlipAngle": 90,
    "ImageType": [
      "ORIGINAL",
      "PRIMARY",
      "M",
      "ND",
      "NORM",
      "MOSAIC"
    ],
    "InstitutionAddress": "McClintock_3520A_Los_Angeles_CA_US_90089",
    "InstitutionName": "USC",
    "MagneticFieldStrength": 3,
    "Manufacturer": "Siemens",
    "ManufacturersModelName": "Prisma_fit",
    "PhaseEncodingDirection": "j-",
    "PhaseEncodingLines": 64,
    "ProcedureStepDescription": "Mara_Steve",
    "ProtocolName": "training5",
    "RepetitionTime": 2,
    "ScanningSequence": "EP",
    "SequenceName": "_epfid2d1_64",
    "SequenceVariant": "SK_OSP",
    "SeriesDescription": "training5",
    "SliceTiming": [
      0.99,
      0,
      1.04,
      0.05,
      1.0925,
      0.1025,
      1.145,
      0.155,
      1.1975,
      0.2075,
      1.25,
      0.26,
      1.3025,
      0.3125,
      1.3525,
      0.3625,
      1.405,
      0.415,
      1.4575,
      0.4675,
      1.51,
      0.52,
      1.5625,
      0.5725,
      1.615,
      0.625,
      1.665,
      0.6775,
      1.7175,
      0.7275,
      1.77,
      0.78,
      1.8225,
      0.8325,
      1.875,
      0.885,
      1.9275,
      0.9375
    ],
    "SoftwareVersions": "syngo_MR_D13D",
    "TaskName": "training",
    "TotalReadoutTime": 0.0299118,
    "TrueEchoSpacing": 0.000712186,
    "dataset": "ds003425",
    "modality": "bold",
    "run_id": 5,
    "session_id": "01",
    "subject_id": "04",
    "task_id": "training"
  },
  "dummy_trs": 0,
  "dvars_nstd": 19.803199787731966,
  "dvars_std": 1.1474704542268037,
  "dvars_vstd": 1.0350483350515463,
  "efc": 0.6036549534915775,
  "fber": 2218.082275390625,
  "fd_mean": 0.08098033694571286,
  "fd_num": 9,
  "fd_perc": 9.183673469387756,
  "fwhm_avg": 1.705270043653209,
  "fwhm_x": 1.5941433333333332,
  "fwhm_y": 1.8738133333333333,
  "fwhm_z": 1.6478534642929603,
  "gcor": 0.0454766,
  "gsr_x": 0.012453517876565456,
  "gsr_y": 0.048836205154657364,
  "provenance": {
    "md5sum": "8e357f8380f6c7643ea270bf010a7e2f",
    "settings": {
      "fd_thres": 0.2,
      "testing": false
    },
    "software": "mriqc",
    "version": "23.0.1",
    "webapi_port": null,
    "webapi_url": "https://mriqc.nimh.nih.gov/api/v1"
  },
  "size_t": 98,
  "size_x": 64,
  "size_y": 64,
  "size_z": 38,
  "snr": 7.636741672100792,
  "spacing_tr": 2.0,
  "spacing_x": 3.0,
  "spacing_y": 3.0,
  "spacing_z": 2.999999761581421,
  "summary_bg_k": 4.7202943286069035,
  "summary_bg_mad": 6.580938462160161,
  "summary_bg_mean": 37.95893478393555,
  "summary_bg_median": 8.081632614135742,
  "summary_bg_n": 83690.0,
  "summary_bg_p05": 3.2040815353393555,
  "summary_bg_p95": 192.0668327331543,
  "summary_bg_stdv": 62.52732849121094,
  "summary_fg_k": 3.4100304697211987,
  "summary_fg_mad": 49.13766706398152,
  "summary_fg_mean": 404.03118896484375,
  "summary_fg_median": 405.2755126953125,
  "summary_fg_n": 36136.0,
  "summary_fg_p05": 322.78570556640625,
  "summary_fg_p95": 482.0816345214844,
  "summary_fg_stdv": 53.06843185424805,
  "tsnr": 67.45805288292468
}