{
  "aor": 0.004977359999999999,
  "aqi": 0.0062347356,
  "bids_meta": {
    "AccelFactPE": 2,
    "AcquisitionNumber": 1,
    "AcquisitionTime": "11:41:8.622500",
    "BandwidthPerPixelPhaseEncode": 43.879,
    "BodyPartExamined": "BRAIN",
    "ConversionSoftware": "dcm2niix",
    "ConversionSoftwareVersion": "v1.0.20170724 GCC4.4.7",
    "DeviceSerialNumber": "67025",
    "EchoTime": 0.025,
    "EchoTrainLength": 43,
    "EffectiveEchoSpacing": 0.000356093,
    "FlipAngle": 90,
    "ImageType": [
      "ORIGINAL",
      "PRIMARY",
      "M",
      "ND",
      "NORM",
      "MOSAIC"
    ],
    "InstitutionAddress": "McClintock_3520A_Los_Angeles_CA_US_90089",
    "InstitutionName": "USC",
    "MagneticFieldStrength": 3,
    "Manufacturer": "Siemens",
    "ManufacturersModelName": "Prisma_fit",
    "PhaseEncodingDirection": "j-",
    "PhaseEncodingLines": 64,
    "ProcedureStepDescription": "Mara_Steve",
    "ProtocolName": "learning4",
    "RepetitionTime": 2,
    "ScanningSequence": "EP",
    "SequenceName": "_epfid2d1_64",
    "SequenceVariant": "SK_OSP",
    "SeriesDescription": "learning4",
    "SliceTiming": [
      0.99,
      0,
      1.0425,
      0.0525,
      1.0925,
      0.1025,
      1.145,
      0.155,
      1.1975,
      0.2075,
      1.25,
      0.26,
      1.3025,
      0.3125,
      1.355,
      0.365,
      1.405,
      0.4175,
      1.4575,
      0.4675,
      1.51,
      0.52,
      1.5625,
      0.5725,
      1.615,
      0.625,
      1.6675,
      0.6775,
      1.72,
      0.73,
      1.77,
      0.78,
      1.8225,
      0.8325,
      1.875,
      0.885,
      1.9275,
      0.9375
    ],
    "SoftwareVersions": "syngo_MR_D13D",
    "TaskName": "learning",
    "TotalReadoutTime": 0.0299118,
    "TrueEchoSpacing": 0.000712186,
    "dataset": "ds003425",
    "modality": "bold",
    "run_id": 4,
    "session_id": "01",
    "subject_id": "04",
    "task_id": "learning"
  },
  "dummy_trs": 0,
  "dvars_nstd": 20.035707235403216,
  "dvars_std": 1.1921026698387096,
  "dvars_vstd": 1.0484158074193546,
  "efc": 0.6052701157935757,
  "fber": 2141.10302734375,
  "fd_mean": 0.08018182635385102,
  "fd_num": 9,
  "fd_perc": 7.2,
  "fwhm_avg": 1.6877911540578063,
  "fwhm_x": 1.5765,
  "fwhm_y": 1.86569,
  "fwhm_z": 1.6211834621734191,
  "gcor": 0.0610639,
  "gsr_x": 0.013635322451591492,
  "gsr_y": 0.04540686309337616,
  "provenance": {
    "md5sum": "52cf58130bc5da61ac4d8b2e92af743f",
    "settings": {
      "fd_thres": 0.2,
      "testing": false
    },
    "software": "mriqc",
    "version": "23.0.1",
    "webapi_port": null,
    "webapi_url": "https://mriqc.nimh.nih.gov/api/v1"
  },
  "size_t": 125,
  "size_x": 64,
  "size_y": 64,
  "size_z": 38,
  "snr": 7.630899100661015,
  "spacing_tr": 2.0,
  "spacing_x": 3.0,
  "spacing_y": 3.0,
  "spacing_z": 2.999999761581421,
  "summary_bg_k": 4.547950552271369,
  "summary_bg_mad": 6.630197302138768,
  "summary_bg_mean": 38.40864944458008,
  "summary_bg_median": 8.160000801086426,
  "summary_bg_n": 83545.0,
  "summary_bg_p05": 3.2400002479553223,
  "summary_bg_p95": 194.40640563964845,
  "summary_bg_stdv": 63.159420013427734,
  "summary_fg_k": 3.6456541155308058,
  "summary_fg_mad": 48.43957533945384,
  "summary_fg_mean": 401.9938659667969,
  "summary_fg_median": 402.8160095214844,
  "summary_fg_n": 36081.0,
  "summary_fg_p05": 320.9120178222656,
  "summary_fg_p95": 479.06402587890625,
  "summary_fg_stdv": 52.78675842285156,
  "tsnr": 72.0552853057161
}