{
  "aor": 0.0038624799999999993,
  "aqi": 0.0066427823199999994,
  "bids_meta": {
    "AccelFactPE": 2,
    "AcquisitionNumber": 1,
    "AcquisitionTime": "11:26:40.240000",
    "BandwidthPerPixelPhaseEncode": 43.879,
    "BodyPartExamined": "BRAIN",
    "ConversionSoftware": "dcm2niix",
    "ConversionSoftwareVersion": "v1.0.20170724 GCC4.4.7",
    "DeviceSerialNumber": "67025",
    "EchoTime": 0.025,
    "EchoTrainLength": 43,
    "EffectiveEchoSpacing": 0.000356093,
    "FlipAngle": 90,
    "ImageType": [
      "ORIGINAL",
      "PRIMARY",
      "M",
      "ND",
      "NORM",
      "MOSAIC"
    ],
    "InstitutionAddress": "McClintock_3520A_Los_Angeles_CA_US_90089",
    "InstitutionName": "USC",
    "MagneticFieldStrength": 3,
    "Manufacturer": "Siemens",
    "ManufacturersModelName": "Prisma_fit",
    "PhaseEncodingDirection": "j-",
    "PhaseEncodingLines": 64,
    "ProcedureStepDescription": "Mara_Steve",
    "ProtocolName": "learning1",
    "RepetitionTime": 2,
    "ScanningSequence": "EP",
    "SequenceName": "_epfid2d1_64",
    "SequenceVariant": "SK_OSP",
    "SeriesDescription": "learning1",
    "SliceTiming": [
      0.99,
      0,
      1.0425,
      0.0525,
      1.095,
      0.105,
      1.1475,
      0.1575,
      1.2,
      0.21,
      1.25,
      0.2625,
      1.3025,
      0.3125,
      1.355,
      0.365,
      1.4075,
      0.4175,
      1.46,
      0.47,
      1.5125,
      0.5225,
      1.565,
      0.575,
      1.615,
      0.625,
      1.6675,
      0.6775,
      1.72,
      0.73,
      1.7725,
      0.7825,
      1.825,
      0.835,
      1.8775,
      0.8875,
      1.9275,
      0.9375
    ],
    "SoftwareVersions": "syngo_MR_D13D",
    "TaskName": "learning",
    "TotalReadoutTime": 0.0299118,
    "TrueEchoSpacing": 0.000712186,
    "dataset": "ds003425",
    "modality": "bold",
    "run_id": 1,
    "session_id": "01",
    "subject_id": "04",
    "task_id": "learning"
  },
  "dummy_trs": 0,
  "dvars_nstd": 19.630350582661283,
  "dvars_std": 1.1831088331451605,
  "dvars_vstd": 1.037594999516129,
  "efc": 0.6046258418167467,
  "fber": 2184.226318359375,
  "fd_mean": 0.0856142843076656,
  "fd_num": 5,
  "fd_perc": 4.0,
  "fwhm_avg": 1.7148111547376528,
  "fwhm_x": 1.6042933333333333,
  "fwhm_y": 1.8932933333333333,
  "fwhm_z": 1.6468467975462913,
  "gcor": 0.0411243,
  "gsr_x": 0.012775309383869171,
  "gsr_y": 0.04757922142744064,
  "provenance": {
    "md5sum": "0b952e0a7165c6a92690d1e6efd40adc",
    "settings": {
      "fd_thres": 0.2,
      "testing": false
    },
    "software": "mriqc",
    "version": "23.0.1",
    "webapi_port": null,
    "webapi_url": "https://mriqc.nimh.nih.gov/api/v1"
  },
  "size_t": 125,
  "size_x": 64,
  "size_y": 64,
  "size_z": 38,
  "snr": 7.529840086137741,
  "spacing_tr": 2.0,
  "spacing_x": 3.0,
  "spacing_y": 3.0,
  "spacing_z": 2.999999761581421,
  "summary_bg_k": 4.754963392271473,
  "summary_bg_mad": 6.855553472787626,
  "summary_bg_mean": 37.866275787353516,
  "summary_bg_median": 8.136000633239746,
  "summary_bg_n": 83370.0,
  "summary_bg_p05": 3.064000129699707,
  "summary_bg_p95": 190.90921249389655,
  "summary_bg_stdv": 62.35914993286133,
  "summary_fg_k": 3.6802138334401864,
  "summary_fg_mad": 48.66494282145995,
  "summary_fg_mean": 402.28350830078125,
  "summary_fg_median": 403.4560241699219,
  "summary_fg_n": 36217.0,
  "summary_fg_p05": 319.7120056152344,
  "summary_fg_p95": 480.46882324218745,
  "summary_fg_stdv": 53.58021545410156,
  "tsnr": 70.88851763517596
}