{
  "aor": 0.001694,
  "aqi": 0.0048752054117647044,
  "bids_meta": {
    "AccelFactPE": 2,
    "AcquisitionNumber": 1,
    "AcquisitionTime": "11:22:12.607500",
    "BandwidthPerPixelPhaseEncode": 43.879,
    "BodyPartExamined": "BRAIN",
    "ConversionSoftware": "dcm2niix",
    "ConversionSoftwareVersion": "v1.0.20170724 GCC4.4.7",
    "DeviceSerialNumber": "67025",
    "EchoTime": 0.025,
    "EchoTrainLength": 43,
    "EffectiveEchoSpacing": 0.000356093,
    "FlipAngle": 90,
    "ImageType": [
      "ORIGINAL",
      "PRIMARY",
      "M",
      "ND",
      "NORM",
      "MOSAIC"
    ],
    "InstitutionAddress": "McClintock_3520A_Los_Angeles_CA_US_90089",
    "InstitutionName": "USC",
    "MagneticFieldStrength": 3,
    "Manufacturer": "Siemens",
    "ManufacturersModelName": "Prisma_fit",
    "PhaseEncodingDirection": "j-",
    "PhaseEncodingLines": 64,
    "ProcedureStepDescription": "Mara_Steve",
    "ProtocolName": "prelearning3",
    "RepetitionTime": 2,
    "ScanningSequence": "EP",
    "SequenceName": "_epfid2d1_64",
    "SequenceVariant": "SK_OSP",
    "SeriesDescription": "prelearning3",
    "SliceTiming": [
      0.99,
      0,
      1.0425,
      0.0525,
      1.0925,
      0.1025,
      1.145,
      0.155,
      1.1975,
      0.2075,
      1.25,
      0.26,
      1.3025,
      0.3125,
      1.355,
      0.365,
      1.405,
      0.4175,
      1.4575,
      0.4675,
      1.51,
      0.52,
      1.5625,
      0.5725,
      1.615,
      0.625,
      1.6675,
      0.6775,
      1.72,
      0.73,
      1.77,
      0.78,
      1.8225,
      0.8325,
      1.875,
      0.885,
      1.9275,
      0.9375
    ],
    "SoftwareVersions": "syngo_MR_D13D",
    "TaskName": "prelearning",
    "TotalReadoutTime": 0.0299118,
    "TrueEchoSpacing": 0.000712186,
    "dataset": "ds003425",
    "modality": "bold",
    "run_id": 3,
    "session_id": "01",
    "subject_id": "04",
    "task_id": "prelearning"
  },
  "dummy_trs": 0,
  "dvars_nstd": 18.519811834404763,
  "dvars_std": 1.1424399888095238,
  "dvars_vstd": 1.0061280926190477,
  "efc": 0.6039408833901879,
  "fber": 2210.43212890625,
  "fd_mean": 0.04209055378561,
  "fd_num": 0,
  "fd_perc": 0.0,
  "fwhm_avg": 1.6931678210526078,
  "fwhm_x": 1.58434,
  "fwhm_y": 1.8615933333333334,
  "fwhm_z": 1.6335701298244898,
  "gcor": 0.0219063,
  "gsr_x": 0.013202499598264694,
  "gsr_y": 0.04752640426158905,
  "provenance": {
    "md5sum": "eb9fc9d2f920cb1c7d4058ae4d715d1d",
    "settings": {
      "fd_thres": 0.2,
      "testing": false
    },
    "software": "mriqc",
    "version": "23.0.1",
    "webapi_port": null,
    "webapi_url": "https://mriqc.nimh.nih.gov/api/v1"
  },
  "size_t": 85,
  "size_x": 64,
  "size_y": 64,
  "size_z": 38,
  "snr": 7.627698297380561,
  "spacing_tr": 2.0,
  "spacing_x": 3.0,
  "spacing_y": 3.0,
  "spacing_z": 2.999999761581421,
  "summary_bg_k": 4.743092795835147,
  "summary_bg_mad": 6.558334128599934,
  "summary_bg_mean": 37.681732177734375,
  "summary_bg_median": 8.070588111877441,
  "summary_bg_n": 83509.0,
  "summary_bg_p05": 3.188235282897949,
  "summary_bg_p95": 190.62353515625,
  "summary_bg_stdv": 62.099491119384766,
  "summary_fg_k": 3.7328718759623447,
  "summary_fg_mad": 48.603205433546414,
  "summary_fg_mean": 402.7242126464844,
  "summary_fg_median": 403.8000183105469,
  "summary_fg_n": 36072.0,
  "summary_fg_p05": 322.2300033569336,
  "summary_fg_p95": 480.26294555664055,
  "summary_fg_stdv": 52.93791198730469,
  "tsnr": 82.66288758814335
}