{
  "aor": 0.0021389411764705882,
  "aqi": 0.004682345176470589,
  "bids_meta": {
    "AccelFactPE": 2,
    "AcquisitionNumber": 1,
    "AcquisitionTime": "11:15:25.370000",
    "BandwidthPerPixelPhaseEncode": 43.879,
    "BodyPartExamined": "BRAIN",
    "ConversionSoftware": "dcm2niix",
    "ConversionSoftwareVersion": "v1.0.20170724 GCC4.4.7",
    "DeviceSerialNumber": "67025",
    "EchoTime": 0.025,
    "EchoTrainLength": 43,
    "EffectiveEchoSpacing": 0.000356093,
    "FlipAngle": 90,
    "ImageType": [
      "ORIGINAL",
      "PRIMARY",
      "M",
      "ND",
      "NORM",
      "MOSAIC"
    ],
    "InstitutionAddress": "McClintock_3520A_Los_Angeles_CA_US_90089",
    "InstitutionName": "USC",
    "MagneticFieldStrength": 3,
    "Manufacturer": "Siemens",
    "ManufacturersModelName": "Prisma_fit",
    "PhaseEncodingDirection": "j-",
    "PhaseEncodingLines": 64,
    "ProcedureStepDescription": "Mara_Steve",
    "ProtocolName": "prelearning1",
    "RepetitionTime": 2,
    "ScanningSequence": "EP",
    "SequenceName": "_epfid2d1_64",
    "SequenceVariant": "SK_OSP",
    "SeriesDescription": "prelearning1",
    "SliceTiming": [
      0.99,
      0,
      1.0425,
      0.0525,
      1.0925,
      0.1025,
      1.145,
      0.155,
      1.1975,
      0.2075,
      1.25,
      0.26,
      1.3025,
      0.3125,
      1.355,
      0.365,
      1.405,
      0.415,
      1.4575,
      0.4675,
      1.51,
      0.52,
      1.5625,
      0.5725,
      1.615,
      0.625,
      1.6675,
      0.6775,
      1.7175,
      0.73,
      1.77,
      0.78,
      1.8225,
      0.8325,
      1.875,
      0.885,
      1.9275,
      0.9375
    ],
    "SoftwareVersions": "syngo_MR_D13D",
    "TaskName": "prelearning",
    "TotalReadoutTime": 0.0299118,
    "TrueEchoSpacing": 0.000712186,
    "dataset": "ds003425",
    "modality": "bold",
    "run_id": 1,
    "session_id": "01",
    "subject_id": "04",
    "task_id": "prelearning"
  },
  "dummy_trs": 0,
  "dvars_nstd": 18.86554307035715,
  "dvars_std": 1.1665381557142858,
  "dvars_vstd": 1.0159603507142851,
  "efc": 0.6038721960304022,
  "fber": 2230.492919921875,
  "fd_mean": 0.05053290438785457,
  "fd_num": 0,
  "fd_perc": 0.0,
  "fwhm_avg": 1.701876710175765,
  "fwhm_x": 1.5916466666666667,
  "fwhm_y": 1.87157,
  "fwhm_z": 1.6424134638606283,
  "gcor": 0.0172241,
  "gsr_x": 0.012348054908216,
  "gsr_y": 0.04796275496482849,
  "provenance": {
    "md5sum": "84ecc5b710125f97a8f1a0549be6b55c",
    "settings": {
      "fd_thres": 0.2,
      "testing": false
    },
    "software": "mriqc",
    "version": "23.0.1",
    "webapi_port": null,
    "webapi_url": "https://mriqc.nimh.nih.gov/api/v1"
  },
  "size_t": 85,
  "size_x": 64,
  "size_y": 64,
  "size_z": 38,
  "snr": 7.5702700595007375,
  "spacing_tr": 2.0,
  "spacing_x": 3.0,
  "spacing_y": 3.0,
  "spacing_z": 2.999999761581421,
  "summary_bg_k": 4.727625164911866,
  "summary_bg_mad": 6.558334835559762,
  "summary_bg_mean": 37.710445404052734,
  "summary_bg_median": 8.035294532775879,
  "summary_bg_n": 83489.0,
  "summary_bg_p05": 3.1764707565307617,
  "summary_bg_p95": 190.30824584960916,
  "summary_bg_stdv": 62.11627960205078,
  "summary_fg_k": 3.7226539898589914,
  "summary_fg_mad": 48.97822217207436,
  "summary_fg_mean": 402.9171447753906,
  "summary_fg_median": 404.1294250488281,
  "summary_fg_n": 36165.0,
  "summary_fg_p05": 320.8517822265625,
  "summary_fg_p95": 480.8894287109374,
  "summary_fg_stdv": 53.38301467895508,
  "tsnr": 83.88909924658947
}