{
  "aor": 0.00466624,
  "aqi": 0.005391420719999999,
  "bids_meta": {
    "AccelFactPE": 2,
    "AcquisitionNumber": 1,
    "AcquisitionTime": "11:36:7.355000",
    "BandwidthPerPixelPhaseEncode": 43.879,
    "BodyPartExamined": "BRAIN",
    "ConversionSoftware": "dcm2niix",
    "ConversionSoftwareVersion": "v1.0.20170724 GCC4.4.7",
    "DeviceSerialNumber": "67025",
    "EchoTime": 0.025,
    "EchoTrainLength": 43,
    "EffectiveEchoSpacing": 0.000356093,
    "FlipAngle": 90,
    "ImageType": [
      "ORIGINAL",
      "PRIMARY",
      "M",
      "ND",
      "NORM",
      "MOSAIC"
    ],
    "InstitutionAddress": "McClintock_3520A_Los_Angeles_CA_US_90089",
    "InstitutionName": "USC",
    "MagneticFieldStrength": 3,
    "Manufacturer": "Siemens",
    "ManufacturersModelName": "Prisma_fit",
    "PhaseEncodingDirection": "j-",
    "PhaseEncodingLines": 64,
    "ProcedureStepDescription": "Mara_Steve",
    "ProtocolName": "learning3",
    "RepetitionTime": 2,
    "ScanningSequence": "EP",
    "SequenceName": "_epfid2d1_64",
    "SequenceVariant": "SK_OSP",
    "SeriesDescription": "learning3",
    "SliceTiming": [
      0.99,
      0,
      1.0425,
      0.0525,
      1.095,
      0.105,
      1.1475,
      0.1575,
      1.2,
      0.21,
      1.2525,
      0.2625,
      1.3025,
      0.3125,
      1.355,
      0.365,
      1.4075,
      0.4175,
      1.46,
      0.47,
      1.5125,
      0.5225,
      1.565,
      0.575,
      1.615,
      0.6275,
      1.6675,
      0.6775,
      1.72,
      0.73,
      1.7725,
      0.7825,
      1.825,
      0.835,
      1.8775,
      0.8875,
      1.93,
      0.94
    ],
    "SoftwareVersions": "syngo_MR_D13D",
    "TaskName": "learning",
    "TotalReadoutTime": 0.0299118,
    "TrueEchoSpacing": 0.000712186,
    "dataset": "ds003425",
    "modality": "bold",
    "run_id": 3,
    "session_id": "01",
    "subject_id": "04",
    "task_id": "learning"
  },
  "dummy_trs": 0,
  "dvars_nstd": 20.08375123225806,
  "dvars_std": 1.2025533038709688,
  "dvars_vstd": 1.0460285226612904,
  "efc": 0.6050406058061684,
  "fber": 2162.29345703125,
  "fd_mean": 0.07264965325508779,
  "fd_num": 6,
  "fd_perc": 4.8,
  "fwhm_avg": 1.6880255986268466,
  "fwhm_x": 1.5724133333333334,
  "fwhm_y": 1.8657766666666669,
  "fwhm_z": 1.6258867958805399,
  "gcor": 0.0438716,
  "gsr_x": 0.013651571236550808,
  "gsr_y": 0.046299226582050323,
  "provenance": {
    "md5sum": "ce0075282fff444511a49c5f63343b22",
    "settings": {
      "fd_thres": 0.2,
      "testing": false
    },
    "software": "mriqc",
    "version": "23.0.1",
    "webapi_port": null,
    "webapi_url": "https://mriqc.nimh.nih.gov/api/v1"
  },
  "size_t": 125,
  "size_x": 64,
  "size_y": 64,
  "size_z": 38,
  "snr": 7.607635192005583,
  "spacing_tr": 2.0,
  "spacing_x": 3.0,
  "spacing_y": 3.0,
  "spacing_z": 2.999999761581421,
  "summary_bg_k": 4.535498314917163,
  "summary_bg_mad": 6.570893623435245,
  "summary_bg_mean": 38.44068145751953,
  "summary_bg_median": 8.136000633239746,
  "summary_bg_n": 83643.0,
  "summary_bg_p05": 3.264000177383423,
  "summary_bg_p95": 193.54320678710934,
  "summary_bg_stdv": 63.081153869628906,
  "summary_fg_k": 3.611154294424704,
  "summary_fg_mad": 48.724214333491275,
  "summary_fg_mean": 402.1575927734375,
  "summary_fg_median": 403.1200256347656,
  "summary_fg_n": 36082.0,
  "summary_fg_p05": 320.8160095214844,
  "summary_fg_p95": 478.9280090332031,
  "summary_fg_stdv": 52.98814010620117,
  "tsnr": 77.36699160258286
}