{
  "aor": 0.0023182400000000005,
  "aqi": 0.004826459120000001,
  "bids_meta": {
    "AccelFactPE": 2,
    "AcquisitionNumber": 1,
    "AcquisitionTime": "11:50:24.362500",
    "BandwidthPerPixelPhaseEncode": 43.879,
    "BodyPartExamined": "BRAIN",
    "ConversionSoftware": "dcm2niix",
    "ConversionSoftwareVersion": "v1.0.20170724 GCC4.4.7",
    "DeviceSerialNumber": "67025",
    "EchoTime": 0.025,
    "EchoTrainLength": 43,
    "EffectiveEchoSpacing": 0.000356093,
    "FlipAngle": 90,
    "ImageType": [
      "ORIGINAL",
      "PRIMARY",
      "M",
      "ND",
      "NORM",
      "MOSAIC"
    ],
    "InstitutionAddress": "McClintock_3520A_Los_Angeles_CA_US_90089",
    "InstitutionName": "USC",
    "MagneticFieldStrength": 3,
    "Manufacturer": "Siemens",
    "ManufacturersModelName": "Prisma_fit",
    "PhaseEncodingDirection": "j-",
    "PhaseEncodingLines": 64,
    "ProcedureStepDescription": "Mara_Steve",
    "ProtocolName": "learning6",
    "RepetitionTime": 2,
    "ScanningSequence": "EP",
    "SequenceName": "_epfid2d1_64",
    "SequenceVariant": "SK_OSP",
    "SeriesDescription": "learning6",
    "SliceTiming": [
      0.99,
      0,
      1.0425,
      0.0525,
      1.095,
      0.105,
      1.1475,
      0.1575,
      1.1975,
      0.2075,
      1.25,
      0.26,
      1.3025,
      0.3125,
      1.355,
      0.365,
      1.4075,
      0.4175,
      1.46,
      0.47,
      1.51,
      0.5225,
      1.5625,
      0.5725,
      1.615,
      0.625,
      1.6675,
      0.6775,
      1.72,
      0.73,
      1.7725,
      0.7825,
      1.825,
      0.835,
      1.875,
      0.885,
      1.9275,
      0.9375
    ],
    "SoftwareVersions": "syngo_MR_D13D",
    "TaskName": "learning",
    "TotalReadoutTime": 0.0299118,
    "TrueEchoSpacing": 0.000712186,
    "dataset": "ds003425",
    "modality": "bold",
    "run_id": 6,
    "session_id": "01",
    "subject_id": "04",
    "task_id": "learning"
  },
  "dummy_trs": 0,
  "dvars_nstd": 19.369215050161287,
  "dvars_std": 1.1859457374193556,
  "dvars_vstd": 1.0266744889516128,
  "efc": 0.605642176639197,
  "fber": 2165.808349609375,
  "fd_mean": 0.04941104477133287,
  "fd_num": 3,
  "fd_perc": 2.4,
  "fwhm_avg": 1.7037200435718818,
  "fwhm_x": 1.5913199999999998,
  "fwhm_y": 1.8750566666666666,
  "fwhm_z": 1.644783464048979,
  "gcor": 0.0155935,
  "gsr_x": 0.01335320807993412,
  "gsr_y": 0.0453544482588768,
  "provenance": {
    "md5sum": "93e3c3ec9ca25bd01feab02571deb73c",
    "settings": {
      "fd_thres": 0.2,
      "testing": false
    },
    "software": "mriqc",
    "version": "23.0.1",
    "webapi_port": null,
    "webapi_url": "https://mriqc.nimh.nih.gov/api/v1"
  },
  "size_t": 125,
  "size_x": 64,
  "size_y": 64,
  "size_z": 38,
  "snr": 7.615450814221638,
  "spacing_tr": 2.0,
  "spacing_x": 3.0,
  "spacing_y": 3.0,
  "spacing_z": 2.999999761581421,
  "summary_bg_k": 4.545170171868522,
  "summary_bg_mad": 6.665779650752848,
  "summary_bg_mean": 38.25827407836914,
  "summary_bg_median": 8.168000221252441,
  "summary_bg_n": 83276.0,
  "summary_bg_p05": 3.2160000801086426,
  "summary_bg_p95": 193.46001052856445,
  "summary_bg_stdv": 62.90365219116211,
  "summary_fg_k": 3.5443126776579845,
  "summary_fg_mad": 48.617480366405864,
  "summary_fg_mean": 402.526611328125,
  "summary_fg_median": 403.27203369140625,
  "summary_fg_n": 36117.0,
  "summary_fg_p05": 320.6576232910156,
  "summary_fg_p95": 479.61123046874997,
  "summary_fg_stdv": 52.95372009277344,
  "tsnr": 81.85268585686572
}