{
  "aor": 0.00568173469387755,
  "aqi": 0.006352574489795918,
  "bids_meta": {
    "AccelFactPE": 2,
    "AcquisitionNumber": 1,
    "AcquisitionTime": "10:51:29.872500",
    "BandwidthPerPixelPhaseEncode": 43.879,
    "BodyPartExamined": "BRAIN",
    "ConversionSoftware": "dcm2niix",
    "ConversionSoftwareVersion": "v1.0.20170724 GCC4.4.7",
    "DeviceSerialNumber": "67025",
    "EchoTime": 0.025,
    "EchoTrainLength": 43,
    "EffectiveEchoSpacing": 0.000356093,
    "FlipAngle": 90,
    "ImageType": [
      "ORIGINAL",
      "PRIMARY",
      "M",
      "ND",
      "NORM",
      "MOSAIC"
    ],
    "InstitutionAddress": "McClintock_3520A_Los_Angeles_CA_US_90089",
    "InstitutionName": "USC",
    "MagneticFieldStrength": 3,
    "Manufacturer": "Siemens",
    "ManufacturersModelName": "Prisma_fit",
    "PhaseEncodingDirection": "j-",
    "PhaseEncodingLines": 64,
    "ProcedureStepDescription": "Mara_Steve",
    "ProtocolName": "training1",
    "RepetitionTime": 2,
    "ScanningSequence": "EP",
    "SequenceName": "_epfid2d1_64",
    "SequenceVariant": "SK_OSP",
    "SeriesDescription": "training1",
    "SliceTiming": [
      0.99,
      0,
      1.0425,
      0.0525,
      1.095,
      0.105,
      1.145,
      0.155,
      1.1975,
      0.2075,
      1.25,
      0.26,
      1.3025,
      0.3125,
      1.355,
      0.365,
      1.4075,
      0.4175,
      1.4575,
      0.4675,
      1.51,
      0.52,
      1.5625,
      0.5725,
      1.615,
      0.625,
      1.6675,
      0.6775,
      1.72,
      0.73,
      1.77,
      0.7825,
      1.8225,
      0.8325,
      1.875,
      0.885,
      1.9275,
      0.9375
    ],
    "SoftwareVersions": "syngo_MR_D13D",
    "TaskName": "training",
    "TotalReadoutTime": 0.0299118,
    "TrueEchoSpacing": 0.000712186,
    "dataset": "ds003425",
    "modality": "bold",
    "run_id": 1,
    "session_id": "01",
    "subject_id": "04",
    "task_id": "training"
  },
  "dummy_trs": 0,
  "dvars_nstd": 19.988187917319586,
  "dvars_std": 1.2046109403092782,
  "dvars_vstd": 1.0601534997938147,
  "efc": 0.6064525011436765,
  "fber": 1867.91552734375,
  "fd_mean": 0.0700039008215024,
  "fd_num": 6,
  "fd_perc": 6.122448979591836,
  "fwhm_avg": 1.7436767114966039,
  "fwhm_x": 1.6280166666666667,
  "fwhm_y": 1.9107399999999999,
  "fwhm_z": 1.692273467823145,
  "gcor": 0.0788534,
  "gsr_x": 0.0062292893417179585,
  "gsr_y": 0.04610404372215271,
  "provenance": {
    "md5sum": "79d9bc9b5ed786abd0bd0c7a6ef28bb9",
    "settings": {
      "fd_thres": 0.2,
      "testing": false
    },
    "software": "mriqc",
    "version": "23.0.1",
    "webapi_port": null,
    "webapi_url": "https://mriqc.nimh.nih.gov/api/v1"
  },
  "size_t": 98,
  "size_x": 64,
  "size_y": 64,
  "size_z": 38,
  "snr": 7.478902179218379,
  "spacing_tr": 2.0,
  "spacing_x": 3.0,
  "spacing_y": 3.0,
  "spacing_z": 2.999999761581421,
  "summary_bg_k": 4.629430715560067,
  "summary_bg_mad": 7.307110807820497,
  "summary_bg_mean": 36.669559478759766,
  "summary_bg_median": 8.60204029083252,
  "summary_bg_n": 83100.0,
  "summary_bg_p05": 3.234693765640259,
  "summary_bg_p95": 180.45050506591807,
  "summary_bg_stdv": 58.68559646606445,
  "summary_fg_k": 3.2531404626376004,
  "summary_fg_mad": 48.18457210143206,
  "summary_fg_mean": 391.14208984375,
  "summary_fg_median": 392.88775634765625,
  "summary_fg_n": 36574.0,
  "summary_fg_p05": 308.29540863037107,
  "summary_fg_p95": 467.1025405883789,
  "summary_fg_stdv": 52.5320930480957,
  "tsnr": 70.60465923463926
}