{
  "aor": 0.0032288235294117645,
  "aqi": 0.007276238470588233,
  "bids_meta": {
    "AccelFactPE": 2,
    "AcquisitionNumber": 1,
    "AcquisitionTime": "11:17:11.240000",
    "BandwidthPerPixelPhaseEncode": 43.879,
    "BodyPartExamined": "BRAIN",
    "ConversionSoftware": "dcm2niix",
    "ConversionSoftwareVersion": "v1.0.20170724 GCC4.4.7",
    "DeviceSerialNumber": "67025",
    "EchoTime": 0.025,
    "EchoTrainLength": 43,
    "EffectiveEchoSpacing": 0.000356093,
    "FlipAngle": 90,
    "ImageType": [
      "ORIGINAL",
      "PRIMARY",
      "M",
      "ND",
      "NORM",
      "MOSAIC"
    ],
    "InstitutionAddress": "McClintock_3520A_Los_Angeles_CA_US_90089",
    "InstitutionName": "USC",
    "MagneticFieldStrength": 3,
    "Manufacturer": "Siemens",
    "ManufacturersModelName": "Prisma_fit",
    "PhaseEncodingDirection": "j-",
    "PhaseEncodingLines": 64,
    "ProcedureStepDescription": "Mara_Steve",
    "ProtocolName": "prelearning2",
    "RepetitionTime": 2,
    "ScanningSequence": "EP",
    "SequenceName": "_epfid2d1_64",
    "SequenceVariant": "SK_OSP",
    "SeriesDescription": "prelearning2",
    "SliceTiming": [
      0.99,
      0,
      1.0425,
      0.0525,
      1.095,
      0.105,
      1.1475,
      0.1575,
      1.2,
      0.21,
      1.2525,
      0.2625,
      1.3025,
      0.3125,
      1.355,
      0.365,
      1.4075,
      0.4175,
      1.46,
      0.47,
      1.5125,
      0.5225,
      1.565,
      0.575,
      1.615,
      0.625,
      1.6675,
      0.6775,
      1.72,
      0.73,
      1.7725,
      0.7825,
      1.825,
      0.835,
      1.8775,
      0.8875,
      1.9275,
      0.94
    ],
    "SoftwareVersions": "syngo_MR_D13D",
    "TaskName": "prelearning",
    "TotalReadoutTime": 0.0299118,
    "TrueEchoSpacing": 0.000712186,
    "dataset": "ds003425",
    "modality": "bold",
    "run_id": 2,
    "session_id": "01",
    "subject_id": "12",
    "task_id": "prelearning"
  },
  "dummy_trs": 0,
  "dvars_nstd": 23.52688852928572,
  "dvars_std": 1.3714934803571428,
  "dvars_vstd": 1.0296423459523805,
  "efc": 0.6329799011180479,
  "fber": 1813.087646484375,
  "fd_mean": 0.07308112123179762,
  "fd_num": 3,
  "fd_perc": 3.5294117647058822,
  "fwhm_avg": 1.6024100000000001,
  "fwhm_x": 1.4375333333333333,
  "fwhm_y": 1.7803533333333332,
  "fwhm_z": 1.5893433333333336,
  "gcor": 0.0221863,
  "gsr_x": -0.001972750760614872,
  "gsr_y": 0.055677711963653564,
  "provenance": {
    "md5sum": "9f5312d494f1e57f5a9b42bd35d292c6",
    "settings": {
      "fd_thres": 0.2,
      "testing": false
    },
    "software": "mriqc",
    "version": "23.0.1",
    "webapi_port": null,
    "webapi_url": "https://mriqc.nimh.nih.gov/api/v1"
  },
  "size_t": 85,
  "size_x": 64,
  "size_y": 64,
  "size_z": 38,
  "snr": 7.939839369980037,
  "spacing_tr": 2.0,
  "spacing_x": 3.0,
  "spacing_y": 3.0,
  "spacing_z": 3.0,
  "summary_bg_k": 6.562405392577647,
  "summary_bg_mad": 7.918840849904089,
  "summary_bg_mean": 34.077754974365234,
  "summary_bg_median": 9.082353591918945,
  "summary_bg_n": 75724.0,
  "summary_bg_p05": 3.117647171020508,
  "summary_bg_p95": 154.6570640563964,
  "summary_bg_stdv": 53.22138595581055,
  "summary_fg_k": 4.348847068955754,
  "summary_fg_mad": 45.78624764475706,
  "summary_fg_mean": 409.8521728515625,
  "summary_fg_median": 410.1529541015625,
  "summary_fg_n": 44297.0,
  "summary_fg_p05": 335.0188232421875,
  "summary_fg_p95": 486.91766357421875,
  "summary_fg_stdv": 51.657005310058594,
  "tsnr": 84.71479720226489
}