{
  "aor": 0.0042858823529411776,
  "aqi": 0.00721,
  "bids_meta": {
    "AccelFactPE": 2,
    "AcquisitionNumber": 1,
    "AcquisitionTime": "11:09:54.437500",
    "BandwidthPerPixelPhaseEncode": 43.879,
    "BodyPartExamined": "BRAIN",
    "ConversionSoftware": "dcm2niix",
    "ConversionSoftwareVersion": "v1.0.20170724 GCC4.4.7",
    "DeviceSerialNumber": "67025",
    "EchoTime": 0.025,
    "EchoTrainLength": 43,
    "EffectiveEchoSpacing": 0.000356093,
    "FlipAngle": 90,
    "ImageType": [
      "ORIGINAL",
      "PRIMARY",
      "M",
      "ND",
      "NORM",
      "MOSAIC"
    ],
    "InstitutionAddress": "McClintock_3520A_Los_Angeles_CA_US_90089",
    "InstitutionName": "USC",
    "MagneticFieldStrength": 3,
    "Manufacturer": "Siemens",
    "ManufacturersModelName": "Prisma_fit",
    "PhaseEncodingDirection": "j-",
    "PhaseEncodingLines": 64,
    "ProcedureStepDescription": "Mara_Steve",
    "ProtocolName": "prelearning1",
    "RepetitionTime": 2,
    "ScanningSequence": "EP",
    "SequenceName": "_epfid2d1_64",
    "SequenceVariant": "SK_OSP",
    "SeriesDescription": "prelearning1",
    "SliceTiming": [
      0.99,
      0,
      1.0425,
      0.0525,
      1.095,
      0.105,
      1.1475,
      0.1575,
      1.1975,
      0.2075,
      1.25,
      0.26,
      1.3025,
      0.3125,
      1.355,
      0.365,
      1.4075,
      0.4175,
      1.46,
      0.47,
      1.51,
      0.52,
      1.5625,
      0.5725,
      1.615,
      0.625,
      1.6675,
      0.6775,
      1.72,
      0.73,
      1.7725,
      0.7825,
      1.8225,
      0.835,
      1.875,
      0.885,
      1.9275,
      0.9375
    ],
    "SoftwareVersions": "syngo_MR_D13D",
    "TaskName": "prelearning",
    "TotalReadoutTime": 0.0299118,
    "TrueEchoSpacing": 0.000712186,
    "dataset": "ds003425",
    "modality": "bold",
    "run_id": 1,
    "session_id": "01",
    "subject_id": "12",
    "task_id": "prelearning"
  },
  "dummy_trs": 0,
  "dvars_nstd": 23.2060778247619,
  "dvars_std": 1.3714300888095239,
  "dvars_vstd": 1.049234899642857,
  "efc": 0.632440185141797,
  "fber": 1807.34521484375,
  "fd_mean": 0.0766184420332857,
  "fd_num": 4,
  "fd_perc": 4.705882352941177,
  "fwhm_avg": 1.6058922222222225,
  "fwhm_x": 1.4455366666666667,
  "fwhm_y": 1.7853066666666668,
  "fwhm_z": 1.5868333333333335,
  "gcor": 0.0491787,
  "gsr_x": -0.00217287614941597,
  "gsr_y": 0.055353984236717224,
  "provenance": {
    "md5sum": "bb73f7e483d044658035c93809a60a02",
    "settings": {
      "fd_thres": 0.2,
      "testing": false
    },
    "software": "mriqc",
    "version": "23.0.1",
    "webapi_port": null,
    "webapi_url": "https://mriqc.nimh.nih.gov/api/v1"
  },
  "size_t": 85,
  "size_x": 64,
  "size_y": 64,
  "size_z": 38,
  "snr": 7.916366908132241,
  "spacing_tr": 2.0,
  "spacing_x": 3.0,
  "spacing_y": 3.0,
  "spacing_z": 3.0,
  "summary_bg_k": 6.594096690516274,
  "summary_bg_mad": 7.883956270640854,
  "summary_bg_mean": 33.806888580322266,
  "summary_bg_median": 9.082353591918945,
  "summary_bg_n": 75739.0,
  "summary_bg_p05": 3.141176462173462,
  "summary_bg_p95": 153.77059173583933,
  "summary_bg_stdv": 52.71332931518555,
  "summary_fg_k": 4.445578077317326,
  "summary_fg_mad": 45.768828154579914,
  "summary_fg_mean": 409.2088317871094,
  "summary_fg_median": 409.5647277832031,
  "summary_fg_n": 44269.0,
  "summary_fg_p05": 334.3270690917969,
  "summary_fg_p95": 486.0941162109375,
  "summary_fg_stdv": 51.73586654663086,
  "tsnr": 82.76737489551306
}