{
  "aor": 0.0015113008130081304,
  "aqi": 0.006768497886178861,
  "bids_meta": {
    "AccelFactPE": 2,
    "AcquisitionNumber": 1,
    "AcquisitionTime": "11:30:25.655000",
    "BandwidthPerPixelPhaseEncode": 43.879,
    "BodyPartExamined": "BRAIN",
    "ConversionSoftware": "dcm2niix",
    "ConversionSoftwareVersion": "v1.0.20170724 GCC4.4.7",
    "DeviceSerialNumber": "67025",
    "EchoTime": 0.025,
    "EchoTrainLength": 43,
    "EffectiveEchoSpacing": 0.000356093,
    "FlipAngle": 90,
    "ImageType": [
      "ORIGINAL",
      "PRIMARY",
      "M",
      "ND",
      "NORM",
      "MOSAIC"
    ],
    "InstitutionAddress": "McClintock_3520A_Los_Angeles_CA_US_90089",
    "InstitutionName": "USC",
    "MagneticFieldStrength": 3,
    "Manufacturer": "Siemens",
    "ManufacturersModelName": "Prisma_fit",
    "PhaseEncodingDirection": "j-",
    "PhaseEncodingLines": 64,
    "ProcedureStepDescription": "Mara_Steve",
    "ProtocolName": "learning3",
    "RepetitionTime": 2,
    "ScanningSequence": "EP",
    "SequenceName": "_epfid2d1_64",
    "SequenceVariant": "SK_OSP",
    "SeriesDescription": "learning3",
    "SliceTiming": [
      0.99,
      0,
      1.04,
      0.05,
      1.0925,
      0.1025,
      1.145,
      0.155,
      1.1975,
      0.2075,
      1.25,
      0.26,
      1.3025,
      0.3125,
      1.3525,
      0.3625,
      1.405,
      0.415,
      1.4575,
      0.4675,
      1.51,
      0.52,
      1.5625,
      0.5725,
      1.615,
      0.625,
      1.665,
      0.6775,
      1.7175,
      0.7275,
      1.77,
      0.78,
      1.8225,
      0.8325,
      1.875,
      0.885,
      1.9275,
      0.9375
    ],
    "SoftwareVersions": "syngo_MR_D13D",
    "TaskName": "learning",
    "TotalReadoutTime": 0.0299118,
    "TrueEchoSpacing": 0.000712186,
    "dataset": "ds003425",
    "modality": "bold",
    "run_id": 3,
    "session_id": "01",
    "subject_id": "12",
    "task_id": "learning"
  },
  "dummy_trs": 2,
  "dvars_nstd": 23.116965888360653,
  "dvars_std": 1.3539438794262288,
  "dvars_vstd": 1.015678555655738,
  "efc": 0.633598708492756,
  "fber": 1773.542236328125,
  "fd_mean": 0.06861466664056844,
  "fd_num": 2,
  "fd_perc": 1.6260162601626016,
  "fwhm_avg": 1.6012266666666666,
  "fwhm_x": 1.4386233333333334,
  "fwhm_y": 1.7729833333333334,
  "fwhm_z": 1.5920733333333335,
  "gcor": 0.018274,
  "gsr_x": -0.0019439330790191889,
  "gsr_y": 0.056765127927064896,
  "provenance": {
    "md5sum": "62fe7cd375b4ef5720e432ebdb26603b",
    "settings": {
      "fd_thres": 0.2,
      "testing": false
    },
    "software": "mriqc",
    "version": "23.0.1",
    "webapi_port": null,
    "webapi_url": "https://mriqc.nimh.nih.gov/api/v1"
  },
  "size_t": 123,
  "size_x": 64,
  "size_y": 64,
  "size_z": 38,
  "snr": 7.8740221126956556,
  "spacing_tr": 2.0,
  "spacing_x": 3.0,
  "spacing_y": 3.0,
  "spacing_z": 3.0,
  "summary_bg_k": 6.579669591322002,
  "summary_bg_mad": 8.063909713696303,
  "summary_bg_mean": 34.460575103759766,
  "summary_bg_median": 9.203251838684082,
  "summary_bg_n": 75806.0,
  "summary_bg_p05": 3.1544713973999023,
  "summary_bg_p95": 156.68088912963867,
  "summary_bg_stdv": 53.718971252441406,
  "summary_fg_k": 4.481740763613822,
  "summary_fg_mad": 45.68340478456837,
  "summary_fg_mean": 408.9028625488281,
  "summary_fg_median": 409.1219482421875,
  "summary_fg_n": 44304.0,
  "summary_fg_p05": 333.4890106201172,
  "summary_fg_p95": 486.16137542724607,
  "summary_fg_stdv": 51.95785903930664,
  "tsnr": 85.7024638261646
}