{
  "aor": 0.00207352,
  "aqi": 0.0070336494399999994,
  "bids_meta": {
    "AccelFactPE": 2,
    "AcquisitionNumber": 1,
    "AcquisitionTime": "11:20:56.610000",
    "BandwidthPerPixelPhaseEncode": 43.879,
    "BodyPartExamined": "BRAIN",
    "ConversionSoftware": "dcm2niix",
    "ConversionSoftwareVersion": "v1.0.20170724 GCC4.4.7",
    "DeviceSerialNumber": "67025",
    "EchoTime": 0.025,
    "EchoTrainLength": 43,
    "EffectiveEchoSpacing": 0.000356093,
    "FlipAngle": 90,
    "ImageType": [
      "ORIGINAL",
      "PRIMARY",
      "M",
      "ND",
      "NORM",
      "MOSAIC"
    ],
    "InstitutionAddress": "McClintock_3520A_Los_Angeles_CA_US_90089",
    "InstitutionName": "USC",
    "MagneticFieldStrength": 3,
    "Manufacturer": "Siemens",
    "ManufacturersModelName": "Prisma_fit",
    "PhaseEncodingDirection": "j-",
    "PhaseEncodingLines": 64,
    "ProcedureStepDescription": "Mara_Steve",
    "ProtocolName": "learning1",
    "RepetitionTime": 2,
    "ScanningSequence": "EP",
    "SequenceName": "_epfid2d1_64",
    "SequenceVariant": "SK_OSP",
    "SeriesDescription": "learning1",
    "SliceTiming": [
      0.99,
      0,
      1.0425,
      0.0525,
      1.095,
      0.105,
      1.1475,
      0.1575,
      1.2,
      0.21,
      1.25,
      0.26,
      1.3025,
      0.3125,
      1.355,
      0.365,
      1.4075,
      0.4175,
      1.46,
      0.47,
      1.5125,
      0.5225,
      1.5625,
      0.575,
      1.615,
      0.625,
      1.6675,
      0.6775,
      1.72,
      0.73,
      1.7725,
      0.7825,
      1.825,
      0.835,
      1.8775,
      0.8875,
      1.9275,
      0.9375
    ],
    "SoftwareVersions": "syngo_MR_D13D",
    "TaskName": "learning",
    "TotalReadoutTime": 0.0299118,
    "TrueEchoSpacing": 0.000712186,
    "dataset": "ds003425",
    "modality": "bold",
    "run_id": 1,
    "session_id": "01",
    "subject_id": "12",
    "task_id": "learning"
  },
  "dummy_trs": 0,
  "dvars_nstd": 23.10574243927419,
  "dvars_std": 1.3498869208870965,
  "dvars_vstd": 1.0277576191935485,
  "efc": 0.632237901643649,
  "fber": 1850.9581298828125,
  "fd_mean": 0.07780402630656526,
  "fd_num": 5,
  "fd_perc": 4.0,
  "fwhm_avg": 1.5932877777777776,
  "fwhm_x": 1.4290133333333335,
  "fwhm_y": 1.7710466666666667,
  "fwhm_z": 1.5798033333333334,
  "gcor": 0.0260155,
  "gsr_x": -0.0012503179023042321,
  "gsr_y": 0.05632457882165909,
  "provenance": {
    "md5sum": "4e475869d29c4bbf408a152492df4292",
    "settings": {
      "fd_thres": 0.2,
      "testing": false
    },
    "software": "mriqc",
    "version": "23.0.1",
    "webapi_port": null,
    "webapi_url": "https://mriqc.nimh.nih.gov/api/v1"
  },
  "size_t": 125,
  "size_x": 64,
  "size_y": 64,
  "size_z": 38,
  "snr": 7.9048203044393714,
  "spacing_tr": 2.0,
  "spacing_x": 3.0,
  "spacing_y": 3.0,
  "spacing_z": 3.0,
  "summary_bg_k": 6.684972638609784,
  "summary_bg_mad": 7.840000689816625,
  "summary_bg_mean": 34.15115737915039,
  "summary_bg_median": 9.02400016784668,
  "summary_bg_n": 75888.0,
  "summary_bg_p05": 3.136000156402588,
  "summary_bg_p95": 155.50600662231423,
  "summary_bg_stdv": 53.53934860229492,
  "summary_fg_k": 4.667015792611443,
  "summary_fg_mad": 45.308320177896874,
  "summary_fg_mean": 409.7373962402344,
  "summary_fg_median": 409.9280090332031,
  "summary_fg_n": 44089.0,
  "summary_fg_p05": 334.4336181640625,
  "summary_fg_p95": 486.84162597656245,
  "summary_fg_stdv": 51.857391357421875,
  "tsnr": 84.33597829099745
}