{
  "aor": 0.0018184693877551018,
  "aqi": 0.0051183769387755105,
  "bids_meta": {
    "AccelFactPE": 2,
    "AcquisitionNumber": 1,
    "AcquisitionTime": "10:57:31.930000",
    "BandwidthPerPixelPhaseEncode": 43.879,
    "BodyPartExamined": "BRAIN",
    "ConversionSoftware": "dcm2niix",
    "ConversionSoftwareVersion": "v1.0.20170724 GCC4.4.7",
    "DeviceSerialNumber": "67025",
    "EchoTime": 0.025,
    "EchoTrainLength": 43,
    "EffectiveEchoSpacing": 0.000356093,
    "FlipAngle": 90,
    "ImageType": [
      "ORIGINAL",
      "PRIMARY",
      "M",
      "ND",
      "NORM",
      "MOSAIC"
    ],
    "InstitutionAddress": "McClintock_3520A_Los_Angeles_CA_US_90089",
    "InstitutionName": "USC",
    "MagneticFieldStrength": 3,
    "Manufacturer": "Siemens",
    "ManufacturersModelName": "Prisma_fit",
    "PhaseEncodingDirection": "j-",
    "PhaseEncodingLines": 64,
    "ProcedureStepDescription": "Mara_Steve",
    "ProtocolName": "training",
    "RepetitionTime": 2,
    "ScanningSequence": "EP",
    "SequenceName": "_epfid2d1_64",
    "SequenceVariant": "SK_OSP",
    "SeriesDescription": "training",
    "SliceTiming": [
      0.99,
      0,
      1.04,
      0.05,
      1.0925,
      0.1025,
      1.145,
      0.155,
      1.1975,
      0.2075,
      1.25,
      0.26,
      1.3025,
      0.3125,
      1.3525,
      0.3625,
      1.405,
      0.415,
      1.4575,
      0.4675,
      1.51,
      0.52,
      1.5625,
      0.5725,
      1.615,
      0.625,
      1.665,
      0.6775,
      1.7175,
      0.7275,
      1.77,
      0.78,
      1.8225,
      0.8325,
      1.875,
      0.885,
      1.9275,
      0.9375
    ],
    "SoftwareVersions": "syngo_MR_D13D",
    "TaskName": "training",
    "TotalReadoutTime": 0.0299118,
    "TrueEchoSpacing": 0.000712186,
    "dataset": "ds003425",
    "modality": "bold",
    "run_id": 3,
    "session_id": "01",
    "subject_id": "02",
    "task_id": "training"
  },
  "dummy_trs": 0,
  "dvars_nstd": 18.074206500103084,
  "dvars_std": 1.1394477445360822,
  "dvars_vstd": 1.039792146907216,
  "efc": 0.594450070859503,
  "fber": 1555.2105712890625,
  "fd_mean": 0.07594701294191539,
  "fd_num": 0,
  "fd_perc": 0.0,
  "fwhm_avg": 1.610501111111111,
  "fwhm_x": 1.4734366666666665,
  "fwhm_y": 1.7359533333333335,
  "fwhm_z": 1.6221133333333333,
  "gcor": 0.0355359,
  "gsr_x": 0.011087729595601559,
  "gsr_y": 0.047017961740493774,
  "provenance": {
    "md5sum": "6f46d25bf8e5dbe02b97cbe2b8430b48",
    "settings": {
      "fd_thres": 0.2,
      "testing": false
    },
    "software": "mriqc",
    "version": "23.0.1",
    "webapi_port": null,
    "webapi_url": "https://mriqc.nimh.nih.gov/api/v1"
  },
  "size_t": 98,
  "size_x": 64,
  "size_y": 64,
  "size_z": 38,
  "snr": 7.5807325408794775,
  "spacing_tr": 2.0,
  "spacing_x": 3.0,
  "spacing_y": 3.0,
  "spacing_z": 3.0,
  "summary_bg_k": 13.145103056334552,
  "summary_bg_mad": 8.789712849586142,
  "summary_bg_mean": 29.549890518188477,
  "summary_bg_median": 9.653060913085938,
  "summary_bg_n": 83258.0,
  "summary_bg_p05": 3.1224489212036133,
  "summary_bg_p95": 125.90254821777326,
  "summary_bg_stdv": 48.78498840332031,
  "summary_fg_k": 3.2396035612342056,
  "summary_fg_mad": 44.780622739101986,
  "summary_fg_mean": 399.54730224609375,
  "summary_fg_median": 396.56121826171875,
  "summary_fg_n": 37755.0,
  "summary_fg_p05": 325.18059692382815,
  "summary_fg_p95": 483.758154296875,
  "summary_fg_stdv": 52.31103515625,
  "tsnr": 85.32282949052751
}