{
  "aor": 0.0035168235294117645,
  "aqi": 0.007341255411764705,
  "bids_meta": {
    "AccelFactPE": 2,
    "AcquisitionNumber": 1,
    "AcquisitionTime": "11:21:54.750000",
    "BandwidthPerPixelPhaseEncode": 43.879,
    "BodyPartExamined": "BRAIN",
    "ConversionSoftware": "dcm2niix",
    "ConversionSoftwareVersion": "v1.0.20170724 GCC4.4.7",
    "DeviceSerialNumber": "67025",
    "EchoTime": 0.025,
    "EchoTrainLength": 43,
    "EffectiveEchoSpacing": 0.000356093,
    "FlipAngle": 90,
    "ImageType": [
      "ORIGINAL",
      "PRIMARY",
      "M",
      "ND",
      "NORM",
      "MOSAIC"
    ],
    "InstitutionAddress": "McClintock_3520A_Los_Angeles_CA_US_90089",
    "InstitutionName": "USC",
    "MagneticFieldStrength": 3,
    "Manufacturer": "Siemens",
    "ManufacturersModelName": "Prisma_fit",
    "PhaseEncodingDirection": "j-",
    "PhaseEncodingLines": 64,
    "ProcedureStepDescription": "Mara_Steve",
    "ProtocolName": "prelearning",
    "RepetitionTime": 2,
    "ScanningSequence": "EP",
    "SequenceName": "_epfid2d1_64",
    "SequenceVariant": "SK_OSP",
    "SeriesDescription": "prelearning",
    "SliceTiming": [
      0.99,
      0,
      1.0425,
      0.0525,
      1.095,
      0.105,
      1.1475,
      0.1575,
      1.2,
      0.21,
      1.25,
      0.26,
      1.3025,
      0.3125,
      1.355,
      0.365,
      1.4075,
      0.4175,
      1.46,
      0.47,
      1.5125,
      0.5225,
      1.5625,
      0.5725,
      1.615,
      0.625,
      1.6675,
      0.6775,
      1.72,
      0.73,
      1.7725,
      0.7825,
      1.825,
      0.835,
      1.875,
      0.8875,
      1.9275,
      0.9375
    ],
    "SoftwareVersions": "syngo_MR_D13D",
    "TaskName": "prelearning",
    "TotalReadoutTime": 0.0299118,
    "TrueEchoSpacing": 0.000712186,
    "dataset": "ds003425",
    "modality": "bold",
    "run_id": 3,
    "session_id": "01",
    "subject_id": "02",
    "task_id": "prelearning"
  },
  "dummy_trs": 0,
  "dvars_nstd": 18.127597990714285,
  "dvars_std": 1.1015281777380952,
  "dvars_vstd": 1.0250084302380953,
  "efc": 0.5948274631279259,
  "fber": 1566.41943359375,
  "fd_mean": 0.10655230379002739,
  "fd_num": 4,
  "fd_perc": 4.705882352941177,
  "fwhm_avg": 1.6107466666666665,
  "fwhm_x": 1.4682233333333334,
  "fwhm_y": 1.7417766666666665,
  "fwhm_z": 1.62224,
  "gcor": 0.0341358,
  "gsr_x": 0.011565504595637321,
  "gsr_y": 0.04617837816476822,
  "provenance": {
    "md5sum": "e4377727e07dee4d3c26a5bd6df4f124",
    "settings": {
      "fd_thres": 0.2,
      "testing": false
    },
    "software": "mriqc",
    "version": "23.0.1",
    "webapi_port": null,
    "webapi_url": "https://mriqc.nimh.nih.gov/api/v1"
  },
  "size_t": 85,
  "size_x": 64,
  "size_y": 64,
  "size_z": 38,
  "snr": 7.644360678135721,
  "spacing_tr": 2.0,
  "spacing_x": 3.0,
  "spacing_y": 3.0,
  "spacing_z": 3.0,
  "summary_bg_k": 12.960865076977985,
  "summary_bg_mad": 8.860728378290464,
  "summary_bg_mean": 29.803359985351562,
  "summary_bg_median": 9.635293960571289,
  "summary_bg_n": 83246.0,
  "summary_bg_p05": 3.082353115081787,
  "summary_bg_p95": 126.43823623657227,
  "summary_bg_stdv": 49.115318298339844,
  "summary_fg_k": 3.205092206201905,
  "summary_fg_mad": 44.60013872269516,
  "summary_fg_mean": 399.36932373046875,
  "summary_fg_median": 396.62353515625,
  "summary_fg_n": 37739.0,
  "summary_fg_p05": 325.5411682128906,
  "summary_fg_p95": 482.494140625,
  "summary_fg_stdv": 51.88377380371094,
  "tsnr": 73.61894241534173
}