{
  "aor": 0.00130664,
  "aqi": 0.0065367556,
  "bids_meta": {
    "AccelFactPE": 2,
    "AcquisitionNumber": 1,
    "AcquisitionTime": "11:36:2.900000",
    "BandwidthPerPixelPhaseEncode": 43.879,
    "BodyPartExamined": "BRAIN",
    "ConversionSoftware": "dcm2niix",
    "ConversionSoftwareVersion": "v1.0.20170724 GCC4.4.7",
    "DeviceSerialNumber": "67025",
    "EchoTime": 0.025,
    "EchoTrainLength": 43,
    "EffectiveEchoSpacing": 0.000356093,
    "FlipAngle": 90,
    "ImageType": [
      "ORIGINAL",
      "PRIMARY",
      "M",
      "ND",
      "NORM",
      "MOSAIC"
    ],
    "InstitutionAddress": "McClintock_3520A_Los_Angeles_CA_US_90089",
    "InstitutionName": "USC",
    "MagneticFieldStrength": 3,
    "Manufacturer": "Siemens",
    "ManufacturersModelName": "Prisma_fit",
    "PhaseEncodingDirection": "j-",
    "PhaseEncodingLines": 64,
    "ProcedureStepDescription": "Mara_Steve",
    "ProtocolName": "learning",
    "RepetitionTime": 2,
    "ScanningSequence": "EP",
    "SequenceName": "_epfid2d1_64",
    "SequenceVariant": "SK_OSP",
    "SeriesDescription": "learning",
    "SliceTiming": [
      0.99,
      0,
      1.0425,
      0.0525,
      1.0925,
      0.105,
      1.145,
      0.155,
      1.1975,
      0.2075,
      1.25,
      0.26,
      1.3025,
      0.3125,
      1.355,
      0.365,
      1.4075,
      0.4175,
      1.4575,
      0.4675,
      1.51,
      0.52,
      1.5625,
      0.5725,
      1.615,
      0.625,
      1.6675,
      0.6775,
      1.72,
      0.73,
      1.77,
      0.78,
      1.8225,
      0.8325,
      1.875,
      0.885,
      1.9275,
      0.9375
    ],
    "SoftwareVersions": "syngo_MR_D13D",
    "TaskName": "learning",
    "TotalReadoutTime": 0.0299118,
    "TrueEchoSpacing": 0.000712186,
    "dataset": "ds003425",
    "modality": "bold",
    "run_id": 3,
    "session_id": "01",
    "subject_id": "02",
    "task_id": "learning"
  },
  "dummy_trs": 0,
  "dvars_nstd": 17.774005020887095,
  "dvars_std": 1.0877544230645162,
  "dvars_vstd": 1.0105722948387093,
  "efc": 0.5954462187412475,
  "fber": 1514.7530517578125,
  "fd_mean": 0.10157690576724007,
  "fd_num": 5,
  "fd_perc": 4.0,
  "fwhm_avg": 1.6115644444444444,
  "fwhm_x": 1.4743899999999999,
  "fwhm_y": 1.7358900000000002,
  "fwhm_z": 1.6244133333333333,
  "gcor": 0.0390314,
  "gsr_x": 0.012442954815924168,
  "gsr_y": 0.04538661986589432,
  "provenance": {
    "md5sum": "52d7151ba3c1ab05750c05c3d21590be",
    "settings": {
      "fd_thres": 0.2,
      "testing": false
    },
    "software": "mriqc",
    "version": "23.0.1",
    "webapi_port": null,
    "webapi_url": "https://mriqc.nimh.nih.gov/api/v1"
  },
  "size_t": 125,
  "size_x": 64,
  "size_y": 64,
  "size_z": 38,
  "snr": 7.612804034332442,
  "spacing_tr": 2.0,
  "spacing_x": 3.0,
  "spacing_y": 3.0,
  "spacing_z": 3.0,
  "summary_bg_k": 12.665921116919783,
  "summary_bg_mad": 8.91933499460297,
  "summary_bg_mean": 30.109548568725586,
  "summary_bg_median": 9.760000228881836,
  "summary_bg_n": 83274.0,
  "summary_bg_p05": 3.136000156402588,
  "summary_bg_p95": 128.3072044372556,
  "summary_bg_stdv": 49.55625534057617,
  "summary_fg_k": 3.2749273798481466,
  "summary_fg_mad": 44.59665482465973,
  "summary_fg_mean": 399.6097412109375,
  "summary_fg_median": 396.7440185546875,
  "summary_fg_n": 37785.0,
  "summary_fg_p05": 324.718408203125,
  "summary_fg_p95": 482.9520263671875,
  "summary_fg_stdv": 52.11466979980469,
  "tsnr": 76.3064699806273
}