{
  "aor": 0.0012792800000000005,
  "aqi": 0.007315949759999999,
  "bids_meta": {
    "AccelFactPE": 2,
    "AcquisitionNumber": 1,
    "AcquisitionTime": "11:50:34.535000",
    "BandwidthPerPixelPhaseEncode": 43.879,
    "BodyPartExamined": "BRAIN",
    "ConversionSoftware": "dcm2niix",
    "ConversionSoftwareVersion": "v1.0.20170724 GCC4.4.7",
    "DeviceSerialNumber": "67025",
    "EchoTime": 0.025,
    "EchoTrainLength": 43,
    "EffectiveEchoSpacing": 0.000356093,
    "FlipAngle": 90,
    "ImageType": [
      "ORIGINAL",
      "PRIMARY",
      "M",
      "ND",
      "NORM",
      "MOSAIC"
    ],
    "InstitutionAddress": "McClintock_3520A_Los_Angeles_CA_US_90089",
    "InstitutionName": "USC",
    "MagneticFieldStrength": 3,
    "Manufacturer": "Siemens",
    "ManufacturersModelName": "Prisma_fit",
    "PhaseEncodingDirection": "j-",
    "PhaseEncodingLines": 64,
    "ProcedureStepDescription": "Mara_Steve",
    "ProtocolName": "learning",
    "RepetitionTime": 2,
    "ScanningSequence": "EP",
    "SequenceName": "_epfid2d1_64",
    "SequenceVariant": "SK_OSP",
    "SeriesDescription": "learning",
    "SliceTiming": [
      0.99,
      0,
      1.0425,
      0.0525,
      1.095,
      0.105,
      1.1475,
      0.1575,
      1.2,
      0.21,
      1.2525,
      0.2625,
      1.3025,
      0.315,
      1.355,
      0.365,
      1.4075,
      0.4175,
      1.46,
      0.47,
      1.5125,
      0.5225,
      1.565,
      0.575,
      1.6175,
      0.6275,
      1.6675,
      0.6775,
      1.72,
      0.73,
      1.7725,
      0.7825,
      1.825,
      0.835,
      1.8775,
      0.8875,
      1.93,
      0.94
    ],
    "SoftwareVersions": "syngo_MR_D13D",
    "TaskName": "learning",
    "TotalReadoutTime": 0.0299118,
    "TrueEchoSpacing": 0.000712186,
    "dataset": "ds003425",
    "modality": "bold",
    "run_id": 6,
    "session_id": "01",
    "subject_id": "02",
    "task_id": "learning"
  },
  "dummy_trs": 0,
  "dvars_nstd": 17.518005417258067,
  "dvars_std": 1.0784918833064512,
  "dvars_vstd": 1.003357815564516,
  "efc": 0.5953276851663348,
  "fber": 1530.6641845703125,
  "fd_mean": 0.09317547434194612,
  "fd_num": 6,
  "fd_perc": 4.8,
  "fwhm_avg": 1.6088755555555556,
  "fwhm_x": 1.46643,
  "fwhm_y": 1.7351266666666667,
  "fwhm_z": 1.62507,
  "gcor": 0.032479,
  "gsr_x": 0.011974262073636055,
  "gsr_y": 0.04672158882021904,
  "provenance": {
    "md5sum": "ea42c66f7a6e5830484d322184a2284c",
    "settings": {
      "fd_thres": 0.2,
      "testing": false
    },
    "software": "mriqc",
    "version": "23.0.1",
    "webapi_port": null,
    "webapi_url": "https://mriqc.nimh.nih.gov/api/v1"
  },
  "size_t": 125,
  "size_x": 64,
  "size_y": 64,
  "size_z": 38,
  "snr": 7.600990022958963,
  "spacing_tr": 2.0,
  "spacing_x": 3.0,
  "spacing_y": 3.0,
  "spacing_z": 3.0,
  "summary_bg_k": 12.699742743212376,
  "summary_bg_mad": 8.871892334424082,
  "summary_bg_mean": 30.01251220703125,
  "summary_bg_median": 9.664000511169434,
  "summary_bg_n": 83333.0,
  "summary_bg_p05": 3.1040000915527344,
  "summary_bg_p95": 127.50080566406231,
  "summary_bg_stdv": 49.31425094604492,
  "summary_fg_k": 3.2339744185351016,
  "summary_fg_mad": 44.39504119289518,
  "summary_fg_mean": 398.8314208984375,
  "summary_fg_median": 395.9280090332031,
  "summary_fg_n": 37682.0,
  "summary_fg_p05": 323.9844085693359,
  "summary_fg_p95": 482.8156097412109,
  "summary_fg_stdv": 52.088314056396484,
  "tsnr": 73.48090326436795
}