{
  "aor": 0.0016881632653061227,
  "aqi": 0.0057978113265306115,
  "bids_meta": {
    "AccelFactPE": 2,
    "AcquisitionNumber": 1,
    "AcquisitionTime": "10:53:37.070000",
    "BandwidthPerPixelPhaseEncode": 43.879,
    "BodyPartExamined": "BRAIN",
    "ConversionSoftware": "dcm2niix",
    "ConversionSoftwareVersion": "v1.0.20170724 GCC4.4.7",
    "DeviceSerialNumber": "67025",
    "EchoTime": 0.025,
    "EchoTrainLength": 43,
    "EffectiveEchoSpacing": 0.000356093,
    "FlipAngle": 90,
    "ImageType": [
      "ORIGINAL",
      "PRIMARY",
      "M",
      "ND",
      "NORM",
      "MOSAIC"
    ],
    "InstitutionAddress": "McClintock_3520A_Los_Angeles_CA_US_90089",
    "InstitutionName": "USC",
    "MagneticFieldStrength": 3,
    "Manufacturer": "Siemens",
    "ManufacturersModelName": "Prisma_fit",
    "PhaseEncodingDirection": "j-",
    "PhaseEncodingLines": 64,
    "ProcedureStepDescription": "Mara_Steve",
    "ProtocolName": "training",
    "RepetitionTime": 2,
    "ScanningSequence": "EP",
    "SequenceName": "_epfid2d1_64",
    "SequenceVariant": "SK_OSP",
    "SeriesDescription": "training",
    "SliceTiming": [
      0.99,
      0,
      1.0425,
      0.0525,
      1.095,
      0.105,
      1.1475,
      0.1575,
      1.2,
      0.21,
      1.2525,
      0.2625,
      1.3025,
      0.3125,
      1.355,
      0.365,
      1.4075,
      0.4175,
      1.46,
      0.47,
      1.5125,
      0.5225,
      1.565,
      0.575,
      1.615,
      0.625,
      1.6675,
      0.6775,
      1.72,
      0.73,
      1.7725,
      0.7825,
      1.825,
      0.835,
      1.8775,
      0.8875,
      1.9275,
      0.94
    ],
    "SoftwareVersions": "syngo_MR_D13D",
    "TaskName": "training",
    "TotalReadoutTime": 0.0299118,
    "TrueEchoSpacing": 0.000712186,
    "dataset": "ds003425",
    "modality": "bold",
    "run_id": 2,
    "session_id": "01",
    "subject_id": "02",
    "task_id": "training"
  },
  "dummy_trs": 0,
  "dvars_nstd": 18.287080381649485,
  "dvars_std": 1.1300839676288656,
  "dvars_vstd": 1.0279655450515464,
  "efc": 0.5956797143554096,
  "fber": 1493.7225341796875,
  "fd_mean": 0.09719090442617269,
  "fd_num": 3,
  "fd_perc": 3.061224489795918,
  "fwhm_avg": 1.6159999999999999,
  "fwhm_x": 1.47781,
  "fwhm_y": 1.74005,
  "fwhm_z": 1.63014,
  "gcor": 0.039892,
  "gsr_x": 0.010916521772742271,
  "gsr_y": 0.045512136071920395,
  "provenance": {
    "md5sum": "104dc1b9ff0d8a6b3c1cf4b6a177b7f5",
    "settings": {
      "fd_thres": 0.2,
      "testing": false
    },
    "software": "mriqc",
    "version": "23.0.1",
    "webapi_port": null,
    "webapi_url": "https://mriqc.nimh.nih.gov/api/v1"
  },
  "size_t": 98,
  "size_x": 64,
  "size_y": 64,
  "size_z": 38,
  "snr": 7.5764456451156095,
  "spacing_tr": 2.0,
  "spacing_x": 3.0,
  "spacing_y": 3.0,
  "spacing_z": 3.0,
  "summary_bg_k": 12.899772359655948,
  "summary_bg_mad": 9.01664235933359,
  "summary_bg_mean": 29.94265365600586,
  "summary_bg_median": 9.836734771728516,
  "summary_bg_n": 83254.0,
  "summary_bg_p05": 3.1530611515045166,
  "summary_bg_p95": 126.4321388244628,
  "summary_bg_stdv": 49.17621612548828,
  "summary_fg_k": 2.805694559472779,
  "summary_fg_mad": 45.3252872137837,
  "summary_fg_mean": 400.49444580078125,
  "summary_fg_median": 397.3265075683594,
  "summary_fg_n": 37829.0,
  "summary_fg_p05": 325.846923828125,
  "summary_fg_p95": 485.03876953124995,
  "summary_fg_stdv": 52.44164276123047,
  "tsnr": 80.3976231982233
}