{
  "aor": 0.0011872800000000004,
  "aqi": 0.006041932240000001,
  "bids_meta": {
    "AccelFactPE": 2,
    "AcquisitionNumber": 1,
    "AcquisitionTime": "11:31:10.855000",
    "BandwidthPerPixelPhaseEncode": 43.879,
    "BodyPartExamined": "BRAIN",
    "ConversionSoftware": "dcm2niix",
    "ConversionSoftwareVersion": "v1.0.20170724 GCC4.4.7",
    "DeviceSerialNumber": "67025",
    "EchoTime": 0.025,
    "EchoTrainLength": 43,
    "EffectiveEchoSpacing": 0.000356093,
    "FlipAngle": 90,
    "ImageType": [
      "ORIGINAL",
      "PRIMARY",
      "M",
      "ND",
      "NORM",
      "MOSAIC"
    ],
    "InstitutionAddress": "McClintock_3520A_Los_Angeles_CA_US_90089",
    "InstitutionName": "USC",
    "MagneticFieldStrength": 3,
    "Manufacturer": "Siemens",
    "ManufacturersModelName": "Prisma_fit",
    "PhaseEncodingDirection": "j-",
    "PhaseEncodingLines": 64,
    "ProcedureStepDescription": "Mara_Steve",
    "ProtocolName": "learning",
    "RepetitionTime": 2,
    "ScanningSequence": "EP",
    "SequenceName": "_epfid2d1_64",
    "SequenceVariant": "SK_OSP",
    "SeriesDescription": "learning",
    "SliceTiming": [
      0.99,
      0,
      1.0425,
      0.0525,
      1.0925,
      0.1025,
      1.145,
      0.155,
      1.1975,
      0.2075,
      1.25,
      0.26,
      1.3025,
      0.3125,
      1.355,
      0.365,
      1.405,
      0.415,
      1.4575,
      0.4675,
      1.51,
      0.52,
      1.5625,
      0.5725,
      1.615,
      0.625,
      1.6675,
      0.6775,
      1.7175,
      0.73,
      1.77,
      0.78,
      1.8225,
      0.8325,
      1.875,
      0.885,
      1.9275,
      0.9375
    ],
    "SoftwareVersions": "syngo_MR_D13D",
    "TaskName": "learning",
    "TotalReadoutTime": 0.0299118,
    "TrueEchoSpacing": 0.000712186,
    "dataset": "ds003425",
    "modality": "bold",
    "run_id": 2,
    "session_id": "01",
    "subject_id": "02",
    "task_id": "learning"
  },
  "dummy_trs": 0,
  "dvars_nstd": 18.050605574193554,
  "dvars_std": 1.095336224354839,
  "dvars_vstd": 1.014110898064516,
  "efc": 0.5953276851663348,
  "fber": 1533.167236328125,
  "fd_mean": 0.0975238773690166,
  "fd_num": 5,
  "fd_perc": 4.0,
  "fwhm_avg": 1.605831111111111,
  "fwhm_x": 1.4648066666666668,
  "fwhm_y": 1.7339533333333332,
  "fwhm_z": 1.6187333333333334,
  "gcor": 0.044967,
  "gsr_x": 0.011884883046150208,
  "gsr_y": 0.046068791300058365,
  "provenance": {
    "md5sum": "ed41352f176fb1b18aec2659c8b297d4",
    "settings": {
      "fd_thres": 0.2,
      "testing": false
    },
    "software": "mriqc",
    "version": "23.0.1",
    "webapi_port": null,
    "webapi_url": "https://mriqc.nimh.nih.gov/api/v1"
  },
  "size_t": 125,
  "size_x": 64,
  "size_y": 64,
  "size_z": 38,
  "snr": 7.605657676856795,
  "spacing_tr": 2.0,
  "spacing_x": 3.0,
  "spacing_y": 3.0,
  "spacing_z": 3.0,
  "summary_bg_k": 12.7671077026165,
  "summary_bg_mad": 8.777006307106479,
  "summary_bg_mean": 30.062782287597656,
  "summary_bg_median": 9.672000885009766,
  "summary_bg_n": 83277.0,
  "summary_bg_p05": 3.1440000534057617,
  "summary_bg_p95": 127.59840393066396,
  "summary_bg_stdv": 49.61235809326172,
  "summary_fg_k": 3.324062434340118,
  "summary_fg_mad": 44.64411727971382,
  "summary_fg_mean": 399.76611328125,
  "summary_fg_median": 396.9280090332031,
  "summary_fg_n": 37775.0,
  "summary_fg_p05": 324.80641479492186,
  "summary_fg_p95": 483.17202758789045,
  "summary_fg_stdv": 52.187828063964844,
  "tsnr": 80.36753035266884
}