{
  "aor": 0.0010002400000000001,
  "aqi": 0.00699294,
  "bids_meta": {
    "AccelFactPE": 2,
    "AcquisitionNumber": 1,
    "AcquisitionTime": "11:40:53.297500",
    "BandwidthPerPixelPhaseEncode": 43.879,
    "BodyPartExamined": "BRAIN",
    "ConversionSoftware": "dcm2niix",
    "ConversionSoftwareVersion": "v1.0.20170724 GCC4.4.7",
    "DeviceSerialNumber": "67025",
    "EchoTime": 0.025,
    "EchoTrainLength": 43,
    "EffectiveEchoSpacing": 0.000356093,
    "FlipAngle": 90,
    "ImageType": [
      "ORIGINAL",
      "PRIMARY",
      "M",
      "ND",
      "NORM",
      "MOSAIC"
    ],
    "InstitutionAddress": "McClintock_3520A_Los_Angeles_CA_US_90089",
    "InstitutionName": "USC",
    "MagneticFieldStrength": 3,
    "Manufacturer": "Siemens",
    "ManufacturersModelName": "Prisma_fit",
    "PhaseEncodingDirection": "j-",
    "PhaseEncodingLines": 64,
    "ProcedureStepDescription": "Mara_Steve",
    "ProtocolName": "learning",
    "RepetitionTime": 2,
    "ScanningSequence": "EP",
    "SequenceName": "_epfid2d1_64",
    "SequenceVariant": "SK_OSP",
    "SeriesDescription": "learning",
    "SliceTiming": [
      0.99,
      0,
      1.04,
      0.05,
      1.0925,
      0.1025,
      1.145,
      0.155,
      1.1975,
      0.2075,
      1.25,
      0.26,
      1.3025,
      0.3125,
      1.3525,
      0.3625,
      1.405,
      0.415,
      1.4575,
      0.4675,
      1.51,
      0.52,
      1.5625,
      0.5725,
      1.615,
      0.625,
      1.665,
      0.675,
      1.7175,
      0.7275,
      1.77,
      0.78,
      1.8225,
      0.8325,
      1.875,
      0.885,
      1.9275,
      0.9375
    ],
    "SoftwareVersions": "syngo_MR_D13D",
    "TaskName": "learning",
    "TotalReadoutTime": 0.0299118,
    "TrueEchoSpacing": 0.000712186,
    "dataset": "ds003425",
    "modality": "bold",
    "run_id": 4,
    "session_id": "01",
    "subject_id": "02",
    "task_id": "learning"
  },
  "dummy_trs": 0,
  "dvars_nstd": 17.21633044362903,
  "dvars_std": 1.0557431208870964,
  "dvars_vstd": 0.9911589078225808,
  "efc": 0.5953339482940923,
  "fber": 1533.8096923828125,
  "fd_mean": 0.09436468060775657,
  "fd_num": 4,
  "fd_perc": 3.2,
  "fwhm_avg": 1.6037455555555555,
  "fwhm_x": 1.46323,
  "fwhm_y": 1.7260266666666666,
  "fwhm_z": 1.62198,
  "gcor": 0.023767,
  "gsr_x": 0.01207275316119194,
  "gsr_y": 0.0454135499894619,
  "provenance": {
    "md5sum": "a28043d3b659d4e1a099442f4ccef7bf",
    "settings": {
      "fd_thres": 0.2,
      "testing": false
    },
    "software": "mriqc",
    "version": "23.0.1",
    "webapi_port": null,
    "webapi_url": "https://mriqc.nimh.nih.gov/api/v1"
  },
  "size_t": 125,
  "size_x": 64,
  "size_y": 64,
  "size_z": 38,
  "snr": 7.6390769406943475,
  "spacing_tr": 2.0,
  "spacing_x": 3.0,
  "spacing_y": 3.0,
  "spacing_z": 3.0,
  "summary_bg_k": 12.53646406671117,
  "summary_bg_mad": 8.824447906845624,
  "summary_bg_mean": 30.055185317993164,
  "summary_bg_median": 9.672000885009766,
  "summary_bg_n": 83351.0,
  "summary_bg_p05": 3.128000259399414,
  "summary_bg_p95": 127.36400604248047,
  "summary_bg_stdv": 49.370548248291016,
  "summary_fg_k": 3.2051689277229025,
  "summary_fg_mad": 44.383186890488915,
  "summary_fg_mean": 399.2759094238281,
  "summary_fg_median": 396.416015625,
  "summary_fg_n": 37684.0,
  "summary_fg_p05": 325.2492156982422,
  "summary_fg_p95": 482.7976196289062,
  "summary_fg_stdv": 51.892494201660156,
  "tsnr": 75.70908836741
}