{
  "aor": 0.0018788235294117644,
  "aqi": 0.005142100470588235,
  "bids_meta": {
    "AccelFactPE": 2,
    "AcquisitionNumber": 1,
    "AcquisitionTime": "11:18:25.390000",
    "BandwidthPerPixelPhaseEncode": 43.879,
    "BodyPartExamined": "BRAIN",
    "ConversionSoftware": "dcm2niix",
    "ConversionSoftwareVersion": "v1.0.20170724 GCC4.4.7",
    "DeviceSerialNumber": "67025",
    "EchoTime": 0.025,
    "EchoTrainLength": 43,
    "EffectiveEchoSpacing": 0.000356093,
    "FlipAngle": 90,
    "ImageType": [
      "ORIGINAL",
      "PRIMARY",
      "M",
      "ND",
      "NORM",
      "MOSAIC"
    ],
    "InstitutionAddress": "McClintock_3520A_Los_Angeles_CA_US_90089",
    "InstitutionName": "USC",
    "MagneticFieldStrength": 3,
    "Manufacturer": "Siemens",
    "ManufacturersModelName": "Prisma_fit",
    "PhaseEncodingDirection": "j-",
    "PhaseEncodingLines": 64,
    "ProcedureStepDescription": "Mara_Steve",
    "ProtocolName": "prelearning",
    "RepetitionTime": 2,
    "ScanningSequence": "EP",
    "SequenceName": "_epfid2d1_64",
    "SequenceVariant": "SK_OSP",
    "SeriesDescription": "prelearning",
    "SliceTiming": [
      0.99,
      0,
      1.0425,
      0.0525,
      1.095,
      0.105,
      1.1475,
      0.1575,
      1.1975,
      0.2075,
      1.25,
      0.26,
      1.3025,
      0.3125,
      1.355,
      0.365,
      1.4075,
      0.4175,
      1.46,
      0.47,
      1.51,
      0.5225,
      1.5625,
      0.5725,
      1.615,
      0.625,
      1.6675,
      0.6775,
      1.72,
      0.73,
      1.7725,
      0.7825,
      1.825,
      0.835,
      1.875,
      0.885,
      1.9275,
      0.9375
    ],
    "SoftwareVersions": "syngo_MR_D13D",
    "TaskName": "prelearning",
    "TotalReadoutTime": 0.0299118,
    "TrueEchoSpacing": 0.000712186,
    "dataset": "ds003425",
    "modality": "bold",
    "run_id": 2,
    "session_id": "01",
    "subject_id": "02",
    "task_id": "prelearning"
  },
  "dummy_trs": 0,
  "dvars_nstd": 17.56351058869048,
  "dvars_std": 1.0986955660714284,
  "dvars_vstd": 1.0231975120238095,
  "efc": 0.5948058786297868,
  "fber": 1534.8983154296875,
  "fd_mean": 0.08702989228590374,
  "fd_num": 2,
  "fd_perc": 2.3529411764705883,
  "fwhm_avg": 1.6060566666666665,
  "fwhm_x": 1.4608833333333333,
  "fwhm_y": 1.7324533333333332,
  "fwhm_z": 1.6248333333333334,
  "gcor": 0.035395,
  "gsr_x": 0.011343849822878838,
  "gsr_y": 0.04571541026234627,
  "provenance": {
    "md5sum": "556bfb2eb3a11ce571ff958f449ecfda",
    "settings": {
      "fd_thres": 0.2,
      "testing": false
    },
    "software": "mriqc",
    "version": "23.0.1",
    "webapi_port": null,
    "webapi_url": "https://mriqc.nimh.nih.gov/api/v1"
  },
  "size_t": 85,
  "size_x": 64,
  "size_y": 64,
  "size_z": 38,
  "snr": 7.6100742453387875,
  "spacing_tr": 2.0,
  "spacing_x": 3.0,
  "spacing_y": 3.0,
  "spacing_z": 3.0,
  "summary_bg_k": 12.955899551137604,
  "summary_bg_mad": 8.825843445547315,
  "summary_bg_mean": 29.70638084411621,
  "summary_bg_median": 9.694117546081543,
  "summary_bg_n": 83231.0,
  "summary_bg_p05": 3.141176462173462,
  "summary_bg_p95": 126.34706115722656,
  "summary_bg_stdv": 48.90434646606445,
  "summary_fg_k": 3.295943890846411,
  "summary_fg_mad": 44.49553129077423,
  "summary_fg_mean": 399.45294189453125,
  "summary_fg_median": 396.62353515625,
  "summary_fg_n": 37730.0,
  "summary_fg_p05": 325.5046981811523,
  "summary_fg_p95": 483.1829452514648,
  "summary_fg_stdv": 52.117530822753906,
  "tsnr": 85.36413720436394
}