{
  "aor": 0.001356734693877551,
  "aqi": 0.005486359897959184,
  "bids_meta": {
    "AccelFactPE": 2,
    "AcquisitionNumber": 1,
    "AcquisitionTime": "11:05:40.445000",
    "BandwidthPerPixelPhaseEncode": 43.879,
    "BodyPartExamined": "BRAIN",
    "ConversionSoftware": "dcm2niix",
    "ConversionSoftwareVersion": "v1.0.20170724 GCC4.4.7",
    "DeviceSerialNumber": "67025",
    "EchoTime": 0.025,
    "EchoTrainLength": 43,
    "EffectiveEchoSpacing": 0.000356093,
    "FlipAngle": 90,
    "ImageType": [
      "ORIGINAL",
      "PRIMARY",
      "M",
      "ND",
      "NORM",
      "MOSAIC"
    ],
    "InstitutionAddress": "McClintock_3520A_Los_Angeles_CA_US_90089",
    "InstitutionName": "USC",
    "MagneticFieldStrength": 3,
    "Manufacturer": "Siemens",
    "ManufacturersModelName": "Prisma_fit",
    "PhaseEncodingDirection": "j-",
    "PhaseEncodingLines": 64,
    "ProcedureStepDescription": "Mara_Steve",
    "ProtocolName": "training",
    "RepetitionTime": 2,
    "ScanningSequence": "EP",
    "SequenceName": "_epfid2d1_64",
    "SequenceVariant": "SK_OSP",
    "SeriesDescription": "training",
    "SliceTiming": [
      0.99,
      0,
      1.0425,
      0.0525,
      1.095,
      0.105,
      1.1475,
      0.1575,
      1.1975,
      0.2075,
      1.25,
      0.26,
      1.3025,
      0.3125,
      1.355,
      0.365,
      1.4075,
      0.4175,
      1.46,
      0.47,
      1.51,
      0.52,
      1.5625,
      0.5725,
      1.615,
      0.625,
      1.6675,
      0.6775,
      1.72,
      0.73,
      1.7725,
      0.7825,
      1.8225,
      0.8325,
      1.875,
      0.885,
      1.9275,
      0.9375
    ],
    "SoftwareVersions": "syngo_MR_D13D",
    "TaskName": "training",
    "TotalReadoutTime": 0.0299118,
    "TrueEchoSpacing": 0.000712186,
    "dataset": "ds003425",
    "modality": "bold",
    "run_id": 5,
    "session_id": "01",
    "subject_id": "02",
    "task_id": "training"
  },
  "dummy_trs": 0,
  "dvars_nstd": 18.56725188391752,
  "dvars_std": 1.1328420118556701,
  "dvars_vstd": 1.0305130296907214,
  "efc": 0.5947635378156914,
  "fber": 1539.9049072265625,
  "fd_mean": 0.08398206078078971,
  "fd_num": 0,
  "fd_perc": 0.0,
  "fwhm_avg": 1.6113333333333335,
  "fwhm_x": 1.46795,
  "fwhm_y": 1.7411866666666667,
  "fwhm_z": 1.6248633333333335,
  "gcor": 0.0404725,
  "gsr_x": 0.012056643143296242,
  "gsr_y": 0.04584824666380882,
  "provenance": {
    "md5sum": "841752811b57fc3a5ca76b87f6bf6e13",
    "settings": {
      "fd_thres": 0.2,
      "testing": false
    },
    "software": "mriqc",
    "version": "23.0.1",
    "webapi_port": null,
    "webapi_url": "https://mriqc.nimh.nih.gov/api/v1"
  },
  "size_t": 98,
  "size_x": 64,
  "size_y": 64,
  "size_z": 38,
  "snr": 7.624802415756681,
  "spacing_tr": 2.0,
  "spacing_x": 3.0,
  "spacing_y": 3.0,
  "spacing_z": 3.0,
  "summary_bg_k": 12.871963750599956,
  "summary_bg_mad": 8.789713203066057,
  "summary_bg_mean": 29.712631225585938,
  "summary_bg_median": 9.663265228271484,
  "summary_bg_n": 83278.0,
  "summary_bg_p05": 3.132652997970581,
  "summary_bg_p95": 126.5892807006833,
  "summary_bg_stdv": 49.00047302246094,
  "summary_fg_k": 3.1936152305120418,
  "summary_fg_mad": 44.75039879250892,
  "summary_fg_mean": 399.89471435546875,
  "summary_fg_median": 396.8265075683594,
  "summary_fg_n": 37749.0,
  "summary_fg_p05": 325.9326416015625,
  "summary_fg_p95": 483.6489685058594,
  "summary_fg_stdv": 52.043479919433594,
  "tsnr": 83.8971705045551
}